##TITLE=Parameter List
##JCAMPDX=4.24
##DATATYPE=Parameter Values
##ORIGIN=Bruker BioSpin MRI GmbH
##OWNER=ryan
$$ Thu Aug  7 22:23:34 2014 EDT (UT-4h)  ryan
$$ /opt/PV5.1/data/ryan/nmr/RMD272.r81/43/pdata/1/reco
##$RECO_mode=FT_MODE
##$RecoAutoDerive=Yes
##$RECO_inp_order=NO_REORDERING
##$RECO_inp_size=( 1 )
32
##$RECO_ft_size=( 1 )
32
##$RECO_fov=( 1 )
0
##$RECO_size=( 1 )
32
$$ @vis= RECO_mode RecoAutoDerive RECO_inp_order RECO_ft_size RECO_fov
##$RECO_offset=( 1, 4 )
0 0 0 0
##$RECO_regrid_mode=NO_REGRID
##$RECO_regrid_offset=0
##$RECO_ramp_gap=0
##$RECO_ramp_time=0
##$RECO_ne_mode=NO_NAV_DATA
##$RECO_ne_dist=NeNoInterleave
##$RECO_ne_dens=NeCorrPerScan
##$RECO_ne_type=NAV_PHASE
##$RECO_ne_vals=( 1, 2 )
0 0
##$RECO_bc_mode=( 1 )
AUTO_OFFSET_BC
##$RECO_bc_start=( 1 )
24
##$RECO_bc_len=( 1 )
8
$$ @vis= RECO_size RECO_regrid_mode RECO_ne_mode RECO_bc_mode RECO_bc_start
##$RECO_dc_offset=( 2 )
-7 13
##$RECO_dc_divisor=8
##$RECO_bc_coroff=( 1 )
0
##$RECO_qopts=( 1 )
CONJ_AND_QNEG
##$RECO_wdw_mode=( 1 )
NO_WDW
##$RECO_lb=( 1 )
-0.5
##$RECO_sw=( 1 )
22001
##$RECO_gb=( 1 )
0.5
##$RECO_sbs=( 1 )
1
##$RECO_tm1=( 1 )
0.25
##$RECO_tm2=( 1 )
0.75
##$RECO_ft_mode=( 1 )
COMPLEX_FFT
##$RECO_pc_mode=( 1 )
NO_PC
##$RECO_pc_lin=( 1 )
(0, 0)
##$RECO_rotate=( 1, 4 )
0 0 0 0
$$ @vis= RECO_bc_len RECO_qopts RECO_wdw_mode RECO_ft_mode RECO_pc_mode
##$RECO_ppc_mode=NO_PPC
##$RECO_ref_image=0
##$RECO_nr_supports=0.4
##$RECO_sig_threshold=0.15
##$RECO_ppc_degree=1
##$RECO_ppc_coeffs=( 4, 1, 2 )
0 0 0 0 0 0 0 0
##$RECO_dc_elim=Yes
##$RECO_transposition=( 4 )
0 0 0 0
##$RECO_image_type=MAGNITUDE_IMAGE
$$ @vis= RECO_rotate RECO_ppc_mode RECO_dc_elim RECO_transposition
##$RECO_image_threshold=0.15
##$RECO_ir_scale=10
##$RECO_wordtype=_16BIT_SGN_INT
##$RECO_map_mode=ABSOLUTE_MAPPING
##$RECO_map_range=( 2 )
-2147483647 2147483647
##$RECO_map_percentile=( 2 )
1 99
##$RECO_map_error=0.25
##$RECO_globex=( 320 )
0 0 0 0 0 0 0 0 0 0 0 0 0 0 0 0 0 0 0 0 0 0 0 0 0 0 0 0 0 0 0 0 0 0 0 0 0 0 0 
0 0 0 0 0 0 0 0 0 0 0 0 0 0 0 0 0 0 0 0 0 0 0 0 0 0 0 0 0 0 0 0 0 0 0 0 0 0 0 
0 0 0 0 0 0 0 0 0 0 0 0 0 0 0 0 0 0 0 0 0 0 0 0 0 0 0 0 0 0 0 0 0 0 0 0 0 0 0 
0 0 0 0 0 0 0 0 0 0 0 0 0 0 0 0 0 0 0 0 0 0 0 0 0 0 0 0 0 0 0 0 0 0 0 0 0 0 0 
0 0 0 0 0 0 0 0 0 0 0 0 0 0 0 0 0 0 0 0 0 0 0 0 0 0 0 0 0 0 0 0 0 0 0 0 0 0 0 
0 0 0 0 0 0 0 0 0 0 0 0 0 0 0 0 0 0 0 0 0 0 0 0 0 0 0 0 0 0 0 0 0 0 0 0 0 0 0 
0 0 0 0 0 0 0 0 0 0 0 0 0 0 0 0 0 0 0 0 0 0 0 0 0 0 0 0 0 0 0 0 0 0 0 0 0 0 0 
0 0 0 0 0 0 0 0 0 0 0 0 0 0 0 0 0 0 0 0 0 0 0 0 0 0 0 0 0 0 0 0 0 0 0 0 0 0 0 
0 0 0 0 0 0 0 0
##$RECO_minima=( 320 )
0 0 0 0 0 0 0 0 0 0 0 0 0 0 0 0 0 0 0 0 0 0 0 0 0 0 0 0 0 0 0 0 0 0 0 0 0 0 0 
0 0 0 0 0 0 0 0 0 0 0 0 0 0 0 0 0 0 0 0 0 0 0 0 0 0 0 0 0 0 0 0 0 0 0 0 0 0 0 
0 0 0 0 0 0 0 0 0 0 0 0 0 0 0 0 0 0 0 0 0 0 0 0 0 0 0 0 0 0 0 0 0 0 0 0 0 0 0 
0 0 0 0 0 0 0 0 0 0 0 0 0 0 0 0 0 0 0 0 0 0 0 0 0 0 0 0 0 0 0 0 0 0 0 0 0 0 0 
0 0 0 0 0 0 0 0 0 0 0 0 0 0 0 0 0 0 0 0 0 0 0 0 0 0 0 0 0 0 0 0 0 0 0 0 0 0 0 
0 0 0 0 0 0 0 0 0 0 0 0 0 0 0 0 0 0 0 0 0 0 0 0 0 0 0 0 0 0 0 0 0 0 0 0 0 0 0 
0 0 0 0 0 0 0 0 0 0 0 0 0 0 0 0 0 0 0 0 0 0 0 0 0 0 0 0 0 0 0 0 0 0 0 0 0 0 0 
0 0 0 0 0 0 0 0 0 0 0 0 0 0 0 0 0 0 0 0 0 0 0 0 0 0 0 0 0 0 0 0 0 0 0 0 0 0 0 
0 0 0 0 0 0 0 0
##$RECO_maxima=( 320 )
384 10243 17524 453 384 11873 18727 358 495 12437 19786 421 405 14087 23029 
332 421 12932 22296 384 379 19254 21863 369 463 14735 19001 506 326 22955 
26672 332 448 32767 20097 432 363 21405 15147 353 416 24500 17725 405 421 
24131 12611 421 416 23087 14372 458 458 21526 13433 363 458 19686 11361 463 
395 18458 10386 347 342 10407 18621 384 295 11799 18690 516 369 12279 19886 
384 374 13802 22892 332 363 12927 22006 358 569 19164 21874 453 427 14419 
18853 479 405 22654 26002 384 337 32645 19802 342 326 21552 15231 363 495 
24863 17920 342 469 24399 12721 395 395 23313 14245 543 347 21136 12853 437 
332 19480 11166 384 369 18226 10333 353 363 10449 18489 416 300 11857 18484 
553 353 12410 19802 437 421 14119 23002 442 374 12706 22095 479 516 19043 
21890 469 411 14635 19011 411 379 22222 26366 495 427 32593 19465 374 411 
21146 15373 469 353 24853 17999 416 400 24373 12421 463 326 22923 14345 416 
495 20978 13164 390 448 19528 11414 421 395 18152 10312 432 432 10623 18647 
427 485 11862 18278 311 363 12410 19523 506 500 14087 22870 485 411 12785 
22016 479 369 19138 21494 474 405 14319 18705 442 379 22480 26424 411 442 
32477 20045 458 521 20893 15231 463 342 24452 17994 337 358 24278 12542 421 
295 22971 14461 432 427 20988 13011 453 458 19786 10887 379 326 18331 9985 
585 353 10433 18669 337 374 11910 18321 432 516 12347 19454 469 405 13955 
22633 506 458 12774 22064 453 337 18943 21305 521 453 14213 18732 405 337 
22312 26371 405 479 32160 19317 463 400 20867 15800 321 305 24447 17519 469 
421 23930 12832 495 374 22723 14224 416 369 20878 13175 321 405 19428 11382 
442 295 17994 10286 390
$$ @vis= RECO_image_type RECO_wordtype RECO_map_mode RECO_globex RECO_minima
##$RECO_map_min=( 320 )
-6215 -6215 -6215 -6215 -6215 -6215 -6215 -6215 -6215 -6215 -6215 -6215 -6215 
-6215 -6215 -6215 -6215 -6215 -6215 -6215 -6215 -6215 -6215 -6215 -6215 -6215 
-6215 -6215 -6215 -6215 -6215 -6215 -6215 -6215 -6215 -6215 -6215 -6215 -6215 
-6215 -6215 -6215 -6215 -6215 -6215 -6215 -6215 -6215 -6215 -6215 -6215 -6215 
-6215 -6215 -6215 -6215 -6215 -6215 -6215 -6215 -6215 -6215 -6215 -6215 -6215 
-6215 -6215 -6215 -6215 -6215 -6215 -6215 -6215 -6215 -6215 -6215 -6215 -6215 
-6215 -6215 -6215 -6215 -6215 -6215 -6215 -6215 -6215 -6215 -6215 -6215 -6215 
-6215 -6215 -6215 -6215 -6215 -6215 -6215 -6215 -6215 -6215 -6215 -6215 -6215 
-6215 -6215 -6215 -6215 -6215 -6215 -6215 -6215 -6215 -6215 -6215 -6215 -6215 
-6215 -6215 -6215 -6215 -6215 -6215 -6215 -6215 -6215 -6215 -6215 -6215 -6215 
-6215 -6215 -6215 -6215 -6215 -6215 -6215 -6215 -6215 -6215 -6215 -6215 -6215 
-6215 -6215 -6215 -6215 -6215 -6215 -6215 -6215 -6215 -6215 -6215 -6215 -6215 
-6215 -6215 -6215 -6215 -6215 -6215 -6215 -6215 -6215 -6215 -6215 -6215 -6215 
-6215 -6215 -6215 -6215 -6215 -6215 -6215 -6215 -6215 -6215 -6215 -6215 -6215 
-6215 -6215 -6215 -6215 -6215 -6215 -6215 -6215 -6215 -6215 -6215 -6215 -6215 
-6215 -6215 -6215 -6215 -6215 -6215 -6215 -6215 -6215 -6215 -6215 -6215 -6215 
-6215 -6215 -6215 -6215 -6215 -6215 -6215 -6215 -6215 -6215 -6215 -6215 -6215 
-6215 -6215 -6215 -6215 -6215 -6215 -6215 -6215 -6215 -6215 -6215 -6215 -6215 
-6215 -6215 -6215 -6215 -6215 -6215 -6215 -6215 -6215 -6215 -6215 -6215 -6215 
-6215 -6215 -6215 -6215 -6215 -6215 -6215 -6215 -6215 -6215 -6215 -6215 -6215 
-6215 -6215 -6215 -6215 -6215 -6215 -6215 -6215 -6215 -6215 -6215 -6215 -6215 
-6215 -6215 -6215 -6215 -6215 -6215 -6215 -6215 -6215 -6215 -6215 -6215 -6215 
-6215 -6215 -6215 -6215 -6215 -6215 -6215 -6215 -6215 -6215 -6215 -6215 -6215 
-6215 -6215 -6215 -6215 -6215 -6215 -6215 -6215 -6215 -6215 -6215 -6215 -6215 
-6215 -6215 -6215 -6215 -6215 -6215 -6215 -6215
##$RECO_map_max=( 320 )
6215 6215 6215 6215 6215 6215 6215 6215 6215 6215 6215 6215 6215 6215 6215 
6215 6215 6215 6215 6215 6215 6215 6215 6215 6215 6215 6215 6215 6215 6215 
6215 6215 6215 6215 6215 6215 6215 6215 6215 6215 6215 6215 6215 6215 6215 
6215 6215 6215 6215 6215 6215 6215 6215 6215 6215 6215 6215 6215 6215 6215 
6215 6215 6215 6215 6215 6215 6215 6215 6215 6215 6215 6215 6215 6215 6215 
6215 6215 6215 6215 6215 6215 6215 6215 6215 6215 6215 6215 6215 6215 6215 
6215 6215 6215 6215 6215 6215 6215 6215 6215 6215 6215 6215 6215 6215 6215 
6215 6215 6215 6215 6215 6215 6215 6215 6215 6215 6215 6215 6215 6215 6215 
6215 6215 6215 6215 6215 6215 6215 6215 6215 6215 6215 6215 6215 6215 6215 
6215 6215 6215 6215 6215 6215 6215 6215 6215 6215 6215 6215 6215 6215 6215 
6215 6215 6215 6215 6215 6215 6215 6215 6215 6215 6215 6215 6215 6215 6215 
6215 6215 6215 6215 6215 6215 6215 6215 6215 6215 6215 6215 6215 6215 6215 
6215 6215 6215 6215 6215 6215 6215 6215 6215 6215 6215 6215 6215 6215 6215 
6215 6215 6215 6215 6215 6215 6215 6215 6215 6215 6215 6215 6215 6215 6215 
6215 6215 6215 6215 6215 6215 6215 6215 6215 6215 6215 6215 6215 6215 6215 
6215 6215 6215 6215 6215 6215 6215 6215 6215 6215 6215 6215 6215 6215 6215 
6215 6215 6215 6215 6215 6215 6215 6215 6215 6215 6215 6215 6215 6215 6215 
6215 6215 6215 6215 6215 6215 6215 6215 6215 6215 6215 6215 6215 6215 6215 
6215 6215 6215 6215 6215 6215 6215 6215 6215 6215 6215 6215 6215 6215 6215 
6215 6215 6215 6215 6215 6215 6215 6215 6215 6215 6215 6215 6215 6215 6215 
6215 6215 6215 6215 6215 6215 6215 6215 6215 6215 6215 6215 6215 6215 6215 
6215 6215 6215 6215 6215
##$RECO_map_offset=( 320 )
0 0 0 0 0 0 0 0 0 0 0 0 0 0 0 0 0 0 0 0 0 0 0 0 0 0 0 0 0 0 0 0 0 0 0 0 0 0 0 
0 0 0 0 0 0 0 0 0 0 0 0 0 0 0 0 0 0 0 0 0 0 0 0 0 0 0 0 0 0 0 0 0 0 0 0 0 0 0 
0 0 0 0 0 0 0 0 0 0 0 0 0 0 0 0 0 0 0 0 0 0 0 0 0 0 0 0 0 0 0 0 0 0 0 0 0 0 0 
0 0 0 0 0 0 0 0 0 0 0 0 0 0 0 0 0 0 0 0 0 0 0 0 0 0 0 0 0 0 0 0 0 0 0 0 0 0 0 
0 0 0 0 0 0 0 0 0 0 0 0 0 0 0 0 0 0 0 0 0 0 0 0 0 0 0 0 0 0 0 0 0 0 0 0 0 0 0 
0 0 0 0 0 0 0 0 0 0 0 0 0 0 0 0 0 0 0 0 0 0 0 0 0 0 0 0 0 0 0 0 0 0 0 0 0 0 0 
0 0 0 0 0 0 0 0 0 0 0 0 0 0 0 0 0 0 0 0 0 0 0 0 0 0 0 0 0 0 0 0 0 0 0 0 0 0 0 
0 0 0 0 0 0 0 0 0 0 0 0 0 0 0 0 0 0 0 0 0 0 0 0 0 0 0 0 0 0 0 0 0 0 0 0 0 0 0 
0 0 0 0 0 0 0 0
##$RECO_map_slope=( 320 )
5.27224445343018 5.27224445343018 5.27224445343018 5.27224445343018 
5.27224445343018 5.27224445343018 5.27224445343018 5.27224445343018 
5.27224445343018 5.27224445343018 5.27224445343018 5.27224445343018 
5.27224445343018 5.27224445343018 5.27224445343018 5.27224445343018 
5.27224445343018 5.27224445343018 5.27224445343018 5.27224445343018 
5.27224445343018 5.27224445343018 5.27224445343018 5.27224445343018 
5.27224445343018 5.27224445343018 5.27224445343018 5.27224445343018 
5.27224445343018 5.27224445343018 5.27224445343018 5.27224445343018 
5.27224445343018 5.27224445343018 5.27224445343018 5.27224445343018 
5.27224445343018 5.27224445343018 5.27224445343018 5.27224445343018 
5.27224445343018 5.27224445343018 5.27224445343018 5.27224445343018 
5.27224445343018 5.27224445343018 5.27224445343018 5.27224445343018 
5.27224445343018 5.27224445343018 5.27224445343018 5.27224445343018 
5.27224445343018 5.27224445343018 5.27224445343018 5.27224445343018 
5.27224445343018 5.27224445343018 5.27224445343018 5.27224445343018 
5.27224445343018 5.27224445343018 5.27224445343018 5.27224445343018 
5.27224445343018 5.27224445343018 5.27224445343018 5.27224445343018 
5.27224445343018 5.27224445343018 5.27224445343018 5.27224445343018 
5.27224445343018 5.27224445343018 5.27224445343018 5.27224445343018 
5.27224445343018 5.27224445343018 5.27224445343018 5.27224445343018 
5.27224445343018 5.27224445343018 5.27224445343018 5.27224445343018 
5.27224445343018 5.27224445343018 5.27224445343018 5.27224445343018 
5.27224445343018 5.27224445343018 5.27224445343018 5.27224445343018 
5.27224445343018 5.27224445343018 5.27224445343018 5.27224445343018 
5.27224445343018 5.27224445343018 5.27224445343018 5.27224445343018 
5.27224445343018 5.27224445343018 5.27224445343018 5.27224445343018 
5.27224445343018 5.27224445343018 5.27224445343018 5.27224445343018 
5.27224445343018 5.27224445343018 5.27224445343018 5.27224445343018 
5.27224445343018 5.27224445343018 5.27224445343018 5.27224445343018 
5.27224445343018 5.27224445343018 5.27224445343018 5.27224445343018 
5.27224445343018 5.27224445343018 5.27224445343018 5.27224445343018 
5.27224445343018 5.27224445343018 5.27224445343018 5.27224445343018 
5.27224445343018 5.27224445343018 5.27224445343018 5.27224445343018 
5.27224445343018 5.27224445343018 5.27224445343018 5.27224445343018 
5.27224445343018 5.27224445343018 5.27224445343018 5.27224445343018 
5.27224445343018 5.27224445343018 5.27224445343018 5.27224445343018 
5.27224445343018 5.27224445343018 5.27224445343018 5.27224445343018 
5.27224445343018 5.27224445343018 5.27224445343018 5.27224445343018 
5.27224445343018 5.27224445343018 5.27224445343018 5.27224445343018 
5.27224445343018 5.27224445343018 5.27224445343018 5.27224445343018 
5.27224445343018 5.27224445343018 5.27224445343018 5.27224445343018 
5.27224445343018 5.27224445343018 5.27224445343018 5.27224445343018 
5.27224445343018 5.27224445343018 5.27224445343018 5.27224445343018 
5.27224445343018 5.27224445343018 5.27224445343018 5.27224445343018 
5.27224445343018 5.27224445343018 5.27224445343018 5.27224445343018 
5.27224445343018 5.27224445343018 5.27224445343018 5.27224445343018 
5.27224445343018 5.27224445343018 5.27224445343018 5.27224445343018 
5.27224445343018 5.27224445343018 5.27224445343018 5.27224445343018 
5.27224445343018 5.27224445343018 5.27224445343018 5.27224445343018 
5.27224445343018 5.27224445343018 5.27224445343018 5.27224445343018 
5.27224445343018 5.27224445343018 5.27224445343018 5.27224445343018 
5.27224445343018 5.27224445343018 5.27224445343018 5.27224445343018 
5.27224445343018 5.27224445343018 5.27224445343018 5.27224445343018 
5.27224445343018 5.27224445343018 5.27224445343018 5.27224445343018 
5.27224445343018 5.27224445343018 5.27224445343018 5.27224445343018 
5.27224445343018 5.27224445343018 5.27224445343018 5.27224445343018 
5.27224445343018 5.27224445343018 5.27224445343018 5.27224445343018 
5.27224445343018 5.27224445343018 5.27224445343018 5.27224445343018 
5.27224445343018 5.27224445343018 5.27224445343018 5.27224445343018 
5.27224445343018 5.27224445343018 5.27224445343018 5.27224445343018 
5.27224445343018 5.27224445343018 5.27224445343018 5.27224445343018 
5.27224445343018 5.27224445343018 5.27224445343018 5.27224445343018 
5.27224445343018 5.27224445343018 5.27224445343018 5.27224445343018 
5.27224445343018 5.27224445343018 5.27224445343018 5.27224445343018 
5.27224445343018 5.27224445343018 5.27224445343018 5.27224445343018 
5.27224445343018 5.27224445343018 5.27224445343018 5.27224445343018 
5.27224445343018 5.27224445343018 5.27224445343018 5.27224445343018 
5.27224445343018 5.27224445343018 5.27224445343018 5.27224445343018 
5.27224445343018 5.27224445343018 5.27224445343018 5.27224445343018 
5.27224445343018 5.27224445343018 5.27224445343018 5.27224445343018 
5.27224445343018 5.27224445343018 5.27224445343018 5.27224445343018 
5.27224445343018 5.27224445343018 5.27224445343018 5.27224445343018 
5.27224445343018 5.27224445343018 5.27224445343018 5.27224445343018 
5.27224445343018 5.27224445343018 5.27224445343018 5.27224445343018 
5.27224445343018 5.27224445343018 5.27224445343018 5.27224445343018 
5.27224445343018 5.27224445343018 5.27224445343018 5.27224445343018 
5.27224445343018 5.27224445343018 5.27224445343018 5.27224445343018 
5.27224445343018 5.27224445343018 5.27224445343018 5.27224445343018 
5.27224445343018 5.27224445343018 5.27224445343018 5.27224445343018 
5.27224445343018 5.27224445343018 5.27224445343018 5.27224445343018
##$RECO_byte_order=littleEndian
$$ @vis= RECO_maxima RECO_map_min RECO_map_max RECO_map_offset RECO_map_slope
##$RECO_time=( 24 )
<22:13:24  7 Aug 2014>
##$RECO_abs_time=1407464004
##$RECO_base_image_uid=( 65 )
<2.16.756.5.5.100.278412266.32363.1407464614.480>
$$ @vis= RECO_byte_order RECO_time RECO_abs_time RECO_base_image_uid
##$GS_reco_display=Yes
##$GO_reco_display=Yes
##$GO_reco_each_nr=No
$$ @vis= RecoRegridNGroup GS_reco_display RECO_GS GO_reco_display
##$GO_max_reco_mem=0
$$ @vis= GO_reco_each_nr GO_max_reco_mem RECO_GO RECO
##END=
