##TITLE=Parameter List
##JCAMPDX=4.24
##DATATYPE=Parameter Values
##ORIGIN=Bruker BioSpin MRI GmbH
##OWNER=ryan
$$ Thu Aug  7 16:14:27 2014 EDT (UT-4h)  ryan
$$ /opt/PV5.1/data/ryan/nmr/RMD272.r81/26/pdata/1/reco
##$RECO_mode=FT_MODE
##$RecoAutoDerive=Yes
##$RECO_inp_order=NO_REORDERING
##$RECO_inp_size=( 1 )
32
##$RECO_ft_size=( 1 )
32
##$RECO_fov=( 1 )
0
##$RECO_size=( 1 )
32
$$ @vis= RECO_mode RecoAutoDerive RECO_inp_order RECO_ft_size RECO_fov
##$RECO_offset=( 1, 2 )
0 0
##$RECO_regrid_mode=NO_REGRID
##$RECO_regrid_offset=0
##$RECO_ramp_gap=0
##$RECO_ramp_time=0
##$RECO_ne_mode=NO_NAV_DATA
##$RECO_ne_dist=NeNoInterleave
##$RECO_ne_dens=NeCorrPerScan
##$RECO_ne_type=NAV_PHASE
##$RECO_ne_vals=( 1, 2 )
0 0
##$RECO_bc_mode=( 1 )
AUTO_OFFSET_BC
##$RECO_bc_start=( 1 )
24
##$RECO_bc_len=( 1 )
8
$$ @vis= RECO_size RECO_regrid_mode RECO_ne_mode RECO_bc_mode RECO_bc_start
##$RECO_dc_offset=( 2 )
87 845
##$RECO_dc_divisor=8
##$RECO_bc_coroff=( 1 )
0
##$RECO_qopts=( 1 )
CONJ_AND_QNEG
##$RECO_wdw_mode=( 1 )
NO_WDW
##$RECO_lb=( 1 )
-0.5
##$RECO_sw=( 1 )
22001
##$RECO_gb=( 1 )
0.5
##$RECO_sbs=( 1 )
1
##$RECO_tm1=( 1 )
0.25
##$RECO_tm2=( 1 )
0.75
##$RECO_ft_mode=( 1 )
COMPLEX_FFT
##$RECO_pc_mode=( 1 )
NO_PC
##$RECO_pc_lin=( 1 )
(0, 0)
##$RECO_rotate=( 1, 2 )
0 0
$$ @vis= RECO_bc_len RECO_qopts RECO_wdw_mode RECO_ft_mode RECO_pc_mode
##$RECO_ppc_mode=NO_PPC
##$RECO_ref_image=0
##$RECO_nr_supports=0.4
##$RECO_sig_threshold=0.15
##$RECO_ppc_degree=1
##$RECO_ppc_coeffs=( 2, 1, 2 )
0 0 0 0
##$RECO_dc_elim=Yes
##$RECO_transposition=( 2 )
0 0
##$RECO_image_type=MAGNITUDE_IMAGE
$$ @vis= RECO_rotate RECO_ppc_mode RECO_dc_elim RECO_transposition
##$RECO_image_threshold=0.15
##$RECO_ir_scale=10
##$RECO_wordtype=_16BIT_SGN_INT
##$RECO_map_mode=ABSOLUTE_MAPPING
##$RECO_map_range=( 2 )
-2147483647 2147483647
##$RECO_map_percentile=( 2 )
1 99
##$RECO_map_error=0.25
##$RECO_globex=( 160 )
0 0 0 0 0 0 0 0 0 0 0 0 0 0 0 0 0 0 0 0 0 0 0 0 0 0 0 0 0 0 0 0 0 0 0 0 0 0 0 
0 0 0 0 0 0 0 0 0 0 0 0 0 0 0 0 0 0 0 0 0 0 0 0 0 0 0 0 0 0 0 0 0 0 0 0 0 0 0 
0 0 0 0 0 0 0 0 0 0 0 0 0 0 0 0 0 0 0 0 0 0 0 0 0 0 0 0 0 0 0 0 0 0 0 0 0 0 0 
0 0 0 0 0 0 0 0 0 0 0 0 0 0 0 0 0 0 0 0 0 0 0 0 0 0 0 0 0 0 0 0 0 0 0 0 0 0 0 
0 0 0 0
##$RECO_minima=( 160 )
0 0 0 0 0 0 0 0 0 0 0 0 0 0 0 0 0 0 0 0 0 0 0 0 0 0 0 0 0 0 0 0 0 0 0 0 0 0 0 
0 0 0 0 0 0 0 0 0 0 0 0 0 0 0 0 0 0 0 0 0 0 0 0 0 0 0 0 0 0 0 0 0 0 0 0 0 0 0 
0 0 0 0 0 0 0 0 0 0 0 0 0 0 0 0 0 0 0 0 0 0 0 0 0 0 0 0 0 0 0 0 0 0 0 0 0 0 0 
0 0 0 0 0 0 0 0 0 0 0 0 0 0 0 0 0 0 0 0 0 0 0 0 0 0 0 0 0 0 0 0 0 0 0 0 0 0 0 
0 0 0 0
##$RECO_maxima=( 160 )
3215 185 4240 141 5143 230 6166 196 5274 145 8148 186 20450 195 32149 322 
32740 268 20034 225 10502 133 8495 183 6260 174 6078 110 4972 112 4460 149 
3191 244 4219 158 5137 124 6193 180 5362 149 8073 174 20312 180 32086 306 
32766 339 20048 219 10577 146 8507 131 6245 206 6082 142 4926 155 4286 149 
3184 114 4175 104 5198 150 6226 145 5202 189 8105 146 20428 192 32142 301 
32664 341 19958 200 10449 187 8393 162 6292 160 6165 138 4820 161 4396 185 
3200 171 4246 126 5079 174 6119 163 5204 145 8005 160 20300 210 32084 298 
32625 325 20066 232 10602 163 8486 137 6256 149 6167 133 4872 130 4334 164 
3166 155 4127 138 5234 108 6199 225 5276 130 7980 176 20329 247 31978 262 
32670 329 19987 177 10473 161 8442 165 6231 148 6076 179 4894 135 4446 157
$$ @vis= RECO_image_type RECO_wordtype RECO_map_mode RECO_globex RECO_minima
##$RECO_map_min=( 160 )
-62197 -62197 -62197 -62197 -62197 -62197 -62197 -62197 -62197 -62197 -62197 
-62197 -62197 -62197 -62197 -62197 -62197 -62197 -62197 -62197 -62197 -62197 
-62197 -62197 -62197 -62197 -62197 -62197 -62197 -62197 -62197 -62197 -62197 
-62197 -62197 -62197 -62197 -62197 -62197 -62197 -62197 -62197 -62197 -62197 
-62197 -62197 -62197 -62197 -62197 -62197 -62197 -62197 -62197 -62197 -62197 
-62197 -62197 -62197 -62197 -62197 -62197 -62197 -62197 -62197 -62197 -62197 
-62197 -62197 -62197 -62197 -62197 -62197 -62197 -62197 -62197 -62197 -62197 
-62197 -62197 -62197 -62197 -62197 -62197 -62197 -62197 -62197 -62197 -62197 
-62197 -62197 -62197 -62197 -62197 -62197 -62197 -62197 -62197 -62197 -62197 
-62197 -62197 -62197 -62197 -62197 -62197 -62197 -62197 -62197 -62197 -62197 
-62197 -62197 -62197 -62197 -62197 -62197 -62197 -62197 -62197 -62197 -62197 
-62197 -62197 -62197 -62197 -62197 -62197 -62197 -62197 -62197 -62197 -62197 
-62197 -62197 -62197 -62197 -62197 -62197 -62197 -62197 -62197 -62197 -62197 
-62197 -62197 -62197 -62197 -62197 -62197 -62197 -62197 -62197 -62197 -62197 
-62197 -62197 -62197 -62197 -62197 -62197
##$RECO_map_max=( 160 )
62197 62197 62197 62197 62197 62197 62197 62197 62197 62197 62197 62197 62197 
62197 62197 62197 62197 62197 62197 62197 62197 62197 62197 62197 62197 62197 
62197 62197 62197 62197 62197 62197 62197 62197 62197 62197 62197 62197 62197 
62197 62197 62197 62197 62197 62197 62197 62197 62197 62197 62197 62197 62197 
62197 62197 62197 62197 62197 62197 62197 62197 62197 62197 62197 62197 62197 
62197 62197 62197 62197 62197 62197 62197 62197 62197 62197 62197 62197 62197 
62197 62197 62197 62197 62197 62197 62197 62197 62197 62197 62197 62197 62197 
62197 62197 62197 62197 62197 62197 62197 62197 62197 62197 62197 62197 62197 
62197 62197 62197 62197 62197 62197 62197 62197 62197 62197 62197 62197 62197 
62197 62197 62197 62197 62197 62197 62197 62197 62197 62197 62197 62197 62197 
62197 62197 62197 62197 62197 62197 62197 62197 62197 62197 62197 62197 62197 
62197 62197 62197 62197 62197 62197 62197 62197 62197 62197 62197 62197 62197 
62197 62197 62197 62197
##$RECO_map_offset=( 160 )
0 0 0 0 0 0 0 0 0 0 0 0 0 0 0 0 0 0 0 0 0 0 0 0 0 0 0 0 0 0 0 0 0 0 0 0 0 0 0 
0 0 0 0 0 0 0 0 0 0 0 0 0 0 0 0 0 0 0 0 0 0 0 0 0 0 0 0 0 0 0 0 0 0 0 0 0 0 0 
0 0 0 0 0 0 0 0 0 0 0 0 0 0 0 0 0 0 0 0 0 0 0 0 0 0 0 0 0 0 0 0 0 0 0 0 0 0 0 
0 0 0 0 0 0 0 0 0 0 0 0 0 0 0 0 0 0 0 0 0 0 0 0 0 0 0 0 0 0 0 0 0 0 0 0 0 0 0 
0 0 0 0
##$RECO_map_slope=( 160 )
0.526826024055481 0.526826024055481 0.526826024055481 0.526826024055481 
0.526826024055481 0.526826024055481 0.526826024055481 0.526826024055481 
0.526826024055481 0.526826024055481 0.526826024055481 0.526826024055481 
0.526826024055481 0.526826024055481 0.526826024055481 0.526826024055481 
0.526826024055481 0.526826024055481 0.526826024055481 0.526826024055481 
0.526826024055481 0.526826024055481 0.526826024055481 0.526826024055481 
0.526826024055481 0.526826024055481 0.526826024055481 0.526826024055481 
0.526826024055481 0.526826024055481 0.526826024055481 0.526826024055481 
0.526826024055481 0.526826024055481 0.526826024055481 0.526826024055481 
0.526826024055481 0.526826024055481 0.526826024055481 0.526826024055481 
0.526826024055481 0.526826024055481 0.526826024055481 0.526826024055481 
0.526826024055481 0.526826024055481 0.526826024055481 0.526826024055481 
0.526826024055481 0.526826024055481 0.526826024055481 0.526826024055481 
0.526826024055481 0.526826024055481 0.526826024055481 0.526826024055481 
0.526826024055481 0.526826024055481 0.526826024055481 0.526826024055481 
0.526826024055481 0.526826024055481 0.526826024055481 0.526826024055481 
0.526826024055481 0.526826024055481 0.526826024055481 0.526826024055481 
0.526826024055481 0.526826024055481 0.526826024055481 0.526826024055481 
0.526826024055481 0.526826024055481 0.526826024055481 0.526826024055481 
0.526826024055481 0.526826024055481 0.526826024055481 0.526826024055481 
0.526826024055481 0.526826024055481 0.526826024055481 0.526826024055481 
0.526826024055481 0.526826024055481 0.526826024055481 0.526826024055481 
0.526826024055481 0.526826024055481 0.526826024055481 0.526826024055481 
0.526826024055481 0.526826024055481 0.526826024055481 0.526826024055481 
0.526826024055481 0.526826024055481 0.526826024055481 0.526826024055481 
0.526826024055481 0.526826024055481 0.526826024055481 0.526826024055481 
0.526826024055481 0.526826024055481 0.526826024055481 0.526826024055481 
0.526826024055481 0.526826024055481 0.526826024055481 0.526826024055481 
0.526826024055481 0.526826024055481 0.526826024055481 0.526826024055481 
0.526826024055481 0.526826024055481 0.526826024055481 0.526826024055481 
0.526826024055481 0.526826024055481 0.526826024055481 0.526826024055481 
0.526826024055481 0.526826024055481 0.526826024055481 0.526826024055481 
0.526826024055481 0.526826024055481 0.526826024055481 0.526826024055481 
0.526826024055481 0.526826024055481 0.526826024055481 0.526826024055481 
0.526826024055481 0.526826024055481 0.526826024055481 0.526826024055481 
0.526826024055481 0.526826024055481 0.526826024055481 0.526826024055481 
0.526826024055481 0.526826024055481 0.526826024055481 0.526826024055481 
0.526826024055481 0.526826024055481 0.526826024055481 0.526826024055481 
0.526826024055481 0.526826024055481 0.526826024055481 0.526826024055481 
0.526826024055481 0.526826024055481 0.526826024055481 0.526826024055481
##$RECO_byte_order=littleEndian
$$ @vis= RECO_maxima RECO_map_min RECO_map_max RECO_map_offset RECO_map_slope
##$RECO_time=( 24 )
<16:04:15  7 Aug 2014>
##$RECO_abs_time=1407441855
##$RECO_base_image_uid=( 65 )
<2.16.756.5.5.100.278412266.22167.1407442467.480>
$$ @vis= RECO_byte_order RECO_time RECO_abs_time RECO_base_image_uid
##$GS_reco_display=Yes
##$GO_reco_display=Yes
##$GO_reco_each_nr=No
$$ @vis= RecoRegridNGroup GS_reco_display RECO_GS GO_reco_display
##$GO_max_reco_mem=0
$$ @vis= GO_reco_each_nr GO_max_reco_mem RECO_GO RECO
##END=
