##TITLE=Parameter List
##JCAMPDX=4.24
##DATATYPE=Parameter Values
##ORIGIN=Bruker BioSpin MRI GmbH
##OWNER=ryan
$$ Thu Aug  7 16:14:27 2014 EDT (UT-4h)  ryan
$$ /opt/PV5.1/data/ryan/nmr/RMD272.r81/26/pdata/1/visu_pars
##$VisuVersion=1
##$VisuUid=( 65 )
<2.16.756.5.5.100.278412266.22167.1407442467.480>
##$VisuCreator=( 65 )
<ParaVision>
##$VisuCreatorVersion=( 65 )
<5.1>
##$VisuCreationDate=( 21 )
<16:04:15  7 Aug 2014>
$$ @vis= VisuVersion VisuUid VisuCreator VisuCreatorVersion VisuCreationDate
##$VisuCoreFrameCount=160
##$VisuCoreDim=1
##$VisuCoreSize=( 1 )
32
##$VisuCoreDimDesc=( 1 )
spectroscopic
$$ @vis= VisuInstance VisuCoreFrameCount VisuCoreDim VisuCoreSize
##$VisuCoreExtent=( 1 )
73.2537534535215
##$VisuCoreUnits=( 1, 65 )
<ppm>
##$VisuCoreDataMin=( 160 )
0 0 0 0 0 0 0 0 0 0 0 0 0 0 0 0 0 0 0 0 0 0 0 0 0 0 0 0 0 0 0 0 0 0 0 0 0 0 0 
0 0 0 0 0 0 0 0 0 0 0 0 0 0 0 0 0 0 0 0 0 0 0 0 0 0 0 0 0 0 0 0 0 0 0 0 0 0 0 
0 0 0 0 0 0 0 0 0 0 0 0 0 0 0 0 0 0 0 0 0 0 0 0 0 0 0 0 0 0 0 0 0 0 0 0 0 0 0 
0 0 0 0 0 0 0 0 0 0 0 0 0 0 0 0 0 0 0 0 0 0 0 0 0 0 0 0 0 0 0 0 0 0 0 0 0 0 0 
0 0 0 0
##$VisuCoreDataMax=( 160 )
3215 185 4240 141 5143 230 6166 196 5274 145 8148 186 20450 195 32149 322 
32740 268 20034 225 10502 133 8495 183 6260 174 6078 110 4972 112 4460 149 
3191 244 4219 158 5137 124 6193 180 5362 149 8073 174 20312 180 32086 306 
32766 339 20048 219 10577 146 8507 131 6245 206 6082 142 4926 155 4286 149 
3184 114 4175 104 5198 150 6226 145 5202 189 8105 146 20428 192 32142 301 
32664 341 19958 200 10449 187 8393 162 6292 160 6165 138 4820 161 4396 185 
3200 171 4246 126 5079 174 6119 163 5204 145 8005 160 20300 210 32084 298 
32625 325 20066 232 10602 163 8486 137 6256 149 6167 133 4872 130 4334 164 
3166 155 4127 138 5234 108 6199 225 5276 130 7980 176 20329 247 31978 262 
32670 329 19987 177 10473 161 8442 165 6231 148 6076 179 4894 135 4446 157
$$ @vis= VisuCoreDimDesc VisuCoreExtent VisuCoreUnits VisuCoreDataMin
##$VisuCoreDataOffs=( 160 )
0 0 0 0 0 0 0 0 0 0 0 0 0 0 0 0 0 0 0 0 0 0 0 0 0 0 0 0 0 0 0 0 0 0 0 0 0 0 0 
0 0 0 0 0 0 0 0 0 0 0 0 0 0 0 0 0 0 0 0 0 0 0 0 0 0 0 0 0 0 0 0 0 0 0 0 0 0 0 
0 0 0 0 0 0 0 0 0 0 0 0 0 0 0 0 0 0 0 0 0 0 0 0 0 0 0 0 0 0 0 0 0 0 0 0 0 0 0 
0 0 0 0 0 0 0 0 0 0 0 0 0 0 0 0 0 0 0 0 0 0 0 0 0 0 0 0 0 0 0 0 0 0 0 0 0 0 0 
0 0 0 0
##$VisuCoreDataSlope=( 160 )
1.89815983709774 1.89815983709774 1.89815983709774 1.89815983709774 
1.89815983709774 1.89815983709774 1.89815983709774 1.89815983709774 
1.89815983709774 1.89815983709774 1.89815983709774 1.89815983709774 
1.89815983709774 1.89815983709774 1.89815983709774 1.89815983709774 
1.89815983709774 1.89815983709774 1.89815983709774 1.89815983709774 
1.89815983709774 1.89815983709774 1.89815983709774 1.89815983709774 
1.89815983709774 1.89815983709774 1.89815983709774 1.89815983709774 
1.89815983709774 1.89815983709774 1.89815983709774 1.89815983709774 
1.89815983709774 1.89815983709774 1.89815983709774 1.89815983709774 
1.89815983709774 1.89815983709774 1.89815983709774 1.89815983709774 
1.89815983709774 1.89815983709774 1.89815983709774 1.89815983709774 
1.89815983709774 1.89815983709774 1.89815983709774 1.89815983709774 
1.89815983709774 1.89815983709774 1.89815983709774 1.89815983709774 
1.89815983709774 1.89815983709774 1.89815983709774 1.89815983709774 
1.89815983709774 1.89815983709774 1.89815983709774 1.89815983709774 
1.89815983709774 1.89815983709774 1.89815983709774 1.89815983709774 
1.89815983709774 1.89815983709774 1.89815983709774 1.89815983709774 
1.89815983709774 1.89815983709774 1.89815983709774 1.89815983709774 
1.89815983709774 1.89815983709774 1.89815983709774 1.89815983709774 
1.89815983709774 1.89815983709774 1.89815983709774 1.89815983709774 
1.89815983709774 1.89815983709774 1.89815983709774 1.89815983709774 
1.89815983709774 1.89815983709774 1.89815983709774 1.89815983709774 
1.89815983709774 1.89815983709774 1.89815983709774 1.89815983709774 
1.89815983709774 1.89815983709774 1.89815983709774 1.89815983709774 
1.89815983709774 1.89815983709774 1.89815983709774 1.89815983709774 
1.89815983709774 1.89815983709774 1.89815983709774 1.89815983709774 
1.89815983709774 1.89815983709774 1.89815983709774 1.89815983709774 
1.89815983709774 1.89815983709774 1.89815983709774 1.89815983709774 
1.89815983709774 1.89815983709774 1.89815983709774 1.89815983709774 
1.89815983709774 1.89815983709774 1.89815983709774 1.89815983709774 
1.89815983709774 1.89815983709774 1.89815983709774 1.89815983709774 
1.89815983709774 1.89815983709774 1.89815983709774 1.89815983709774 
1.89815983709774 1.89815983709774 1.89815983709774 1.89815983709774 
1.89815983709774 1.89815983709774 1.89815983709774 1.89815983709774 
1.89815983709774 1.89815983709774 1.89815983709774 1.89815983709774 
1.89815983709774 1.89815983709774 1.89815983709774 1.89815983709774 
1.89815983709774 1.89815983709774 1.89815983709774 1.89815983709774 
1.89815983709774 1.89815983709774 1.89815983709774 1.89815983709774 
1.89815983709774 1.89815983709774 1.89815983709774 1.89815983709774 
1.89815983709774 1.89815983709774 1.89815983709774 1.89815983709774
##$VisuCoreFrameType=MAGNITUDE_IMAGE
$$ @vis= VisuCoreDataMax VisuCoreDataOffs VisuCoreDataSlope VisuCoreFrameType
##$VisuCoreWordType=_16BIT_SGN_INT
##$VisuCoreByteOrder=littleEndian
##$VisuFGOrderDescDim=1
$$ @vis= VisuCore VisuCoreWordType VisuCoreByteOrder VisuPixel
##$VisuFGOrderDesc=( 1 )
(160, <FG_CYCLE>, <>, 0, 0)
##$VisuSubjectName=( 65 )
<RMD272>
##$VisuSubjectId=( 65 )
<RMD272>
$$ @vis= VisuFGOrderDescDim VisuFGOrderDesc VisuFrameOrderDesc VisuSubjectName
##$VisuSubjectBirthDate=( 9 )
<>
##$VisuSubjectSex=FEMALE
##$VisuSubjectComment=( 2048 )
<>
$$ @vis= VisuSubjectId VisuSubjectBirthDate VisuSubjectSex VisuSubjectComment
##$VisuStudyUid=( 65 )
<2.16.756.5.5.100.278412266.15942.1407429006.129>
##$VisuStudyDate=( 21 )
<13:30:06  7 Aug 2014>
##$VisuStudyId=( 65 )
<RMD272>
##$VisuStudyNumber=1
##$VisuSubjectWeight=5
$$ @vis= VisuSubject VisuStudyUid VisuStudyDate VisuStudyId VisuStudyNumber
##$VisuStudyReferringPhysician=( 65 )
<>
##$VisuStudyDescription=( 65 )
<>
$$ @vis= VisuSubjectWeight VisuStudyReferringPhysician VisuStudyDescription
##$VisuSeriesNumber=1703937
##$VisuSubjectPosition=Head_Supine
##$VisuSeriesTypeId=( 65 )
<ACQ_USER_PVM>
$$ @vis= VisuStudy VisuSeriesNumber VisuSubjectPosition VisuSeriesTypeId
##$VisuAcqSoftwareVersion=( 65 )
<5.1>
##$VisuInstitution=( 65 )
<Duke University Biospec 70/20>
##$VisuStation=( 65 )
<spect>
$$ @vis= VisuSeries VisuAcqSoftwareVersion VisuInstitution VisuStation
##$VisuAcqDate=( 21 )
<16:04:15  7 Aug 2014>
##$VisuAcqEchoTrainLength=1
##$VisuAcqSequenceName=( 40 )
<rMD_HOT (pvm)>
##$VisuAcqNumberOfAverages=4
$$ @vis= VisuEquipment VisuAcqDate VisuAcqEchoTrainLength VisuAcqSequenceName
##$VisuAcqImagingFrequency=300.3395589
##$VisuAcqImagedNucleus=( 8 )
<1H>
##$VisuAcqRepetitionTime=( 1 )
1880
$$ @vis= VisuAcqNumberOfAverages VisuAcqImagingFrequency VisuAcqImagedNucleus
##$VisuAcqFlipAngle=90
##$VisuAcqEchoTime=( 1 )
0
##$VisuAcquisitionProtocol=( 65 )
<RMD_HOT_RBM_RARE_ZQSQ2>
$$ @vis= VisuAcqRepetitionTime VisuAcqFlipAngle VisuAcqEchoTime
##$VisuAcqScanTime=601600
$$ @vis= VisuAcquisitionProtocol VisuAcqScanTime VisuAcquisition Visu
##END=
