##TITLE=Parameter List
##JCAMPDX=4.24
##DATATYPE=Parameter Values
##ORIGIN=Bruker BioSpin MRI GmbH
##OWNER=ryan
$$ Fri Jul 25 00:08:30 2014 EDT (UT-4h)  ryan
$$ /opt/PV5.1/data/ryan/nmr/RMD266.qU1/49/pdata/1/reco
##$RECO_mode=FT_MODE
##$RecoAutoDerive=Yes
##$RECO_inp_order=NO_REORDERING
##$RECO_inp_size=( 1 )
32
##$RECO_ft_size=( 1 )
32
##$RECO_fov=( 1 )
0
##$RECO_size=( 1 )
32
$$ @vis= RECO_mode RecoAutoDerive RECO_inp_order RECO_ft_size RECO_fov
##$RECO_offset=( 1, 4 )
0 0 0 0
##$RECO_regrid_mode=NO_REGRID
##$RECO_regrid_offset=0
##$RECO_ramp_gap=0
##$RECO_ramp_time=0
##$RECO_ne_mode=NO_NAV_DATA
##$RECO_ne_dist=NeNoInterleave
##$RECO_ne_dens=NeCorrPerScan
##$RECO_ne_type=NAV_PHASE
##$RECO_ne_vals=( 1, 2 )
0 0
##$RECO_bc_mode=( 1 )
AUTO_OFFSET_BC
##$RECO_bc_start=( 1 )
24
##$RECO_bc_len=( 1 )
8
$$ @vis= RECO_size RECO_regrid_mode RECO_ne_mode RECO_bc_mode RECO_bc_start
##$RECO_dc_offset=( 2 )
-7 4
##$RECO_dc_divisor=8
##$RECO_bc_coroff=( 1 )
0
##$RECO_qopts=( 1 )
CONJ_AND_QNEG
##$RECO_wdw_mode=( 1 )
NO_WDW
##$RECO_lb=( 1 )
-0.5
##$RECO_sw=( 1 )
22001
##$RECO_gb=( 1 )
0.5
##$RECO_sbs=( 1 )
1
##$RECO_tm1=( 1 )
0.25
##$RECO_tm2=( 1 )
0.75
##$RECO_ft_mode=( 1 )
COMPLEX_FFT
##$RECO_pc_mode=( 1 )
NO_PC
##$RECO_pc_lin=( 1 )
(0, 0)
##$RECO_rotate=( 1, 4 )
0 0 0 0
$$ @vis= RECO_bc_len RECO_qopts RECO_wdw_mode RECO_ft_mode RECO_pc_mode
##$RECO_ppc_mode=NO_PPC
##$RECO_ref_image=0
##$RECO_nr_supports=0.4
##$RECO_sig_threshold=0.15
##$RECO_ppc_degree=1
##$RECO_ppc_coeffs=( 4, 1, 2 )
0 0 0 0 0 0 0 0
##$RECO_dc_elim=Yes
##$RECO_transposition=( 4 )
0 0 0 0
##$RECO_image_type=MAGNITUDE_IMAGE
$$ @vis= RECO_rotate RECO_ppc_mode RECO_dc_elim RECO_transposition
##$RECO_image_threshold=0.15
##$RECO_ir_scale=10
##$RECO_wordtype=_16BIT_SGN_INT
##$RECO_map_mode=ABSOLUTE_MAPPING
##$RECO_map_range=( 2 )
-2147483647 2147483647
##$RECO_map_percentile=( 2 )
1 99
##$RECO_map_error=0.25
##$RECO_globex=( 320 )
0 0 0 0 0 0 0 0 0 0 0 0 0 0 0 0 0 0 0 0 0 0 0 0 0 0 0 0 0 0 0 0 0 0 0 0 0 0 0 
0 0 0 0 0 0 0 0 0 0 0 0 0 0 0 0 0 0 0 0 0 0 0 0 0 0 0 0 0 0 0 0 0 0 0 0 0 0 0 
0 0 0 0 0 0 0 0 0 0 0 0 0 0 0 0 0 0 0 0 0 0 0 0 0 0 0 0 0 0 0 0 0 0 0 0 0 0 0 
0 0 0 0 0 0 0 0 0 0 0 0 0 0 0 0 0 0 0 0 0 0 0 0 0 0 0 0 0 0 0 0 0 0 0 0 0 0 0 
0 0 0 0 0 0 0 0 0 0 0 0 0 0 0 0 0 0 0 0 0 0 0 0 0 0 0 0 0 0 0 0 0 0 0 0 0 0 0 
0 0 0 0 0 0 0 0 0 0 0 0 0 0 0 0 0 0 0 0 0 0 0 0 0 0 0 0 0 0 0 0 0 0 0 0 0 0 0 
0 0 0 0 0 0 0 0 0 0 0 0 0 0 0 0 0 0 0 0 0 0 0 0 0 0 0 0 0 0 0 0 0 0 0 0 0 0 0 
0 0 0 0 0 0 0 0 0 0 0 0 0 0 0 0 0 0 0 0 0 0 0 0 0 0 0 0 0 0 0 0 0 0 0 0 0 0 0 
0 0 0 0 0 0 0 0
##$RECO_minima=( 320 )
0 0 0 0 0 0 0 0 0 0 0 0 0 0 0 0 0 0 0 0 0 0 0 0 0 0 0 0 0 0 0 0 0 0 0 0 0 0 0 
0 0 0 0 0 0 0 0 0 0 0 0 0 0 0 0 0 0 0 0 0 0 0 0 0 0 0 0 0 0 0 0 0 0 0 0 0 0 0 
0 0 0 0 0 0 0 0 0 0 0 0 0 0 0 0 0 0 0 0 0 0 0 0 0 0 0 0 0 0 0 0 0 0 0 0 0 0 0 
0 0 0 0 0 0 0 0 0 0 0 0 0 0 0 0 0 0 0 0 0 0 0 0 0 0 0 0 0 0 0 0 0 0 0 0 0 0 0 
0 0 0 0 0 0 0 0 0 0 0 0 0 0 0 0 0 0 0 0 0 0 0 0 0 0 0 0 0 0 0 0 0 0 0 0 0 0 0 
0 0 0 0 0 0 0 0 0 0 0 0 0 0 0 0 0 0 0 0 0 0 0 0 0 0 0 0 0 0 0 0 0 0 0 0 0 0 0 
0 0 0 0 0 0 0 0 0 0 0 0 0 0 0 0 0 0 0 0 0 0 0 0 0 0 0 0 0 0 0 0 0 0 0 0 0 0 0 
0 0 0 0 0 0 0 0 0 0 0 0 0 0 0 0 0 0 0 0 0 0 0 0 0 0 0 0 0 0 0 0 0 0 0 0 0 0 0 
0 0 0 0 0 0 0 0
##$RECO_maxima=( 320 )
148 160 7465 6771 190 138 9357 8534 240 195 11504 10699 207 164 13599 12339 
200 207 13738 13135 228 209 17828 15585 233 435 16272 13980 484 409 32592 
28777 498 364 32708 27426 280 207 15818 13323 207 247 17532 15143 197 225 
13474 12380 178 195 13650 12019 174 416 11487 10268 169 524 9249 8178 143 185 
7886 6277 188 320 7493 6554 211 383 9376 8513 211 720 11370 10798 138 454 
13733 12405 190 242 13674 12937 228 626 17882 15705 204 265 16423 14036 416 
560 32628 28685 454 1426 32569 26325 277 520 15992 13213 265 741 17534 15300 
313 188 13443 12318 216 341 13763 11963 230 487 11487 10299 183 381 9383 8277 
181 162 7844 6230 204 273 7498 6717 225 282 9452 8738 214 237 11417 10577 244 
367 13730 12457 202 244 13745 12914 244 701 18042 15938 270 861 16381 14126 
348 470 32533 29081 550 404 32724 27800 303 320 15877 13224 207 779 17586 
15246 150 374 13660 12335 247 157 13747 11954 169 204 11485 10141 214 263 
9374 8378 190 192 7931 6102 152 160 7435 6747 155 190 9428 8498 249 183 11379 
10633 200 181 13592 12208 223 223 13712 13003 202 225 17910 15684 235 192 
16261 14135 491 494 32571 28631 506 369 32715 27374 258 202 15748 13335 221 
197 17470 15216 185 197 13439 12309 230 228 13679 11930 204 233 11459 10101 
164 178 9259 8145 185 169 7990 6168 190 178 7451 6853 169 183 9400 8545 200 
181 11459 10659 176 181 13620 12264 183 171 13639 13147 157 280 17786 15604 
287 284 16275 14145 409 498 32738 28688 470 341 32766 27386 258 225 15863 
13279 197 225 17421 15091 152 376 13443 12236 298 183 13799 11902 176 261 
11433 10207 218 209 9249 8162 209 218 7929 6265
$$ @vis= RECO_image_type RECO_wordtype RECO_map_mode RECO_globex RECO_minima
##$RECO_map_min=( 320 )
-13922 -13922 -13922 -13922 -13922 -13922 -13922 -13922 -13922 -13922 -13922 
-13922 -13922 -13922 -13922 -13922 -13922 -13922 -13922 -13922 -13922 -13922 
-13922 -13922 -13922 -13922 -13922 -13922 -13922 -13922 -13922 -13922 -13922 
-13922 -13922 -13922 -13922 -13922 -13922 -13922 -13922 -13922 -13922 -13922 
-13922 -13922 -13922 -13922 -13922 -13922 -13922 -13922 -13922 -13922 -13922 
-13922 -13922 -13922 -13922 -13922 -13922 -13922 -13922 -13922 -13922 -13922 
-13922 -13922 -13922 -13922 -13922 -13922 -13922 -13922 -13922 -13922 -13922 
-13922 -13922 -13922 -13922 -13922 -13922 -13922 -13922 -13922 -13922 -13922 
-13922 -13922 -13922 -13922 -13922 -13922 -13922 -13922 -13922 -13922 -13922 
-13922 -13922 -13922 -13922 -13922 -13922 -13922 -13922 -13922 -13922 -13922 
-13922 -13922 -13922 -13922 -13922 -13922 -13922 -13922 -13922 -13922 -13922 
-13922 -13922 -13922 -13922 -13922 -13922 -13922 -13922 -13922 -13922 -13922 
-13922 -13922 -13922 -13922 -13922 -13922 -13922 -13922 -13922 -13922 -13922 
-13922 -13922 -13922 -13922 -13922 -13922 -13922 -13922 -13922 -13922 -13922 
-13922 -13922 -13922 -13922 -13922 -13922 -13922 -13922 -13922 -13922 -13922 
-13922 -13922 -13922 -13922 -13922 -13922 -13922 -13922 -13922 -13922 -13922 
-13922 -13922 -13922 -13922 -13922 -13922 -13922 -13922 -13922 -13922 -13922 
-13922 -13922 -13922 -13922 -13922 -13922 -13922 -13922 -13922 -13922 -13922 
-13922 -13922 -13922 -13922 -13922 -13922 -13922 -13922 -13922 -13922 -13922 
-13922 -13922 -13922 -13922 -13922 -13922 -13922 -13922 -13922 -13922 -13922 
-13922 -13922 -13922 -13922 -13922 -13922 -13922 -13922 -13922 -13922 -13922 
-13922 -13922 -13922 -13922 -13922 -13922 -13922 -13922 -13922 -13922 -13922 
-13922 -13922 -13922 -13922 -13922 -13922 -13922 -13922 -13922 -13922 -13922 
-13922 -13922 -13922 -13922 -13922 -13922 -13922 -13922 -13922 -13922 -13922 
-13922 -13922 -13922 -13922 -13922 -13922 -13922 -13922 -13922 -13922 -13922 
-13922 -13922 -13922 -13922 -13922 -13922 -13922 -13922 -13922 -13922 -13922 
-13922 -13922 -13922 -13922 -13922 -13922 -13922 -13922 -13922 -13922 -13922 
-13922 -13922 -13922 -13922 -13922 -13922 -13922 -13922 -13922 -13922 -13922 
-13922 -13922 -13922 -13922 -13922 -13922 -13922 -13922 -13922 -13922 -13922 
-13922
##$RECO_map_max=( 320 )
13922 13922 13922 13922 13922 13922 13922 13922 13922 13922 13922 13922 13922 
13922 13922 13922 13922 13922 13922 13922 13922 13922 13922 13922 13922 13922 
13922 13922 13922 13922 13922 13922 13922 13922 13922 13922 13922 13922 13922 
13922 13922 13922 13922 13922 13922 13922 13922 13922 13922 13922 13922 13922 
13922 13922 13922 13922 13922 13922 13922 13922 13922 13922 13922 13922 13922 
13922 13922 13922 13922 13922 13922 13922 13922 13922 13922 13922 13922 13922 
13922 13922 13922 13922 13922 13922 13922 13922 13922 13922 13922 13922 13922 
13922 13922 13922 13922 13922 13922 13922 13922 13922 13922 13922 13922 13922 
13922 13922 13922 13922 13922 13922 13922 13922 13922 13922 13922 13922 13922 
13922 13922 13922 13922 13922 13922 13922 13922 13922 13922 13922 13922 13922 
13922 13922 13922 13922 13922 13922 13922 13922 13922 13922 13922 13922 13922 
13922 13922 13922 13922 13922 13922 13922 13922 13922 13922 13922 13922 13922 
13922 13922 13922 13922 13922 13922 13922 13922 13922 13922 13922 13922 13922 
13922 13922 13922 13922 13922 13922 13922 13922 13922 13922 13922 13922 13922 
13922 13922 13922 13922 13922 13922 13922 13922 13922 13922 13922 13922 13922 
13922 13922 13922 13922 13922 13922 13922 13922 13922 13922 13922 13922 13922 
13922 13922 13922 13922 13922 13922 13922 13922 13922 13922 13922 13922 13922 
13922 13922 13922 13922 13922 13922 13922 13922 13922 13922 13922 13922 13922 
13922 13922 13922 13922 13922 13922 13922 13922 13922 13922 13922 13922 13922 
13922 13922 13922 13922 13922 13922 13922 13922 13922 13922 13922 13922 13922 
13922 13922 13922 13922 13922 13922 13922 13922 13922 13922 13922 13922 13922 
13922 13922 13922 13922 13922 13922 13922 13922 13922 13922 13922 13922 13922 
13922 13922 13922 13922 13922 13922 13922 13922 13922 13922 13922 13922 13922 
13922 13922 13922 13922 13922 13922 13922 13922 13922 13922 13922 13922 13922 
13922 13922 13922 13922 13922 13922 13922 13922
##$RECO_map_offset=( 320 )
0 0 0 0 0 0 0 0 0 0 0 0 0 0 0 0 0 0 0 0 0 0 0 0 0 0 0 0 0 0 0 0 0 0 0 0 0 0 0 
0 0 0 0 0 0 0 0 0 0 0 0 0 0 0 0 0 0 0 0 0 0 0 0 0 0 0 0 0 0 0 0 0 0 0 0 0 0 0 
0 0 0 0 0 0 0 0 0 0 0 0 0 0 0 0 0 0 0 0 0 0 0 0 0 0 0 0 0 0 0 0 0 0 0 0 0 0 0 
0 0 0 0 0 0 0 0 0 0 0 0 0 0 0 0 0 0 0 0 0 0 0 0 0 0 0 0 0 0 0 0 0 0 0 0 0 0 0 
0 0 0 0 0 0 0 0 0 0 0 0 0 0 0 0 0 0 0 0 0 0 0 0 0 0 0 0 0 0 0 0 0 0 0 0 0 0 0 
0 0 0 0 0 0 0 0 0 0 0 0 0 0 0 0 0 0 0 0 0 0 0 0 0 0 0 0 0 0 0 0 0 0 0 0 0 0 0 
0 0 0 0 0 0 0 0 0 0 0 0 0 0 0 0 0 0 0 0 0 0 0 0 0 0 0 0 0 0 0 0 0 0 0 0 0 0 0 
0 0 0 0 0 0 0 0 0 0 0 0 0 0 0 0 0 0 0 0 0 0 0 0 0 0 0 0 0 0 0 0 0 0 0 0 0 0 0 
0 0 0 0 0 0 0 0
##$RECO_map_slope=( 320 )
2.35361289978027 2.35361289978027 2.35361289978027 2.35361289978027 
2.35361289978027 2.35361289978027 2.35361289978027 2.35361289978027 
2.35361289978027 2.35361289978027 2.35361289978027 2.35361289978027 
2.35361289978027 2.35361289978027 2.35361289978027 2.35361289978027 
2.35361289978027 2.35361289978027 2.35361289978027 2.35361289978027 
2.35361289978027 2.35361289978027 2.35361289978027 2.35361289978027 
2.35361289978027 2.35361289978027 2.35361289978027 2.35361289978027 
2.35361289978027 2.35361289978027 2.35361289978027 2.35361289978027 
2.35361289978027 2.35361289978027 2.35361289978027 2.35361289978027 
2.35361289978027 2.35361289978027 2.35361289978027 2.35361289978027 
2.35361289978027 2.35361289978027 2.35361289978027 2.35361289978027 
2.35361289978027 2.35361289978027 2.35361289978027 2.35361289978027 
2.35361289978027 2.35361289978027 2.35361289978027 2.35361289978027 
2.35361289978027 2.35361289978027 2.35361289978027 2.35361289978027 
2.35361289978027 2.35361289978027 2.35361289978027 2.35361289978027 
2.35361289978027 2.35361289978027 2.35361289978027 2.35361289978027 
2.35361289978027 2.35361289978027 2.35361289978027 2.35361289978027 
2.35361289978027 2.35361289978027 2.35361289978027 2.35361289978027 
2.35361289978027 2.35361289978027 2.35361289978027 2.35361289978027 
2.35361289978027 2.35361289978027 2.35361289978027 2.35361289978027 
2.35361289978027 2.35361289978027 2.35361289978027 2.35361289978027 
2.35361289978027 2.35361289978027 2.35361289978027 2.35361289978027 
2.35361289978027 2.35361289978027 2.35361289978027 2.35361289978027 
2.35361289978027 2.35361289978027 2.35361289978027 2.35361289978027 
2.35361289978027 2.35361289978027 2.35361289978027 2.35361289978027 
2.35361289978027 2.35361289978027 2.35361289978027 2.35361289978027 
2.35361289978027 2.35361289978027 2.35361289978027 2.35361289978027 
2.35361289978027 2.35361289978027 2.35361289978027 2.35361289978027 
2.35361289978027 2.35361289978027 2.35361289978027 2.35361289978027 
2.35361289978027 2.35361289978027 2.35361289978027 2.35361289978027 
2.35361289978027 2.35361289978027 2.35361289978027 2.35361289978027 
2.35361289978027 2.35361289978027 2.35361289978027 2.35361289978027 
2.35361289978027 2.35361289978027 2.35361289978027 2.35361289978027 
2.35361289978027 2.35361289978027 2.35361289978027 2.35361289978027 
2.35361289978027 2.35361289978027 2.35361289978027 2.35361289978027 
2.35361289978027 2.35361289978027 2.35361289978027 2.35361289978027 
2.35361289978027 2.35361289978027 2.35361289978027 2.35361289978027 
2.35361289978027 2.35361289978027 2.35361289978027 2.35361289978027 
2.35361289978027 2.35361289978027 2.35361289978027 2.35361289978027 
2.35361289978027 2.35361289978027 2.35361289978027 2.35361289978027 
2.35361289978027 2.35361289978027 2.35361289978027 2.35361289978027 
2.35361289978027 2.35361289978027 2.35361289978027 2.35361289978027 
2.35361289978027 2.35361289978027 2.35361289978027 2.35361289978027 
2.35361289978027 2.35361289978027 2.35361289978027 2.35361289978027 
2.35361289978027 2.35361289978027 2.35361289978027 2.35361289978027 
2.35361289978027 2.35361289978027 2.35361289978027 2.35361289978027 
2.35361289978027 2.35361289978027 2.35361289978027 2.35361289978027 
2.35361289978027 2.35361289978027 2.35361289978027 2.35361289978027 
2.35361289978027 2.35361289978027 2.35361289978027 2.35361289978027 
2.35361289978027 2.35361289978027 2.35361289978027 2.35361289978027 
2.35361289978027 2.35361289978027 2.35361289978027 2.35361289978027 
2.35361289978027 2.35361289978027 2.35361289978027 2.35361289978027 
2.35361289978027 2.35361289978027 2.35361289978027 2.35361289978027 
2.35361289978027 2.35361289978027 2.35361289978027 2.35361289978027 
2.35361289978027 2.35361289978027 2.35361289978027 2.35361289978027 
2.35361289978027 2.35361289978027 2.35361289978027 2.35361289978027 
2.35361289978027 2.35361289978027 2.35361289978027 2.35361289978027 
2.35361289978027 2.35361289978027 2.35361289978027 2.35361289978027 
2.35361289978027 2.35361289978027 2.35361289978027 2.35361289978027 
2.35361289978027 2.35361289978027 2.35361289978027 2.35361289978027 
2.35361289978027 2.35361289978027 2.35361289978027 2.35361289978027 
2.35361289978027 2.35361289978027 2.35361289978027 2.35361289978027 
2.35361289978027 2.35361289978027 2.35361289978027 2.35361289978027 
2.35361289978027 2.35361289978027 2.35361289978027 2.35361289978027 
2.35361289978027 2.35361289978027 2.35361289978027 2.35361289978027 
2.35361289978027 2.35361289978027 2.35361289978027 2.35361289978027 
2.35361289978027 2.35361289978027 2.35361289978027 2.35361289978027 
2.35361289978027 2.35361289978027 2.35361289978027 2.35361289978027 
2.35361289978027 2.35361289978027 2.35361289978027 2.35361289978027 
2.35361289978027 2.35361289978027 2.35361289978027 2.35361289978027 
2.35361289978027 2.35361289978027 2.35361289978027 2.35361289978027 
2.35361289978027 2.35361289978027 2.35361289978027 2.35361289978027 
2.35361289978027 2.35361289978027 2.35361289978027 2.35361289978027 
2.35361289978027 2.35361289978027 2.35361289978027 2.35361289978027 
2.35361289978027 2.35361289978027 2.35361289978027 2.35361289978027 
2.35361289978027 2.35361289978027 2.35361289978027 2.35361289978027 
2.35361289978027 2.35361289978027 2.35361289978027 2.35361289978027 
2.35361289978027 2.35361289978027 2.35361289978027 2.35361289978027 
2.35361289978027 2.35361289978027 2.35361289978027 2.35361289978027 
2.35361289978027 2.35361289978027 2.35361289978027 2.35361289978027
##$RECO_byte_order=littleEndian
$$ @vis= RECO_maxima RECO_map_min RECO_map_max RECO_map_offset RECO_map_slope
##$RECO_time=( 24 )
<23:58:16 24 Jul 2014>
##$RECO_abs_time=1406260696
##$RECO_base_image_uid=( 65 )
<2.16.756.5.5.100.278412266.14994.1406261310.1971>
$$ @vis= RECO_byte_order RECO_time RECO_abs_time RECO_base_image_uid
##$GS_reco_display=Yes
##$GO_reco_display=Yes
##$GO_reco_each_nr=No
$$ @vis= RecoRegridNGroup GS_reco_display RECO_GS GO_reco_display
##$GO_max_reco_mem=0
$$ @vis= GO_reco_each_nr GO_max_reco_mem RECO_GO RECO
##END=
