##TITLE=Parameter List
##JCAMPDX=4.24
##DATATYPE=Parameter Values
##ORIGIN=Bruker BioSpin MRI GmbH
##OWNER=ryan
$$ Tue Aug 12 16:26:56 2014 EDT (UT-4h)  ryan
$$ /opt/PV5.1/data/ryan/nmr/RMD273.rd1/23/pdata/1/visu_pars
##$VisuVersion=1
##$VisuUid=( 65 )
<2.16.756.5.5.100.278412266.29758.1407875215.400>
##$VisuCreator=( 65 )
<ParaVision>
##$VisuCreatorVersion=( 65 )
<5.1>
##$VisuCreationDate=( 21 )
<16:16:46 12 Aug 2014>
$$ @vis= VisuVersion VisuUid VisuCreator VisuCreatorVersion VisuCreationDate
##$VisuCoreFrameCount=320
##$VisuCoreDim=1
##$VisuCoreSize=( 1 )
32
##$VisuCoreDimDesc=( 1 )
spectroscopic
$$ @vis= VisuInstance VisuCoreFrameCount VisuCoreDim VisuCoreSize
##$VisuCoreExtent=( 1 )
73.2537710877208
##$VisuCoreUnits=( 1, 65 )
<ppm>
##$VisuCoreDataMin=( 320 )
0 0 0 0 0 0 0 0 0 0 0 0 0 0 0 0 0 0 0 0 0 0 0 0 0 0 0 0 0 0 0 0 0 0 0 0 0 0 0 
0 0 0 0 0 0 0 0 0 0 0 0 0 0 0 0 0 0 0 0 0 0 0 0 0 0 0 0 0 0 0 0 0 0 0 0 0 0 0 
0 0 0 0 0 0 0 0 0 0 0 0 0 0 0 0 0 0 0 0 0 0 0 0 0 0 0 0 0 0 0 0 0 0 0 0 0 0 0 
0 0 0 0 0 0 0 0 0 0 0 0 0 0 0 0 0 0 0 0 0 0 0 0 0 0 0 0 0 0 0 0 0 0 0 0 0 0 0 
0 0 0 0 0 0 0 0 0 0 0 0 0 0 0 0 0 0 0 0 0 0 0 0 0 0 0 0 0 0 0 0 0 0 0 0 0 0 0 
0 0 0 0 0 0 0 0 0 0 0 0 0 0 0 0 0 0 0 0 0 0 0 0 0 0 0 0 0 0 0 0 0 0 0 0 0 0 0 
0 0 0 0 0 0 0 0 0 0 0 0 0 0 0 0 0 0 0 0 0 0 0 0 0 0 0 0 0 0 0 0 0 0 0 0 0 0 0 
0 0 0 0 0 0 0 0 0 0 0 0 0 0 0 0 0 0 0 0 0 0 0 0 0 0 0 0 0 0 0 0 0 0 0 0 0 0 0 
0 0 0 0 0 0 0 0
##$VisuCoreDataMax=( 320 )
22 4672 5539 22 23 5836 8133 20 21 5747 7870 17 19 8375 10372 24 20 11658 
11688 22 20 14522 15270 26 42 16682 14566 37 48 32766 27706 58 35 32147 28424 
63 30 16119 15148 33 23 16960 12526 24 20 13477 10246 19 18 11550 7460 16 19 
8426 5009 19 21 9034 5059 26 22 5896 4236 14 16 4682 5524 17 16 5827 8149 22 
25 5767 7872 25 21 8451 10431 20 24 11500 11600 28 32 14555 15261 32 28 16731 
14603 41 44 32209 27191 51 35 31493 27886 52 32 16006 14885 34 25 17045 12614 
22 24 13424 10216 20 24 11557 7402 21 21 8431 5025 24 16 8986 5115 25 19 5922 
4214 15 16 4667 5537 18 24 5889 8199 18 30 5758 7863 18 22 8412 10485 21 21 
11633 11634 40 25 14435 15171 32 28 16706 14590 45 36 32728 27676 56 40 32150 
28341 51 31 16176 15114 32 33 17159 12730 19 26 13492 10249 22 20 11526 7484 
21 18 8413 5069 24 20 9051 5174 20 18 5907 4220 17 21 4704 5539 28 21 5932 
8214 23 22 5757 7855 20 17 8477 10451 24 30 11670 11756 26 22 14462 15214 29 
40 16580 14562 32 42 32525 27555 56 51 31814 28172 55 33 16144 15114 34 30 
17145 12667 19 20 13425 10205 21 20 11561 7412 19 17 8429 5000 21 21 8987 
5072 22 21 5866 4169 13 20 4684 5549 21 23 5959 8202 16 20 5766 7844 20 25 
8442 10474 20 25 11525 11589 35 21 14422 15195 26 43 16744 14603 36 41 32405 
27406 57 40 31909 28236 62 52 16095 15106 35 25 17158 12692 20 22 13506 10258 
17 28 11546 7469 19 30 8399 5002 38 20 8996 5054 19 29 5878 4177 21
$$ @vis= VisuCoreDimDesc VisuCoreExtent VisuCoreUnits VisuCoreDataMin
##$VisuCoreDataOffs=( 320 )
0 0 0 0 0 0 0 0 0 0 0 0 0 0 0 0 0 0 0 0 0 0 0 0 0 0 0 0 0 0 0 0 0 0 0 0 0 0 0 
0 0 0 0 0 0 0 0 0 0 0 0 0 0 0 0 0 0 0 0 0 0 0 0 0 0 0 0 0 0 0 0 0 0 0 0 0 0 0 
0 0 0 0 0 0 0 0 0 0 0 0 0 0 0 0 0 0 0 0 0 0 0 0 0 0 0 0 0 0 0 0 0 0 0 0 0 0 0 
0 0 0 0 0 0 0 0 0 0 0 0 0 0 0 0 0 0 0 0 0 0 0 0 0 0 0 0 0 0 0 0 0 0 0 0 0 0 0 
0 0 0 0 0 0 0 0 0 0 0 0 0 0 0 0 0 0 0 0 0 0 0 0 0 0 0 0 0 0 0 0 0 0 0 0 0 0 0 
0 0 0 0 0 0 0 0 0 0 0 0 0 0 0 0 0 0 0 0 0 0 0 0 0 0 0 0 0 0 0 0 0 0 0 0 0 0 0 
0 0 0 0 0 0 0 0 0 0 0 0 0 0 0 0 0 0 0 0 0 0 0 0 0 0 0 0 0 0 0 0 0 0 0 0 0 0 0 
0 0 0 0 0 0 0 0 0 0 0 0 0 0 0 0 0 0 0 0 0 0 0 0 0 0 0 0 0 0 0 0 0 0 0 0 0 0 0 
0 0 0 0 0 0 0 0
##$VisuCoreDataSlope=( 320 )
3.88283959510399 3.88283959510399 3.88283959510399 3.88283959510399 
3.88283959510399 3.88283959510399 3.88283959510399 3.88283959510399 
3.88283959510399 3.88283959510399 3.88283959510399 3.88283959510399 
3.88283959510399 3.88283959510399 3.88283959510399 3.88283959510399 
3.88283959510399 3.88283959510399 3.88283959510399 3.88283959510399 
3.88283959510399 3.88283959510399 3.88283959510399 3.88283959510399 
3.88283959510399 3.88283959510399 3.88283959510399 3.88283959510399 
3.88283959510399 3.88283959510399 3.88283959510399 3.88283959510399 
3.88283959510399 3.88283959510399 3.88283959510399 3.88283959510399 
3.88283959510399 3.88283959510399 3.88283959510399 3.88283959510399 
3.88283959510399 3.88283959510399 3.88283959510399 3.88283959510399 
3.88283959510399 3.88283959510399 3.88283959510399 3.88283959510399 
3.88283959510399 3.88283959510399 3.88283959510399 3.88283959510399 
3.88283959510399 3.88283959510399 3.88283959510399 3.88283959510399 
3.88283959510399 3.88283959510399 3.88283959510399 3.88283959510399 
3.88283959510399 3.88283959510399 3.88283959510399 3.88283959510399 
3.88283959510399 3.88283959510399 3.88283959510399 3.88283959510399 
3.88283959510399 3.88283959510399 3.88283959510399 3.88283959510399 
3.88283959510399 3.88283959510399 3.88283959510399 3.88283959510399 
3.88283959510399 3.88283959510399 3.88283959510399 3.88283959510399 
3.88283959510399 3.88283959510399 3.88283959510399 3.88283959510399 
3.88283959510399 3.88283959510399 3.88283959510399 3.88283959510399 
3.88283959510399 3.88283959510399 3.88283959510399 3.88283959510399 
3.88283959510399 3.88283959510399 3.88283959510399 3.88283959510399 
3.88283959510399 3.88283959510399 3.88283959510399 3.88283959510399 
3.88283959510399 3.88283959510399 3.88283959510399 3.88283959510399 
3.88283959510399 3.88283959510399 3.88283959510399 3.88283959510399 
3.88283959510399 3.88283959510399 3.88283959510399 3.88283959510399 
3.88283959510399 3.88283959510399 3.88283959510399 3.88283959510399 
3.88283959510399 3.88283959510399 3.88283959510399 3.88283959510399 
3.88283959510399 3.88283959510399 3.88283959510399 3.88283959510399 
3.88283959510399 3.88283959510399 3.88283959510399 3.88283959510399 
3.88283959510399 3.88283959510399 3.88283959510399 3.88283959510399 
3.88283959510399 3.88283959510399 3.88283959510399 3.88283959510399 
3.88283959510399 3.88283959510399 3.88283959510399 3.88283959510399 
3.88283959510399 3.88283959510399 3.88283959510399 3.88283959510399 
3.88283959510399 3.88283959510399 3.88283959510399 3.88283959510399 
3.88283959510399 3.88283959510399 3.88283959510399 3.88283959510399 
3.88283959510399 3.88283959510399 3.88283959510399 3.88283959510399 
3.88283959510399 3.88283959510399 3.88283959510399 3.88283959510399 
3.88283959510399 3.88283959510399 3.88283959510399 3.88283959510399 
3.88283959510399 3.88283959510399 3.88283959510399 3.88283959510399 
3.88283959510399 3.88283959510399 3.88283959510399 3.88283959510399 
3.88283959510399 3.88283959510399 3.88283959510399 3.88283959510399 
3.88283959510399 3.88283959510399 3.88283959510399 3.88283959510399 
3.88283959510399 3.88283959510399 3.88283959510399 3.88283959510399 
3.88283959510399 3.88283959510399 3.88283959510399 3.88283959510399 
3.88283959510399 3.88283959510399 3.88283959510399 3.88283959510399 
3.88283959510399 3.88283959510399 3.88283959510399 3.88283959510399 
3.88283959510399 3.88283959510399 3.88283959510399 3.88283959510399 
3.88283959510399 3.88283959510399 3.88283959510399 3.88283959510399 
3.88283959510399 3.88283959510399 3.88283959510399 3.88283959510399 
3.88283959510399 3.88283959510399 3.88283959510399 3.88283959510399 
3.88283959510399 3.88283959510399 3.88283959510399 3.88283959510399 
3.88283959510399 3.88283959510399 3.88283959510399 3.88283959510399 
3.88283959510399 3.88283959510399 3.88283959510399 3.88283959510399 
3.88283959510399 3.88283959510399 3.88283959510399 3.88283959510399 
3.88283959510399 3.88283959510399 3.88283959510399 3.88283959510399 
3.88283959510399 3.88283959510399 3.88283959510399 3.88283959510399 
3.88283959510399 3.88283959510399 3.88283959510399 3.88283959510399 
3.88283959510399 3.88283959510399 3.88283959510399 3.88283959510399 
3.88283959510399 3.88283959510399 3.88283959510399 3.88283959510399 
3.88283959510399 3.88283959510399 3.88283959510399 3.88283959510399 
3.88283959510399 3.88283959510399 3.88283959510399 3.88283959510399 
3.88283959510399 3.88283959510399 3.88283959510399 3.88283959510399 
3.88283959510399 3.88283959510399 3.88283959510399 3.88283959510399 
3.88283959510399 3.88283959510399 3.88283959510399 3.88283959510399 
3.88283959510399 3.88283959510399 3.88283959510399 3.88283959510399 
3.88283959510399 3.88283959510399 3.88283959510399 3.88283959510399 
3.88283959510399 3.88283959510399 3.88283959510399 3.88283959510399 
3.88283959510399 3.88283959510399 3.88283959510399 3.88283959510399 
3.88283959510399 3.88283959510399 3.88283959510399 3.88283959510399 
3.88283959510399 3.88283959510399 3.88283959510399 3.88283959510399 
3.88283959510399 3.88283959510399 3.88283959510399 3.88283959510399 
3.88283959510399 3.88283959510399 3.88283959510399 3.88283959510399 
3.88283959510399 3.88283959510399 3.88283959510399 3.88283959510399 
3.88283959510399 3.88283959510399 3.88283959510399 3.88283959510399 
3.88283959510399 3.88283959510399 3.88283959510399 3.88283959510399 
3.88283959510399 3.88283959510399 3.88283959510399 3.88283959510399 
3.88283959510399 3.88283959510399 3.88283959510399 3.88283959510399
##$VisuCoreFrameType=MAGNITUDE_IMAGE
$$ @vis= VisuCoreDataMax VisuCoreDataOffs VisuCoreDataSlope VisuCoreFrameType
##$VisuCoreWordType=_16BIT_SGN_INT
##$VisuCoreByteOrder=littleEndian
##$VisuFGOrderDescDim=1
$$ @vis= VisuCore VisuCoreWordType VisuCoreByteOrder VisuPixel
##$VisuFGOrderDesc=( 1 )
(320, <FG_CYCLE>, <>, 0, 0)
##$VisuSubjectName=( 65 )
<RMD273>
##$VisuSubjectId=( 65 )
<RMD273>
$$ @vis= VisuFGOrderDescDim VisuFGOrderDesc VisuFrameOrderDesc VisuSubjectName
##$VisuSubjectBirthDate=( 9 )
<>
##$VisuSubjectSex=FEMALE
##$VisuSubjectComment=( 2048 )
<>
$$ @vis= VisuSubjectId VisuSubjectBirthDate VisuSubjectSex VisuSubjectComment
##$VisuStudyUid=( 65 )
<2.16.756.5.5.100.278412266.15942.1407864221.1296>
##$VisuStudyDate=( 21 )
<14:23:41 12 Aug 2014>
##$VisuStudyId=( 65 )
<RMD273>
##$VisuStudyNumber=1
##$VisuSubjectWeight=5
$$ @vis= VisuSubject VisuStudyUid VisuStudyDate VisuStudyId VisuStudyNumber
##$VisuStudyReferringPhysician=( 65 )
<>
##$VisuStudyDescription=( 65 )
<>
$$ @vis= VisuSubjectWeight VisuStudyReferringPhysician VisuStudyDescription
##$VisuSeriesNumber=1507329
##$VisuSubjectPosition=Head_Supine
##$VisuSeriesTypeId=( 65 )
<ACQ_USER_PVM>
$$ @vis= VisuStudy VisuSeriesNumber VisuSubjectPosition VisuSeriesTypeId
##$VisuAcqSoftwareVersion=( 65 )
<5.1>
##$VisuInstitution=( 65 )
<Duke University Biospec 70/20>
##$VisuStation=( 65 )
<spect>
$$ @vis= VisuSeries VisuAcqSoftwareVersion VisuInstitution VisuStation
##$VisuAcqDate=( 21 )
<16:16:46 12 Aug 2014>
##$VisuAcqEchoTrainLength=1
##$VisuAcqSequenceName=( 40 )
<rMD_HOT (pvm)>
##$VisuAcqNumberOfAverages=4
$$ @vis= VisuEquipment VisuAcqDate VisuAcqEchoTrainLength VisuAcqSequenceName
##$VisuAcqImagingFrequency=300.3394866
##$VisuAcqImagedNucleus=( 8 )
<1H>
##$VisuAcqRepetitionTime=( 1 )
1880
$$ @vis= VisuAcqNumberOfAverages VisuAcqImagingFrequency VisuAcqImagedNucleus
##$VisuAcqFlipAngle=90
##$VisuAcqEchoTime=( 1 )
0
##$VisuAcquisitionProtocol=( 65 )
<RMD_HOT_RBM_RARE_ZQSQ2>
$$ @vis= VisuAcqRepetitionTime VisuAcqFlipAngle VisuAcqEchoTime
##$VisuAcqScanTime=601600
$$ @vis= VisuAcquisitionProtocol VisuAcqScanTime VisuAcquisition Visu
##END=
