##TITLE=Parameter List
##JCAMPDX=4.24
##DATATYPE=Parameter Values
##ORIGIN=Bruker BioSpin MRI GmbH
##OWNER=ryan
$$ Thu Jul 24 22:44:56 2014 EDT (UT-4h)  ryan
$$ /opt/PV5.1/data/ryan/nmr/RMD266.qU1/41/pdata/1/visu_pars
##$VisuVersion=1
##$VisuUid=( 65 )
<2.16.756.5.5.100.278412266.14994.1406256296.1331>
##$VisuCreator=( 65 )
<ParaVision>
##$VisuCreatorVersion=( 65 )
<5.1>
##$VisuCreationDate=( 21 )
<22:34:42 24 Jul 2014>
$$ @vis= VisuVersion VisuUid VisuCreator VisuCreatorVersion VisuCreationDate
##$VisuCoreFrameCount=320
##$VisuCoreDim=1
##$VisuCoreSize=( 1 )
32
##$VisuCoreDimDesc=( 1 )
spectroscopic
$$ @vis= VisuInstance VisuCoreFrameCount VisuCoreDim VisuCoreSize
##$VisuCoreExtent=( 1 )
73.2537575754844
##$VisuCoreUnits=( 1, 65 )
<ppm>
##$VisuCoreDataMin=( 320 )
0 0 0 0 0 0 0 0 0 0 0 0 0 0 0 0 0 0 0 0 0 0 0 0 0 0 0 0 0 0 0 0 0 0 0 0 0 0 0 
0 0 0 0 0 0 0 0 0 0 0 0 0 0 0 0 0 0 0 0 0 0 0 0 0 0 0 0 0 0 0 0 0 0 0 0 0 0 0 
0 0 0 0 0 0 0 0 0 0 0 0 0 0 0 0 0 0 0 0 0 0 0 0 0 0 0 0 0 0 0 0 0 0 0 0 0 0 0 
0 0 0 0 0 0 0 0 0 0 0 0 0 0 0 0 0 0 0 0 0 0 0 0 0 0 0 0 0 0 0 0 0 0 0 0 0 0 0 
0 0 0 0 0 0 0 0 0 0 0 0 0 0 0 0 0 0 0 0 0 0 0 0 0 0 0 0 0 0 0 0 0 0 0 0 0 0 0 
0 0 0 0 0 0 0 0 0 0 0 0 0 0 0 0 0 0 0 0 0 0 0 0 0 0 0 0 0 0 0 0 0 0 0 0 0 0 0 
0 0 0 0 0 0 0 0 0 0 0 0 0 0 0 0 0 0 0 0 0 0 0 0 0 0 0 0 0 0 0 0 0 0 0 0 0 0 0 
0 0 0 0 0 0 0 0 0 0 0 0 0 0 0 0 0 0 0 0 0 0 0 0 0 0 0 0 0 0 0 0 0 0 0 0 0 0 0 
0 0 0 0 0 0 0 0
##$VisuCoreDataMax=( 320 )
37 56 7003 4945 55 38 8491 6871 43 58 10819 8489 36 62 12293 10467 74 45 
13139 10693 63 62 17165 14143 79 102 15705 14127 136 183 32002 28052 166 129 
32625 27103 89 80 15972 12802 61 56 16159 14349 45 52 11893 11374 68 41 12162 
10508 39 38 9775 9251 36 41 7791 7035 43 35 6005 6010 36 38 7043 4913 32 45 
8568 6938 47 50 10849 8514 41 51 12413 10578 49 55 13199 10762 59 69 17084 
14183 69 87 15739 14023 141 165 31809 28043 143 140 32751 27005 101 95 15906 
12904 60 63 16171 14360 44 54 11903 11360 51 41 12097 10548 32 39 9753 9255 
52 33 7811 7090 44 48 5968 6008 39 59 7021 4888 45 50 8459 6849 49 46 10785 
8443 55 52 12279 10437 47 55 13176 10682 50 82 17101 14134 76 96 15692 14084 
151 172 31944 27925 156 135 32738 26978 102 61 15785 12971 63 76 16232 14264 
62 47 11886 11326 62 39 12095 10558 46 70 9718 9219 45 37 7806 7061 57 54 
5947 5967 40 43 6986 4878 44 48 8493 6867 47 52 10749 8414 49 49 12449 10544 
73 66 13177 10768 55 60 17188 14292 61 83 15698 14040 143 168 31857 27965 173 
140 32767 26933 78 72 15843 12906 63 63 16187 14273 51 56 11879 11336 52 45 
12059 10506 46 48 9697 9248 48 40 7791 7055 38 36 5925 6003 45 40 6995 4861 
40 45 8451 6853 43 44 10751 8408 51 52 12283 10389 48 61 13088 10667 54 64 
17089 14123 53 91 15840 13948 121 169 31750 28055 142 152 32575 27165 97 64 
15920 12835 61 70 16203 14231 44 45 11861 11313 50 47 12104 10525 50 67 9738 
9231 39 31 7785 7055 43 36 5923 5971
$$ @vis= VisuCoreDimDesc VisuCoreExtent VisuCoreUnits VisuCoreDataMin
##$VisuCoreDataOffs=( 320 )
0 0 0 0 0 0 0 0 0 0 0 0 0 0 0 0 0 0 0 0 0 0 0 0 0 0 0 0 0 0 0 0 0 0 0 0 0 0 0 
0 0 0 0 0 0 0 0 0 0 0 0 0 0 0 0 0 0 0 0 0 0 0 0 0 0 0 0 0 0 0 0 0 0 0 0 0 0 0 
0 0 0 0 0 0 0 0 0 0 0 0 0 0 0 0 0 0 0 0 0 0 0 0 0 0 0 0 0 0 0 0 0 0 0 0 0 0 0 
0 0 0 0 0 0 0 0 0 0 0 0 0 0 0 0 0 0 0 0 0 0 0 0 0 0 0 0 0 0 0 0 0 0 0 0 0 0 0 
0 0 0 0 0 0 0 0 0 0 0 0 0 0 0 0 0 0 0 0 0 0 0 0 0 0 0 0 0 0 0 0 0 0 0 0 0 0 0 
0 0 0 0 0 0 0 0 0 0 0 0 0 0 0 0 0 0 0 0 0 0 0 0 0 0 0 0 0 0 0 0 0 0 0 0 0 0 0 
0 0 0 0 0 0 0 0 0 0 0 0 0 0 0 0 0 0 0 0 0 0 0 0 0 0 0 0 0 0 0 0 0 0 0 0 0 0 0 
0 0 0 0 0 0 0 0 0 0 0 0 0 0 0 0 0 0 0 0 0 0 0 0 0 0 0 0 0 0 0 0 0 0 0 0 0 0 0 
0 0 0 0 0 0 0 0
##$VisuCoreDataSlope=( 320 )
1.97634820976516 1.97634820976516 1.97634820976516 1.97634820976516 
1.97634820976516 1.97634820976516 1.97634820976516 1.97634820976516 
1.97634820976516 1.97634820976516 1.97634820976516 1.97634820976516 
1.97634820976516 1.97634820976516 1.97634820976516 1.97634820976516 
1.97634820976516 1.97634820976516 1.97634820976516 1.97634820976516 
1.97634820976516 1.97634820976516 1.97634820976516 1.97634820976516 
1.97634820976516 1.97634820976516 1.97634820976516 1.97634820976516 
1.97634820976516 1.97634820976516 1.97634820976516 1.97634820976516 
1.97634820976516 1.97634820976516 1.97634820976516 1.97634820976516 
1.97634820976516 1.97634820976516 1.97634820976516 1.97634820976516 
1.97634820976516 1.97634820976516 1.97634820976516 1.97634820976516 
1.97634820976516 1.97634820976516 1.97634820976516 1.97634820976516 
1.97634820976516 1.97634820976516 1.97634820976516 1.97634820976516 
1.97634820976516 1.97634820976516 1.97634820976516 1.97634820976516 
1.97634820976516 1.97634820976516 1.97634820976516 1.97634820976516 
1.97634820976516 1.97634820976516 1.97634820976516 1.97634820976516 
1.97634820976516 1.97634820976516 1.97634820976516 1.97634820976516 
1.97634820976516 1.97634820976516 1.97634820976516 1.97634820976516 
1.97634820976516 1.97634820976516 1.97634820976516 1.97634820976516 
1.97634820976516 1.97634820976516 1.97634820976516 1.97634820976516 
1.97634820976516 1.97634820976516 1.97634820976516 1.97634820976516 
1.97634820976516 1.97634820976516 1.97634820976516 1.97634820976516 
1.97634820976516 1.97634820976516 1.97634820976516 1.97634820976516 
1.97634820976516 1.97634820976516 1.97634820976516 1.97634820976516 
1.97634820976516 1.97634820976516 1.97634820976516 1.97634820976516 
1.97634820976516 1.97634820976516 1.97634820976516 1.97634820976516 
1.97634820976516 1.97634820976516 1.97634820976516 1.97634820976516 
1.97634820976516 1.97634820976516 1.97634820976516 1.97634820976516 
1.97634820976516 1.97634820976516 1.97634820976516 1.97634820976516 
1.97634820976516 1.97634820976516 1.97634820976516 1.97634820976516 
1.97634820976516 1.97634820976516 1.97634820976516 1.97634820976516 
1.97634820976516 1.97634820976516 1.97634820976516 1.97634820976516 
1.97634820976516 1.97634820976516 1.97634820976516 1.97634820976516 
1.97634820976516 1.97634820976516 1.97634820976516 1.97634820976516 
1.97634820976516 1.97634820976516 1.97634820976516 1.97634820976516 
1.97634820976516 1.97634820976516 1.97634820976516 1.97634820976516 
1.97634820976516 1.97634820976516 1.97634820976516 1.97634820976516 
1.97634820976516 1.97634820976516 1.97634820976516 1.97634820976516 
1.97634820976516 1.97634820976516 1.97634820976516 1.97634820976516 
1.97634820976516 1.97634820976516 1.97634820976516 1.97634820976516 
1.97634820976516 1.97634820976516 1.97634820976516 1.97634820976516 
1.97634820976516 1.97634820976516 1.97634820976516 1.97634820976516 
1.97634820976516 1.97634820976516 1.97634820976516 1.97634820976516 
1.97634820976516 1.97634820976516 1.97634820976516 1.97634820976516 
1.97634820976516 1.97634820976516 1.97634820976516 1.97634820976516 
1.97634820976516 1.97634820976516 1.97634820976516 1.97634820976516 
1.97634820976516 1.97634820976516 1.97634820976516 1.97634820976516 
1.97634820976516 1.97634820976516 1.97634820976516 1.97634820976516 
1.97634820976516 1.97634820976516 1.97634820976516 1.97634820976516 
1.97634820976516 1.97634820976516 1.97634820976516 1.97634820976516 
1.97634820976516 1.97634820976516 1.97634820976516 1.97634820976516 
1.97634820976516 1.97634820976516 1.97634820976516 1.97634820976516 
1.97634820976516 1.97634820976516 1.97634820976516 1.97634820976516 
1.97634820976516 1.97634820976516 1.97634820976516 1.97634820976516 
1.97634820976516 1.97634820976516 1.97634820976516 1.97634820976516 
1.97634820976516 1.97634820976516 1.97634820976516 1.97634820976516 
1.97634820976516 1.97634820976516 1.97634820976516 1.97634820976516 
1.97634820976516 1.97634820976516 1.97634820976516 1.97634820976516 
1.97634820976516 1.97634820976516 1.97634820976516 1.97634820976516 
1.97634820976516 1.97634820976516 1.97634820976516 1.97634820976516 
1.97634820976516 1.97634820976516 1.97634820976516 1.97634820976516 
1.97634820976516 1.97634820976516 1.97634820976516 1.97634820976516 
1.97634820976516 1.97634820976516 1.97634820976516 1.97634820976516 
1.97634820976516 1.97634820976516 1.97634820976516 1.97634820976516 
1.97634820976516 1.97634820976516 1.97634820976516 1.97634820976516 
1.97634820976516 1.97634820976516 1.97634820976516 1.97634820976516 
1.97634820976516 1.97634820976516 1.97634820976516 1.97634820976516 
1.97634820976516 1.97634820976516 1.97634820976516 1.97634820976516 
1.97634820976516 1.97634820976516 1.97634820976516 1.97634820976516 
1.97634820976516 1.97634820976516 1.97634820976516 1.97634820976516 
1.97634820976516 1.97634820976516 1.97634820976516 1.97634820976516 
1.97634820976516 1.97634820976516 1.97634820976516 1.97634820976516 
1.97634820976516 1.97634820976516 1.97634820976516 1.97634820976516 
1.97634820976516 1.97634820976516 1.97634820976516 1.97634820976516 
1.97634820976516 1.97634820976516 1.97634820976516 1.97634820976516 
1.97634820976516 1.97634820976516 1.97634820976516 1.97634820976516 
1.97634820976516 1.97634820976516 1.97634820976516 1.97634820976516 
1.97634820976516 1.97634820976516 1.97634820976516 1.97634820976516 
1.97634820976516 1.97634820976516 1.97634820976516 1.97634820976516 
1.97634820976516 1.97634820976516 1.97634820976516 1.97634820976516
##$VisuCoreFrameType=MAGNITUDE_IMAGE
$$ @vis= VisuCoreDataMax VisuCoreDataOffs VisuCoreDataSlope VisuCoreFrameType
##$VisuCoreWordType=_16BIT_SGN_INT
##$VisuCoreByteOrder=littleEndian
##$VisuFGOrderDescDim=1
$$ @vis= VisuCore VisuCoreWordType VisuCoreByteOrder VisuPixel
##$VisuFGOrderDesc=( 1 )
(320, <FG_CYCLE>, <>, 0, 0)
##$VisuSubjectName=( 65 )
<RMD266>
##$VisuSubjectId=( 65 )
<RMD266>
$$ @vis= VisuFGOrderDescDim VisuFGOrderDesc VisuFrameOrderDesc VisuSubjectName
##$VisuSubjectBirthDate=( 9 )
<>
##$VisuSubjectSex=FEMALE
##$VisuSubjectComment=( 2048 )
<>
$$ @vis= VisuSubjectId VisuSubjectBirthDate VisuSubjectSex VisuSubjectComment
##$VisuStudyUid=( 65 )
<2.16.756.5.5.100.278412266.26954.1406218880.603>
##$VisuStudyDate=( 21 )
<13:21:20 24 Jul 2014>
##$VisuStudyId=( 65 )
<RMD266>
##$VisuStudyNumber=1
##$VisuSubjectWeight=5
$$ @vis= VisuSubject VisuStudyUid VisuStudyDate VisuStudyId VisuStudyNumber
##$VisuStudyReferringPhysician=( 65 )
<>
##$VisuStudyDescription=( 65 )
<>
$$ @vis= VisuSubjectWeight VisuStudyReferringPhysician VisuStudyDescription
##$VisuSeriesNumber=2686977
##$VisuSubjectPosition=Head_Supine
##$VisuSeriesTypeId=( 65 )
<ACQ_USER_PVM>
$$ @vis= VisuStudy VisuSeriesNumber VisuSubjectPosition VisuSeriesTypeId
##$VisuAcqSoftwareVersion=( 65 )
<5.1>
##$VisuInstitution=( 65 )
<Duke University Biospec 70/20>
##$VisuStation=( 65 )
<spect>
$$ @vis= VisuSeries VisuAcqSoftwareVersion VisuInstitution VisuStation
##$VisuAcqDate=( 21 )
<22:34:42 24 Jul 2014>
##$VisuAcqEchoTrainLength=1
##$VisuAcqSequenceName=( 40 )
<rMD_HOT (pvm)>
##$VisuAcqNumberOfAverages=4
$$ @vis= VisuEquipment VisuAcqDate VisuAcqEchoTrainLength VisuAcqSequenceName
##$VisuAcqImagingFrequency=300.339542
##$VisuAcqImagedNucleus=( 8 )
<1H>
##$VisuAcqRepetitionTime=( 1 )
1880
$$ @vis= VisuAcqNumberOfAverages VisuAcqImagingFrequency VisuAcqImagedNucleus
##$VisuAcqFlipAngle=90
##$VisuAcqEchoTime=( 1 )
0
##$VisuAcquisitionProtocol=( 65 )
<RMD_HOT_RBM_RARE_ZQSQ2>
$$ @vis= VisuAcqRepetitionTime VisuAcqFlipAngle VisuAcqEchoTime
##$VisuAcqScanTime=601600
$$ @vis= VisuAcquisitionProtocol VisuAcqScanTime VisuAcquisition Visu
##END=
