##TITLE=Parameter List
##JCAMPDX=4.24
##DATATYPE=Parameter Values
##ORIGIN=Bruker BioSpin MRI GmbH
##OWNER=ryan
$$ Thu Aug 14 18:57:59 2014 EDT (UT-4h)  ryan
$$ /opt/PV5.1/data/ryan/nmr/RMD275.rf1/31/pdata/1/reco
##$RECO_mode=FT_MODE
##$RecoAutoDerive=Yes
##$RECO_inp_order=NO_REORDERING
##$RECO_inp_size=( 1 )
32
##$RECO_ft_size=( 1 )
32
##$RECO_fov=( 1 )
0
##$RECO_size=( 1 )
32
$$ @vis= RECO_mode RecoAutoDerive RECO_inp_order RECO_ft_size RECO_fov
##$RECO_offset=( 1, 4 )
0 0 0 0
##$RECO_regrid_mode=NO_REGRID
##$RECO_regrid_offset=0
##$RECO_ramp_gap=0
##$RECO_ramp_time=0
##$RECO_ne_mode=NO_NAV_DATA
##$RECO_ne_dist=NeNoInterleave
##$RECO_ne_dens=NeCorrPerScan
##$RECO_ne_type=NAV_PHASE
##$RECO_ne_vals=( 1, 2 )
0 0
##$RECO_bc_mode=( 1 )
AUTO_OFFSET_BC
##$RECO_bc_start=( 1 )
24
##$RECO_bc_len=( 1 )
8
$$ @vis= RECO_size RECO_regrid_mode RECO_ne_mode RECO_bc_mode RECO_bc_start
##$RECO_dc_offset=( 2 )
-5 27
##$RECO_dc_divisor=8
##$RECO_bc_coroff=( 1 )
0
##$RECO_qopts=( 1 )
CONJ_AND_QNEG
##$RECO_wdw_mode=( 1 )
NO_WDW
##$RECO_lb=( 1 )
-0.5
##$RECO_sw=( 1 )
22001
##$RECO_gb=( 1 )
0.5
##$RECO_sbs=( 1 )
1
##$RECO_tm1=( 1 )
0.25
##$RECO_tm2=( 1 )
0.75
##$RECO_ft_mode=( 1 )
COMPLEX_FFT
##$RECO_pc_mode=( 1 )
NO_PC
##$RECO_pc_lin=( 1 )
(0, 0)
##$RECO_rotate=( 1, 4 )
0 0 0 0
$$ @vis= RECO_bc_len RECO_qopts RECO_wdw_mode RECO_ft_mode RECO_pc_mode
##$RECO_ppc_mode=NO_PPC
##$RECO_ref_image=0
##$RECO_nr_supports=0.4
##$RECO_sig_threshold=0.15
##$RECO_ppc_degree=1
##$RECO_ppc_coeffs=( 4, 1, 2 )
0 0 0 0 0 0 0 0
##$RECO_dc_elim=Yes
##$RECO_transposition=( 4 )
0 0 0 0
##$RECO_image_type=MAGNITUDE_IMAGE
$$ @vis= RECO_rotate RECO_ppc_mode RECO_dc_elim RECO_transposition
##$RECO_image_threshold=0.15
##$RECO_ir_scale=10
##$RECO_wordtype=_16BIT_SGN_INT
##$RECO_map_mode=ABSOLUTE_MAPPING
##$RECO_map_range=( 2 )
-2147483647 2147483647
##$RECO_map_percentile=( 2 )
1 99
##$RECO_map_error=0.25
##$RECO_globex=( 320 )
0 0 0 0 0 0 0 0 0 0 0 0 0 0 0 0 0 0 0 0 0 0 0 0 0 0 0 0 0 0 0 0 0 0 0 0 0 0 0 
0 0 0 0 0 0 0 0 0 0 0 0 0 0 0 0 0 0 0 0 0 0 0 0 0 0 0 0 0 0 0 0 0 0 0 0 0 0 0 
0 0 0 0 0 0 0 0 0 0 0 0 0 0 0 0 0 0 0 0 0 0 0 0 0 0 0 0 0 0 0 0 0 0 0 0 0 0 0 
0 0 0 0 0 0 0 0 0 0 0 0 0 0 0 0 0 0 0 0 0 0 0 0 0 0 0 0 0 0 0 0 0 0 0 0 0 0 0 
0 0 0 0 0 0 0 0 0 0 0 0 0 0 0 0 0 0 0 0 0 0 0 0 0 0 0 0 0 0 0 0 0 0 0 0 0 0 0 
0 0 0 0 0 0 0 0 0 0 0 0 0 0 0 0 0 0 0 0 0 0 0 0 0 0 0 0 0 0 0 0 0 0 0 0 0 0 0 
0 0 0 0 0 0 0 0 0 0 0 0 0 0 0 0 0 0 0 0 0 0 0 0 0 0 0 0 0 0 0 0 0 0 0 0 0 0 0 
0 0 0 0 0 0 0 0 0 0 0 0 0 0 0 0 0 0 0 0 0 0 0 0 0 0 0 0 0 0 0 0 0 0 0 0 0 0 0 
0 0 0 0 0 0 0 0
##$RECO_minima=( 320 )
0 0 0 0 0 0 0 0 0 0 0 0 0 0 0 0 0 0 0 0 0 0 0 0 0 0 0 0 0 0 0 0 0 0 0 0 0 0 0 
0 0 0 0 0 0 0 0 0 0 0 0 0 0 0 0 0 0 0 0 0 0 0 0 0 0 0 0 0 0 0 0 0 0 0 0 0 0 0 
0 0 0 0 0 0 0 0 0 0 0 0 0 0 0 0 0 0 0 0 0 0 0 0 0 0 0 0 0 0 0 0 0 0 0 0 0 0 0 
0 0 0 0 0 0 0 0 0 0 0 0 0 0 0 0 0 0 0 0 0 0 0 0 0 0 0 0 0 0 0 0 0 0 0 0 0 0 0 
0 0 0 0 0 0 0 0 0 0 0 0 0 0 0 0 0 0 0 0 0 0 0 0 0 0 0 0 0 0 0 0 0 0 0 0 0 0 0 
0 0 0 0 0 0 0 0 0 0 0 0 0 0 0 0 0 0 0 0 0 0 0 0 0 0 0 0 0 0 0 0 0 0 0 0 0 0 0 
0 0 0 0 0 0 0 0 0 0 0 0 0 0 0 0 0 0 0 0 0 0 0 0 0 0 0 0 0 0 0 0 0 0 0 0 0 0 0 
0 0 0 0 0 0 0 0 0 0 0 0 0 0 0 0 0 0 0 0 0 0 0 0 0 0 0 0 0 0 0 0 0 0 0 0 0 0 0 
0 0 0 0 0 0 0 0
##$RECO_maxima=( 320 )
70 9265 5972 54 68 7294 6784 66 83 6326 6269 87 75 12171 9055 95 116 15230 
10635 76 111 16481 9199 124 116 19894 17499 137 243 31897 27393 252 241 32521 
26797 243 131 21282 18007 95 100 11304 13834 115 100 13090 12964 164 63 10820 
11295 70 61 7079 5757 75 80 8690 6779 64 71 7530 8513 65 71 9286 5944 60 62 
7205 6809 79 68 6425 6247 69 88 12286 9145 78 97 15400 10667 94 94 16663 9180 
95 170 19894 17512 170 252 32189 27442 303 260 32641 27063 243 146 21187 
18097 118 116 11196 13767 99 67 13031 12866 102 98 10761 11220 77 70 7062 
5823 74 64 8681 6758 68 51 7579 8529 64 66 9248 5947 57 63 7241 6834 53 70 
6394 6308 96 66 12310 9156 75 98 15438 10789 93 111 16643 9128 100 163 19885 
17501 143 259 32222 27625 279 250 32767 27066 290 124 21170 18098 125 107 
11264 13846 94 98 13073 13032 141 60 10754 11367 82 78 7089 5804 70 62 8672 
6716 73 73 7639 8505 74 77 9278 5931 59 61 7288 6779 65 82 6390 6336 71 89 
12301 9148 82 118 15529 10554 97 102 16552 9133 118 146 19901 17517 159 261 
32023 27474 268 244 32540 26851 294 148 21159 17909 167 124 11308 13867 101 
102 12991 12974 140 64 10706 11289 72 72 7119 5675 70 64 8615 6713 66 57 7584 
8469 50 59 9198 5992 69 74 7128 6805 94 92 6390 6326 66 67 12284 9222 84 141 
15493 10825 93 99 16620 9250 95 134 19966 17431 166 247 32167 27616 283 237 
32697 26840 277 144 21235 18086 118 100 11271 13812 104 97 13052 13093 93 69 
10756 11377 72 72 7156 5766 74 58 8725 6811 64 67 7570 8531 69
$$ @vis= RECO_image_type RECO_wordtype RECO_map_mode RECO_globex RECO_minima
##$RECO_map_min=( 320 )
-33307 -33307 -33307 -33307 -33307 -33307 -33307 -33307 -33307 -33307 -33307 
-33307 -33307 -33307 -33307 -33307 -33307 -33307 -33307 -33307 -33307 -33307 
-33307 -33307 -33307 -33307 -33307 -33307 -33307 -33307 -33307 -33307 -33307 
-33307 -33307 -33307 -33307 -33307 -33307 -33307 -33307 -33307 -33307 -33307 
-33307 -33307 -33307 -33307 -33307 -33307 -33307 -33307 -33307 -33307 -33307 
-33307 -33307 -33307 -33307 -33307 -33307 -33307 -33307 -33307 -33307 -33307 
-33307 -33307 -33307 -33307 -33307 -33307 -33307 -33307 -33307 -33307 -33307 
-33307 -33307 -33307 -33307 -33307 -33307 -33307 -33307 -33307 -33307 -33307 
-33307 -33307 -33307 -33307 -33307 -33307 -33307 -33307 -33307 -33307 -33307 
-33307 -33307 -33307 -33307 -33307 -33307 -33307 -33307 -33307 -33307 -33307 
-33307 -33307 -33307 -33307 -33307 -33307 -33307 -33307 -33307 -33307 -33307 
-33307 -33307 -33307 -33307 -33307 -33307 -33307 -33307 -33307 -33307 -33307 
-33307 -33307 -33307 -33307 -33307 -33307 -33307 -33307 -33307 -33307 -33307 
-33307 -33307 -33307 -33307 -33307 -33307 -33307 -33307 -33307 -33307 -33307 
-33307 -33307 -33307 -33307 -33307 -33307 -33307 -33307 -33307 -33307 -33307 
-33307 -33307 -33307 -33307 -33307 -33307 -33307 -33307 -33307 -33307 -33307 
-33307 -33307 -33307 -33307 -33307 -33307 -33307 -33307 -33307 -33307 -33307 
-33307 -33307 -33307 -33307 -33307 -33307 -33307 -33307 -33307 -33307 -33307 
-33307 -33307 -33307 -33307 -33307 -33307 -33307 -33307 -33307 -33307 -33307 
-33307 -33307 -33307 -33307 -33307 -33307 -33307 -33307 -33307 -33307 -33307 
-33307 -33307 -33307 -33307 -33307 -33307 -33307 -33307 -33307 -33307 -33307 
-33307 -33307 -33307 -33307 -33307 -33307 -33307 -33307 -33307 -33307 -33307 
-33307 -33307 -33307 -33307 -33307 -33307 -33307 -33307 -33307 -33307 -33307 
-33307 -33307 -33307 -33307 -33307 -33307 -33307 -33307 -33307 -33307 -33307 
-33307 -33307 -33307 -33307 -33307 -33307 -33307 -33307 -33307 -33307 -33307 
-33307 -33307 -33307 -33307 -33307 -33307 -33307 -33307 -33307 -33307 -33307 
-33307 -33307 -33307 -33307 -33307 -33307 -33307 -33307 -33307 -33307 -33307 
-33307 -33307 -33307 -33307 -33307 -33307 -33307 -33307 -33307 -33307 -33307 
-33307 -33307 -33307 -33307 -33307 -33307 -33307 -33307 -33307 -33307 -33307 
-33307
##$RECO_map_max=( 320 )
33307 33307 33307 33307 33307 33307 33307 33307 33307 33307 33307 33307 33307 
33307 33307 33307 33307 33307 33307 33307 33307 33307 33307 33307 33307 33307 
33307 33307 33307 33307 33307 33307 33307 33307 33307 33307 33307 33307 33307 
33307 33307 33307 33307 33307 33307 33307 33307 33307 33307 33307 33307 33307 
33307 33307 33307 33307 33307 33307 33307 33307 33307 33307 33307 33307 33307 
33307 33307 33307 33307 33307 33307 33307 33307 33307 33307 33307 33307 33307 
33307 33307 33307 33307 33307 33307 33307 33307 33307 33307 33307 33307 33307 
33307 33307 33307 33307 33307 33307 33307 33307 33307 33307 33307 33307 33307 
33307 33307 33307 33307 33307 33307 33307 33307 33307 33307 33307 33307 33307 
33307 33307 33307 33307 33307 33307 33307 33307 33307 33307 33307 33307 33307 
33307 33307 33307 33307 33307 33307 33307 33307 33307 33307 33307 33307 33307 
33307 33307 33307 33307 33307 33307 33307 33307 33307 33307 33307 33307 33307 
33307 33307 33307 33307 33307 33307 33307 33307 33307 33307 33307 33307 33307 
33307 33307 33307 33307 33307 33307 33307 33307 33307 33307 33307 33307 33307 
33307 33307 33307 33307 33307 33307 33307 33307 33307 33307 33307 33307 33307 
33307 33307 33307 33307 33307 33307 33307 33307 33307 33307 33307 33307 33307 
33307 33307 33307 33307 33307 33307 33307 33307 33307 33307 33307 33307 33307 
33307 33307 33307 33307 33307 33307 33307 33307 33307 33307 33307 33307 33307 
33307 33307 33307 33307 33307 33307 33307 33307 33307 33307 33307 33307 33307 
33307 33307 33307 33307 33307 33307 33307 33307 33307 33307 33307 33307 33307 
33307 33307 33307 33307 33307 33307 33307 33307 33307 33307 33307 33307 33307 
33307 33307 33307 33307 33307 33307 33307 33307 33307 33307 33307 33307 33307 
33307 33307 33307 33307 33307 33307 33307 33307 33307 33307 33307 33307 33307 
33307 33307 33307 33307 33307 33307 33307 33307 33307 33307 33307 33307 33307 
33307 33307 33307 33307 33307 33307 33307 33307
##$RECO_map_offset=( 320 )
0 0 0 0 0 0 0 0 0 0 0 0 0 0 0 0 0 0 0 0 0 0 0 0 0 0 0 0 0 0 0 0 0 0 0 0 0 0 0 
0 0 0 0 0 0 0 0 0 0 0 0 0 0 0 0 0 0 0 0 0 0 0 0 0 0 0 0 0 0 0 0 0 0 0 0 0 0 0 
0 0 0 0 0 0 0 0 0 0 0 0 0 0 0 0 0 0 0 0 0 0 0 0 0 0 0 0 0 0 0 0 0 0 0 0 0 0 0 
0 0 0 0 0 0 0 0 0 0 0 0 0 0 0 0 0 0 0 0 0 0 0 0 0 0 0 0 0 0 0 0 0 0 0 0 0 0 0 
0 0 0 0 0 0 0 0 0 0 0 0 0 0 0 0 0 0 0 0 0 0 0 0 0 0 0 0 0 0 0 0 0 0 0 0 0 0 0 
0 0 0 0 0 0 0 0 0 0 0 0 0 0 0 0 0 0 0 0 0 0 0 0 0 0 0 0 0 0 0 0 0 0 0 0 0 0 0 
0 0 0 0 0 0 0 0 0 0 0 0 0 0 0 0 0 0 0 0 0 0 0 0 0 0 0 0 0 0 0 0 0 0 0 0 0 0 0 
0 0 0 0 0 0 0 0 0 0 0 0 0 0 0 0 0 0 0 0 0 0 0 0 0 0 0 0 0 0 0 0 0 0 0 0 0 0 0 
0 0 0 0 0 0 0 0
##$RECO_map_slope=( 320 )
0.983787178993225 0.983787178993225 0.983787178993225 0.983787178993225 
0.983787178993225 0.983787178993225 0.983787178993225 0.983787178993225 
0.983787178993225 0.983787178993225 0.983787178993225 0.983787178993225 
0.983787178993225 0.983787178993225 0.983787178993225 0.983787178993225 
0.983787178993225 0.983787178993225 0.983787178993225 0.983787178993225 
0.983787178993225 0.983787178993225 0.983787178993225 0.983787178993225 
0.983787178993225 0.983787178993225 0.983787178993225 0.983787178993225 
0.983787178993225 0.983787178993225 0.983787178993225 0.983787178993225 
0.983787178993225 0.983787178993225 0.983787178993225 0.983787178993225 
0.983787178993225 0.983787178993225 0.983787178993225 0.983787178993225 
0.983787178993225 0.983787178993225 0.983787178993225 0.983787178993225 
0.983787178993225 0.983787178993225 0.983787178993225 0.983787178993225 
0.983787178993225 0.983787178993225 0.983787178993225 0.983787178993225 
0.983787178993225 0.983787178993225 0.983787178993225 0.983787178993225 
0.983787178993225 0.983787178993225 0.983787178993225 0.983787178993225 
0.983787178993225 0.983787178993225 0.983787178993225 0.983787178993225 
0.983787178993225 0.983787178993225 0.983787178993225 0.983787178993225 
0.983787178993225 0.983787178993225 0.983787178993225 0.983787178993225 
0.983787178993225 0.983787178993225 0.983787178993225 0.983787178993225 
0.983787178993225 0.983787178993225 0.983787178993225 0.983787178993225 
0.983787178993225 0.983787178993225 0.983787178993225 0.983787178993225 
0.983787178993225 0.983787178993225 0.983787178993225 0.983787178993225 
0.983787178993225 0.983787178993225 0.983787178993225 0.983787178993225 
0.983787178993225 0.983787178993225 0.983787178993225 0.983787178993225 
0.983787178993225 0.983787178993225 0.983787178993225 0.983787178993225 
0.983787178993225 0.983787178993225 0.983787178993225 0.983787178993225 
0.983787178993225 0.983787178993225 0.983787178993225 0.983787178993225 
0.983787178993225 0.983787178993225 0.983787178993225 0.983787178993225 
0.983787178993225 0.983787178993225 0.983787178993225 0.983787178993225 
0.983787178993225 0.983787178993225 0.983787178993225 0.983787178993225 
0.983787178993225 0.983787178993225 0.983787178993225 0.983787178993225 
0.983787178993225 0.983787178993225 0.983787178993225 0.983787178993225 
0.983787178993225 0.983787178993225 0.983787178993225 0.983787178993225 
0.983787178993225 0.983787178993225 0.983787178993225 0.983787178993225 
0.983787178993225 0.983787178993225 0.983787178993225 0.983787178993225 
0.983787178993225 0.983787178993225 0.983787178993225 0.983787178993225 
0.983787178993225 0.983787178993225 0.983787178993225 0.983787178993225 
0.983787178993225 0.983787178993225 0.983787178993225 0.983787178993225 
0.983787178993225 0.983787178993225 0.983787178993225 0.983787178993225 
0.983787178993225 0.983787178993225 0.983787178993225 0.983787178993225 
0.983787178993225 0.983787178993225 0.983787178993225 0.983787178993225 
0.983787178993225 0.983787178993225 0.983787178993225 0.983787178993225 
0.983787178993225 0.983787178993225 0.983787178993225 0.983787178993225 
0.983787178993225 0.983787178993225 0.983787178993225 0.983787178993225 
0.983787178993225 0.983787178993225 0.983787178993225 0.983787178993225 
0.983787178993225 0.983787178993225 0.983787178993225 0.983787178993225 
0.983787178993225 0.983787178993225 0.983787178993225 0.983787178993225 
0.983787178993225 0.983787178993225 0.983787178993225 0.983787178993225 
0.983787178993225 0.983787178993225 0.983787178993225 0.983787178993225 
0.983787178993225 0.983787178993225 0.983787178993225 0.983787178993225 
0.983787178993225 0.983787178993225 0.983787178993225 0.983787178993225 
0.983787178993225 0.983787178993225 0.983787178993225 0.983787178993225 
0.983787178993225 0.983787178993225 0.983787178993225 0.983787178993225 
0.983787178993225 0.983787178993225 0.983787178993225 0.983787178993225 
0.983787178993225 0.983787178993225 0.983787178993225 0.983787178993225 
0.983787178993225 0.983787178993225 0.983787178993225 0.983787178993225 
0.983787178993225 0.983787178993225 0.983787178993225 0.983787178993225 
0.983787178993225 0.983787178993225 0.983787178993225 0.983787178993225 
0.983787178993225 0.983787178993225 0.983787178993225 0.983787178993225 
0.983787178993225 0.983787178993225 0.983787178993225 0.983787178993225 
0.983787178993225 0.983787178993225 0.983787178993225 0.983787178993225 
0.983787178993225 0.983787178993225 0.983787178993225 0.983787178993225 
0.983787178993225 0.983787178993225 0.983787178993225 0.983787178993225 
0.983787178993225 0.983787178993225 0.983787178993225 0.983787178993225 
0.983787178993225 0.983787178993225 0.983787178993225 0.983787178993225 
0.983787178993225 0.983787178993225 0.983787178993225 0.983787178993225 
0.983787178993225 0.983787178993225 0.983787178993225 0.983787178993225 
0.983787178993225 0.983787178993225 0.983787178993225 0.983787178993225 
0.983787178993225 0.983787178993225 0.983787178993225 0.983787178993225 
0.983787178993225 0.983787178993225 0.983787178993225 0.983787178993225 
0.983787178993225 0.983787178993225 0.983787178993225 0.983787178993225 
0.983787178993225 0.983787178993225 0.983787178993225 0.983787178993225 
0.983787178993225 0.983787178993225 0.983787178993225 0.983787178993225 
0.983787178993225 0.983787178993225 0.983787178993225 0.983787178993225 
0.983787178993225 0.983787178993225 0.983787178993225 0.983787178993225 
0.983787178993225 0.983787178993225 0.983787178993225 0.983787178993225 
0.983787178993225 0.983787178993225 0.983787178993225 0.983787178993225 
0.983787178993225 0.983787178993225 0.983787178993225 0.983787178993225 
0.983787178993225 0.983787178993225 0.983787178993225 0.983787178993225 
0.983787178993225 0.983787178993225 0.983787178993225 0.983787178993225
##$RECO_byte_order=littleEndian
$$ @vis= RECO_maxima RECO_map_min RECO_map_max RECO_map_offset RECO_map_slope
##$RECO_time=( 24 )
<18:47:49 14 Aug 2014>
##$RECO_abs_time=1408056469
##$RECO_base_image_uid=( 65 )
<2.16.756.5.5.100.278412266.19582.1408057078.210>
$$ @vis= RECO_byte_order RECO_time RECO_abs_time RECO_base_image_uid
##$GS_reco_display=Yes
##$GO_reco_display=Yes
##$GO_reco_each_nr=No
$$ @vis= RecoRegridNGroup GS_reco_display RECO_GS GO_reco_display
##$GO_max_reco_mem=0
$$ @vis= GO_reco_each_nr GO_max_reco_mem RECO_GO RECO
##END=
