##TITLE=Parameter List
##JCAMPDX=4.24
##DATATYPE=Parameter Values
##ORIGIN=Bruker BioSpin MRI GmbH
##OWNER=ryan
$$ Thu Aug  7 22:44:19 2014 EDT (UT-4h)  ryan
$$ /opt/PV5.1/data/ryan/nmr/RMD272.r81/45/pdata/1/reco
##$RECO_mode=FT_MODE
##$RecoAutoDerive=Yes
##$RECO_inp_order=NO_REORDERING
##$RECO_inp_size=( 1 )
32
##$RECO_ft_size=( 1 )
32
##$RECO_fov=( 1 )
0
##$RECO_size=( 1 )
32
$$ @vis= RECO_mode RecoAutoDerive RECO_inp_order RECO_ft_size RECO_fov
##$RECO_offset=( 1, 4 )
0 0 0 0
##$RECO_regrid_mode=NO_REGRID
##$RECO_regrid_offset=0
##$RECO_ramp_gap=0
##$RECO_ramp_time=0
##$RECO_ne_mode=NO_NAV_DATA
##$RECO_ne_dist=NeNoInterleave
##$RECO_ne_dens=NeCorrPerScan
##$RECO_ne_type=NAV_PHASE
##$RECO_ne_vals=( 1, 2 )
0 0
##$RECO_bc_mode=( 1 )
AUTO_OFFSET_BC
##$RECO_bc_start=( 1 )
24
##$RECO_bc_len=( 1 )
8
$$ @vis= RECO_size RECO_regrid_mode RECO_ne_mode RECO_bc_mode RECO_bc_start
##$RECO_dc_offset=( 2 )
12 -13
##$RECO_dc_divisor=8
##$RECO_bc_coroff=( 1 )
0
##$RECO_qopts=( 1 )
CONJ_AND_QNEG
##$RECO_wdw_mode=( 1 )
NO_WDW
##$RECO_lb=( 1 )
-0.5
##$RECO_sw=( 1 )
22001
##$RECO_gb=( 1 )
0.5
##$RECO_sbs=( 1 )
1
##$RECO_tm1=( 1 )
0.25
##$RECO_tm2=( 1 )
0.75
##$RECO_ft_mode=( 1 )
COMPLEX_FFT
##$RECO_pc_mode=( 1 )
NO_PC
##$RECO_pc_lin=( 1 )
(0, 0)
##$RECO_rotate=( 1, 4 )
0 0 0 0
$$ @vis= RECO_bc_len RECO_qopts RECO_wdw_mode RECO_ft_mode RECO_pc_mode
##$RECO_ppc_mode=NO_PPC
##$RECO_ref_image=0
##$RECO_nr_supports=0.4
##$RECO_sig_threshold=0.15
##$RECO_ppc_degree=1
##$RECO_ppc_coeffs=( 4, 1, 2 )
0 0 0 0 0 0 0 0
##$RECO_dc_elim=Yes
##$RECO_transposition=( 4 )
0 0 0 0
##$RECO_image_type=MAGNITUDE_IMAGE
$$ @vis= RECO_rotate RECO_ppc_mode RECO_dc_elim RECO_transposition
##$RECO_image_threshold=0.15
##$RECO_ir_scale=10
##$RECO_wordtype=_16BIT_SGN_INT
##$RECO_map_mode=ABSOLUTE_MAPPING
##$RECO_map_range=( 2 )
-2147483647 2147483647
##$RECO_map_percentile=( 2 )
1 99
##$RECO_map_error=0.25
##$RECO_globex=( 320 )
0 0 0 0 0 0 0 0 0 0 0 0 0 0 0 0 0 0 0 0 0 0 0 0 0 0 0 0 0 0 0 0 0 0 0 0 0 0 0 
0 0 0 0 0 0 0 0 0 0 0 0 0 0 0 0 0 0 0 0 0 0 0 0 0 0 0 0 0 0 0 0 0 0 0 0 0 0 0 
0 0 0 0 0 0 0 0 0 0 0 0 0 0 0 0 0 0 0 0 0 0 0 0 0 0 0 0 0 0 0 0 0 0 0 0 0 0 0 
0 0 0 0 0 0 0 0 0 0 0 0 0 0 0 0 0 0 0 0 0 0 0 0 0 0 0 0 0 0 0 0 0 0 0 0 0 0 0 
0 0 0 0 0 0 0 0 0 0 0 0 0 0 0 0 0 0 0 0 0 0 0 0 0 0 0 0 0 0 0 0 0 0 0 0 0 0 0 
0 0 0 0 0 0 0 0 0 0 0 0 0 0 0 0 0 0 0 0 0 0 0 0 0 0 0 0 0 0 0 0 0 0 0 0 0 0 0 
0 0 0 0 0 0 0 0 0 0 0 0 0 0 0 0 0 0 0 0 0 0 0 0 0 0 0 0 0 0 0 0 0 0 0 0 0 0 0 
0 0 0 0 0 0 0 0 0 0 0 0 0 0 0 0 0 0 0 0 0 0 0 0 0 0 0 0 0 0 0 0 0 0 0 0 0 0 0 
0 0 0 0 0 0 0 0
##$RECO_minima=( 320 )
0 0 0 0 0 0 0 0 0 0 0 0 0 0 0 0 0 0 0 0 0 0 0 0 0 0 0 0 0 0 0 0 0 0 0 0 0 0 0 
0 0 0 0 0 0 0 0 0 0 0 0 0 0 0 0 0 0 0 0 0 0 0 0 0 0 0 0 0 0 0 0 0 0 0 0 0 0 0 
0 0 0 0 0 0 0 0 0 0 0 0 0 0 0 0 0 0 0 0 0 0 0 0 0 0 0 0 0 0 0 0 0 0 0 0 0 0 0 
0 0 0 0 0 0 0 0 0 0 0 0 0 0 0 0 0 0 0 0 0 0 0 0 0 0 0 0 0 0 0 0 0 0 0 0 0 0 0 
0 0 0 0 0 0 0 0 0 0 0 0 0 0 0 0 0 0 0 0 0 0 0 0 0 0 0 0 0 0 0 0 0 0 0 0 0 0 0 
0 0 0 0 0 0 0 0 0 0 0 0 0 0 0 0 0 0 0 0 0 0 0 0 0 0 0 0 0 0 0 0 0 0 0 0 0 0 0 
0 0 0 0 0 0 0 0 0 0 0 0 0 0 0 0 0 0 0 0 0 0 0 0 0 0 0 0 0 0 0 0 0 0 0 0 0 0 0 
0 0 0 0 0 0 0 0 0 0 0 0 0 0 0 0 0 0 0 0 0 0 0 0 0 0 0 0 0 0 0 0 0 0 0 0 0 0 0 
0 0 0 0 0 0 0 0
##$RECO_maxima=( 320 )
859 10845 17547 753 772 12090 16977 772 1023 11955 17885 791 878 12834 21545 
666 704 12274 20801 550 637 16726 19092 647 936 15335 17151 830 975 17614 
22694 1014 647 31907 15045 598 685 21149 18648 695 695 22308 19179 1091 676 
23525 12824 849 782 22443 14592 579 704 19430 14427 589 743 18445 11260 878 
869 17267 11685 579 820 11298 17865 656 666 12052 17141 956 743 12052 18001 
685 714 13017 21622 695 830 11994 21004 733 560 16059 18860 869 733 14678 
16900 878 994 17527 23061 1091 695 32554 15702 859 695 21477 18686 724 791 
21921 18648 830 907 22984 12892 637 714 22144 14727 714 569 19768 13790 560 
743 18397 11318 859 772 17189 10980 743 618 10516 17643 647 647 12129 16465 
676 869 11936 17218 878 1014 13104 21323 598 666 12255 20502 782 1139 15702 
18966 589 724 14099 17354 917 840 17556 23573 724 656 31801 15065 579 637 
21284 19246 898 849 22375 18561 849 676 23380 13153 704 869 22453 14630 1081 
762 19468 14196 753 724 18088 11723 743 647 17054 10883 753 1071 11627 18329 
801 733 11897 16745 782 676 11830 17798 917 772 12853 21835 849 811 12119 
20772 695 647 15702 18628 598 579 14939 17035 801 695 17498 23679 647 714 
32766 15277 733 666 21197 17392 676 1004 21748 18908 704 743 22501 12679 724 
1023 22153 14254 579 849 19604 14254 907 927 18020 11144 772 666 17431 11347 
724 820 10980 18329 753 685 11859 17112 772 801 11714 17807 762 685 12708 
20956 840 685 12409 20772 936 666 15799 18368 994 724 14437 17711 685 666 
17672 22887 917 965 32467 15103 627 569 21574 17585 695 849 22482 18725 782 
733 23177 12593 569 888 21931 14205 917 598 19488 14524 676 666 18203 11482 
676 762 16851 11028 782
$$ @vis= RECO_image_type RECO_wordtype RECO_map_mode RECO_globex RECO_minima
##$RECO_map_min=( 320 )
-3393 -3393 -3393 -3393 -3393 -3393 -3393 -3393 -3393 -3393 -3393 -3393 -3393 
-3393 -3393 -3393 -3393 -3393 -3393 -3393 -3393 -3393 -3393 -3393 -3393 -3393 
-3393 -3393 -3393 -3393 -3393 -3393 -3393 -3393 -3393 -3393 -3393 -3393 -3393 
-3393 -3393 -3393 -3393 -3393 -3393 -3393 -3393 -3393 -3393 -3393 -3393 -3393 
-3393 -3393 -3393 -3393 -3393 -3393 -3393 -3393 -3393 -3393 -3393 -3393 -3393 
-3393 -3393 -3393 -3393 -3393 -3393 -3393 -3393 -3393 -3393 -3393 -3393 -3393 
-3393 -3393 -3393 -3393 -3393 -3393 -3393 -3393 -3393 -3393 -3393 -3393 -3393 
-3393 -3393 -3393 -3393 -3393 -3393 -3393 -3393 -3393 -3393 -3393 -3393 -3393 
-3393 -3393 -3393 -3393 -3393 -3393 -3393 -3393 -3393 -3393 -3393 -3393 -3393 
-3393 -3393 -3393 -3393 -3393 -3393 -3393 -3393 -3393 -3393 -3393 -3393 -3393 
-3393 -3393 -3393 -3393 -3393 -3393 -3393 -3393 -3393 -3393 -3393 -3393 -3393 
-3393 -3393 -3393 -3393 -3393 -3393 -3393 -3393 -3393 -3393 -3393 -3393 -3393 
-3393 -3393 -3393 -3393 -3393 -3393 -3393 -3393 -3393 -3393 -3393 -3393 -3393 
-3393 -3393 -3393 -3393 -3393 -3393 -3393 -3393 -3393 -3393 -3393 -3393 -3393 
-3393 -3393 -3393 -3393 -3393 -3393 -3393 -3393 -3393 -3393 -3393 -3393 -3393 
-3393 -3393 -3393 -3393 -3393 -3393 -3393 -3393 -3393 -3393 -3393 -3393 -3393 
-3393 -3393 -3393 -3393 -3393 -3393 -3393 -3393 -3393 -3393 -3393 -3393 -3393 
-3393 -3393 -3393 -3393 -3393 -3393 -3393 -3393 -3393 -3393 -3393 -3393 -3393 
-3393 -3393 -3393 -3393 -3393 -3393 -3393 -3393 -3393 -3393 -3393 -3393 -3393 
-3393 -3393 -3393 -3393 -3393 -3393 -3393 -3393 -3393 -3393 -3393 -3393 -3393 
-3393 -3393 -3393 -3393 -3393 -3393 -3393 -3393 -3393 -3393 -3393 -3393 -3393 
-3393 -3393 -3393 -3393 -3393 -3393 -3393 -3393 -3393 -3393 -3393 -3393 -3393 
-3393 -3393 -3393 -3393 -3393 -3393 -3393 -3393 -3393 -3393 -3393 -3393 -3393 
-3393 -3393 -3393 -3393 -3393 -3393 -3393 -3393 -3393 -3393 -3393 -3393 -3393 
-3393 -3393 -3393 -3393 -3393 -3393 -3393 -3393
##$RECO_map_max=( 320 )
3393 3393 3393 3393 3393 3393 3393 3393 3393 3393 3393 3393 3393 3393 3393 
3393 3393 3393 3393 3393 3393 3393 3393 3393 3393 3393 3393 3393 3393 3393 
3393 3393 3393 3393 3393 3393 3393 3393 3393 3393 3393 3393 3393 3393 3393 
3393 3393 3393 3393 3393 3393 3393 3393 3393 3393 3393 3393 3393 3393 3393 
3393 3393 3393 3393 3393 3393 3393 3393 3393 3393 3393 3393 3393 3393 3393 
3393 3393 3393 3393 3393 3393 3393 3393 3393 3393 3393 3393 3393 3393 3393 
3393 3393 3393 3393 3393 3393 3393 3393 3393 3393 3393 3393 3393 3393 3393 
3393 3393 3393 3393 3393 3393 3393 3393 3393 3393 3393 3393 3393 3393 3393 
3393 3393 3393 3393 3393 3393 3393 3393 3393 3393 3393 3393 3393 3393 3393 
3393 3393 3393 3393 3393 3393 3393 3393 3393 3393 3393 3393 3393 3393 3393 
3393 3393 3393 3393 3393 3393 3393 3393 3393 3393 3393 3393 3393 3393 3393 
3393 3393 3393 3393 3393 3393 3393 3393 3393 3393 3393 3393 3393 3393 3393 
3393 3393 3393 3393 3393 3393 3393 3393 3393 3393 3393 3393 3393 3393 3393 
3393 3393 3393 3393 3393 3393 3393 3393 3393 3393 3393 3393 3393 3393 3393 
3393 3393 3393 3393 3393 3393 3393 3393 3393 3393 3393 3393 3393 3393 3393 
3393 3393 3393 3393 3393 3393 3393 3393 3393 3393 3393 3393 3393 3393 3393 
3393 3393 3393 3393 3393 3393 3393 3393 3393 3393 3393 3393 3393 3393 3393 
3393 3393 3393 3393 3393 3393 3393 3393 3393 3393 3393 3393 3393 3393 3393 
3393 3393 3393 3393 3393 3393 3393 3393 3393 3393 3393 3393 3393 3393 3393 
3393 3393 3393 3393 3393 3393 3393 3393 3393 3393 3393 3393 3393 3393 3393 
3393 3393 3393 3393 3393 3393 3393 3393 3393 3393 3393 3393 3393 3393 3393 
3393 3393 3393 3393 3393
##$RECO_map_offset=( 320 )
0 0 0 0 0 0 0 0 0 0 0 0 0 0 0 0 0 0 0 0 0 0 0 0 0 0 0 0 0 0 0 0 0 0 0 0 0 0 0 
0 0 0 0 0 0 0 0 0 0 0 0 0 0 0 0 0 0 0 0 0 0 0 0 0 0 0 0 0 0 0 0 0 0 0 0 0 0 0 
0 0 0 0 0 0 0 0 0 0 0 0 0 0 0 0 0 0 0 0 0 0 0 0 0 0 0 0 0 0 0 0 0 0 0 0 0 0 0 
0 0 0 0 0 0 0 0 0 0 0 0 0 0 0 0 0 0 0 0 0 0 0 0 0 0 0 0 0 0 0 0 0 0 0 0 0 0 0 
0 0 0 0 0 0 0 0 0 0 0 0 0 0 0 0 0 0 0 0 0 0 0 0 0 0 0 0 0 0 0 0 0 0 0 0 0 0 0 
0 0 0 0 0 0 0 0 0 0 0 0 0 0 0 0 0 0 0 0 0 0 0 0 0 0 0 0 0 0 0 0 0 0 0 0 0 0 0 
0 0 0 0 0 0 0 0 0 0 0 0 0 0 0 0 0 0 0 0 0 0 0 0 0 0 0 0 0 0 0 0 0 0 0 0 0 0 0 
0 0 0 0 0 0 0 0 0 0 0 0 0 0 0 0 0 0 0 0 0 0 0 0 0 0 0 0 0 0 0 0 0 0 0 0 0 0 0 
0 0 0 0 0 0 0 0
##$RECO_map_slope=( 320 )
9.65723514556885 9.65723514556885 9.65723514556885 9.65723514556885 
9.65723514556885 9.65723514556885 9.65723514556885 9.65723514556885 
9.65723514556885 9.65723514556885 9.65723514556885 9.65723514556885 
9.65723514556885 9.65723514556885 9.65723514556885 9.65723514556885 
9.65723514556885 9.65723514556885 9.65723514556885 9.65723514556885 
9.65723514556885 9.65723514556885 9.65723514556885 9.65723514556885 
9.65723514556885 9.65723514556885 9.65723514556885 9.65723514556885 
9.65723514556885 9.65723514556885 9.65723514556885 9.65723514556885 
9.65723514556885 9.65723514556885 9.65723514556885 9.65723514556885 
9.65723514556885 9.65723514556885 9.65723514556885 9.65723514556885 
9.65723514556885 9.65723514556885 9.65723514556885 9.65723514556885 
9.65723514556885 9.65723514556885 9.65723514556885 9.65723514556885 
9.65723514556885 9.65723514556885 9.65723514556885 9.65723514556885 
9.65723514556885 9.65723514556885 9.65723514556885 9.65723514556885 
9.65723514556885 9.65723514556885 9.65723514556885 9.65723514556885 
9.65723514556885 9.65723514556885 9.65723514556885 9.65723514556885 
9.65723514556885 9.65723514556885 9.65723514556885 9.65723514556885 
9.65723514556885 9.65723514556885 9.65723514556885 9.65723514556885 
9.65723514556885 9.65723514556885 9.65723514556885 9.65723514556885 
9.65723514556885 9.65723514556885 9.65723514556885 9.65723514556885 
9.65723514556885 9.65723514556885 9.65723514556885 9.65723514556885 
9.65723514556885 9.65723514556885 9.65723514556885 9.65723514556885 
9.65723514556885 9.65723514556885 9.65723514556885 9.65723514556885 
9.65723514556885 9.65723514556885 9.65723514556885 9.65723514556885 
9.65723514556885 9.65723514556885 9.65723514556885 9.65723514556885 
9.65723514556885 9.65723514556885 9.65723514556885 9.65723514556885 
9.65723514556885 9.65723514556885 9.65723514556885 9.65723514556885 
9.65723514556885 9.65723514556885 9.65723514556885 9.65723514556885 
9.65723514556885 9.65723514556885 9.65723514556885 9.65723514556885 
9.65723514556885 9.65723514556885 9.65723514556885 9.65723514556885 
9.65723514556885 9.65723514556885 9.65723514556885 9.65723514556885 
9.65723514556885 9.65723514556885 9.65723514556885 9.65723514556885 
9.65723514556885 9.65723514556885 9.65723514556885 9.65723514556885 
9.65723514556885 9.65723514556885 9.65723514556885 9.65723514556885 
9.65723514556885 9.65723514556885 9.65723514556885 9.65723514556885 
9.65723514556885 9.65723514556885 9.65723514556885 9.65723514556885 
9.65723514556885 9.65723514556885 9.65723514556885 9.65723514556885 
9.65723514556885 9.65723514556885 9.65723514556885 9.65723514556885 
9.65723514556885 9.65723514556885 9.65723514556885 9.65723514556885 
9.65723514556885 9.65723514556885 9.65723514556885 9.65723514556885 
9.65723514556885 9.65723514556885 9.65723514556885 9.65723514556885 
9.65723514556885 9.65723514556885 9.65723514556885 9.65723514556885 
9.65723514556885 9.65723514556885 9.65723514556885 9.65723514556885 
9.65723514556885 9.65723514556885 9.65723514556885 9.65723514556885 
9.65723514556885 9.65723514556885 9.65723514556885 9.65723514556885 
9.65723514556885 9.65723514556885 9.65723514556885 9.65723514556885 
9.65723514556885 9.65723514556885 9.65723514556885 9.65723514556885 
9.65723514556885 9.65723514556885 9.65723514556885 9.65723514556885 
9.65723514556885 9.65723514556885 9.65723514556885 9.65723514556885 
9.65723514556885 9.65723514556885 9.65723514556885 9.65723514556885 
9.65723514556885 9.65723514556885 9.65723514556885 9.65723514556885 
9.65723514556885 9.65723514556885 9.65723514556885 9.65723514556885 
9.65723514556885 9.65723514556885 9.65723514556885 9.65723514556885 
9.65723514556885 9.65723514556885 9.65723514556885 9.65723514556885 
9.65723514556885 9.65723514556885 9.65723514556885 9.65723514556885 
9.65723514556885 9.65723514556885 9.65723514556885 9.65723514556885 
9.65723514556885 9.65723514556885 9.65723514556885 9.65723514556885 
9.65723514556885 9.65723514556885 9.65723514556885 9.65723514556885 
9.65723514556885 9.65723514556885 9.65723514556885 9.65723514556885 
9.65723514556885 9.65723514556885 9.65723514556885 9.65723514556885 
9.65723514556885 9.65723514556885 9.65723514556885 9.65723514556885 
9.65723514556885 9.65723514556885 9.65723514556885 9.65723514556885 
9.65723514556885 9.65723514556885 9.65723514556885 9.65723514556885 
9.65723514556885 9.65723514556885 9.65723514556885 9.65723514556885 
9.65723514556885 9.65723514556885 9.65723514556885 9.65723514556885 
9.65723514556885 9.65723514556885 9.65723514556885 9.65723514556885 
9.65723514556885 9.65723514556885 9.65723514556885 9.65723514556885 
9.65723514556885 9.65723514556885 9.65723514556885 9.65723514556885 
9.65723514556885 9.65723514556885 9.65723514556885 9.65723514556885 
9.65723514556885 9.65723514556885 9.65723514556885 9.65723514556885 
9.65723514556885 9.65723514556885 9.65723514556885 9.65723514556885 
9.65723514556885 9.65723514556885 9.65723514556885 9.65723514556885 
9.65723514556885 9.65723514556885 9.65723514556885 9.65723514556885 
9.65723514556885 9.65723514556885 9.65723514556885 9.65723514556885 
9.65723514556885 9.65723514556885 9.65723514556885 9.65723514556885 
9.65723514556885 9.65723514556885 9.65723514556885 9.65723514556885 
9.65723514556885 9.65723514556885 9.65723514556885 9.65723514556885 
9.65723514556885 9.65723514556885 9.65723514556885 9.65723514556885 
9.65723514556885 9.65723514556885 9.65723514556885 9.65723514556885 
9.65723514556885 9.65723514556885 9.65723514556885 9.65723514556885
##$RECO_byte_order=littleEndian
$$ @vis= RECO_maxima RECO_map_min RECO_map_max RECO_map_offset RECO_map_slope
##$RECO_time=( 24 )
<22:34:09  7 Aug 2014>
##$RECO_abs_time=1407465249
##$RECO_base_image_uid=( 65 )
<2.16.756.5.5.100.278412266.32363.1407465859.640>
$$ @vis= RECO_byte_order RECO_time RECO_abs_time RECO_base_image_uid
##$GS_reco_display=Yes
##$GO_reco_display=Yes
##$GO_reco_each_nr=No
$$ @vis= RecoRegridNGroup GS_reco_display RECO_GS GO_reco_display
##$GO_max_reco_mem=0
$$ @vis= GO_reco_each_nr GO_max_reco_mem RECO_GO RECO
##END=
