##TITLE=Parameter List
##JCAMPDX=4.24
##DATATYPE=Parameter Values
##ORIGIN=Bruker BioSpin MRI GmbH
##OWNER=ryan
$$ Tue Aug 12 17:08:27 2014 EDT (UT-4h)  ryan
$$ /opt/PV5.1/data/ryan/nmr/RMD273.rd1/27/pdata/1/visu_pars
##$VisuVersion=1
##$VisuUid=( 65 )
<2.16.756.5.5.100.278412266.29758.1407877707.720>
##$VisuCreator=( 65 )
<ParaVision>
##$VisuCreatorVersion=( 65 )
<5.1>
##$VisuCreationDate=( 21 )
<16:58:17 12 Aug 2014>
$$ @vis= VisuVersion VisuUid VisuCreator VisuCreatorVersion VisuCreationDate
##$VisuCoreFrameCount=320
##$VisuCoreDim=1
##$VisuCoreSize=( 1 )
32
##$VisuCoreDimDesc=( 1 )
spectroscopic
$$ @vis= VisuInstance VisuCoreFrameCount VisuCoreDim VisuCoreSize
##$VisuCoreExtent=( 1 )
73.2537710877208
##$VisuCoreUnits=( 1, 65 )
<ppm>
##$VisuCoreDataMin=( 320 )
0 0 0 0 0 0 0 0 0 0 0 0 0 0 0 0 0 0 0 0 0 0 0 0 0 0 0 0 0 0 0 0 0 0 0 0 0 0 0 
0 0 0 0 0 0 0 0 0 0 0 0 0 0 0 0 0 0 0 0 0 0 0 0 0 0 0 0 0 0 0 0 0 0 0 0 0 0 0 
0 0 0 0 0 0 0 0 0 0 0 0 0 0 0 0 0 0 0 0 0 0 0 0 0 0 0 0 0 0 0 0 0 0 0 0 0 0 0 
0 0 0 0 0 0 0 0 0 0 0 0 0 0 0 0 0 0 0 0 0 0 0 0 0 0 0 0 0 0 0 0 0 0 0 0 0 0 0 
0 0 0 0 0 0 0 0 0 0 0 0 0 0 0 0 0 0 0 0 0 0 0 0 0 0 0 0 0 0 0 0 0 0 0 0 0 0 0 
0 0 0 0 0 0 0 0 0 0 0 0 0 0 0 0 0 0 0 0 0 0 0 0 0 0 0 0 0 0 0 0 0 0 0 0 0 0 0 
0 0 0 0 0 0 0 0 0 0 0 0 0 0 0 0 0 0 0 0 0 0 0 0 0 0 0 0 0 0 0 0 0 0 0 0 0 0 0 
0 0 0 0 0 0 0 0 0 0 0 0 0 0 0 0 0 0 0 0 0 0 0 0 0 0 0 0 0 0 0 0 0 0 0 0 0 0 0 
0 0 0 0 0 0 0 0
##$VisuCoreDataMax=( 320 )
41 5420 7063 45 61 6612 10225 59 57 6685 10062 67 39 9645 12628 48 71 13390 
13631 80 97 16561 18098 90 102 19826 17092 138 175 31724 27113 151 171 32590 
28995 165 112 19025 17741 94 71 20354 15009 75 71 16501 12276 67 52 13793 
8880 41 53 10734 6195 41 54 11106 6072 49 42 7383 5036 65 45 5397 7016 46 45 
6590 10153 43 43 6642 10113 44 59 9577 12588 71 61 13354 13643 65 48 16220 
17812 83 98 19503 17007 130 155 31872 27377 160 176 32767 28989 176 105 19203 
18109 87 83 20363 15105 68 71 16387 12115 67 54 13818 8975 43 54 10809 6142 
59 76 11166 5975 65 67 7405 5058 51 61 5395 7001 57 33 6570 10089 69 50 6527 
10008 75 55 9568 12535 66 76 13475 13641 58 62 16532 18018 78 92 19788 17154 
134 157 31675 26971 169 172 32440 28908 178 84 19166 17948 101 88 20075 14883 
63 88 16395 12145 64 64 13831 8967 47 69 10709 6154 50 46 11193 6075 52 59 
7345 5015 50 45 5405 7065 49 54 6602 10214 60 48 6744 10171 78 58 9619 12593 
58 73 13363 13630 72 91 16558 18110 76 97 19927 17222 114 163 31914 27290 163 
193 32756 29065 193 111 19243 18022 84 71 20368 15082 67 65 16541 12227 59 69 
13834 8963 41 63 10712 6131 64 54 11183 6039 52 47 7421 5038 47 54 5401 7020 
42 45 6673 10204 65 62 6717 10042 70 59 9384 12299 64 74 13511 13720 89 67 
16054 17568 82 91 19571 16979 120 152 30942 26785 150 179 32477 28584 157 122 
19056 17770 89 81 20398 15025 61 78 16511 12226 67 54 13838 8999 50 72 10747 
6181 45 74 11162 6075 49 44 7360 5006 54
$$ @vis= VisuCoreDimDesc VisuCoreExtent VisuCoreUnits VisuCoreDataMin
##$VisuCoreDataOffs=( 320 )
0 0 0 0 0 0 0 0 0 0 0 0 0 0 0 0 0 0 0 0 0 0 0 0 0 0 0 0 0 0 0 0 0 0 0 0 0 0 0 
0 0 0 0 0 0 0 0 0 0 0 0 0 0 0 0 0 0 0 0 0 0 0 0 0 0 0 0 0 0 0 0 0 0 0 0 0 0 0 
0 0 0 0 0 0 0 0 0 0 0 0 0 0 0 0 0 0 0 0 0 0 0 0 0 0 0 0 0 0 0 0 0 0 0 0 0 0 0 
0 0 0 0 0 0 0 0 0 0 0 0 0 0 0 0 0 0 0 0 0 0 0 0 0 0 0 0 0 0 0 0 0 0 0 0 0 0 0 
0 0 0 0 0 0 0 0 0 0 0 0 0 0 0 0 0 0 0 0 0 0 0 0 0 0 0 0 0 0 0 0 0 0 0 0 0 0 0 
0 0 0 0 0 0 0 0 0 0 0 0 0 0 0 0 0 0 0 0 0 0 0 0 0 0 0 0 0 0 0 0 0 0 0 0 0 0 0 
0 0 0 0 0 0 0 0 0 0 0 0 0 0 0 0 0 0 0 0 0 0 0 0 0 0 0 0 0 0 0 0 0 0 0 0 0 0 0 
0 0 0 0 0 0 0 0 0 0 0 0 0 0 0 0 0 0 0 0 0 0 0 0 0 0 0 0 0 0 0 0 0 0 0 0 0 0 0 
0 0 0 0 0 0 0 0
##$VisuCoreDataSlope=( 320 )
1.36771748930835 1.36771748930835 1.36771748930835 1.36771748930835 
1.36771748930835 1.36771748930835 1.36771748930835 1.36771748930835 
1.36771748930835 1.36771748930835 1.36771748930835 1.36771748930835 
1.36771748930835 1.36771748930835 1.36771748930835 1.36771748930835 
1.36771748930835 1.36771748930835 1.36771748930835 1.36771748930835 
1.36771748930835 1.36771748930835 1.36771748930835 1.36771748930835 
1.36771748930835 1.36771748930835 1.36771748930835 1.36771748930835 
1.36771748930835 1.36771748930835 1.36771748930835 1.36771748930835 
1.36771748930835 1.36771748930835 1.36771748930835 1.36771748930835 
1.36771748930835 1.36771748930835 1.36771748930835 1.36771748930835 
1.36771748930835 1.36771748930835 1.36771748930835 1.36771748930835 
1.36771748930835 1.36771748930835 1.36771748930835 1.36771748930835 
1.36771748930835 1.36771748930835 1.36771748930835 1.36771748930835 
1.36771748930835 1.36771748930835 1.36771748930835 1.36771748930835 
1.36771748930835 1.36771748930835 1.36771748930835 1.36771748930835 
1.36771748930835 1.36771748930835 1.36771748930835 1.36771748930835 
1.36771748930835 1.36771748930835 1.36771748930835 1.36771748930835 
1.36771748930835 1.36771748930835 1.36771748930835 1.36771748930835 
1.36771748930835 1.36771748930835 1.36771748930835 1.36771748930835 
1.36771748930835 1.36771748930835 1.36771748930835 1.36771748930835 
1.36771748930835 1.36771748930835 1.36771748930835 1.36771748930835 
1.36771748930835 1.36771748930835 1.36771748930835 1.36771748930835 
1.36771748930835 1.36771748930835 1.36771748930835 1.36771748930835 
1.36771748930835 1.36771748930835 1.36771748930835 1.36771748930835 
1.36771748930835 1.36771748930835 1.36771748930835 1.36771748930835 
1.36771748930835 1.36771748930835 1.36771748930835 1.36771748930835 
1.36771748930835 1.36771748930835 1.36771748930835 1.36771748930835 
1.36771748930835 1.36771748930835 1.36771748930835 1.36771748930835 
1.36771748930835 1.36771748930835 1.36771748930835 1.36771748930835 
1.36771748930835 1.36771748930835 1.36771748930835 1.36771748930835 
1.36771748930835 1.36771748930835 1.36771748930835 1.36771748930835 
1.36771748930835 1.36771748930835 1.36771748930835 1.36771748930835 
1.36771748930835 1.36771748930835 1.36771748930835 1.36771748930835 
1.36771748930835 1.36771748930835 1.36771748930835 1.36771748930835 
1.36771748930835 1.36771748930835 1.36771748930835 1.36771748930835 
1.36771748930835 1.36771748930835 1.36771748930835 1.36771748930835 
1.36771748930835 1.36771748930835 1.36771748930835 1.36771748930835 
1.36771748930835 1.36771748930835 1.36771748930835 1.36771748930835 
1.36771748930835 1.36771748930835 1.36771748930835 1.36771748930835 
1.36771748930835 1.36771748930835 1.36771748930835 1.36771748930835 
1.36771748930835 1.36771748930835 1.36771748930835 1.36771748930835 
1.36771748930835 1.36771748930835 1.36771748930835 1.36771748930835 
1.36771748930835 1.36771748930835 1.36771748930835 1.36771748930835 
1.36771748930835 1.36771748930835 1.36771748930835 1.36771748930835 
1.36771748930835 1.36771748930835 1.36771748930835 1.36771748930835 
1.36771748930835 1.36771748930835 1.36771748930835 1.36771748930835 
1.36771748930835 1.36771748930835 1.36771748930835 1.36771748930835 
1.36771748930835 1.36771748930835 1.36771748930835 1.36771748930835 
1.36771748930835 1.36771748930835 1.36771748930835 1.36771748930835 
1.36771748930835 1.36771748930835 1.36771748930835 1.36771748930835 
1.36771748930835 1.36771748930835 1.36771748930835 1.36771748930835 
1.36771748930835 1.36771748930835 1.36771748930835 1.36771748930835 
1.36771748930835 1.36771748930835 1.36771748930835 1.36771748930835 
1.36771748930835 1.36771748930835 1.36771748930835 1.36771748930835 
1.36771748930835 1.36771748930835 1.36771748930835 1.36771748930835 
1.36771748930835 1.36771748930835 1.36771748930835 1.36771748930835 
1.36771748930835 1.36771748930835 1.36771748930835 1.36771748930835 
1.36771748930835 1.36771748930835 1.36771748930835 1.36771748930835 
1.36771748930835 1.36771748930835 1.36771748930835 1.36771748930835 
1.36771748930835 1.36771748930835 1.36771748930835 1.36771748930835 
1.36771748930835 1.36771748930835 1.36771748930835 1.36771748930835 
1.36771748930835 1.36771748930835 1.36771748930835 1.36771748930835 
1.36771748930835 1.36771748930835 1.36771748930835 1.36771748930835 
1.36771748930835 1.36771748930835 1.36771748930835 1.36771748930835 
1.36771748930835 1.36771748930835 1.36771748930835 1.36771748930835 
1.36771748930835 1.36771748930835 1.36771748930835 1.36771748930835 
1.36771748930835 1.36771748930835 1.36771748930835 1.36771748930835 
1.36771748930835 1.36771748930835 1.36771748930835 1.36771748930835 
1.36771748930835 1.36771748930835 1.36771748930835 1.36771748930835 
1.36771748930835 1.36771748930835 1.36771748930835 1.36771748930835 
1.36771748930835 1.36771748930835 1.36771748930835 1.36771748930835 
1.36771748930835 1.36771748930835 1.36771748930835 1.36771748930835 
1.36771748930835 1.36771748930835 1.36771748930835 1.36771748930835 
1.36771748930835 1.36771748930835 1.36771748930835 1.36771748930835 
1.36771748930835 1.36771748930835 1.36771748930835 1.36771748930835 
1.36771748930835 1.36771748930835 1.36771748930835 1.36771748930835 
1.36771748930835 1.36771748930835 1.36771748930835 1.36771748930835 
1.36771748930835 1.36771748930835 1.36771748930835 1.36771748930835 
1.36771748930835 1.36771748930835 1.36771748930835 1.36771748930835 
1.36771748930835 1.36771748930835 1.36771748930835 1.36771748930835
##$VisuCoreFrameType=MAGNITUDE_IMAGE
$$ @vis= VisuCoreDataMax VisuCoreDataOffs VisuCoreDataSlope VisuCoreFrameType
##$VisuCoreWordType=_16BIT_SGN_INT
##$VisuCoreByteOrder=littleEndian
##$VisuFGOrderDescDim=1
$$ @vis= VisuCore VisuCoreWordType VisuCoreByteOrder VisuPixel
##$VisuFGOrderDesc=( 1 )
(320, <FG_CYCLE>, <>, 0, 0)
##$VisuSubjectName=( 65 )
<RMD273>
##$VisuSubjectId=( 65 )
<RMD273>
$$ @vis= VisuFGOrderDescDim VisuFGOrderDesc VisuFrameOrderDesc VisuSubjectName
##$VisuSubjectBirthDate=( 9 )
<>
##$VisuSubjectSex=FEMALE
##$VisuSubjectComment=( 2048 )
<>
$$ @vis= VisuSubjectId VisuSubjectBirthDate VisuSubjectSex VisuSubjectComment
##$VisuStudyUid=( 65 )
<2.16.756.5.5.100.278412266.15942.1407864221.1296>
##$VisuStudyDate=( 21 )
<14:23:41 12 Aug 2014>
##$VisuStudyId=( 65 )
<RMD273>
##$VisuStudyNumber=1
##$VisuSubjectWeight=5
$$ @vis= VisuSubject VisuStudyUid VisuStudyDate VisuStudyId VisuStudyNumber
##$VisuStudyReferringPhysician=( 65 )
<>
##$VisuStudyDescription=( 65 )
<>
$$ @vis= VisuSubjectWeight VisuStudyReferringPhysician VisuStudyDescription
##$VisuSeriesNumber=1769473
##$VisuSubjectPosition=Head_Supine
##$VisuSeriesTypeId=( 65 )
<ACQ_USER_PVM>
$$ @vis= VisuStudy VisuSeriesNumber VisuSubjectPosition VisuSeriesTypeId
##$VisuAcqSoftwareVersion=( 65 )
<5.1>
##$VisuInstitution=( 65 )
<Duke University Biospec 70/20>
##$VisuStation=( 65 )
<spect>
$$ @vis= VisuSeries VisuAcqSoftwareVersion VisuInstitution VisuStation
##$VisuAcqDate=( 21 )
<16:58:17 12 Aug 2014>
##$VisuAcqEchoTrainLength=1
##$VisuAcqSequenceName=( 40 )
<rMD_HOT (pvm)>
##$VisuAcqNumberOfAverages=4
$$ @vis= VisuEquipment VisuAcqDate VisuAcqEchoTrainLength VisuAcqSequenceName
##$VisuAcqImagingFrequency=300.3394866
##$VisuAcqImagedNucleus=( 8 )
<1H>
##$VisuAcqRepetitionTime=( 1 )
1880
$$ @vis= VisuAcqNumberOfAverages VisuAcqImagingFrequency VisuAcqImagedNucleus
##$VisuAcqFlipAngle=90
##$VisuAcqEchoTime=( 1 )
0
##$VisuAcquisitionProtocol=( 65 )
<RMD_HOT_RBM_RARE_ZQSQ2>
$$ @vis= VisuAcqRepetitionTime VisuAcqFlipAngle VisuAcqEchoTime
##$VisuAcqScanTime=601600
$$ @vis= VisuAcquisitionProtocol VisuAcqScanTime VisuAcquisition Visu
##END=
