##TITLE=Parameter List
##JCAMPDX=4.24
##DATATYPE=Parameter Values
##ORIGIN=Bruker BioSpin MRI GmbH
##OWNER=ryan
$$ Thu Aug  7 14:54:19 2014 EDT (UT-4h)  ryan
$$ /opt/PV5.1/data/ryan/nmr/RMD272.r81/19/pdata/1/reco
##$RECO_mode=FT_MODE
##$RecoAutoDerive=Yes
##$RECO_inp_order=NO_REORDERING
##$RECO_inp_size=( 1 )
32
##$RECO_ft_size=( 1 )
32
##$RECO_fov=( 1 )
0
##$RECO_size=( 1 )
32
$$ @vis= RECO_mode RecoAutoDerive RECO_inp_order RECO_ft_size RECO_fov
##$RECO_offset=( 1, 2 )
0 0
##$RECO_regrid_mode=NO_REGRID
##$RECO_regrid_offset=0
##$RECO_ramp_gap=0
##$RECO_ramp_time=0
##$RECO_ne_mode=NO_NAV_DATA
##$RECO_ne_dist=NeNoInterleave
##$RECO_ne_dens=NeCorrPerScan
##$RECO_ne_type=NAV_PHASE
##$RECO_ne_vals=( 1, 2 )
0 0
##$RECO_bc_mode=( 1 )
AUTO_OFFSET_BC
##$RECO_bc_start=( 1 )
24
##$RECO_bc_len=( 1 )
8
$$ @vis= RECO_size RECO_regrid_mode RECO_ne_mode RECO_bc_mode RECO_bc_start
##$RECO_dc_offset=( 2 )
1004 3632
##$RECO_dc_divisor=8
##$RECO_bc_coroff=( 1 )
0
##$RECO_qopts=( 1 )
CONJ_AND_QNEG
##$RECO_wdw_mode=( 1 )
NO_WDW
##$RECO_lb=( 1 )
-0.5
##$RECO_sw=( 1 )
22001
##$RECO_gb=( 1 )
0.5
##$RECO_sbs=( 1 )
1
##$RECO_tm1=( 1 )
0.25
##$RECO_tm2=( 1 )
0.75
##$RECO_ft_mode=( 1 )
COMPLEX_FFT
##$RECO_pc_mode=( 1 )
NO_PC
##$RECO_pc_lin=( 1 )
(0, 0)
##$RECO_rotate=( 1, 2 )
0 0
$$ @vis= RECO_bc_len RECO_qopts RECO_wdw_mode RECO_ft_mode RECO_pc_mode
##$RECO_ppc_mode=NO_PPC
##$RECO_ref_image=0
##$RECO_nr_supports=0.4
##$RECO_sig_threshold=0.15
##$RECO_ppc_degree=1
##$RECO_ppc_coeffs=( 2, 1, 2 )
0 0 0 0
##$RECO_dc_elim=Yes
##$RECO_transposition=( 2 )
0 0
##$RECO_image_type=MAGNITUDE_IMAGE
$$ @vis= RECO_rotate RECO_ppc_mode RECO_dc_elim RECO_transposition
##$RECO_image_threshold=0.15
##$RECO_ir_scale=10
##$RECO_wordtype=_16BIT_SGN_INT
##$RECO_map_mode=ABSOLUTE_MAPPING
##$RECO_map_range=( 2 )
-2147483647 2147483647
##$RECO_map_percentile=( 2 )
1 99
##$RECO_map_error=0.25
##$RECO_globex=( 160 )
0 0 0 0 0 0 0 0 0 0 0 0 0 0 0 0 0 0 0 0 0 0 0 0 0 0 0 0 0 0 0 0 0 0 0 0 0 0 0 
0 0 0 0 0 0 0 0 0 0 0 0 0 0 0 0 0 0 0 0 0 0 0 0 0 0 0 0 0 0 0 0 0 0 0 0 0 0 0 
0 0 0 0 0 0 0 0 0 0 0 0 0 0 0 0 0 0 0 0 0 0 0 0 0 0 0 0 0 0 0 0 0 0 0 0 0 0 0 
0 0 0 0 0 0 0 0 0 0 0 0 0 0 0 0 0 0 0 0 0 0 0 0 0 0 0 0 0 0 0 0 0 0 0 0 0 0 0 
0 0 0 0
##$RECO_minima=( 160 )
0 0 0 0 0 0 0 0 0 0 0 0 0 0 0 0 0 0 0 0 0 0 0 0 0 0 0 0 0 0 0 0 0 0 0 0 0 0 0 
0 0 0 0 0 0 0 0 0 0 0 0 0 0 0 0 0 0 0 0 0 0 0 0 0 0 0 0 0 0 0 0 0 0 0 0 0 0 0 
0 0 0 0 0 0 0 0 0 0 0 0 0 0 0 0 0 0 0 0 0 0 0 0 0 0 0 0 0 0 0 0 0 0 0 0 0 0 0 
0 0 0 0 0 0 0 0 0 0 0 0 0 0 0 0 0 0 0 0 0 0 0 0 0 0 0 0 0 0 0 0 0 0 0 0 0 0 0 
0 0 0 0
##$RECO_maxima=( 160 )
3824 59 4724 61 5844 49 6834 45 5998 48 8131 62 19866 82 32767 101 31989 76 
18826 45 9314 58 7328 63 6685 61 6250 55 5326 54 4174 53 3792 54 4690 67 5822 
51 6789 40 5942 65 8086 70 19807 102 32639 92 31956 82 19003 62 9357 56 7346 
59 6679 58 6247 50 5300 49 4162 53 3776 41 4691 66 5829 63 6816 53 5940 55 
8071 56 19785 79 32658 107 31891 83 18949 67 9327 54 7361 67 6671 50 6297 40 
5316 46 4209 37 3801 43 4694 47 5839 52 6812 50 5943 50 8058 48 19840 84 
32647 92 31934 88 18898 48 9319 57 7318 71 6671 47 6240 45 5303 52 4166 56 
3786 42 4689 71 5834 49 6819 40 5996 50 8149 60 19908 88 32656 99 31870 100 
18971 53 9298 54 7342 62 6660 47 6263 37 5309 44 4192 51
$$ @vis= RECO_image_type RECO_wordtype RECO_map_mode RECO_globex RECO_minima
##$RECO_map_min=( 160 )
-365306 -365306 -365306 -365306 -365306 -365306 -365306 -365306 -365306 
-365306 -365306 -365306 -365306 -365306 -365306 -365306 -365306 -365306 
-365306 -365306 -365306 -365306 -365306 -365306 -365306 -365306 -365306 
-365306 -365306 -365306 -365306 -365306 -365306 -365306 -365306 -365306 
-365306 -365306 -365306 -365306 -365306 -365306 -365306 -365306 -365306 
-365306 -365306 -365306 -365306 -365306 -365306 -365306 -365306 -365306 
-365306 -365306 -365306 -365306 -365306 -365306 -365306 -365306 -365306 
-365306 -365306 -365306 -365306 -365306 -365306 -365306 -365306 -365306 
-365306 -365306 -365306 -365306 -365306 -365306 -365306 -365306 -365306 
-365306 -365306 -365306 -365306 -365306 -365306 -365306 -365306 -365306 
-365306 -365306 -365306 -365306 -365306 -365306 -365306 -365306 -365306 
-365306 -365306 -365306 -365306 -365306 -365306 -365306 -365306 -365306 
-365306 -365306 -365306 -365306 -365306 -365306 -365306 -365306 -365306 
-365306 -365306 -365306 -365306 -365306 -365306 -365306 -365306 -365306 
-365306 -365306 -365306 -365306 -365306 -365306 -365306 -365306 -365306 
-365306 -365306 -365306 -365306 -365306 -365306 -365306 -365306 -365306 
-365306 -365306 -365306 -365306 -365306 -365306 -365306 -365306 -365306 
-365306 -365306 -365306 -365306 -365306 -365306 -365306
##$RECO_map_max=( 160 )
365306 365306 365306 365306 365306 365306 365306 365306 365306 365306 365306 
365306 365306 365306 365306 365306 365306 365306 365306 365306 365306 365306 
365306 365306 365306 365306 365306 365306 365306 365306 365306 365306 365306 
365306 365306 365306 365306 365306 365306 365306 365306 365306 365306 365306 
365306 365306 365306 365306 365306 365306 365306 365306 365306 365306 365306 
365306 365306 365306 365306 365306 365306 365306 365306 365306 365306 365306 
365306 365306 365306 365306 365306 365306 365306 365306 365306 365306 365306 
365306 365306 365306 365306 365306 365306 365306 365306 365306 365306 365306 
365306 365306 365306 365306 365306 365306 365306 365306 365306 365306 365306 
365306 365306 365306 365306 365306 365306 365306 365306 365306 365306 365306 
365306 365306 365306 365306 365306 365306 365306 365306 365306 365306 365306 
365306 365306 365306 365306 365306 365306 365306 365306 365306 365306 365306 
365306 365306 365306 365306 365306 365306 365306 365306 365306 365306 365306 
365306 365306 365306 365306 365306 365306 365306 365306 365306 365306 365306 
365306 365306 365306 365306 365306 365306
##$RECO_map_offset=( 160 )
0 0 0 0 0 0 0 0 0 0 0 0 0 0 0 0 0 0 0 0 0 0 0 0 0 0 0 0 0 0 0 0 0 0 0 0 0 0 0 
0 0 0 0 0 0 0 0 0 0 0 0 0 0 0 0 0 0 0 0 0 0 0 0 0 0 0 0 0 0 0 0 0 0 0 0 0 0 0 
0 0 0 0 0 0 0 0 0 0 0 0 0 0 0 0 0 0 0 0 0 0 0 0 0 0 0 0 0 0 0 0 0 0 0 0 0 0 0 
0 0 0 0 0 0 0 0 0 0 0 0 0 0 0 0 0 0 0 0 0 0 0 0 0 0 0 0 0 0 0 0 0 0 0 0 0 0 0 
0 0 0 0
##$RECO_map_slope=( 160 )
0.0896974056959152 0.0896974056959152 0.0896974056959152 0.0896974056959152 
0.0896974056959152 0.0896974056959152 0.0896974056959152 0.0896974056959152 
0.0896974056959152 0.0896974056959152 0.0896974056959152 0.0896974056959152 
0.0896974056959152 0.0896974056959152 0.0896974056959152 0.0896974056959152 
0.0896974056959152 0.0896974056959152 0.0896974056959152 0.0896974056959152 
0.0896974056959152 0.0896974056959152 0.0896974056959152 0.0896974056959152 
0.0896974056959152 0.0896974056959152 0.0896974056959152 0.0896974056959152 
0.0896974056959152 0.0896974056959152 0.0896974056959152 0.0896974056959152 
0.0896974056959152 0.0896974056959152 0.0896974056959152 0.0896974056959152 
0.0896974056959152 0.0896974056959152 0.0896974056959152 0.0896974056959152 
0.0896974056959152 0.0896974056959152 0.0896974056959152 0.0896974056959152 
0.0896974056959152 0.0896974056959152 0.0896974056959152 0.0896974056959152 
0.0896974056959152 0.0896974056959152 0.0896974056959152 0.0896974056959152 
0.0896974056959152 0.0896974056959152 0.0896974056959152 0.0896974056959152 
0.0896974056959152 0.0896974056959152 0.0896974056959152 0.0896974056959152 
0.0896974056959152 0.0896974056959152 0.0896974056959152 0.0896974056959152 
0.0896974056959152 0.0896974056959152 0.0896974056959152 0.0896974056959152 
0.0896974056959152 0.0896974056959152 0.0896974056959152 0.0896974056959152 
0.0896974056959152 0.0896974056959152 0.0896974056959152 0.0896974056959152 
0.0896974056959152 0.0896974056959152 0.0896974056959152 0.0896974056959152 
0.0896974056959152 0.0896974056959152 0.0896974056959152 0.0896974056959152 
0.0896974056959152 0.0896974056959152 0.0896974056959152 0.0896974056959152 
0.0896974056959152 0.0896974056959152 0.0896974056959152 0.0896974056959152 
0.0896974056959152 0.0896974056959152 0.0896974056959152 0.0896974056959152 
0.0896974056959152 0.0896974056959152 0.0896974056959152 0.0896974056959152 
0.0896974056959152 0.0896974056959152 0.0896974056959152 0.0896974056959152 
0.0896974056959152 0.0896974056959152 0.0896974056959152 0.0896974056959152 
0.0896974056959152 0.0896974056959152 0.0896974056959152 0.0896974056959152 
0.0896974056959152 0.0896974056959152 0.0896974056959152 0.0896974056959152 
0.0896974056959152 0.0896974056959152 0.0896974056959152 0.0896974056959152 
0.0896974056959152 0.0896974056959152 0.0896974056959152 0.0896974056959152 
0.0896974056959152 0.0896974056959152 0.0896974056959152 0.0896974056959152 
0.0896974056959152 0.0896974056959152 0.0896974056959152 0.0896974056959152 
0.0896974056959152 0.0896974056959152 0.0896974056959152 0.0896974056959152 
0.0896974056959152 0.0896974056959152 0.0896974056959152 0.0896974056959152 
0.0896974056959152 0.0896974056959152 0.0896974056959152 0.0896974056959152 
0.0896974056959152 0.0896974056959152 0.0896974056959152 0.0896974056959152 
0.0896974056959152 0.0896974056959152 0.0896974056959152 0.0896974056959152 
0.0896974056959152 0.0896974056959152 0.0896974056959152 0.0896974056959152 
0.0896974056959152 0.0896974056959152 0.0896974056959152 0.0896974056959152
##$RECO_byte_order=littleEndian
$$ @vis= RECO_maxima RECO_map_min RECO_map_max RECO_map_offset RECO_map_slope
##$RECO_time=( 24 )
<14:44:10  7 Aug 2014>
##$RECO_abs_time=1407437050
##$RECO_base_image_uid=( 65 )
<2.16.756.5.5.100.278412266.16267.1407437659.222>
$$ @vis= RECO_byte_order RECO_time RECO_abs_time RECO_base_image_uid
##$GS_reco_display=Yes
##$GO_reco_display=Yes
##$GO_reco_each_nr=No
$$ @vis= RecoRegridNGroup GS_reco_display RECO_GS GO_reco_display
##$GO_max_reco_mem=0
$$ @vis= GO_reco_each_nr GO_max_reco_mem RECO_GO RECO
##END=
