##TITLE=Parameter List
##JCAMPDX=4.24
##DATATYPE=Parameter Values
##ORIGIN=Bruker BioSpin MRI GmbH
##OWNER=ryan
$$ Thu Aug  7 14:54:19 2014 EDT (UT-4h)  ryan
$$ /opt/PV5.1/data/ryan/nmr/RMD272.r81/19/pdata/1/visu_pars
##$VisuVersion=1
##$VisuUid=( 65 )
<2.16.756.5.5.100.278412266.16267.1407437659.222>
##$VisuCreator=( 65 )
<ParaVision>
##$VisuCreatorVersion=( 65 )
<5.1>
##$VisuCreationDate=( 21 )
<14:44:10  7 Aug 2014>
$$ @vis= VisuVersion VisuUid VisuCreator VisuCreatorVersion VisuCreationDate
##$VisuCoreFrameCount=160
##$VisuCoreDim=1
##$VisuCoreSize=( 1 )
32
##$VisuCoreDimDesc=( 1 )
spectroscopic
$$ @vis= VisuInstance VisuCoreFrameCount VisuCoreDim VisuCoreSize
##$VisuCoreExtent=( 1 )
73.2537534535215
##$VisuCoreUnits=( 1, 65 )
<ppm>
##$VisuCoreDataMin=( 160 )
0 0 0 0 0 0 0 0 0 0 0 0 0 0 0 0 0 0 0 0 0 0 0 0 0 0 0 0 0 0 0 0 0 0 0 0 0 0 0 
0 0 0 0 0 0 0 0 0 0 0 0 0 0 0 0 0 0 0 0 0 0 0 0 0 0 0 0 0 0 0 0 0 0 0 0 0 0 0 
0 0 0 0 0 0 0 0 0 0 0 0 0 0 0 0 0 0 0 0 0 0 0 0 0 0 0 0 0 0 0 0 0 0 0 0 0 0 0 
0 0 0 0 0 0 0 0 0 0 0 0 0 0 0 0 0 0 0 0 0 0 0 0 0 0 0 0 0 0 0 0 0 0 0 0 0 0 0 
0 0 0 0
##$VisuCoreDataMax=( 160 )
3824 59 4724 61 5844 49 6834 45 5998 48 8131 62 19866 82 32767 101 31989 76 
18826 45 9314 58 7328 63 6685 61 6250 55 5326 54 4174 53 3792 54 4690 67 5822 
51 6789 40 5942 65 8086 70 19807 102 32639 92 31956 82 19003 62 9357 56 7346 
59 6679 58 6247 50 5300 49 4162 53 3776 41 4691 66 5829 63 6816 53 5940 55 
8071 56 19785 79 32658 107 31891 83 18949 67 9327 54 7361 67 6671 50 6297 40 
5316 46 4209 37 3801 43 4694 47 5839 52 6812 50 5943 50 8058 48 19840 84 
32647 92 31934 88 18898 48 9319 57 7318 71 6671 47 6240 45 5303 52 4166 56 
3786 42 4689 71 5834 49 6819 40 5996 50 8149 60 19908 88 32656 99 31870 100 
18971 53 9298 54 7342 62 6660 47 6263 37 5309 44 4192 51
$$ @vis= VisuCoreDimDesc VisuCoreExtent VisuCoreUnits VisuCoreDataMin
##$VisuCoreDataOffs=( 160 )
0 0 0 0 0 0 0 0 0 0 0 0 0 0 0 0 0 0 0 0 0 0 0 0 0 0 0 0 0 0 0 0 0 0 0 0 0 0 0 
0 0 0 0 0 0 0 0 0 0 0 0 0 0 0 0 0 0 0 0 0 0 0 0 0 0 0 0 0 0 0 0 0 0 0 0 0 0 0 
0 0 0 0 0 0 0 0 0 0 0 0 0 0 0 0 0 0 0 0 0 0 0 0 0 0 0 0 0 0 0 0 0 0 0 0 0 0 0 
0 0 0 0 0 0 0 0 0 0 0 0 0 0 0 0 0 0 0 0 0 0 0 0 0 0 0 0 0 0 0 0 0 0 0 0 0 0 0 
0 0 0 0
##$VisuCoreDataSlope=( 160 )
11.1485944575712 11.1485944575712 11.1485944575712 11.1485944575712 
11.1485944575712 11.1485944575712 11.1485944575712 11.1485944575712 
11.1485944575712 11.1485944575712 11.1485944575712 11.1485944575712 
11.1485944575712 11.1485944575712 11.1485944575712 11.1485944575712 
11.1485944575712 11.1485944575712 11.1485944575712 11.1485944575712 
11.1485944575712 11.1485944575712 11.1485944575712 11.1485944575712 
11.1485944575712 11.1485944575712 11.1485944575712 11.1485944575712 
11.1485944575712 11.1485944575712 11.1485944575712 11.1485944575712 
11.1485944575712 11.1485944575712 11.1485944575712 11.1485944575712 
11.1485944575712 11.1485944575712 11.1485944575712 11.1485944575712 
11.1485944575712 11.1485944575712 11.1485944575712 11.1485944575712 
11.1485944575712 11.1485944575712 11.1485944575712 11.1485944575712 
11.1485944575712 11.1485944575712 11.1485944575712 11.1485944575712 
11.1485944575712 11.1485944575712 11.1485944575712 11.1485944575712 
11.1485944575712 11.1485944575712 11.1485944575712 11.1485944575712 
11.1485944575712 11.1485944575712 11.1485944575712 11.1485944575712 
11.1485944575712 11.1485944575712 11.1485944575712 11.1485944575712 
11.1485944575712 11.1485944575712 11.1485944575712 11.1485944575712 
11.1485944575712 11.1485944575712 11.1485944575712 11.1485944575712 
11.1485944575712 11.1485944575712 11.1485944575712 11.1485944575712 
11.1485944575712 11.1485944575712 11.1485944575712 11.1485944575712 
11.1485944575712 11.1485944575712 11.1485944575712 11.1485944575712 
11.1485944575712 11.1485944575712 11.1485944575712 11.1485944575712 
11.1485944575712 11.1485944575712 11.1485944575712 11.1485944575712 
11.1485944575712 11.1485944575712 11.1485944575712 11.1485944575712 
11.1485944575712 11.1485944575712 11.1485944575712 11.1485944575712 
11.1485944575712 11.1485944575712 11.1485944575712 11.1485944575712 
11.1485944575712 11.1485944575712 11.1485944575712 11.1485944575712 
11.1485944575712 11.1485944575712 11.1485944575712 11.1485944575712 
11.1485944575712 11.1485944575712 11.1485944575712 11.1485944575712 
11.1485944575712 11.1485944575712 11.1485944575712 11.1485944575712 
11.1485944575712 11.1485944575712 11.1485944575712 11.1485944575712 
11.1485944575712 11.1485944575712 11.1485944575712 11.1485944575712 
11.1485944575712 11.1485944575712 11.1485944575712 11.1485944575712 
11.1485944575712 11.1485944575712 11.1485944575712 11.1485944575712 
11.1485944575712 11.1485944575712 11.1485944575712 11.1485944575712 
11.1485944575712 11.1485944575712 11.1485944575712 11.1485944575712 
11.1485944575712 11.1485944575712 11.1485944575712 11.1485944575712 
11.1485944575712 11.1485944575712 11.1485944575712 11.1485944575712 
11.1485944575712 11.1485944575712 11.1485944575712 11.1485944575712
##$VisuCoreFrameType=MAGNITUDE_IMAGE
$$ @vis= VisuCoreDataMax VisuCoreDataOffs VisuCoreDataSlope VisuCoreFrameType
##$VisuCoreWordType=_16BIT_SGN_INT
##$VisuCoreByteOrder=littleEndian
##$VisuFGOrderDescDim=1
$$ @vis= VisuCore VisuCoreWordType VisuCoreByteOrder VisuPixel
##$VisuFGOrderDesc=( 1 )
(160, <FG_CYCLE>, <>, 0, 0)
##$VisuSubjectName=( 65 )
<RMD272>
##$VisuSubjectId=( 65 )
<RMD272>
$$ @vis= VisuFGOrderDescDim VisuFGOrderDesc VisuFrameOrderDesc VisuSubjectName
##$VisuSubjectBirthDate=( 9 )
<>
##$VisuSubjectSex=FEMALE
##$VisuSubjectComment=( 2048 )
<>
$$ @vis= VisuSubjectId VisuSubjectBirthDate VisuSubjectSex VisuSubjectComment
##$VisuStudyUid=( 65 )
<2.16.756.5.5.100.278412266.15942.1407429006.129>
##$VisuStudyDate=( 21 )
<13:30:06  7 Aug 2014>
##$VisuStudyId=( 65 )
<RMD272>
##$VisuStudyNumber=1
##$VisuSubjectWeight=5
$$ @vis= VisuSubject VisuStudyUid VisuStudyDate VisuStudyId VisuStudyNumber
##$VisuStudyReferringPhysician=( 65 )
<>
##$VisuStudyDescription=( 65 )
<>
$$ @vis= VisuSubjectWeight VisuStudyReferringPhysician VisuStudyDescription
##$VisuSeriesNumber=1245185
##$VisuSubjectPosition=Head_Supine
##$VisuSeriesTypeId=( 65 )
<ACQ_USER_PVM>
$$ @vis= VisuStudy VisuSeriesNumber VisuSubjectPosition VisuSeriesTypeId
##$VisuAcqSoftwareVersion=( 65 )
<5.1>
##$VisuInstitution=( 65 )
<Duke University Biospec 70/20>
##$VisuStation=( 65 )
<spect>
$$ @vis= VisuSeries VisuAcqSoftwareVersion VisuInstitution VisuStation
##$VisuAcqDate=( 21 )
<14:44:10  7 Aug 2014>
##$VisuAcqEchoTrainLength=1
##$VisuAcqSequenceName=( 40 )
<rMD_HOT (pvm)>
##$VisuAcqNumberOfAverages=4
$$ @vis= VisuEquipment VisuAcqDate VisuAcqEchoTrainLength VisuAcqSequenceName
##$VisuAcqImagingFrequency=300.3395589
##$VisuAcqImagedNucleus=( 8 )
<1H>
##$VisuAcqRepetitionTime=( 1 )
1880
$$ @vis= VisuAcqNumberOfAverages VisuAcqImagingFrequency VisuAcqImagedNucleus
##$VisuAcqFlipAngle=90
##$VisuAcqEchoTime=( 1 )
0
##$VisuAcquisitionProtocol=( 65 )
<RMD_HOT_RBM_RARE_ZQSQ2>
$$ @vis= VisuAcqRepetitionTime VisuAcqFlipAngle VisuAcqEchoTime
##$VisuAcqScanTime=601600
$$ @vis= VisuAcquisitionProtocol VisuAcqScanTime VisuAcquisition Visu
##END=
