##TITLE=Parameter List
##JCAMPDX=4.24
##DATATYPE=Parameter Values
##ORIGIN=Bruker BioSpin MRI GmbH
##OWNER=ryan
$$ Thu Jul 24 22:34:30 2014 EDT (UT-4h)  ryan
$$ /opt/PV5.1/data/ryan/nmr/RMD266.qU1/40/pdata/1/reco
##$RECO_mode=FT_MODE
##$RecoAutoDerive=Yes
##$RECO_inp_order=NO_REORDERING
##$RECO_inp_size=( 1 )
32
##$RECO_ft_size=( 1 )
32
##$RECO_fov=( 1 )
0
##$RECO_size=( 1 )
32
$$ @vis= RECO_mode RecoAutoDerive RECO_inp_order RECO_ft_size RECO_fov
##$RECO_offset=( 1, 4 )
0 0 0 0
##$RECO_regrid_mode=NO_REGRID
##$RECO_regrid_offset=0
##$RECO_ramp_gap=0
##$RECO_ramp_time=0
##$RECO_ne_mode=NO_NAV_DATA
##$RECO_ne_dist=NeNoInterleave
##$RECO_ne_dens=NeCorrPerScan
##$RECO_ne_type=NAV_PHASE
##$RECO_ne_vals=( 1, 2 )
0 0
##$RECO_bc_mode=( 1 )
AUTO_OFFSET_BC
##$RECO_bc_start=( 1 )
24
##$RECO_bc_len=( 1 )
8
$$ @vis= RECO_size RECO_regrid_mode RECO_ne_mode RECO_bc_mode RECO_bc_start
##$RECO_dc_offset=( 2 )
24 24
##$RECO_dc_divisor=8
##$RECO_bc_coroff=( 1 )
0
##$RECO_qopts=( 1 )
CONJ_AND_QNEG
##$RECO_wdw_mode=( 1 )
NO_WDW
##$RECO_lb=( 1 )
-0.5
##$RECO_sw=( 1 )
22001
##$RECO_gb=( 1 )
0.5
##$RECO_sbs=( 1 )
1
##$RECO_tm1=( 1 )
0.25
##$RECO_tm2=( 1 )
0.75
##$RECO_ft_mode=( 1 )
COMPLEX_FFT
##$RECO_pc_mode=( 1 )
NO_PC
##$RECO_pc_lin=( 1 )
(0, 0)
##$RECO_rotate=( 1, 4 )
0 0 0 0
$$ @vis= RECO_bc_len RECO_qopts RECO_wdw_mode RECO_ft_mode RECO_pc_mode
##$RECO_ppc_mode=NO_PPC
##$RECO_ref_image=0
##$RECO_nr_supports=0.4
##$RECO_sig_threshold=0.15
##$RECO_ppc_degree=1
##$RECO_ppc_coeffs=( 4, 1, 2 )
0 0 0 0 0 0 0 0
##$RECO_dc_elim=Yes
##$RECO_transposition=( 4 )
0 0 0 0
##$RECO_image_type=MAGNITUDE_IMAGE
$$ @vis= RECO_rotate RECO_ppc_mode RECO_dc_elim RECO_transposition
##$RECO_image_threshold=0.15
##$RECO_ir_scale=10
##$RECO_wordtype=_16BIT_SGN_INT
##$RECO_map_mode=ABSOLUTE_MAPPING
##$RECO_map_range=( 2 )
-2147483647 2147483647
##$RECO_map_percentile=( 2 )
1 99
##$RECO_map_error=0.25
##$RECO_globex=( 320 )
0 0 0 0 0 0 0 0 0 0 0 0 0 0 0 0 0 0 0 0 0 0 0 0 0 0 0 0 0 0 0 0 0 0 0 0 0 0 0 
0 0 0 0 0 0 0 0 0 0 0 0 0 0 0 0 0 0 0 0 0 0 0 0 0 0 0 0 0 0 0 0 0 0 0 0 0 0 0 
0 0 0 0 0 0 0 0 0 0 0 0 0 0 0 0 0 0 0 0 0 0 0 0 0 0 0 0 0 0 0 0 0 0 0 0 0 0 0 
0 0 0 0 0 0 0 0 0 0 0 0 0 0 0 0 0 0 0 0 0 0 0 0 0 0 0 0 0 0 0 0 0 0 0 0 0 0 0 
0 0 0 0 0 0 0 0 0 0 0 0 0 0 0 0 0 0 0 0 0 0 0 0 0 0 0 0 0 0 0 0 0 0 0 0 0 0 0 
0 0 0 0 0 0 0 0 0 0 0 0 0 0 0 0 0 0 0 0 0 0 0 0 0 0 0 0 0 0 0 0 0 0 0 0 0 0 0 
0 0 0 0 0 0 0 0 0 0 0 0 0 0 0 0 0 0 0 0 0 0 0 0 0 0 0 0 0 0 0 0 0 0 0 0 0 0 0 
0 0 0 0 0 0 0 0 0 0 0 0 0 0 0 0 0 0 0 0 0 0 0 0 0 0 0 0 0 0 0 0 0 0 0 0 0 0 0 
0 0 0 0 0 0 0 0
##$RECO_minima=( 320 )
0 0 0 0 0 0 0 0 0 0 0 0 0 0 0 0 0 0 0 0 0 0 0 0 0 0 0 0 0 0 0 0 0 0 0 0 0 0 0 
0 0 0 0 0 0 0 0 0 0 0 0 0 0 0 0 0 0 0 0 0 0 0 0 0 0 0 0 0 0 0 0 0 0 0 0 0 0 0 
0 0 0 0 0 0 0 0 0 0 0 0 0 0 0 0 0 0 0 0 0 0 0 0 0 0 0 0 0 0 0 0 0 0 0 0 0 0 0 
0 0 0 0 0 0 0 0 0 0 0 0 0 0 0 0 0 0 0 0 0 0 0 0 0 0 0 0 0 0 0 0 0 0 0 0 0 0 0 
0 0 0 0 0 0 0 0 0 0 0 0 0 0 0 0 0 0 0 0 0 0 0 0 0 0 0 0 0 0 0 0 0 0 0 0 0 0 0 
0 0 0 0 0 0 0 0 0 0 0 0 0 0 0 0 0 0 0 0 0 0 0 0 0 0 0 0 0 0 0 0 0 0 0 0 0 0 0 
0 0 0 0 0 0 0 0 0 0 0 0 0 0 0 0 0 0 0 0 0 0 0 0 0 0 0 0 0 0 0 0 0 0 0 0 0 0 0 
0 0 0 0 0 0 0 0 0 0 0 0 0 0 0 0 0 0 0 0 0 0 0 0 0 0 0 0 0 0 0 0 0 0 0 0 0 0 0 
0 0 0 0 0 0 0 0
##$RECO_maxima=( 320 )
32 32 7232 4435 31 36 8469 6556 37 29 10980 8003 27 41 12165 10088 40 36 
13360 10238 31 56 17031 13827 42 56 15590 13714 88 89 32113 27980 74 78 32767 
27063 46 39 15634 12664 36 31 15866 14110 35 38 11573 11350 39 39 11793 10286 
25 31 9378 9314 36 30 7546 6975 29 26 5402 6228 33 33 7245 4443 34 37 8477 
6550 37 39 10975 8037 32 37 12154 10103 42 36 13372 10227 39 43 17016 13827 
61 49 15569 13762 58 92 32092 27997 84 74 32737 27091 49 43 15689 12624 39 47 
15874 14132 38 27 11554 11359 28 32 11774 10271 33 48 9363 9312 25 40 7538 
6961 37 37 5415 6220 31 29 7222 4450 38 24 8481 6605 32 25 10950 8005 31 32 
12107 10146 36 34 13343 10251 33 43 17031 13847 39 55 15457 13788 54 89 31983 
28069 84 71 32714 27127 44 44 15572 12688 32 31 15792 14107 46 33 11561 11334 
33 36 11751 10262 25 31 9351 9299 30 28 7516 6949 25 24 5425 6247 34 27 7223 
4438 27 23 8451 6539 36 29 10970 7991 40 38 12116 10073 28 35 13346 10226 36 
42 16955 13816 39 54 15579 13685 55 85 32074 27879 74 89 32746 27016 49 47 
15582 12690 31 33 15844 14074 31 32 11562 11324 31 35 11754 10256 35 34 9351 
9304 30 27 7533 6961 34 27 5430 6236 22 33 7233 4439 41 40 8429 6551 38 37 
10948 8004 36 35 12088 10072 31 31 13311 10246 33 41 16973 13789 34 51 15557 
13706 65 90 32134 27860 75 67 32692 27059 49 43 15634 12663 42 44 15838 14058 
34 29 11528 11357 34 34 11755 10250 36 37 9363 9307 31 24 7523 6955 26 24 
5450 6223
$$ @vis= RECO_image_type RECO_wordtype RECO_map_mode RECO_globex RECO_minima
##$RECO_map_min=( 320 )
-85450 -85450 -85450 -85450 -85450 -85450 -85450 -85450 -85450 -85450 -85450 
-85450 -85450 -85450 -85450 -85450 -85450 -85450 -85450 -85450 -85450 -85450 
-85450 -85450 -85450 -85450 -85450 -85450 -85450 -85450 -85450 -85450 -85450 
-85450 -85450 -85450 -85450 -85450 -85450 -85450 -85450 -85450 -85450 -85450 
-85450 -85450 -85450 -85450 -85450 -85450 -85450 -85450 -85450 -85450 -85450 
-85450 -85450 -85450 -85450 -85450 -85450 -85450 -85450 -85450 -85450 -85450 
-85450 -85450 -85450 -85450 -85450 -85450 -85450 -85450 -85450 -85450 -85450 
-85450 -85450 -85450 -85450 -85450 -85450 -85450 -85450 -85450 -85450 -85450 
-85450 -85450 -85450 -85450 -85450 -85450 -85450 -85450 -85450 -85450 -85450 
-85450 -85450 -85450 -85450 -85450 -85450 -85450 -85450 -85450 -85450 -85450 
-85450 -85450 -85450 -85450 -85450 -85450 -85450 -85450 -85450 -85450 -85450 
-85450 -85450 -85450 -85450 -85450 -85450 -85450 -85450 -85450 -85450 -85450 
-85450 -85450 -85450 -85450 -85450 -85450 -85450 -85450 -85450 -85450 -85450 
-85450 -85450 -85450 -85450 -85450 -85450 -85450 -85450 -85450 -85450 -85450 
-85450 -85450 -85450 -85450 -85450 -85450 -85450 -85450 -85450 -85450 -85450 
-85450 -85450 -85450 -85450 -85450 -85450 -85450 -85450 -85450 -85450 -85450 
-85450 -85450 -85450 -85450 -85450 -85450 -85450 -85450 -85450 -85450 -85450 
-85450 -85450 -85450 -85450 -85450 -85450 -85450 -85450 -85450 -85450 -85450 
-85450 -85450 -85450 -85450 -85450 -85450 -85450 -85450 -85450 -85450 -85450 
-85450 -85450 -85450 -85450 -85450 -85450 -85450 -85450 -85450 -85450 -85450 
-85450 -85450 -85450 -85450 -85450 -85450 -85450 -85450 -85450 -85450 -85450 
-85450 -85450 -85450 -85450 -85450 -85450 -85450 -85450 -85450 -85450 -85450 
-85450 -85450 -85450 -85450 -85450 -85450 -85450 -85450 -85450 -85450 -85450 
-85450 -85450 -85450 -85450 -85450 -85450 -85450 -85450 -85450 -85450 -85450 
-85450 -85450 -85450 -85450 -85450 -85450 -85450 -85450 -85450 -85450 -85450 
-85450 -85450 -85450 -85450 -85450 -85450 -85450 -85450 -85450 -85450 -85450 
-85450 -85450 -85450 -85450 -85450 -85450 -85450 -85450 -85450 -85450 -85450 
-85450 -85450 -85450 -85450 -85450 -85450 -85450 -85450 -85450 -85450 -85450 
-85450 -85450 -85450 -85450 -85450 -85450 -85450 -85450 -85450 -85450 -85450 
-85450
##$RECO_map_max=( 320 )
85450 85450 85450 85450 85450 85450 85450 85450 85450 85450 85450 85450 85450 
85450 85450 85450 85450 85450 85450 85450 85450 85450 85450 85450 85450 85450 
85450 85450 85450 85450 85450 85450 85450 85450 85450 85450 85450 85450 85450 
85450 85450 85450 85450 85450 85450 85450 85450 85450 85450 85450 85450 85450 
85450 85450 85450 85450 85450 85450 85450 85450 85450 85450 85450 85450 85450 
85450 85450 85450 85450 85450 85450 85450 85450 85450 85450 85450 85450 85450 
85450 85450 85450 85450 85450 85450 85450 85450 85450 85450 85450 85450 85450 
85450 85450 85450 85450 85450 85450 85450 85450 85450 85450 85450 85450 85450 
85450 85450 85450 85450 85450 85450 85450 85450 85450 85450 85450 85450 85450 
85450 85450 85450 85450 85450 85450 85450 85450 85450 85450 85450 85450 85450 
85450 85450 85450 85450 85450 85450 85450 85450 85450 85450 85450 85450 85450 
85450 85450 85450 85450 85450 85450 85450 85450 85450 85450 85450 85450 85450 
85450 85450 85450 85450 85450 85450 85450 85450 85450 85450 85450 85450 85450 
85450 85450 85450 85450 85450 85450 85450 85450 85450 85450 85450 85450 85450 
85450 85450 85450 85450 85450 85450 85450 85450 85450 85450 85450 85450 85450 
85450 85450 85450 85450 85450 85450 85450 85450 85450 85450 85450 85450 85450 
85450 85450 85450 85450 85450 85450 85450 85450 85450 85450 85450 85450 85450 
85450 85450 85450 85450 85450 85450 85450 85450 85450 85450 85450 85450 85450 
85450 85450 85450 85450 85450 85450 85450 85450 85450 85450 85450 85450 85450 
85450 85450 85450 85450 85450 85450 85450 85450 85450 85450 85450 85450 85450 
85450 85450 85450 85450 85450 85450 85450 85450 85450 85450 85450 85450 85450 
85450 85450 85450 85450 85450 85450 85450 85450 85450 85450 85450 85450 85450 
85450 85450 85450 85450 85450 85450 85450 85450 85450 85450 85450 85450 85450 
85450 85450 85450 85450 85450 85450 85450 85450 85450 85450 85450 85450 85450 
85450 85450 85450 85450 85450 85450 85450 85450
##$RECO_map_offset=( 320 )
0 0 0 0 0 0 0 0 0 0 0 0 0 0 0 0 0 0 0 0 0 0 0 0 0 0 0 0 0 0 0 0 0 0 0 0 0 0 0 
0 0 0 0 0 0 0 0 0 0 0 0 0 0 0 0 0 0 0 0 0 0 0 0 0 0 0 0 0 0 0 0 0 0 0 0 0 0 0 
0 0 0 0 0 0 0 0 0 0 0 0 0 0 0 0 0 0 0 0 0 0 0 0 0 0 0 0 0 0 0 0 0 0 0 0 0 0 0 
0 0 0 0 0 0 0 0 0 0 0 0 0 0 0 0 0 0 0 0 0 0 0 0 0 0 0 0 0 0 0 0 0 0 0 0 0 0 0 
0 0 0 0 0 0 0 0 0 0 0 0 0 0 0 0 0 0 0 0 0 0 0 0 0 0 0 0 0 0 0 0 0 0 0 0 0 0 0 
0 0 0 0 0 0 0 0 0 0 0 0 0 0 0 0 0 0 0 0 0 0 0 0 0 0 0 0 0 0 0 0 0 0 0 0 0 0 0 
0 0 0 0 0 0 0 0 0 0 0 0 0 0 0 0 0 0 0 0 0 0 0 0 0 0 0 0 0 0 0 0 0 0 0 0 0 0 0 
0 0 0 0 0 0 0 0 0 0 0 0 0 0 0 0 0 0 0 0 0 0 0 0 0 0 0 0 0 0 0 0 0 0 0 0 0 0 0 
0 0 0 0 0 0 0 0
##$RECO_map_slope=( 320 )
0.383464008569717 0.383464008569717 0.383464008569717 0.383464008569717 
0.383464008569717 0.383464008569717 0.383464008569717 0.383464008569717 
0.383464008569717 0.383464008569717 0.383464008569717 0.383464008569717 
0.383464008569717 0.383464008569717 0.383464008569717 0.383464008569717 
0.383464008569717 0.383464008569717 0.383464008569717 0.383464008569717 
0.383464008569717 0.383464008569717 0.383464008569717 0.383464008569717 
0.383464008569717 0.383464008569717 0.383464008569717 0.383464008569717 
0.383464008569717 0.383464008569717 0.383464008569717 0.383464008569717 
0.383464008569717 0.383464008569717 0.383464008569717 0.383464008569717 
0.383464008569717 0.383464008569717 0.383464008569717 0.383464008569717 
0.383464008569717 0.383464008569717 0.383464008569717 0.383464008569717 
0.383464008569717 0.383464008569717 0.383464008569717 0.383464008569717 
0.383464008569717 0.383464008569717 0.383464008569717 0.383464008569717 
0.383464008569717 0.383464008569717 0.383464008569717 0.383464008569717 
0.383464008569717 0.383464008569717 0.383464008569717 0.383464008569717 
0.383464008569717 0.383464008569717 0.383464008569717 0.383464008569717 
0.383464008569717 0.383464008569717 0.383464008569717 0.383464008569717 
0.383464008569717 0.383464008569717 0.383464008569717 0.383464008569717 
0.383464008569717 0.383464008569717 0.383464008569717 0.383464008569717 
0.383464008569717 0.383464008569717 0.383464008569717 0.383464008569717 
0.383464008569717 0.383464008569717 0.383464008569717 0.383464008569717 
0.383464008569717 0.383464008569717 0.383464008569717 0.383464008569717 
0.383464008569717 0.383464008569717 0.383464008569717 0.383464008569717 
0.383464008569717 0.383464008569717 0.383464008569717 0.383464008569717 
0.383464008569717 0.383464008569717 0.383464008569717 0.383464008569717 
0.383464008569717 0.383464008569717 0.383464008569717 0.383464008569717 
0.383464008569717 0.383464008569717 0.383464008569717 0.383464008569717 
0.383464008569717 0.383464008569717 0.383464008569717 0.383464008569717 
0.383464008569717 0.383464008569717 0.383464008569717 0.383464008569717 
0.383464008569717 0.383464008569717 0.383464008569717 0.383464008569717 
0.383464008569717 0.383464008569717 0.383464008569717 0.383464008569717 
0.383464008569717 0.383464008569717 0.383464008569717 0.383464008569717 
0.383464008569717 0.383464008569717 0.383464008569717 0.383464008569717 
0.383464008569717 0.383464008569717 0.383464008569717 0.383464008569717 
0.383464008569717 0.383464008569717 0.383464008569717 0.383464008569717 
0.383464008569717 0.383464008569717 0.383464008569717 0.383464008569717 
0.383464008569717 0.383464008569717 0.383464008569717 0.383464008569717 
0.383464008569717 0.383464008569717 0.383464008569717 0.383464008569717 
0.383464008569717 0.383464008569717 0.383464008569717 0.383464008569717 
0.383464008569717 0.383464008569717 0.383464008569717 0.383464008569717 
0.383464008569717 0.383464008569717 0.383464008569717 0.383464008569717 
0.383464008569717 0.383464008569717 0.383464008569717 0.383464008569717 
0.383464008569717 0.383464008569717 0.383464008569717 0.383464008569717 
0.383464008569717 0.383464008569717 0.383464008569717 0.383464008569717 
0.383464008569717 0.383464008569717 0.383464008569717 0.383464008569717 
0.383464008569717 0.383464008569717 0.383464008569717 0.383464008569717 
0.383464008569717 0.383464008569717 0.383464008569717 0.383464008569717 
0.383464008569717 0.383464008569717 0.383464008569717 0.383464008569717 
0.383464008569717 0.383464008569717 0.383464008569717 0.383464008569717 
0.383464008569717 0.383464008569717 0.383464008569717 0.383464008569717 
0.383464008569717 0.383464008569717 0.383464008569717 0.383464008569717 
0.383464008569717 0.383464008569717 0.383464008569717 0.383464008569717 
0.383464008569717 0.383464008569717 0.383464008569717 0.383464008569717 
0.383464008569717 0.383464008569717 0.383464008569717 0.383464008569717 
0.383464008569717 0.383464008569717 0.383464008569717 0.383464008569717 
0.383464008569717 0.383464008569717 0.383464008569717 0.383464008569717 
0.383464008569717 0.383464008569717 0.383464008569717 0.383464008569717 
0.383464008569717 0.383464008569717 0.383464008569717 0.383464008569717 
0.383464008569717 0.383464008569717 0.383464008569717 0.383464008569717 
0.383464008569717 0.383464008569717 0.383464008569717 0.383464008569717 
0.383464008569717 0.383464008569717 0.383464008569717 0.383464008569717 
0.383464008569717 0.383464008569717 0.383464008569717 0.383464008569717 
0.383464008569717 0.383464008569717 0.383464008569717 0.383464008569717 
0.383464008569717 0.383464008569717 0.383464008569717 0.383464008569717 
0.383464008569717 0.383464008569717 0.383464008569717 0.383464008569717 
0.383464008569717 0.383464008569717 0.383464008569717 0.383464008569717 
0.383464008569717 0.383464008569717 0.383464008569717 0.383464008569717 
0.383464008569717 0.383464008569717 0.383464008569717 0.383464008569717 
0.383464008569717 0.383464008569717 0.383464008569717 0.383464008569717 
0.383464008569717 0.383464008569717 0.383464008569717 0.383464008569717 
0.383464008569717 0.383464008569717 0.383464008569717 0.383464008569717 
0.383464008569717 0.383464008569717 0.383464008569717 0.383464008569717 
0.383464008569717 0.383464008569717 0.383464008569717 0.383464008569717 
0.383464008569717 0.383464008569717 0.383464008569717 0.383464008569717 
0.383464008569717 0.383464008569717 0.383464008569717 0.383464008569717 
0.383464008569717 0.383464008569717 0.383464008569717 0.383464008569717 
0.383464008569717 0.383464008569717 0.383464008569717 0.383464008569717 
0.383464008569717 0.383464008569717 0.383464008569717 0.383464008569717 
0.383464008569717 0.383464008569717 0.383464008569717 0.383464008569717 
0.383464008569717 0.383464008569717 0.383464008569717 0.383464008569717
##$RECO_byte_order=littleEndian
$$ @vis= RECO_maxima RECO_map_min RECO_map_max RECO_map_offset RECO_map_slope
##$RECO_time=( 24 )
<22:24:15 24 Jul 2014>
##$RECO_abs_time=1406255055
##$RECO_base_image_uid=( 65 )
<2.16.756.5.5.100.278412266.14994.1406255670.1251>
$$ @vis= RECO_byte_order RECO_time RECO_abs_time RECO_base_image_uid
##$GS_reco_display=Yes
##$GO_reco_display=Yes
##$GO_reco_each_nr=No
$$ @vis= RecoRegridNGroup GS_reco_display RECO_GS GO_reco_display
##$GO_max_reco_mem=0
$$ @vis= GO_reco_each_nr GO_max_reco_mem RECO_GO RECO
##END=
