##TITLE=Parameter List
##JCAMPDX=4.24
##DATATYPE=Parameter Values
##ORIGIN=Bruker BioSpin MRI GmbH
##OWNER=ryan
$$ Thu Jul 24 22:34:30 2014 EDT (UT-4h)  ryan
$$ /opt/PV5.1/data/ryan/nmr/RMD266.qU1/40/pdata/1/visu_pars
##$VisuVersion=1
##$VisuUid=( 65 )
<2.16.756.5.5.100.278412266.14994.1406255670.1251>
##$VisuCreator=( 65 )
<ParaVision>
##$VisuCreatorVersion=( 65 )
<5.1>
##$VisuCreationDate=( 21 )
<22:24:15 24 Jul 2014>
$$ @vis= VisuVersion VisuUid VisuCreator VisuCreatorVersion VisuCreationDate
##$VisuCoreFrameCount=320
##$VisuCoreDim=1
##$VisuCoreSize=( 1 )
32
##$VisuCoreDimDesc=( 1 )
spectroscopic
$$ @vis= VisuInstance VisuCoreFrameCount VisuCoreDim VisuCoreSize
##$VisuCoreExtent=( 1 )
73.2537575754844
##$VisuCoreUnits=( 1, 65 )
<ppm>
##$VisuCoreDataMin=( 320 )
0 0 0 0 0 0 0 0 0 0 0 0 0 0 0 0 0 0 0 0 0 0 0 0 0 0 0 0 0 0 0 0 0 0 0 0 0 0 0 
0 0 0 0 0 0 0 0 0 0 0 0 0 0 0 0 0 0 0 0 0 0 0 0 0 0 0 0 0 0 0 0 0 0 0 0 0 0 0 
0 0 0 0 0 0 0 0 0 0 0 0 0 0 0 0 0 0 0 0 0 0 0 0 0 0 0 0 0 0 0 0 0 0 0 0 0 0 0 
0 0 0 0 0 0 0 0 0 0 0 0 0 0 0 0 0 0 0 0 0 0 0 0 0 0 0 0 0 0 0 0 0 0 0 0 0 0 0 
0 0 0 0 0 0 0 0 0 0 0 0 0 0 0 0 0 0 0 0 0 0 0 0 0 0 0 0 0 0 0 0 0 0 0 0 0 0 0 
0 0 0 0 0 0 0 0 0 0 0 0 0 0 0 0 0 0 0 0 0 0 0 0 0 0 0 0 0 0 0 0 0 0 0 0 0 0 0 
0 0 0 0 0 0 0 0 0 0 0 0 0 0 0 0 0 0 0 0 0 0 0 0 0 0 0 0 0 0 0 0 0 0 0 0 0 0 0 
0 0 0 0 0 0 0 0 0 0 0 0 0 0 0 0 0 0 0 0 0 0 0 0 0 0 0 0 0 0 0 0 0 0 0 0 0 0 0 
0 0 0 0 0 0 0 0
##$VisuCoreDataMax=( 320 )
32 32 7232 4435 31 36 8469 6556 37 29 10980 8003 27 41 12165 10088 40 36 
13360 10238 31 56 17031 13827 42 56 15590 13714 88 89 32113 27980 74 78 32767 
27063 46 39 15634 12664 36 31 15866 14110 35 38 11573 11350 39 39 11793 10286 
25 31 9378 9314 36 30 7546 6975 29 26 5402 6228 33 33 7245 4443 34 37 8477 
6550 37 39 10975 8037 32 37 12154 10103 42 36 13372 10227 39 43 17016 13827 
61 49 15569 13762 58 92 32092 27997 84 74 32737 27091 49 43 15689 12624 39 47 
15874 14132 38 27 11554 11359 28 32 11774 10271 33 48 9363 9312 25 40 7538 
6961 37 37 5415 6220 31 29 7222 4450 38 24 8481 6605 32 25 10950 8005 31 32 
12107 10146 36 34 13343 10251 33 43 17031 13847 39 55 15457 13788 54 89 31983 
28069 84 71 32714 27127 44 44 15572 12688 32 31 15792 14107 46 33 11561 11334 
33 36 11751 10262 25 31 9351 9299 30 28 7516 6949 25 24 5425 6247 34 27 7223 
4438 27 23 8451 6539 36 29 10970 7991 40 38 12116 10073 28 35 13346 10226 36 
42 16955 13816 39 54 15579 13685 55 85 32074 27879 74 89 32746 27016 49 47 
15582 12690 31 33 15844 14074 31 32 11562 11324 31 35 11754 10256 35 34 9351 
9304 30 27 7533 6961 34 27 5430 6236 22 33 7233 4439 41 40 8429 6551 38 37 
10948 8004 36 35 12088 10072 31 31 13311 10246 33 41 16973 13789 34 51 15557 
13706 65 90 32134 27860 75 67 32692 27059 49 43 15634 12663 42 44 15838 14058 
34 29 11528 11357 34 34 11755 10250 36 37 9363 9307 31 24 7523 6955 26 24 
5450 6223
$$ @vis= VisuCoreDimDesc VisuCoreExtent VisuCoreUnits VisuCoreDataMin
##$VisuCoreDataOffs=( 320 )
0 0 0 0 0 0 0 0 0 0 0 0 0 0 0 0 0 0 0 0 0 0 0 0 0 0 0 0 0 0 0 0 0 0 0 0 0 0 0 
0 0 0 0 0 0 0 0 0 0 0 0 0 0 0 0 0 0 0 0 0 0 0 0 0 0 0 0 0 0 0 0 0 0 0 0 0 0 0 
0 0 0 0 0 0 0 0 0 0 0 0 0 0 0 0 0 0 0 0 0 0 0 0 0 0 0 0 0 0 0 0 0 0 0 0 0 0 0 
0 0 0 0 0 0 0 0 0 0 0 0 0 0 0 0 0 0 0 0 0 0 0 0 0 0 0 0 0 0 0 0 0 0 0 0 0 0 0 
0 0 0 0 0 0 0 0 0 0 0 0 0 0 0 0 0 0 0 0 0 0 0 0 0 0 0 0 0 0 0 0 0 0 0 0 0 0 0 
0 0 0 0 0 0 0 0 0 0 0 0 0 0 0 0 0 0 0 0 0 0 0 0 0 0 0 0 0 0 0 0 0 0 0 0 0 0 0 
0 0 0 0 0 0 0 0 0 0 0 0 0 0 0 0 0 0 0 0 0 0 0 0 0 0 0 0 0 0 0 0 0 0 0 0 0 0 0 
0 0 0 0 0 0 0 0 0 0 0 0 0 0 0 0 0 0 0 0 0 0 0 0 0 0 0 0 0 0 0 0 0 0 0 0 0 0 0 
0 0 0 0 0 0 0 0
##$VisuCoreDataSlope=( 320 )
2.60780667194791 2.60780667194791 2.60780667194791 2.60780667194791 
2.60780667194791 2.60780667194791 2.60780667194791 2.60780667194791 
2.60780667194791 2.60780667194791 2.60780667194791 2.60780667194791 
2.60780667194791 2.60780667194791 2.60780667194791 2.60780667194791 
2.60780667194791 2.60780667194791 2.60780667194791 2.60780667194791 
2.60780667194791 2.60780667194791 2.60780667194791 2.60780667194791 
2.60780667194791 2.60780667194791 2.60780667194791 2.60780667194791 
2.60780667194791 2.60780667194791 2.60780667194791 2.60780667194791 
2.60780667194791 2.60780667194791 2.60780667194791 2.60780667194791 
2.60780667194791 2.60780667194791 2.60780667194791 2.60780667194791 
2.60780667194791 2.60780667194791 2.60780667194791 2.60780667194791 
2.60780667194791 2.60780667194791 2.60780667194791 2.60780667194791 
2.60780667194791 2.60780667194791 2.60780667194791 2.60780667194791 
2.60780667194791 2.60780667194791 2.60780667194791 2.60780667194791 
2.60780667194791 2.60780667194791 2.60780667194791 2.60780667194791 
2.60780667194791 2.60780667194791 2.60780667194791 2.60780667194791 
2.60780667194791 2.60780667194791 2.60780667194791 2.60780667194791 
2.60780667194791 2.60780667194791 2.60780667194791 2.60780667194791 
2.60780667194791 2.60780667194791 2.60780667194791 2.60780667194791 
2.60780667194791 2.60780667194791 2.60780667194791 2.60780667194791 
2.60780667194791 2.60780667194791 2.60780667194791 2.60780667194791 
2.60780667194791 2.60780667194791 2.60780667194791 2.60780667194791 
2.60780667194791 2.60780667194791 2.60780667194791 2.60780667194791 
2.60780667194791 2.60780667194791 2.60780667194791 2.60780667194791 
2.60780667194791 2.60780667194791 2.60780667194791 2.60780667194791 
2.60780667194791 2.60780667194791 2.60780667194791 2.60780667194791 
2.60780667194791 2.60780667194791 2.60780667194791 2.60780667194791 
2.60780667194791 2.60780667194791 2.60780667194791 2.60780667194791 
2.60780667194791 2.60780667194791 2.60780667194791 2.60780667194791 
2.60780667194791 2.60780667194791 2.60780667194791 2.60780667194791 
2.60780667194791 2.60780667194791 2.60780667194791 2.60780667194791 
2.60780667194791 2.60780667194791 2.60780667194791 2.60780667194791 
2.60780667194791 2.60780667194791 2.60780667194791 2.60780667194791 
2.60780667194791 2.60780667194791 2.60780667194791 2.60780667194791 
2.60780667194791 2.60780667194791 2.60780667194791 2.60780667194791 
2.60780667194791 2.60780667194791 2.60780667194791 2.60780667194791 
2.60780667194791 2.60780667194791 2.60780667194791 2.60780667194791 
2.60780667194791 2.60780667194791 2.60780667194791 2.60780667194791 
2.60780667194791 2.60780667194791 2.60780667194791 2.60780667194791 
2.60780667194791 2.60780667194791 2.60780667194791 2.60780667194791 
2.60780667194791 2.60780667194791 2.60780667194791 2.60780667194791 
2.60780667194791 2.60780667194791 2.60780667194791 2.60780667194791 
2.60780667194791 2.60780667194791 2.60780667194791 2.60780667194791 
2.60780667194791 2.60780667194791 2.60780667194791 2.60780667194791 
2.60780667194791 2.60780667194791 2.60780667194791 2.60780667194791 
2.60780667194791 2.60780667194791 2.60780667194791 2.60780667194791 
2.60780667194791 2.60780667194791 2.60780667194791 2.60780667194791 
2.60780667194791 2.60780667194791 2.60780667194791 2.60780667194791 
2.60780667194791 2.60780667194791 2.60780667194791 2.60780667194791 
2.60780667194791 2.60780667194791 2.60780667194791 2.60780667194791 
2.60780667194791 2.60780667194791 2.60780667194791 2.60780667194791 
2.60780667194791 2.60780667194791 2.60780667194791 2.60780667194791 
2.60780667194791 2.60780667194791 2.60780667194791 2.60780667194791 
2.60780667194791 2.60780667194791 2.60780667194791 2.60780667194791 
2.60780667194791 2.60780667194791 2.60780667194791 2.60780667194791 
2.60780667194791 2.60780667194791 2.60780667194791 2.60780667194791 
2.60780667194791 2.60780667194791 2.60780667194791 2.60780667194791 
2.60780667194791 2.60780667194791 2.60780667194791 2.60780667194791 
2.60780667194791 2.60780667194791 2.60780667194791 2.60780667194791 
2.60780667194791 2.60780667194791 2.60780667194791 2.60780667194791 
2.60780667194791 2.60780667194791 2.60780667194791 2.60780667194791 
2.60780667194791 2.60780667194791 2.60780667194791 2.60780667194791 
2.60780667194791 2.60780667194791 2.60780667194791 2.60780667194791 
2.60780667194791 2.60780667194791 2.60780667194791 2.60780667194791 
2.60780667194791 2.60780667194791 2.60780667194791 2.60780667194791 
2.60780667194791 2.60780667194791 2.60780667194791 2.60780667194791 
2.60780667194791 2.60780667194791 2.60780667194791 2.60780667194791 
2.60780667194791 2.60780667194791 2.60780667194791 2.60780667194791 
2.60780667194791 2.60780667194791 2.60780667194791 2.60780667194791 
2.60780667194791 2.60780667194791 2.60780667194791 2.60780667194791 
2.60780667194791 2.60780667194791 2.60780667194791 2.60780667194791 
2.60780667194791 2.60780667194791 2.60780667194791 2.60780667194791 
2.60780667194791 2.60780667194791 2.60780667194791 2.60780667194791 
2.60780667194791 2.60780667194791 2.60780667194791 2.60780667194791 
2.60780667194791 2.60780667194791 2.60780667194791 2.60780667194791 
2.60780667194791 2.60780667194791 2.60780667194791 2.60780667194791 
2.60780667194791 2.60780667194791 2.60780667194791 2.60780667194791 
2.60780667194791 2.60780667194791 2.60780667194791 2.60780667194791 
2.60780667194791 2.60780667194791 2.60780667194791 2.60780667194791 
2.60780667194791 2.60780667194791 2.60780667194791 2.60780667194791
##$VisuCoreFrameType=MAGNITUDE_IMAGE
$$ @vis= VisuCoreDataMax VisuCoreDataOffs VisuCoreDataSlope VisuCoreFrameType
##$VisuCoreWordType=_16BIT_SGN_INT
##$VisuCoreByteOrder=littleEndian
##$VisuFGOrderDescDim=1
$$ @vis= VisuCore VisuCoreWordType VisuCoreByteOrder VisuPixel
##$VisuFGOrderDesc=( 1 )
(320, <FG_CYCLE>, <>, 0, 0)
##$VisuSubjectName=( 65 )
<RMD266>
##$VisuSubjectId=( 65 )
<RMD266>
$$ @vis= VisuFGOrderDescDim VisuFGOrderDesc VisuFrameOrderDesc VisuSubjectName
##$VisuSubjectBirthDate=( 9 )
<>
##$VisuSubjectSex=FEMALE
##$VisuSubjectComment=( 2048 )
<>
$$ @vis= VisuSubjectId VisuSubjectBirthDate VisuSubjectSex VisuSubjectComment
##$VisuStudyUid=( 65 )
<2.16.756.5.5.100.278412266.26954.1406218880.603>
##$VisuStudyDate=( 21 )
<13:21:20 24 Jul 2014>
##$VisuStudyId=( 65 )
<RMD266>
##$VisuStudyNumber=1
##$VisuSubjectWeight=5
$$ @vis= VisuSubject VisuStudyUid VisuStudyDate VisuStudyId VisuStudyNumber
##$VisuStudyReferringPhysician=( 65 )
<>
##$VisuStudyDescription=( 65 )
<>
$$ @vis= VisuSubjectWeight VisuStudyReferringPhysician VisuStudyDescription
##$VisuSeriesNumber=2621441
##$VisuSubjectPosition=Head_Supine
##$VisuSeriesTypeId=( 65 )
<ACQ_USER_PVM>
$$ @vis= VisuStudy VisuSeriesNumber VisuSubjectPosition VisuSeriesTypeId
##$VisuAcqSoftwareVersion=( 65 )
<5.1>
##$VisuInstitution=( 65 )
<Duke University Biospec 70/20>
##$VisuStation=( 65 )
<spect>
$$ @vis= VisuSeries VisuAcqSoftwareVersion VisuInstitution VisuStation
##$VisuAcqDate=( 21 )
<22:24:15 24 Jul 2014>
##$VisuAcqEchoTrainLength=1
##$VisuAcqSequenceName=( 40 )
<rMD_HOT (pvm)>
##$VisuAcqNumberOfAverages=4
$$ @vis= VisuEquipment VisuAcqDate VisuAcqEchoTrainLength VisuAcqSequenceName
##$VisuAcqImagingFrequency=300.339542
##$VisuAcqImagedNucleus=( 8 )
<1H>
##$VisuAcqRepetitionTime=( 1 )
1880
$$ @vis= VisuAcqNumberOfAverages VisuAcqImagingFrequency VisuAcqImagedNucleus
##$VisuAcqFlipAngle=90
##$VisuAcqEchoTime=( 1 )
0
##$VisuAcquisitionProtocol=( 65 )
<RMD_HOT_RBM_RARE_ZQSQ2>
$$ @vis= VisuAcqRepetitionTime VisuAcqFlipAngle VisuAcqEchoTime
##$VisuAcqScanTime=601600
$$ @vis= VisuAcquisitionProtocol VisuAcqScanTime VisuAcquisition Visu
##END=
