##TITLE=Parameter List
##JCAMPDX=4.24
##DATATYPE=Parameter Values
##ORIGIN=Bruker BioSpin MRI GmbH
##OWNER=ryan
$$ Thu Aug  7 18:03:19 2014 EDT (UT-4h)  ryan
$$ /opt/PV5.1/data/ryan/nmr/RMD272.r81/34/pdata/1/procs
##$PPARMOD=0
##$FT_mod=6
##$SI=32
##$TDeff=0
##$TDoff=0
##$BC_mod=2
##$WDW=0
##$GB=0.5
##$LB=-0.5
##$SSB=1
##$TM1=0.25
##$TM2=0.75
##$PH_mod=1
##$PHC0=0
##$PHC1=0
##$ABSF1=10
##$ABSF2=0
##$ABSG=5
##$ABSL=3
##$ALPHA=0
##$ASSFAC=0
##$ASSFACI=0
##$ASSFACX=0
##$ASSWID=0
##$AUNMP=<>
##$AZFE=0.1
##$AZFW=0.1
##$BYTORDP=0
##$COROFFS=0
##$DATMOD=1
##$DC=2
##$DFILT=<>
##$FCOR=0.5
##$GAMMA=1
##$INTBC=1
##$INTSCL=1
##$ISEN=128
##$LEV0=0
##$MAXI=10000
##$MC2=0
##$MI=0
##$NC_proc=0
##$NLEV=6
##$NOISF1=0
##$NOISF2=0
##$NSP=1
##$NTH_PI=0
##$NZP=0
##$OFFSET=0
##$PC=1
##$PKNL=1
##$PSCAL=0
##$PSIGN=0
##$REVERSE=0
##$SF=300.3395589
##$SIGF1=0
##$SIGF2=0
##$SINO=400
##$SREGLST=<1H.CDCl3>
##$STSI=0
##$STSR=0
##$SW_p=22001
##$SYMM=0
##$S_DEV=0
##$TI=<>
##$TILT=0
##$TOPLEV=0
##$YMAX_p=32766
##$YMIN_p=0
##$BCFW=1
##$LPBIN=0
##$ME_mod=0
##END=
