##TITLE=Parameter List
##JCAMPDX=4.24
##DATATYPE=Parameter Values
##ORIGIN=Bruker BioSpin MRI GmbH
##OWNER=ryan
$$ Thu Aug  7 18:03:19 2014 EDT (UT-4h)  ryan
$$ /opt/PV5.1/data/ryan/nmr/RMD272.r81/34/pdata/1/visu_pars
##$VisuVersion=1
##$VisuUid=( 65 )
<2.16.756.5.5.100.278412266.22167.1407448999.1120>
##$VisuCreator=( 65 )
<ParaVision>
##$VisuCreatorVersion=( 65 )
<5.1>
##$VisuCreationDate=( 21 )
<17:51:55  7 Aug 2014>
$$ @vis= VisuVersion VisuUid VisuCreator VisuCreatorVersion VisuCreationDate
##$VisuCoreFrameCount=1680
##$VisuCoreDim=1
##$VisuCoreSize=( 1 )
32
##$VisuCoreDimDesc=( 1 )
spectroscopic
$$ @vis= VisuInstance VisuCoreFrameCount VisuCoreDim VisuCoreSize
##$VisuCoreExtent=( 1 )
73.2537534535215
##$VisuCoreUnits=( 1, 65 )
<ppm>
##$VisuCoreDataMin=( 1680 )
0 0 0 0 0 0 0 0 0 0 0 0 0 0 0 0 0 0 0 0 0 0 0 0 0 0 0 0 0 0 0 0 0 0 0 0 0 0 0 
0 0 0 0 0 0 0 0 0 0 0 0 0 0 0 0 0 0 0 0 0 0 0 0 0 0 0 0 0 0 0 0 0 0 0 0 0 0 0 
0 0 0 0 0 0 0 0 0 0 0 0 0 0 0 0 0 0 0 0 0 0 0 0 0 0 0 0 0 0 0 0 0 0 0 0 0 0 0 
0 0 0 0 0 0 0 0 0 0 0 0 0 0 0 0 0 0 0 0 0 0 0 0 0 0 0 0 0 0 0 0 0 0 0 0 0 0 0 
0 0 0 0 0 0 0 0 0 0 0 0 0 0 0 0 0 0 0 0 0 0 0 0 0 0 0 0 0 0 0 0 0 0 0 0 0 0 0 
0 0 0 0 0 0 0 0 0 0 0 0 0 0 0 0 0 0 0 0 0 0 0 0 0 0 0 0 0 0 0 0 0 0 0 0 0 0 0 
0 0 0 0 0 0 0 0 0 0 0 0 0 0 0 0 0 0 0 0 0 0 0 0 0 0 0 0 0 0 0 0 0 0 0 0 0 0 0 
0 0 0 0 0 0 0 0 0 0 0 0 0 0 0 0 0 0 0 0 0 0 0 0 0 0 0 0 0 0 0 0 0 0 0 0 0 0 0 
0 0 0 0 0 0 0 0 0 0 0 0 0 0 0 0 0 0 0 0 0 0 0 0 0 0 0 0 0 0 0 0 0 0 0 0 0 0 0 
0 0 0 0 0 0 0 0 0 0 0 0 0 0 0 0 0 0 0 0 0 0 0 0 0 0 0 0 0 0 0 0 0 0 0 0 0 0 0 
0 0 0 0 0 0 0 0 0 0 0 0 0 0 0 0 0 0 0 0 0 0 0 0 0 0 0 0 0 0 0 0 0 0 0 0 0 0 0 
0 0 0 0 0 0 0 0 0 0 0 0 0 0 0 0 0 0 0 0 0 0 0 0 0 0 0 0 0 0 0 0 0 0 0 0 0 0 0 
0 0 0 0 0 0 0 0 0 0 0 0 0 0 0 0 0 0 0 0 0 0 0 0 0 0 0 0 0 0 0 0 0 0 0 0 0 0 0 
0 0 0 0 0 0 0 0 0 0 0 0 0 0 0 0 0 0 0 0 0 0 0 0 0 0 0 0 0 0 0 0 0 0 0 0 0 0 0 
0 0 0 0 0 0 0 0 0 0 0 0 0 0 0 0 0 0 0 0 0 0 0 0 0 0 0 0 0 0 0 0 0 0 0 0 0 0 0 
0 0 0 0 0 0 0 0 0 0 0 0 0 0 0 0 0 0 0 0 0 0 0 0 0 0 0 0 0 0 0 0 0 0 0 0 0 0 0 
0 0 0 0 0 0 0 0 0 0 0 0 0 0 0 0 0 0 0 0 0 0 0 0 0 0 0 0 0 0 0 0 0 0 0 0 0 0 0 
0 0 0 0 0 0 0 0 0 0 0 0 0 0 0 0 0 0 0 0 0 0 0 0 0 0 0 0 0 0 0 0 0 0 0 0 0 0 0 
0 0 0 0 0 0 0 0 0 0 0 0 0 0 0 0 0 0 0 0 0 0 0 0 0 0 0 0 0 0 0 0 0 0 0 0 0 0 0 
0 0 0 0 0 0 0 0 0 0 0 0 0 0 0 0 0 0 0 0 0 0 0 0 0 0 0 0 0 0 0 0 0 0 0 0 0 0 0 
0 0 0 0 0 0 0 0 0 0 0 0 0 0 0 0 0 0 0 0 0 0 0 0 0 0 0 0 0 0 0 0 0 0 0 0 0 0 0 
0 0 0 0 0 0 0 0 0 0 0 0 0 0 0 0 0 0 0 0 0 0 0 0 0 0 0 0 0 0 0 0 0 0 0 0 0 0 0 
0 0 0 0 0 0 0 0 0 0 0 0 0 0 0 0 0 0 0 0 0 0 0 0 0 0 0 0 0 0 0 0 0 0 0 0 0 0 0 
0 0 0 0 0 0 0 0 0 0 0 0 0 0 0 0 0 0 0 0 0 0 0 0 0 0 0 0 0 0 0 0 0 0 0 0 0 0 0 
0 0 0 0 0 0 0 0 0 0 0 0 0 0 0 0 0 0 0 0 0 0 0 0 0 0 0 0 0 0 0 0 0 0 0 0 0 0 0 
0 0 0 0 0 0 0 0 0 0 0 0 0 0 0 0 0 0 0 0 0 0 0 0 0 0 0 0 0 0 0 0 0 0 0 0 0 0 0 
0 0 0 0 0 0 0 0 0 0 0 0 0 0 0 0 0 0 0 0 0 0 0 0 0 0 0 0 0 0 0 0 0 0 0 0 0 0 0 
0 0 0 0 0 0 0 0 0 0 0 0 0 0 0 0 0 0 0 0 0 0 0 0 0 0 0 0 0 0 0 0 0 0 0 0 0 0 0 
0 0 0 0 0 0 0 0 0 0 0 0 0 0 0 0 0 0 0 0 0 0 0 0 0 0 0 0 0 0 0 0 0 0 0 0 0 0 0 
0 0 0 0 0 0 0 0 0 0 0 0 0 0 0 0 0 0 0 0 0 0 0 0 0 0 0 0 0 0 0 0 0 0 0 0 0 0 0 
0 0 0 0 0 0 0 0 0 0 0 0 0 0 0 0 0 0 0 0 0 0 0 0 0 0 0 0 0 0 0 0 0 0 0 0 0 0 0 
0 0 0 0 0 0 0 0 0 0 0 0 0 0 0 0 0 0 0 0 0 0 0 0 0 0 0 0 0 0 0 0 0 0 0 0 0 0 0 
0 0 0 0 0 0 0 0 0 0 0 0 0 0 0 0 0 0 0 0 0 0 0 0 0 0 0 0 0 0 0 0 0 0 0 0 0 0 0 
0 0 0 0 0 0 0 0 0 0 0 0 0 0 0 0 0 0 0 0 0 0 0 0 0 0 0 0 0 0 0 0 0 0 0 0 0 0 0 
0 0 0 0 0 0 0 0 0 0 0 0 0 0 0 0 0 0 0 0 0 0 0 0 0 0 0 0 0 0 0 0 0 0 0 0 0 0 0 
0 0 0 0 0 0 0 0 0 0 0 0 0 0 0 0 0 0 0 0 0 0 0 0 0 0 0 0 0 0 0 0 0 0 0 0 0 0 0 
0 0 0 0 0 0 0 0 0 0 0 0 0 0 0 0 0 0 0 0 0 0 0 0 0 0 0 0 0 0 0 0 0 0 0 0 0 0 0 
0 0 0 0 0 0 0 0 0 0 0 0 0 0 0 0 0 0 0 0 0 0 0 0 0 0 0 0 0 0 0 0 0 0 0 0 0 0 0 
0 0 0 0 0 0 0 0 0 0 0 0 0 0 0 0 0 0 0 0 0 0 0 0 0 0 0 0 0 0 0 0 0 0 0 0 0 0 0 
0 0 0 0 0 0 0 0 0 0 0 0 0 0 0 0 0 0 0 0 0 0 0 0 0 0 0 0 0 0 0 0 0 0 0 0 0 0 0 
0 0 0 0 0 0 0 0 0 0 0 0 0 0 0 0 0 0 0 0 0 0 0 0 0 0 0 0 0 0 0 0 0 0 0 0 0 0 0 
0 0 0 0 0 0 0 0 0 0 0 0 0 0 0 0 0 0 0 0 0 0 0 0 0 0 0 0 0 0 0 0 0 0 0 0 0 0 0 
0 0 0 0 0 0 0 0 0 0 0 0 0 0 0 0 0 0 0 0 0 0 0 0 0 0 0 0 0 0 0 0 0 0 0 0 0 0 0 
0 0 0
##$VisuCoreDataMax=( 1680 )
3733 51 48 34 37 46 34 27 45 36 33 40 19 28 23 35 28 32 31 28 28 4541 52 48 
47 46 27 41 36 30 38 37 27 33 29 21 32 23 34 41 26 23 5812 51 49 53 56 51 49 
31 60 33 30 30 39 35 30 32 27 32 22 30 32 6514 62 76 39 45 50 40 32 55 32 38 
39 37 24 33 26 24 29 24 28 29 5952 52 61 42 54 41 37 31 40 40 42 33 27 29 39 
37 32 21 29 24 21 8099 72 77 66 56 30 54 41 37 37 54 34 48 31 45 24 41 25 27 
24 29 19849 84 65 68 55 61 42 46 43 50 34 31 39 45 31 27 29 40 42 26 23 32643 
116 74 99 76 80 70 77 80 65 70 62 47 51 51 47 46 47 45 36 39 32038 102 94 89 
85 78 83 83 61 53 54 56 52 63 40 44 49 45 40 43 34 19047 80 60 65 64 47 60 61 
39 39 38 49 42 40 36 30 23 22 29 39 26 9652 58 48 84 43 49 41 45 35 51 43 40 
44 44 27 29 26 41 27 36 20 7689 60 62 52 40 48 34 34 30 52 20 34 43 39 27 28 
24 29 30 27 22 6357 69 65 59 46 43 32 46 30 44 27 31 28 40 27 29 28 32 27 26 
22 6282 52 42 80 46 53 39 53 32 46 29 40 23 41 25 27 30 31 31 27 22 5203 60 
39 34 47 38 34 31 27 36 32 31 29 34 31 27 27 26 22 27 28 4345 58 51 40 46 40 
28 37 46 31 32 25 43 32 25 29 32 29 22 22 21 3803 52 37 48 40 41 31 36 38 48 
34 37 41 33 25 25 24 29 24 36 26 4570 59 30 39 45 28 41 28 35 36 45 32 41 31 
25 46 29 25 31 26 28 5850 59 56 61 52 33 46 37 44 31 41 27 39 23 31 20 27 34 
24 29 34 6579 67 68 52 63 34 33 33 48 35 60 30 36 31 46 15 22 23 28 21 27 
5998 69 78 34 51 40 62 31 56 27 39 27 36 30 30 24 30 24 34 23 27 8162 60 86 
63 60 31 61 37 45 47 35 41 34 28 32 34 29 24 25 24 32 19937 72 54 75 52 57 48 
46 33 42 38 36 40 28 30 36 27 23 26 27 32 32735 105 84 86 71 73 83 84 56 60 
66 61 48 48 57 49 51 51 53 37 47 32065 99 98 75 90 75 76 78 63 70 55 58 53 51 
72 55 44 43 36 34 36 19117 74 68 60 64 56 56 46 48 53 40 46 53 36 41 41 28 35 
36 33 38 9717 82 68 58 46 56 43 50 38 39 29 35 32 42 40 32 30 32 21 26 24 
7765 68 58 61 45 51 33 48 28 50 44 42 34 46 26 35 25 25 27 28 25 6379 56 60 
61 41 53 33 32 32 52 28 42 27 40 24 37 31 32 21 17 20 6356 50 56 69 45 44 30 
39 37 46 30 45 32 48 28 32 21 24 29 27 27 5243 44 31 49 45 37 28 46 32 31 37 
29 22 29 32 30 25 31 25 29 31 4325 40 46 36 48 32 38 46 44 28 24 30 29 26 32 
23 24 31 32 26 26 3793 57 36 52 35 34 29 29 31 30 39 36 30 30 21 25 27 27 23 
29 26 4575 45 44 41 42 34 35 38 39 29 29 27 32 25 28 38 34 31 19 26 29 5837 
71 60 58 52 37 39 36 53 38 35 36 33 29 29 29 28 35 30 36 28 6565 67 66 53 57 
33 38 27 54 36 65 21 34 29 26 22 35 28 21 24 25 5999 61 94 36 61 44 51 31 39 
32 33 30 27 34 24 35 28 30 24 34 32 8154 73 89 46 74 43 65 42 39 51 38 28 47 
34 26 29 23 34 31 27 28 19982 82 65 87 51 55 45 55 38 51 45 49 39 36 37 40 26 
23 29 36 30 32696 119 69 106 71 88 70 76 65 56 55 62 51 55 42 43 45 50 43 47 
37 32008 81 97 99 89 84 79 67 77 58 58 66 56 55 51 54 46 58 40 33 37 19046 94 
73 61 53 48 64 51 39 37 60 36 30 33 39 28 30 41 34 25 24 9662 73 78 79 67 42 
39 43 41 55 35 42 33 35 21 37 36 24 32 24 27 7702 56 56 47 36 55 43 35 38 37 
19 32 25 39 28 28 28 26 26 27 29 6349 56 75 75 47 47 36 53 46 42 30 41 29 38 
32 39 25 28 22 28 21 6296 49 57 54 40 52 30 42 30 51 39 41 35 38 23 39 31 29 
25 27 27 5199 62 37 33 40 45 38 32 25 35 35 38 26 21 24 25 19 21 24 24 20 
4316 48 53 36 46 38 60 29 41 28 35 34 38 34 26 25 30 21 22 22 27 3747 57 49 
52 31 44 30 44 47 42 24 29 28 44 23 33 26 39 28 33 21 4567 58 47 36 38 42 37 
34 46 39 26 32 28 34 30 21 23 28 28 26 27 5856 74 62 61 42 34 50 34 44 22 36 
32 30 25 44 22 29 26 30 29 29 6568 63 81 54 53 40 47 30 42 30 29 29 50 23 25 
25 32 23 24 23 24 5976 57 78 50 62 34 49 30 51 23 33 32 35 34 26 30 28 27 29 
27 22 8103 54 69 52 59 40 45 50 44 41 35 35 40 33 38 28 43 27 23 28 27 19838 
92 73 59 53 47 49 55 40 37 46 45 44 37 32 31 37 27 30 26 22 32686 102 80 91 
65 81 72 73 58 68 70 61 47 50 50 46 51 37 44 30 41 32110 109 92 93 86 72 70 
77 69 61 60 58 51 51 42 52 48 44 39 34 36 19178 80 72 63 73 52 44 57 39 40 40 
36 51 41 36 36 31 31 33 25 29 9760 80 59 73 56 58 43 40 40 44 33 41 33 27 40 
25 29 25 28 30 29 7750 64 56 72 33 46 45 39 35 63 39 42 34 25 36 25 29 22 22 
27 23 6384 72 55 61 41 53 31 40 47 54 27 28 28 41 27 25 31 23 19 23 24 6350 
55 67 61 36 51 34 46 31 35 33 36 31 29 42 32 26 27 30 24 33 5245 54 37 54 26 
49 34 32 34 40 31 37 32 34 30 31 21 25 25 30 25 4354 57 48 50 43 35 45 40 43 
38 37 29 37 29 28 26 31 27 32 29 18 3796 54 40 49 42 36 35 49 35 29 27 46 28 
34 29 27 25 33 26 31 30 4571 49 31 41 49 40 35 36 50 37 45 28 36 29 34 23 32 
30 22 29 22 5850 55 61 46 54 33 41 42 44 21 32 26 28 30 29 30 24 24 29 25 25 
6576 64 68 49 68 30 47 30 54 26 27 36 35 33 22 28 27 28 24 27 29 6019 74 82 
46 58 36 51 32 49 23 55 33 31 26 27 30 27 31 34 29 25 8152 67 82 50 53 40 59 
52 43 47 39 36 30 28 26 34 37 20 29 26 23 19954 95 55 80 56 72 60 44 43 53 36 
57 47 45 39 36 35 33 27 26 25 32766 111 82 86 81 87 69 78 66 67 53 51 47 56 
66 44 39 44 42 36 32 32144 91 88 93 75 87 91 76 80 61 57 53 46 55 38 47 43 47 
45 42 40 19145 87 65 59 60 50 53 42 37 35 45 32 35 34 37 42 30 32 28 28 35 
9723 86 78 81 49 58 43 51 31 60 39 45 29 36 28 25 25 25 26 25 26 7764 65 60 
81 38 48 35 44 40 45 34 41 29 33 24 22 28 24 25 22 25 6373 69 47 59 42 57 35 
47 29 41 34 33 32 42 24 33 19 40 33 29 24 6350 54 52 51 38 49 47 46 26 45 34 
31 29 45 37 34 27 27 31 22 24 5237 49 36 36 31 43 31 31 32 33 31 30 31 26 29 
26 30 33 29 24 19 4355 53 43 31 53 34 40 30 27 30 29 30 31 32 34 20 30 30 33 
18 20
$$ @vis= VisuCoreDimDesc VisuCoreExtent VisuCoreUnits VisuCoreDataMin
##$VisuCoreDataOffs=( 1680 )
0 0 0 0 0 0 0 0 0 0 0 0 0 0 0 0 0 0 0 0 0 0 0 0 0 0 0 0 0 0 0 0 0 0 0 0 0 0 0 
0 0 0 0 0 0 0 0 0 0 0 0 0 0 0 0 0 0 0 0 0 0 0 0 0 0 0 0 0 0 0 0 0 0 0 0 0 0 0 
0 0 0 0 0 0 0 0 0 0 0 0 0 0 0 0 0 0 0 0 0 0 0 0 0 0 0 0 0 0 0 0 0 0 0 0 0 0 0 
0 0 0 0 0 0 0 0 0 0 0 0 0 0 0 0 0 0 0 0 0 0 0 0 0 0 0 0 0 0 0 0 0 0 0 0 0 0 0 
0 0 0 0 0 0 0 0 0 0 0 0 0 0 0 0 0 0 0 0 0 0 0 0 0 0 0 0 0 0 0 0 0 0 0 0 0 0 0 
0 0 0 0 0 0 0 0 0 0 0 0 0 0 0 0 0 0 0 0 0 0 0 0 0 0 0 0 0 0 0 0 0 0 0 0 0 0 0 
0 0 0 0 0 0 0 0 0 0 0 0 0 0 0 0 0 0 0 0 0 0 0 0 0 0 0 0 0 0 0 0 0 0 0 0 0 0 0 
0 0 0 0 0 0 0 0 0 0 0 0 0 0 0 0 0 0 0 0 0 0 0 0 0 0 0 0 0 0 0 0 0 0 0 0 0 0 0 
0 0 0 0 0 0 0 0 0 0 0 0 0 0 0 0 0 0 0 0 0 0 0 0 0 0 0 0 0 0 0 0 0 0 0 0 0 0 0 
0 0 0 0 0 0 0 0 0 0 0 0 0 0 0 0 0 0 0 0 0 0 0 0 0 0 0 0 0 0 0 0 0 0 0 0 0 0 0 
0 0 0 0 0 0 0 0 0 0 0 0 0 0 0 0 0 0 0 0 0 0 0 0 0 0 0 0 0 0 0 0 0 0 0 0 0 0 0 
0 0 0 0 0 0 0 0 0 0 0 0 0 0 0 0 0 0 0 0 0 0 0 0 0 0 0 0 0 0 0 0 0 0 0 0 0 0 0 
0 0 0 0 0 0 0 0 0 0 0 0 0 0 0 0 0 0 0 0 0 0 0 0 0 0 0 0 0 0 0 0 0 0 0 0 0 0 0 
0 0 0 0 0 0 0 0 0 0 0 0 0 0 0 0 0 0 0 0 0 0 0 0 0 0 0 0 0 0 0 0 0 0 0 0 0 0 0 
0 0 0 0 0 0 0 0 0 0 0 0 0 0 0 0 0 0 0 0 0 0 0 0 0 0 0 0 0 0 0 0 0 0 0 0 0 0 0 
0 0 0 0 0 0 0 0 0 0 0 0 0 0 0 0 0 0 0 0 0 0 0 0 0 0 0 0 0 0 0 0 0 0 0 0 0 0 0 
0 0 0 0 0 0 0 0 0 0 0 0 0 0 0 0 0 0 0 0 0 0 0 0 0 0 0 0 0 0 0 0 0 0 0 0 0 0 0 
0 0 0 0 0 0 0 0 0 0 0 0 0 0 0 0 0 0 0 0 0 0 0 0 0 0 0 0 0 0 0 0 0 0 0 0 0 0 0 
0 0 0 0 0 0 0 0 0 0 0 0 0 0 0 0 0 0 0 0 0 0 0 0 0 0 0 0 0 0 0 0 0 0 0 0 0 0 0 
0 0 0 0 0 0 0 0 0 0 0 0 0 0 0 0 0 0 0 0 0 0 0 0 0 0 0 0 0 0 0 0 0 0 0 0 0 0 0 
0 0 0 0 0 0 0 0 0 0 0 0 0 0 0 0 0 0 0 0 0 0 0 0 0 0 0 0 0 0 0 0 0 0 0 0 0 0 0 
0 0 0 0 0 0 0 0 0 0 0 0 0 0 0 0 0 0 0 0 0 0 0 0 0 0 0 0 0 0 0 0 0 0 0 0 0 0 0 
0 0 0 0 0 0 0 0 0 0 0 0 0 0 0 0 0 0 0 0 0 0 0 0 0 0 0 0 0 0 0 0 0 0 0 0 0 0 0 
0 0 0 0 0 0 0 0 0 0 0 0 0 0 0 0 0 0 0 0 0 0 0 0 0 0 0 0 0 0 0 0 0 0 0 0 0 0 0 
0 0 0 0 0 0 0 0 0 0 0 0 0 0 0 0 0 0 0 0 0 0 0 0 0 0 0 0 0 0 0 0 0 0 0 0 0 0 0 
0 0 0 0 0 0 0 0 0 0 0 0 0 0 0 0 0 0 0 0 0 0 0 0 0 0 0 0 0 0 0 0 0 0 0 0 0 0 0 
0 0 0 0 0 0 0 0 0 0 0 0 0 0 0 0 0 0 0 0 0 0 0 0 0 0 0 0 0 0 0 0 0 0 0 0 0 0 0 
0 0 0 0 0 0 0 0 0 0 0 0 0 0 0 0 0 0 0 0 0 0 0 0 0 0 0 0 0 0 0 0 0 0 0 0 0 0 0 
0 0 0 0 0 0 0 0 0 0 0 0 0 0 0 0 0 0 0 0 0 0 0 0 0 0 0 0 0 0 0 0 0 0 0 0 0 0 0 
0 0 0 0 0 0 0 0 0 0 0 0 0 0 0 0 0 0 0 0 0 0 0 0 0 0 0 0 0 0 0 0 0 0 0 0 0 0 0 
0 0 0 0 0 0 0 0 0 0 0 0 0 0 0 0 0 0 0 0 0 0 0 0 0 0 0 0 0 0 0 0 0 0 0 0 0 0 0 
0 0 0 0 0 0 0 0 0 0 0 0 0 0 0 0 0 0 0 0 0 0 0 0 0 0 0 0 0 0 0 0 0 0 0 0 0 0 0 
0 0 0 0 0 0 0 0 0 0 0 0 0 0 0 0 0 0 0 0 0 0 0 0 0 0 0 0 0 0 0 0 0 0 0 0 0 0 0 
0 0 0 0 0 0 0 0 0 0 0 0 0 0 0 0 0 0 0 0 0 0 0 0 0 0 0 0 0 0 0 0 0 0 0 0 0 0 0 
0 0 0 0 0 0 0 0 0 0 0 0 0 0 0 0 0 0 0 0 0 0 0 0 0 0 0 0 0 0 0 0 0 0 0 0 0 0 0 
0 0 0 0 0 0 0 0 0 0 0 0 0 0 0 0 0 0 0 0 0 0 0 0 0 0 0 0 0 0 0 0 0 0 0 0 0 0 0 
0 0 0 0 0 0 0 0 0 0 0 0 0 0 0 0 0 0 0 0 0 0 0 0 0 0 0 0 0 0 0 0 0 0 0 0 0 0 0 
0 0 0 0 0 0 0 0 0 0 0 0 0 0 0 0 0 0 0 0 0 0 0 0 0 0 0 0 0 0 0 0 0 0 0 0 0 0 0 
0 0 0 0 0 0 0 0 0 0 0 0 0 0 0 0 0 0 0 0 0 0 0 0 0 0 0 0 0 0 0 0 0 0 0 0 0 0 0 
0 0 0 0 0 0 0 0 0 0 0 0 0 0 0 0 0 0 0 0 0 0 0 0 0 0 0 0 0 0 0 0 0 0 0 0 0 0 0 
0 0 0 0 0 0 0 0 0 0 0 0 0 0 0 0 0 0 0 0 0 0 0 0 0 0 0 0 0 0 0 0 0 0 0 0 0 0 0 
0 0 0 0 0 0 0 0 0 0 0 0 0 0 0 0 0 0 0 0 0 0 0 0 0 0 0 0 0 0 0 0 0 0 0 0 0 0 0 
0 0 0 0 0 0 0 0 0 0 0 0 0 0 0 0 0 0 0 0 0 0 0 0 0 0 0 0 0 0 0 0 0 0 0 0 0 0 0 
0 0 0
##$VisuCoreDataSlope=( 1680 )
11.1467639745306 11.1467639745306 11.1467639745306 11.1467639745306 
11.1467639745306 11.1467639745306 11.1467639745306 11.1467639745306 
11.1467639745306 11.1467639745306 11.1467639745306 11.1467639745306 
11.1467639745306 11.1467639745306 11.1467639745306 11.1467639745306 
11.1467639745306 11.1467639745306 11.1467639745306 11.1467639745306 
11.1467639745306 11.1467639745306 11.1467639745306 11.1467639745306 
11.1467639745306 11.1467639745306 11.1467639745306 11.1467639745306 
11.1467639745306 11.1467639745306 11.1467639745306 11.1467639745306 
11.1467639745306 11.1467639745306 11.1467639745306 11.1467639745306 
11.1467639745306 11.1467639745306 11.1467639745306 11.1467639745306 
11.1467639745306 11.1467639745306 11.1467639745306 11.1467639745306 
11.1467639745306 11.1467639745306 11.1467639745306 11.1467639745306 
11.1467639745306 11.1467639745306 11.1467639745306 11.1467639745306 
11.1467639745306 11.1467639745306 11.1467639745306 11.1467639745306 
11.1467639745306 11.1467639745306 11.1467639745306 11.1467639745306 
11.1467639745306 11.1467639745306 11.1467639745306 11.1467639745306 
11.1467639745306 11.1467639745306 11.1467639745306 11.1467639745306 
11.1467639745306 11.1467639745306 11.1467639745306 11.1467639745306 
11.1467639745306 11.1467639745306 11.1467639745306 11.1467639745306 
11.1467639745306 11.1467639745306 11.1467639745306 11.1467639745306 
11.1467639745306 11.1467639745306 11.1467639745306 11.1467639745306 
11.1467639745306 11.1467639745306 11.1467639745306 11.1467639745306 
11.1467639745306 11.1467639745306 11.1467639745306 11.1467639745306 
11.1467639745306 11.1467639745306 11.1467639745306 11.1467639745306 
11.1467639745306 11.1467639745306 11.1467639745306 11.1467639745306 
11.1467639745306 11.1467639745306 11.1467639745306 11.1467639745306 
11.1467639745306 11.1467639745306 11.1467639745306 11.1467639745306 
11.1467639745306 11.1467639745306 11.1467639745306 11.1467639745306 
11.1467639745306 11.1467639745306 11.1467639745306 11.1467639745306 
11.1467639745306 11.1467639745306 11.1467639745306 11.1467639745306 
11.1467639745306 11.1467639745306 11.1467639745306 11.1467639745306 
11.1467639745306 11.1467639745306 11.1467639745306 11.1467639745306 
11.1467639745306 11.1467639745306 11.1467639745306 11.1467639745306 
11.1467639745306 11.1467639745306 11.1467639745306 11.1467639745306 
11.1467639745306 11.1467639745306 11.1467639745306 11.1467639745306 
11.1467639745306 11.1467639745306 11.1467639745306 11.1467639745306 
11.1467639745306 11.1467639745306 11.1467639745306 11.1467639745306 
11.1467639745306 11.1467639745306 11.1467639745306 11.1467639745306 
11.1467639745306 11.1467639745306 11.1467639745306 11.1467639745306 
11.1467639745306 11.1467639745306 11.1467639745306 11.1467639745306 
11.1467639745306 11.1467639745306 11.1467639745306 11.1467639745306 
11.1467639745306 11.1467639745306 11.1467639745306 11.1467639745306 
11.1467639745306 11.1467639745306 11.1467639745306 11.1467639745306 
11.1467639745306 11.1467639745306 11.1467639745306 11.1467639745306 
11.1467639745306 11.1467639745306 11.1467639745306 11.1467639745306 
11.1467639745306 11.1467639745306 11.1467639745306 11.1467639745306 
11.1467639745306 11.1467639745306 11.1467639745306 11.1467639745306 
11.1467639745306 11.1467639745306 11.1467639745306 11.1467639745306 
11.1467639745306 11.1467639745306 11.1467639745306 11.1467639745306 
11.1467639745306 11.1467639745306 11.1467639745306 11.1467639745306 
11.1467639745306 11.1467639745306 11.1467639745306 11.1467639745306 
11.1467639745306 11.1467639745306 11.1467639745306 11.1467639745306 
11.1467639745306 11.1467639745306 11.1467639745306 11.1467639745306 
11.1467639745306 11.1467639745306 11.1467639745306 11.1467639745306 
11.1467639745306 11.1467639745306 11.1467639745306 11.1467639745306 
11.1467639745306 11.1467639745306 11.1467639745306 11.1467639745306 
11.1467639745306 11.1467639745306 11.1467639745306 11.1467639745306 
11.1467639745306 11.1467639745306 11.1467639745306 11.1467639745306 
11.1467639745306 11.1467639745306 11.1467639745306 11.1467639745306 
11.1467639745306 11.1467639745306 11.1467639745306 11.1467639745306 
11.1467639745306 11.1467639745306 11.1467639745306 11.1467639745306 
11.1467639745306 11.1467639745306 11.1467639745306 11.1467639745306 
11.1467639745306 11.1467639745306 11.1467639745306 11.1467639745306 
11.1467639745306 11.1467639745306 11.1467639745306 11.1467639745306 
11.1467639745306 11.1467639745306 11.1467639745306 11.1467639745306 
11.1467639745306 11.1467639745306 11.1467639745306 11.1467639745306 
11.1467639745306 11.1467639745306 11.1467639745306 11.1467639745306 
11.1467639745306 11.1467639745306 11.1467639745306 11.1467639745306 
11.1467639745306 11.1467639745306 11.1467639745306 11.1467639745306 
11.1467639745306 11.1467639745306 11.1467639745306 11.1467639745306 
11.1467639745306 11.1467639745306 11.1467639745306 11.1467639745306 
11.1467639745306 11.1467639745306 11.1467639745306 11.1467639745306 
11.1467639745306 11.1467639745306 11.1467639745306 11.1467639745306 
11.1467639745306 11.1467639745306 11.1467639745306 11.1467639745306 
11.1467639745306 11.1467639745306 11.1467639745306 11.1467639745306 
11.1467639745306 11.1467639745306 11.1467639745306 11.1467639745306 
11.1467639745306 11.1467639745306 11.1467639745306 11.1467639745306 
11.1467639745306 11.1467639745306 11.1467639745306 11.1467639745306 
11.1467639745306 11.1467639745306 11.1467639745306 11.1467639745306 
11.1467639745306 11.1467639745306 11.1467639745306 11.1467639745306 
11.1467639745306 11.1467639745306 11.1467639745306 11.1467639745306 
11.1467639745306 11.1467639745306 11.1467639745306 11.1467639745306 
11.1467639745306 11.1467639745306 11.1467639745306 11.1467639745306 
11.1467639745306 11.1467639745306 11.1467639745306 11.1467639745306 
11.1467639745306 11.1467639745306 11.1467639745306 11.1467639745306 
11.1467639745306 11.1467639745306 11.1467639745306 11.1467639745306 
11.1467639745306 11.1467639745306 11.1467639745306 11.1467639745306 
11.1467639745306 11.1467639745306 11.1467639745306 11.1467639745306 
11.1467639745306 11.1467639745306 11.1467639745306 11.1467639745306 
11.1467639745306 11.1467639745306 11.1467639745306 11.1467639745306 
11.1467639745306 11.1467639745306 11.1467639745306 11.1467639745306 
11.1467639745306 11.1467639745306 11.1467639745306 11.1467639745306 
11.1467639745306 11.1467639745306 11.1467639745306 11.1467639745306 
11.1467639745306 11.1467639745306 11.1467639745306 11.1467639745306 
11.1467639745306 11.1467639745306 11.1467639745306 11.1467639745306 
11.1467639745306 11.1467639745306 11.1467639745306 11.1467639745306 
11.1467639745306 11.1467639745306 11.1467639745306 11.1467639745306 
11.1467639745306 11.1467639745306 11.1467639745306 11.1467639745306 
11.1467639745306 11.1467639745306 11.1467639745306 11.1467639745306 
11.1467639745306 11.1467639745306 11.1467639745306 11.1467639745306 
11.1467639745306 11.1467639745306 11.1467639745306 11.1467639745306 
11.1467639745306 11.1467639745306 11.1467639745306 11.1467639745306 
11.1467639745306 11.1467639745306 11.1467639745306 11.1467639745306 
11.1467639745306 11.1467639745306 11.1467639745306 11.1467639745306 
11.1467639745306 11.1467639745306 11.1467639745306 11.1467639745306 
11.1467639745306 11.1467639745306 11.1467639745306 11.1467639745306 
11.1467639745306 11.1467639745306 11.1467639745306 11.1467639745306 
11.1467639745306 11.1467639745306 11.1467639745306 11.1467639745306 
11.1467639745306 11.1467639745306 11.1467639745306 11.1467639745306 
11.1467639745306 11.1467639745306 11.1467639745306 11.1467639745306 
11.1467639745306 11.1467639745306 11.1467639745306 11.1467639745306 
11.1467639745306 11.1467639745306 11.1467639745306 11.1467639745306 
11.1467639745306 11.1467639745306 11.1467639745306 11.1467639745306 
11.1467639745306 11.1467639745306 11.1467639745306 11.1467639745306 
11.1467639745306 11.1467639745306 11.1467639745306 11.1467639745306 
11.1467639745306 11.1467639745306 11.1467639745306 11.1467639745306 
11.1467639745306 11.1467639745306 11.1467639745306 11.1467639745306 
11.1467639745306 11.1467639745306 11.1467639745306 11.1467639745306 
11.1467639745306 11.1467639745306 11.1467639745306 11.1467639745306 
11.1467639745306 11.1467639745306 11.1467639745306 11.1467639745306 
11.1467639745306 11.1467639745306 11.1467639745306 11.1467639745306 
11.1467639745306 11.1467639745306 11.1467639745306 11.1467639745306 
11.1467639745306 11.1467639745306 11.1467639745306 11.1467639745306 
11.1467639745306 11.1467639745306 11.1467639745306 11.1467639745306 
11.1467639745306 11.1467639745306 11.1467639745306 11.1467639745306 
11.1467639745306 11.1467639745306 11.1467639745306 11.1467639745306 
11.1467639745306 11.1467639745306 11.1467639745306 11.1467639745306 
11.1467639745306 11.1467639745306 11.1467639745306 11.1467639745306 
11.1467639745306 11.1467639745306 11.1467639745306 11.1467639745306 
11.1467639745306 11.1467639745306 11.1467639745306 11.1467639745306 
11.1467639745306 11.1467639745306 11.1467639745306 11.1467639745306 
11.1467639745306 11.1467639745306 11.1467639745306 11.1467639745306 
11.1467639745306 11.1467639745306 11.1467639745306 11.1467639745306 
11.1467639745306 11.1467639745306 11.1467639745306 11.1467639745306 
11.1467639745306 11.1467639745306 11.1467639745306 11.1467639745306 
11.1467639745306 11.1467639745306 11.1467639745306 11.1467639745306 
11.1467639745306 11.1467639745306 11.1467639745306 11.1467639745306 
11.1467639745306 11.1467639745306 11.1467639745306 11.1467639745306 
11.1467639745306 11.1467639745306 11.1467639745306 11.1467639745306 
11.1467639745306 11.1467639745306 11.1467639745306 11.1467639745306 
11.1467639745306 11.1467639745306 11.1467639745306 11.1467639745306 
11.1467639745306 11.1467639745306 11.1467639745306 11.1467639745306 
11.1467639745306 11.1467639745306 11.1467639745306 11.1467639745306 
11.1467639745306 11.1467639745306 11.1467639745306 11.1467639745306 
11.1467639745306 11.1467639745306 11.1467639745306 11.1467639745306 
11.1467639745306 11.1467639745306 11.1467639745306 11.1467639745306 
11.1467639745306 11.1467639745306 11.1467639745306 11.1467639745306 
11.1467639745306 11.1467639745306 11.1467639745306 11.1467639745306 
11.1467639745306 11.1467639745306 11.1467639745306 11.1467639745306 
11.1467639745306 11.1467639745306 11.1467639745306 11.1467639745306 
11.1467639745306 11.1467639745306 11.1467639745306 11.1467639745306 
11.1467639745306 11.1467639745306 11.1467639745306 11.1467639745306 
11.1467639745306 11.1467639745306 11.1467639745306 11.1467639745306 
11.1467639745306 11.1467639745306 11.1467639745306 11.1467639745306 
11.1467639745306 11.1467639745306 11.1467639745306 11.1467639745306 
11.1467639745306 11.1467639745306 11.1467639745306 11.1467639745306 
11.1467639745306 11.1467639745306 11.1467639745306 11.1467639745306 
11.1467639745306 11.1467639745306 11.1467639745306 11.1467639745306 
11.1467639745306 11.1467639745306 11.1467639745306 11.1467639745306 
11.1467639745306 11.1467639745306 11.1467639745306 11.1467639745306 
11.1467639745306 11.1467639745306 11.1467639745306 11.1467639745306 
11.1467639745306 11.1467639745306 11.1467639745306 11.1467639745306 
11.1467639745306 11.1467639745306 11.1467639745306 11.1467639745306 
11.1467639745306 11.1467639745306 11.1467639745306 11.1467639745306 
11.1467639745306 11.1467639745306 11.1467639745306 11.1467639745306 
11.1467639745306 11.1467639745306 11.1467639745306 11.1467639745306 
11.1467639745306 11.1467639745306 11.1467639745306 11.1467639745306 
11.1467639745306 11.1467639745306 11.1467639745306 11.1467639745306 
11.1467639745306 11.1467639745306 11.1467639745306 11.1467639745306 
11.1467639745306 11.1467639745306 11.1467639745306 11.1467639745306 
11.1467639745306 11.1467639745306 11.1467639745306 11.1467639745306 
11.1467639745306 11.1467639745306 11.1467639745306 11.1467639745306 
11.1467639745306 11.1467639745306 11.1467639745306 11.1467639745306 
11.1467639745306 11.1467639745306 11.1467639745306 11.1467639745306 
11.1467639745306 11.1467639745306 11.1467639745306 11.1467639745306 
11.1467639745306 11.1467639745306 11.1467639745306 11.1467639745306 
11.1467639745306 11.1467639745306 11.1467639745306 11.1467639745306 
11.1467639745306 11.1467639745306 11.1467639745306 11.1467639745306 
11.1467639745306 11.1467639745306 11.1467639745306 11.1467639745306 
11.1467639745306 11.1467639745306 11.1467639745306 11.1467639745306 
11.1467639745306 11.1467639745306 11.1467639745306 11.1467639745306 
11.1467639745306 11.1467639745306 11.1467639745306 11.1467639745306 
11.1467639745306 11.1467639745306 11.1467639745306 11.1467639745306 
11.1467639745306 11.1467639745306 11.1467639745306 11.1467639745306 
11.1467639745306 11.1467639745306 11.1467639745306 11.1467639745306 
11.1467639745306 11.1467639745306 11.1467639745306 11.1467639745306 
11.1467639745306 11.1467639745306 11.1467639745306 11.1467639745306 
11.1467639745306 11.1467639745306 11.1467639745306 11.1467639745306 
11.1467639745306 11.1467639745306 11.1467639745306 11.1467639745306 
11.1467639745306 11.1467639745306 11.1467639745306 11.1467639745306 
11.1467639745306 11.1467639745306 11.1467639745306 11.1467639745306 
11.1467639745306 11.1467639745306 11.1467639745306 11.1467639745306 
11.1467639745306 11.1467639745306 11.1467639745306 11.1467639745306 
11.1467639745306 11.1467639745306 11.1467639745306 11.1467639745306 
11.1467639745306 11.1467639745306 11.1467639745306 11.1467639745306 
11.1467639745306 11.1467639745306 11.1467639745306 11.1467639745306 
11.1467639745306 11.1467639745306 11.1467639745306 11.1467639745306 
11.1467639745306 11.1467639745306 11.1467639745306 11.1467639745306 
11.1467639745306 11.1467639745306 11.1467639745306 11.1467639745306 
11.1467639745306 11.1467639745306 11.1467639745306 11.1467639745306 
11.1467639745306 11.1467639745306 11.1467639745306 11.1467639745306 
11.1467639745306 11.1467639745306 11.1467639745306 11.1467639745306 
11.1467639745306 11.1467639745306 11.1467639745306 11.1467639745306 
11.1467639745306 11.1467639745306 11.1467639745306 11.1467639745306 
11.1467639745306 11.1467639745306 11.1467639745306 11.1467639745306 
11.1467639745306 11.1467639745306 11.1467639745306 11.1467639745306 
11.1467639745306 11.1467639745306 11.1467639745306 11.1467639745306 
11.1467639745306 11.1467639745306 11.1467639745306 11.1467639745306 
11.1467639745306 11.1467639745306 11.1467639745306 11.1467639745306 
11.1467639745306 11.1467639745306 11.1467639745306 11.1467639745306 
11.1467639745306 11.1467639745306 11.1467639745306 11.1467639745306 
11.1467639745306 11.1467639745306 11.1467639745306 11.1467639745306 
11.1467639745306 11.1467639745306 11.1467639745306 11.1467639745306 
11.1467639745306 11.1467639745306 11.1467639745306 11.1467639745306 
11.1467639745306 11.1467639745306 11.1467639745306 11.1467639745306 
11.1467639745306 11.1467639745306 11.1467639745306 11.1467639745306 
11.1467639745306 11.1467639745306 11.1467639745306 11.1467639745306 
11.1467639745306 11.1467639745306 11.1467639745306 11.1467639745306 
11.1467639745306 11.1467639745306 11.1467639745306 11.1467639745306 
11.1467639745306 11.1467639745306 11.1467639745306 11.1467639745306 
11.1467639745306 11.1467639745306 11.1467639745306 11.1467639745306 
11.1467639745306 11.1467639745306 11.1467639745306 11.1467639745306 
11.1467639745306 11.1467639745306 11.1467639745306 11.1467639745306 
11.1467639745306 11.1467639745306 11.1467639745306 11.1467639745306 
11.1467639745306 11.1467639745306 11.1467639745306 11.1467639745306 
11.1467639745306 11.1467639745306 11.1467639745306 11.1467639745306 
11.1467639745306 11.1467639745306 11.1467639745306 11.1467639745306 
11.1467639745306 11.1467639745306 11.1467639745306 11.1467639745306 
11.1467639745306 11.1467639745306 11.1467639745306 11.1467639745306 
11.1467639745306 11.1467639745306 11.1467639745306 11.1467639745306 
11.1467639745306 11.1467639745306 11.1467639745306 11.1467639745306 
11.1467639745306 11.1467639745306 11.1467639745306 11.1467639745306 
11.1467639745306 11.1467639745306 11.1467639745306 11.1467639745306 
11.1467639745306 11.1467639745306 11.1467639745306 11.1467639745306 
11.1467639745306 11.1467639745306 11.1467639745306 11.1467639745306 
11.1467639745306 11.1467639745306 11.1467639745306 11.1467639745306 
11.1467639745306 11.1467639745306 11.1467639745306 11.1467639745306 
11.1467639745306 11.1467639745306 11.1467639745306 11.1467639745306 
11.1467639745306 11.1467639745306 11.1467639745306 11.1467639745306 
11.1467639745306 11.1467639745306 11.1467639745306 11.1467639745306 
11.1467639745306 11.1467639745306 11.1467639745306 11.1467639745306 
11.1467639745306 11.1467639745306 11.1467639745306 11.1467639745306 
11.1467639745306 11.1467639745306 11.1467639745306 11.1467639745306 
11.1467639745306 11.1467639745306 11.1467639745306 11.1467639745306 
11.1467639745306 11.1467639745306 11.1467639745306 11.1467639745306 
11.1467639745306 11.1467639745306 11.1467639745306 11.1467639745306 
11.1467639745306 11.1467639745306 11.1467639745306 11.1467639745306 
11.1467639745306 11.1467639745306 11.1467639745306 11.1467639745306 
11.1467639745306 11.1467639745306 11.1467639745306 11.1467639745306 
11.1467639745306 11.1467639745306 11.1467639745306 11.1467639745306 
11.1467639745306 11.1467639745306 11.1467639745306 11.1467639745306 
11.1467639745306 11.1467639745306 11.1467639745306 11.1467639745306 
11.1467639745306 11.1467639745306 11.1467639745306 11.1467639745306 
11.1467639745306 11.1467639745306 11.1467639745306 11.1467639745306 
11.1467639745306 11.1467639745306 11.1467639745306 11.1467639745306 
11.1467639745306 11.1467639745306 11.1467639745306 11.1467639745306 
11.1467639745306 11.1467639745306 11.1467639745306 11.1467639745306 
11.1467639745306 11.1467639745306 11.1467639745306 11.1467639745306 
11.1467639745306 11.1467639745306 11.1467639745306 11.1467639745306 
11.1467639745306 11.1467639745306 11.1467639745306 11.1467639745306 
11.1467639745306 11.1467639745306 11.1467639745306 11.1467639745306 
11.1467639745306 11.1467639745306 11.1467639745306 11.1467639745306 
11.1467639745306 11.1467639745306 11.1467639745306 11.1467639745306 
11.1467639745306 11.1467639745306 11.1467639745306 11.1467639745306 
11.1467639745306 11.1467639745306 11.1467639745306 11.1467639745306 
11.1467639745306 11.1467639745306 11.1467639745306 11.1467639745306 
11.1467639745306 11.1467639745306 11.1467639745306 11.1467639745306 
11.1467639745306 11.1467639745306 11.1467639745306 11.1467639745306 
11.1467639745306 11.1467639745306 11.1467639745306 11.1467639745306 
11.1467639745306 11.1467639745306 11.1467639745306 11.1467639745306 
11.1467639745306 11.1467639745306 11.1467639745306 11.1467639745306 
11.1467639745306 11.1467639745306 11.1467639745306 11.1467639745306 
11.1467639745306 11.1467639745306 11.1467639745306 11.1467639745306 
11.1467639745306 11.1467639745306 11.1467639745306 11.1467639745306 
11.1467639745306 11.1467639745306 11.1467639745306 11.1467639745306 
11.1467639745306 11.1467639745306 11.1467639745306 11.1467639745306 
11.1467639745306 11.1467639745306 11.1467639745306 11.1467639745306 
11.1467639745306 11.1467639745306 11.1467639745306 11.1467639745306 
11.1467639745306 11.1467639745306 11.1467639745306 11.1467639745306 
11.1467639745306 11.1467639745306 11.1467639745306 11.1467639745306 
11.1467639745306 11.1467639745306 11.1467639745306 11.1467639745306 
11.1467639745306 11.1467639745306 11.1467639745306 11.1467639745306 
11.1467639745306 11.1467639745306 11.1467639745306 11.1467639745306 
11.1467639745306 11.1467639745306 11.1467639745306 11.1467639745306 
11.1467639745306 11.1467639745306 11.1467639745306 11.1467639745306 
11.1467639745306 11.1467639745306 11.1467639745306 11.1467639745306 
11.1467639745306 11.1467639745306 11.1467639745306 11.1467639745306 
11.1467639745306 11.1467639745306 11.1467639745306 11.1467639745306 
11.1467639745306 11.1467639745306 11.1467639745306 11.1467639745306 
11.1467639745306 11.1467639745306 11.1467639745306 11.1467639745306 
11.1467639745306 11.1467639745306 11.1467639745306 11.1467639745306 
11.1467639745306 11.1467639745306 11.1467639745306 11.1467639745306 
11.1467639745306 11.1467639745306 11.1467639745306 11.1467639745306 
11.1467639745306 11.1467639745306 11.1467639745306 11.1467639745306 
11.1467639745306 11.1467639745306 11.1467639745306 11.1467639745306 
11.1467639745306 11.1467639745306 11.1467639745306 11.1467639745306 
11.1467639745306 11.1467639745306 11.1467639745306 11.1467639745306 
11.1467639745306 11.1467639745306 11.1467639745306 11.1467639745306 
11.1467639745306 11.1467639745306 11.1467639745306 11.1467639745306 
11.1467639745306 11.1467639745306 11.1467639745306 11.1467639745306 
11.1467639745306 11.1467639745306 11.1467639745306 11.1467639745306 
11.1467639745306 11.1467639745306 11.1467639745306 11.1467639745306 
11.1467639745306 11.1467639745306 11.1467639745306 11.1467639745306 
11.1467639745306 11.1467639745306 11.1467639745306 11.1467639745306 
11.1467639745306 11.1467639745306 11.1467639745306 11.1467639745306 
11.1467639745306 11.1467639745306 11.1467639745306 11.1467639745306 
11.1467639745306 11.1467639745306 11.1467639745306 11.1467639745306 
11.1467639745306 11.1467639745306 11.1467639745306 11.1467639745306 
11.1467639745306 11.1467639745306 11.1467639745306 11.1467639745306 
11.1467639745306 11.1467639745306 11.1467639745306 11.1467639745306 
11.1467639745306 11.1467639745306 11.1467639745306 11.1467639745306 
11.1467639745306 11.1467639745306 11.1467639745306 11.1467639745306 
11.1467639745306 11.1467639745306 11.1467639745306 11.1467639745306 
11.1467639745306 11.1467639745306 11.1467639745306 11.1467639745306 
11.1467639745306 11.1467639745306 11.1467639745306 11.1467639745306 
11.1467639745306 11.1467639745306 11.1467639745306 11.1467639745306 
11.1467639745306 11.1467639745306 11.1467639745306 11.1467639745306 
11.1467639745306 11.1467639745306 11.1467639745306 11.1467639745306 
11.1467639745306 11.1467639745306 11.1467639745306 11.1467639745306 
11.1467639745306 11.1467639745306 11.1467639745306 11.1467639745306 
11.1467639745306 11.1467639745306 11.1467639745306 11.1467639745306 
11.1467639745306 11.1467639745306 11.1467639745306 11.1467639745306 
11.1467639745306 11.1467639745306 11.1467639745306 11.1467639745306 
11.1467639745306 11.1467639745306 11.1467639745306 11.1467639745306 
11.1467639745306 11.1467639745306 11.1467639745306 11.1467639745306 
11.1467639745306 11.1467639745306 11.1467639745306 11.1467639745306 
11.1467639745306 11.1467639745306 11.1467639745306 11.1467639745306 
11.1467639745306 11.1467639745306 11.1467639745306 11.1467639745306 
11.1467639745306 11.1467639745306 11.1467639745306 11.1467639745306 
11.1467639745306 11.1467639745306 11.1467639745306 11.1467639745306 
11.1467639745306 11.1467639745306 11.1467639745306 11.1467639745306 
11.1467639745306 11.1467639745306 11.1467639745306 11.1467639745306 
11.1467639745306 11.1467639745306 11.1467639745306 11.1467639745306 
11.1467639745306 11.1467639745306 11.1467639745306 11.1467639745306 
11.1467639745306 11.1467639745306 11.1467639745306 11.1467639745306 
11.1467639745306 11.1467639745306 11.1467639745306 11.1467639745306 
11.1467639745306 11.1467639745306 11.1467639745306 11.1467639745306 
11.1467639745306 11.1467639745306 11.1467639745306 11.1467639745306 
11.1467639745306 11.1467639745306 11.1467639745306 11.1467639745306 
11.1467639745306 11.1467639745306 11.1467639745306 11.1467639745306 
11.1467639745306 11.1467639745306 11.1467639745306 11.1467639745306 
11.1467639745306 11.1467639745306 11.1467639745306 11.1467639745306 
11.1467639745306 11.1467639745306 11.1467639745306 11.1467639745306 
11.1467639745306 11.1467639745306 11.1467639745306 11.1467639745306 
11.1467639745306 11.1467639745306 11.1467639745306 11.1467639745306 
11.1467639745306 11.1467639745306 11.1467639745306 11.1467639745306 
11.1467639745306 11.1467639745306 11.1467639745306 11.1467639745306 
11.1467639745306 11.1467639745306 11.1467639745306 11.1467639745306 
11.1467639745306 11.1467639745306 11.1467639745306 11.1467639745306 
11.1467639745306 11.1467639745306 11.1467639745306 11.1467639745306 
11.1467639745306 11.1467639745306 11.1467639745306 11.1467639745306 
11.1467639745306 11.1467639745306 11.1467639745306 11.1467639745306 
11.1467639745306 11.1467639745306 11.1467639745306 11.1467639745306 
11.1467639745306 11.1467639745306 11.1467639745306 11.1467639745306 
11.1467639745306 11.1467639745306 11.1467639745306 11.1467639745306 
11.1467639745306 11.1467639745306 11.1467639745306 11.1467639745306 
11.1467639745306 11.1467639745306 11.1467639745306 11.1467639745306 
11.1467639745306 11.1467639745306 11.1467639745306 11.1467639745306 
11.1467639745306 11.1467639745306 11.1467639745306 11.1467639745306 
11.1467639745306 11.1467639745306 11.1467639745306 11.1467639745306 
11.1467639745306 11.1467639745306 11.1467639745306 11.1467639745306 
11.1467639745306 11.1467639745306 11.1467639745306 11.1467639745306 
11.1467639745306 11.1467639745306 11.1467639745306 11.1467639745306 
11.1467639745306 11.1467639745306 11.1467639745306 11.1467639745306 
11.1467639745306 11.1467639745306 11.1467639745306 11.1467639745306 
11.1467639745306 11.1467639745306 11.1467639745306 11.1467639745306 
11.1467639745306 11.1467639745306 11.1467639745306 11.1467639745306 
11.1467639745306 11.1467639745306 11.1467639745306 11.1467639745306 
11.1467639745306 11.1467639745306 11.1467639745306 11.1467639745306 
11.1467639745306 11.1467639745306 11.1467639745306 11.1467639745306 
11.1467639745306 11.1467639745306 11.1467639745306 11.1467639745306 
11.1467639745306 11.1467639745306 11.1467639745306 11.1467639745306 
11.1467639745306 11.1467639745306 11.1467639745306 11.1467639745306 
11.1467639745306 11.1467639745306 11.1467639745306 11.1467639745306 
11.1467639745306 11.1467639745306 11.1467639745306 11.1467639745306 
11.1467639745306 11.1467639745306 11.1467639745306 11.1467639745306 
11.1467639745306 11.1467639745306 11.1467639745306 11.1467639745306 
11.1467639745306 11.1467639745306 11.1467639745306 11.1467639745306 
11.1467639745306 11.1467639745306 11.1467639745306 11.1467639745306 
11.1467639745306 11.1467639745306 11.1467639745306 11.1467639745306 
11.1467639745306 11.1467639745306 11.1467639745306 11.1467639745306 
11.1467639745306 11.1467639745306 11.1467639745306 11.1467639745306 
11.1467639745306 11.1467639745306 11.1467639745306 11.1467639745306 
11.1467639745306 11.1467639745306 11.1467639745306 11.1467639745306 
11.1467639745306 11.1467639745306 11.1467639745306 11.1467639745306 
11.1467639745306 11.1467639745306 11.1467639745306 11.1467639745306 
11.1467639745306 11.1467639745306 11.1467639745306 11.1467639745306 
11.1467639745306 11.1467639745306 11.1467639745306 11.1467639745306 
11.1467639745306 11.1467639745306 11.1467639745306 11.1467639745306 
11.1467639745306 11.1467639745306 11.1467639745306 11.1467639745306 
11.1467639745306 11.1467639745306 11.1467639745306 11.1467639745306 
11.1467639745306 11.1467639745306 11.1467639745306 11.1467639745306 
11.1467639745306 11.1467639745306 11.1467639745306 11.1467639745306 
11.1467639745306 11.1467639745306 11.1467639745306 11.1467639745306 
11.1467639745306 11.1467639745306 11.1467639745306 11.1467639745306 
11.1467639745306 11.1467639745306 11.1467639745306 11.1467639745306 
11.1467639745306 11.1467639745306 11.1467639745306 11.1467639745306 
11.1467639745306 11.1467639745306 11.1467639745306 11.1467639745306 
11.1467639745306 11.1467639745306 11.1467639745306 11.1467639745306 
11.1467639745306 11.1467639745306 11.1467639745306 11.1467639745306 
11.1467639745306 11.1467639745306 11.1467639745306 11.1467639745306 
11.1467639745306 11.1467639745306 11.1467639745306 11.1467639745306 
11.1467639745306 11.1467639745306 11.1467639745306 11.1467639745306 
11.1467639745306 11.1467639745306 11.1467639745306 11.1467639745306 
11.1467639745306 11.1467639745306 11.1467639745306 11.1467639745306 
11.1467639745306 11.1467639745306 11.1467639745306 11.1467639745306 
11.1467639745306 11.1467639745306 11.1467639745306 11.1467639745306 
11.1467639745306 11.1467639745306 11.1467639745306 11.1467639745306 
11.1467639745306 11.1467639745306 11.1467639745306 11.1467639745306 
11.1467639745306 11.1467639745306 11.1467639745306 11.1467639745306 
11.1467639745306 11.1467639745306 11.1467639745306 11.1467639745306 
11.1467639745306 11.1467639745306 11.1467639745306 11.1467639745306 
11.1467639745306 11.1467639745306 11.1467639745306 11.1467639745306 
11.1467639745306 11.1467639745306 11.1467639745306 11.1467639745306 
11.1467639745306 11.1467639745306 11.1467639745306 11.1467639745306 
11.1467639745306 11.1467639745306 11.1467639745306 11.1467639745306 
11.1467639745306 11.1467639745306 11.1467639745306 11.1467639745306 
11.1467639745306 11.1467639745306 11.1467639745306 11.1467639745306 
11.1467639745306 11.1467639745306 11.1467639745306 11.1467639745306 
11.1467639745306 11.1467639745306 11.1467639745306 11.1467639745306
##$VisuCoreFrameType=MAGNITUDE_IMAGE
$$ @vis= VisuCoreDataMax VisuCoreDataOffs VisuCoreDataSlope VisuCoreFrameType
##$VisuCoreWordType=_16BIT_SGN_INT
##$VisuCoreByteOrder=littleEndian
##$VisuFGOrderDescDim=1
$$ @vis= VisuCore VisuCoreWordType VisuCoreByteOrder VisuPixel
##$VisuFGOrderDesc=( 1 )
(1680, <FG_CYCLE>, <>, 0, 0)
##$VisuSubjectName=( 65 )
<RMD272>
##$VisuSubjectId=( 65 )
<RMD272>
$$ @vis= VisuFGOrderDescDim VisuFGOrderDesc VisuFrameOrderDesc VisuSubjectName
##$VisuSubjectBirthDate=( 9 )
<>
##$VisuSubjectSex=FEMALE
##$VisuSubjectComment=( 2048 )
<>
$$ @vis= VisuSubjectId VisuSubjectBirthDate VisuSubjectSex VisuSubjectComment
##$VisuStudyUid=( 65 )
<2.16.756.5.5.100.278412266.15942.1407429006.129>
##$VisuStudyDate=( 21 )
<13:30:06  7 Aug 2014>
##$VisuStudyId=( 65 )
<RMD272>
##$VisuStudyNumber=1
##$VisuSubjectWeight=5
$$ @vis= VisuSubject VisuStudyUid VisuStudyDate VisuStudyId VisuStudyNumber
##$VisuStudyReferringPhysician=( 65 )
<>
##$VisuStudyDescription=( 65 )
<>
$$ @vis= VisuSubjectWeight VisuStudyReferringPhysician VisuStudyDescription
##$VisuSeriesNumber=2228225
##$VisuSubjectPosition=Head_Supine
##$VisuSeriesTypeId=( 65 )
<ACQ_USER_PVM>
$$ @vis= VisuStudy VisuSeriesNumber VisuSubjectPosition VisuSeriesTypeId
##$VisuAcqSoftwareVersion=( 65 )
<5.1>
##$VisuInstitution=( 65 )
<Duke University Biospec 70/20>
##$VisuStation=( 65 )
<spect>
$$ @vis= VisuSeries VisuAcqSoftwareVersion VisuInstitution VisuStation
##$VisuAcqDate=( 21 )
<17:51:55  7 Aug 2014>
##$VisuAcqEchoTrainLength=1
##$VisuAcqSequenceName=( 40 )
<rMD_HOT (pvm)>
##$VisuAcqNumberOfAverages=4
$$ @vis= VisuEquipment VisuAcqDate VisuAcqEchoTrainLength VisuAcqSequenceName
##$VisuAcqImagingFrequency=300.3395589
##$VisuAcqImagedNucleus=( 8 )
<1H>
##$VisuAcqRepetitionTime=( 1 )
1880
$$ @vis= VisuAcqNumberOfAverages VisuAcqImagingFrequency VisuAcqImagedNucleus
##$VisuAcqFlipAngle=90
##$VisuAcqEchoTime=( 1 )
0
##$VisuAcquisitionProtocol=( 65 )
<RMD_HOT_RBM_RARE_ZQSQ2>
$$ @vis= VisuAcqRepetitionTime VisuAcqFlipAngle VisuAcqEchoTime
##$VisuAcqScanTime=601600
$$ @vis= VisuAcquisitionProtocol VisuAcqScanTime VisuAcquisition Visu
##END=
