##TITLE=Parameter List
##JCAMPDX=4.24
##DATATYPE=Parameter Values
##ORIGIN=Bruker BioSpin MRI GmbH
##OWNER=ryan
$$ Tue Aug 12 18:00:20 2014 EDT (UT-4h)  ryan
$$ /opt/PV5.1/data/ryan/nmr/RMD273.rd1/32/pdata/1/reco
##$RECO_mode=FT_MODE
##$RecoAutoDerive=Yes
##$RECO_inp_order=NO_REORDERING
##$RECO_inp_size=( 1 )
32
##$RECO_ft_size=( 1 )
32
##$RECO_fov=( 1 )
0
##$RECO_size=( 1 )
32
$$ @vis= RECO_mode RecoAutoDerive RECO_inp_order RECO_ft_size RECO_fov
##$RECO_offset=( 1, 4 )
0 0 0 0
##$RECO_regrid_mode=NO_REGRID
##$RECO_regrid_offset=0
##$RECO_ramp_gap=0
##$RECO_ramp_time=0
##$RECO_ne_mode=NO_NAV_DATA
##$RECO_ne_dist=NeNoInterleave
##$RECO_ne_dens=NeCorrPerScan
##$RECO_ne_type=NAV_PHASE
##$RECO_ne_vals=( 1, 2 )
0 0
##$RECO_bc_mode=( 1 )
AUTO_OFFSET_BC
##$RECO_bc_start=( 1 )
24
##$RECO_bc_len=( 1 )
8
$$ @vis= RECO_size RECO_regrid_mode RECO_ne_mode RECO_bc_mode RECO_bc_start
##$RECO_dc_offset=( 2 )
8 -9
##$RECO_dc_divisor=8
##$RECO_bc_coroff=( 1 )
0
##$RECO_qopts=( 1 )
CONJ_AND_QNEG
##$RECO_wdw_mode=( 1 )
NO_WDW
##$RECO_lb=( 1 )
-0.5
##$RECO_sw=( 1 )
22001
##$RECO_gb=( 1 )
0.5
##$RECO_sbs=( 1 )
1
##$RECO_tm1=( 1 )
0.25
##$RECO_tm2=( 1 )
0.75
##$RECO_ft_mode=( 1 )
COMPLEX_FFT
##$RECO_pc_mode=( 1 )
NO_PC
##$RECO_pc_lin=( 1 )
(0, 0)
##$RECO_rotate=( 1, 4 )
0 0 0 0
$$ @vis= RECO_bc_len RECO_qopts RECO_wdw_mode RECO_ft_mode RECO_pc_mode
##$RECO_ppc_mode=NO_PPC
##$RECO_ref_image=0
##$RECO_nr_supports=0.4
##$RECO_sig_threshold=0.15
##$RECO_ppc_degree=1
##$RECO_ppc_coeffs=( 4, 1, 2 )
0 0 0 0 0 0 0 0
##$RECO_dc_elim=Yes
##$RECO_transposition=( 4 )
0 0 0 0
##$RECO_image_type=MAGNITUDE_IMAGE
$$ @vis= RECO_rotate RECO_ppc_mode RECO_dc_elim RECO_transposition
##$RECO_image_threshold=0.15
##$RECO_ir_scale=10
##$RECO_wordtype=_16BIT_SGN_INT
##$RECO_map_mode=ABSOLUTE_MAPPING
##$RECO_map_range=( 2 )
-2147483647 2147483647
##$RECO_map_percentile=( 2 )
1 99
##$RECO_map_error=0.25
##$RECO_globex=( 320 )
0 0 0 0 0 0 0 0 0 0 0 0 0 0 0 0 0 0 0 0 0 0 0 0 0 0 0 0 0 0 0 0 0 0 0 0 0 0 0 
0 0 0 0 0 0 0 0 0 0 0 0 0 0 0 0 0 0 0 0 0 0 0 0 0 0 0 0 0 0 0 0 0 0 0 0 0 0 0 
0 0 0 0 0 0 0 0 0 0 0 0 0 0 0 0 0 0 0 0 0 0 0 0 0 0 0 0 0 0 0 0 0 0 0 0 0 0 0 
0 0 0 0 0 0 0 0 0 0 0 0 0 0 0 0 0 0 0 0 0 0 0 0 0 0 0 0 0 0 0 0 0 0 0 0 0 0 0 
0 0 0 0 0 0 0 0 0 0 0 0 0 0 0 0 0 0 0 0 0 0 0 0 0 0 0 0 0 0 0 0 0 0 0 0 0 0 0 
0 0 0 0 0 0 0 0 0 0 0 0 0 0 0 0 0 0 0 0 0 0 0 0 0 0 0 0 0 0 0 0 0 0 0 0 0 0 0 
0 0 0 0 0 0 0 0 0 0 0 0 0 0 0 0 0 0 0 0 0 0 0 0 0 0 0 0 0 0 0 0 0 0 0 0 0 0 0 
0 0 0 0 0 0 0 0 0 0 0 0 0 0 0 0 0 0 0 0 0 0 0 0 0 0 0 0 0 0 0 0 0 0 0 0 0 0 0 
0 0 0 0 0 0 0 0
##$RECO_minima=( 320 )
0 0 0 0 0 0 0 0 0 0 0 0 0 0 0 0 0 0 0 0 0 0 0 0 0 0 0 0 0 0 0 0 0 0 0 0 0 0 0 
0 0 0 0 0 0 0 0 0 0 0 0 0 0 0 0 0 0 0 0 0 0 0 0 0 0 0 0 0 0 0 0 0 0 0 0 0 0 0 
0 0 0 0 0 0 0 0 0 0 0 0 0 0 0 0 0 0 0 0 0 0 0 0 0 0 0 0 0 0 0 0 0 0 0 0 0 0 0 
0 0 0 0 0 0 0 0 0 0 0 0 0 0 0 0 0 0 0 0 0 0 0 0 0 0 0 0 0 0 0 0 0 0 0 0 0 0 0 
0 0 0 0 0 0 0 0 0 0 0 0 0 0 0 0 0 0 0 0 0 0 0 0 0 0 0 0 0 0 0 0 0 0 0 0 0 0 0 
0 0 0 0 0 0 0 0 0 0 0 0 0 0 0 0 0 0 0 0 0 0 0 0 0 0 0 0 0 0 0 0 0 0 0 0 0 0 0 
0 0 0 0 0 0 0 0 0 0 0 0 0 0 0 0 0 0 0 0 0 0 0 0 0 0 0 0 0 0 0 0 0 0 0 0 0 0 0 
0 0 0 0 0 0 0 0 0 0 0 0 0 0 0 0 0 0 0 0 0 0 0 0 0 0 0 0 0 0 0 0 0 0 0 0 0 0 0 
0 0 0 0 0 0 0 0
##$RECO_maxima=( 320 )
179 5315 9107 207 154 6545 11891 210 154 7790 13397 188 182 10563 15327 145 
176 14181 16191 356 170 16801 19255 229 216 18874 18570 192 334 29121 25437 
322 402 32720 29598 303 238 21751 18849 192 207 22253 17449 157 232 18957 
13905 232 164 16739 11359 192 173 13595 8109 226 210 12790 6889 204 164 9457 
5749 244 130 5572 9035 229 204 6607 12269 179 213 7753 13174 219 185 10463 
15317 219 254 14054 16151 207 201 17130 19670 250 204 19843 19233 275 291 
28994 25586 303 331 32767 29406 322 297 21479 18632 219 198 22092 17384 294 
148 18561 13511 148 179 16594 11101 247 235 13536 7858 210 145 12604 6910 195 
201 9398 5588 164 179 5622 9193 229 151 6650 12043 254 154 7765 13109 164 151 
10578 15305 182 161 13979 15962 275 213 17300 20048 257 229 20184 19605 204 
294 28907 25276 232 291 31119 27891 365 306 22027 19276 235 204 22027 17300 
241 154 19171 14205 213 170 16680 11247 167 250 13800 8280 216 164 12703 6954 
297 201 9444 5702 226 182 5430 9091 210 164 6678 12217 247 226 7753 13130 223 
201 10175 15135 257 219 14246 16098 244 185 16817 19453 288 254 20159 19598 
226 365 29297 25716 294 275 32107 28758 303 303 22055 19097 216 188 21949 
17123 297 362 19007 14122 281 170 16398 11018 173 229 13772 8026 232 179 
12796 6960 136 219 9503 5640 198 167 5433 9069 161 195 6684 12176 201 148 
7892 13202 198 179 10652 15426 170 154 13629 15624 210 192 17071 19818 238 
223 19264 18796 365 272 28898 25128 303 315 31698 28492 291 334 21618 18592 
278 219 22225 17449 229 250 18960 14032 198 244 16578 11275 219 188 13595 
8122 167 223 12653 6697 250 157 9509 5746 192
$$ @vis= RECO_image_type RECO_wordtype RECO_map_mode RECO_globex RECO_minima
##$RECO_map_min=( 320 )
-10578 -10578 -10578 -10578 -10578 -10578 -10578 -10578 -10578 -10578 -10578 
-10578 -10578 -10578 -10578 -10578 -10578 -10578 -10578 -10578 -10578 -10578 
-10578 -10578 -10578 -10578 -10578 -10578 -10578 -10578 -10578 -10578 -10578 
-10578 -10578 -10578 -10578 -10578 -10578 -10578 -10578 -10578 -10578 -10578 
-10578 -10578 -10578 -10578 -10578 -10578 -10578 -10578 -10578 -10578 -10578 
-10578 -10578 -10578 -10578 -10578 -10578 -10578 -10578 -10578 -10578 -10578 
-10578 -10578 -10578 -10578 -10578 -10578 -10578 -10578 -10578 -10578 -10578 
-10578 -10578 -10578 -10578 -10578 -10578 -10578 -10578 -10578 -10578 -10578 
-10578 -10578 -10578 -10578 -10578 -10578 -10578 -10578 -10578 -10578 -10578 
-10578 -10578 -10578 -10578 -10578 -10578 -10578 -10578 -10578 -10578 -10578 
-10578 -10578 -10578 -10578 -10578 -10578 -10578 -10578 -10578 -10578 -10578 
-10578 -10578 -10578 -10578 -10578 -10578 -10578 -10578 -10578 -10578 -10578 
-10578 -10578 -10578 -10578 -10578 -10578 -10578 -10578 -10578 -10578 -10578 
-10578 -10578 -10578 -10578 -10578 -10578 -10578 -10578 -10578 -10578 -10578 
-10578 -10578 -10578 -10578 -10578 -10578 -10578 -10578 -10578 -10578 -10578 
-10578 -10578 -10578 -10578 -10578 -10578 -10578 -10578 -10578 -10578 -10578 
-10578 -10578 -10578 -10578 -10578 -10578 -10578 -10578 -10578 -10578 -10578 
-10578 -10578 -10578 -10578 -10578 -10578 -10578 -10578 -10578 -10578 -10578 
-10578 -10578 -10578 -10578 -10578 -10578 -10578 -10578 -10578 -10578 -10578 
-10578 -10578 -10578 -10578 -10578 -10578 -10578 -10578 -10578 -10578 -10578 
-10578 -10578 -10578 -10578 -10578 -10578 -10578 -10578 -10578 -10578 -10578 
-10578 -10578 -10578 -10578 -10578 -10578 -10578 -10578 -10578 -10578 -10578 
-10578 -10578 -10578 -10578 -10578 -10578 -10578 -10578 -10578 -10578 -10578 
-10578 -10578 -10578 -10578 -10578 -10578 -10578 -10578 -10578 -10578 -10578 
-10578 -10578 -10578 -10578 -10578 -10578 -10578 -10578 -10578 -10578 -10578 
-10578 -10578 -10578 -10578 -10578 -10578 -10578 -10578 -10578 -10578 -10578 
-10578 -10578 -10578 -10578 -10578 -10578 -10578 -10578 -10578 -10578 -10578 
-10578 -10578 -10578 -10578 -10578 -10578 -10578 -10578 -10578 -10578 -10578 
-10578 -10578 -10578 -10578 -10578 -10578 -10578 -10578 -10578 -10578 -10578 
-10578
##$RECO_map_max=( 320 )
10578 10578 10578 10578 10578 10578 10578 10578 10578 10578 10578 10578 10578 
10578 10578 10578 10578 10578 10578 10578 10578 10578 10578 10578 10578 10578 
10578 10578 10578 10578 10578 10578 10578 10578 10578 10578 10578 10578 10578 
10578 10578 10578 10578 10578 10578 10578 10578 10578 10578 10578 10578 10578 
10578 10578 10578 10578 10578 10578 10578 10578 10578 10578 10578 10578 10578 
10578 10578 10578 10578 10578 10578 10578 10578 10578 10578 10578 10578 10578 
10578 10578 10578 10578 10578 10578 10578 10578 10578 10578 10578 10578 10578 
10578 10578 10578 10578 10578 10578 10578 10578 10578 10578 10578 10578 10578 
10578 10578 10578 10578 10578 10578 10578 10578 10578 10578 10578 10578 10578 
10578 10578 10578 10578 10578 10578 10578 10578 10578 10578 10578 10578 10578 
10578 10578 10578 10578 10578 10578 10578 10578 10578 10578 10578 10578 10578 
10578 10578 10578 10578 10578 10578 10578 10578 10578 10578 10578 10578 10578 
10578 10578 10578 10578 10578 10578 10578 10578 10578 10578 10578 10578 10578 
10578 10578 10578 10578 10578 10578 10578 10578 10578 10578 10578 10578 10578 
10578 10578 10578 10578 10578 10578 10578 10578 10578 10578 10578 10578 10578 
10578 10578 10578 10578 10578 10578 10578 10578 10578 10578 10578 10578 10578 
10578 10578 10578 10578 10578 10578 10578 10578 10578 10578 10578 10578 10578 
10578 10578 10578 10578 10578 10578 10578 10578 10578 10578 10578 10578 10578 
10578 10578 10578 10578 10578 10578 10578 10578 10578 10578 10578 10578 10578 
10578 10578 10578 10578 10578 10578 10578 10578 10578 10578 10578 10578 10578 
10578 10578 10578 10578 10578 10578 10578 10578 10578 10578 10578 10578 10578 
10578 10578 10578 10578 10578 10578 10578 10578 10578 10578 10578 10578 10578 
10578 10578 10578 10578 10578 10578 10578 10578 10578 10578 10578 10578 10578 
10578 10578 10578 10578 10578 10578 10578 10578 10578 10578 10578 10578 10578 
10578 10578 10578 10578 10578 10578 10578 10578
##$RECO_map_offset=( 320 )
0 0 0 0 0 0 0 0 0 0 0 0 0 0 0 0 0 0 0 0 0 0 0 0 0 0 0 0 0 0 0 0 0 0 0 0 0 0 0 
0 0 0 0 0 0 0 0 0 0 0 0 0 0 0 0 0 0 0 0 0 0 0 0 0 0 0 0 0 0 0 0 0 0 0 0 0 0 0 
0 0 0 0 0 0 0 0 0 0 0 0 0 0 0 0 0 0 0 0 0 0 0 0 0 0 0 0 0 0 0 0 0 0 0 0 0 0 0 
0 0 0 0 0 0 0 0 0 0 0 0 0 0 0 0 0 0 0 0 0 0 0 0 0 0 0 0 0 0 0 0 0 0 0 0 0 0 0 
0 0 0 0 0 0 0 0 0 0 0 0 0 0 0 0 0 0 0 0 0 0 0 0 0 0 0 0 0 0 0 0 0 0 0 0 0 0 0 
0 0 0 0 0 0 0 0 0 0 0 0 0 0 0 0 0 0 0 0 0 0 0 0 0 0 0 0 0 0 0 0 0 0 0 0 0 0 0 
0 0 0 0 0 0 0 0 0 0 0 0 0 0 0 0 0 0 0 0 0 0 0 0 0 0 0 0 0 0 0 0 0 0 0 0 0 0 0 
0 0 0 0 0 0 0 0 0 0 0 0 0 0 0 0 0 0 0 0 0 0 0 0 0 0 0 0 0 0 0 0 0 0 0 0 0 0 0 
0 0 0 0 0 0 0 0
##$RECO_map_slope=( 320 )
3.09765553474426 3.09765553474426 3.09765553474426 3.09765553474426 
3.09765553474426 3.09765553474426 3.09765553474426 3.09765553474426 
3.09765553474426 3.09765553474426 3.09765553474426 3.09765553474426 
3.09765553474426 3.09765553474426 3.09765553474426 3.09765553474426 
3.09765553474426 3.09765553474426 3.09765553474426 3.09765553474426 
3.09765553474426 3.09765553474426 3.09765553474426 3.09765553474426 
3.09765553474426 3.09765553474426 3.09765553474426 3.09765553474426 
3.09765553474426 3.09765553474426 3.09765553474426 3.09765553474426 
3.09765553474426 3.09765553474426 3.09765553474426 3.09765553474426 
3.09765553474426 3.09765553474426 3.09765553474426 3.09765553474426 
3.09765553474426 3.09765553474426 3.09765553474426 3.09765553474426 
3.09765553474426 3.09765553474426 3.09765553474426 3.09765553474426 
3.09765553474426 3.09765553474426 3.09765553474426 3.09765553474426 
3.09765553474426 3.09765553474426 3.09765553474426 3.09765553474426 
3.09765553474426 3.09765553474426 3.09765553474426 3.09765553474426 
3.09765553474426 3.09765553474426 3.09765553474426 3.09765553474426 
3.09765553474426 3.09765553474426 3.09765553474426 3.09765553474426 
3.09765553474426 3.09765553474426 3.09765553474426 3.09765553474426 
3.09765553474426 3.09765553474426 3.09765553474426 3.09765553474426 
3.09765553474426 3.09765553474426 3.09765553474426 3.09765553474426 
3.09765553474426 3.09765553474426 3.09765553474426 3.09765553474426 
3.09765553474426 3.09765553474426 3.09765553474426 3.09765553474426 
3.09765553474426 3.09765553474426 3.09765553474426 3.09765553474426 
3.09765553474426 3.09765553474426 3.09765553474426 3.09765553474426 
3.09765553474426 3.09765553474426 3.09765553474426 3.09765553474426 
3.09765553474426 3.09765553474426 3.09765553474426 3.09765553474426 
3.09765553474426 3.09765553474426 3.09765553474426 3.09765553474426 
3.09765553474426 3.09765553474426 3.09765553474426 3.09765553474426 
3.09765553474426 3.09765553474426 3.09765553474426 3.09765553474426 
3.09765553474426 3.09765553474426 3.09765553474426 3.09765553474426 
3.09765553474426 3.09765553474426 3.09765553474426 3.09765553474426 
3.09765553474426 3.09765553474426 3.09765553474426 3.09765553474426 
3.09765553474426 3.09765553474426 3.09765553474426 3.09765553474426 
3.09765553474426 3.09765553474426 3.09765553474426 3.09765553474426 
3.09765553474426 3.09765553474426 3.09765553474426 3.09765553474426 
3.09765553474426 3.09765553474426 3.09765553474426 3.09765553474426 
3.09765553474426 3.09765553474426 3.09765553474426 3.09765553474426 
3.09765553474426 3.09765553474426 3.09765553474426 3.09765553474426 
3.09765553474426 3.09765553474426 3.09765553474426 3.09765553474426 
3.09765553474426 3.09765553474426 3.09765553474426 3.09765553474426 
3.09765553474426 3.09765553474426 3.09765553474426 3.09765553474426 
3.09765553474426 3.09765553474426 3.09765553474426 3.09765553474426 
3.09765553474426 3.09765553474426 3.09765553474426 3.09765553474426 
3.09765553474426 3.09765553474426 3.09765553474426 3.09765553474426 
3.09765553474426 3.09765553474426 3.09765553474426 3.09765553474426 
3.09765553474426 3.09765553474426 3.09765553474426 3.09765553474426 
3.09765553474426 3.09765553474426 3.09765553474426 3.09765553474426 
3.09765553474426 3.09765553474426 3.09765553474426 3.09765553474426 
3.09765553474426 3.09765553474426 3.09765553474426 3.09765553474426 
3.09765553474426 3.09765553474426 3.09765553474426 3.09765553474426 
3.09765553474426 3.09765553474426 3.09765553474426 3.09765553474426 
3.09765553474426 3.09765553474426 3.09765553474426 3.09765553474426 
3.09765553474426 3.09765553474426 3.09765553474426 3.09765553474426 
3.09765553474426 3.09765553474426 3.09765553474426 3.09765553474426 
3.09765553474426 3.09765553474426 3.09765553474426 3.09765553474426 
3.09765553474426 3.09765553474426 3.09765553474426 3.09765553474426 
3.09765553474426 3.09765553474426 3.09765553474426 3.09765553474426 
3.09765553474426 3.09765553474426 3.09765553474426 3.09765553474426 
3.09765553474426 3.09765553474426 3.09765553474426 3.09765553474426 
3.09765553474426 3.09765553474426 3.09765553474426 3.09765553474426 
3.09765553474426 3.09765553474426 3.09765553474426 3.09765553474426 
3.09765553474426 3.09765553474426 3.09765553474426 3.09765553474426 
3.09765553474426 3.09765553474426 3.09765553474426 3.09765553474426 
3.09765553474426 3.09765553474426 3.09765553474426 3.09765553474426 
3.09765553474426 3.09765553474426 3.09765553474426 3.09765553474426 
3.09765553474426 3.09765553474426 3.09765553474426 3.09765553474426 
3.09765553474426 3.09765553474426 3.09765553474426 3.09765553474426 
3.09765553474426 3.09765553474426 3.09765553474426 3.09765553474426 
3.09765553474426 3.09765553474426 3.09765553474426 3.09765553474426 
3.09765553474426 3.09765553474426 3.09765553474426 3.09765553474426 
3.09765553474426 3.09765553474426 3.09765553474426 3.09765553474426 
3.09765553474426 3.09765553474426 3.09765553474426 3.09765553474426 
3.09765553474426 3.09765553474426 3.09765553474426 3.09765553474426 
3.09765553474426 3.09765553474426 3.09765553474426 3.09765553474426 
3.09765553474426 3.09765553474426 3.09765553474426 3.09765553474426 
3.09765553474426 3.09765553474426 3.09765553474426 3.09765553474426 
3.09765553474426 3.09765553474426 3.09765553474426 3.09765553474426 
3.09765553474426 3.09765553474426 3.09765553474426 3.09765553474426 
3.09765553474426 3.09765553474426 3.09765553474426 3.09765553474426 
3.09765553474426 3.09765553474426 3.09765553474426 3.09765553474426
##$RECO_byte_order=littleEndian
$$ @vis= RECO_maxima RECO_map_min RECO_map_max RECO_map_offset RECO_map_slope
##$RECO_time=( 24 )
<17:50:10 12 Aug 2014>
##$RECO_abs_time=1407880210
##$RECO_base_image_uid=( 65 )
<2.16.756.5.5.100.278412266.29758.1407880820.1120>
$$ @vis= RECO_byte_order RECO_time RECO_abs_time RECO_base_image_uid
##$GS_reco_display=Yes
##$GO_reco_display=Yes
##$GO_reco_each_nr=No
$$ @vis= RecoRegridNGroup GS_reco_display RECO_GS GO_reco_display
##$GO_max_reco_mem=0
$$ @vis= GO_reco_each_nr GO_max_reco_mem RECO_GO RECO
##END=
