##TITLE=Parameter List
##JCAMPDX=4.24
##DATATYPE=Parameter Values
##ORIGIN=Bruker BioSpin MRI GmbH
##OWNER=ryan
$$ Mon Feb  9 20:16:22 2015 EST (UT-5h)  ryan
$$ /opt/PV5.1/data/ryan/nmr/RMD310.u51/21/pdata/1/reco
##$RECO_mode=FT_MODE
##$RecoAutoDerive=Yes
##$RECO_inp_order=NO_REORDERING
##$RECO_inp_size=( 1 )
32
##$RECO_ft_size=( 1 )
32
##$RECO_fov=( 1 )
0
##$RECO_size=( 1 )
32
$$ @vis= RECO_mode RecoAutoDerive RECO_inp_order RECO_ft_size RECO_fov
##$RECO_offset=( 1, 4 )
0 0 0 0
##$RECO_regrid_mode=NO_REGRID
##$RECO_regrid_offset=0
##$RECO_ramp_gap=0
##$RECO_ramp_time=0
##$RECO_ne_mode=NO_NAV_DATA
##$RECO_ne_dist=NeNoInterleave
##$RECO_ne_dens=NeCorrPerScan
##$RECO_ne_type=NAV_PHASE
##$RECO_ne_vals=( 1, 2 )
0 0
##$RECO_bc_mode=( 1 )
AUTO_OFFSET_BC
##$RECO_bc_start=( 1 )
24
##$RECO_bc_len=( 1 )
8
$$ @vis= RECO_size RECO_regrid_mode RECO_ne_mode RECO_bc_mode RECO_bc_start
##$RECO_dc_offset=( 2 )
-199 267
##$RECO_dc_divisor=8
##$RECO_bc_coroff=( 1 )
0
##$RECO_qopts=( 1 )
CONJ_AND_QNEG
##$RECO_wdw_mode=( 1 )
NO_WDW
##$RECO_lb=( 1 )
-0.5
##$RECO_sw=( 1 )
22001
##$RECO_gb=( 1 )
0.5
##$RECO_sbs=( 1 )
1
##$RECO_tm1=( 1 )
0.25
##$RECO_tm2=( 1 )
0.75
##$RECO_ft_mode=( 1 )
COMPLEX_FFT
##$RECO_pc_mode=( 1 )
NO_PC
##$RECO_pc_lin=( 1 )
(0, 0)
##$RECO_rotate=( 1, 4 )
0 0 0 0
$$ @vis= RECO_bc_len RECO_qopts RECO_wdw_mode RECO_ft_mode RECO_pc_mode
##$RECO_ppc_mode=NO_PPC
##$RECO_ref_image=0
##$RECO_nr_supports=0.4
##$RECO_sig_threshold=0.15
##$RECO_ppc_degree=1
##$RECO_ppc_coeffs=( 4, 1, 2 )
0 0 0 0 0 0 0 0
##$RECO_dc_elim=Yes
##$RECO_transposition=( 4 )
0 0 0 0
##$RECO_image_type=MAGNITUDE_IMAGE
$$ @vis= RECO_rotate RECO_ppc_mode RECO_dc_elim RECO_transposition
##$RECO_image_threshold=0.15
##$RECO_ir_scale=10
##$RECO_wordtype=_16BIT_SGN_INT
##$RECO_map_mode=ABSOLUTE_MAPPING
##$RECO_map_range=( 2 )
-2147483647 2147483647
##$RECO_map_percentile=( 2 )
1 99
##$RECO_map_error=0.25
##$RECO_globex=( 64 )
0 0 0 0 0 0 0 0 0 0 0 0 0 0 0 0 0 0 0 0 0 0 0 0 0 0 0 0 0 0 0 0 0 0 0 0 0 0 0 
0 0 0 0 0 0 0 0 0 0 0 0 0 0 0 0 0 0 0 0 0 0 0 0 0
##$RECO_minima=( 64 )
0 0 0 0 0 0 0 0 0 0 0 0 0 0 0 0 0 0 0 0 0 0 0 0 0 0 0 0 0 0 0 0 0 0 0 0 0 0 0 
0 0 0 0 0 0 0 0 0 0 0 0 0 0 0 0 0 0 0 0 0 0 0 0 0
##$RECO_maxima=( 64 )
56 6231 5073 54 52 5390 4267 46 64 6347 5503 68 71 5804 4783 45 77 8386 6805 
71 197 20740 16766 156 230 22356 18027 175 296 29285 24068 215 289 32766 
23824 220 229 23939 17864 163 194 22224 16128 131 99 8515 6842 73 59 5945 
4897 52 73 7002 5072 60 58 5741 4376 55 60 6106 4608 31
$$ @vis= RECO_image_type RECO_wordtype RECO_map_mode RECO_globex RECO_minima
##$RECO_map_min=( 64 )
-741500 -741500 -741500 -741500 -741500 -741500 -741500 -741500 -741500 
-741500 -741500 -741500 -741500 -741500 -741500 -741500 -741500 -741500 
-741500 -741500 -741500 -741500 -741500 -741500 -741500 -741500 -741500 
-741500 -741500 -741500 -741500 -741500 -741500 -741500 -741500 -741500 
-741500 -741500 -741500 -741500 -741500 -741500 -741500 -741500 -741500 
-741500 -741500 -741500 -741500 -741500 -741500 -741500 -741500 -741500 
-741500 -741500 -741500 -741500 -741500 -741500 -741500 -741500 -741500 
-741500
##$RECO_map_max=( 64 )
741500 741500 741500 741500 741500 741500 741500 741500 741500 741500 741500 
741500 741500 741500 741500 741500 741500 741500 741500 741500 741500 741500 
741500 741500 741500 741500 741500 741500 741500 741500 741500 741500 741500 
741500 741500 741500 741500 741500 741500 741500 741500 741500 741500 741500 
741500 741500 741500 741500 741500 741500 741500 741500 741500 741500 741500 
741500 741500 741500 741500 741500 741500 741500 741500 741500
##$RECO_map_offset=( 64 )
0 0 0 0 0 0 0 0 0 0 0 0 0 0 0 0 0 0 0 0 0 0 0 0 0 0 0 0 0 0 0 0 0 0 0 0 0 0 0 
0 0 0 0 0 0 0 0 0 0 0 0 0 0 0 0 0 0 0 0 0 0 0 0 0
##$RECO_map_slope=( 64 )
0.0441901534795761 0.0441901534795761 0.0441901534795761 0.0441901534795761 
0.0441901534795761 0.0441901534795761 0.0441901534795761 0.0441901534795761 
0.0441901534795761 0.0441901534795761 0.0441901534795761 0.0441901534795761 
0.0441901534795761 0.0441901534795761 0.0441901534795761 0.0441901534795761 
0.0441901534795761 0.0441901534795761 0.0441901534795761 0.0441901534795761 
0.0441901534795761 0.0441901534795761 0.0441901534795761 0.0441901534795761 
0.0441901534795761 0.0441901534795761 0.0441901534795761 0.0441901534795761 
0.0441901534795761 0.0441901534795761 0.0441901534795761 0.0441901534795761 
0.0441901534795761 0.0441901534795761 0.0441901534795761 0.0441901534795761 
0.0441901534795761 0.0441901534795761 0.0441901534795761 0.0441901534795761 
0.0441901534795761 0.0441901534795761 0.0441901534795761 0.0441901534795761 
0.0441901534795761 0.0441901534795761 0.0441901534795761 0.0441901534795761 
0.0441901534795761 0.0441901534795761 0.0441901534795761 0.0441901534795761 
0.0441901534795761 0.0441901534795761 0.0441901534795761 0.0441901534795761 
0.0441901534795761 0.0441901534795761 0.0441901534795761 0.0441901534795761 
0.0441901534795761 0.0441901534795761 0.0441901534795761 0.0441901534795761
##$RECO_byte_order=littleEndian
$$ @vis= RECO_maxima RECO_map_min RECO_map_max RECO_map_offset RECO_map_slope
##$RECO_time=( 24 )
<20:00:08  9 Feb 2015>
##$RECO_abs_time=1423530008
##$RECO_base_image_uid=( 65 )
<2.16.756.5.5.100.278412266.8243.1423530982.104>
$$ @vis= RECO_byte_order RECO_time RECO_abs_time RECO_base_image_uid
##$GS_reco_display=Yes
##$GO_reco_display=Yes
##$GO_reco_each_nr=No
$$ @vis= RecoRegridNGroup GS_reco_display RECO_GS GO_reco_display
##$GO_max_reco_mem=0
$$ @vis= GO_reco_each_nr GO_max_reco_mem RECO_GO RECO
##END=
