##TITLE=Parameter List
##JCAMPDX=4.24
##DATATYPE=Parameter Values
##ORIGIN=Bruker BioSpin MRI GmbH
##OWNER=ryan
$$ Thu Aug  7 17:51:43 2014 EDT (UT-4h)  ryan
$$ /opt/PV5.1/data/ryan/nmr/RMD272.r81/33/pdata/1/visu_pars
##$VisuVersion=1
##$VisuUid=( 65 )
<2.16.756.5.5.100.278412266.22167.1407448303.1040>
##$VisuCreator=( 65 )
<ParaVision>
##$VisuCreatorVersion=( 65 )
<5.1>
##$VisuCreationDate=( 21 )
<17:40:39  7 Aug 2014>
$$ @vis= VisuVersion VisuUid VisuCreator VisuCreatorVersion VisuCreationDate
##$VisuCoreFrameCount=1680
##$VisuCoreDim=1
##$VisuCoreSize=( 1 )
32
##$VisuCoreDimDesc=( 1 )
spectroscopic
$$ @vis= VisuInstance VisuCoreFrameCount VisuCoreDim VisuCoreSize
##$VisuCoreExtent=( 1 )
73.2537534535215
##$VisuCoreUnits=( 1, 65 )
<ppm>
##$VisuCoreDataMin=( 1680 )
0 0 0 0 0 0 0 0 0 0 0 0 0 0 0 0 0 0 0 0 0 0 0 0 0 0 0 0 0 0 0 0 0 0 0 0 0 0 0 
0 0 0 0 0 0 0 0 0 0 0 0 0 0 0 0 0 0 0 0 0 0 0 0 0 0 0 0 0 0 0 0 0 0 0 0 0 0 0 
0 0 0 0 0 0 0 0 0 0 0 0 0 0 0 0 0 0 0 0 0 0 0 0 0 0 0 0 0 0 0 0 0 0 0 0 0 0 0 
0 0 0 0 0 0 0 0 0 0 0 0 0 0 0 0 0 0 0 0 0 0 0 0 0 0 0 0 0 0 0 0 0 0 0 0 0 0 0 
0 0 0 0 0 0 0 0 0 0 0 0 0 0 0 0 0 0 0 0 0 0 0 0 0 0 0 0 0 0 0 0 0 0 0 0 0 0 0 
0 0 0 0 0 0 0 0 0 0 0 0 0 0 0 0 0 0 0 0 0 0 0 0 0 0 0 0 0 0 0 0 0 0 0 0 0 0 0 
0 0 0 0 0 0 0 0 0 0 0 0 0 0 0 0 0 0 0 0 0 0 0 0 0 0 0 0 0 0 0 0 0 0 0 0 0 0 0 
0 0 0 0 0 0 0 0 0 0 0 0 0 0 0 0 0 0 0 0 0 0 0 0 0 0 0 0 0 0 0 0 0 0 0 0 0 0 0 
0 0 0 0 0 0 0 0 0 0 0 0 0 0 0 0 0 0 0 0 0 0 0 0 0 0 0 0 0 0 0 0 0 0 0 0 0 0 0 
0 0 0 0 0 0 0 0 0 0 0 0 0 0 0 0 0 0 0 0 0 0 0 0 0 0 0 0 0 0 0 0 0 0 0 0 0 0 0 
0 0 0 0 0 0 0 0 0 0 0 0 0 0 0 0 0 0 0 0 0 0 0 0 0 0 0 0 0 0 0 0 0 0 0 0 0 0 0 
0 0 0 0 0 0 0 0 0 0 0 0 0 0 0 0 0 0 0 0 0 0 0 0 0 0 0 0 0 0 0 0 0 0 0 0 0 0 0 
0 0 0 0 0 0 0 0 0 0 0 0 0 0 0 0 0 0 0 0 0 0 0 0 0 0 0 0 0 0 0 0 0 0 0 0 0 0 0 
0 0 0 0 0 0 0 0 0 0 0 0 0 0 0 0 0 0 0 0 0 0 0 0 0 0 0 0 0 0 0 0 0 0 0 0 0 0 0 
0 0 0 0 0 0 0 0 0 0 0 0 0 0 0 0 0 0 0 0 0 0 0 0 0 0 0 0 0 0 0 0 0 0 0 0 0 0 0 
0 0 0 0 0 0 0 0 0 0 0 0 0 0 0 0 0 0 0 0 0 0 0 0 0 0 0 0 0 0 0 0 0 0 0 0 0 0 0 
0 0 0 0 0 0 0 0 0 0 0 0 0 0 0 0 0 0 0 0 0 0 0 0 0 0 0 0 0 0 0 0 0 0 0 0 0 0 0 
0 0 0 0 0 0 0 0 0 0 0 0 0 0 0 0 0 0 0 0 0 0 0 0 0 0 0 0 0 0 0 0 0 0 0 0 0 0 0 
0 0 0 0 0 0 0 0 0 0 0 0 0 0 0 0 0 0 0 0 0 0 0 0 0 0 0 0 0 0 0 0 0 0 0 0 0 0 0 
0 0 0 0 0 0 0 0 0 0 0 0 0 0 0 0 0 0 0 0 0 0 0 0 0 0 0 0 0 0 0 0 0 0 0 0 0 0 0 
0 0 0 0 0 0 0 0 0 0 0 0 0 0 0 0 0 0 0 0 0 0 0 0 0 0 0 0 0 0 0 0 0 0 0 0 0 0 0 
0 0 0 0 0 0 0 0 0 0 0 0 0 0 0 0 0 0 0 0 0 0 0 0 0 0 0 0 0 0 0 0 0 0 0 0 0 0 0 
0 0 0 0 0 0 0 0 0 0 0 0 0 0 0 0 0 0 0 0 0 0 0 0 0 0 0 0 0 0 0 0 0 0 0 0 0 0 0 
0 0 0 0 0 0 0 0 0 0 0 0 0 0 0 0 0 0 0 0 0 0 0 0 0 0 0 0 0 0 0 0 0 0 0 0 0 0 0 
0 0 0 0 0 0 0 0 0 0 0 0 0 0 0 0 0 0 0 0 0 0 0 0 0 0 0 0 0 0 0 0 0 0 0 0 0 0 0 
0 0 0 0 0 0 0 0 0 0 0 0 0 0 0 0 0 0 0 0 0 0 0 0 0 0 0 0 0 0 0 0 0 0 0 0 0 0 0 
0 0 0 0 0 0 0 0 0 0 0 0 0 0 0 0 0 0 0 0 0 0 0 0 0 0 0 0 0 0 0 0 0 0 0 0 0 0 0 
0 0 0 0 0 0 0 0 0 0 0 0 0 0 0 0 0 0 0 0 0 0 0 0 0 0 0 0 0 0 0 0 0 0 0 0 0 0 0 
0 0 0 0 0 0 0 0 0 0 0 0 0 0 0 0 0 0 0 0 0 0 0 0 0 0 0 0 0 0 0 0 0 0 0 0 0 0 0 
0 0 0 0 0 0 0 0 0 0 0 0 0 0 0 0 0 0 0 0 0 0 0 0 0 0 0 0 0 0 0 0 0 0 0 0 0 0 0 
0 0 0 0 0 0 0 0 0 0 0 0 0 0 0 0 0 0 0 0 0 0 0 0 0 0 0 0 0 0 0 0 0 0 0 0 0 0 0 
0 0 0 0 0 0 0 0 0 0 0 0 0 0 0 0 0 0 0 0 0 0 0 0 0 0 0 0 0 0 0 0 0 0 0 0 0 0 0 
0 0 0 0 0 0 0 0 0 0 0 0 0 0 0 0 0 0 0 0 0 0 0 0 0 0 0 0 0 0 0 0 0 0 0 0 0 0 0 
0 0 0 0 0 0 0 0 0 0 0 0 0 0 0 0 0 0 0 0 0 0 0 0 0 0 0 0 0 0 0 0 0 0 0 0 0 0 0 
0 0 0 0 0 0 0 0 0 0 0 0 0 0 0 0 0 0 0 0 0 0 0 0 0 0 0 0 0 0 0 0 0 0 0 0 0 0 0 
0 0 0 0 0 0 0 0 0 0 0 0 0 0 0 0 0 0 0 0 0 0 0 0 0 0 0 0 0 0 0 0 0 0 0 0 0 0 0 
0 0 0 0 0 0 0 0 0 0 0 0 0 0 0 0 0 0 0 0 0 0 0 0 0 0 0 0 0 0 0 0 0 0 0 0 0 0 0 
0 0 0 0 0 0 0 0 0 0 0 0 0 0 0 0 0 0 0 0 0 0 0 0 0 0 0 0 0 0 0 0 0 0 0 0 0 0 0 
0 0 0 0 0 0 0 0 0 0 0 0 0 0 0 0 0 0 0 0 0 0 0 0 0 0 0 0 0 0 0 0 0 0 0 0 0 0 0 
0 0 0 0 0 0 0 0 0 0 0 0 0 0 0 0 0 0 0 0 0 0 0 0 0 0 0 0 0 0 0 0 0 0 0 0 0 0 0 
0 0 0 0 0 0 0 0 0 0 0 0 0 0 0 0 0 0 0 0 0 0 0 0 0 0 0 0 0 0 0 0 0 0 0 0 0 0 0 
0 0 0 0 0 0 0 0 0 0 0 0 0 0 0 0 0 0 0 0 0 0 0 0 0 0 0 0 0 0 0 0 0 0 0 0 0 0 0 
0 0 0 0 0 0 0 0 0 0 0 0 0 0 0 0 0 0 0 0 0 0 0 0 0 0 0 0 0 0 0 0 0 0 0 0 0 0 0 
0 0 0
##$VisuCoreDataMax=( 1680 )
3736 43 40 43 39 34 36 39 35 28 40 38 39 24 36 34 30 25 33 28 25 4529 49 48 
47 37 37 49 32 37 33 35 46 31 47 28 34 31 31 32 35 38 5796 52 58 69 54 36 46 
29 45 35 40 28 44 32 31 28 34 31 26 27 35 6531 56 59 41 48 38 45 32 45 32 44 
28 46 33 34 37 26 26 35 24 29 5997 60 54 62 62 70 41 34 35 40 48 32 41 43 35 
34 27 27 26 28 35 8155 78 61 42 64 35 46 47 45 44 36 35 36 30 33 45 37 29 30 
34 32 19965 91 68 56 71 76 68 53 68 51 62 49 43 46 42 44 44 30 33 42 35 32767 
116 80 90 85 90 67 84 75 84 60 69 77 57 59 64 57 54 52 44 46 32101 99 96 96 
78 88 72 85 78 82 71 70 58 57 61 60 47 51 46 44 45 19213 89 54 60 72 66 57 53 
53 48 45 58 41 45 33 30 31 35 38 27 31 9685 71 58 55 43 58 47 43 40 34 40 40 
32 33 34 30 38 39 27 31 32 7757 72 45 46 43 46 48 49 48 57 53 49 42 48 30 43 
29 32 31 33 30 6397 68 54 56 41 54 36 69 44 32 37 48 33 40 34 29 33 31 31 32 
24 6344 46 43 60 49 55 39 40 38 45 35 39 31 47 27 37 33 33 23 22 27 5244 57 
51 39 32 35 34 31 53 33 43 35 25 28 42 27 31 25 28 30 24 4328 44 51 41 41 35 
57 36 46 51 40 42 42 35 27 27 21 33 32 29 22 3802 62 42 52 33 43 32 35 43 38 
38 35 35 30 29 28 37 29 37 29 30 4585 60 44 48 39 57 46 48 39 52 38 31 27 37 
36 33 31 25 25 23 30 5835 55 55 49 59 29 54 35 50 33 28 32 41 28 38 31 24 27 
28 29 30 6594 61 49 50 64 38 42 41 51 27 50 40 41 31 31 32 33 26 27 26 28 
5943 53 55 54 60 32 50 36 45 38 40 34 37 38 29 35 43 38 31 33 32 8159 64 63 
47 70 34 46 40 40 32 31 36 29 38 41 35 38 40 34 26 28 19973 84 67 78 73 57 59 
57 62 44 49 44 61 53 30 30 38 33 30 31 37 32661 106 77 96 84 93 86 81 76 81 
70 71 73 67 64 58 61 44 46 40 48 32051 89 87 95 94 85 79 85 73 85 77 66 77 65 
56 60 47 51 49 46 31 19013 85 76 58 55 66 48 68 45 58 49 46 38 51 49 43 33 38 
39 34 40 9680 86 71 50 47 48 37 49 42 50 42 33 37 31 39 37 28 35 30 24 29 
7764 66 54 57 36 52 41 43 42 43 36 33 40 34 28 37 39 31 32 35 26 6388 62 52 
47 45 54 40 39 38 48 39 35 30 30 26 41 25 30 30 24 27 6338 47 47 60 34 81 35 
62 37 40 30 39 32 35 31 41 30 32 25 28 28 5230 42 48 40 39 36 39 38 34 44 39 
39 48 23 32 33 32 33 29 26 25 4327 55 47 44 38 43 37 32 40 35 29 30 34 35 32 
22 24 27 24 29 23 3781 58 52 43 45 46 48 34 34 34 45 33 39 35 22 32 31 28 35 
25 24 4536 62 38 61 42 52 45 34 53 25 42 35 38 30 34 36 25 30 43 21 27 5801 
58 66 49 67 28 65 29 51 29 56 32 50 32 23 30 25 32 25 26 21 6537 53 63 52 51 
31 51 38 37 37 49 43 27 33 31 28 33 31 25 27 27 6030 48 71 40 44 38 40 35 41 
33 41 43 46 35 38 43 47 29 26 25 30 8146 58 54 42 56 47 47 50 37 32 44 35 43 
42 35 32 42 30 28 25 21 19923 87 60 75 78 57 55 51 38 49 34 37 41 38 38 27 45 
34 30 27 40 32760 87 87 100 101 88 73 80 75 91 71 72 55 72 56 60 59 56 53 41 
49 32129 90 105 80 95 95 92 86 89 72 70 74 63 64 58 55 46 53 45 54 34 19188 
78 68 52 73 58 64 49 53 50 40 46 45 36 52 34 36 44 25 36 27 9718 88 54 46 37 
55 43 30 44 44 43 43 30 33 30 38 37 30 30 29 27 7750 76 56 41 44 67 42 42 33 
44 33 33 34 28 29 27 40 26 30 28 23 6389 76 53 52 42 52 49 38 34 43 33 47 40 
39 31 44 25 33 31 31 28 6369 54 62 39 49 55 31 57 31 41 41 47 48 39 28 32 31 
37 29 25 24 5258 49 37 36 32 47 37 44 37 41 36 42 38 36 35 30 30 24 25 31 26 
4339 44 57 41 35 35 49 31 35 48 51 44 30 30 37 33 28 28 40 26 35 3796 71 52 
51 38 42 61 37 38 27 44 37 29 30 28 26 28 27 30 32 28 4584 46 39 39 51 37 47 
52 55 28 45 42 33 26 34 28 36 36 32 19 35 5842 62 55 57 58 41 45 39 47 32 39 
26 34 34 27 29 24 24 33 31 24 6587 59 53 48 56 34 41 40 56 36 46 39 38 29 38 
32 38 33 29 24 27 5988 45 62 41 52 32 43 37 64 36 60 35 44 30 42 36 46 34 28 
17 38 8167 69 56 52 79 36 43 40 43 36 37 35 31 29 34 39 35 26 31 28 31 19933 
113 55 76 72 49 44 52 46 50 47 33 44 39 35 37 33 43 27 29 27 32763 107 86 93 
89 86 86 91 78 75 79 65 66 56 61 53 69 47 45 44 41 32095 99 87 83 106 84 89 
76 73 91 72 76 69 69 53 53 61 49 53 44 38 19071 83 77 88 66 66 56 55 45 45 47 
57 44 40 36 42 27 43 38 37 23 9642 82 54 55 43 51 53 53 45 34 33 37 48 44 24 
28 31 25 28 27 23 7683 63 48 45 56 47 41 34 41 38 42 39 35 38 32 34 35 33 26 
28 29 6395 67 49 53 46 61 38 33 32 32 38 49 31 36 29 34 27 35 28 31 32 6340 
76 71 46 52 47 41 46 42 47 38 49 43 36 35 36 26 26 38 29 27 5232 50 46 50 47 
45 36 37 40 45 29 27 35 37 34 30 25 27 31 24 25 4338 45 55 39 41 43 38 34 42 
33 47 38 34 38 27 33 29 27 27 27 28 3809 53 45 43 44 47 39 35 46 38 34 32 32 
33 27 31 23 26 21 29 29 4577 45 59 35 26 28 49 30 41 39 37 35 33 38 26 33 24 
26 30 38 32 5845 64 60 59 48 43 64 39 45 34 48 44 38 27 34 30 51 28 28 31 33 
6562 74 64 46 58 44 54 37 41 43 46 41 41 29 33 25 45 40 33 25 27 5990 72 56 
38 50 34 44 39 45 32 48 31 33 30 39 31 37 23 33 22 32 8160 72 76 55 45 42 44 
44 47 37 29 41 37 36 30 38 28 35 30 34 34 19951 96 64 91 55 67 54 64 71 51 42 
48 51 48 41 35 37 32 29 27 28 32762 109 77 101 79 91 75 84 81 78 71 68 54 64 
66 51 54 47 52 33 45 32120 108 97 100 97 80 86 87 85 75 78 64 56 68 68 56 57 
59 48 50 41 19161 87 69 60 67 58 62 54 44 48 40 54 52 45 34 36 31 30 32 24 28 
9728 71 67 55 47 54 45 38 35 41 41 44 34 47 29 41 24 38 27 30 32 7731 75 45 
55 50 48 36 37 47 43 28 39 38 37 30 42 30 42 21 31 32 6332 65 59 44 40 37 46 
39 41 41 32 49 30 33 28 39 28 24 26 30 21 6297 63 58 33 46 43 38 52 33 53 37 
40 29 49 25 34 32 41 20 36 26 5211 59 56 40 46 44 33 42 45 35 34 40 37 33 43 
30 26 30 33 27 28 4334 48 57 43 46 39 35 50 23 37 40 41 31 45 38 27 22 30 22 
29 22
$$ @vis= VisuCoreDimDesc VisuCoreExtent VisuCoreUnits VisuCoreDataMin
##$VisuCoreDataOffs=( 1680 )
0 0 0 0 0 0 0 0 0 0 0 0 0 0 0 0 0 0 0 0 0 0 0 0 0 0 0 0 0 0 0 0 0 0 0 0 0 0 0 
0 0 0 0 0 0 0 0 0 0 0 0 0 0 0 0 0 0 0 0 0 0 0 0 0 0 0 0 0 0 0 0 0 0 0 0 0 0 0 
0 0 0 0 0 0 0 0 0 0 0 0 0 0 0 0 0 0 0 0 0 0 0 0 0 0 0 0 0 0 0 0 0 0 0 0 0 0 0 
0 0 0 0 0 0 0 0 0 0 0 0 0 0 0 0 0 0 0 0 0 0 0 0 0 0 0 0 0 0 0 0 0 0 0 0 0 0 0 
0 0 0 0 0 0 0 0 0 0 0 0 0 0 0 0 0 0 0 0 0 0 0 0 0 0 0 0 0 0 0 0 0 0 0 0 0 0 0 
0 0 0 0 0 0 0 0 0 0 0 0 0 0 0 0 0 0 0 0 0 0 0 0 0 0 0 0 0 0 0 0 0 0 0 0 0 0 0 
0 0 0 0 0 0 0 0 0 0 0 0 0 0 0 0 0 0 0 0 0 0 0 0 0 0 0 0 0 0 0 0 0 0 0 0 0 0 0 
0 0 0 0 0 0 0 0 0 0 0 0 0 0 0 0 0 0 0 0 0 0 0 0 0 0 0 0 0 0 0 0 0 0 0 0 0 0 0 
0 0 0 0 0 0 0 0 0 0 0 0 0 0 0 0 0 0 0 0 0 0 0 0 0 0 0 0 0 0 0 0 0 0 0 0 0 0 0 
0 0 0 0 0 0 0 0 0 0 0 0 0 0 0 0 0 0 0 0 0 0 0 0 0 0 0 0 0 0 0 0 0 0 0 0 0 0 0 
0 0 0 0 0 0 0 0 0 0 0 0 0 0 0 0 0 0 0 0 0 0 0 0 0 0 0 0 0 0 0 0 0 0 0 0 0 0 0 
0 0 0 0 0 0 0 0 0 0 0 0 0 0 0 0 0 0 0 0 0 0 0 0 0 0 0 0 0 0 0 0 0 0 0 0 0 0 0 
0 0 0 0 0 0 0 0 0 0 0 0 0 0 0 0 0 0 0 0 0 0 0 0 0 0 0 0 0 0 0 0 0 0 0 0 0 0 0 
0 0 0 0 0 0 0 0 0 0 0 0 0 0 0 0 0 0 0 0 0 0 0 0 0 0 0 0 0 0 0 0 0 0 0 0 0 0 0 
0 0 0 0 0 0 0 0 0 0 0 0 0 0 0 0 0 0 0 0 0 0 0 0 0 0 0 0 0 0 0 0 0 0 0 0 0 0 0 
0 0 0 0 0 0 0 0 0 0 0 0 0 0 0 0 0 0 0 0 0 0 0 0 0 0 0 0 0 0 0 0 0 0 0 0 0 0 0 
0 0 0 0 0 0 0 0 0 0 0 0 0 0 0 0 0 0 0 0 0 0 0 0 0 0 0 0 0 0 0 0 0 0 0 0 0 0 0 
0 0 0 0 0 0 0 0 0 0 0 0 0 0 0 0 0 0 0 0 0 0 0 0 0 0 0 0 0 0 0 0 0 0 0 0 0 0 0 
0 0 0 0 0 0 0 0 0 0 0 0 0 0 0 0 0 0 0 0 0 0 0 0 0 0 0 0 0 0 0 0 0 0 0 0 0 0 0 
0 0 0 0 0 0 0 0 0 0 0 0 0 0 0 0 0 0 0 0 0 0 0 0 0 0 0 0 0 0 0 0 0 0 0 0 0 0 0 
0 0 0 0 0 0 0 0 0 0 0 0 0 0 0 0 0 0 0 0 0 0 0 0 0 0 0 0 0 0 0 0 0 0 0 0 0 0 0 
0 0 0 0 0 0 0 0 0 0 0 0 0 0 0 0 0 0 0 0 0 0 0 0 0 0 0 0 0 0 0 0 0 0 0 0 0 0 0 
0 0 0 0 0 0 0 0 0 0 0 0 0 0 0 0 0 0 0 0 0 0 0 0 0 0 0 0 0 0 0 0 0 0 0 0 0 0 0 
0 0 0 0 0 0 0 0 0 0 0 0 0 0 0 0 0 0 0 0 0 0 0 0 0 0 0 0 0 0 0 0 0 0 0 0 0 0 0 
0 0 0 0 0 0 0 0 0 0 0 0 0 0 0 0 0 0 0 0 0 0 0 0 0 0 0 0 0 0 0 0 0 0 0 0 0 0 0 
0 0 0 0 0 0 0 0 0 0 0 0 0 0 0 0 0 0 0 0 0 0 0 0 0 0 0 0 0 0 0 0 0 0 0 0 0 0 0 
0 0 0 0 0 0 0 0 0 0 0 0 0 0 0 0 0 0 0 0 0 0 0 0 0 0 0 0 0 0 0 0 0 0 0 0 0 0 0 
0 0 0 0 0 0 0 0 0 0 0 0 0 0 0 0 0 0 0 0 0 0 0 0 0 0 0 0 0 0 0 0 0 0 0 0 0 0 0 
0 0 0 0 0 0 0 0 0 0 0 0 0 0 0 0 0 0 0 0 0 0 0 0 0 0 0 0 0 0 0 0 0 0 0 0 0 0 0 
0 0 0 0 0 0 0 0 0 0 0 0 0 0 0 0 0 0 0 0 0 0 0 0 0 0 0 0 0 0 0 0 0 0 0 0 0 0 0 
0 0 0 0 0 0 0 0 0 0 0 0 0 0 0 0 0 0 0 0 0 0 0 0 0 0 0 0 0 0 0 0 0 0 0 0 0 0 0 
0 0 0 0 0 0 0 0 0 0 0 0 0 0 0 0 0 0 0 0 0 0 0 0 0 0 0 0 0 0 0 0 0 0 0 0 0 0 0 
0 0 0 0 0 0 0 0 0 0 0 0 0 0 0 0 0 0 0 0 0 0 0 0 0 0 0 0 0 0 0 0 0 0 0 0 0 0 0 
0 0 0 0 0 0 0 0 0 0 0 0 0 0 0 0 0 0 0 0 0 0 0 0 0 0 0 0 0 0 0 0 0 0 0 0 0 0 0 
0 0 0 0 0 0 0 0 0 0 0 0 0 0 0 0 0 0 0 0 0 0 0 0 0 0 0 0 0 0 0 0 0 0 0 0 0 0 0 
0 0 0 0 0 0 0 0 0 0 0 0 0 0 0 0 0 0 0 0 0 0 0 0 0 0 0 0 0 0 0 0 0 0 0 0 0 0 0 
0 0 0 0 0 0 0 0 0 0 0 0 0 0 0 0 0 0 0 0 0 0 0 0 0 0 0 0 0 0 0 0 0 0 0 0 0 0 0 
0 0 0 0 0 0 0 0 0 0 0 0 0 0 0 0 0 0 0 0 0 0 0 0 0 0 0 0 0 0 0 0 0 0 0 0 0 0 0 
0 0 0 0 0 0 0 0 0 0 0 0 0 0 0 0 0 0 0 0 0 0 0 0 0 0 0 0 0 0 0 0 0 0 0 0 0 0 0 
0 0 0 0 0 0 0 0 0 0 0 0 0 0 0 0 0 0 0 0 0 0 0 0 0 0 0 0 0 0 0 0 0 0 0 0 0 0 0 
0 0 0 0 0 0 0 0 0 0 0 0 0 0 0 0 0 0 0 0 0 0 0 0 0 0 0 0 0 0 0 0 0 0 0 0 0 0 0 
0 0 0 0 0 0 0 0 0 0 0 0 0 0 0 0 0 0 0 0 0 0 0 0 0 0 0 0 0 0 0 0 0 0 0 0 0 0 0 
0 0 0 0 0 0 0 0 0 0 0 0 0 0 0 0 0 0 0 0 0 0 0 0 0 0 0 0 0 0 0 0 0 0 0 0 0 0 0 
0 0 0
##$VisuCoreDataSlope=( 1680 )
11.1391032131487 11.1391032131487 11.1391032131487 11.1391032131487 
11.1391032131487 11.1391032131487 11.1391032131487 11.1391032131487 
11.1391032131487 11.1391032131487 11.1391032131487 11.1391032131487 
11.1391032131487 11.1391032131487 11.1391032131487 11.1391032131487 
11.1391032131487 11.1391032131487 11.1391032131487 11.1391032131487 
11.1391032131487 11.1391032131487 11.1391032131487 11.1391032131487 
11.1391032131487 11.1391032131487 11.1391032131487 11.1391032131487 
11.1391032131487 11.1391032131487 11.1391032131487 11.1391032131487 
11.1391032131487 11.1391032131487 11.1391032131487 11.1391032131487 
11.1391032131487 11.1391032131487 11.1391032131487 11.1391032131487 
11.1391032131487 11.1391032131487 11.1391032131487 11.1391032131487 
11.1391032131487 11.1391032131487 11.1391032131487 11.1391032131487 
11.1391032131487 11.1391032131487 11.1391032131487 11.1391032131487 
11.1391032131487 11.1391032131487 11.1391032131487 11.1391032131487 
11.1391032131487 11.1391032131487 11.1391032131487 11.1391032131487 
11.1391032131487 11.1391032131487 11.1391032131487 11.1391032131487 
11.1391032131487 11.1391032131487 11.1391032131487 11.1391032131487 
11.1391032131487 11.1391032131487 11.1391032131487 11.1391032131487 
11.1391032131487 11.1391032131487 11.1391032131487 11.1391032131487 
11.1391032131487 11.1391032131487 11.1391032131487 11.1391032131487 
11.1391032131487 11.1391032131487 11.1391032131487 11.1391032131487 
11.1391032131487 11.1391032131487 11.1391032131487 11.1391032131487 
11.1391032131487 11.1391032131487 11.1391032131487 11.1391032131487 
11.1391032131487 11.1391032131487 11.1391032131487 11.1391032131487 
11.1391032131487 11.1391032131487 11.1391032131487 11.1391032131487 
11.1391032131487 11.1391032131487 11.1391032131487 11.1391032131487 
11.1391032131487 11.1391032131487 11.1391032131487 11.1391032131487 
11.1391032131487 11.1391032131487 11.1391032131487 11.1391032131487 
11.1391032131487 11.1391032131487 11.1391032131487 11.1391032131487 
11.1391032131487 11.1391032131487 11.1391032131487 11.1391032131487 
11.1391032131487 11.1391032131487 11.1391032131487 11.1391032131487 
11.1391032131487 11.1391032131487 11.1391032131487 11.1391032131487 
11.1391032131487 11.1391032131487 11.1391032131487 11.1391032131487 
11.1391032131487 11.1391032131487 11.1391032131487 11.1391032131487 
11.1391032131487 11.1391032131487 11.1391032131487 11.1391032131487 
11.1391032131487 11.1391032131487 11.1391032131487 11.1391032131487 
11.1391032131487 11.1391032131487 11.1391032131487 11.1391032131487 
11.1391032131487 11.1391032131487 11.1391032131487 11.1391032131487 
11.1391032131487 11.1391032131487 11.1391032131487 11.1391032131487 
11.1391032131487 11.1391032131487 11.1391032131487 11.1391032131487 
11.1391032131487 11.1391032131487 11.1391032131487 11.1391032131487 
11.1391032131487 11.1391032131487 11.1391032131487 11.1391032131487 
11.1391032131487 11.1391032131487 11.1391032131487 11.1391032131487 
11.1391032131487 11.1391032131487 11.1391032131487 11.1391032131487 
11.1391032131487 11.1391032131487 11.1391032131487 11.1391032131487 
11.1391032131487 11.1391032131487 11.1391032131487 11.1391032131487 
11.1391032131487 11.1391032131487 11.1391032131487 11.1391032131487 
11.1391032131487 11.1391032131487 11.1391032131487 11.1391032131487 
11.1391032131487 11.1391032131487 11.1391032131487 11.1391032131487 
11.1391032131487 11.1391032131487 11.1391032131487 11.1391032131487 
11.1391032131487 11.1391032131487 11.1391032131487 11.1391032131487 
11.1391032131487 11.1391032131487 11.1391032131487 11.1391032131487 
11.1391032131487 11.1391032131487 11.1391032131487 11.1391032131487 
11.1391032131487 11.1391032131487 11.1391032131487 11.1391032131487 
11.1391032131487 11.1391032131487 11.1391032131487 11.1391032131487 
11.1391032131487 11.1391032131487 11.1391032131487 11.1391032131487 
11.1391032131487 11.1391032131487 11.1391032131487 11.1391032131487 
11.1391032131487 11.1391032131487 11.1391032131487 11.1391032131487 
11.1391032131487 11.1391032131487 11.1391032131487 11.1391032131487 
11.1391032131487 11.1391032131487 11.1391032131487 11.1391032131487 
11.1391032131487 11.1391032131487 11.1391032131487 11.1391032131487 
11.1391032131487 11.1391032131487 11.1391032131487 11.1391032131487 
11.1391032131487 11.1391032131487 11.1391032131487 11.1391032131487 
11.1391032131487 11.1391032131487 11.1391032131487 11.1391032131487 
11.1391032131487 11.1391032131487 11.1391032131487 11.1391032131487 
11.1391032131487 11.1391032131487 11.1391032131487 11.1391032131487 
11.1391032131487 11.1391032131487 11.1391032131487 11.1391032131487 
11.1391032131487 11.1391032131487 11.1391032131487 11.1391032131487 
11.1391032131487 11.1391032131487 11.1391032131487 11.1391032131487 
11.1391032131487 11.1391032131487 11.1391032131487 11.1391032131487 
11.1391032131487 11.1391032131487 11.1391032131487 11.1391032131487 
11.1391032131487 11.1391032131487 11.1391032131487 11.1391032131487 
11.1391032131487 11.1391032131487 11.1391032131487 11.1391032131487 
11.1391032131487 11.1391032131487 11.1391032131487 11.1391032131487 
11.1391032131487 11.1391032131487 11.1391032131487 11.1391032131487 
11.1391032131487 11.1391032131487 11.1391032131487 11.1391032131487 
11.1391032131487 11.1391032131487 11.1391032131487 11.1391032131487 
11.1391032131487 11.1391032131487 11.1391032131487 11.1391032131487 
11.1391032131487 11.1391032131487 11.1391032131487 11.1391032131487 
11.1391032131487 11.1391032131487 11.1391032131487 11.1391032131487 
11.1391032131487 11.1391032131487 11.1391032131487 11.1391032131487 
11.1391032131487 11.1391032131487 11.1391032131487 11.1391032131487 
11.1391032131487 11.1391032131487 11.1391032131487 11.1391032131487 
11.1391032131487 11.1391032131487 11.1391032131487 11.1391032131487 
11.1391032131487 11.1391032131487 11.1391032131487 11.1391032131487 
11.1391032131487 11.1391032131487 11.1391032131487 11.1391032131487 
11.1391032131487 11.1391032131487 11.1391032131487 11.1391032131487 
11.1391032131487 11.1391032131487 11.1391032131487 11.1391032131487 
11.1391032131487 11.1391032131487 11.1391032131487 11.1391032131487 
11.1391032131487 11.1391032131487 11.1391032131487 11.1391032131487 
11.1391032131487 11.1391032131487 11.1391032131487 11.1391032131487 
11.1391032131487 11.1391032131487 11.1391032131487 11.1391032131487 
11.1391032131487 11.1391032131487 11.1391032131487 11.1391032131487 
11.1391032131487 11.1391032131487 11.1391032131487 11.1391032131487 
11.1391032131487 11.1391032131487 11.1391032131487 11.1391032131487 
11.1391032131487 11.1391032131487 11.1391032131487 11.1391032131487 
11.1391032131487 11.1391032131487 11.1391032131487 11.1391032131487 
11.1391032131487 11.1391032131487 11.1391032131487 11.1391032131487 
11.1391032131487 11.1391032131487 11.1391032131487 11.1391032131487 
11.1391032131487 11.1391032131487 11.1391032131487 11.1391032131487 
11.1391032131487 11.1391032131487 11.1391032131487 11.1391032131487 
11.1391032131487 11.1391032131487 11.1391032131487 11.1391032131487 
11.1391032131487 11.1391032131487 11.1391032131487 11.1391032131487 
11.1391032131487 11.1391032131487 11.1391032131487 11.1391032131487 
11.1391032131487 11.1391032131487 11.1391032131487 11.1391032131487 
11.1391032131487 11.1391032131487 11.1391032131487 11.1391032131487 
11.1391032131487 11.1391032131487 11.1391032131487 11.1391032131487 
11.1391032131487 11.1391032131487 11.1391032131487 11.1391032131487 
11.1391032131487 11.1391032131487 11.1391032131487 11.1391032131487 
11.1391032131487 11.1391032131487 11.1391032131487 11.1391032131487 
11.1391032131487 11.1391032131487 11.1391032131487 11.1391032131487 
11.1391032131487 11.1391032131487 11.1391032131487 11.1391032131487 
11.1391032131487 11.1391032131487 11.1391032131487 11.1391032131487 
11.1391032131487 11.1391032131487 11.1391032131487 11.1391032131487 
11.1391032131487 11.1391032131487 11.1391032131487 11.1391032131487 
11.1391032131487 11.1391032131487 11.1391032131487 11.1391032131487 
11.1391032131487 11.1391032131487 11.1391032131487 11.1391032131487 
11.1391032131487 11.1391032131487 11.1391032131487 11.1391032131487 
11.1391032131487 11.1391032131487 11.1391032131487 11.1391032131487 
11.1391032131487 11.1391032131487 11.1391032131487 11.1391032131487 
11.1391032131487 11.1391032131487 11.1391032131487 11.1391032131487 
11.1391032131487 11.1391032131487 11.1391032131487 11.1391032131487 
11.1391032131487 11.1391032131487 11.1391032131487 11.1391032131487 
11.1391032131487 11.1391032131487 11.1391032131487 11.1391032131487 
11.1391032131487 11.1391032131487 11.1391032131487 11.1391032131487 
11.1391032131487 11.1391032131487 11.1391032131487 11.1391032131487 
11.1391032131487 11.1391032131487 11.1391032131487 11.1391032131487 
11.1391032131487 11.1391032131487 11.1391032131487 11.1391032131487 
11.1391032131487 11.1391032131487 11.1391032131487 11.1391032131487 
11.1391032131487 11.1391032131487 11.1391032131487 11.1391032131487 
11.1391032131487 11.1391032131487 11.1391032131487 11.1391032131487 
11.1391032131487 11.1391032131487 11.1391032131487 11.1391032131487 
11.1391032131487 11.1391032131487 11.1391032131487 11.1391032131487 
11.1391032131487 11.1391032131487 11.1391032131487 11.1391032131487 
11.1391032131487 11.1391032131487 11.1391032131487 11.1391032131487 
11.1391032131487 11.1391032131487 11.1391032131487 11.1391032131487 
11.1391032131487 11.1391032131487 11.1391032131487 11.1391032131487 
11.1391032131487 11.1391032131487 11.1391032131487 11.1391032131487 
11.1391032131487 11.1391032131487 11.1391032131487 11.1391032131487 
11.1391032131487 11.1391032131487 11.1391032131487 11.1391032131487 
11.1391032131487 11.1391032131487 11.1391032131487 11.1391032131487 
11.1391032131487 11.1391032131487 11.1391032131487 11.1391032131487 
11.1391032131487 11.1391032131487 11.1391032131487 11.1391032131487 
11.1391032131487 11.1391032131487 11.1391032131487 11.1391032131487 
11.1391032131487 11.1391032131487 11.1391032131487 11.1391032131487 
11.1391032131487 11.1391032131487 11.1391032131487 11.1391032131487 
11.1391032131487 11.1391032131487 11.1391032131487 11.1391032131487 
11.1391032131487 11.1391032131487 11.1391032131487 11.1391032131487 
11.1391032131487 11.1391032131487 11.1391032131487 11.1391032131487 
11.1391032131487 11.1391032131487 11.1391032131487 11.1391032131487 
11.1391032131487 11.1391032131487 11.1391032131487 11.1391032131487 
11.1391032131487 11.1391032131487 11.1391032131487 11.1391032131487 
11.1391032131487 11.1391032131487 11.1391032131487 11.1391032131487 
11.1391032131487 11.1391032131487 11.1391032131487 11.1391032131487 
11.1391032131487 11.1391032131487 11.1391032131487 11.1391032131487 
11.1391032131487 11.1391032131487 11.1391032131487 11.1391032131487 
11.1391032131487 11.1391032131487 11.1391032131487 11.1391032131487 
11.1391032131487 11.1391032131487 11.1391032131487 11.1391032131487 
11.1391032131487 11.1391032131487 11.1391032131487 11.1391032131487 
11.1391032131487 11.1391032131487 11.1391032131487 11.1391032131487 
11.1391032131487 11.1391032131487 11.1391032131487 11.1391032131487 
11.1391032131487 11.1391032131487 11.1391032131487 11.1391032131487 
11.1391032131487 11.1391032131487 11.1391032131487 11.1391032131487 
11.1391032131487 11.1391032131487 11.1391032131487 11.1391032131487 
11.1391032131487 11.1391032131487 11.1391032131487 11.1391032131487 
11.1391032131487 11.1391032131487 11.1391032131487 11.1391032131487 
11.1391032131487 11.1391032131487 11.1391032131487 11.1391032131487 
11.1391032131487 11.1391032131487 11.1391032131487 11.1391032131487 
11.1391032131487 11.1391032131487 11.1391032131487 11.1391032131487 
11.1391032131487 11.1391032131487 11.1391032131487 11.1391032131487 
11.1391032131487 11.1391032131487 11.1391032131487 11.1391032131487 
11.1391032131487 11.1391032131487 11.1391032131487 11.1391032131487 
11.1391032131487 11.1391032131487 11.1391032131487 11.1391032131487 
11.1391032131487 11.1391032131487 11.1391032131487 11.1391032131487 
11.1391032131487 11.1391032131487 11.1391032131487 11.1391032131487 
11.1391032131487 11.1391032131487 11.1391032131487 11.1391032131487 
11.1391032131487 11.1391032131487 11.1391032131487 11.1391032131487 
11.1391032131487 11.1391032131487 11.1391032131487 11.1391032131487 
11.1391032131487 11.1391032131487 11.1391032131487 11.1391032131487 
11.1391032131487 11.1391032131487 11.1391032131487 11.1391032131487 
11.1391032131487 11.1391032131487 11.1391032131487 11.1391032131487 
11.1391032131487 11.1391032131487 11.1391032131487 11.1391032131487 
11.1391032131487 11.1391032131487 11.1391032131487 11.1391032131487 
11.1391032131487 11.1391032131487 11.1391032131487 11.1391032131487 
11.1391032131487 11.1391032131487 11.1391032131487 11.1391032131487 
11.1391032131487 11.1391032131487 11.1391032131487 11.1391032131487 
11.1391032131487 11.1391032131487 11.1391032131487 11.1391032131487 
11.1391032131487 11.1391032131487 11.1391032131487 11.1391032131487 
11.1391032131487 11.1391032131487 11.1391032131487 11.1391032131487 
11.1391032131487 11.1391032131487 11.1391032131487 11.1391032131487 
11.1391032131487 11.1391032131487 11.1391032131487 11.1391032131487 
11.1391032131487 11.1391032131487 11.1391032131487 11.1391032131487 
11.1391032131487 11.1391032131487 11.1391032131487 11.1391032131487 
11.1391032131487 11.1391032131487 11.1391032131487 11.1391032131487 
11.1391032131487 11.1391032131487 11.1391032131487 11.1391032131487 
11.1391032131487 11.1391032131487 11.1391032131487 11.1391032131487 
11.1391032131487 11.1391032131487 11.1391032131487 11.1391032131487 
11.1391032131487 11.1391032131487 11.1391032131487 11.1391032131487 
11.1391032131487 11.1391032131487 11.1391032131487 11.1391032131487 
11.1391032131487 11.1391032131487 11.1391032131487 11.1391032131487 
11.1391032131487 11.1391032131487 11.1391032131487 11.1391032131487 
11.1391032131487 11.1391032131487 11.1391032131487 11.1391032131487 
11.1391032131487 11.1391032131487 11.1391032131487 11.1391032131487 
11.1391032131487 11.1391032131487 11.1391032131487 11.1391032131487 
11.1391032131487 11.1391032131487 11.1391032131487 11.1391032131487 
11.1391032131487 11.1391032131487 11.1391032131487 11.1391032131487 
11.1391032131487 11.1391032131487 11.1391032131487 11.1391032131487 
11.1391032131487 11.1391032131487 11.1391032131487 11.1391032131487 
11.1391032131487 11.1391032131487 11.1391032131487 11.1391032131487 
11.1391032131487 11.1391032131487 11.1391032131487 11.1391032131487 
11.1391032131487 11.1391032131487 11.1391032131487 11.1391032131487 
11.1391032131487 11.1391032131487 11.1391032131487 11.1391032131487 
11.1391032131487 11.1391032131487 11.1391032131487 11.1391032131487 
11.1391032131487 11.1391032131487 11.1391032131487 11.1391032131487 
11.1391032131487 11.1391032131487 11.1391032131487 11.1391032131487 
11.1391032131487 11.1391032131487 11.1391032131487 11.1391032131487 
11.1391032131487 11.1391032131487 11.1391032131487 11.1391032131487 
11.1391032131487 11.1391032131487 11.1391032131487 11.1391032131487 
11.1391032131487 11.1391032131487 11.1391032131487 11.1391032131487 
11.1391032131487 11.1391032131487 11.1391032131487 11.1391032131487 
11.1391032131487 11.1391032131487 11.1391032131487 11.1391032131487 
11.1391032131487 11.1391032131487 11.1391032131487 11.1391032131487 
11.1391032131487 11.1391032131487 11.1391032131487 11.1391032131487 
11.1391032131487 11.1391032131487 11.1391032131487 11.1391032131487 
11.1391032131487 11.1391032131487 11.1391032131487 11.1391032131487 
11.1391032131487 11.1391032131487 11.1391032131487 11.1391032131487 
11.1391032131487 11.1391032131487 11.1391032131487 11.1391032131487 
11.1391032131487 11.1391032131487 11.1391032131487 11.1391032131487 
11.1391032131487 11.1391032131487 11.1391032131487 11.1391032131487 
11.1391032131487 11.1391032131487 11.1391032131487 11.1391032131487 
11.1391032131487 11.1391032131487 11.1391032131487 11.1391032131487 
11.1391032131487 11.1391032131487 11.1391032131487 11.1391032131487 
11.1391032131487 11.1391032131487 11.1391032131487 11.1391032131487 
11.1391032131487 11.1391032131487 11.1391032131487 11.1391032131487 
11.1391032131487 11.1391032131487 11.1391032131487 11.1391032131487 
11.1391032131487 11.1391032131487 11.1391032131487 11.1391032131487 
11.1391032131487 11.1391032131487 11.1391032131487 11.1391032131487 
11.1391032131487 11.1391032131487 11.1391032131487 11.1391032131487 
11.1391032131487 11.1391032131487 11.1391032131487 11.1391032131487 
11.1391032131487 11.1391032131487 11.1391032131487 11.1391032131487 
11.1391032131487 11.1391032131487 11.1391032131487 11.1391032131487 
11.1391032131487 11.1391032131487 11.1391032131487 11.1391032131487 
11.1391032131487 11.1391032131487 11.1391032131487 11.1391032131487 
11.1391032131487 11.1391032131487 11.1391032131487 11.1391032131487 
11.1391032131487 11.1391032131487 11.1391032131487 11.1391032131487 
11.1391032131487 11.1391032131487 11.1391032131487 11.1391032131487 
11.1391032131487 11.1391032131487 11.1391032131487 11.1391032131487 
11.1391032131487 11.1391032131487 11.1391032131487 11.1391032131487 
11.1391032131487 11.1391032131487 11.1391032131487 11.1391032131487 
11.1391032131487 11.1391032131487 11.1391032131487 11.1391032131487 
11.1391032131487 11.1391032131487 11.1391032131487 11.1391032131487 
11.1391032131487 11.1391032131487 11.1391032131487 11.1391032131487 
11.1391032131487 11.1391032131487 11.1391032131487 11.1391032131487 
11.1391032131487 11.1391032131487 11.1391032131487 11.1391032131487 
11.1391032131487 11.1391032131487 11.1391032131487 11.1391032131487 
11.1391032131487 11.1391032131487 11.1391032131487 11.1391032131487 
11.1391032131487 11.1391032131487 11.1391032131487 11.1391032131487 
11.1391032131487 11.1391032131487 11.1391032131487 11.1391032131487 
11.1391032131487 11.1391032131487 11.1391032131487 11.1391032131487 
11.1391032131487 11.1391032131487 11.1391032131487 11.1391032131487 
11.1391032131487 11.1391032131487 11.1391032131487 11.1391032131487 
11.1391032131487 11.1391032131487 11.1391032131487 11.1391032131487 
11.1391032131487 11.1391032131487 11.1391032131487 11.1391032131487 
11.1391032131487 11.1391032131487 11.1391032131487 11.1391032131487 
11.1391032131487 11.1391032131487 11.1391032131487 11.1391032131487 
11.1391032131487 11.1391032131487 11.1391032131487 11.1391032131487 
11.1391032131487 11.1391032131487 11.1391032131487 11.1391032131487 
11.1391032131487 11.1391032131487 11.1391032131487 11.1391032131487 
11.1391032131487 11.1391032131487 11.1391032131487 11.1391032131487 
11.1391032131487 11.1391032131487 11.1391032131487 11.1391032131487 
11.1391032131487 11.1391032131487 11.1391032131487 11.1391032131487 
11.1391032131487 11.1391032131487 11.1391032131487 11.1391032131487 
11.1391032131487 11.1391032131487 11.1391032131487 11.1391032131487 
11.1391032131487 11.1391032131487 11.1391032131487 11.1391032131487 
11.1391032131487 11.1391032131487 11.1391032131487 11.1391032131487 
11.1391032131487 11.1391032131487 11.1391032131487 11.1391032131487 
11.1391032131487 11.1391032131487 11.1391032131487 11.1391032131487 
11.1391032131487 11.1391032131487 11.1391032131487 11.1391032131487 
11.1391032131487 11.1391032131487 11.1391032131487 11.1391032131487 
11.1391032131487 11.1391032131487 11.1391032131487 11.1391032131487 
11.1391032131487 11.1391032131487 11.1391032131487 11.1391032131487 
11.1391032131487 11.1391032131487 11.1391032131487 11.1391032131487 
11.1391032131487 11.1391032131487 11.1391032131487 11.1391032131487 
11.1391032131487 11.1391032131487 11.1391032131487 11.1391032131487 
11.1391032131487 11.1391032131487 11.1391032131487 11.1391032131487 
11.1391032131487 11.1391032131487 11.1391032131487 11.1391032131487 
11.1391032131487 11.1391032131487 11.1391032131487 11.1391032131487 
11.1391032131487 11.1391032131487 11.1391032131487 11.1391032131487 
11.1391032131487 11.1391032131487 11.1391032131487 11.1391032131487 
11.1391032131487 11.1391032131487 11.1391032131487 11.1391032131487 
11.1391032131487 11.1391032131487 11.1391032131487 11.1391032131487 
11.1391032131487 11.1391032131487 11.1391032131487 11.1391032131487 
11.1391032131487 11.1391032131487 11.1391032131487 11.1391032131487 
11.1391032131487 11.1391032131487 11.1391032131487 11.1391032131487 
11.1391032131487 11.1391032131487 11.1391032131487 11.1391032131487 
11.1391032131487 11.1391032131487 11.1391032131487 11.1391032131487 
11.1391032131487 11.1391032131487 11.1391032131487 11.1391032131487 
11.1391032131487 11.1391032131487 11.1391032131487 11.1391032131487 
11.1391032131487 11.1391032131487 11.1391032131487 11.1391032131487 
11.1391032131487 11.1391032131487 11.1391032131487 11.1391032131487 
11.1391032131487 11.1391032131487 11.1391032131487 11.1391032131487 
11.1391032131487 11.1391032131487 11.1391032131487 11.1391032131487 
11.1391032131487 11.1391032131487 11.1391032131487 11.1391032131487 
11.1391032131487 11.1391032131487 11.1391032131487 11.1391032131487 
11.1391032131487 11.1391032131487 11.1391032131487 11.1391032131487 
11.1391032131487 11.1391032131487 11.1391032131487 11.1391032131487 
11.1391032131487 11.1391032131487 11.1391032131487 11.1391032131487 
11.1391032131487 11.1391032131487 11.1391032131487 11.1391032131487 
11.1391032131487 11.1391032131487 11.1391032131487 11.1391032131487 
11.1391032131487 11.1391032131487 11.1391032131487 11.1391032131487 
11.1391032131487 11.1391032131487 11.1391032131487 11.1391032131487 
11.1391032131487 11.1391032131487 11.1391032131487 11.1391032131487 
11.1391032131487 11.1391032131487 11.1391032131487 11.1391032131487 
11.1391032131487 11.1391032131487 11.1391032131487 11.1391032131487 
11.1391032131487 11.1391032131487 11.1391032131487 11.1391032131487 
11.1391032131487 11.1391032131487 11.1391032131487 11.1391032131487 
11.1391032131487 11.1391032131487 11.1391032131487 11.1391032131487 
11.1391032131487 11.1391032131487 11.1391032131487 11.1391032131487 
11.1391032131487 11.1391032131487 11.1391032131487 11.1391032131487 
11.1391032131487 11.1391032131487 11.1391032131487 11.1391032131487 
11.1391032131487 11.1391032131487 11.1391032131487 11.1391032131487 
11.1391032131487 11.1391032131487 11.1391032131487 11.1391032131487 
11.1391032131487 11.1391032131487 11.1391032131487 11.1391032131487 
11.1391032131487 11.1391032131487 11.1391032131487 11.1391032131487 
11.1391032131487 11.1391032131487 11.1391032131487 11.1391032131487 
11.1391032131487 11.1391032131487 11.1391032131487 11.1391032131487 
11.1391032131487 11.1391032131487 11.1391032131487 11.1391032131487 
11.1391032131487 11.1391032131487 11.1391032131487 11.1391032131487 
11.1391032131487 11.1391032131487 11.1391032131487 11.1391032131487 
11.1391032131487 11.1391032131487 11.1391032131487 11.1391032131487 
11.1391032131487 11.1391032131487 11.1391032131487 11.1391032131487 
11.1391032131487 11.1391032131487 11.1391032131487 11.1391032131487 
11.1391032131487 11.1391032131487 11.1391032131487 11.1391032131487 
11.1391032131487 11.1391032131487 11.1391032131487 11.1391032131487 
11.1391032131487 11.1391032131487 11.1391032131487 11.1391032131487 
11.1391032131487 11.1391032131487 11.1391032131487 11.1391032131487 
11.1391032131487 11.1391032131487 11.1391032131487 11.1391032131487 
11.1391032131487 11.1391032131487 11.1391032131487 11.1391032131487 
11.1391032131487 11.1391032131487 11.1391032131487 11.1391032131487 
11.1391032131487 11.1391032131487 11.1391032131487 11.1391032131487 
11.1391032131487 11.1391032131487 11.1391032131487 11.1391032131487 
11.1391032131487 11.1391032131487 11.1391032131487 11.1391032131487 
11.1391032131487 11.1391032131487 11.1391032131487 11.1391032131487 
11.1391032131487 11.1391032131487 11.1391032131487 11.1391032131487 
11.1391032131487 11.1391032131487 11.1391032131487 11.1391032131487 
11.1391032131487 11.1391032131487 11.1391032131487 11.1391032131487 
11.1391032131487 11.1391032131487 11.1391032131487 11.1391032131487 
11.1391032131487 11.1391032131487 11.1391032131487 11.1391032131487 
11.1391032131487 11.1391032131487 11.1391032131487 11.1391032131487 
11.1391032131487 11.1391032131487 11.1391032131487 11.1391032131487 
11.1391032131487 11.1391032131487 11.1391032131487 11.1391032131487 
11.1391032131487 11.1391032131487 11.1391032131487 11.1391032131487 
11.1391032131487 11.1391032131487 11.1391032131487 11.1391032131487 
11.1391032131487 11.1391032131487 11.1391032131487 11.1391032131487 
11.1391032131487 11.1391032131487 11.1391032131487 11.1391032131487 
11.1391032131487 11.1391032131487 11.1391032131487 11.1391032131487 
11.1391032131487 11.1391032131487 11.1391032131487 11.1391032131487 
11.1391032131487 11.1391032131487 11.1391032131487 11.1391032131487 
11.1391032131487 11.1391032131487 11.1391032131487 11.1391032131487 
11.1391032131487 11.1391032131487 11.1391032131487 11.1391032131487 
11.1391032131487 11.1391032131487 11.1391032131487 11.1391032131487 
11.1391032131487 11.1391032131487 11.1391032131487 11.1391032131487 
11.1391032131487 11.1391032131487 11.1391032131487 11.1391032131487 
11.1391032131487 11.1391032131487 11.1391032131487 11.1391032131487 
11.1391032131487 11.1391032131487 11.1391032131487 11.1391032131487 
11.1391032131487 11.1391032131487 11.1391032131487 11.1391032131487 
11.1391032131487 11.1391032131487 11.1391032131487 11.1391032131487 
11.1391032131487 11.1391032131487 11.1391032131487 11.1391032131487 
11.1391032131487 11.1391032131487 11.1391032131487 11.1391032131487 
11.1391032131487 11.1391032131487 11.1391032131487 11.1391032131487 
11.1391032131487 11.1391032131487 11.1391032131487 11.1391032131487 
11.1391032131487 11.1391032131487 11.1391032131487 11.1391032131487 
11.1391032131487 11.1391032131487 11.1391032131487 11.1391032131487 
11.1391032131487 11.1391032131487 11.1391032131487 11.1391032131487 
11.1391032131487 11.1391032131487 11.1391032131487 11.1391032131487 
11.1391032131487 11.1391032131487 11.1391032131487 11.1391032131487 
11.1391032131487 11.1391032131487 11.1391032131487 11.1391032131487 
11.1391032131487 11.1391032131487 11.1391032131487 11.1391032131487 
11.1391032131487 11.1391032131487 11.1391032131487 11.1391032131487 
11.1391032131487 11.1391032131487 11.1391032131487 11.1391032131487 
11.1391032131487 11.1391032131487 11.1391032131487 11.1391032131487 
11.1391032131487 11.1391032131487 11.1391032131487 11.1391032131487 
11.1391032131487 11.1391032131487 11.1391032131487 11.1391032131487 
11.1391032131487 11.1391032131487 11.1391032131487 11.1391032131487 
11.1391032131487 11.1391032131487 11.1391032131487 11.1391032131487 
11.1391032131487 11.1391032131487 11.1391032131487 11.1391032131487 
11.1391032131487 11.1391032131487 11.1391032131487 11.1391032131487 
11.1391032131487 11.1391032131487 11.1391032131487 11.1391032131487 
11.1391032131487 11.1391032131487 11.1391032131487 11.1391032131487 
11.1391032131487 11.1391032131487 11.1391032131487 11.1391032131487 
11.1391032131487 11.1391032131487 11.1391032131487 11.1391032131487 
11.1391032131487 11.1391032131487 11.1391032131487 11.1391032131487 
11.1391032131487 11.1391032131487 11.1391032131487 11.1391032131487 
11.1391032131487 11.1391032131487 11.1391032131487 11.1391032131487 
11.1391032131487 11.1391032131487 11.1391032131487 11.1391032131487 
11.1391032131487 11.1391032131487 11.1391032131487 11.1391032131487 
11.1391032131487 11.1391032131487 11.1391032131487 11.1391032131487 
11.1391032131487 11.1391032131487 11.1391032131487 11.1391032131487 
11.1391032131487 11.1391032131487 11.1391032131487 11.1391032131487 
11.1391032131487 11.1391032131487 11.1391032131487 11.1391032131487 
11.1391032131487 11.1391032131487 11.1391032131487 11.1391032131487 
11.1391032131487 11.1391032131487 11.1391032131487 11.1391032131487 
11.1391032131487 11.1391032131487 11.1391032131487 11.1391032131487 
11.1391032131487 11.1391032131487 11.1391032131487 11.1391032131487 
11.1391032131487 11.1391032131487 11.1391032131487 11.1391032131487 
11.1391032131487 11.1391032131487 11.1391032131487 11.1391032131487 
11.1391032131487 11.1391032131487 11.1391032131487 11.1391032131487 
11.1391032131487 11.1391032131487 11.1391032131487 11.1391032131487 
11.1391032131487 11.1391032131487 11.1391032131487 11.1391032131487 
11.1391032131487 11.1391032131487 11.1391032131487 11.1391032131487 
11.1391032131487 11.1391032131487 11.1391032131487 11.1391032131487 
11.1391032131487 11.1391032131487 11.1391032131487 11.1391032131487 
11.1391032131487 11.1391032131487 11.1391032131487 11.1391032131487 
11.1391032131487 11.1391032131487 11.1391032131487 11.1391032131487 
11.1391032131487 11.1391032131487 11.1391032131487 11.1391032131487 
11.1391032131487 11.1391032131487 11.1391032131487 11.1391032131487 
11.1391032131487 11.1391032131487 11.1391032131487 11.1391032131487 
11.1391032131487 11.1391032131487 11.1391032131487 11.1391032131487 
11.1391032131487 11.1391032131487 11.1391032131487 11.1391032131487 
11.1391032131487 11.1391032131487 11.1391032131487 11.1391032131487
##$VisuCoreFrameType=MAGNITUDE_IMAGE
$$ @vis= VisuCoreDataMax VisuCoreDataOffs VisuCoreDataSlope VisuCoreFrameType
##$VisuCoreWordType=_16BIT_SGN_INT
##$VisuCoreByteOrder=littleEndian
##$VisuFGOrderDescDim=1
$$ @vis= VisuCore VisuCoreWordType VisuCoreByteOrder VisuPixel
##$VisuFGOrderDesc=( 1 )
(1680, <FG_CYCLE>, <>, 0, 0)
##$VisuSubjectName=( 65 )
<RMD272>
##$VisuSubjectId=( 65 )
<RMD272>
$$ @vis= VisuFGOrderDescDim VisuFGOrderDesc VisuFrameOrderDesc VisuSubjectName
##$VisuSubjectBirthDate=( 9 )
<>
##$VisuSubjectSex=FEMALE
##$VisuSubjectComment=( 2048 )
<>
$$ @vis= VisuSubjectId VisuSubjectBirthDate VisuSubjectSex VisuSubjectComment
##$VisuStudyUid=( 65 )
<2.16.756.5.5.100.278412266.15942.1407429006.129>
##$VisuStudyDate=( 21 )
<13:30:06  7 Aug 2014>
##$VisuStudyId=( 65 )
<RMD272>
##$VisuStudyNumber=1
##$VisuSubjectWeight=5
$$ @vis= VisuSubject VisuStudyUid VisuStudyDate VisuStudyId VisuStudyNumber
##$VisuStudyReferringPhysician=( 65 )
<>
##$VisuStudyDescription=( 65 )
<>
$$ @vis= VisuSubjectWeight VisuStudyReferringPhysician VisuStudyDescription
##$VisuSeriesNumber=2162689
##$VisuSubjectPosition=Head_Supine
##$VisuSeriesTypeId=( 65 )
<ACQ_USER_PVM>
$$ @vis= VisuStudy VisuSeriesNumber VisuSubjectPosition VisuSeriesTypeId
##$VisuAcqSoftwareVersion=( 65 )
<5.1>
##$VisuInstitution=( 65 )
<Duke University Biospec 70/20>
##$VisuStation=( 65 )
<spect>
$$ @vis= VisuSeries VisuAcqSoftwareVersion VisuInstitution VisuStation
##$VisuAcqDate=( 21 )
<17:40:39  7 Aug 2014>
##$VisuAcqEchoTrainLength=1
##$VisuAcqSequenceName=( 40 )
<rMD_HOT (pvm)>
##$VisuAcqNumberOfAverages=4
$$ @vis= VisuEquipment VisuAcqDate VisuAcqEchoTrainLength VisuAcqSequenceName
##$VisuAcqImagingFrequency=300.3395589
##$VisuAcqImagedNucleus=( 8 )
<1H>
##$VisuAcqRepetitionTime=( 1 )
1880
$$ @vis= VisuAcqNumberOfAverages VisuAcqImagingFrequency VisuAcqImagedNucleus
##$VisuAcqFlipAngle=90
##$VisuAcqEchoTime=( 1 )
0
##$VisuAcquisitionProtocol=( 65 )
<RMD_HOT_RBM_RARE_ZQSQ2>
$$ @vis= VisuAcqRepetitionTime VisuAcqFlipAngle VisuAcqEchoTime
##$VisuAcqScanTime=601600
$$ @vis= VisuAcquisitionProtocol VisuAcqScanTime VisuAcquisition Visu
##END=
