##TITLE=Parameter List
##JCAMPDX=4.24
##DATATYPE=Parameter Values
##ORIGIN=Bruker BioSpin MRI GmbH
##OWNER=ryan
$$ Thu Aug  7 21:42:05 2014 EDT (UT-4h)  ryan
$$ /opt/PV5.1/data/ryan/nmr/RMD272.r81/39/pdata/1/reco
##$RECO_mode=FT_MODE
##$RecoAutoDerive=Yes
##$RECO_inp_order=NO_REORDERING
##$RECO_inp_size=( 1 )
32
##$RECO_ft_size=( 1 )
32
##$RECO_fov=( 1 )
0
##$RECO_size=( 1 )
32
$$ @vis= RECO_mode RecoAutoDerive RECO_inp_order RECO_ft_size RECO_fov
##$RECO_offset=( 1, 4 )
0 0 0 0
##$RECO_regrid_mode=NO_REGRID
##$RECO_regrid_offset=0
##$RECO_ramp_gap=0
##$RECO_ramp_time=0
##$RECO_ne_mode=NO_NAV_DATA
##$RECO_ne_dist=NeNoInterleave
##$RECO_ne_dens=NeCorrPerScan
##$RECO_ne_type=NAV_PHASE
##$RECO_ne_vals=( 1, 2 )
0 0
##$RECO_bc_mode=( 1 )
AUTO_OFFSET_BC
##$RECO_bc_start=( 1 )
24
##$RECO_bc_len=( 1 )
8
$$ @vis= RECO_size RECO_regrid_mode RECO_ne_mode RECO_bc_mode RECO_bc_start
##$RECO_dc_offset=( 2 )
41 4
##$RECO_dc_divisor=8
##$RECO_bc_coroff=( 1 )
0
##$RECO_qopts=( 1 )
CONJ_AND_QNEG
##$RECO_wdw_mode=( 1 )
NO_WDW
##$RECO_lb=( 1 )
-0.5
##$RECO_sw=( 1 )
22001
##$RECO_gb=( 1 )
0.5
##$RECO_sbs=( 1 )
1
##$RECO_tm1=( 1 )
0.25
##$RECO_tm2=( 1 )
0.75
##$RECO_ft_mode=( 1 )
COMPLEX_FFT
##$RECO_pc_mode=( 1 )
NO_PC
##$RECO_pc_lin=( 1 )
(0, 0)
##$RECO_rotate=( 1, 4 )
0 0 0 0
$$ @vis= RECO_bc_len RECO_qopts RECO_wdw_mode RECO_ft_mode RECO_pc_mode
##$RECO_ppc_mode=NO_PPC
##$RECO_ref_image=0
##$RECO_nr_supports=0.4
##$RECO_sig_threshold=0.15
##$RECO_ppc_degree=1
##$RECO_ppc_coeffs=( 4, 1, 2 )
0 0 0 0 0 0 0 0
##$RECO_dc_elim=Yes
##$RECO_transposition=( 4 )
0 0 0 0
##$RECO_image_type=MAGNITUDE_IMAGE
$$ @vis= RECO_rotate RECO_ppc_mode RECO_dc_elim RECO_transposition
##$RECO_image_threshold=0.15
##$RECO_ir_scale=10
##$RECO_wordtype=_16BIT_SGN_INT
##$RECO_map_mode=ABSOLUTE_MAPPING
##$RECO_map_range=( 2 )
-2147483647 2147483647
##$RECO_map_percentile=( 2 )
1 99
##$RECO_map_error=0.25
##$RECO_globex=( 320 )
0 0 0 0 0 0 0 0 0 0 0 0 0 0 0 0 0 0 0 0 0 0 0 0 0 0 0 0 0 0 0 0 0 0 0 0 0 0 0 
0 0 0 0 0 0 0 0 0 0 0 0 0 0 0 0 0 0 0 0 0 0 0 0 0 0 0 0 0 0 0 0 0 0 0 0 0 0 0 
0 0 0 0 0 0 0 0 0 0 0 0 0 0 0 0 0 0 0 0 0 0 0 0 0 0 0 0 0 0 0 0 0 0 0 0 0 0 0 
0 0 0 0 0 0 0 0 0 0 0 0 0 0 0 0 0 0 0 0 0 0 0 0 0 0 0 0 0 0 0 0 0 0 0 0 0 0 0 
0 0 0 0 0 0 0 0 0 0 0 0 0 0 0 0 0 0 0 0 0 0 0 0 0 0 0 0 0 0 0 0 0 0 0 0 0 0 0 
0 0 0 0 0 0 0 0 0 0 0 0 0 0 0 0 0 0 0 0 0 0 0 0 0 0 0 0 0 0 0 0 0 0 0 0 0 0 0 
0 0 0 0 0 0 0 0 0 0 0 0 0 0 0 0 0 0 0 0 0 0 0 0 0 0 0 0 0 0 0 0 0 0 0 0 0 0 0 
0 0 0 0 0 0 0 0 0 0 0 0 0 0 0 0 0 0 0 0 0 0 0 0 0 0 0 0 0 0 0 0 0 0 0 0 0 0 0 
0 0 0 0 0 0 0 0
##$RECO_minima=( 320 )
0 0 0 0 0 0 0 0 0 0 0 0 0 0 0 0 0 0 0 0 0 0 0 0 0 0 0 0 0 0 0 0 0 0 0 0 0 0 0 
0 0 0 0 0 0 0 0 0 0 0 0 0 0 0 0 0 0 0 0 0 0 0 0 0 0 0 0 0 0 0 0 0 0 0 0 0 0 0 
0 0 0 0 0 0 0 0 0 0 0 0 0 0 0 0 0 0 0 0 0 0 0 0 0 0 0 0 0 0 0 0 0 0 0 0 0 0 0 
0 0 0 0 0 0 0 0 0 0 0 0 0 0 0 0 0 0 0 0 0 0 0 0 0 0 0 0 0 0 0 0 0 0 0 0 0 0 0 
0 0 0 0 0 0 0 0 0 0 0 0 0 0 0 0 0 0 0 0 0 0 0 0 0 0 0 0 0 0 0 0 0 0 0 0 0 0 0 
0 0 0 0 0 0 0 0 0 0 0 0 0 0 0 0 0 0 0 0 0 0 0 0 0 0 0 0 0 0 0 0 0 0 0 0 0 0 0 
0 0 0 0 0 0 0 0 0 0 0 0 0 0 0 0 0 0 0 0 0 0 0 0 0 0 0 0 0 0 0 0 0 0 0 0 0 0 0 
0 0 0 0 0 0 0 0 0 0 0 0 0 0 0 0 0 0 0 0 0 0 0 0 0 0 0 0 0 0 0 0 0 0 0 0 0 0 0 
0 0 0 0 0 0 0 0
##$RECO_maxima=( 320 )
92 4806 7229 73 88 4717 7294 69 70 6148 8295 73 77 7222 9394 96 81 6543 8582 
83 74 12393 12152 93 77 10428 9692 83 86 29625 24108 80 78 32767 23759 71 79 
11838 8301 70 79 13460 10655 90 68 9984 5255 85 93 9453 6535 65 80 9153 5914 
73 63 7342 4477 69 56 7767 4660 78 87 5044 7652 72 70 4699 7196 74 93 6208 
8274 74 71 7135 9486 69 89 6551 8644 75 75 12437 12129 68 84 10611 9757 73 86 
29677 24125 95 81 32559 23472 70 61 11896 8306 103 82 13414 10752 101 84 9913 
5235 86 72 9450 6542 65 70 9181 5993 68 84 7392 4426 60 74 7847 4757 81 71 
5083 7616 88 69 4633 7236 83 81 6200 8299 68 85 7190 9478 73 89 6512 8590 93 
64 12350 12114 73 76 10542 9741 68 79 29612 24160 79 60 32631 23547 107 86 
11906 8306 68 71 13420 10712 69 61 9950 5275 81 76 9433 6457 81 80 9175 6006 
72 71 7356 4497 72 81 7840 4729 65 74 5038 7642 86 82 4648 7261 68 101 6159 
8321 71 77 7213 9464 60 79 6567 8659 83 101 12404 12127 83 81 10638 9718 96 
65 29521 24027 79 81 32510 23503 82 87 11979 8230 100 85 13429 10695 114 83 
9937 5219 86 78 9510 6445 74 68 9206 5974 82 101 7332 4524 64 76 7833 4709 64 
97 5086 7678 67 81 4703 7217 81 67 6265 8282 77 71 7129 9423 75 70 6583 8658 
66 74 12356 12171 74 60 10501 9688 93 80 29596 24228 87 71 32601 23509 108 79 
11954 8235 71 91 13470 10705 77 70 9996 5213 72 67 9497 6605 82 88 9219 5874 
71 91 7401 4517 70 98 7818 4782 64
$$ @vis= RECO_image_type RECO_wordtype RECO_map_mode RECO_globex RECO_minima
##$RECO_map_min=( 320 )
-33685 -33685 -33685 -33685 -33685 -33685 -33685 -33685 -33685 -33685 -33685 
-33685 -33685 -33685 -33685 -33685 -33685 -33685 -33685 -33685 -33685 -33685 
-33685 -33685 -33685 -33685 -33685 -33685 -33685 -33685 -33685 -33685 -33685 
-33685 -33685 -33685 -33685 -33685 -33685 -33685 -33685 -33685 -33685 -33685 
-33685 -33685 -33685 -33685 -33685 -33685 -33685 -33685 -33685 -33685 -33685 
-33685 -33685 -33685 -33685 -33685 -33685 -33685 -33685 -33685 -33685 -33685 
-33685 -33685 -33685 -33685 -33685 -33685 -33685 -33685 -33685 -33685 -33685 
-33685 -33685 -33685 -33685 -33685 -33685 -33685 -33685 -33685 -33685 -33685 
-33685 -33685 -33685 -33685 -33685 -33685 -33685 -33685 -33685 -33685 -33685 
-33685 -33685 -33685 -33685 -33685 -33685 -33685 -33685 -33685 -33685 -33685 
-33685 -33685 -33685 -33685 -33685 -33685 -33685 -33685 -33685 -33685 -33685 
-33685 -33685 -33685 -33685 -33685 -33685 -33685 -33685 -33685 -33685 -33685 
-33685 -33685 -33685 -33685 -33685 -33685 -33685 -33685 -33685 -33685 -33685 
-33685 -33685 -33685 -33685 -33685 -33685 -33685 -33685 -33685 -33685 -33685 
-33685 -33685 -33685 -33685 -33685 -33685 -33685 -33685 -33685 -33685 -33685 
-33685 -33685 -33685 -33685 -33685 -33685 -33685 -33685 -33685 -33685 -33685 
-33685 -33685 -33685 -33685 -33685 -33685 -33685 -33685 -33685 -33685 -33685 
-33685 -33685 -33685 -33685 -33685 -33685 -33685 -33685 -33685 -33685 -33685 
-33685 -33685 -33685 -33685 -33685 -33685 -33685 -33685 -33685 -33685 -33685 
-33685 -33685 -33685 -33685 -33685 -33685 -33685 -33685 -33685 -33685 -33685 
-33685 -33685 -33685 -33685 -33685 -33685 -33685 -33685 -33685 -33685 -33685 
-33685 -33685 -33685 -33685 -33685 -33685 -33685 -33685 -33685 -33685 -33685 
-33685 -33685 -33685 -33685 -33685 -33685 -33685 -33685 -33685 -33685 -33685 
-33685 -33685 -33685 -33685 -33685 -33685 -33685 -33685 -33685 -33685 -33685 
-33685 -33685 -33685 -33685 -33685 -33685 -33685 -33685 -33685 -33685 -33685 
-33685 -33685 -33685 -33685 -33685 -33685 -33685 -33685 -33685 -33685 -33685 
-33685 -33685 -33685 -33685 -33685 -33685 -33685 -33685 -33685 -33685 -33685 
-33685 -33685 -33685 -33685 -33685 -33685 -33685 -33685 -33685 -33685 -33685 
-33685 -33685 -33685 -33685 -33685 -33685 -33685 -33685 -33685 -33685 -33685 
-33685
##$RECO_map_max=( 320 )
33685 33685 33685 33685 33685 33685 33685 33685 33685 33685 33685 33685 33685 
33685 33685 33685 33685 33685 33685 33685 33685 33685 33685 33685 33685 33685 
33685 33685 33685 33685 33685 33685 33685 33685 33685 33685 33685 33685 33685 
33685 33685 33685 33685 33685 33685 33685 33685 33685 33685 33685 33685 33685 
33685 33685 33685 33685 33685 33685 33685 33685 33685 33685 33685 33685 33685 
33685 33685 33685 33685 33685 33685 33685 33685 33685 33685 33685 33685 33685 
33685 33685 33685 33685 33685 33685 33685 33685 33685 33685 33685 33685 33685 
33685 33685 33685 33685 33685 33685 33685 33685 33685 33685 33685 33685 33685 
33685 33685 33685 33685 33685 33685 33685 33685 33685 33685 33685 33685 33685 
33685 33685 33685 33685 33685 33685 33685 33685 33685 33685 33685 33685 33685 
33685 33685 33685 33685 33685 33685 33685 33685 33685 33685 33685 33685 33685 
33685 33685 33685 33685 33685 33685 33685 33685 33685 33685 33685 33685 33685 
33685 33685 33685 33685 33685 33685 33685 33685 33685 33685 33685 33685 33685 
33685 33685 33685 33685 33685 33685 33685 33685 33685 33685 33685 33685 33685 
33685 33685 33685 33685 33685 33685 33685 33685 33685 33685 33685 33685 33685 
33685 33685 33685 33685 33685 33685 33685 33685 33685 33685 33685 33685 33685 
33685 33685 33685 33685 33685 33685 33685 33685 33685 33685 33685 33685 33685 
33685 33685 33685 33685 33685 33685 33685 33685 33685 33685 33685 33685 33685 
33685 33685 33685 33685 33685 33685 33685 33685 33685 33685 33685 33685 33685 
33685 33685 33685 33685 33685 33685 33685 33685 33685 33685 33685 33685 33685 
33685 33685 33685 33685 33685 33685 33685 33685 33685 33685 33685 33685 33685 
33685 33685 33685 33685 33685 33685 33685 33685 33685 33685 33685 33685 33685 
33685 33685 33685 33685 33685 33685 33685 33685 33685 33685 33685 33685 33685 
33685 33685 33685 33685 33685 33685 33685 33685 33685 33685 33685 33685 33685 
33685 33685 33685 33685 33685 33685 33685 33685
##$RECO_map_offset=( 320 )
0 0 0 0 0 0 0 0 0 0 0 0 0 0 0 0 0 0 0 0 0 0 0 0 0 0 0 0 0 0 0 0 0 0 0 0 0 0 0 
0 0 0 0 0 0 0 0 0 0 0 0 0 0 0 0 0 0 0 0 0 0 0 0 0 0 0 0 0 0 0 0 0 0 0 0 0 0 0 
0 0 0 0 0 0 0 0 0 0 0 0 0 0 0 0 0 0 0 0 0 0 0 0 0 0 0 0 0 0 0 0 0 0 0 0 0 0 0 
0 0 0 0 0 0 0 0 0 0 0 0 0 0 0 0 0 0 0 0 0 0 0 0 0 0 0 0 0 0 0 0 0 0 0 0 0 0 0 
0 0 0 0 0 0 0 0 0 0 0 0 0 0 0 0 0 0 0 0 0 0 0 0 0 0 0 0 0 0 0 0 0 0 0 0 0 0 0 
0 0 0 0 0 0 0 0 0 0 0 0 0 0 0 0 0 0 0 0 0 0 0 0 0 0 0 0 0 0 0 0 0 0 0 0 0 0 0 
0 0 0 0 0 0 0 0 0 0 0 0 0 0 0 0 0 0 0 0 0 0 0 0 0 0 0 0 0 0 0 0 0 0 0 0 0 0 0 
0 0 0 0 0 0 0 0 0 0 0 0 0 0 0 0 0 0 0 0 0 0 0 0 0 0 0 0 0 0 0 0 0 0 0 0 0 0 0 
0 0 0 0 0 0 0 0
##$RECO_map_slope=( 320 )
0.972747504711151 0.972747504711151 0.972747504711151 0.972747504711151 
0.972747504711151 0.972747504711151 0.972747504711151 0.972747504711151 
0.972747504711151 0.972747504711151 0.972747504711151 0.972747504711151 
0.972747504711151 0.972747504711151 0.972747504711151 0.972747504711151 
0.972747504711151 0.972747504711151 0.972747504711151 0.972747504711151 
0.972747504711151 0.972747504711151 0.972747504711151 0.972747504711151 
0.972747504711151 0.972747504711151 0.972747504711151 0.972747504711151 
0.972747504711151 0.972747504711151 0.972747504711151 0.972747504711151 
0.972747504711151 0.972747504711151 0.972747504711151 0.972747504711151 
0.972747504711151 0.972747504711151 0.972747504711151 0.972747504711151 
0.972747504711151 0.972747504711151 0.972747504711151 0.972747504711151 
0.972747504711151 0.972747504711151 0.972747504711151 0.972747504711151 
0.972747504711151 0.972747504711151 0.972747504711151 0.972747504711151 
0.972747504711151 0.972747504711151 0.972747504711151 0.972747504711151 
0.972747504711151 0.972747504711151 0.972747504711151 0.972747504711151 
0.972747504711151 0.972747504711151 0.972747504711151 0.972747504711151 
0.972747504711151 0.972747504711151 0.972747504711151 0.972747504711151 
0.972747504711151 0.972747504711151 0.972747504711151 0.972747504711151 
0.972747504711151 0.972747504711151 0.972747504711151 0.972747504711151 
0.972747504711151 0.972747504711151 0.972747504711151 0.972747504711151 
0.972747504711151 0.972747504711151 0.972747504711151 0.972747504711151 
0.972747504711151 0.972747504711151 0.972747504711151 0.972747504711151 
0.972747504711151 0.972747504711151 0.972747504711151 0.972747504711151 
0.972747504711151 0.972747504711151 0.972747504711151 0.972747504711151 
0.972747504711151 0.972747504711151 0.972747504711151 0.972747504711151 
0.972747504711151 0.972747504711151 0.972747504711151 0.972747504711151 
0.972747504711151 0.972747504711151 0.972747504711151 0.972747504711151 
0.972747504711151 0.972747504711151 0.972747504711151 0.972747504711151 
0.972747504711151 0.972747504711151 0.972747504711151 0.972747504711151 
0.972747504711151 0.972747504711151 0.972747504711151 0.972747504711151 
0.972747504711151 0.972747504711151 0.972747504711151 0.972747504711151 
0.972747504711151 0.972747504711151 0.972747504711151 0.972747504711151 
0.972747504711151 0.972747504711151 0.972747504711151 0.972747504711151 
0.972747504711151 0.972747504711151 0.972747504711151 0.972747504711151 
0.972747504711151 0.972747504711151 0.972747504711151 0.972747504711151 
0.972747504711151 0.972747504711151 0.972747504711151 0.972747504711151 
0.972747504711151 0.972747504711151 0.972747504711151 0.972747504711151 
0.972747504711151 0.972747504711151 0.972747504711151 0.972747504711151 
0.972747504711151 0.972747504711151 0.972747504711151 0.972747504711151 
0.972747504711151 0.972747504711151 0.972747504711151 0.972747504711151 
0.972747504711151 0.972747504711151 0.972747504711151 0.972747504711151 
0.972747504711151 0.972747504711151 0.972747504711151 0.972747504711151 
0.972747504711151 0.972747504711151 0.972747504711151 0.972747504711151 
0.972747504711151 0.972747504711151 0.972747504711151 0.972747504711151 
0.972747504711151 0.972747504711151 0.972747504711151 0.972747504711151 
0.972747504711151 0.972747504711151 0.972747504711151 0.972747504711151 
0.972747504711151 0.972747504711151 0.972747504711151 0.972747504711151 
0.972747504711151 0.972747504711151 0.972747504711151 0.972747504711151 
0.972747504711151 0.972747504711151 0.972747504711151 0.972747504711151 
0.972747504711151 0.972747504711151 0.972747504711151 0.972747504711151 
0.972747504711151 0.972747504711151 0.972747504711151 0.972747504711151 
0.972747504711151 0.972747504711151 0.972747504711151 0.972747504711151 
0.972747504711151 0.972747504711151 0.972747504711151 0.972747504711151 
0.972747504711151 0.972747504711151 0.972747504711151 0.972747504711151 
0.972747504711151 0.972747504711151 0.972747504711151 0.972747504711151 
0.972747504711151 0.972747504711151 0.972747504711151 0.972747504711151 
0.972747504711151 0.972747504711151 0.972747504711151 0.972747504711151 
0.972747504711151 0.972747504711151 0.972747504711151 0.972747504711151 
0.972747504711151 0.972747504711151 0.972747504711151 0.972747504711151 
0.972747504711151 0.972747504711151 0.972747504711151 0.972747504711151 
0.972747504711151 0.972747504711151 0.972747504711151 0.972747504711151 
0.972747504711151 0.972747504711151 0.972747504711151 0.972747504711151 
0.972747504711151 0.972747504711151 0.972747504711151 0.972747504711151 
0.972747504711151 0.972747504711151 0.972747504711151 0.972747504711151 
0.972747504711151 0.972747504711151 0.972747504711151 0.972747504711151 
0.972747504711151 0.972747504711151 0.972747504711151 0.972747504711151 
0.972747504711151 0.972747504711151 0.972747504711151 0.972747504711151 
0.972747504711151 0.972747504711151 0.972747504711151 0.972747504711151 
0.972747504711151 0.972747504711151 0.972747504711151 0.972747504711151 
0.972747504711151 0.972747504711151 0.972747504711151 0.972747504711151 
0.972747504711151 0.972747504711151 0.972747504711151 0.972747504711151 
0.972747504711151 0.972747504711151 0.972747504711151 0.972747504711151 
0.972747504711151 0.972747504711151 0.972747504711151 0.972747504711151 
0.972747504711151 0.972747504711151 0.972747504711151 0.972747504711151 
0.972747504711151 0.972747504711151 0.972747504711151 0.972747504711151 
0.972747504711151 0.972747504711151 0.972747504711151 0.972747504711151 
0.972747504711151 0.972747504711151 0.972747504711151 0.972747504711151 
0.972747504711151 0.972747504711151 0.972747504711151 0.972747504711151 
0.972747504711151 0.972747504711151 0.972747504711151 0.972747504711151 
0.972747504711151 0.972747504711151 0.972747504711151 0.972747504711151
##$RECO_byte_order=littleEndian
$$ @vis= RECO_maxima RECO_map_min RECO_map_max RECO_map_offset RECO_map_slope
##$RECO_time=( 24 )
<21:31:55  7 Aug 2014>
##$RECO_abs_time=1407461515
##$RECO_base_image_uid=( 65 )
<2.16.756.5.5.100.278412266.32363.1407462125.160>
$$ @vis= RECO_byte_order RECO_time RECO_abs_time RECO_base_image_uid
##$GS_reco_display=Yes
##$GO_reco_display=Yes
##$GO_reco_each_nr=No
$$ @vis= RecoRegridNGroup GS_reco_display RECO_GS GO_reco_display
##$GO_max_reco_mem=0
$$ @vis= GO_reco_each_nr GO_max_reco_mem RECO_GO RECO
##END=
