##TITLE=Parameter List
##JCAMPDX=4.24
##DATATYPE=Parameter Values
##ORIGIN=Bruker BioSpin MRI GmbH
##OWNER=ryan
$$ Mon Oct 27 17:47:44 2014 EST (UT-5h)  ryan
$$ /opt/PV5.1/data/ryan/nmr/RMD286.sl1/51/acqus
##$BYTORDA=0
##$TD=1024
##$NS=1
##$AQ_mod=1
##$BF1=300.3388192
##$BF2=300.340685100041
##$BF3=300.340685100041
##$BF4=300.340685100041
##$BF5=300.340685100041
##$BF6=300.340685100041
##$BF7=300.340685100041
##$BF8=300.340685100041
##$D=19.4511354 0 0.182224 0.1503252 0.00025 0.0005 0.00045 0 2.5e-05 0.00025 
0.0001 0 0 0 0 0 0 0 0 0 0 0 0 0 0 0 0 0 0 0 0 0 0 0 0 0 0 0 0 0 0 0 0 0 0 0 
0 0 0 0 0 0 0 0 0 0 0 0 0 0 0 0 0 0
##$DATE=1414449602
##$DE=89.14285536
##$DECIM=1
##$DIGTYP=8
##$DIGMOD=0
##$DR=16
##$DS=0
##$DSPFIRM=0
##$DSPFVS=10
##$FCUCHAN=0 2 0 0 0 0 0 0 0 0
##$FQ1LIST=<ACQ_O1_list>
##$FQ2LIST=<ACQ_O2_list>
##$FQ3LIST=<ACQ_O3_list>
##$FQ8LIST=<ACQ_O1B_list>
##$FW=125000
##$GRDPROG=<>
##$GRPDLY=0
##$HPPRGN=0
##$INSTRUM=<spect>
##$LOCNUC=<off>
##$NBL=1
##$NLOGCH=0
##$NUC1=<1H>
##$NUC2=<off>
##$NUC3=<off>
##$NUC4=<off>
##$NUC5=<off>
##$NUC6=<off>
##$NUC7=<off>
##$NUC8=<off>
##$NUCLEUS=<1H>
##$O1=0
##$O2=0
##$O3=0
##$O4=0
##$O5=0
##$O6=0
##$O7=0
##$O8=0
##$OBSCHAN=0 1 0 0 0 0 0 0 0 0
##$P=100 1000 0 0 0 0 0 0 0 0 0 0 0 0 0 0 0 0 0 0 0 0 0 0 0 0 0 0 0 0 0 0 0 0 
0 0 0 0 0 0 0 0 0 0 0 0 0 0 0 0 0 0 0 0 0 0 0 0 0 0 0 0 0 0
##$PAPS=2
##$PARMODE=1
##$PH_ref=0
##$PL=0 120 0 0 0 0 0 0 0 0 0 0 0 0 0 0 0 0 0 0 0 0 0 0 0 0 0 0 0 0 0 0 0 0 0 
0 0 0 0 0 0 0 0 0 0 0 0 0 0 0 0 0 0 0 0 0 0 0 0 0 0 0 0 0
##$HPMOD=0 0 0 0 0 0 0 0
##$POWMOD=0
##$PRECHAN=-1 0 1 -1 -1 -1 -1 -1 -1 -1 -1 -1 -1 -1 -1 -1
##$PULPROG=<RMD_CPMG.ppg>
##$QNP=1
##$RECCHAN=0 2 0 0 0 0 0 0 0 0 0 0 0 0 0 0
##$RECPRE=-1 -1 1 -1 -1 -1 -1 -1 -1 -1 -1 -1 -1 -1 -1 -1
##$RECSEL=0 0 2 0 0 0 0 0 0 0 0 0 0 0 0 0
##$RG=64
##$RSEL=0 0 2 0 0 0 0 0 0 0
##$SFO1=300.3388192
##$SFO2=300.340685100041
##$SFO3=300.340685100041
##$SFO4=300.340685100041
##$SFO5=300.340685100041
##$SFO6=300.340685100041
##$SFO7=300.340685100041
##$SFO8=300.340685100041
##$SOLVENT=<>
##$SP=11.6277591170479 6.5223003290878 30 30 30 30 30 30 50 30 30 30 30 30 30 
30 30 30 30 30 30 30 30 30 30 30 30 30 30 30 30 30
##$SPOFFS=0 0 0 0 0 0 0 0 0 0 0 0 0 0 0 0 0 0 0 0 0 0 0 0 0 0 0 0 0 0 0 0
##$SPNAM0=<bp.exc>
##$SPNAM1=<comp_rfc_tycko>
##$SPNAM2=<>
##$SPNAM3=<>
##$SPNAM4=<>
##$SPNAM5=<>
##$SPNAM6=<>
##$SPNAM7=<>
##$SPNAM8=<>
##$SPNAM9=<>
##$SPNAM10=<>
##$SPNAM11=<>
##$SPNAM12=<>
##$SPNAM13=<>
##$SPNAM14=<>
##$SPNAM15=<>
##$SPNAM16=<>
##$SPNAM17=<>
##$SPNAM18=<>
##$SPNAM19=<>
##$SPNAM20=<>
##$SPNAM21=<>
##$SPNAM22=<>
##$SPNAM23=<>
##$SPNAM24=<>
##$SPNAM25=<>
##$SPNAM26=<>
##$SPNAM27=<>
##$SPNAM28=<>
##$SPNAM29=<>
##$SPNAM30=<>
##$SPNAM31=<>
##$SW=26.6792702127681
##$SW_h=8012.82051282051
##$SWIBOX=0 1 2 0 0 0 0 0 0 0 0 0 0 0 0 0
##END=
