##TITLE=Parameter List
##JCAMPDX=4.24
##DATATYPE=Parameter Values
##ORIGIN=Bruker BioSpin MRI GmbH
##OWNER=ryan
$$ Thu Aug  7 15:56:30 2014 EDT (UT-4h)  ryan
$$ /opt/PV5.1/data/ryan/nmr/RMD272.r81/25/pdata/1/reco
##$RECO_mode=FT_MODE
##$RecoAutoDerive=Yes
##$RECO_inp_order=NO_REORDERING
##$RECO_inp_size=( 1 )
32
##$RECO_ft_size=( 1 )
32
##$RECO_fov=( 1 )
0
##$RECO_size=( 1 )
32
$$ @vis= RECO_mode RecoAutoDerive RECO_inp_order RECO_ft_size RECO_fov
##$RECO_offset=( 1, 2 )
0 0
##$RECO_regrid_mode=NO_REGRID
##$RECO_regrid_offset=0
##$RECO_ramp_gap=0
##$RECO_ramp_time=0
##$RECO_ne_mode=NO_NAV_DATA
##$RECO_ne_dist=NeNoInterleave
##$RECO_ne_dens=NeCorrPerScan
##$RECO_ne_type=NAV_PHASE
##$RECO_ne_vals=( 1, 2 )
0 0
##$RECO_bc_mode=( 1 )
AUTO_OFFSET_BC
##$RECO_bc_start=( 1 )
24
##$RECO_bc_len=( 1 )
8
$$ @vis= RECO_size RECO_regrid_mode RECO_ne_mode RECO_bc_mode RECO_bc_start
##$RECO_dc_offset=( 2 )
130 1054
##$RECO_dc_divisor=8
##$RECO_bc_coroff=( 1 )
0
##$RECO_qopts=( 1 )
CONJ_AND_QNEG
##$RECO_wdw_mode=( 1 )
NO_WDW
##$RECO_lb=( 1 )
-0.5
##$RECO_sw=( 1 )
22001
##$RECO_gb=( 1 )
0.5
##$RECO_sbs=( 1 )
1
##$RECO_tm1=( 1 )
0.25
##$RECO_tm2=( 1 )
0.75
##$RECO_ft_mode=( 1 )
COMPLEX_FFT
##$RECO_pc_mode=( 1 )
NO_PC
##$RECO_pc_lin=( 1 )
(0, 0)
##$RECO_rotate=( 1, 2 )
0 0
$$ @vis= RECO_bc_len RECO_qopts RECO_wdw_mode RECO_ft_mode RECO_pc_mode
##$RECO_ppc_mode=NO_PPC
##$RECO_ref_image=0
##$RECO_nr_supports=0.4
##$RECO_sig_threshold=0.15
##$RECO_ppc_degree=1
##$RECO_ppc_coeffs=( 2, 1, 2 )
0 0 0 0
##$RECO_dc_elim=Yes
##$RECO_transposition=( 2 )
0 0
##$RECO_image_type=MAGNITUDE_IMAGE
$$ @vis= RECO_rotate RECO_ppc_mode RECO_dc_elim RECO_transposition
##$RECO_image_threshold=0.15
##$RECO_ir_scale=10
##$RECO_wordtype=_16BIT_SGN_INT
##$RECO_map_mode=ABSOLUTE_MAPPING
##$RECO_map_range=( 2 )
-2147483647 2147483647
##$RECO_map_percentile=( 2 )
1 99
##$RECO_map_error=0.25
##$RECO_globex=( 160 )
0 0 0 0 0 0 0 0 0 0 0 0 0 0 0 0 0 0 0 0 0 0 0 0 0 0 0 0 0 0 0 0 0 0 0 0 0 0 0 
0 0 0 0 0 0 0 0 0 0 0 0 0 0 0 0 0 0 0 0 0 0 0 0 0 0 0 0 0 0 0 0 0 0 0 0 0 0 0 
0 0 0 0 0 0 0 0 0 0 0 0 0 0 0 0 0 0 0 0 0 0 0 0 0 0 0 0 0 0 0 0 0 0 0 0 0 0 0 
0 0 0 0 0 0 0 0 0 0 0 0 0 0 0 0 0 0 0 0 0 0 0 0 0 0 0 0 0 0 0 0 0 0 0 0 0 0 0 
0 0 0 0
##$RECO_minima=( 160 )
0 0 0 0 0 0 0 0 0 0 0 0 0 0 0 0 0 0 0 0 0 0 0 0 0 0 0 0 0 0 0 0 0 0 0 0 0 0 0 
0 0 0 0 0 0 0 0 0 0 0 0 0 0 0 0 0 0 0 0 0 0 0 0 0 0 0 0 0 0 0 0 0 0 0 0 0 0 0 
0 0 0 0 0 0 0 0 0 0 0 0 0 0 0 0 0 0 0 0 0 0 0 0 0 0 0 0 0 0 0 0 0 0 0 0 0 0 0 
0 0 0 0 0 0 0 0 0 0 0 0 0 0 0 0 0 0 0 0 0 0 0 0 0 0 0 0 0 0 0 0 0 0 0 0 0 0 0 
0 0 0 0
##$RECO_maxima=( 160 )
3325 132 4231 115 5400 102 6361 149 5344 183 8108 115 20270 183 32273 214 
32483 248 19742 209 10329 130 8320 138 6431 141 6284 112 5010 160 4364 122 
3402 112 4220 144 5357 139 6362 112 5282 140 8113 140 20410 217 32314 307 
32690 268 20027 158 10472 118 8356 167 6448 130 6237 114 4932 152 4422 127 
3398 159 4258 123 5350 109 6371 122 5423 148 8102 121 20304 128 32350 283 
32724 273 19978 130 10468 159 8354 118 6423 119 6309 106 4992 124 4404 144 
3382 105 4167 140 5424 182 6275 136 5413 161 8212 133 20415 189 32317 317 
32675 273 19714 139 10354 163 8417 133 6366 144 6238 133 4966 129 4446 124 
3420 183 4173 132 5382 148 6413 145 5413 130 8099 166 20353 154 32248 320 
32767 286 19907 185 10439 122 8296 128 6459 144 6237 102 5078 112 4399 125
$$ @vis= RECO_image_type RECO_wordtype RECO_map_mode RECO_globex RECO_minima
##$RECO_map_min=( 160 )
-81878 -81878 -81878 -81878 -81878 -81878 -81878 -81878 -81878 -81878 -81878 
-81878 -81878 -81878 -81878 -81878 -81878 -81878 -81878 -81878 -81878 -81878 
-81878 -81878 -81878 -81878 -81878 -81878 -81878 -81878 -81878 -81878 -81878 
-81878 -81878 -81878 -81878 -81878 -81878 -81878 -81878 -81878 -81878 -81878 
-81878 -81878 -81878 -81878 -81878 -81878 -81878 -81878 -81878 -81878 -81878 
-81878 -81878 -81878 -81878 -81878 -81878 -81878 -81878 -81878 -81878 -81878 
-81878 -81878 -81878 -81878 -81878 -81878 -81878 -81878 -81878 -81878 -81878 
-81878 -81878 -81878 -81878 -81878 -81878 -81878 -81878 -81878 -81878 -81878 
-81878 -81878 -81878 -81878 -81878 -81878 -81878 -81878 -81878 -81878 -81878 
-81878 -81878 -81878 -81878 -81878 -81878 -81878 -81878 -81878 -81878 -81878 
-81878 -81878 -81878 -81878 -81878 -81878 -81878 -81878 -81878 -81878 -81878 
-81878 -81878 -81878 -81878 -81878 -81878 -81878 -81878 -81878 -81878 -81878 
-81878 -81878 -81878 -81878 -81878 -81878 -81878 -81878 -81878 -81878 -81878 
-81878 -81878 -81878 -81878 -81878 -81878 -81878 -81878 -81878 -81878 -81878 
-81878 -81878 -81878 -81878 -81878 -81878
##$RECO_map_max=( 160 )
81878 81878 81878 81878 81878 81878 81878 81878 81878 81878 81878 81878 81878 
81878 81878 81878 81878 81878 81878 81878 81878 81878 81878 81878 81878 81878 
81878 81878 81878 81878 81878 81878 81878 81878 81878 81878 81878 81878 81878 
81878 81878 81878 81878 81878 81878 81878 81878 81878 81878 81878 81878 81878 
81878 81878 81878 81878 81878 81878 81878 81878 81878 81878 81878 81878 81878 
81878 81878 81878 81878 81878 81878 81878 81878 81878 81878 81878 81878 81878 
81878 81878 81878 81878 81878 81878 81878 81878 81878 81878 81878 81878 81878 
81878 81878 81878 81878 81878 81878 81878 81878 81878 81878 81878 81878 81878 
81878 81878 81878 81878 81878 81878 81878 81878 81878 81878 81878 81878 81878 
81878 81878 81878 81878 81878 81878 81878 81878 81878 81878 81878 81878 81878 
81878 81878 81878 81878 81878 81878 81878 81878 81878 81878 81878 81878 81878 
81878 81878 81878 81878 81878 81878 81878 81878 81878 81878 81878 81878 81878 
81878 81878 81878 81878
##$RECO_map_offset=( 160 )
0 0 0 0 0 0 0 0 0 0 0 0 0 0 0 0 0 0 0 0 0 0 0 0 0 0 0 0 0 0 0 0 0 0 0 0 0 0 0 
0 0 0 0 0 0 0 0 0 0 0 0 0 0 0 0 0 0 0 0 0 0 0 0 0 0 0 0 0 0 0 0 0 0 0 0 0 0 0 
0 0 0 0 0 0 0 0 0 0 0 0 0 0 0 0 0 0 0 0 0 0 0 0 0 0 0 0 0 0 0 0 0 0 0 0 0 0 0 
0 0 0 0 0 0 0 0 0 0 0 0 0 0 0 0 0 0 0 0 0 0 0 0 0 0 0 0 0 0 0 0 0 0 0 0 0 0 0 
0 0 0 0
##$RECO_map_slope=( 160 )
0.400192975997925 0.400192975997925 0.400192975997925 0.400192975997925 
0.400192975997925 0.400192975997925 0.400192975997925 0.400192975997925 
0.400192975997925 0.400192975997925 0.400192975997925 0.400192975997925 
0.400192975997925 0.400192975997925 0.400192975997925 0.400192975997925 
0.400192975997925 0.400192975997925 0.400192975997925 0.400192975997925 
0.400192975997925 0.400192975997925 0.400192975997925 0.400192975997925 
0.400192975997925 0.400192975997925 0.400192975997925 0.400192975997925 
0.400192975997925 0.400192975997925 0.400192975997925 0.400192975997925 
0.400192975997925 0.400192975997925 0.400192975997925 0.400192975997925 
0.400192975997925 0.400192975997925 0.400192975997925 0.400192975997925 
0.400192975997925 0.400192975997925 0.400192975997925 0.400192975997925 
0.400192975997925 0.400192975997925 0.400192975997925 0.400192975997925 
0.400192975997925 0.400192975997925 0.400192975997925 0.400192975997925 
0.400192975997925 0.400192975997925 0.400192975997925 0.400192975997925 
0.400192975997925 0.400192975997925 0.400192975997925 0.400192975997925 
0.400192975997925 0.400192975997925 0.400192975997925 0.400192975997925 
0.400192975997925 0.400192975997925 0.400192975997925 0.400192975997925 
0.400192975997925 0.400192975997925 0.400192975997925 0.400192975997925 
0.400192975997925 0.400192975997925 0.400192975997925 0.400192975997925 
0.400192975997925 0.400192975997925 0.400192975997925 0.400192975997925 
0.400192975997925 0.400192975997925 0.400192975997925 0.400192975997925 
0.400192975997925 0.400192975997925 0.400192975997925 0.400192975997925 
0.400192975997925 0.400192975997925 0.400192975997925 0.400192975997925 
0.400192975997925 0.400192975997925 0.400192975997925 0.400192975997925 
0.400192975997925 0.400192975997925 0.400192975997925 0.400192975997925 
0.400192975997925 0.400192975997925 0.400192975997925 0.400192975997925 
0.400192975997925 0.400192975997925 0.400192975997925 0.400192975997925 
0.400192975997925 0.400192975997925 0.400192975997925 0.400192975997925 
0.400192975997925 0.400192975997925 0.400192975997925 0.400192975997925 
0.400192975997925 0.400192975997925 0.400192975997925 0.400192975997925 
0.400192975997925 0.400192975997925 0.400192975997925 0.400192975997925 
0.400192975997925 0.400192975997925 0.400192975997925 0.400192975997925 
0.400192975997925 0.400192975997925 0.400192975997925 0.400192975997925 
0.400192975997925 0.400192975997925 0.400192975997925 0.400192975997925 
0.400192975997925 0.400192975997925 0.400192975997925 0.400192975997925 
0.400192975997925 0.400192975997925 0.400192975997925 0.400192975997925 
0.400192975997925 0.400192975997925 0.400192975997925 0.400192975997925 
0.400192975997925 0.400192975997925 0.400192975997925 0.400192975997925 
0.400192975997925 0.400192975997925 0.400192975997925 0.400192975997925 
0.400192975997925 0.400192975997925 0.400192975997925 0.400192975997925
##$RECO_byte_order=littleEndian
$$ @vis= RECO_maxima RECO_map_min RECO_map_max RECO_map_offset RECO_map_slope
##$RECO_time=( 24 )
<15:46:21  7 Aug 2014>
##$RECO_abs_time=1407440781
##$RECO_base_image_uid=( 65 )
<2.16.756.5.5.100.278412266.22167.1407441389.400>
$$ @vis= RECO_byte_order RECO_time RECO_abs_time RECO_base_image_uid
##$GS_reco_display=Yes
##$GO_reco_display=Yes
##$GO_reco_each_nr=No
$$ @vis= RecoRegridNGroup GS_reco_display RECO_GS GO_reco_display
##$GO_max_reco_mem=0
$$ @vis= GO_reco_each_nr GO_max_reco_mem RECO_GO RECO
##END=
