##TITLE=Parameter List
##JCAMPDX=4.24
##DATATYPE=Parameter Values
##ORIGIN=Bruker BioSpin MRI GmbH
##OWNER=ryan
$$ Thu Aug  7 15:56:29 2014 EDT (UT-4h)  ryan
$$ /opt/PV5.1/data/ryan/nmr/RMD272.r81/25/pdata/1/visu_pars
##$VisuVersion=1
##$VisuUid=( 65 )
<2.16.756.5.5.100.278412266.22167.1407441389.400>
##$VisuCreator=( 65 )
<ParaVision>
##$VisuCreatorVersion=( 65 )
<5.1>
##$VisuCreationDate=( 21 )
<15:46:21  7 Aug 2014>
$$ @vis= VisuVersion VisuUid VisuCreator VisuCreatorVersion VisuCreationDate
##$VisuCoreFrameCount=160
##$VisuCoreDim=1
##$VisuCoreSize=( 1 )
32
##$VisuCoreDimDesc=( 1 )
spectroscopic
$$ @vis= VisuInstance VisuCoreFrameCount VisuCoreDim VisuCoreSize
##$VisuCoreExtent=( 1 )
73.2537534535215
##$VisuCoreUnits=( 1, 65 )
<ppm>
##$VisuCoreDataMin=( 160 )
0 0 0 0 0 0 0 0 0 0 0 0 0 0 0 0 0 0 0 0 0 0 0 0 0 0 0 0 0 0 0 0 0 0 0 0 0 0 0 
0 0 0 0 0 0 0 0 0 0 0 0 0 0 0 0 0 0 0 0 0 0 0 0 0 0 0 0 0 0 0 0 0 0 0 0 0 0 0 
0 0 0 0 0 0 0 0 0 0 0 0 0 0 0 0 0 0 0 0 0 0 0 0 0 0 0 0 0 0 0 0 0 0 0 0 0 0 0 
0 0 0 0 0 0 0 0 0 0 0 0 0 0 0 0 0 0 0 0 0 0 0 0 0 0 0 0 0 0 0 0 0 0 0 0 0 0 0 
0 0 0 0
##$VisuCoreDataMax=( 160 )
3325 132 4231 115 5400 102 6361 149 5344 183 8108 115 20270 183 32273 214 
32483 248 19742 209 10329 130 8320 138 6431 141 6284 112 5010 160 4364 122 
3402 112 4220 144 5357 139 6362 112 5282 140 8113 140 20410 217 32314 307 
32690 268 20027 158 10472 118 8356 167 6448 130 6237 114 4932 152 4422 127 
3398 159 4258 123 5350 109 6371 122 5423 148 8102 121 20304 128 32350 283 
32724 273 19978 130 10468 159 8354 118 6423 119 6309 106 4992 124 4404 144 
3382 105 4167 140 5424 182 6275 136 5413 161 8212 133 20415 189 32317 317 
32675 273 19714 139 10354 163 8417 133 6366 144 6238 133 4966 129 4446 124 
3420 183 4173 132 5382 148 6413 145 5413 130 8099 166 20353 154 32248 320 
32767 286 19907 185 10439 122 8296 128 6459 144 6237 102 5078 112 4399 125
$$ @vis= VisuCoreDimDesc VisuCoreExtent VisuCoreUnits VisuCoreDataMin
##$VisuCoreDataOffs=( 160 )
0 0 0 0 0 0 0 0 0 0 0 0 0 0 0 0 0 0 0 0 0 0 0 0 0 0 0 0 0 0 0 0 0 0 0 0 0 0 0 
0 0 0 0 0 0 0 0 0 0 0 0 0 0 0 0 0 0 0 0 0 0 0 0 0 0 0 0 0 0 0 0 0 0 0 0 0 0 0 
0 0 0 0 0 0 0 0 0 0 0 0 0 0 0 0 0 0 0 0 0 0 0 0 0 0 0 0 0 0 0 0 0 0 0 0 0 0 0 
0 0 0 0 0 0 0 0 0 0 0 0 0 0 0 0 0 0 0 0 0 0 0 0 0 0 0 0 0 0 0 0 0 0 0 0 0 0 0 
0 0 0 0
##$VisuCoreDataSlope=( 160 )
2.49879448160326 2.49879448160326 2.49879448160326 2.49879448160326 
2.49879448160326 2.49879448160326 2.49879448160326 2.49879448160326 
2.49879448160326 2.49879448160326 2.49879448160326 2.49879448160326 
2.49879448160326 2.49879448160326 2.49879448160326 2.49879448160326 
2.49879448160326 2.49879448160326 2.49879448160326 2.49879448160326 
2.49879448160326 2.49879448160326 2.49879448160326 2.49879448160326 
2.49879448160326 2.49879448160326 2.49879448160326 2.49879448160326 
2.49879448160326 2.49879448160326 2.49879448160326 2.49879448160326 
2.49879448160326 2.49879448160326 2.49879448160326 2.49879448160326 
2.49879448160326 2.49879448160326 2.49879448160326 2.49879448160326 
2.49879448160326 2.49879448160326 2.49879448160326 2.49879448160326 
2.49879448160326 2.49879448160326 2.49879448160326 2.49879448160326 
2.49879448160326 2.49879448160326 2.49879448160326 2.49879448160326 
2.49879448160326 2.49879448160326 2.49879448160326 2.49879448160326 
2.49879448160326 2.49879448160326 2.49879448160326 2.49879448160326 
2.49879448160326 2.49879448160326 2.49879448160326 2.49879448160326 
2.49879448160326 2.49879448160326 2.49879448160326 2.49879448160326 
2.49879448160326 2.49879448160326 2.49879448160326 2.49879448160326 
2.49879448160326 2.49879448160326 2.49879448160326 2.49879448160326 
2.49879448160326 2.49879448160326 2.49879448160326 2.49879448160326 
2.49879448160326 2.49879448160326 2.49879448160326 2.49879448160326 
2.49879448160326 2.49879448160326 2.49879448160326 2.49879448160326 
2.49879448160326 2.49879448160326 2.49879448160326 2.49879448160326 
2.49879448160326 2.49879448160326 2.49879448160326 2.49879448160326 
2.49879448160326 2.49879448160326 2.49879448160326 2.49879448160326 
2.49879448160326 2.49879448160326 2.49879448160326 2.49879448160326 
2.49879448160326 2.49879448160326 2.49879448160326 2.49879448160326 
2.49879448160326 2.49879448160326 2.49879448160326 2.49879448160326 
2.49879448160326 2.49879448160326 2.49879448160326 2.49879448160326 
2.49879448160326 2.49879448160326 2.49879448160326 2.49879448160326 
2.49879448160326 2.49879448160326 2.49879448160326 2.49879448160326 
2.49879448160326 2.49879448160326 2.49879448160326 2.49879448160326 
2.49879448160326 2.49879448160326 2.49879448160326 2.49879448160326 
2.49879448160326 2.49879448160326 2.49879448160326 2.49879448160326 
2.49879448160326 2.49879448160326 2.49879448160326 2.49879448160326 
2.49879448160326 2.49879448160326 2.49879448160326 2.49879448160326 
2.49879448160326 2.49879448160326 2.49879448160326 2.49879448160326 
2.49879448160326 2.49879448160326 2.49879448160326 2.49879448160326 
2.49879448160326 2.49879448160326 2.49879448160326 2.49879448160326 
2.49879448160326 2.49879448160326 2.49879448160326 2.49879448160326
##$VisuCoreFrameType=MAGNITUDE_IMAGE
$$ @vis= VisuCoreDataMax VisuCoreDataOffs VisuCoreDataSlope VisuCoreFrameType
##$VisuCoreWordType=_16BIT_SGN_INT
##$VisuCoreByteOrder=littleEndian
##$VisuFGOrderDescDim=1
$$ @vis= VisuCore VisuCoreWordType VisuCoreByteOrder VisuPixel
##$VisuFGOrderDesc=( 1 )
(160, <FG_CYCLE>, <>, 0, 0)
##$VisuSubjectName=( 65 )
<RMD272>
##$VisuSubjectId=( 65 )
<RMD272>
$$ @vis= VisuFGOrderDescDim VisuFGOrderDesc VisuFrameOrderDesc VisuSubjectName
##$VisuSubjectBirthDate=( 9 )
<>
##$VisuSubjectSex=FEMALE
##$VisuSubjectComment=( 2048 )
<>
$$ @vis= VisuSubjectId VisuSubjectBirthDate VisuSubjectSex VisuSubjectComment
##$VisuStudyUid=( 65 )
<2.16.756.5.5.100.278412266.15942.1407429006.129>
##$VisuStudyDate=( 21 )
<13:30:06  7 Aug 2014>
##$VisuStudyId=( 65 )
<RMD272>
##$VisuStudyNumber=1
##$VisuSubjectWeight=5
$$ @vis= VisuSubject VisuStudyUid VisuStudyDate VisuStudyId VisuStudyNumber
##$VisuStudyReferringPhysician=( 65 )
<>
##$VisuStudyDescription=( 65 )
<>
$$ @vis= VisuSubjectWeight VisuStudyReferringPhysician VisuStudyDescription
##$VisuSeriesNumber=1638401
##$VisuSubjectPosition=Head_Supine
##$VisuSeriesTypeId=( 65 )
<ACQ_USER_PVM>
$$ @vis= VisuStudy VisuSeriesNumber VisuSubjectPosition VisuSeriesTypeId
##$VisuAcqSoftwareVersion=( 65 )
<5.1>
##$VisuInstitution=( 65 )
<Duke University Biospec 70/20>
##$VisuStation=( 65 )
<spect>
$$ @vis= VisuSeries VisuAcqSoftwareVersion VisuInstitution VisuStation
##$VisuAcqDate=( 21 )
<15:46:21  7 Aug 2014>
##$VisuAcqEchoTrainLength=1
##$VisuAcqSequenceName=( 40 )
<rMD_HOT (pvm)>
##$VisuAcqNumberOfAverages=4
$$ @vis= VisuEquipment VisuAcqDate VisuAcqEchoTrainLength VisuAcqSequenceName
##$VisuAcqImagingFrequency=300.3395589
##$VisuAcqImagedNucleus=( 8 )
<1H>
##$VisuAcqRepetitionTime=( 1 )
1880
$$ @vis= VisuAcqNumberOfAverages VisuAcqImagingFrequency VisuAcqImagedNucleus
##$VisuAcqFlipAngle=90
##$VisuAcqEchoTime=( 1 )
0
##$VisuAcquisitionProtocol=( 65 )
<RMD_HOT_RBM_RARE_ZQSQ2>
$$ @vis= VisuAcqRepetitionTime VisuAcqFlipAngle VisuAcqEchoTime
##$VisuAcqScanTime=601600
$$ @vis= VisuAcquisitionProtocol VisuAcqScanTime VisuAcquisition Visu
##END=
