##TITLE=Parameter List
##JCAMPDX=4.24
##DATATYPE=Parameter Values
##ORIGIN=Bruker BioSpin MRI GmbH
##OWNER=ryan
$$ Tue Aug 12 14:54:48 2014 EDT (UT-4h)  ryan
$$ /opt/PV5.1/data/ryan/nmr/RMD273.rd1/20/acqu2s
##$BYTORDA=0
##$TD=1280
##$NS=1
##$AQ_mod=1
##$BF1=300.3394866
##$BF2=300.340685100041
##$BF3=300.340685100041
##$BF4=300.340685100041
##$BF5=300.340685100041
##$BF6=300.340685100041
##$BF7=300.340685100041
##$BF8=300.340685100041
##$D=1.8587 0 1e-06 0.0006 0.00025 0.0002 0 0 2.5e-05 0 0 0 
6.00000000000001e-05 0.00134 0.00609 0.007 0 0 0 0 2.99999999999999e-05 
0.00769 0.00384 0.00201676032907595 0.0076695206581519 0.0199867603290759 
3.99999999999997e-05 0 0.0025 0.0015 0.002365 0 0.00585 0.000818280987227852 
0.0003 0.0014544793418481 0 0.000665260329075951 0.0058710206581519 0.00079 
0.0044 0.0049 0.000670520658151901 0.00205 0.00243 0.00429 0.0025 0 0 0 
4.99999999999989e-06 0.0006 0 8e-05 0.00551526032907595 0.000708020658151903 
0 0 0 0 0 0 0 0
##$DATE=1407868867
##$DE=32.4660560883596
##$DECIM=1
##$DIGTYP=8
##$DIGMOD=0
##$DR=16
##$DS=0
##$DSPFIRM=0
##$DSPFVS=10
##$FCUCHAN=0 2 0 0 0 0 0 0 0 0
##$FQ1LIST=<ACQ_O1_list>
##$FQ2LIST=<ACQ_O2_list>
##$FQ3LIST=<ACQ_O3_list>
##$FQ8LIST=<ACQ_O1B_list>
##$FW=125000
##$GRDPROG=<>
##$GRPDLY=-1
##$HPPRGN=0
##$INSTRUM=<spect>
##$L=16 0 0 0 0 0 0 0 0 0 0 0 0 0 0 0 0 0 0 0 0 0 0 0 0 0 0 0 0 0 0 0
##$LOCNUC=<off>
##$NBL=16
##$NLOGCH=0
##$NUC1=<1H>
##$NUC2=<off>
##$NUC3=<off>
##$NUC4=<off>
##$NUC5=<off>
##$NUC6=<off>
##$NUC7=<off>
##$NUC8=<off>
##$NUCLEUS=<1H>
##$O1=0
##$O2=0
##$O3=0
##$O4=0
##$O5=0
##$O6=0
##$O7=0
##$O8=0
##$OBSCHAN=0 1 0 0 0 0 0 0 0 0
##$P=100 2000 3000 800 1000 0 0 0 0 0 0 0 0 0 0 0 0 0 0 0 0 0 0 0 0 0 0 0 0 0 
0 0 0 0 0 0 0 0 0 0 0 0 0 0 0 0 0 0 0 0 0 0 0 0 0 0 0 0 0 0 0 0 0 0
##$PAPS=2
##$PARMODE=1
##$PH_ref=0
##$PL=0 120 0 0 0 0 0 0 0 0 0 0 0 0 0 0 0 0 0 0 0 0 0 0 0 0 0 0 0 0 0 0 0 0 0 
0 0 0 0 0 0 0 0 0 0 0 0 0 0 0 0 0 0 0 0 0 0 0 0 0 0 0 0 0
##$HPMOD=0 0 0 0 0 0 0 0
##$POWMOD=0
##$PRECHAN=-1 0 1 -1 -1 -1 -1 -1 -1 -1 -1 -1 -1 -1 -1 -1
##$PULPROG=<RMD_HOT_2D_RARE_ZQSQ2.ppg>
##$QNP=1
##$RECCHAN=0 2 0 0 0 0 0 0 0 0 0 0 0 0 0 0
##$RECPRE=-1 -1 1 -1 -1 -1 -1 -1 -1 -1 -1 -1 -1 -1 -1 -1
##$RECSEL=0 0 2 0 0 0 0 0 0 0 0 0 0 0 0 0
##$RG=16
##$RSEL=0 0 2 0 0 0 0 0 0 0
##$SFO1=300.3394866
##$SFO2=300.340685100041
##$SFO3=300.340685100041
##$SFO4=300.340685100041
##$SFO5=300.340685100041
##$SFO6=300.340685100041
##$SFO7=300.340685100041
##$SFO8=300.340685100041
##$SOLVENT=<>
##$SP=11.3062040326742 23.7333092624901 33.2757343568834 9.92385263339491 
6.28631919172839 30 30 30 50 30 30 30 30 30 30 30 30 30 30 30 30 30 30 30 30 
30 30 30 30 30 30 30
##$SPOFFS=0 -150 1100 -150 475 0 0 0 0 0 0 0 0 0 0 0 0 0 0 0 0 0 0 0 0 0 0 0 
0 0 0 0
##$SPNAM0=<bp.exc>
##$SPNAM1=<gauss.rfc>
##$SPNAM2=<gauss.exc>
##$SPNAM3=<hermite.rfc>
##$SPNAM4=<slr_1_4_01_20>
##$SPNAM5=<>
##$SPNAM6=<>
##$SPNAM7=<>
##$SPNAM8=<>
##$SPNAM9=<>
##$SPNAM10=<>
##$SPNAM11=<>
##$SPNAM12=<>
##$SPNAM13=<>
##$SPNAM14=<>
##$SPNAM15=<>
##$SPNAM16=<>
##$SPNAM17=<>
##$SPNAM18=<>
##$SPNAM19=<>
##$SPNAM20=<>
##$SPNAM21=<>
##$SPNAM22=<>
##$SPNAM23=<>
##$SPNAM24=<>
##$SPNAM25=<>
##$SPNAM26=<>
##$SPNAM27=<>
##$SPNAM28=<>
##$SPNAM29=<>
##$SPNAM30=<>
##$SPNAM31=<>
##$SW=73.2537710877208
##$SW_h=22001
##$SWIBOX=0 1 2 0 0 0 0 0 0 0 0 0 0 0 0 0
##END=
