##TITLE=Parameter List
##JCAMPDX=4.24
##DATATYPE=Parameter Values
##ORIGIN=Bruker BioSpin MRI GmbH
##OWNER=ryan
$$ Thu Feb  5 19:45:43 2015 EST (UT-5h)  ryan
$$ /opt/PV5.1/data/ryan/nmr/RMD310.u51/5/pdata/1/visu_pars
##$VisuVersion=1
##$VisuUid=( 65 )
<2.16.756.5.5.100.278412266.28737.1423183543.21>
##$VisuCreator=( 65 )
<ParaVision>
##$VisuCreatorVersion=( 65 )
<5.1>
##$VisuCreationDate=( 21 )
<19:42:52  5 Feb 2015>
$$ @vis= VisuVersion VisuUid VisuCreator VisuCreatorVersion VisuCreationDate
##$VisuCoreFrameCount=3
##$VisuCoreDim=2
##$VisuCoreSize=( 2 )
256 256
##$VisuCoreDimDesc=( 2 )
spatial spatial
$$ @vis= VisuInstance VisuCoreFrameCount VisuCoreDim VisuCoreSize
##$VisuCoreExtent=( 2 )
50 50
##$VisuCoreFrameThickness=( 1 )
2
##$VisuCoreUnits=( 2, 65 )
<mm> <mm>
##$VisuCoreOrientation=( 3, 9 )
1 0 0 0 1 0 0 0 1 1 0 0 0 1 0 0 0 1 1 0 0 0 1 0 0 0 1
$$ @vis= VisuCoreDimDesc VisuCoreExtent VisuCoreFrameThickness VisuCoreUnits
##$VisuCorePosition=( 3, 3 )
-25 -25 -4 -25 -25 0 -25 -25 4
##$VisuCoreDataMin=( 3 )
0 0 0
##$VisuCoreDataMax=( 3 )
32767 24474 24604
##$VisuCoreDataOffs=( 3 )
0 0 0
$$ @vis= VisuCoreOrientation VisuCorePosition VisuCoreDataMin VisuCoreDataMax
##$VisuCoreDataSlope=( 3 )
2.86764110285079 2.86764110285079 2.86764110285079
##$VisuCoreFrameType=MAGNITUDE_IMAGE
##$VisuCoreWordType=_16BIT_SGN_INT
$$ @vis= VisuCoreDataOffs VisuCoreDataSlope VisuCoreFrameType VisuCore
##$VisuCoreByteOrder=littleEndian
##$VisuFGOrderDescDim=1
##$VisuFGOrderDesc=( 1 )
(3, <FG_SLICE>, <>, 0, 2)
$$ @vis= VisuCoreWordType VisuCoreByteOrder VisuPixel VisuFGOrderDescDim
##$VisuGroupDepVals=( 2 )
(<VisuCoreOrientation>, 0) (<VisuCorePosition>, 0)
##$VisuSubjectName=( 65 )
<RMD310>
##$VisuSubjectId=( 65 )
<RMD310>
$$ @vis= VisuFGOrderDesc VisuGroupDepVals VisuFrameOrderDesc VisuSubjectName
##$VisuSubjectBirthDate=( 9 )
<>
##$VisuSubjectSex=FEMALE
##$VisuSubjectComment=( 2048 )
<>
$$ @vis= VisuSubjectId VisuSubjectBirthDate VisuSubjectSex VisuSubjectComment
##$VisuStudyUid=( 65 )
<2.16.756.5.5.100.278412266.22908.1423182527.797>
##$VisuStudyDate=( 21 )
<19:28:47  5 Feb 2015>
##$VisuStudyId=( 65 )
<RMD310>
##$VisuStudyNumber=1
##$VisuSubjectWeight=5
$$ @vis= VisuSubject VisuStudyUid VisuStudyDate VisuStudyId VisuStudyNumber
##$VisuStudyReferringPhysician=( 65 )
<>
##$VisuStudyDescription=( 65 )
<>
$$ @vis= VisuSubjectWeight VisuStudyReferringPhysician VisuStudyDescription
##$VisuSeriesNumber=327681
##$VisuSubjectPosition=Head_Supine
##$VisuSeriesTypeId=( 65 )
<ACQ_BRUKER_PVM>
$$ @vis= VisuStudy VisuSeriesNumber VisuSubjectPosition VisuSeriesTypeId
##$VisuAcqSoftwareVersion=( 65 )
<5.1>
##$VisuInstitution=( 65 )
<Duke University Biospec 70/20>
##$VisuStation=( 65 )
<spect>
$$ @vis= VisuSeries VisuAcqSoftwareVersion VisuInstitution VisuStation
##$VisuAcqDate=( 21 )
<19:42:52  5 Feb 2015>
##$VisuAcqEchoTrainLength=8
##$VisuAcqSequenceName=( 40 )
<RARE (pvm)>
##$VisuAcqNumberOfAverages=1
$$ @vis= VisuEquipment VisuAcqDate VisuAcqEchoTrainLength VisuAcqSequenceName
##$VisuAcqImagingFrequency=300.34018570248
##$VisuAcqImagedNucleus=( 8 )
<1H>
##$VisuAcqRepetitionTime=( 1 )
5000
$$ @vis= VisuAcqNumberOfAverages VisuAcqImagingFrequency VisuAcqImagedNucleus
##$VisuAcqPhaseEncSteps=256
##$VisuAcqPixelBandwidth=195.3125
##$VisuAcqFlipAngle=180
$$ @vis= VisuAcqRepetitionTime VisuAcqPhaseEncSteps VisuAcqPixelBandwidth
##$VisuAcqSize=( 2 )
256 256
##$VisuAcqImageSizeAccellerated=No
##$VisuAcqImagePhaseEncDir=( 3 )
col_dir col_dir col_dir
$$ @vis= VisuAcqFlipAngle VisuAcqSize VisuAcqImageSizeAccellerated
##$VisuAcqEchoTime=( 1 )
56
##$VisuAcquisitionProtocol=( 65 )
<RARE_8_bas>
##$VisuAcqScanTime=160000
$$ @vis= VisuAcqImagePhaseEncDir VisuAcqEchoTime VisuAcquisitionProtocol
$$ @vis= VisuAcqScanTime VisuAcquisition Visu
##END=
