##TITLE=Parameter List
##JCAMPDX=4.24
##DATATYPE=Parameter Values
##ORIGIN=Bruker BioSpin MRI GmbH
##OWNER=ryan
$$ Tue Aug 12 17:18:49 2014 EDT (UT-4h)  ryan
$$ /opt/PV5.1/data/ryan/nmr/RMD273.rd1/28/pdata/1/visu_pars
##$VisuVersion=1
##$VisuUid=( 65 )
<2.16.756.5.5.100.278412266.29758.1407878329.800>
##$VisuCreator=( 65 )
<ParaVision>
##$VisuCreatorVersion=( 65 )
<5.1>
##$VisuCreationDate=( 21 )
<17:08:39 12 Aug 2014>
$$ @vis= VisuVersion VisuUid VisuCreator VisuCreatorVersion VisuCreationDate
##$VisuCoreFrameCount=320
##$VisuCoreDim=1
##$VisuCoreSize=( 1 )
32
##$VisuCoreDimDesc=( 1 )
spectroscopic
$$ @vis= VisuInstance VisuCoreFrameCount VisuCoreDim VisuCoreSize
##$VisuCoreExtent=( 1 )
73.2537710877208
##$VisuCoreUnits=( 1, 65 )
<ppm>
##$VisuCoreDataMin=( 320 )
0 0 0 0 0 0 0 0 0 0 0 0 0 0 0 0 0 0 0 0 0 0 0 0 0 0 0 0 0 0 0 0 0 0 0 0 0 0 0 
0 0 0 0 0 0 0 0 0 0 0 0 0 0 0 0 0 0 0 0 0 0 0 0 0 0 0 0 0 0 0 0 0 0 0 0 0 0 0 
0 0 0 0 0 0 0 0 0 0 0 0 0 0 0 0 0 0 0 0 0 0 0 0 0 0 0 0 0 0 0 0 0 0 0 0 0 0 0 
0 0 0 0 0 0 0 0 0 0 0 0 0 0 0 0 0 0 0 0 0 0 0 0 0 0 0 0 0 0 0 0 0 0 0 0 0 0 0 
0 0 0 0 0 0 0 0 0 0 0 0 0 0 0 0 0 0 0 0 0 0 0 0 0 0 0 0 0 0 0 0 0 0 0 0 0 0 0 
0 0 0 0 0 0 0 0 0 0 0 0 0 0 0 0 0 0 0 0 0 0 0 0 0 0 0 0 0 0 0 0 0 0 0 0 0 0 0 
0 0 0 0 0 0 0 0 0 0 0 0 0 0 0 0 0 0 0 0 0 0 0 0 0 0 0 0 0 0 0 0 0 0 0 0 0 0 0 
0 0 0 0 0 0 0 0 0 0 0 0 0 0 0 0 0 0 0 0 0 0 0 0 0 0 0 0 0 0 0 0 0 0 0 0 0 0 0 
0 0 0 0 0 0 0 0
##$VisuCoreDataMax=( 320 )
63 5486 7453 76 65 6605 10835 60 56 6846 10817 64 68 9537 13049 65 76 13699 
14382 125 95 16526 18768 100 112 20360 17860 144 210 31380 27276 220 221 
32767 30128 208 147 19187 18537 121 95 20444 15512 117 103 16640 12670 78 103 
14103 9417 78 77 11078 6409 60 70 11410 6219 63 70 7784 5281 88 66 5468 7401 
96 61 6580 10815 62 69 6822 10865 78 62 9666 13175 67 83 13413 14135 80 89 
16349 18616 130 127 20157 17655 136 257 31376 27261 218 241 32702 29973 199 
153 19340 18915 111 113 20448 15591 90 128 16643 12710 97 80 14078 9382 61 74 
11162 6482 55 93 11410 6269 66 66 7775 5301 77 69 5503 7507 70 66 6589 10899 
89 67 6648 10689 81 59 9661 13191 64 76 13563 14130 104 96 16087 18325 108 
120 19629 17414 163 221 31017 26692 208 226 31771 29177 205 166 19178 18691 
143 98 20428 15622 128 115 16837 12861 72 82 14072 9398 88 80 11125 6460 64 
86 11366 6161 60 66 7691 5298 73 80 5489 7441 61 69 6627 10835 95 72 6773 
10844 77 66 9684 13180 87 78 13707 14341 154 63 16589 18857 122 130 20248 
17788 154 216 31732 27606 216 246 32699 30167 189 176 19400 19006 125 94 
20579 15733 69 123 16843 12826 87 94 14018 9278 57 70 11148 6452 74 70 11482 
6254 61 70 7741 5305 75 70 5514 7464 69 57 6636 10856 64 67 6783 10888 70 71 
9699 13187 75 86 13658 14364 113 114 16508 18764 150 128 20145 17717 139 214 
31631 27506 199 225 32609 30026 218 149 19328 18906 127 143 20595 15815 89 
117 16835 12955 76 88 14065 9328 76 93 11133 6519 68 79 11436 6234 74 71 7775 
5343 78
$$ @vis= VisuCoreDimDesc VisuCoreExtent VisuCoreUnits VisuCoreDataMin
##$VisuCoreDataOffs=( 320 )
0 0 0 0 0 0 0 0 0 0 0 0 0 0 0 0 0 0 0 0 0 0 0 0 0 0 0 0 0 0 0 0 0 0 0 0 0 0 0 
0 0 0 0 0 0 0 0 0 0 0 0 0 0 0 0 0 0 0 0 0 0 0 0 0 0 0 0 0 0 0 0 0 0 0 0 0 0 0 
0 0 0 0 0 0 0 0 0 0 0 0 0 0 0 0 0 0 0 0 0 0 0 0 0 0 0 0 0 0 0 0 0 0 0 0 0 0 0 
0 0 0 0 0 0 0 0 0 0 0 0 0 0 0 0 0 0 0 0 0 0 0 0 0 0 0 0 0 0 0 0 0 0 0 0 0 0 0 
0 0 0 0 0 0 0 0 0 0 0 0 0 0 0 0 0 0 0 0 0 0 0 0 0 0 0 0 0 0 0 0 0 0 0 0 0 0 0 
0 0 0 0 0 0 0 0 0 0 0 0 0 0 0 0 0 0 0 0 0 0 0 0 0 0 0 0 0 0 0 0 0 0 0 0 0 0 0 
0 0 0 0 0 0 0 0 0 0 0 0 0 0 0 0 0 0 0 0 0 0 0 0 0 0 0 0 0 0 0 0 0 0 0 0 0 0 0 
0 0 0 0 0 0 0 0 0 0 0 0 0 0 0 0 0 0 0 0 0 0 0 0 0 0 0 0 0 0 0 0 0 0 0 0 0 0 0 
0 0 0 0 0 0 0 0
##$VisuCoreDataSlope=( 320 )
1.01086456035339 1.01086456035339 1.01086456035339 1.01086456035339 
1.01086456035339 1.01086456035339 1.01086456035339 1.01086456035339 
1.01086456035339 1.01086456035339 1.01086456035339 1.01086456035339 
1.01086456035339 1.01086456035339 1.01086456035339 1.01086456035339 
1.01086456035339 1.01086456035339 1.01086456035339 1.01086456035339 
1.01086456035339 1.01086456035339 1.01086456035339 1.01086456035339 
1.01086456035339 1.01086456035339 1.01086456035339 1.01086456035339 
1.01086456035339 1.01086456035339 1.01086456035339 1.01086456035339 
1.01086456035339 1.01086456035339 1.01086456035339 1.01086456035339 
1.01086456035339 1.01086456035339 1.01086456035339 1.01086456035339 
1.01086456035339 1.01086456035339 1.01086456035339 1.01086456035339 
1.01086456035339 1.01086456035339 1.01086456035339 1.01086456035339 
1.01086456035339 1.01086456035339 1.01086456035339 1.01086456035339 
1.01086456035339 1.01086456035339 1.01086456035339 1.01086456035339 
1.01086456035339 1.01086456035339 1.01086456035339 1.01086456035339 
1.01086456035339 1.01086456035339 1.01086456035339 1.01086456035339 
1.01086456035339 1.01086456035339 1.01086456035339 1.01086456035339 
1.01086456035339 1.01086456035339 1.01086456035339 1.01086456035339 
1.01086456035339 1.01086456035339 1.01086456035339 1.01086456035339 
1.01086456035339 1.01086456035339 1.01086456035339 1.01086456035339 
1.01086456035339 1.01086456035339 1.01086456035339 1.01086456035339 
1.01086456035339 1.01086456035339 1.01086456035339 1.01086456035339 
1.01086456035339 1.01086456035339 1.01086456035339 1.01086456035339 
1.01086456035339 1.01086456035339 1.01086456035339 1.01086456035339 
1.01086456035339 1.01086456035339 1.01086456035339 1.01086456035339 
1.01086456035339 1.01086456035339 1.01086456035339 1.01086456035339 
1.01086456035339 1.01086456035339 1.01086456035339 1.01086456035339 
1.01086456035339 1.01086456035339 1.01086456035339 1.01086456035339 
1.01086456035339 1.01086456035339 1.01086456035339 1.01086456035339 
1.01086456035339 1.01086456035339 1.01086456035339 1.01086456035339 
1.01086456035339 1.01086456035339 1.01086456035339 1.01086456035339 
1.01086456035339 1.01086456035339 1.01086456035339 1.01086456035339 
1.01086456035339 1.01086456035339 1.01086456035339 1.01086456035339 
1.01086456035339 1.01086456035339 1.01086456035339 1.01086456035339 
1.01086456035339 1.01086456035339 1.01086456035339 1.01086456035339 
1.01086456035339 1.01086456035339 1.01086456035339 1.01086456035339 
1.01086456035339 1.01086456035339 1.01086456035339 1.01086456035339 
1.01086456035339 1.01086456035339 1.01086456035339 1.01086456035339 
1.01086456035339 1.01086456035339 1.01086456035339 1.01086456035339 
1.01086456035339 1.01086456035339 1.01086456035339 1.01086456035339 
1.01086456035339 1.01086456035339 1.01086456035339 1.01086456035339 
1.01086456035339 1.01086456035339 1.01086456035339 1.01086456035339 
1.01086456035339 1.01086456035339 1.01086456035339 1.01086456035339 
1.01086456035339 1.01086456035339 1.01086456035339 1.01086456035339 
1.01086456035339 1.01086456035339 1.01086456035339 1.01086456035339 
1.01086456035339 1.01086456035339 1.01086456035339 1.01086456035339 
1.01086456035339 1.01086456035339 1.01086456035339 1.01086456035339 
1.01086456035339 1.01086456035339 1.01086456035339 1.01086456035339 
1.01086456035339 1.01086456035339 1.01086456035339 1.01086456035339 
1.01086456035339 1.01086456035339 1.01086456035339 1.01086456035339 
1.01086456035339 1.01086456035339 1.01086456035339 1.01086456035339 
1.01086456035339 1.01086456035339 1.01086456035339 1.01086456035339 
1.01086456035339 1.01086456035339 1.01086456035339 1.01086456035339 
1.01086456035339 1.01086456035339 1.01086456035339 1.01086456035339 
1.01086456035339 1.01086456035339 1.01086456035339 1.01086456035339 
1.01086456035339 1.01086456035339 1.01086456035339 1.01086456035339 
1.01086456035339 1.01086456035339 1.01086456035339 1.01086456035339 
1.01086456035339 1.01086456035339 1.01086456035339 1.01086456035339 
1.01086456035339 1.01086456035339 1.01086456035339 1.01086456035339 
1.01086456035339 1.01086456035339 1.01086456035339 1.01086456035339 
1.01086456035339 1.01086456035339 1.01086456035339 1.01086456035339 
1.01086456035339 1.01086456035339 1.01086456035339 1.01086456035339 
1.01086456035339 1.01086456035339 1.01086456035339 1.01086456035339 
1.01086456035339 1.01086456035339 1.01086456035339 1.01086456035339 
1.01086456035339 1.01086456035339 1.01086456035339 1.01086456035339 
1.01086456035339 1.01086456035339 1.01086456035339 1.01086456035339 
1.01086456035339 1.01086456035339 1.01086456035339 1.01086456035339 
1.01086456035339 1.01086456035339 1.01086456035339 1.01086456035339 
1.01086456035339 1.01086456035339 1.01086456035339 1.01086456035339 
1.01086456035339 1.01086456035339 1.01086456035339 1.01086456035339 
1.01086456035339 1.01086456035339 1.01086456035339 1.01086456035339 
1.01086456035339 1.01086456035339 1.01086456035339 1.01086456035339 
1.01086456035339 1.01086456035339 1.01086456035339 1.01086456035339 
1.01086456035339 1.01086456035339 1.01086456035339 1.01086456035339 
1.01086456035339 1.01086456035339 1.01086456035339 1.01086456035339 
1.01086456035339 1.01086456035339 1.01086456035339 1.01086456035339 
1.01086456035339 1.01086456035339 1.01086456035339 1.01086456035339 
1.01086456035339 1.01086456035339 1.01086456035339 1.01086456035339 
1.01086456035339 1.01086456035339 1.01086456035339 1.01086456035339 
1.01086456035339 1.01086456035339 1.01086456035339 1.01086456035339
##$VisuCoreFrameType=MAGNITUDE_IMAGE
$$ @vis= VisuCoreDataMax VisuCoreDataOffs VisuCoreDataSlope VisuCoreFrameType
##$VisuCoreWordType=_16BIT_SGN_INT
##$VisuCoreByteOrder=littleEndian
##$VisuFGOrderDescDim=1
$$ @vis= VisuCore VisuCoreWordType VisuCoreByteOrder VisuPixel
##$VisuFGOrderDesc=( 1 )
(320, <FG_CYCLE>, <>, 0, 0)
##$VisuSubjectName=( 65 )
<RMD273>
##$VisuSubjectId=( 65 )
<RMD273>
$$ @vis= VisuFGOrderDescDim VisuFGOrderDesc VisuFrameOrderDesc VisuSubjectName
##$VisuSubjectBirthDate=( 9 )
<>
##$VisuSubjectSex=FEMALE
##$VisuSubjectComment=( 2048 )
<>
$$ @vis= VisuSubjectId VisuSubjectBirthDate VisuSubjectSex VisuSubjectComment
##$VisuStudyUid=( 65 )
<2.16.756.5.5.100.278412266.15942.1407864221.1296>
##$VisuStudyDate=( 21 )
<14:23:41 12 Aug 2014>
##$VisuStudyId=( 65 )
<RMD273>
##$VisuStudyNumber=1
##$VisuSubjectWeight=5
$$ @vis= VisuSubject VisuStudyUid VisuStudyDate VisuStudyId VisuStudyNumber
##$VisuStudyReferringPhysician=( 65 )
<>
##$VisuStudyDescription=( 65 )
<>
$$ @vis= VisuSubjectWeight VisuStudyReferringPhysician VisuStudyDescription
##$VisuSeriesNumber=1835009
##$VisuSubjectPosition=Head_Supine
##$VisuSeriesTypeId=( 65 )
<ACQ_USER_PVM>
$$ @vis= VisuStudy VisuSeriesNumber VisuSubjectPosition VisuSeriesTypeId
##$VisuAcqSoftwareVersion=( 65 )
<5.1>
##$VisuInstitution=( 65 )
<Duke University Biospec 70/20>
##$VisuStation=( 65 )
<spect>
$$ @vis= VisuSeries VisuAcqSoftwareVersion VisuInstitution VisuStation
##$VisuAcqDate=( 21 )
<17:08:39 12 Aug 2014>
##$VisuAcqEchoTrainLength=1
##$VisuAcqSequenceName=( 40 )
<rMD_HOT (pvm)>
##$VisuAcqNumberOfAverages=4
$$ @vis= VisuEquipment VisuAcqDate VisuAcqEchoTrainLength VisuAcqSequenceName
##$VisuAcqImagingFrequency=300.3394866
##$VisuAcqImagedNucleus=( 8 )
<1H>
##$VisuAcqRepetitionTime=( 1 )
1880
$$ @vis= VisuAcqNumberOfAverages VisuAcqImagingFrequency VisuAcqImagedNucleus
##$VisuAcqFlipAngle=90
##$VisuAcqEchoTime=( 1 )
0
##$VisuAcquisitionProtocol=( 65 )
<RMD_HOT_RBM_RARE_ZQSQ2>
$$ @vis= VisuAcqRepetitionTime VisuAcqFlipAngle VisuAcqEchoTime
##$VisuAcqScanTime=601600
$$ @vis= VisuAcquisitionProtocol VisuAcqScanTime VisuAcquisition Visu
##END=
