##TITLE=Parameter List
##JCAMPDX=4.24
##DATATYPE=Parameter Values
##ORIGIN=Bruker BioSpin MRI GmbH
##OWNER=ryan
$$ Tue Aug 12 17:29:12 2014 EDT (UT-4h)  ryan
$$ /opt/PV5.1/data/ryan/nmr/RMD273.rd1/29/pdata/1/reco
##$RECO_mode=FT_MODE
##$RecoAutoDerive=Yes
##$RECO_inp_order=NO_REORDERING
##$RECO_inp_size=( 1 )
32
##$RECO_ft_size=( 1 )
32
##$RECO_fov=( 1 )
0
##$RECO_size=( 1 )
32
$$ @vis= RECO_mode RecoAutoDerive RECO_inp_order RECO_ft_size RECO_fov
##$RECO_offset=( 1, 4 )
0 0 0 0
##$RECO_regrid_mode=NO_REGRID
##$RECO_regrid_offset=0
##$RECO_ramp_gap=0
##$RECO_ramp_time=0
##$RECO_ne_mode=NO_NAV_DATA
##$RECO_ne_dist=NeNoInterleave
##$RECO_ne_dens=NeCorrPerScan
##$RECO_ne_type=NAV_PHASE
##$RECO_ne_vals=( 1, 2 )
0 0
##$RECO_bc_mode=( 1 )
AUTO_OFFSET_BC
##$RECO_bc_start=( 1 )
24
##$RECO_bc_len=( 1 )
8
$$ @vis= RECO_size RECO_regrid_mode RECO_ne_mode RECO_bc_mode RECO_bc_start
##$RECO_dc_offset=( 2 )
-19 -3
##$RECO_dc_divisor=8
##$RECO_bc_coroff=( 1 )
0
##$RECO_qopts=( 1 )
CONJ_AND_QNEG
##$RECO_wdw_mode=( 1 )
NO_WDW
##$RECO_lb=( 1 )
-0.5
##$RECO_sw=( 1 )
22001
##$RECO_gb=( 1 )
0.5
##$RECO_sbs=( 1 )
1
##$RECO_tm1=( 1 )
0.25
##$RECO_tm2=( 1 )
0.75
##$RECO_ft_mode=( 1 )
COMPLEX_FFT
##$RECO_pc_mode=( 1 )
NO_PC
##$RECO_pc_lin=( 1 )
(0, 0)
##$RECO_rotate=( 1, 4 )
0 0 0 0
$$ @vis= RECO_bc_len RECO_qopts RECO_wdw_mode RECO_ft_mode RECO_pc_mode
##$RECO_ppc_mode=NO_PPC
##$RECO_ref_image=0
##$RECO_nr_supports=0.4
##$RECO_sig_threshold=0.15
##$RECO_ppc_degree=1
##$RECO_ppc_coeffs=( 4, 1, 2 )
0 0 0 0 0 0 0 0
##$RECO_dc_elim=Yes
##$RECO_transposition=( 4 )
0 0 0 0
##$RECO_image_type=MAGNITUDE_IMAGE
$$ @vis= RECO_rotate RECO_ppc_mode RECO_dc_elim RECO_transposition
##$RECO_image_threshold=0.15
##$RECO_ir_scale=10
##$RECO_wordtype=_16BIT_SGN_INT
##$RECO_map_mode=ABSOLUTE_MAPPING
##$RECO_map_range=( 2 )
-2147483647 2147483647
##$RECO_map_percentile=( 2 )
1 99
##$RECO_map_error=0.25
##$RECO_globex=( 320 )
0 0 0 0 0 0 0 0 0 0 0 0 0 0 0 0 0 0 0 0 0 0 0 0 0 0 0 0 0 0 0 0 0 0 0 0 0 0 0 
0 0 0 0 0 0 0 0 0 0 0 0 0 0 0 0 0 0 0 0 0 0 0 0 0 0 0 0 0 0 0 0 0 0 0 0 0 0 0 
0 0 0 0 0 0 0 0 0 0 0 0 0 0 0 0 0 0 0 0 0 0 0 0 0 0 0 0 0 0 0 0 0 0 0 0 0 0 0 
0 0 0 0 0 0 0 0 0 0 0 0 0 0 0 0 0 0 0 0 0 0 0 0 0 0 0 0 0 0 0 0 0 0 0 0 0 0 0 
0 0 0 0 0 0 0 0 0 0 0 0 0 0 0 0 0 0 0 0 0 0 0 0 0 0 0 0 0 0 0 0 0 0 0 0 0 0 0 
0 0 0 0 0 0 0 0 0 0 0 0 0 0 0 0 0 0 0 0 0 0 0 0 0 0 0 0 0 0 0 0 0 0 0 0 0 0 0 
0 0 0 0 0 0 0 0 0 0 0 0 0 0 0 0 0 0 0 0 0 0 0 0 0 0 0 0 0 0 0 0 0 0 0 0 0 0 0 
0 0 0 0 0 0 0 0 0 0 0 0 0 0 0 0 0 0 0 0 0 0 0 0 0 0 0 0 0 0 0 0 0 0 0 0 0 0 0 
0 0 0 0 0 0 0 0
##$RECO_minima=( 320 )
0 0 0 0 0 0 0 0 0 0 0 0 0 0 0 0 0 0 0 0 0 0 0 0 0 0 0 0 0 0 0 0 0 0 0 0 0 0 0 
0 0 0 0 0 0 0 0 0 0 0 0 0 0 0 0 0 0 0 0 0 0 0 0 0 0 0 0 0 0 0 0 0 0 0 0 0 0 0 
0 0 0 0 0 0 0 0 0 0 0 0 0 0 0 0 0 0 0 0 0 0 0 0 0 0 0 0 0 0 0 0 0 0 0 0 0 0 0 
0 0 0 0 0 0 0 0 0 0 0 0 0 0 0 0 0 0 0 0 0 0 0 0 0 0 0 0 0 0 0 0 0 0 0 0 0 0 0 
0 0 0 0 0 0 0 0 0 0 0 0 0 0 0 0 0 0 0 0 0 0 0 0 0 0 0 0 0 0 0 0 0 0 0 0 0 0 0 
0 0 0 0 0 0 0 0 0 0 0 0 0 0 0 0 0 0 0 0 0 0 0 0 0 0 0 0 0 0 0 0 0 0 0 0 0 0 0 
0 0 0 0 0 0 0 0 0 0 0 0 0 0 0 0 0 0 0 0 0 0 0 0 0 0 0 0 0 0 0 0 0 0 0 0 0 0 0 
0 0 0 0 0 0 0 0 0 0 0 0 0 0 0 0 0 0 0 0 0 0 0 0 0 0 0 0 0 0 0 0 0 0 0 0 0 0 0 
0 0 0 0 0 0 0 0
##$RECO_maxima=( 320 )
89 5494 8161 97 86 6525 11400 116 82 6781 11619 102 113 9545 13676 105 110 
13312 14645 120 106 16841 19849 110 184 20070 18694 267 348 30708 27655 260 
308 32680 31007 300 207 19719 19340 146 164 21007 16882 132 152 17427 13688 
115 112 14479 10033 87 97 11668 6936 86 93 11782 6648 102 110 8177 5612 63 95 
5442 7990 139 79 6441 11525 146 116 6791 11584 120 105 9661 13836 112 126 
13112 14344 129 100 16261 19253 128 172 19849 18671 174 300 30632 27469 254 
251 31946 30344 313 148 19657 19179 164 149 20897 16631 154 126 17157 13319 
142 99 14653 10095 100 119 11563 6827 82 84 11567 6457 107 100 8101 5570 103 
82 5455 8061 154 116 6595 11461 132 120 6936 11615 122 61 9895 14006 106 103 
13241 14702 128 93 16548 19723 128 191 19890 18575 205 254 31117 28008 237 
293 32752 31094 303 208 19856 19505 159 132 20682 16454 164 135 16967 13023 
116 102 14584 10034 126 93 11600 6906 93 100 11679 6636 92 100 8225 5578 107 
86 5457 8088 84 112 6480 11426 106 73 6732 11623 99 86 9772 13914 106 119 
13774 15153 148 95 16674 19808 126 159 20155 18730 204 233 30931 27855 276 
331 32766 31107 257 224 19880 19453 197 156 20861 16703 83 146 17374 13430 
129 118 14423 9936 145 107 11675 6964 92 110 11776 6617 119 102 8146 5593 90 
80 5398 8006 112 79 6493 11513 106 105 6784 11690 82 76 9713 13987 107 82 
13535 14894 103 119 16562 19513 138 148 19831 18703 174 305 30328 27258 300 
296 32143 30365 249 192 19810 19425 169 172 20594 16372 161 149 17492 13627 
119 102 14678 10277 90 122 11557 6900 120 133 11772 6572 107 105 8190 5534 90
$$ @vis= RECO_image_type RECO_wordtype RECO_map_mode RECO_globex RECO_minima
##$RECO_map_min=( 320 )
-22763 -22763 -22763 -22763 -22763 -22763 -22763 -22763 -22763 -22763 -22763 
-22763 -22763 -22763 -22763 -22763 -22763 -22763 -22763 -22763 -22763 -22763 
-22763 -22763 -22763 -22763 -22763 -22763 -22763 -22763 -22763 -22763 -22763 
-22763 -22763 -22763 -22763 -22763 -22763 -22763 -22763 -22763 -22763 -22763 
-22763 -22763 -22763 -22763 -22763 -22763 -22763 -22763 -22763 -22763 -22763 
-22763 -22763 -22763 -22763 -22763 -22763 -22763 -22763 -22763 -22763 -22763 
-22763 -22763 -22763 -22763 -22763 -22763 -22763 -22763 -22763 -22763 -22763 
-22763 -22763 -22763 -22763 -22763 -22763 -22763 -22763 -22763 -22763 -22763 
-22763 -22763 -22763 -22763 -22763 -22763 -22763 -22763 -22763 -22763 -22763 
-22763 -22763 -22763 -22763 -22763 -22763 -22763 -22763 -22763 -22763 -22763 
-22763 -22763 -22763 -22763 -22763 -22763 -22763 -22763 -22763 -22763 -22763 
-22763 -22763 -22763 -22763 -22763 -22763 -22763 -22763 -22763 -22763 -22763 
-22763 -22763 -22763 -22763 -22763 -22763 -22763 -22763 -22763 -22763 -22763 
-22763 -22763 -22763 -22763 -22763 -22763 -22763 -22763 -22763 -22763 -22763 
-22763 -22763 -22763 -22763 -22763 -22763 -22763 -22763 -22763 -22763 -22763 
-22763 -22763 -22763 -22763 -22763 -22763 -22763 -22763 -22763 -22763 -22763 
-22763 -22763 -22763 -22763 -22763 -22763 -22763 -22763 -22763 -22763 -22763 
-22763 -22763 -22763 -22763 -22763 -22763 -22763 -22763 -22763 -22763 -22763 
-22763 -22763 -22763 -22763 -22763 -22763 -22763 -22763 -22763 -22763 -22763 
-22763 -22763 -22763 -22763 -22763 -22763 -22763 -22763 -22763 -22763 -22763 
-22763 -22763 -22763 -22763 -22763 -22763 -22763 -22763 -22763 -22763 -22763 
-22763 -22763 -22763 -22763 -22763 -22763 -22763 -22763 -22763 -22763 -22763 
-22763 -22763 -22763 -22763 -22763 -22763 -22763 -22763 -22763 -22763 -22763 
-22763 -22763 -22763 -22763 -22763 -22763 -22763 -22763 -22763 -22763 -22763 
-22763 -22763 -22763 -22763 -22763 -22763 -22763 -22763 -22763 -22763 -22763 
-22763 -22763 -22763 -22763 -22763 -22763 -22763 -22763 -22763 -22763 -22763 
-22763 -22763 -22763 -22763 -22763 -22763 -22763 -22763 -22763 -22763 -22763 
-22763 -22763 -22763 -22763 -22763 -22763 -22763 -22763 -22763 -22763 -22763 
-22763 -22763 -22763 -22763 -22763 -22763 -22763 -22763 -22763 -22763 -22763 
-22763
##$RECO_map_max=( 320 )
22763 22763 22763 22763 22763 22763 22763 22763 22763 22763 22763 22763 22763 
22763 22763 22763 22763 22763 22763 22763 22763 22763 22763 22763 22763 22763 
22763 22763 22763 22763 22763 22763 22763 22763 22763 22763 22763 22763 22763 
22763 22763 22763 22763 22763 22763 22763 22763 22763 22763 22763 22763 22763 
22763 22763 22763 22763 22763 22763 22763 22763 22763 22763 22763 22763 22763 
22763 22763 22763 22763 22763 22763 22763 22763 22763 22763 22763 22763 22763 
22763 22763 22763 22763 22763 22763 22763 22763 22763 22763 22763 22763 22763 
22763 22763 22763 22763 22763 22763 22763 22763 22763 22763 22763 22763 22763 
22763 22763 22763 22763 22763 22763 22763 22763 22763 22763 22763 22763 22763 
22763 22763 22763 22763 22763 22763 22763 22763 22763 22763 22763 22763 22763 
22763 22763 22763 22763 22763 22763 22763 22763 22763 22763 22763 22763 22763 
22763 22763 22763 22763 22763 22763 22763 22763 22763 22763 22763 22763 22763 
22763 22763 22763 22763 22763 22763 22763 22763 22763 22763 22763 22763 22763 
22763 22763 22763 22763 22763 22763 22763 22763 22763 22763 22763 22763 22763 
22763 22763 22763 22763 22763 22763 22763 22763 22763 22763 22763 22763 22763 
22763 22763 22763 22763 22763 22763 22763 22763 22763 22763 22763 22763 22763 
22763 22763 22763 22763 22763 22763 22763 22763 22763 22763 22763 22763 22763 
22763 22763 22763 22763 22763 22763 22763 22763 22763 22763 22763 22763 22763 
22763 22763 22763 22763 22763 22763 22763 22763 22763 22763 22763 22763 22763 
22763 22763 22763 22763 22763 22763 22763 22763 22763 22763 22763 22763 22763 
22763 22763 22763 22763 22763 22763 22763 22763 22763 22763 22763 22763 22763 
22763 22763 22763 22763 22763 22763 22763 22763 22763 22763 22763 22763 22763 
22763 22763 22763 22763 22763 22763 22763 22763 22763 22763 22763 22763 22763 
22763 22763 22763 22763 22763 22763 22763 22763 22763 22763 22763 22763 22763 
22763 22763 22763 22763 22763 22763 22763 22763
##$RECO_map_offset=( 320 )
0 0 0 0 0 0 0 0 0 0 0 0 0 0 0 0 0 0 0 0 0 0 0 0 0 0 0 0 0 0 0 0 0 0 0 0 0 0 0 
0 0 0 0 0 0 0 0 0 0 0 0 0 0 0 0 0 0 0 0 0 0 0 0 0 0 0 0 0 0 0 0 0 0 0 0 0 0 0 
0 0 0 0 0 0 0 0 0 0 0 0 0 0 0 0 0 0 0 0 0 0 0 0 0 0 0 0 0 0 0 0 0 0 0 0 0 0 0 
0 0 0 0 0 0 0 0 0 0 0 0 0 0 0 0 0 0 0 0 0 0 0 0 0 0 0 0 0 0 0 0 0 0 0 0 0 0 0 
0 0 0 0 0 0 0 0 0 0 0 0 0 0 0 0 0 0 0 0 0 0 0 0 0 0 0 0 0 0 0 0 0 0 0 0 0 0 0 
0 0 0 0 0 0 0 0 0 0 0 0 0 0 0 0 0 0 0 0 0 0 0 0 0 0 0 0 0 0 0 0 0 0 0 0 0 0 0 
0 0 0 0 0 0 0 0 0 0 0 0 0 0 0 0 0 0 0 0 0 0 0 0 0 0 0 0 0 0 0 0 0 0 0 0 0 0 0 
0 0 0 0 0 0 0 0 0 0 0 0 0 0 0 0 0 0 0 0 0 0 0 0 0 0 0 0 0 0 0 0 0 0 0 0 0 0 0 
0 0 0 0 0 0 0 0
##$RECO_map_slope=( 320 )
1.4394850730896 1.4394850730896 1.4394850730896 1.4394850730896 
1.4394850730896 1.4394850730896 1.4394850730896 1.4394850730896 
1.4394850730896 1.4394850730896 1.4394850730896 1.4394850730896 
1.4394850730896 1.4394850730896 1.4394850730896 1.4394850730896 
1.4394850730896 1.4394850730896 1.4394850730896 1.4394850730896 
1.4394850730896 1.4394850730896 1.4394850730896 1.4394850730896 
1.4394850730896 1.4394850730896 1.4394850730896 1.4394850730896 
1.4394850730896 1.4394850730896 1.4394850730896 1.4394850730896 
1.4394850730896 1.4394850730896 1.4394850730896 1.4394850730896 
1.4394850730896 1.4394850730896 1.4394850730896 1.4394850730896 
1.4394850730896 1.4394850730896 1.4394850730896 1.4394850730896 
1.4394850730896 1.4394850730896 1.4394850730896 1.4394850730896 
1.4394850730896 1.4394850730896 1.4394850730896 1.4394850730896 
1.4394850730896 1.4394850730896 1.4394850730896 1.4394850730896 
1.4394850730896 1.4394850730896 1.4394850730896 1.4394850730896 
1.4394850730896 1.4394850730896 1.4394850730896 1.4394850730896 
1.4394850730896 1.4394850730896 1.4394850730896 1.4394850730896 
1.4394850730896 1.4394850730896 1.4394850730896 1.4394850730896 
1.4394850730896 1.4394850730896 1.4394850730896 1.4394850730896 
1.4394850730896 1.4394850730896 1.4394850730896 1.4394850730896 
1.4394850730896 1.4394850730896 1.4394850730896 1.4394850730896 
1.4394850730896 1.4394850730896 1.4394850730896 1.4394850730896 
1.4394850730896 1.4394850730896 1.4394850730896 1.4394850730896 
1.4394850730896 1.4394850730896 1.4394850730896 1.4394850730896 
1.4394850730896 1.4394850730896 1.4394850730896 1.4394850730896 
1.4394850730896 1.4394850730896 1.4394850730896 1.4394850730896 
1.4394850730896 1.4394850730896 1.4394850730896 1.4394850730896 
1.4394850730896 1.4394850730896 1.4394850730896 1.4394850730896 
1.4394850730896 1.4394850730896 1.4394850730896 1.4394850730896 
1.4394850730896 1.4394850730896 1.4394850730896 1.4394850730896 
1.4394850730896 1.4394850730896 1.4394850730896 1.4394850730896 
1.4394850730896 1.4394850730896 1.4394850730896 1.4394850730896 
1.4394850730896 1.4394850730896 1.4394850730896 1.4394850730896 
1.4394850730896 1.4394850730896 1.4394850730896 1.4394850730896 
1.4394850730896 1.4394850730896 1.4394850730896 1.4394850730896 
1.4394850730896 1.4394850730896 1.4394850730896 1.4394850730896 
1.4394850730896 1.4394850730896 1.4394850730896 1.4394850730896 
1.4394850730896 1.4394850730896 1.4394850730896 1.4394850730896 
1.4394850730896 1.4394850730896 1.4394850730896 1.4394850730896 
1.4394850730896 1.4394850730896 1.4394850730896 1.4394850730896 
1.4394850730896 1.4394850730896 1.4394850730896 1.4394850730896 
1.4394850730896 1.4394850730896 1.4394850730896 1.4394850730896 
1.4394850730896 1.4394850730896 1.4394850730896 1.4394850730896 
1.4394850730896 1.4394850730896 1.4394850730896 1.4394850730896 
1.4394850730896 1.4394850730896 1.4394850730896 1.4394850730896 
1.4394850730896 1.4394850730896 1.4394850730896 1.4394850730896 
1.4394850730896 1.4394850730896 1.4394850730896 1.4394850730896 
1.4394850730896 1.4394850730896 1.4394850730896 1.4394850730896 
1.4394850730896 1.4394850730896 1.4394850730896 1.4394850730896 
1.4394850730896 1.4394850730896 1.4394850730896 1.4394850730896 
1.4394850730896 1.4394850730896 1.4394850730896 1.4394850730896 
1.4394850730896 1.4394850730896 1.4394850730896 1.4394850730896 
1.4394850730896 1.4394850730896 1.4394850730896 1.4394850730896 
1.4394850730896 1.4394850730896 1.4394850730896 1.4394850730896 
1.4394850730896 1.4394850730896 1.4394850730896 1.4394850730896 
1.4394850730896 1.4394850730896 1.4394850730896 1.4394850730896 
1.4394850730896 1.4394850730896 1.4394850730896 1.4394850730896 
1.4394850730896 1.4394850730896 1.4394850730896 1.4394850730896 
1.4394850730896 1.4394850730896 1.4394850730896 1.4394850730896 
1.4394850730896 1.4394850730896 1.4394850730896 1.4394850730896 
1.4394850730896 1.4394850730896 1.4394850730896 1.4394850730896 
1.4394850730896 1.4394850730896 1.4394850730896 1.4394850730896 
1.4394850730896 1.4394850730896 1.4394850730896 1.4394850730896 
1.4394850730896 1.4394850730896 1.4394850730896 1.4394850730896 
1.4394850730896 1.4394850730896 1.4394850730896 1.4394850730896 
1.4394850730896 1.4394850730896 1.4394850730896 1.4394850730896 
1.4394850730896 1.4394850730896 1.4394850730896 1.4394850730896 
1.4394850730896 1.4394850730896 1.4394850730896 1.4394850730896 
1.4394850730896 1.4394850730896 1.4394850730896 1.4394850730896 
1.4394850730896 1.4394850730896 1.4394850730896 1.4394850730896 
1.4394850730896 1.4394850730896 1.4394850730896 1.4394850730896 
1.4394850730896 1.4394850730896 1.4394850730896 1.4394850730896 
1.4394850730896 1.4394850730896 1.4394850730896 1.4394850730896 
1.4394850730896 1.4394850730896 1.4394850730896 1.4394850730896 
1.4394850730896 1.4394850730896 1.4394850730896 1.4394850730896 
1.4394850730896 1.4394850730896 1.4394850730896 1.4394850730896 
1.4394850730896 1.4394850730896 1.4394850730896 1.4394850730896 
1.4394850730896 1.4394850730896 1.4394850730896 1.4394850730896 
1.4394850730896 1.4394850730896 1.4394850730896 1.4394850730896 
1.4394850730896 1.4394850730896 1.4394850730896 1.4394850730896
##$RECO_byte_order=littleEndian
$$ @vis= RECO_maxima RECO_map_min RECO_map_max RECO_map_offset RECO_map_slope
##$RECO_time=( 24 )
<17:19:02 12 Aug 2014>
##$RECO_abs_time=1407878342
##$RECO_base_image_uid=( 65 )
<2.16.756.5.5.100.278412266.29758.1407878952.880>
$$ @vis= RECO_byte_order RECO_time RECO_abs_time RECO_base_image_uid
##$GS_reco_display=Yes
##$GO_reco_display=Yes
##$GO_reco_each_nr=No
$$ @vis= RecoRegridNGroup GS_reco_display RECO_GS GO_reco_display
##$GO_max_reco_mem=0
$$ @vis= GO_reco_each_nr GO_max_reco_mem RECO_GO RECO
##END=
