##TITLE=Parameter List
##JCAMPDX=4.24
##DATATYPE=Parameter Values
##ORIGIN=Bruker BioSpin MRI GmbH
##OWNER=ryan
$$ Thu Jul 24 22:55:23 2014 EDT (UT-4h)  ryan
$$ /opt/PV5.1/data/ryan/nmr/RMD266.qU1/42/pdata/1/reco
##$RECO_mode=FT_MODE
##$RecoAutoDerive=Yes
##$RECO_inp_order=NO_REORDERING
##$RECO_inp_size=( 1 )
32
##$RECO_ft_size=( 1 )
32
##$RECO_fov=( 1 )
0
##$RECO_size=( 1 )
32
$$ @vis= RECO_mode RecoAutoDerive RECO_inp_order RECO_ft_size RECO_fov
##$RECO_offset=( 1, 4 )
0 0 0 0
##$RECO_regrid_mode=NO_REGRID
##$RECO_regrid_offset=0
##$RECO_ramp_gap=0
##$RECO_ramp_time=0
##$RECO_ne_mode=NO_NAV_DATA
##$RECO_ne_dist=NeNoInterleave
##$RECO_ne_dens=NeCorrPerScan
##$RECO_ne_type=NAV_PHASE
##$RECO_ne_vals=( 1, 2 )
0 0
##$RECO_bc_mode=( 1 )
AUTO_OFFSET_BC
##$RECO_bc_start=( 1 )
24
##$RECO_bc_len=( 1 )
8
$$ @vis= RECO_size RECO_regrid_mode RECO_ne_mode RECO_bc_mode RECO_bc_start
##$RECO_dc_offset=( 2 )
-9 -14
##$RECO_dc_divisor=8
##$RECO_bc_coroff=( 1 )
0
##$RECO_qopts=( 1 )
CONJ_AND_QNEG
##$RECO_wdw_mode=( 1 )
NO_WDW
##$RECO_lb=( 1 )
-0.5
##$RECO_sw=( 1 )
22001
##$RECO_gb=( 1 )
0.5
##$RECO_sbs=( 1 )
1
##$RECO_tm1=( 1 )
0.25
##$RECO_tm2=( 1 )
0.75
##$RECO_ft_mode=( 1 )
COMPLEX_FFT
##$RECO_pc_mode=( 1 )
NO_PC
##$RECO_pc_lin=( 1 )
(0, 0)
##$RECO_rotate=( 1, 4 )
0 0 0 0
$$ @vis= RECO_bc_len RECO_qopts RECO_wdw_mode RECO_ft_mode RECO_pc_mode
##$RECO_ppc_mode=NO_PPC
##$RECO_ref_image=0
##$RECO_nr_supports=0.4
##$RECO_sig_threshold=0.15
##$RECO_ppc_degree=1
##$RECO_ppc_coeffs=( 4, 1, 2 )
0 0 0 0 0 0 0 0
##$RECO_dc_elim=Yes
##$RECO_transposition=( 4 )
0 0 0 0
##$RECO_image_type=MAGNITUDE_IMAGE
$$ @vis= RECO_rotate RECO_ppc_mode RECO_dc_elim RECO_transposition
##$RECO_image_threshold=0.15
##$RECO_ir_scale=10
##$RECO_wordtype=_16BIT_SGN_INT
##$RECO_map_mode=ABSOLUTE_MAPPING
##$RECO_map_range=( 2 )
-2147483647 2147483647
##$RECO_map_percentile=( 2 )
1 99
##$RECO_map_error=0.25
##$RECO_globex=( 320 )
0 0 0 0 0 0 0 0 0 0 0 0 0 0 0 0 0 0 0 0 0 0 0 0 0 0 0 0 0 0 0 0 0 0 0 0 0 0 0 
0 0 0 0 0 0 0 0 0 0 0 0 0 0 0 0 0 0 0 0 0 0 0 0 0 0 0 0 0 0 0 0 0 0 0 0 0 0 0 
0 0 0 0 0 0 0 0 0 0 0 0 0 0 0 0 0 0 0 0 0 0 0 0 0 0 0 0 0 0 0 0 0 0 0 0 0 0 0 
0 0 0 0 0 0 0 0 0 0 0 0 0 0 0 0 0 0 0 0 0 0 0 0 0 0 0 0 0 0 0 0 0 0 0 0 0 0 0 
0 0 0 0 0 0 0 0 0 0 0 0 0 0 0 0 0 0 0 0 0 0 0 0 0 0 0 0 0 0 0 0 0 0 0 0 0 0 0 
0 0 0 0 0 0 0 0 0 0 0 0 0 0 0 0 0 0 0 0 0 0 0 0 0 0 0 0 0 0 0 0 0 0 0 0 0 0 0 
0 0 0 0 0 0 0 0 0 0 0 0 0 0 0 0 0 0 0 0 0 0 0 0 0 0 0 0 0 0 0 0 0 0 0 0 0 0 0 
0 0 0 0 0 0 0 0 0 0 0 0 0 0 0 0 0 0 0 0 0 0 0 0 0 0 0 0 0 0 0 0 0 0 0 0 0 0 0 
0 0 0 0 0 0 0 0
##$RECO_minima=( 320 )
0 0 0 0 0 0 0 0 0 0 0 0 0 0 0 0 0 0 0 0 0 0 0 0 0 0 0 0 0 0 0 0 0 0 0 0 0 0 0 
0 0 0 0 0 0 0 0 0 0 0 0 0 0 0 0 0 0 0 0 0 0 0 0 0 0 0 0 0 0 0 0 0 0 0 0 0 0 0 
0 0 0 0 0 0 0 0 0 0 0 0 0 0 0 0 0 0 0 0 0 0 0 0 0 0 0 0 0 0 0 0 0 0 0 0 0 0 0 
0 0 0 0 0 0 0 0 0 0 0 0 0 0 0 0 0 0 0 0 0 0 0 0 0 0 0 0 0 0 0 0 0 0 0 0 0 0 0 
0 0 0 0 0 0 0 0 0 0 0 0 0 0 0 0 0 0 0 0 0 0 0 0 0 0 0 0 0 0 0 0 0 0 0 0 0 0 0 
0 0 0 0 0 0 0 0 0 0 0 0 0 0 0 0 0 0 0 0 0 0 0 0 0 0 0 0 0 0 0 0 0 0 0 0 0 0 0 
0 0 0 0 0 0 0 0 0 0 0 0 0 0 0 0 0 0 0 0 0 0 0 0 0 0 0 0 0 0 0 0 0 0 0 0 0 0 0 
0 0 0 0 0 0 0 0 0 0 0 0 0 0 0 0 0 0 0 0 0 0 0 0 0 0 0 0 0 0 0 0 0 0 0 0 0 0 0 
0 0 0 0 0 0 0 0
##$RECO_maxima=( 320 )
50 50 6871 5218 56 106 8507 7146 74 70 10695 8831 70 75 12321 10698 69 92 
13023 11030 99 77 17115 14538 93 114 15838 14316 204 228 31820 28529 203 180 
32658 27517 124 93 15846 13218 78 97 16336 14518 85 101 12033 11594 85 68 
12246 10770 49 64 10006 9386 68 70 7990 7282 50 60 6196 6029 66 47 6897 5210 
49 71 8503 7143 70 56 10669 8823 60 94 12325 10747 66 65 13023 11073 80 91 
17030 14523 89 139 15932 14147 171 213 31772 28528 223 194 32470 27748 130 84 
16008 13078 86 85 16282 14527 76 83 12030 11586 74 64 12221 10778 75 64 9972 
9347 56 57 7978 7210 68 51 6210 6023 59 58 6905 5173 60 60 8469 7147 69 56 
10683 8797 84 83 12338 10651 54 62 13015 11018 85 98 17040 14490 72 105 15853 
14231 176 203 31921 28428 220 184 32767 27375 138 90 15912 13135 100 73 16349 
14459 66 74 12007 11532 83 56 12253 10695 85 64 9959 9322 58 43 7992 7198 78 
49 6254 6044 66 37 6887 5209 62 60 8495 7129 56 64 10639 8809 71 72 12361 
10722 74 72 12995 11080 78 87 17115 14603 99 139 15800 14236 188 216 31647 
28591 242 167 32401 27699 102 78 15929 13064 76 83 16313 14601 76 94 12024 
11518 78 55 12221 10731 60 73 9974 9340 54 60 7993 7211 52 52 6218 6013 72 54 
6875 5192 55 62 8483 7091 66 57 10651 8802 57 75 12338 10742 62 73 12984 
11077 86 84 17010 14495 110 132 15832 14257 197 224 31811 28503 244 167 32561 
27472 118 103 15913 13169 100 91 16323 14513 64 66 12037 11497 72 58 12285 
10734 64 64 9972 9327 45 53 7970 7217 54 55 6223 6071
$$ @vis= RECO_image_type RECO_wordtype RECO_map_mode RECO_globex RECO_minima
##$RECO_map_min=( 320 )
-48542 -48542 -48542 -48542 -48542 -48542 -48542 -48542 -48542 -48542 -48542 
-48542 -48542 -48542 -48542 -48542 -48542 -48542 -48542 -48542 -48542 -48542 
-48542 -48542 -48542 -48542 -48542 -48542 -48542 -48542 -48542 -48542 -48542 
-48542 -48542 -48542 -48542 -48542 -48542 -48542 -48542 -48542 -48542 -48542 
-48542 -48542 -48542 -48542 -48542 -48542 -48542 -48542 -48542 -48542 -48542 
-48542 -48542 -48542 -48542 -48542 -48542 -48542 -48542 -48542 -48542 -48542 
-48542 -48542 -48542 -48542 -48542 -48542 -48542 -48542 -48542 -48542 -48542 
-48542 -48542 -48542 -48542 -48542 -48542 -48542 -48542 -48542 -48542 -48542 
-48542 -48542 -48542 -48542 -48542 -48542 -48542 -48542 -48542 -48542 -48542 
-48542 -48542 -48542 -48542 -48542 -48542 -48542 -48542 -48542 -48542 -48542 
-48542 -48542 -48542 -48542 -48542 -48542 -48542 -48542 -48542 -48542 -48542 
-48542 -48542 -48542 -48542 -48542 -48542 -48542 -48542 -48542 -48542 -48542 
-48542 -48542 -48542 -48542 -48542 -48542 -48542 -48542 -48542 -48542 -48542 
-48542 -48542 -48542 -48542 -48542 -48542 -48542 -48542 -48542 -48542 -48542 
-48542 -48542 -48542 -48542 -48542 -48542 -48542 -48542 -48542 -48542 -48542 
-48542 -48542 -48542 -48542 -48542 -48542 -48542 -48542 -48542 -48542 -48542 
-48542 -48542 -48542 -48542 -48542 -48542 -48542 -48542 -48542 -48542 -48542 
-48542 -48542 -48542 -48542 -48542 -48542 -48542 -48542 -48542 -48542 -48542 
-48542 -48542 -48542 -48542 -48542 -48542 -48542 -48542 -48542 -48542 -48542 
-48542 -48542 -48542 -48542 -48542 -48542 -48542 -48542 -48542 -48542 -48542 
-48542 -48542 -48542 -48542 -48542 -48542 -48542 -48542 -48542 -48542 -48542 
-48542 -48542 -48542 -48542 -48542 -48542 -48542 -48542 -48542 -48542 -48542 
-48542 -48542 -48542 -48542 -48542 -48542 -48542 -48542 -48542 -48542 -48542 
-48542 -48542 -48542 -48542 -48542 -48542 -48542 -48542 -48542 -48542 -48542 
-48542 -48542 -48542 -48542 -48542 -48542 -48542 -48542 -48542 -48542 -48542 
-48542 -48542 -48542 -48542 -48542 -48542 -48542 -48542 -48542 -48542 -48542 
-48542 -48542 -48542 -48542 -48542 -48542 -48542 -48542 -48542 -48542 -48542 
-48542 -48542 -48542 -48542 -48542 -48542 -48542 -48542 -48542 -48542 -48542 
-48542 -48542 -48542 -48542 -48542 -48542 -48542 -48542 -48542 -48542 -48542 
-48542
##$RECO_map_max=( 320 )
48542 48542 48542 48542 48542 48542 48542 48542 48542 48542 48542 48542 48542 
48542 48542 48542 48542 48542 48542 48542 48542 48542 48542 48542 48542 48542 
48542 48542 48542 48542 48542 48542 48542 48542 48542 48542 48542 48542 48542 
48542 48542 48542 48542 48542 48542 48542 48542 48542 48542 48542 48542 48542 
48542 48542 48542 48542 48542 48542 48542 48542 48542 48542 48542 48542 48542 
48542 48542 48542 48542 48542 48542 48542 48542 48542 48542 48542 48542 48542 
48542 48542 48542 48542 48542 48542 48542 48542 48542 48542 48542 48542 48542 
48542 48542 48542 48542 48542 48542 48542 48542 48542 48542 48542 48542 48542 
48542 48542 48542 48542 48542 48542 48542 48542 48542 48542 48542 48542 48542 
48542 48542 48542 48542 48542 48542 48542 48542 48542 48542 48542 48542 48542 
48542 48542 48542 48542 48542 48542 48542 48542 48542 48542 48542 48542 48542 
48542 48542 48542 48542 48542 48542 48542 48542 48542 48542 48542 48542 48542 
48542 48542 48542 48542 48542 48542 48542 48542 48542 48542 48542 48542 48542 
48542 48542 48542 48542 48542 48542 48542 48542 48542 48542 48542 48542 48542 
48542 48542 48542 48542 48542 48542 48542 48542 48542 48542 48542 48542 48542 
48542 48542 48542 48542 48542 48542 48542 48542 48542 48542 48542 48542 48542 
48542 48542 48542 48542 48542 48542 48542 48542 48542 48542 48542 48542 48542 
48542 48542 48542 48542 48542 48542 48542 48542 48542 48542 48542 48542 48542 
48542 48542 48542 48542 48542 48542 48542 48542 48542 48542 48542 48542 48542 
48542 48542 48542 48542 48542 48542 48542 48542 48542 48542 48542 48542 48542 
48542 48542 48542 48542 48542 48542 48542 48542 48542 48542 48542 48542 48542 
48542 48542 48542 48542 48542 48542 48542 48542 48542 48542 48542 48542 48542 
48542 48542 48542 48542 48542 48542 48542 48542 48542 48542 48542 48542 48542 
48542 48542 48542 48542 48542 48542 48542 48542 48542 48542 48542 48542 48542 
48542 48542 48542 48542 48542 48542 48542 48542
##$RECO_map_offset=( 320 )
0 0 0 0 0 0 0 0 0 0 0 0 0 0 0 0 0 0 0 0 0 0 0 0 0 0 0 0 0 0 0 0 0 0 0 0 0 0 0 
0 0 0 0 0 0 0 0 0 0 0 0 0 0 0 0 0 0 0 0 0 0 0 0 0 0 0 0 0 0 0 0 0 0 0 0 0 0 0 
0 0 0 0 0 0 0 0 0 0 0 0 0 0 0 0 0 0 0 0 0 0 0 0 0 0 0 0 0 0 0 0 0 0 0 0 0 0 0 
0 0 0 0 0 0 0 0 0 0 0 0 0 0 0 0 0 0 0 0 0 0 0 0 0 0 0 0 0 0 0 0 0 0 0 0 0 0 0 
0 0 0 0 0 0 0 0 0 0 0 0 0 0 0 0 0 0 0 0 0 0 0 0 0 0 0 0 0 0 0 0 0 0 0 0 0 0 0 
0 0 0 0 0 0 0 0 0 0 0 0 0 0 0 0 0 0 0 0 0 0 0 0 0 0 0 0 0 0 0 0 0 0 0 0 0 0 0 
0 0 0 0 0 0 0 0 0 0 0 0 0 0 0 0 0 0 0 0 0 0 0 0 0 0 0 0 0 0 0 0 0 0 0 0 0 0 0 
0 0 0 0 0 0 0 0 0 0 0 0 0 0 0 0 0 0 0 0 0 0 0 0 0 0 0 0 0 0 0 0 0 0 0 0 0 0 0 
0 0 0 0 0 0 0 0
##$RECO_map_slope=( 320 )
0.675023674964905 0.675023674964905 0.675023674964905 0.675023674964905 
0.675023674964905 0.675023674964905 0.675023674964905 0.675023674964905 
0.675023674964905 0.675023674964905 0.675023674964905 0.675023674964905 
0.675023674964905 0.675023674964905 0.675023674964905 0.675023674964905 
0.675023674964905 0.675023674964905 0.675023674964905 0.675023674964905 
0.675023674964905 0.675023674964905 0.675023674964905 0.675023674964905 
0.675023674964905 0.675023674964905 0.675023674964905 0.675023674964905 
0.675023674964905 0.675023674964905 0.675023674964905 0.675023674964905 
0.675023674964905 0.675023674964905 0.675023674964905 0.675023674964905 
0.675023674964905 0.675023674964905 0.675023674964905 0.675023674964905 
0.675023674964905 0.675023674964905 0.675023674964905 0.675023674964905 
0.675023674964905 0.675023674964905 0.675023674964905 0.675023674964905 
0.675023674964905 0.675023674964905 0.675023674964905 0.675023674964905 
0.675023674964905 0.675023674964905 0.675023674964905 0.675023674964905 
0.675023674964905 0.675023674964905 0.675023674964905 0.675023674964905 
0.675023674964905 0.675023674964905 0.675023674964905 0.675023674964905 
0.675023674964905 0.675023674964905 0.675023674964905 0.675023674964905 
0.675023674964905 0.675023674964905 0.675023674964905 0.675023674964905 
0.675023674964905 0.675023674964905 0.675023674964905 0.675023674964905 
0.675023674964905 0.675023674964905 0.675023674964905 0.675023674964905 
0.675023674964905 0.675023674964905 0.675023674964905 0.675023674964905 
0.675023674964905 0.675023674964905 0.675023674964905 0.675023674964905 
0.675023674964905 0.675023674964905 0.675023674964905 0.675023674964905 
0.675023674964905 0.675023674964905 0.675023674964905 0.675023674964905 
0.675023674964905 0.675023674964905 0.675023674964905 0.675023674964905 
0.675023674964905 0.675023674964905 0.675023674964905 0.675023674964905 
0.675023674964905 0.675023674964905 0.675023674964905 0.675023674964905 
0.675023674964905 0.675023674964905 0.675023674964905 0.675023674964905 
0.675023674964905 0.675023674964905 0.675023674964905 0.675023674964905 
0.675023674964905 0.675023674964905 0.675023674964905 0.675023674964905 
0.675023674964905 0.675023674964905 0.675023674964905 0.675023674964905 
0.675023674964905 0.675023674964905 0.675023674964905 0.675023674964905 
0.675023674964905 0.675023674964905 0.675023674964905 0.675023674964905 
0.675023674964905 0.675023674964905 0.675023674964905 0.675023674964905 
0.675023674964905 0.675023674964905 0.675023674964905 0.675023674964905 
0.675023674964905 0.675023674964905 0.675023674964905 0.675023674964905 
0.675023674964905 0.675023674964905 0.675023674964905 0.675023674964905 
0.675023674964905 0.675023674964905 0.675023674964905 0.675023674964905 
0.675023674964905 0.675023674964905 0.675023674964905 0.675023674964905 
0.675023674964905 0.675023674964905 0.675023674964905 0.675023674964905 
0.675023674964905 0.675023674964905 0.675023674964905 0.675023674964905 
0.675023674964905 0.675023674964905 0.675023674964905 0.675023674964905 
0.675023674964905 0.675023674964905 0.675023674964905 0.675023674964905 
0.675023674964905 0.675023674964905 0.675023674964905 0.675023674964905 
0.675023674964905 0.675023674964905 0.675023674964905 0.675023674964905 
0.675023674964905 0.675023674964905 0.675023674964905 0.675023674964905 
0.675023674964905 0.675023674964905 0.675023674964905 0.675023674964905 
0.675023674964905 0.675023674964905 0.675023674964905 0.675023674964905 
0.675023674964905 0.675023674964905 0.675023674964905 0.675023674964905 
0.675023674964905 0.675023674964905 0.675023674964905 0.675023674964905 
0.675023674964905 0.675023674964905 0.675023674964905 0.675023674964905 
0.675023674964905 0.675023674964905 0.675023674964905 0.675023674964905 
0.675023674964905 0.675023674964905 0.675023674964905 0.675023674964905 
0.675023674964905 0.675023674964905 0.675023674964905 0.675023674964905 
0.675023674964905 0.675023674964905 0.675023674964905 0.675023674964905 
0.675023674964905 0.675023674964905 0.675023674964905 0.675023674964905 
0.675023674964905 0.675023674964905 0.675023674964905 0.675023674964905 
0.675023674964905 0.675023674964905 0.675023674964905 0.675023674964905 
0.675023674964905 0.675023674964905 0.675023674964905 0.675023674964905 
0.675023674964905 0.675023674964905 0.675023674964905 0.675023674964905 
0.675023674964905 0.675023674964905 0.675023674964905 0.675023674964905 
0.675023674964905 0.675023674964905 0.675023674964905 0.675023674964905 
0.675023674964905 0.675023674964905 0.675023674964905 0.675023674964905 
0.675023674964905 0.675023674964905 0.675023674964905 0.675023674964905 
0.675023674964905 0.675023674964905 0.675023674964905 0.675023674964905 
0.675023674964905 0.675023674964905 0.675023674964905 0.675023674964905 
0.675023674964905 0.675023674964905 0.675023674964905 0.675023674964905 
0.675023674964905 0.675023674964905 0.675023674964905 0.675023674964905 
0.675023674964905 0.675023674964905 0.675023674964905 0.675023674964905 
0.675023674964905 0.675023674964905 0.675023674964905 0.675023674964905 
0.675023674964905 0.675023674964905 0.675023674964905 0.675023674964905 
0.675023674964905 0.675023674964905 0.675023674964905 0.675023674964905 
0.675023674964905 0.675023674964905 0.675023674964905 0.675023674964905 
0.675023674964905 0.675023674964905 0.675023674964905 0.675023674964905 
0.675023674964905 0.675023674964905 0.675023674964905 0.675023674964905 
0.675023674964905 0.675023674964905 0.675023674964905 0.675023674964905 
0.675023674964905 0.675023674964905 0.675023674964905 0.675023674964905 
0.675023674964905 0.675023674964905 0.675023674964905 0.675023674964905 
0.675023674964905 0.675023674964905 0.675023674964905 0.675023674964905 
0.675023674964905 0.675023674964905 0.675023674964905 0.675023674964905
##$RECO_byte_order=littleEndian
$$ @vis= RECO_maxima RECO_map_min RECO_map_max RECO_map_offset RECO_map_slope
##$RECO_time=( 24 )
<22:45:09 24 Jul 2014>
##$RECO_abs_time=1406256309
##$RECO_base_image_uid=( 65 )
<2.16.756.5.5.100.278412266.14994.1406256923.1411>
$$ @vis= RECO_byte_order RECO_time RECO_abs_time RECO_base_image_uid
##$GS_reco_display=Yes
##$GO_reco_display=Yes
##$GO_reco_each_nr=No
$$ @vis= RecoRegridNGroup GS_reco_display RECO_GS GO_reco_display
##$GO_max_reco_mem=0
$$ @vis= GO_reco_each_nr GO_max_reco_mem RECO_GO RECO
##END=
