##TITLE=Parameter List
##JCAMPDX=4.24
##DATATYPE=Parameter Values
##ORIGIN=Bruker BioSpin MRI GmbH
##OWNER=ryan
$$ Thu Jul 24 22:55:23 2014 EDT (UT-4h)  ryan
$$ /opt/PV5.1/data/ryan/nmr/RMD266.qU1/42/pdata/1/visu_pars
##$VisuVersion=1
##$VisuUid=( 65 )
<2.16.756.5.5.100.278412266.14994.1406256923.1411>
##$VisuCreator=( 65 )
<ParaVision>
##$VisuCreatorVersion=( 65 )
<5.1>
##$VisuCreationDate=( 21 )
<22:45:09 24 Jul 2014>
$$ @vis= VisuVersion VisuUid VisuCreator VisuCreatorVersion VisuCreationDate
##$VisuCoreFrameCount=320
##$VisuCoreDim=1
##$VisuCoreSize=( 1 )
32
##$VisuCoreDimDesc=( 1 )
spectroscopic
$$ @vis= VisuInstance VisuCoreFrameCount VisuCoreDim VisuCoreSize
##$VisuCoreExtent=( 1 )
73.2537575754844
##$VisuCoreUnits=( 1, 65 )
<ppm>
##$VisuCoreDataMin=( 320 )
0 0 0 0 0 0 0 0 0 0 0 0 0 0 0 0 0 0 0 0 0 0 0 0 0 0 0 0 0 0 0 0 0 0 0 0 0 0 0 
0 0 0 0 0 0 0 0 0 0 0 0 0 0 0 0 0 0 0 0 0 0 0 0 0 0 0 0 0 0 0 0 0 0 0 0 0 0 0 
0 0 0 0 0 0 0 0 0 0 0 0 0 0 0 0 0 0 0 0 0 0 0 0 0 0 0 0 0 0 0 0 0 0 0 0 0 0 0 
0 0 0 0 0 0 0 0 0 0 0 0 0 0 0 0 0 0 0 0 0 0 0 0 0 0 0 0 0 0 0 0 0 0 0 0 0 0 0 
0 0 0 0 0 0 0 0 0 0 0 0 0 0 0 0 0 0 0 0 0 0 0 0 0 0 0 0 0 0 0 0 0 0 0 0 0 0 0 
0 0 0 0 0 0 0 0 0 0 0 0 0 0 0 0 0 0 0 0 0 0 0 0 0 0 0 0 0 0 0 0 0 0 0 0 0 0 0 
0 0 0 0 0 0 0 0 0 0 0 0 0 0 0 0 0 0 0 0 0 0 0 0 0 0 0 0 0 0 0 0 0 0 0 0 0 0 0 
0 0 0 0 0 0 0 0 0 0 0 0 0 0 0 0 0 0 0 0 0 0 0 0 0 0 0 0 0 0 0 0 0 0 0 0 0 0 0 
0 0 0 0 0 0 0 0
##$VisuCoreDataMax=( 320 )
50 50 6871 5218 56 106 8507 7146 74 70 10695 8831 70 75 12321 10698 69 92 
13023 11030 99 77 17115 14538 93 114 15838 14316 204 228 31820 28529 203 180 
32658 27517 124 93 15846 13218 78 97 16336 14518 85 101 12033 11594 85 68 
12246 10770 49 64 10006 9386 68 70 7990 7282 50 60 6196 6029 66 47 6897 5210 
49 71 8503 7143 70 56 10669 8823 60 94 12325 10747 66 65 13023 11073 80 91 
17030 14523 89 139 15932 14147 171 213 31772 28528 223 194 32470 27748 130 84 
16008 13078 86 85 16282 14527 76 83 12030 11586 74 64 12221 10778 75 64 9972 
9347 56 57 7978 7210 68 51 6210 6023 59 58 6905 5173 60 60 8469 7147 69 56 
10683 8797 84 83 12338 10651 54 62 13015 11018 85 98 17040 14490 72 105 15853 
14231 176 203 31921 28428 220 184 32767 27375 138 90 15912 13135 100 73 16349 
14459 66 74 12007 11532 83 56 12253 10695 85 64 9959 9322 58 43 7992 7198 78 
49 6254 6044 66 37 6887 5209 62 60 8495 7129 56 64 10639 8809 71 72 12361 
10722 74 72 12995 11080 78 87 17115 14603 99 139 15800 14236 188 216 31647 
28591 242 167 32401 27699 102 78 15929 13064 76 83 16313 14601 76 94 12024 
11518 78 55 12221 10731 60 73 9974 9340 54 60 7993 7211 52 52 6218 6013 72 54 
6875 5192 55 62 8483 7091 66 57 10651 8802 57 75 12338 10742 62 73 12984 
11077 86 84 17010 14495 110 132 15832 14257 197 224 31811 28503 244 167 32561 
27472 118 103 15913 13169 100 91 16323 14513 64 66 12037 11497 72 58 12285 
10734 64 64 9972 9327 45 53 7970 7217 54 55 6223 6071
$$ @vis= VisuCoreDimDesc VisuCoreExtent VisuCoreUnits VisuCoreDataMin
##$VisuCoreDataOffs=( 320 )
0 0 0 0 0 0 0 0 0 0 0 0 0 0 0 0 0 0 0 0 0 0 0 0 0 0 0 0 0 0 0 0 0 0 0 0 0 0 0 
0 0 0 0 0 0 0 0 0 0 0 0 0 0 0 0 0 0 0 0 0 0 0 0 0 0 0 0 0 0 0 0 0 0 0 0 0 0 0 
0 0 0 0 0 0 0 0 0 0 0 0 0 0 0 0 0 0 0 0 0 0 0 0 0 0 0 0 0 0 0 0 0 0 0 0 0 0 0 
0 0 0 0 0 0 0 0 0 0 0 0 0 0 0 0 0 0 0 0 0 0 0 0 0 0 0 0 0 0 0 0 0 0 0 0 0 0 0 
0 0 0 0 0 0 0 0 0 0 0 0 0 0 0 0 0 0 0 0 0 0 0 0 0 0 0 0 0 0 0 0 0 0 0 0 0 0 0 
0 0 0 0 0 0 0 0 0 0 0 0 0 0 0 0 0 0 0 0 0 0 0 0 0 0 0 0 0 0 0 0 0 0 0 0 0 0 0 
0 0 0 0 0 0 0 0 0 0 0 0 0 0 0 0 0 0 0 0 0 0 0 0 0 0 0 0 0 0 0 0 0 0 0 0 0 0 0 
0 0 0 0 0 0 0 0 0 0 0 0 0 0 0 0 0 0 0 0 0 0 0 0 0 0 0 0 0 0 0 0 0 0 0 0 0 0 0 
0 0 0 0 0 0 0 0
##$VisuCoreDataSlope=( 320 )
1.48142952178972 1.48142952178972 1.48142952178972 1.48142952178972 
1.48142952178972 1.48142952178972 1.48142952178972 1.48142952178972 
1.48142952178972 1.48142952178972 1.48142952178972 1.48142952178972 
1.48142952178972 1.48142952178972 1.48142952178972 1.48142952178972 
1.48142952178972 1.48142952178972 1.48142952178972 1.48142952178972 
1.48142952178972 1.48142952178972 1.48142952178972 1.48142952178972 
1.48142952178972 1.48142952178972 1.48142952178972 1.48142952178972 
1.48142952178972 1.48142952178972 1.48142952178972 1.48142952178972 
1.48142952178972 1.48142952178972 1.48142952178972 1.48142952178972 
1.48142952178972 1.48142952178972 1.48142952178972 1.48142952178972 
1.48142952178972 1.48142952178972 1.48142952178972 1.48142952178972 
1.48142952178972 1.48142952178972 1.48142952178972 1.48142952178972 
1.48142952178972 1.48142952178972 1.48142952178972 1.48142952178972 
1.48142952178972 1.48142952178972 1.48142952178972 1.48142952178972 
1.48142952178972 1.48142952178972 1.48142952178972 1.48142952178972 
1.48142952178972 1.48142952178972 1.48142952178972 1.48142952178972 
1.48142952178972 1.48142952178972 1.48142952178972 1.48142952178972 
1.48142952178972 1.48142952178972 1.48142952178972 1.48142952178972 
1.48142952178972 1.48142952178972 1.48142952178972 1.48142952178972 
1.48142952178972 1.48142952178972 1.48142952178972 1.48142952178972 
1.48142952178972 1.48142952178972 1.48142952178972 1.48142952178972 
1.48142952178972 1.48142952178972 1.48142952178972 1.48142952178972 
1.48142952178972 1.48142952178972 1.48142952178972 1.48142952178972 
1.48142952178972 1.48142952178972 1.48142952178972 1.48142952178972 
1.48142952178972 1.48142952178972 1.48142952178972 1.48142952178972 
1.48142952178972 1.48142952178972 1.48142952178972 1.48142952178972 
1.48142952178972 1.48142952178972 1.48142952178972 1.48142952178972 
1.48142952178972 1.48142952178972 1.48142952178972 1.48142952178972 
1.48142952178972 1.48142952178972 1.48142952178972 1.48142952178972 
1.48142952178972 1.48142952178972 1.48142952178972 1.48142952178972 
1.48142952178972 1.48142952178972 1.48142952178972 1.48142952178972 
1.48142952178972 1.48142952178972 1.48142952178972 1.48142952178972 
1.48142952178972 1.48142952178972 1.48142952178972 1.48142952178972 
1.48142952178972 1.48142952178972 1.48142952178972 1.48142952178972 
1.48142952178972 1.48142952178972 1.48142952178972 1.48142952178972 
1.48142952178972 1.48142952178972 1.48142952178972 1.48142952178972 
1.48142952178972 1.48142952178972 1.48142952178972 1.48142952178972 
1.48142952178972 1.48142952178972 1.48142952178972 1.48142952178972 
1.48142952178972 1.48142952178972 1.48142952178972 1.48142952178972 
1.48142952178972 1.48142952178972 1.48142952178972 1.48142952178972 
1.48142952178972 1.48142952178972 1.48142952178972 1.48142952178972 
1.48142952178972 1.48142952178972 1.48142952178972 1.48142952178972 
1.48142952178972 1.48142952178972 1.48142952178972 1.48142952178972 
1.48142952178972 1.48142952178972 1.48142952178972 1.48142952178972 
1.48142952178972 1.48142952178972 1.48142952178972 1.48142952178972 
1.48142952178972 1.48142952178972 1.48142952178972 1.48142952178972 
1.48142952178972 1.48142952178972 1.48142952178972 1.48142952178972 
1.48142952178972 1.48142952178972 1.48142952178972 1.48142952178972 
1.48142952178972 1.48142952178972 1.48142952178972 1.48142952178972 
1.48142952178972 1.48142952178972 1.48142952178972 1.48142952178972 
1.48142952178972 1.48142952178972 1.48142952178972 1.48142952178972 
1.48142952178972 1.48142952178972 1.48142952178972 1.48142952178972 
1.48142952178972 1.48142952178972 1.48142952178972 1.48142952178972 
1.48142952178972 1.48142952178972 1.48142952178972 1.48142952178972 
1.48142952178972 1.48142952178972 1.48142952178972 1.48142952178972 
1.48142952178972 1.48142952178972 1.48142952178972 1.48142952178972 
1.48142952178972 1.48142952178972 1.48142952178972 1.48142952178972 
1.48142952178972 1.48142952178972 1.48142952178972 1.48142952178972 
1.48142952178972 1.48142952178972 1.48142952178972 1.48142952178972 
1.48142952178972 1.48142952178972 1.48142952178972 1.48142952178972 
1.48142952178972 1.48142952178972 1.48142952178972 1.48142952178972 
1.48142952178972 1.48142952178972 1.48142952178972 1.48142952178972 
1.48142952178972 1.48142952178972 1.48142952178972 1.48142952178972 
1.48142952178972 1.48142952178972 1.48142952178972 1.48142952178972 
1.48142952178972 1.48142952178972 1.48142952178972 1.48142952178972 
1.48142952178972 1.48142952178972 1.48142952178972 1.48142952178972 
1.48142952178972 1.48142952178972 1.48142952178972 1.48142952178972 
1.48142952178972 1.48142952178972 1.48142952178972 1.48142952178972 
1.48142952178972 1.48142952178972 1.48142952178972 1.48142952178972 
1.48142952178972 1.48142952178972 1.48142952178972 1.48142952178972 
1.48142952178972 1.48142952178972 1.48142952178972 1.48142952178972 
1.48142952178972 1.48142952178972 1.48142952178972 1.48142952178972 
1.48142952178972 1.48142952178972 1.48142952178972 1.48142952178972 
1.48142952178972 1.48142952178972 1.48142952178972 1.48142952178972 
1.48142952178972 1.48142952178972 1.48142952178972 1.48142952178972 
1.48142952178972 1.48142952178972 1.48142952178972 1.48142952178972 
1.48142952178972 1.48142952178972 1.48142952178972 1.48142952178972 
1.48142952178972 1.48142952178972 1.48142952178972 1.48142952178972 
1.48142952178972 1.48142952178972 1.48142952178972 1.48142952178972 
1.48142952178972 1.48142952178972 1.48142952178972 1.48142952178972
##$VisuCoreFrameType=MAGNITUDE_IMAGE
$$ @vis= VisuCoreDataMax VisuCoreDataOffs VisuCoreDataSlope VisuCoreFrameType
##$VisuCoreWordType=_16BIT_SGN_INT
##$VisuCoreByteOrder=littleEndian
##$VisuFGOrderDescDim=1
$$ @vis= VisuCore VisuCoreWordType VisuCoreByteOrder VisuPixel
##$VisuFGOrderDesc=( 1 )
(320, <FG_CYCLE>, <>, 0, 0)
##$VisuSubjectName=( 65 )
<RMD266>
##$VisuSubjectId=( 65 )
<RMD266>
$$ @vis= VisuFGOrderDescDim VisuFGOrderDesc VisuFrameOrderDesc VisuSubjectName
##$VisuSubjectBirthDate=( 9 )
<>
##$VisuSubjectSex=FEMALE
##$VisuSubjectComment=( 2048 )
<>
$$ @vis= VisuSubjectId VisuSubjectBirthDate VisuSubjectSex VisuSubjectComment
##$VisuStudyUid=( 65 )
<2.16.756.5.5.100.278412266.26954.1406218880.603>
##$VisuStudyDate=( 21 )
<13:21:20 24 Jul 2014>
##$VisuStudyId=( 65 )
<RMD266>
##$VisuStudyNumber=1
##$VisuSubjectWeight=5
$$ @vis= VisuSubject VisuStudyUid VisuStudyDate VisuStudyId VisuStudyNumber
##$VisuStudyReferringPhysician=( 65 )
<>
##$VisuStudyDescription=( 65 )
<>
$$ @vis= VisuSubjectWeight VisuStudyReferringPhysician VisuStudyDescription
##$VisuSeriesNumber=2752513
##$VisuSubjectPosition=Head_Supine
##$VisuSeriesTypeId=( 65 )
<ACQ_USER_PVM>
$$ @vis= VisuStudy VisuSeriesNumber VisuSubjectPosition VisuSeriesTypeId
##$VisuAcqSoftwareVersion=( 65 )
<5.1>
##$VisuInstitution=( 65 )
<Duke University Biospec 70/20>
##$VisuStation=( 65 )
<spect>
$$ @vis= VisuSeries VisuAcqSoftwareVersion VisuInstitution VisuStation
##$VisuAcqDate=( 21 )
<22:45:09 24 Jul 2014>
##$VisuAcqEchoTrainLength=1
##$VisuAcqSequenceName=( 40 )
<rMD_HOT (pvm)>
##$VisuAcqNumberOfAverages=4
$$ @vis= VisuEquipment VisuAcqDate VisuAcqEchoTrainLength VisuAcqSequenceName
##$VisuAcqImagingFrequency=300.339542
##$VisuAcqImagedNucleus=( 8 )
<1H>
##$VisuAcqRepetitionTime=( 1 )
1880
$$ @vis= VisuAcqNumberOfAverages VisuAcqImagingFrequency VisuAcqImagedNucleus
##$VisuAcqFlipAngle=90
##$VisuAcqEchoTime=( 1 )
0
##$VisuAcquisitionProtocol=( 65 )
<RMD_HOT_RBM_RARE_ZQSQ2>
$$ @vis= VisuAcqRepetitionTime VisuAcqFlipAngle VisuAcqEchoTime
##$VisuAcqScanTime=601600
$$ @vis= VisuAcquisitionProtocol VisuAcqScanTime VisuAcquisition Visu
##END=
