##TITLE=Parameter List
##JCAMPDX=4.24
##DATATYPE=Parameter Values
##ORIGIN=Bruker BioSpin MRI GmbH
##OWNER=ryan
$$ Thu Jul 24 23:47:37 2014 EDT (UT-4h)  ryan
$$ /opt/PV5.1/data/ryan/nmr/RMD266.qU1/47/pdata/1/visu_pars
##$VisuVersion=1
##$VisuUid=( 65 )
<2.16.756.5.5.100.278412266.14994.1406260057.1811>
##$VisuCreator=( 65 )
<ParaVision>
##$VisuCreatorVersion=( 65 )
<5.1>
##$VisuCreationDate=( 21 )
<23:37:23 24 Jul 2014>
$$ @vis= VisuVersion VisuUid VisuCreator VisuCreatorVersion VisuCreationDate
##$VisuCoreFrameCount=320
##$VisuCoreDim=1
##$VisuCoreSize=( 1 )
32
##$VisuCoreDimDesc=( 1 )
spectroscopic
$$ @vis= VisuInstance VisuCoreFrameCount VisuCoreDim VisuCoreSize
##$VisuCoreExtent=( 1 )
73.2537575754844
##$VisuCoreUnits=( 1, 65 )
<ppm>
##$VisuCoreDataMin=( 320 )
0 0 0 0 0 0 0 0 0 0 0 0 0 0 0 0 0 0 0 0 0 0 0 0 0 0 0 0 0 0 0 0 0 0 0 0 0 0 0 
0 0 0 0 0 0 0 0 0 0 0 0 0 0 0 0 0 0 0 0 0 0 0 0 0 0 0 0 0 0 0 0 0 0 0 0 0 0 0 
0 0 0 0 0 0 0 0 0 0 0 0 0 0 0 0 0 0 0 0 0 0 0 0 0 0 0 0 0 0 0 0 0 0 0 0 0 0 0 
0 0 0 0 0 0 0 0 0 0 0 0 0 0 0 0 0 0 0 0 0 0 0 0 0 0 0 0 0 0 0 0 0 0 0 0 0 0 0 
0 0 0 0 0 0 0 0 0 0 0 0 0 0 0 0 0 0 0 0 0 0 0 0 0 0 0 0 0 0 0 0 0 0 0 0 0 0 0 
0 0 0 0 0 0 0 0 0 0 0 0 0 0 0 0 0 0 0 0 0 0 0 0 0 0 0 0 0 0 0 0 0 0 0 0 0 0 0 
0 0 0 0 0 0 0 0 0 0 0 0 0 0 0 0 0 0 0 0 0 0 0 0 0 0 0 0 0 0 0 0 0 0 0 0 0 0 0 
0 0 0 0 0 0 0 0 0 0 0 0 0 0 0 0 0 0 0 0 0 0 0 0 0 0 0 0 0 0 0 0 0 0 0 0 0 0 0 
0 0 0 0 0 0 0 0
##$VisuCoreDataMax=( 320 )
130 129 7044 6736 138 109 8883 8480 176 117 11102 10612 205 113 13167 12158 
145 200 13366 12988 176 157 17407 15832 180 270 16161 14683 344 365 32331 
30009 406 318 32767 28808 251 223 15819 13900 137 138 17017 15351 156 159 
13052 12437 153 133 13033 11971 153 137 11063 10219 111 135 8836 7994 109 114 
7556 6283 143 146 7238 6677 135 137 8930 8340 116 135 11243 10588 124 186 
13135 12166 108 156 13365 13081 192 170 17611 15804 213 283 16122 14747 379 
427 32657 29733 342 339 32562 28877 235 180 15816 13838 143 146 17063 15413 
145 151 13028 12359 137 172 13148 11842 165 173 11042 10199 143 109 8832 8015 
135 125 7503 6236 143 137 7100 6749 124 159 8927 8327 173 149 11161 10616 121 
143 13114 12139 146 215 13417 12998 137 207 17473 15834 167 232 16253 14681 
353 355 32505 29864 404 306 32669 28743 264 154 15914 13817 186 167 17063 
15474 154 141 13100 12445 205 103 13145 11974 119 165 10993 10154 143 89 8764 
7991 129 108 7511 6223 119 121 7081 6727 130 114 8872 8356 121 172 11026 
10529 161 164 13137 12132 159 216 13390 12984 153 162 17417 15819 184 235 
16326 14630 435 414 32446 29931 436 379 32602 28893 229 200 15831 13824 141 
181 17071 15464 161 133 13111 12518 168 116 13097 11933 145 133 11074 10234 
124 125 8767 7957 133 137 7536 6266 92 161 7042 6703 111 196 8877 8297 135 
141 11115 10565 119 157 13133 12096 132 197 13419 12944 229 181 17388 15772 
232 280 16129 14742 345 403 32422 29908 432 341 32642 28767 248 192 15853 
13973 188 165 17249 15780 161 146 13079 12513 148 325 13304 12030 103 184 
10924 10084 122 125 8805 8137 146 124 7559 6166
$$ @vis= VisuCoreDimDesc VisuCoreExtent VisuCoreUnits VisuCoreDataMin
##$VisuCoreDataOffs=( 320 )
0 0 0 0 0 0 0 0 0 0 0 0 0 0 0 0 0 0 0 0 0 0 0 0 0 0 0 0 0 0 0 0 0 0 0 0 0 0 0 
0 0 0 0 0 0 0 0 0 0 0 0 0 0 0 0 0 0 0 0 0 0 0 0 0 0 0 0 0 0 0 0 0 0 0 0 0 0 0 
0 0 0 0 0 0 0 0 0 0 0 0 0 0 0 0 0 0 0 0 0 0 0 0 0 0 0 0 0 0 0 0 0 0 0 0 0 0 0 
0 0 0 0 0 0 0 0 0 0 0 0 0 0 0 0 0 0 0 0 0 0 0 0 0 0 0 0 0 0 0 0 0 0 0 0 0 0 0 
0 0 0 0 0 0 0 0 0 0 0 0 0 0 0 0 0 0 0 0 0 0 0 0 0 0 0 0 0 0 0 0 0 0 0 0 0 0 0 
0 0 0 0 0 0 0 0 0 0 0 0 0 0 0 0 0 0 0 0 0 0 0 0 0 0 0 0 0 0 0 0 0 0 0 0 0 0 0 
0 0 0 0 0 0 0 0 0 0 0 0 0 0 0 0 0 0 0 0 0 0 0 0 0 0 0 0 0 0 0 0 0 0 0 0 0 0 0 
0 0 0 0 0 0 0 0 0 0 0 0 0 0 0 0 0 0 0 0 0 0 0 0 0 0 0 0 0 0 0 0 0 0 0 0 0 0 0 
0 0 0 0 0 0 0 0
##$VisuCoreDataSlope=( 320 )
0.627307964050112 0.627307964050112 0.627307964050112 0.627307964050112 
0.627307964050112 0.627307964050112 0.627307964050112 0.627307964050112 
0.627307964050112 0.627307964050112 0.627307964050112 0.627307964050112 
0.627307964050112 0.627307964050112 0.627307964050112 0.627307964050112 
0.627307964050112 0.627307964050112 0.627307964050112 0.627307964050112 
0.627307964050112 0.627307964050112 0.627307964050112 0.627307964050112 
0.627307964050112 0.627307964050112 0.627307964050112 0.627307964050112 
0.627307964050112 0.627307964050112 0.627307964050112 0.627307964050112 
0.627307964050112 0.627307964050112 0.627307964050112 0.627307964050112 
0.627307964050112 0.627307964050112 0.627307964050112 0.627307964050112 
0.627307964050112 0.627307964050112 0.627307964050112 0.627307964050112 
0.627307964050112 0.627307964050112 0.627307964050112 0.627307964050112 
0.627307964050112 0.627307964050112 0.627307964050112 0.627307964050112 
0.627307964050112 0.627307964050112 0.627307964050112 0.627307964050112 
0.627307964050112 0.627307964050112 0.627307964050112 0.627307964050112 
0.627307964050112 0.627307964050112 0.627307964050112 0.627307964050112 
0.627307964050112 0.627307964050112 0.627307964050112 0.627307964050112 
0.627307964050112 0.627307964050112 0.627307964050112 0.627307964050112 
0.627307964050112 0.627307964050112 0.627307964050112 0.627307964050112 
0.627307964050112 0.627307964050112 0.627307964050112 0.627307964050112 
0.627307964050112 0.627307964050112 0.627307964050112 0.627307964050112 
0.627307964050112 0.627307964050112 0.627307964050112 0.627307964050112 
0.627307964050112 0.627307964050112 0.627307964050112 0.627307964050112 
0.627307964050112 0.627307964050112 0.627307964050112 0.627307964050112 
0.627307964050112 0.627307964050112 0.627307964050112 0.627307964050112 
0.627307964050112 0.627307964050112 0.627307964050112 0.627307964050112 
0.627307964050112 0.627307964050112 0.627307964050112 0.627307964050112 
0.627307964050112 0.627307964050112 0.627307964050112 0.627307964050112 
0.627307964050112 0.627307964050112 0.627307964050112 0.627307964050112 
0.627307964050112 0.627307964050112 0.627307964050112 0.627307964050112 
0.627307964050112 0.627307964050112 0.627307964050112 0.627307964050112 
0.627307964050112 0.627307964050112 0.627307964050112 0.627307964050112 
0.627307964050112 0.627307964050112 0.627307964050112 0.627307964050112 
0.627307964050112 0.627307964050112 0.627307964050112 0.627307964050112 
0.627307964050112 0.627307964050112 0.627307964050112 0.627307964050112 
0.627307964050112 0.627307964050112 0.627307964050112 0.627307964050112 
0.627307964050112 0.627307964050112 0.627307964050112 0.627307964050112 
0.627307964050112 0.627307964050112 0.627307964050112 0.627307964050112 
0.627307964050112 0.627307964050112 0.627307964050112 0.627307964050112 
0.627307964050112 0.627307964050112 0.627307964050112 0.627307964050112 
0.627307964050112 0.627307964050112 0.627307964050112 0.627307964050112 
0.627307964050112 0.627307964050112 0.627307964050112 0.627307964050112 
0.627307964050112 0.627307964050112 0.627307964050112 0.627307964050112 
0.627307964050112 0.627307964050112 0.627307964050112 0.627307964050112 
0.627307964050112 0.627307964050112 0.627307964050112 0.627307964050112 
0.627307964050112 0.627307964050112 0.627307964050112 0.627307964050112 
0.627307964050112 0.627307964050112 0.627307964050112 0.627307964050112 
0.627307964050112 0.627307964050112 0.627307964050112 0.627307964050112 
0.627307964050112 0.627307964050112 0.627307964050112 0.627307964050112 
0.627307964050112 0.627307964050112 0.627307964050112 0.627307964050112 
0.627307964050112 0.627307964050112 0.627307964050112 0.627307964050112 
0.627307964050112 0.627307964050112 0.627307964050112 0.627307964050112 
0.627307964050112 0.627307964050112 0.627307964050112 0.627307964050112 
0.627307964050112 0.627307964050112 0.627307964050112 0.627307964050112 
0.627307964050112 0.627307964050112 0.627307964050112 0.627307964050112 
0.627307964050112 0.627307964050112 0.627307964050112 0.627307964050112 
0.627307964050112 0.627307964050112 0.627307964050112 0.627307964050112 
0.627307964050112 0.627307964050112 0.627307964050112 0.627307964050112 
0.627307964050112 0.627307964050112 0.627307964050112 0.627307964050112 
0.627307964050112 0.627307964050112 0.627307964050112 0.627307964050112 
0.627307964050112 0.627307964050112 0.627307964050112 0.627307964050112 
0.627307964050112 0.627307964050112 0.627307964050112 0.627307964050112 
0.627307964050112 0.627307964050112 0.627307964050112 0.627307964050112 
0.627307964050112 0.627307964050112 0.627307964050112 0.627307964050112 
0.627307964050112 0.627307964050112 0.627307964050112 0.627307964050112 
0.627307964050112 0.627307964050112 0.627307964050112 0.627307964050112 
0.627307964050112 0.627307964050112 0.627307964050112 0.627307964050112 
0.627307964050112 0.627307964050112 0.627307964050112 0.627307964050112 
0.627307964050112 0.627307964050112 0.627307964050112 0.627307964050112 
0.627307964050112 0.627307964050112 0.627307964050112 0.627307964050112 
0.627307964050112 0.627307964050112 0.627307964050112 0.627307964050112 
0.627307964050112 0.627307964050112 0.627307964050112 0.627307964050112 
0.627307964050112 0.627307964050112 0.627307964050112 0.627307964050112 
0.627307964050112 0.627307964050112 0.627307964050112 0.627307964050112 
0.627307964050112 0.627307964050112 0.627307964050112 0.627307964050112 
0.627307964050112 0.627307964050112 0.627307964050112 0.627307964050112 
0.627307964050112 0.627307964050112 0.627307964050112 0.627307964050112 
0.627307964050112 0.627307964050112 0.627307964050112 0.627307964050112 
0.627307964050112 0.627307964050112 0.627307964050112 0.627307964050112 
0.627307964050112 0.627307964050112 0.627307964050112 0.627307964050112
##$VisuCoreFrameType=MAGNITUDE_IMAGE
$$ @vis= VisuCoreDataMax VisuCoreDataOffs VisuCoreDataSlope VisuCoreFrameType
##$VisuCoreWordType=_16BIT_SGN_INT
##$VisuCoreByteOrder=littleEndian
##$VisuFGOrderDescDim=1
$$ @vis= VisuCore VisuCoreWordType VisuCoreByteOrder VisuPixel
##$VisuFGOrderDesc=( 1 )
(320, <FG_CYCLE>, <>, 0, 0)
##$VisuSubjectName=( 65 )
<RMD266>
##$VisuSubjectId=( 65 )
<RMD266>
$$ @vis= VisuFGOrderDescDim VisuFGOrderDesc VisuFrameOrderDesc VisuSubjectName
##$VisuSubjectBirthDate=( 9 )
<>
##$VisuSubjectSex=FEMALE
##$VisuSubjectComment=( 2048 )
<>
$$ @vis= VisuSubjectId VisuSubjectBirthDate VisuSubjectSex VisuSubjectComment
##$VisuStudyUid=( 65 )
<2.16.756.5.5.100.278412266.26954.1406218880.603>
##$VisuStudyDate=( 21 )
<13:21:20 24 Jul 2014>
##$VisuStudyId=( 65 )
<RMD266>
##$VisuStudyNumber=1
##$VisuSubjectWeight=5
$$ @vis= VisuSubject VisuStudyUid VisuStudyDate VisuStudyId VisuStudyNumber
##$VisuStudyReferringPhysician=( 65 )
<>
##$VisuStudyDescription=( 65 )
<>
$$ @vis= VisuSubjectWeight VisuStudyReferringPhysician VisuStudyDescription
##$VisuSeriesNumber=3080193
##$VisuSubjectPosition=Head_Supine
##$VisuSeriesTypeId=( 65 )
<ACQ_USER_PVM>
$$ @vis= VisuStudy VisuSeriesNumber VisuSubjectPosition VisuSeriesTypeId
##$VisuAcqSoftwareVersion=( 65 )
<5.1>
##$VisuInstitution=( 65 )
<Duke University Biospec 70/20>
##$VisuStation=( 65 )
<spect>
$$ @vis= VisuSeries VisuAcqSoftwareVersion VisuInstitution VisuStation
##$VisuAcqDate=( 21 )
<23:37:23 24 Jul 2014>
##$VisuAcqEchoTrainLength=1
##$VisuAcqSequenceName=( 40 )
<rMD_HOT (pvm)>
##$VisuAcqNumberOfAverages=4
$$ @vis= VisuEquipment VisuAcqDate VisuAcqEchoTrainLength VisuAcqSequenceName
##$VisuAcqImagingFrequency=300.339542
##$VisuAcqImagedNucleus=( 8 )
<1H>
##$VisuAcqRepetitionTime=( 1 )
1880
$$ @vis= VisuAcqNumberOfAverages VisuAcqImagingFrequency VisuAcqImagedNucleus
##$VisuAcqFlipAngle=90
##$VisuAcqEchoTime=( 1 )
0
##$VisuAcquisitionProtocol=( 65 )
<RMD_HOT_RBM_RARE_ZQSQ2>
$$ @vis= VisuAcqRepetitionTime VisuAcqFlipAngle VisuAcqEchoTime
##$VisuAcqScanTime=601600
$$ @vis= VisuAcquisitionProtocol VisuAcqScanTime VisuAcquisition Visu
##END=
