##TITLE=Parameter List
##JCAMPDX=4.24
##DATATYPE=Parameter Values
##ORIGIN=Bruker BioSpin MRI GmbH
##OWNER=ryan
$$ Fri Sep  5 13:18:03 2014 EDT (UT-4h)  ryan
$$ /opt/PV5.1/data/ryan/nmr/RMD279.rB1/5/pdata/1/visu_pars
##$VisuVersion=1
##$VisuUid=( 65 )
<2.16.756.5.5.100.278412266.5306.1409937483.1568>
##$VisuCreator=( 65 )
<ParaVision>
##$VisuCreatorVersion=( 65 )
<5.1>
##$VisuCreationDate=( 21 )
<13:16:33  5 Sep 2014>
$$ @vis= VisuVersion VisuUid VisuCreator VisuCreatorVersion VisuCreationDate
##$VisuCoreFrameCount=3
##$VisuCoreDim=2
##$VisuCoreSize=( 2 )
128 128
##$VisuCoreDimDesc=( 2 )
spatial spatial
$$ @vis= VisuInstance VisuCoreFrameCount VisuCoreDim VisuCoreSize
##$VisuCoreExtent=( 2 )
35 35
##$VisuCoreFrameThickness=( 1 )
2
##$VisuCoreUnits=( 2, 65 )
<mm> <mm>
##$VisuCoreOrientation=( 3, 9 )
1 0 0 0 1 0 0 0 1 1 0 0 0 1 0 0 0 1 1 0 0 0 1 0 0 0 1
$$ @vis= VisuCoreDimDesc VisuCoreExtent VisuCoreFrameThickness VisuCoreUnits
##$VisuCorePosition=( 3, 3 )
-17.5 -17.5 -4 -17.5 -17.5 0 -17.5 -17.5 4
##$VisuCoreDataMin=( 3 )
0 0 0
##$VisuCoreDataMax=( 3 )
32263 32767 32138
##$VisuCoreDataOffs=( 3 )
0 0 0
$$ @vis= VisuCoreOrientation VisuCorePosition VisuCoreDataMin VisuCoreDataMax
##$VisuCoreDataSlope=( 3 )
10.2040469895879 10.2040469895879 10.2040469895879
##$VisuCoreFrameType=MAGNITUDE_IMAGE
##$VisuCoreWordType=_16BIT_SGN_INT
$$ @vis= VisuCoreDataOffs VisuCoreDataSlope VisuCoreFrameType VisuCore
##$VisuCoreByteOrder=littleEndian
##$VisuFGOrderDescDim=1
##$VisuFGOrderDesc=( 1 )
(3, <FG_SLICE>, <>, 0, 2)
$$ @vis= VisuCoreWordType VisuCoreByteOrder VisuPixel VisuFGOrderDescDim
##$VisuGroupDepVals=( 2 )
(<VisuCoreOrientation>, 0) (<VisuCorePosition>, 0)
##$VisuSubjectName=( 65 )
<RMD279>
##$VisuSubjectId=( 65 )
<RMD279>
$$ @vis= VisuFGOrderDesc VisuGroupDepVals VisuFrameOrderDesc VisuSubjectName
##$VisuSubjectBirthDate=( 9 )
<>
##$VisuSubjectSex=FEMALE
##$VisuSubjectComment=( 2048 )
<>
$$ @vis= VisuSubjectId VisuSubjectBirthDate VisuSubjectSex VisuSubjectComment
##$VisuStudyUid=( 65 )
<2.16.756.5.5.100.278412266.27564.1409936216.3040>
##$VisuStudyDate=( 21 )
<13:56:56  5 Sep 2014>
##$VisuStudyId=( 65 )
<RMD279>
##$VisuStudyNumber=1
##$VisuSubjectWeight=5
$$ @vis= VisuSubject VisuStudyUid VisuStudyDate VisuStudyId VisuStudyNumber
##$VisuStudyReferringPhysician=( 65 )
<>
##$VisuStudyDescription=( 65 )
<>
$$ @vis= VisuSubjectWeight VisuStudyReferringPhysician VisuStudyDescription
##$VisuSeriesNumber=327681
##$VisuSubjectPosition=Head_Supine
##$VisuSeriesTypeId=( 65 )
<ACQ_BRUKER_PVM>
$$ @vis= VisuStudy VisuSeriesNumber VisuSubjectPosition VisuSeriesTypeId
##$VisuAcqSoftwareVersion=( 65 )
<5.1>
##$VisuInstitution=( 65 )
<Duke University Biospec 70/20>
##$VisuStation=( 65 )
<spect>
$$ @vis= VisuSeries VisuAcqSoftwareVersion VisuInstitution VisuStation
##$VisuAcqDate=( 21 )
<13:16:33  5 Sep 2014>
##$VisuAcqEchoTrainLength=8
##$VisuAcqSequenceName=( 40 )
<RARE (pvm)>
##$VisuAcqNumberOfAverages=1
$$ @vis= VisuEquipment VisuAcqDate VisuAcqEchoTrainLength VisuAcqSequenceName
##$VisuAcqImagingFrequency=300.340568708977
##$VisuAcqImagedNucleus=( 8 )
<1H>
##$VisuAcqRepetitionTime=( 1 )
5000
$$ @vis= VisuAcqNumberOfAverages VisuAcqImagingFrequency VisuAcqImagedNucleus
##$VisuAcqPhaseEncSteps=128
##$VisuAcqPixelBandwidth=390.625
##$VisuAcqFlipAngle=180
$$ @vis= VisuAcqRepetitionTime VisuAcqPhaseEncSteps VisuAcqPixelBandwidth
##$VisuAcqSize=( 2 )
128 128
##$VisuAcqImageSizeAccellerated=No
##$VisuAcqImagePhaseEncDir=( 3 )
col_dir col_dir col_dir
$$ @vis= VisuAcqFlipAngle VisuAcqSize VisuAcqImageSizeAccellerated
##$VisuAcqEchoTime=( 1 )
56
##$VisuAcquisitionProtocol=( 65 )
<RARE_8_bas>
##$VisuAcqScanTime=80000
$$ @vis= VisuAcqImagePhaseEncDir VisuAcqEchoTime VisuAcquisitionProtocol
$$ @vis= VisuAcqScanTime VisuAcquisition Visu
##END=
