##TITLE=Parameter List
##JCAMPDX=4.24
##DATATYPE=Parameter Values
##ORIGIN=Bruker BioSpin MRI GmbH
##OWNER=ryan
$$ Thu Aug  7 14:43:57 2014 EDT (UT-4h)  ryan
$$ /opt/PV5.1/data/ryan/nmr/RMD272.r81/18/pdata/1/reco
##$RECO_mode=FT_MODE
##$RecoAutoDerive=Yes
##$RECO_inp_order=NO_REORDERING
##$RECO_inp_size=( 1 )
32
##$RECO_ft_size=( 1 )
32
##$RECO_fov=( 1 )
0
##$RECO_size=( 1 )
32
$$ @vis= RECO_mode RecoAutoDerive RECO_inp_order RECO_ft_size RECO_fov
##$RECO_offset=( 1, 2 )
0 0
##$RECO_regrid_mode=NO_REGRID
##$RECO_regrid_offset=0
##$RECO_ramp_gap=0
##$RECO_ramp_time=0
##$RECO_ne_mode=NO_NAV_DATA
##$RECO_ne_dist=NeNoInterleave
##$RECO_ne_dens=NeCorrPerScan
##$RECO_ne_type=NAV_PHASE
##$RECO_ne_vals=( 1, 2 )
0 0
##$RECO_bc_mode=( 1 )
AUTO_OFFSET_BC
##$RECO_bc_start=( 1 )
24
##$RECO_bc_len=( 1 )
8
$$ @vis= RECO_size RECO_regrid_mode RECO_ne_mode RECO_bc_mode RECO_bc_start
##$RECO_dc_offset=( 2 )
1539 3577
##$RECO_dc_divisor=8
##$RECO_bc_coroff=( 1 )
0
##$RECO_qopts=( 1 )
CONJ_AND_QNEG
##$RECO_wdw_mode=( 1 )
NO_WDW
##$RECO_lb=( 1 )
-0.5
##$RECO_sw=( 1 )
22001
##$RECO_gb=( 1 )
0.5
##$RECO_sbs=( 1 )
1
##$RECO_tm1=( 1 )
0.25
##$RECO_tm2=( 1 )
0.75
##$RECO_ft_mode=( 1 )
COMPLEX_FFT
##$RECO_pc_mode=( 1 )
NO_PC
##$RECO_pc_lin=( 1 )
(0, 0)
##$RECO_rotate=( 1, 2 )
0 0
$$ @vis= RECO_bc_len RECO_qopts RECO_wdw_mode RECO_ft_mode RECO_pc_mode
##$RECO_ppc_mode=NO_PPC
##$RECO_ref_image=0
##$RECO_nr_supports=0.4
##$RECO_sig_threshold=0.15
##$RECO_ppc_degree=1
##$RECO_ppc_coeffs=( 2, 1, 2 )
0 0 0 0
##$RECO_dc_elim=Yes
##$RECO_transposition=( 2 )
0 0
##$RECO_image_type=MAGNITUDE_IMAGE
$$ @vis= RECO_rotate RECO_ppc_mode RECO_dc_elim RECO_transposition
##$RECO_image_threshold=0.15
##$RECO_ir_scale=10
##$RECO_wordtype=_16BIT_SGN_INT
##$RECO_map_mode=ABSOLUTE_MAPPING
##$RECO_map_range=( 2 )
-2147483647 2147483647
##$RECO_map_percentile=( 2 )
1 99
##$RECO_map_error=0.25
##$RECO_globex=( 160 )
0 0 0 0 0 0 0 0 0 0 0 0 0 0 0 0 0 0 0 0 0 0 0 0 0 0 0 0 0 0 0 0 0 0 0 0 0 0 0 
0 0 0 0 0 0 0 0 0 0 0 0 0 0 0 0 0 0 0 0 0 0 0 0 0 0 0 0 0 0 0 0 0 0 0 0 0 0 0 
0 0 0 0 0 0 0 0 0 0 0 0 0 0 0 0 0 0 0 0 0 0 0 0 0 0 0 0 0 0 0 0 0 0 0 0 0 0 0 
0 0 0 0 0 0 0 0 0 0 0 0 0 0 0 0 0 0 0 0 0 0 0 0 0 0 0 0 0 0 0 0 0 0 0 0 0 0 0 
0 0 0 0
##$RECO_minima=( 160 )
0 0 0 0 0 0 0 0 0 0 0 0 0 0 0 0 0 0 0 0 0 0 0 0 0 0 0 0 0 0 0 0 0 0 0 0 0 0 0 
0 0 0 0 0 0 0 0 0 0 0 0 0 0 0 0 0 0 0 0 0 0 0 0 0 0 0 0 0 0 0 0 0 0 0 0 0 0 0 
0 0 0 0 0 0 0 0 0 0 0 0 0 0 0 0 0 0 0 0 0 0 0 0 0 0 0 0 0 0 0 0 0 0 0 0 0 0 0 
0 0 0 0 0 0 0 0 0 0 0 0 0 0 0 0 0 0 0 0 0 0 0 0 0 0 0 0 0 0 0 0 0 0 0 0 0 0 0 
0 0 0 0
##$RECO_maxima=( 160 )
3959 53 4921 60 5981 60 6933 38 6266 48 8182 58 20084 72 32743 95 31329 93 
19146 49 9161 45 7214 46 6667 62 6286 53 5419 43 4124 34 3982 73 4915 53 5959 
57 6950 41 6242 51 8182 61 20057 84 32699 86 31331 73 19186 53 9151 47 7246 
54 6657 44 6274 48 5409 45 4168 42 4063 50 4922 52 6016 61 6966 44 6260 50 
8184 57 20052 69 32712 85 31408 86 19146 52 9151 49 7242 53 6685 47 6284 57 
5425 40 4163 34 4004 59 4918 51 5999 55 6961 35 6241 45 8182 51 20108 95 
32767 108 31346 75 19185 50 9181 52 7255 44 6665 57 6294 54 5408 40 4167 53 
4041 56 4963 55 6041 53 6993 44 6290 48 8198 60 20041 100 32657 96 31405 91 
19129 57 9168 47 7298 50 6720 59 6361 52 5425 53 4196 45
$$ @vis= RECO_image_type RECO_wordtype RECO_map_mode RECO_globex RECO_minima
##$RECO_map_min=( 160 )
-384581 -384581 -384581 -384581 -384581 -384581 -384581 -384581 -384581 
-384581 -384581 -384581 -384581 -384581 -384581 -384581 -384581 -384581 
-384581 -384581 -384581 -384581 -384581 -384581 -384581 -384581 -384581 
-384581 -384581 -384581 -384581 -384581 -384581 -384581 -384581 -384581 
-384581 -384581 -384581 -384581 -384581 -384581 -384581 -384581 -384581 
-384581 -384581 -384581 -384581 -384581 -384581 -384581 -384581 -384581 
-384581 -384581 -384581 -384581 -384581 -384581 -384581 -384581 -384581 
-384581 -384581 -384581 -384581 -384581 -384581 -384581 -384581 -384581 
-384581 -384581 -384581 -384581 -384581 -384581 -384581 -384581 -384581 
-384581 -384581 -384581 -384581 -384581 -384581 -384581 -384581 -384581 
-384581 -384581 -384581 -384581 -384581 -384581 -384581 -384581 -384581 
-384581 -384581 -384581 -384581 -384581 -384581 -384581 -384581 -384581 
-384581 -384581 -384581 -384581 -384581 -384581 -384581 -384581 -384581 
-384581 -384581 -384581 -384581 -384581 -384581 -384581 -384581 -384581 
-384581 -384581 -384581 -384581 -384581 -384581 -384581 -384581 -384581 
-384581 -384581 -384581 -384581 -384581 -384581 -384581 -384581 -384581 
-384581 -384581 -384581 -384581 -384581 -384581 -384581 -384581 -384581 
-384581 -384581 -384581 -384581 -384581 -384581 -384581
##$RECO_map_max=( 160 )
384581 384581 384581 384581 384581 384581 384581 384581 384581 384581 384581 
384581 384581 384581 384581 384581 384581 384581 384581 384581 384581 384581 
384581 384581 384581 384581 384581 384581 384581 384581 384581 384581 384581 
384581 384581 384581 384581 384581 384581 384581 384581 384581 384581 384581 
384581 384581 384581 384581 384581 384581 384581 384581 384581 384581 384581 
384581 384581 384581 384581 384581 384581 384581 384581 384581 384581 384581 
384581 384581 384581 384581 384581 384581 384581 384581 384581 384581 384581 
384581 384581 384581 384581 384581 384581 384581 384581 384581 384581 384581 
384581 384581 384581 384581 384581 384581 384581 384581 384581 384581 384581 
384581 384581 384581 384581 384581 384581 384581 384581 384581 384581 384581 
384581 384581 384581 384581 384581 384581 384581 384581 384581 384581 384581 
384581 384581 384581 384581 384581 384581 384581 384581 384581 384581 384581 
384581 384581 384581 384581 384581 384581 384581 384581 384581 384581 384581 
384581 384581 384581 384581 384581 384581 384581 384581 384581 384581 384581 
384581 384581 384581 384581 384581 384581
##$RECO_map_offset=( 160 )
0 0 0 0 0 0 0 0 0 0 0 0 0 0 0 0 0 0 0 0 0 0 0 0 0 0 0 0 0 0 0 0 0 0 0 0 0 0 0 
0 0 0 0 0 0 0 0 0 0 0 0 0 0 0 0 0 0 0 0 0 0 0 0 0 0 0 0 0 0 0 0 0 0 0 0 0 0 0 
0 0 0 0 0 0 0 0 0 0 0 0 0 0 0 0 0 0 0 0 0 0 0 0 0 0 0 0 0 0 0 0 0 0 0 0 0 0 0 
0 0 0 0 0 0 0 0 0 0 0 0 0 0 0 0 0 0 0 0 0 0 0 0 0 0 0 0 0 0 0 0 0 0 0 0 0 0 0 
0 0 0 0
##$RECO_map_slope=( 160 )
0.0852018147706985 0.0852018147706985 0.0852018147706985 0.0852018147706985 
0.0852018147706985 0.0852018147706985 0.0852018147706985 0.0852018147706985 
0.0852018147706985 0.0852018147706985 0.0852018147706985 0.0852018147706985 
0.0852018147706985 0.0852018147706985 0.0852018147706985 0.0852018147706985 
0.0852018147706985 0.0852018147706985 0.0852018147706985 0.0852018147706985 
0.0852018147706985 0.0852018147706985 0.0852018147706985 0.0852018147706985 
0.0852018147706985 0.0852018147706985 0.0852018147706985 0.0852018147706985 
0.0852018147706985 0.0852018147706985 0.0852018147706985 0.0852018147706985 
0.0852018147706985 0.0852018147706985 0.0852018147706985 0.0852018147706985 
0.0852018147706985 0.0852018147706985 0.0852018147706985 0.0852018147706985 
0.0852018147706985 0.0852018147706985 0.0852018147706985 0.0852018147706985 
0.0852018147706985 0.0852018147706985 0.0852018147706985 0.0852018147706985 
0.0852018147706985 0.0852018147706985 0.0852018147706985 0.0852018147706985 
0.0852018147706985 0.0852018147706985 0.0852018147706985 0.0852018147706985 
0.0852018147706985 0.0852018147706985 0.0852018147706985 0.0852018147706985 
0.0852018147706985 0.0852018147706985 0.0852018147706985 0.0852018147706985 
0.0852018147706985 0.0852018147706985 0.0852018147706985 0.0852018147706985 
0.0852018147706985 0.0852018147706985 0.0852018147706985 0.0852018147706985 
0.0852018147706985 0.0852018147706985 0.0852018147706985 0.0852018147706985 
0.0852018147706985 0.0852018147706985 0.0852018147706985 0.0852018147706985 
0.0852018147706985 0.0852018147706985 0.0852018147706985 0.0852018147706985 
0.0852018147706985 0.0852018147706985 0.0852018147706985 0.0852018147706985 
0.0852018147706985 0.0852018147706985 0.0852018147706985 0.0852018147706985 
0.0852018147706985 0.0852018147706985 0.0852018147706985 0.0852018147706985 
0.0852018147706985 0.0852018147706985 0.0852018147706985 0.0852018147706985 
0.0852018147706985 0.0852018147706985 0.0852018147706985 0.0852018147706985 
0.0852018147706985 0.0852018147706985 0.0852018147706985 0.0852018147706985 
0.0852018147706985 0.0852018147706985 0.0852018147706985 0.0852018147706985 
0.0852018147706985 0.0852018147706985 0.0852018147706985 0.0852018147706985 
0.0852018147706985 0.0852018147706985 0.0852018147706985 0.0852018147706985 
0.0852018147706985 0.0852018147706985 0.0852018147706985 0.0852018147706985 
0.0852018147706985 0.0852018147706985 0.0852018147706985 0.0852018147706985 
0.0852018147706985 0.0852018147706985 0.0852018147706985 0.0852018147706985 
0.0852018147706985 0.0852018147706985 0.0852018147706985 0.0852018147706985 
0.0852018147706985 0.0852018147706985 0.0852018147706985 0.0852018147706985 
0.0852018147706985 0.0852018147706985 0.0852018147706985 0.0852018147706985 
0.0852018147706985 0.0852018147706985 0.0852018147706985 0.0852018147706985 
0.0852018147706985 0.0852018147706985 0.0852018147706985 0.0852018147706985 
0.0852018147706985 0.0852018147706985 0.0852018147706985 0.0852018147706985 
0.0852018147706985 0.0852018147706985 0.0852018147706985 0.0852018147706985
##$RECO_byte_order=littleEndian
$$ @vis= RECO_maxima RECO_map_min RECO_map_max RECO_map_offset RECO_map_slope
##$RECO_time=( 24 )
<14:33:48  7 Aug 2014>
##$RECO_abs_time=1407436428
##$RECO_base_image_uid=( 65 )
<2.16.756.5.5.100.278412266.16267.1407437037.142>
$$ @vis= RECO_byte_order RECO_time RECO_abs_time RECO_base_image_uid
##$GS_reco_display=Yes
##$GO_reco_display=Yes
##$GO_reco_each_nr=No
$$ @vis= RecoRegridNGroup GS_reco_display RECO_GS GO_reco_display
##$GO_max_reco_mem=0
$$ @vis= GO_reco_each_nr GO_max_reco_mem RECO_GO RECO
##END=
