##TITLE=Parameter List
##JCAMPDX=4.24
##DATATYPE=Parameter Values
##ORIGIN=Bruker BioSpin MRI GmbH
##OWNER=ryan
$$ Thu Aug  7 14:43:57 2014 EDT (UT-4h)  ryan
$$ /opt/PV5.1/data/ryan/nmr/RMD272.r81/18/pdata/1/visu_pars
##$VisuVersion=1
##$VisuUid=( 65 )
<2.16.756.5.5.100.278412266.16267.1407437037.142>
##$VisuCreator=( 65 )
<ParaVision>
##$VisuCreatorVersion=( 65 )
<5.1>
##$VisuCreationDate=( 21 )
<14:33:48  7 Aug 2014>
$$ @vis= VisuVersion VisuUid VisuCreator VisuCreatorVersion VisuCreationDate
##$VisuCoreFrameCount=160
##$VisuCoreDim=1
##$VisuCoreSize=( 1 )
32
##$VisuCoreDimDesc=( 1 )
spectroscopic
$$ @vis= VisuInstance VisuCoreFrameCount VisuCoreDim VisuCoreSize
##$VisuCoreExtent=( 1 )
73.2537534535215
##$VisuCoreUnits=( 1, 65 )
<ppm>
##$VisuCoreDataMin=( 160 )
0 0 0 0 0 0 0 0 0 0 0 0 0 0 0 0 0 0 0 0 0 0 0 0 0 0 0 0 0 0 0 0 0 0 0 0 0 0 0 
0 0 0 0 0 0 0 0 0 0 0 0 0 0 0 0 0 0 0 0 0 0 0 0 0 0 0 0 0 0 0 0 0 0 0 0 0 0 0 
0 0 0 0 0 0 0 0 0 0 0 0 0 0 0 0 0 0 0 0 0 0 0 0 0 0 0 0 0 0 0 0 0 0 0 0 0 0 0 
0 0 0 0 0 0 0 0 0 0 0 0 0 0 0 0 0 0 0 0 0 0 0 0 0 0 0 0 0 0 0 0 0 0 0 0 0 0 0 
0 0 0 0
##$VisuCoreDataMax=( 160 )
3959 53 4921 60 5981 60 6933 38 6266 48 8182 58 20084 72 32743 95 31329 93 
19146 49 9161 45 7214 46 6667 62 6286 53 5419 43 4124 34 3982 73 4915 53 5959 
57 6950 41 6242 51 8182 61 20057 84 32699 86 31331 73 19186 53 9151 47 7246 
54 6657 44 6274 48 5409 45 4168 42 4063 50 4922 52 6016 61 6966 44 6260 50 
8184 57 20052 69 32712 85 31408 86 19146 52 9151 49 7242 53 6685 47 6284 57 
5425 40 4163 34 4004 59 4918 51 5999 55 6961 35 6241 45 8182 51 20108 95 
32767 108 31346 75 19185 50 9181 52 7255 44 6665 57 6294 54 5408 40 4167 53 
4041 56 4963 55 6041 53 6993 44 6290 48 8198 60 20041 100 32657 96 31405 91 
19129 57 9168 47 7298 50 6720 59 6361 52 5425 53 4196 45
$$ @vis= VisuCoreDimDesc VisuCoreExtent VisuCoreUnits VisuCoreDataMin
##$VisuCoreDataOffs=( 160 )
0 0 0 0 0 0 0 0 0 0 0 0 0 0 0 0 0 0 0 0 0 0 0 0 0 0 0 0 0 0 0 0 0 0 0 0 0 0 0 
0 0 0 0 0 0 0 0 0 0 0 0 0 0 0 0 0 0 0 0 0 0 0 0 0 0 0 0 0 0 0 0 0 0 0 0 0 0 0 
0 0 0 0 0 0 0 0 0 0 0 0 0 0 0 0 0 0 0 0 0 0 0 0 0 0 0 0 0 0 0 0 0 0 0 0 0 0 0 
0 0 0 0 0 0 0 0 0 0 0 0 0 0 0 0 0 0 0 0 0 0 0 0 0 0 0 0 0 0 0 0 0 0 0 0 0 0 0 
0 0 0 0
##$VisuCoreDataSlope=( 160 )
11.7368392057291 11.7368392057291 11.7368392057291 11.7368392057291 
11.7368392057291 11.7368392057291 11.7368392057291 11.7368392057291 
11.7368392057291 11.7368392057291 11.7368392057291 11.7368392057291 
11.7368392057291 11.7368392057291 11.7368392057291 11.7368392057291 
11.7368392057291 11.7368392057291 11.7368392057291 11.7368392057291 
11.7368392057291 11.7368392057291 11.7368392057291 11.7368392057291 
11.7368392057291 11.7368392057291 11.7368392057291 11.7368392057291 
11.7368392057291 11.7368392057291 11.7368392057291 11.7368392057291 
11.7368392057291 11.7368392057291 11.7368392057291 11.7368392057291 
11.7368392057291 11.7368392057291 11.7368392057291 11.7368392057291 
11.7368392057291 11.7368392057291 11.7368392057291 11.7368392057291 
11.7368392057291 11.7368392057291 11.7368392057291 11.7368392057291 
11.7368392057291 11.7368392057291 11.7368392057291 11.7368392057291 
11.7368392057291 11.7368392057291 11.7368392057291 11.7368392057291 
11.7368392057291 11.7368392057291 11.7368392057291 11.7368392057291 
11.7368392057291 11.7368392057291 11.7368392057291 11.7368392057291 
11.7368392057291 11.7368392057291 11.7368392057291 11.7368392057291 
11.7368392057291 11.7368392057291 11.7368392057291 11.7368392057291 
11.7368392057291 11.7368392057291 11.7368392057291 11.7368392057291 
11.7368392057291 11.7368392057291 11.7368392057291 11.7368392057291 
11.7368392057291 11.7368392057291 11.7368392057291 11.7368392057291 
11.7368392057291 11.7368392057291 11.7368392057291 11.7368392057291 
11.7368392057291 11.7368392057291 11.7368392057291 11.7368392057291 
11.7368392057291 11.7368392057291 11.7368392057291 11.7368392057291 
11.7368392057291 11.7368392057291 11.7368392057291 11.7368392057291 
11.7368392057291 11.7368392057291 11.7368392057291 11.7368392057291 
11.7368392057291 11.7368392057291 11.7368392057291 11.7368392057291 
11.7368392057291 11.7368392057291 11.7368392057291 11.7368392057291 
11.7368392057291 11.7368392057291 11.7368392057291 11.7368392057291 
11.7368392057291 11.7368392057291 11.7368392057291 11.7368392057291 
11.7368392057291 11.7368392057291 11.7368392057291 11.7368392057291 
11.7368392057291 11.7368392057291 11.7368392057291 11.7368392057291 
11.7368392057291 11.7368392057291 11.7368392057291 11.7368392057291 
11.7368392057291 11.7368392057291 11.7368392057291 11.7368392057291 
11.7368392057291 11.7368392057291 11.7368392057291 11.7368392057291 
11.7368392057291 11.7368392057291 11.7368392057291 11.7368392057291 
11.7368392057291 11.7368392057291 11.7368392057291 11.7368392057291 
11.7368392057291 11.7368392057291 11.7368392057291 11.7368392057291 
11.7368392057291 11.7368392057291 11.7368392057291 11.7368392057291 
11.7368392057291 11.7368392057291 11.7368392057291 11.7368392057291
##$VisuCoreFrameType=MAGNITUDE_IMAGE
$$ @vis= VisuCoreDataMax VisuCoreDataOffs VisuCoreDataSlope VisuCoreFrameType
##$VisuCoreWordType=_16BIT_SGN_INT
##$VisuCoreByteOrder=littleEndian
##$VisuFGOrderDescDim=1
$$ @vis= VisuCore VisuCoreWordType VisuCoreByteOrder VisuPixel
##$VisuFGOrderDesc=( 1 )
(160, <FG_CYCLE>, <>, 0, 0)
##$VisuSubjectName=( 65 )
<RMD272>
##$VisuSubjectId=( 65 )
<RMD272>
$$ @vis= VisuFGOrderDescDim VisuFGOrderDesc VisuFrameOrderDesc VisuSubjectName
##$VisuSubjectBirthDate=( 9 )
<>
##$VisuSubjectSex=FEMALE
##$VisuSubjectComment=( 2048 )
<>
$$ @vis= VisuSubjectId VisuSubjectBirthDate VisuSubjectSex VisuSubjectComment
##$VisuStudyUid=( 65 )
<2.16.756.5.5.100.278412266.15942.1407429006.129>
##$VisuStudyDate=( 21 )
<13:30:06  7 Aug 2014>
##$VisuStudyId=( 65 )
<RMD272>
##$VisuStudyNumber=1
##$VisuSubjectWeight=5
$$ @vis= VisuSubject VisuStudyUid VisuStudyDate VisuStudyId VisuStudyNumber
##$VisuStudyReferringPhysician=( 65 )
<>
##$VisuStudyDescription=( 65 )
<>
$$ @vis= VisuSubjectWeight VisuStudyReferringPhysician VisuStudyDescription
##$VisuSeriesNumber=1179649
##$VisuSubjectPosition=Head_Supine
##$VisuSeriesTypeId=( 65 )
<ACQ_USER_PVM>
$$ @vis= VisuStudy VisuSeriesNumber VisuSubjectPosition VisuSeriesTypeId
##$VisuAcqSoftwareVersion=( 65 )
<5.1>
##$VisuInstitution=( 65 )
<Duke University Biospec 70/20>
##$VisuStation=( 65 )
<spect>
$$ @vis= VisuSeries VisuAcqSoftwareVersion VisuInstitution VisuStation
##$VisuAcqDate=( 21 )
<14:33:48  7 Aug 2014>
##$VisuAcqEchoTrainLength=1
##$VisuAcqSequenceName=( 40 )
<rMD_HOT (pvm)>
##$VisuAcqNumberOfAverages=4
$$ @vis= VisuEquipment VisuAcqDate VisuAcqEchoTrainLength VisuAcqSequenceName
##$VisuAcqImagingFrequency=300.3395589
##$VisuAcqImagedNucleus=( 8 )
<1H>
##$VisuAcqRepetitionTime=( 1 )
1880
$$ @vis= VisuAcqNumberOfAverages VisuAcqImagingFrequency VisuAcqImagedNucleus
##$VisuAcqFlipAngle=90
##$VisuAcqEchoTime=( 1 )
0
##$VisuAcquisitionProtocol=( 65 )
<RMD_HOT_RBM_RARE_ZQSQ2>
$$ @vis= VisuAcqRepetitionTime VisuAcqFlipAngle VisuAcqEchoTime
##$VisuAcqScanTime=601600
$$ @vis= VisuAcquisitionProtocol VisuAcqScanTime VisuAcquisition Visu
##END=
