##TITLE=Parameter List
##JCAMPDX=4.24
##DATATYPE=Parameter Values
##ORIGIN=Bruker BioSpin MRI GmbH
##OWNER=ryan
$$ Thu Aug  7 21:10:56 2014 EDT (UT-4h)  ryan
$$ /opt/PV5.1/data/ryan/nmr/RMD272.r81/36/pdata/1/reco
##$RECO_mode=FT_MODE
##$RecoAutoDerive=Yes
##$RECO_inp_order=NO_REORDERING
##$RECO_inp_size=( 1 )
32
##$RECO_ft_size=( 1 )
32
##$RECO_fov=( 1 )
0
##$RECO_size=( 1 )
32
$$ @vis= RECO_mode RecoAutoDerive RECO_inp_order RECO_ft_size RECO_fov
##$RECO_offset=( 1, 4 )
0 0 0 0
##$RECO_regrid_mode=NO_REGRID
##$RECO_regrid_offset=0
##$RECO_ramp_gap=0
##$RECO_ramp_time=0
##$RECO_ne_mode=NO_NAV_DATA
##$RECO_ne_dist=NeNoInterleave
##$RECO_ne_dens=NeCorrPerScan
##$RECO_ne_type=NAV_PHASE
##$RECO_ne_vals=( 1, 2 )
0 0
##$RECO_bc_mode=( 1 )
AUTO_OFFSET_BC
##$RECO_bc_start=( 1 )
24
##$RECO_bc_len=( 1 )
8
$$ @vis= RECO_size RECO_regrid_mode RECO_ne_mode RECO_bc_mode RECO_bc_start
##$RECO_dc_offset=( 2 )
24 -15
##$RECO_dc_divisor=8
##$RECO_bc_coroff=( 1 )
0
##$RECO_qopts=( 1 )
CONJ_AND_QNEG
##$RECO_wdw_mode=( 1 )
NO_WDW
##$RECO_lb=( 1 )
-0.5
##$RECO_sw=( 1 )
22001
##$RECO_gb=( 1 )
0.5
##$RECO_sbs=( 1 )
1
##$RECO_tm1=( 1 )
0.25
##$RECO_tm2=( 1 )
0.75
##$RECO_ft_mode=( 1 )
COMPLEX_FFT
##$RECO_pc_mode=( 1 )
NO_PC
##$RECO_pc_lin=( 1 )
(0, 0)
##$RECO_rotate=( 1, 4 )
0 0 0 0
$$ @vis= RECO_bc_len RECO_qopts RECO_wdw_mode RECO_ft_mode RECO_pc_mode
##$RECO_ppc_mode=NO_PPC
##$RECO_ref_image=0
##$RECO_nr_supports=0.4
##$RECO_sig_threshold=0.15
##$RECO_ppc_degree=1
##$RECO_ppc_coeffs=( 4, 1, 2 )
0 0 0 0 0 0 0 0
##$RECO_dc_elim=Yes
##$RECO_transposition=( 4 )
0 0 0 0
##$RECO_image_type=MAGNITUDE_IMAGE
$$ @vis= RECO_rotate RECO_ppc_mode RECO_dc_elim RECO_transposition
##$RECO_image_threshold=0.15
##$RECO_ir_scale=10
##$RECO_wordtype=_16BIT_SGN_INT
##$RECO_map_mode=ABSOLUTE_MAPPING
##$RECO_map_range=( 2 )
-2147483647 2147483647
##$RECO_map_percentile=( 2 )
1 99
##$RECO_map_error=0.25
##$RECO_globex=( 320 )
0 0 0 0 0 0 0 0 0 0 0 0 0 0 0 0 0 0 0 0 0 0 0 0 0 0 0 0 0 0 0 0 0 0 0 0 0 0 0 
0 0 0 0 0 0 0 0 0 0 0 0 0 0 0 0 0 0 0 0 0 0 0 0 0 0 0 0 0 0 0 0 0 0 0 0 0 0 0 
0 0 0 0 0 0 0 0 0 0 0 0 0 0 0 0 0 0 0 0 0 0 0 0 0 0 0 0 0 0 0 0 0 0 0 0 0 0 0 
0 0 0 0 0 0 0 0 0 0 0 0 0 0 0 0 0 0 0 0 0 0 0 0 0 0 0 0 0 0 0 0 0 0 0 0 0 0 0 
0 0 0 0 0 0 0 0 0 0 0 0 0 0 0 0 0 0 0 0 0 0 0 0 0 0 0 0 0 0 0 0 0 0 0 0 0 0 0 
0 0 0 0 0 0 0 0 0 0 0 0 0 0 0 0 0 0 0 0 0 0 0 0 0 0 0 0 0 0 0 0 0 0 0 0 0 0 0 
0 0 0 0 0 0 0 0 0 0 0 0 0 0 0 0 0 0 0 0 0 0 0 0 0 0 0 0 0 0 0 0 0 0 0 0 0 0 0 
0 0 0 0 0 0 0 0 0 0 0 0 0 0 0 0 0 0 0 0 0 0 0 0 0 0 0 0 0 0 0 0 0 0 0 0 0 0 0 
0 0 0 0 0 0 0 0
##$RECO_minima=( 320 )
0 0 0 0 0 0 0 0 0 0 0 0 0 0 0 0 0 0 0 0 0 0 0 0 0 0 0 0 0 0 0 0 0 0 0 0 0 0 0 
0 0 0 0 0 0 0 0 0 0 0 0 0 0 0 0 0 0 0 0 0 0 0 0 0 0 0 0 0 0 0 0 0 0 0 0 0 0 0 
0 0 0 0 0 0 0 0 0 0 0 0 0 0 0 0 0 0 0 0 0 0 0 0 0 0 0 0 0 0 0 0 0 0 0 0 0 0 0 
0 0 0 0 0 0 0 0 0 0 0 0 0 0 0 0 0 0 0 0 0 0 0 0 0 0 0 0 0 0 0 0 0 0 0 0 0 0 0 
0 0 0 0 0 0 0 0 0 0 0 0 0 0 0 0 0 0 0 0 0 0 0 0 0 0 0 0 0 0 0 0 0 0 0 0 0 0 0 
0 0 0 0 0 0 0 0 0 0 0 0 0 0 0 0 0 0 0 0 0 0 0 0 0 0 0 0 0 0 0 0 0 0 0 0 0 0 0 
0 0 0 0 0 0 0 0 0 0 0 0 0 0 0 0 0 0 0 0 0 0 0 0 0 0 0 0 0 0 0 0 0 0 0 0 0 0 0 
0 0 0 0 0 0 0 0 0 0 0 0 0 0 0 0 0 0 0 0 0 0 0 0 0 0 0 0 0 0 0 0 0 0 0 0 0 0 0 
0 0 0 0 0 0 0 0
##$RECO_maxima=( 320 )
29 2748 3258 21 53 2342 2907 26 20 2878 3150 27 30 3807 3893 28 33 4733 4392 
21 42 6277 6132 40 24 9119 7466 24 31 31301 25003 27 32 32767 24540 27 22 
10235 6962 23 28 7572 5146 25 35 5686 3674 25 21 4029 3108 31 34 3553 2626 39 
24 2856 1974 22 30 3535 2632 25 15 2877 3459 24 24 2355 2973 23 33 2906 3165 
25 24 3800 3830 22 34 4732 4399 28 40 6385 6178 31 28 9130 7548 26 28 31316 
24786 39 28 32525 24522 26 26 10282 6940 23 30 7566 5163 26 23 5670 3705 25 
30 4035 3097 23 29 3566 2602 28 24 2848 1985 22 26 3553 2634 32 30 2869 3464 
29 21 2341 2955 21 22 2921 3189 30 32 3788 3867 25 24 4738 4365 29 25 6353 
6190 34 23 9129 7479 32 32 31471 25156 28 35 32444 24402 26 27 10209 6960 21 
24 7604 5189 29 23 5652 3702 24 22 4021 3093 21 25 3553 2594 24 31 2856 1999 
25 29 3555 2633 24 26 2889 3458 25 21 2336 2941 23 22 2935 3170 24 23 3813 
3844 25 25 4710 4373 24 22 6358 6217 24 28 9119 7483 28 36 31400 25226 36 30 
32351 24385 29 24 10267 6926 28 27 7591 5170 27 26 5666 3697 30 19 4043 3114 
23 24 3572 2603 28 22 2854 1995 22 29 3534 2636 24 26 2890 3470 22 29 2343 
2970 26 29 2968 3196 26 32 3791 3856 27 24 4731 4378 23 27 6385 6209 25 29 
9137 7546 24 20 31230 24821 35 32 32657 24505 29 23 10256 6946 28 36 7580 
5140 34 28 5664 3695 17 19 4038 3106 23 24 3573 2600 21 22 2838 2006 23 26 
3570 2637 25
$$ @vis= RECO_image_type RECO_wordtype RECO_map_mode RECO_globex RECO_minima
##$RECO_map_min=( 320 )
-107646 -107646 -107646 -107646 -107646 -107646 -107646 -107646 -107646 
-107646 -107646 -107646 -107646 -107646 -107646 -107646 -107646 -107646 
-107646 -107646 -107646 -107646 -107646 -107646 -107646 -107646 -107646 
-107646 -107646 -107646 -107646 -107646 -107646 -107646 -107646 -107646 
-107646 -107646 -107646 -107646 -107646 -107646 -107646 -107646 -107646 
-107646 -107646 -107646 -107646 -107646 -107646 -107646 -107646 -107646 
-107646 -107646 -107646 -107646 -107646 -107646 -107646 -107646 -107646 
-107646 -107646 -107646 -107646 -107646 -107646 -107646 -107646 -107646 
-107646 -107646 -107646 -107646 -107646 -107646 -107646 -107646 -107646 
-107646 -107646 -107646 -107646 -107646 -107646 -107646 -107646 -107646 
-107646 -107646 -107646 -107646 -107646 -107646 -107646 -107646 -107646 
-107646 -107646 -107646 -107646 -107646 -107646 -107646 -107646 -107646 
-107646 -107646 -107646 -107646 -107646 -107646 -107646 -107646 -107646 
-107646 -107646 -107646 -107646 -107646 -107646 -107646 -107646 -107646 
-107646 -107646 -107646 -107646 -107646 -107646 -107646 -107646 -107646 
-107646 -107646 -107646 -107646 -107646 -107646 -107646 -107646 -107646 
-107646 -107646 -107646 -107646 -107646 -107646 -107646 -107646 -107646 
-107646 -107646 -107646 -107646 -107646 -107646 -107646 -107646 -107646 
-107646 -107646 -107646 -107646 -107646 -107646 -107646 -107646 -107646 
-107646 -107646 -107646 -107646 -107646 -107646 -107646 -107646 -107646 
-107646 -107646 -107646 -107646 -107646 -107646 -107646 -107646 -107646 
-107646 -107646 -107646 -107646 -107646 -107646 -107646 -107646 -107646 
-107646 -107646 -107646 -107646 -107646 -107646 -107646 -107646 -107646 
-107646 -107646 -107646 -107646 -107646 -107646 -107646 -107646 -107646 
-107646 -107646 -107646 -107646 -107646 -107646 -107646 -107646 -107646 
-107646 -107646 -107646 -107646 -107646 -107646 -107646 -107646 -107646 
-107646 -107646 -107646 -107646 -107646 -107646 -107646 -107646 -107646 
-107646 -107646 -107646 -107646 -107646 -107646 -107646 -107646 -107646 
-107646 -107646 -107646 -107646 -107646 -107646 -107646 -107646 -107646 
-107646 -107646 -107646 -107646 -107646 -107646 -107646 -107646 -107646 
-107646 -107646 -107646 -107646 -107646 -107646 -107646 -107646 -107646 
-107646 -107646 -107646 -107646 -107646 -107646 -107646 -107646 -107646 
-107646 -107646 -107646 -107646 -107646 -107646 -107646 -107646 -107646 
-107646 -107646 -107646 -107646 -107646 -107646 -107646 -107646 -107646 
-107646 -107646 -107646 -107646 -107646 -107646 -107646 -107646 -107646 
-107646 -107646 -107646 -107646 -107646
##$RECO_map_max=( 320 )
107646 107646 107646 107646 107646 107646 107646 107646 107646 107646 107646 
107646 107646 107646 107646 107646 107646 107646 107646 107646 107646 107646 
107646 107646 107646 107646 107646 107646 107646 107646 107646 107646 107646 
107646 107646 107646 107646 107646 107646 107646 107646 107646 107646 107646 
107646 107646 107646 107646 107646 107646 107646 107646 107646 107646 107646 
107646 107646 107646 107646 107646 107646 107646 107646 107646 107646 107646 
107646 107646 107646 107646 107646 107646 107646 107646 107646 107646 107646 
107646 107646 107646 107646 107646 107646 107646 107646 107646 107646 107646 
107646 107646 107646 107646 107646 107646 107646 107646 107646 107646 107646 
107646 107646 107646 107646 107646 107646 107646 107646 107646 107646 107646 
107646 107646 107646 107646 107646 107646 107646 107646 107646 107646 107646 
107646 107646 107646 107646 107646 107646 107646 107646 107646 107646 107646 
107646 107646 107646 107646 107646 107646 107646 107646 107646 107646 107646 
107646 107646 107646 107646 107646 107646 107646 107646 107646 107646 107646 
107646 107646 107646 107646 107646 107646 107646 107646 107646 107646 107646 
107646 107646 107646 107646 107646 107646 107646 107646 107646 107646 107646 
107646 107646 107646 107646 107646 107646 107646 107646 107646 107646 107646 
107646 107646 107646 107646 107646 107646 107646 107646 107646 107646 107646 
107646 107646 107646 107646 107646 107646 107646 107646 107646 107646 107646 
107646 107646 107646 107646 107646 107646 107646 107646 107646 107646 107646 
107646 107646 107646 107646 107646 107646 107646 107646 107646 107646 107646 
107646 107646 107646 107646 107646 107646 107646 107646 107646 107646 107646 
107646 107646 107646 107646 107646 107646 107646 107646 107646 107646 107646 
107646 107646 107646 107646 107646 107646 107646 107646 107646 107646 107646 
107646 107646 107646 107646 107646 107646 107646 107646 107646 107646 107646 
107646 107646 107646 107646 107646 107646 107646 107646 107646 107646 107646 
107646 107646 107646 107646 107646 107646 107646 107646 107646 107646 107646 
107646 107646 107646 107646 107646 107646 107646 107646 107646 107646 107646 
107646 107646 107646 107646 107646 107646 107646 107646 107646 107646 107646 
107646
##$RECO_map_offset=( 320 )
0 0 0 0 0 0 0 0 0 0 0 0 0 0 0 0 0 0 0 0 0 0 0 0 0 0 0 0 0 0 0 0 0 0 0 0 0 0 0 
0 0 0 0 0 0 0 0 0 0 0 0 0 0 0 0 0 0 0 0 0 0 0 0 0 0 0 0 0 0 0 0 0 0 0 0 0 0 0 
0 0 0 0 0 0 0 0 0 0 0 0 0 0 0 0 0 0 0 0 0 0 0 0 0 0 0 0 0 0 0 0 0 0 0 0 0 0 0 
0 0 0 0 0 0 0 0 0 0 0 0 0 0 0 0 0 0 0 0 0 0 0 0 0 0 0 0 0 0 0 0 0 0 0 0 0 0 0 
0 0 0 0 0 0 0 0 0 0 0 0 0 0 0 0 0 0 0 0 0 0 0 0 0 0 0 0 0 0 0 0 0 0 0 0 0 0 0 
0 0 0 0 0 0 0 0 0 0 0 0 0 0 0 0 0 0 0 0 0 0 0 0 0 0 0 0 0 0 0 0 0 0 0 0 0 0 0 
0 0 0 0 0 0 0 0 0 0 0 0 0 0 0 0 0 0 0 0 0 0 0 0 0 0 0 0 0 0 0 0 0 0 0 0 0 0 0 
0 0 0 0 0 0 0 0 0 0 0 0 0 0 0 0 0 0 0 0 0 0 0 0 0 0 0 0 0 0 0 0 0 0 0 0 0 0 0 
0 0 0 0 0 0 0 0
##$RECO_map_slope=( 320 )
0.304395884275436 0.304395884275436 0.304395884275436 0.304395884275436 
0.304395884275436 0.304395884275436 0.304395884275436 0.304395884275436 
0.304395884275436 0.304395884275436 0.304395884275436 0.304395884275436 
0.304395884275436 0.304395884275436 0.304395884275436 0.304395884275436 
0.304395884275436 0.304395884275436 0.304395884275436 0.304395884275436 
0.304395884275436 0.304395884275436 0.304395884275436 0.304395884275436 
0.304395884275436 0.304395884275436 0.304395884275436 0.304395884275436 
0.304395884275436 0.304395884275436 0.304395884275436 0.304395884275436 
0.304395884275436 0.304395884275436 0.304395884275436 0.304395884275436 
0.304395884275436 0.304395884275436 0.304395884275436 0.304395884275436 
0.304395884275436 0.304395884275436 0.304395884275436 0.304395884275436 
0.304395884275436 0.304395884275436 0.304395884275436 0.304395884275436 
0.304395884275436 0.304395884275436 0.304395884275436 0.304395884275436 
0.304395884275436 0.304395884275436 0.304395884275436 0.304395884275436 
0.304395884275436 0.304395884275436 0.304395884275436 0.304395884275436 
0.304395884275436 0.304395884275436 0.304395884275436 0.304395884275436 
0.304395884275436 0.304395884275436 0.304395884275436 0.304395884275436 
0.304395884275436 0.304395884275436 0.304395884275436 0.304395884275436 
0.304395884275436 0.304395884275436 0.304395884275436 0.304395884275436 
0.304395884275436 0.304395884275436 0.304395884275436 0.304395884275436 
0.304395884275436 0.304395884275436 0.304395884275436 0.304395884275436 
0.304395884275436 0.304395884275436 0.304395884275436 0.304395884275436 
0.304395884275436 0.304395884275436 0.304395884275436 0.304395884275436 
0.304395884275436 0.304395884275436 0.304395884275436 0.304395884275436 
0.304395884275436 0.304395884275436 0.304395884275436 0.304395884275436 
0.304395884275436 0.304395884275436 0.304395884275436 0.304395884275436 
0.304395884275436 0.304395884275436 0.304395884275436 0.304395884275436 
0.304395884275436 0.304395884275436 0.304395884275436 0.304395884275436 
0.304395884275436 0.304395884275436 0.304395884275436 0.304395884275436 
0.304395884275436 0.304395884275436 0.304395884275436 0.304395884275436 
0.304395884275436 0.304395884275436 0.304395884275436 0.304395884275436 
0.304395884275436 0.304395884275436 0.304395884275436 0.304395884275436 
0.304395884275436 0.304395884275436 0.304395884275436 0.304395884275436 
0.304395884275436 0.304395884275436 0.304395884275436 0.304395884275436 
0.304395884275436 0.304395884275436 0.304395884275436 0.304395884275436 
0.304395884275436 0.304395884275436 0.304395884275436 0.304395884275436 
0.304395884275436 0.304395884275436 0.304395884275436 0.304395884275436 
0.304395884275436 0.304395884275436 0.304395884275436 0.304395884275436 
0.304395884275436 0.304395884275436 0.304395884275436 0.304395884275436 
0.304395884275436 0.304395884275436 0.304395884275436 0.304395884275436 
0.304395884275436 0.304395884275436 0.304395884275436 0.304395884275436 
0.304395884275436 0.304395884275436 0.304395884275436 0.304395884275436 
0.304395884275436 0.304395884275436 0.304395884275436 0.304395884275436 
0.304395884275436 0.304395884275436 0.304395884275436 0.304395884275436 
0.304395884275436 0.304395884275436 0.304395884275436 0.304395884275436 
0.304395884275436 0.304395884275436 0.304395884275436 0.304395884275436 
0.304395884275436 0.304395884275436 0.304395884275436 0.304395884275436 
0.304395884275436 0.304395884275436 0.304395884275436 0.304395884275436 
0.304395884275436 0.304395884275436 0.304395884275436 0.304395884275436 
0.304395884275436 0.304395884275436 0.304395884275436 0.304395884275436 
0.304395884275436 0.304395884275436 0.304395884275436 0.304395884275436 
0.304395884275436 0.304395884275436 0.304395884275436 0.304395884275436 
0.304395884275436 0.304395884275436 0.304395884275436 0.304395884275436 
0.304395884275436 0.304395884275436 0.304395884275436 0.304395884275436 
0.304395884275436 0.304395884275436 0.304395884275436 0.304395884275436 
0.304395884275436 0.304395884275436 0.304395884275436 0.304395884275436 
0.304395884275436 0.304395884275436 0.304395884275436 0.304395884275436 
0.304395884275436 0.304395884275436 0.304395884275436 0.304395884275436 
0.304395884275436 0.304395884275436 0.304395884275436 0.304395884275436 
0.304395884275436 0.304395884275436 0.304395884275436 0.304395884275436 
0.304395884275436 0.304395884275436 0.304395884275436 0.304395884275436 
0.304395884275436 0.304395884275436 0.304395884275436 0.304395884275436 
0.304395884275436 0.304395884275436 0.304395884275436 0.304395884275436 
0.304395884275436 0.304395884275436 0.304395884275436 0.304395884275436 
0.304395884275436 0.304395884275436 0.304395884275436 0.304395884275436 
0.304395884275436 0.304395884275436 0.304395884275436 0.304395884275436 
0.304395884275436 0.304395884275436 0.304395884275436 0.304395884275436 
0.304395884275436 0.304395884275436 0.304395884275436 0.304395884275436 
0.304395884275436 0.304395884275436 0.304395884275436 0.304395884275436 
0.304395884275436 0.304395884275436 0.304395884275436 0.304395884275436 
0.304395884275436 0.304395884275436 0.304395884275436 0.304395884275436 
0.304395884275436 0.304395884275436 0.304395884275436 0.304395884275436 
0.304395884275436 0.304395884275436 0.304395884275436 0.304395884275436 
0.304395884275436 0.304395884275436 0.304395884275436 0.304395884275436 
0.304395884275436 0.304395884275436 0.304395884275436 0.304395884275436 
0.304395884275436 0.304395884275436 0.304395884275436 0.304395884275436 
0.304395884275436 0.304395884275436 0.304395884275436 0.304395884275436 
0.304395884275436 0.304395884275436 0.304395884275436 0.304395884275436 
0.304395884275436 0.304395884275436 0.304395884275436 0.304395884275436 
0.304395884275436 0.304395884275436 0.304395884275436 0.304395884275436
##$RECO_byte_order=littleEndian
$$ @vis= RECO_maxima RECO_map_min RECO_map_max RECO_map_offset RECO_map_slope
##$RECO_time=( 24 )
<21:00:45  7 Aug 2014>
##$RECO_abs_time=1407459645
##$RECO_base_image_uid=( 65 )
<2.16.756.5.5.100.278412266.22167.1407460256.1537>
$$ @vis= RECO_byte_order RECO_time RECO_abs_time RECO_base_image_uid
##$GS_reco_display=Yes
##$GO_reco_display=Yes
##$GO_reco_each_nr=No
$$ @vis= RecoRegridNGroup GS_reco_display RECO_GS GO_reco_display
##$GO_max_reco_mem=0
$$ @vis= GO_reco_each_nr GO_max_reco_mem RECO_GO RECO
##END=
