##TITLE=Parameter List
##JCAMPDX=4.24
##DATATYPE=Parameter Values
##ORIGIN=Bruker BioSpin MRI GmbH
##OWNER=ryan
$$ Thu Aug  7 21:10:56 2014 EDT (UT-4h)  ryan
$$ /opt/PV5.1/data/ryan/nmr/RMD272.r81/36/pdata/1/visu_pars
##$VisuVersion=1
##$VisuUid=( 65 )
<2.16.756.5.5.100.278412266.22167.1407460256.1537>
##$VisuCreator=( 65 )
<ParaVision>
##$VisuCreatorVersion=( 65 )
<5.1>
##$VisuCreationDate=( 21 )
<21:00:45  7 Aug 2014>
$$ @vis= VisuVersion VisuUid VisuCreator VisuCreatorVersion VisuCreationDate
##$VisuCoreFrameCount=320
##$VisuCoreDim=1
##$VisuCoreSize=( 1 )
32
##$VisuCoreDimDesc=( 1 )
spectroscopic
$$ @vis= VisuInstance VisuCoreFrameCount VisuCoreDim VisuCoreSize
##$VisuCoreExtent=( 1 )
73.2535112057034
##$VisuCoreUnits=( 1, 65 )
<ppm>
##$VisuCoreDataMin=( 320 )
0 0 0 0 0 0 0 0 0 0 0 0 0 0 0 0 0 0 0 0 0 0 0 0 0 0 0 0 0 0 0 0 0 0 0 0 0 0 0 
0 0 0 0 0 0 0 0 0 0 0 0 0 0 0 0 0 0 0 0 0 0 0 0 0 0 0 0 0 0 0 0 0 0 0 0 0 0 0 
0 0 0 0 0 0 0 0 0 0 0 0 0 0 0 0 0 0 0 0 0 0 0 0 0 0 0 0 0 0 0 0 0 0 0 0 0 0 0 
0 0 0 0 0 0 0 0 0 0 0 0 0 0 0 0 0 0 0 0 0 0 0 0 0 0 0 0 0 0 0 0 0 0 0 0 0 0 0 
0 0 0 0 0 0 0 0 0 0 0 0 0 0 0 0 0 0 0 0 0 0 0 0 0 0 0 0 0 0 0 0 0 0 0 0 0 0 0 
0 0 0 0 0 0 0 0 0 0 0 0 0 0 0 0 0 0 0 0 0 0 0 0 0 0 0 0 0 0 0 0 0 0 0 0 0 0 0 
0 0 0 0 0 0 0 0 0 0 0 0 0 0 0 0 0 0 0 0 0 0 0 0 0 0 0 0 0 0 0 0 0 0 0 0 0 0 0 
0 0 0 0 0 0 0 0 0 0 0 0 0 0 0 0 0 0 0 0 0 0 0 0 0 0 0 0 0 0 0 0 0 0 0 0 0 0 0 
0 0 0 0 0 0 0 0
##$VisuCoreDataMax=( 320 )
29 2748 3258 21 53 2342 2907 26 20 2878 3150 27 30 3807 3893 28 33 4733 4392 
21 42 6277 6132 40 24 9119 7466 24 31 31301 25003 27 32 32767 24540 27 22 
10235 6962 23 28 7572 5146 25 35 5686 3674 25 21 4029 3108 31 34 3553 2626 39 
24 2856 1974 22 30 3535 2632 25 15 2877 3459 24 24 2355 2973 23 33 2906 3165 
25 24 3800 3830 22 34 4732 4399 28 40 6385 6178 31 28 9130 7548 26 28 31316 
24786 39 28 32525 24522 26 26 10282 6940 23 30 7566 5163 26 23 5670 3705 25 
30 4035 3097 23 29 3566 2602 28 24 2848 1985 22 26 3553 2634 32 30 2869 3464 
29 21 2341 2955 21 22 2921 3189 30 32 3788 3867 25 24 4738 4365 29 25 6353 
6190 34 23 9129 7479 32 32 31471 25156 28 35 32444 24402 26 27 10209 6960 21 
24 7604 5189 29 23 5652 3702 24 22 4021 3093 21 25 3553 2594 24 31 2856 1999 
25 29 3555 2633 24 26 2889 3458 25 21 2336 2941 23 22 2935 3170 24 23 3813 
3844 25 25 4710 4373 24 22 6358 6217 24 28 9119 7483 28 36 31400 25226 36 30 
32351 24385 29 24 10267 6926 28 27 7591 5170 27 26 5666 3697 30 19 4043 3114 
23 24 3572 2603 28 22 2854 1995 22 29 3534 2636 24 26 2890 3470 22 29 2343 
2970 26 29 2968 3196 26 32 3791 3856 27 24 4731 4378 23 27 6385 6209 25 29 
9137 7546 24 20 31230 24821 35 32 32657 24505 29 23 10256 6946 28 36 7580 
5140 34 28 5664 3695 17 19 4038 3106 23 24 3573 2600 21 22 2838 2006 23 26 
3570 2637 25
$$ @vis= VisuCoreDimDesc VisuCoreExtent VisuCoreUnits VisuCoreDataMin
##$VisuCoreDataOffs=( 320 )
0 0 0 0 0 0 0 0 0 0 0 0 0 0 0 0 0 0 0 0 0 0 0 0 0 0 0 0 0 0 0 0 0 0 0 0 0 0 0 
0 0 0 0 0 0 0 0 0 0 0 0 0 0 0 0 0 0 0 0 0 0 0 0 0 0 0 0 0 0 0 0 0 0 0 0 0 0 0 
0 0 0 0 0 0 0 0 0 0 0 0 0 0 0 0 0 0 0 0 0 0 0 0 0 0 0 0 0 0 0 0 0 0 0 0 0 0 0 
0 0 0 0 0 0 0 0 0 0 0 0 0 0 0 0 0 0 0 0 0 0 0 0 0 0 0 0 0 0 0 0 0 0 0 0 0 0 0 
0 0 0 0 0 0 0 0 0 0 0 0 0 0 0 0 0 0 0 0 0 0 0 0 0 0 0 0 0 0 0 0 0 0 0 0 0 0 0 
0 0 0 0 0 0 0 0 0 0 0 0 0 0 0 0 0 0 0 0 0 0 0 0 0 0 0 0 0 0 0 0 0 0 0 0 0 0 0 
0 0 0 0 0 0 0 0 0 0 0 0 0 0 0 0 0 0 0 0 0 0 0 0 0 0 0 0 0 0 0 0 0 0 0 0 0 0 0 
0 0 0 0 0 0 0 0 0 0 0 0 0 0 0 0 0 0 0 0 0 0 0 0 0 0 0 0 0 0 0 0 0 0 0 0 0 0 0 
0 0 0 0 0 0 0 0
##$VisuCoreDataSlope=( 320 )
3.2851955353481 3.2851955353481 3.2851955353481 3.2851955353481 
3.2851955353481 3.2851955353481 3.2851955353481 3.2851955353481 
3.2851955353481 3.2851955353481 3.2851955353481 3.2851955353481 
3.2851955353481 3.2851955353481 3.2851955353481 3.2851955353481 
3.2851955353481 3.2851955353481 3.2851955353481 3.2851955353481 
3.2851955353481 3.2851955353481 3.2851955353481 3.2851955353481 
3.2851955353481 3.2851955353481 3.2851955353481 3.2851955353481 
3.2851955353481 3.2851955353481 3.2851955353481 3.2851955353481 
3.2851955353481 3.2851955353481 3.2851955353481 3.2851955353481 
3.2851955353481 3.2851955353481 3.2851955353481 3.2851955353481 
3.2851955353481 3.2851955353481 3.2851955353481 3.2851955353481 
3.2851955353481 3.2851955353481 3.2851955353481 3.2851955353481 
3.2851955353481 3.2851955353481 3.2851955353481 3.2851955353481 
3.2851955353481 3.2851955353481 3.2851955353481 3.2851955353481 
3.2851955353481 3.2851955353481 3.2851955353481 3.2851955353481 
3.2851955353481 3.2851955353481 3.2851955353481 3.2851955353481 
3.2851955353481 3.2851955353481 3.2851955353481 3.2851955353481 
3.2851955353481 3.2851955353481 3.2851955353481 3.2851955353481 
3.2851955353481 3.2851955353481 3.2851955353481 3.2851955353481 
3.2851955353481 3.2851955353481 3.2851955353481 3.2851955353481 
3.2851955353481 3.2851955353481 3.2851955353481 3.2851955353481 
3.2851955353481 3.2851955353481 3.2851955353481 3.2851955353481 
3.2851955353481 3.2851955353481 3.2851955353481 3.2851955353481 
3.2851955353481 3.2851955353481 3.2851955353481 3.2851955353481 
3.2851955353481 3.2851955353481 3.2851955353481 3.2851955353481 
3.2851955353481 3.2851955353481 3.2851955353481 3.2851955353481 
3.2851955353481 3.2851955353481 3.2851955353481 3.2851955353481 
3.2851955353481 3.2851955353481 3.2851955353481 3.2851955353481 
3.2851955353481 3.2851955353481 3.2851955353481 3.2851955353481 
3.2851955353481 3.2851955353481 3.2851955353481 3.2851955353481 
3.2851955353481 3.2851955353481 3.2851955353481 3.2851955353481 
3.2851955353481 3.2851955353481 3.2851955353481 3.2851955353481 
3.2851955353481 3.2851955353481 3.2851955353481 3.2851955353481 
3.2851955353481 3.2851955353481 3.2851955353481 3.2851955353481 
3.2851955353481 3.2851955353481 3.2851955353481 3.2851955353481 
3.2851955353481 3.2851955353481 3.2851955353481 3.2851955353481 
3.2851955353481 3.2851955353481 3.2851955353481 3.2851955353481 
3.2851955353481 3.2851955353481 3.2851955353481 3.2851955353481 
3.2851955353481 3.2851955353481 3.2851955353481 3.2851955353481 
3.2851955353481 3.2851955353481 3.2851955353481 3.2851955353481 
3.2851955353481 3.2851955353481 3.2851955353481 3.2851955353481 
3.2851955353481 3.2851955353481 3.2851955353481 3.2851955353481 
3.2851955353481 3.2851955353481 3.2851955353481 3.2851955353481 
3.2851955353481 3.2851955353481 3.2851955353481 3.2851955353481 
3.2851955353481 3.2851955353481 3.2851955353481 3.2851955353481 
3.2851955353481 3.2851955353481 3.2851955353481 3.2851955353481 
3.2851955353481 3.2851955353481 3.2851955353481 3.2851955353481 
3.2851955353481 3.2851955353481 3.2851955353481 3.2851955353481 
3.2851955353481 3.2851955353481 3.2851955353481 3.2851955353481 
3.2851955353481 3.2851955353481 3.2851955353481 3.2851955353481 
3.2851955353481 3.2851955353481 3.2851955353481 3.2851955353481 
3.2851955353481 3.2851955353481 3.2851955353481 3.2851955353481 
3.2851955353481 3.2851955353481 3.2851955353481 3.2851955353481 
3.2851955353481 3.2851955353481 3.2851955353481 3.2851955353481 
3.2851955353481 3.2851955353481 3.2851955353481 3.2851955353481 
3.2851955353481 3.2851955353481 3.2851955353481 3.2851955353481 
3.2851955353481 3.2851955353481 3.2851955353481 3.2851955353481 
3.2851955353481 3.2851955353481 3.2851955353481 3.2851955353481 
3.2851955353481 3.2851955353481 3.2851955353481 3.2851955353481 
3.2851955353481 3.2851955353481 3.2851955353481 3.2851955353481 
3.2851955353481 3.2851955353481 3.2851955353481 3.2851955353481 
3.2851955353481 3.2851955353481 3.2851955353481 3.2851955353481 
3.2851955353481 3.2851955353481 3.2851955353481 3.2851955353481 
3.2851955353481 3.2851955353481 3.2851955353481 3.2851955353481 
3.2851955353481 3.2851955353481 3.2851955353481 3.2851955353481 
3.2851955353481 3.2851955353481 3.2851955353481 3.2851955353481 
3.2851955353481 3.2851955353481 3.2851955353481 3.2851955353481 
3.2851955353481 3.2851955353481 3.2851955353481 3.2851955353481 
3.2851955353481 3.2851955353481 3.2851955353481 3.2851955353481 
3.2851955353481 3.2851955353481 3.2851955353481 3.2851955353481 
3.2851955353481 3.2851955353481 3.2851955353481 3.2851955353481 
3.2851955353481 3.2851955353481 3.2851955353481 3.2851955353481 
3.2851955353481 3.2851955353481 3.2851955353481 3.2851955353481 
3.2851955353481 3.2851955353481 3.2851955353481 3.2851955353481 
3.2851955353481 3.2851955353481 3.2851955353481 3.2851955353481 
3.2851955353481 3.2851955353481 3.2851955353481 3.2851955353481 
3.2851955353481 3.2851955353481 3.2851955353481 3.2851955353481 
3.2851955353481 3.2851955353481 3.2851955353481 3.2851955353481 
3.2851955353481 3.2851955353481 3.2851955353481 3.2851955353481 
3.2851955353481 3.2851955353481 3.2851955353481 3.2851955353481
##$VisuCoreFrameType=MAGNITUDE_IMAGE
$$ @vis= VisuCoreDataMax VisuCoreDataOffs VisuCoreDataSlope VisuCoreFrameType
##$VisuCoreWordType=_16BIT_SGN_INT
##$VisuCoreByteOrder=littleEndian
##$VisuFGOrderDescDim=1
$$ @vis= VisuCore VisuCoreWordType VisuCoreByteOrder VisuPixel
##$VisuFGOrderDesc=( 1 )
(320, <FG_CYCLE>, <>, 0, 0)
##$VisuSubjectName=( 65 )
<RMD272>
##$VisuSubjectId=( 65 )
<RMD272>
$$ @vis= VisuFGOrderDescDim VisuFGOrderDesc VisuFrameOrderDesc VisuSubjectName
##$VisuSubjectBirthDate=( 9 )
<>
##$VisuSubjectSex=FEMALE
##$VisuSubjectComment=( 2048 )
<>
$$ @vis= VisuSubjectId VisuSubjectBirthDate VisuSubjectSex VisuSubjectComment
##$VisuStudyUid=( 65 )
<2.16.756.5.5.100.278412266.15942.1407429006.129>
##$VisuStudyDate=( 21 )
<13:30:06  7 Aug 2014>
##$VisuStudyId=( 65 )
<RMD272>
##$VisuStudyNumber=1
##$VisuSubjectWeight=5
$$ @vis= VisuSubject VisuStudyUid VisuStudyDate VisuStudyId VisuStudyNumber
##$VisuStudyReferringPhysician=( 65 )
<>
##$VisuStudyDescription=( 65 )
<>
$$ @vis= VisuSubjectWeight VisuStudyReferringPhysician VisuStudyDescription
##$VisuSeriesNumber=2359297
##$VisuSubjectPosition=Head_Supine
##$VisuSeriesTypeId=( 65 )
<ACQ_USER_PVM>
$$ @vis= VisuStudy VisuSeriesNumber VisuSubjectPosition VisuSeriesTypeId
##$VisuAcqSoftwareVersion=( 65 )
<5.1>
##$VisuInstitution=( 65 )
<Duke University Biospec 70/20>
##$VisuStation=( 65 )
<spect>
$$ @vis= VisuSeries VisuAcqSoftwareVersion VisuInstitution VisuStation
##$VisuAcqDate=( 21 )
<21:00:45  7 Aug 2014>
##$VisuAcqEchoTrainLength=1
##$VisuAcqSequenceName=( 40 )
<rMD_HOT (pvm)>
##$VisuAcqNumberOfAverages=4
$$ @vis= VisuEquipment VisuAcqDate VisuAcqEchoTrainLength VisuAcqSequenceName
##$VisuAcqImagingFrequency=300.340552116593
##$VisuAcqImagedNucleus=( 8 )
<1H>
##$VisuAcqRepetitionTime=( 1 )
1880
$$ @vis= VisuAcqNumberOfAverages VisuAcqImagingFrequency VisuAcqImagedNucleus
##$VisuAcqFlipAngle=90
##$VisuAcqEchoTime=( 1 )
0
##$VisuAcquisitionProtocol=( 65 )
<RMD_HOT_RBM_RARE_ZQSQ2>
$$ @vis= VisuAcqRepetitionTime VisuAcqFlipAngle VisuAcqEchoTime
##$VisuAcqScanTime=601600
$$ @vis= VisuAcquisitionProtocol VisuAcqScanTime VisuAcquisition Visu
##END=
