##TITLE=Parameter List
##JCAMPDX=4.24
##DATATYPE=Parameter Values
##ORIGIN=Bruker BioSpin MRI GmbH
##OWNER=ryan
$$ Thu Jul 24 23:58:03 2014 EDT (UT-4h)  ryan
$$ /opt/PV5.1/data/ryan/nmr/RMD266.qU1/48/pdata/1/reco
##$RECO_mode=FT_MODE
##$RecoAutoDerive=Yes
##$RECO_inp_order=NO_REORDERING
##$RECO_inp_size=( 1 )
32
##$RECO_ft_size=( 1 )
32
##$RECO_fov=( 1 )
0
##$RECO_size=( 1 )
32
$$ @vis= RECO_mode RecoAutoDerive RECO_inp_order RECO_ft_size RECO_fov
##$RECO_offset=( 1, 4 )
0 0 0 0
##$RECO_regrid_mode=NO_REGRID
##$RECO_regrid_offset=0
##$RECO_ramp_gap=0
##$RECO_ramp_time=0
##$RECO_ne_mode=NO_NAV_DATA
##$RECO_ne_dist=NeNoInterleave
##$RECO_ne_dens=NeCorrPerScan
##$RECO_ne_type=NAV_PHASE
##$RECO_ne_vals=( 1, 2 )
0 0
##$RECO_bc_mode=( 1 )
AUTO_OFFSET_BC
##$RECO_bc_start=( 1 )
24
##$RECO_bc_len=( 1 )
8
$$ @vis= RECO_size RECO_regrid_mode RECO_ne_mode RECO_bc_mode RECO_bc_start
##$RECO_dc_offset=( 2 )
11 -13
##$RECO_dc_divisor=8
##$RECO_bc_coroff=( 1 )
0
##$RECO_qopts=( 1 )
CONJ_AND_QNEG
##$RECO_wdw_mode=( 1 )
NO_WDW
##$RECO_lb=( 1 )
-0.5
##$RECO_sw=( 1 )
22001
##$RECO_gb=( 1 )
0.5
##$RECO_sbs=( 1 )
1
##$RECO_tm1=( 1 )
0.25
##$RECO_tm2=( 1 )
0.75
##$RECO_ft_mode=( 1 )
COMPLEX_FFT
##$RECO_pc_mode=( 1 )
NO_PC
##$RECO_pc_lin=( 1 )
(0, 0)
##$RECO_rotate=( 1, 4 )
0 0 0 0
$$ @vis= RECO_bc_len RECO_qopts RECO_wdw_mode RECO_ft_mode RECO_pc_mode
##$RECO_ppc_mode=NO_PPC
##$RECO_ref_image=0
##$RECO_nr_supports=0.4
##$RECO_sig_threshold=0.15
##$RECO_ppc_degree=1
##$RECO_ppc_coeffs=( 4, 1, 2 )
0 0 0 0 0 0 0 0
##$RECO_dc_elim=Yes
##$RECO_transposition=( 4 )
0 0 0 0
##$RECO_image_type=MAGNITUDE_IMAGE
$$ @vis= RECO_rotate RECO_ppc_mode RECO_dc_elim RECO_transposition
##$RECO_image_threshold=0.15
##$RECO_ir_scale=10
##$RECO_wordtype=_16BIT_SGN_INT
##$RECO_map_mode=ABSOLUTE_MAPPING
##$RECO_map_range=( 2 )
-2147483647 2147483647
##$RECO_map_percentile=( 2 )
1 99
##$RECO_map_error=0.25
##$RECO_globex=( 320 )
0 0 0 0 0 0 0 0 0 0 0 0 0 0 0 0 0 0 0 0 0 0 0 0 0 0 0 0 0 0 0 0 0 0 0 0 0 0 0 
0 0 0 0 0 0 0 0 0 0 0 0 0 0 0 0 0 0 0 0 0 0 0 0 0 0 0 0 0 0 0 0 0 0 0 0 0 0 0 
0 0 0 0 0 0 0 0 0 0 0 0 0 0 0 0 0 0 0 0 0 0 0 0 0 0 0 0 0 0 0 0 0 0 0 0 0 0 0 
0 0 0 0 0 0 0 0 0 0 0 0 0 0 0 0 0 0 0 0 0 0 0 0 0 0 0 0 0 0 0 0 0 0 0 0 0 0 0 
0 0 0 0 0 0 0 0 0 0 0 0 0 0 0 0 0 0 0 0 0 0 0 0 0 0 0 0 0 0 0 0 0 0 0 0 0 0 0 
0 0 0 0 0 0 0 0 0 0 0 0 0 0 0 0 0 0 0 0 0 0 0 0 0 0 0 0 0 0 0 0 0 0 0 0 0 0 0 
0 0 0 0 0 0 0 0 0 0 0 0 0 0 0 0 0 0 0 0 0 0 0 0 0 0 0 0 0 0 0 0 0 0 0 0 0 0 0 
0 0 0 0 0 0 0 0 0 0 0 0 0 0 0 0 0 0 0 0 0 0 0 0 0 0 0 0 0 0 0 0 0 0 0 0 0 0 0 
0 0 0 0 0 0 0 0
##$RECO_minima=( 320 )
0 0 0 0 0 0 0 0 0 0 0 0 0 0 0 0 0 0 0 0 0 0 0 0 0 0 0 0 0 0 0 0 0 0 0 0 0 0 0 
0 0 0 0 0 0 0 0 0 0 0 0 0 0 0 0 0 0 0 0 0 0 0 0 0 0 0 0 0 0 0 0 0 0 0 0 0 0 0 
0 0 0 0 0 0 0 0 0 0 0 0 0 0 0 0 0 0 0 0 0 0 0 0 0 0 0 0 0 0 0 0 0 0 0 0 0 0 0 
0 0 0 0 0 0 0 0 0 0 0 0 0 0 0 0 0 0 0 0 0 0 0 0 0 0 0 0 0 0 0 0 0 0 0 0 0 0 0 
0 0 0 0 0 0 0 0 0 0 0 0 0 0 0 0 0 0 0 0 0 0 0 0 0 0 0 0 0 0 0 0 0 0 0 0 0 0 0 
0 0 0 0 0 0 0 0 0 0 0 0 0 0 0 0 0 0 0 0 0 0 0 0 0 0 0 0 0 0 0 0 0 0 0 0 0 0 0 
0 0 0 0 0 0 0 0 0 0 0 0 0 0 0 0 0 0 0 0 0 0 0 0 0 0 0 0 0 0 0 0 0 0 0 0 0 0 0 
0 0 0 0 0 0 0 0 0 0 0 0 0 0 0 0 0 0 0 0 0 0 0 0 0 0 0 0 0 0 0 0 0 0 0 0 0 0 0 
0 0 0 0 0 0 0 0
##$RECO_maxima=( 320 )
130 154 7175 6836 133 137 9056 8584 146 190 11162 10691 131 160 13531 12254 
146 256 13433 13121 183 247 17792 15761 163 349 16232 14924 429 395 32380 
29254 406 336 32597 28160 256 190 15777 13563 274 135 17145 15122 178 121 
13132 12223 188 151 13228 11794 220 165 11224 9984 133 162 8912 8039 142 165 
7724 6015 206 130 7143 6796 124 138 8985 8308 165 188 11090 10690 153 158 
13235 12019 172 187 13397 13034 192 176 17530 15631 178 299 16239 14411 454 
411 32421 29371 386 347 32767 28040 267 194 15747 13538 185 185 17174 15222 
179 144 13198 12302 231 172 13160 11946 154 174 11245 10025 128 162 8928 7993 
126 114 7736 5919 128 110 7111 6790 219 121 9004 8361 190 171 11135 10745 156 
171 13196 12168 142 140 13381 13134 261 194 17582 15724 197 309 16301 14545 
365 457 32505 29259 363 308 32583 28028 240 242 15722 13583 154 162 17160 
15232 190 172 13230 12241 149 131 13091 11839 179 126 11201 10032 153 163 
8960 8066 190 112 7775 6095 158 130 7075 6815 135 114 9015 8299 137 140 11035 
10777 185 178 13194 11995 163 165 13406 12916 213 176 17559 15706 197 304 
16192 14411 342 459 32579 29403 440 297 32417 28133 254 195 15854 13460 222 
142 17170 15321 140 149 13219 12209 146 144 13196 11846 153 130 11181 10006 
112 144 8923 7996 114 130 7715 6083 106 110 7104 6849 144 146 9040 8481 158 
185 11101 10697 124 187 13184 11949 149 146 13369 13137 203 192 17496 15590 
194 233 16217 14448 393 438 32592 29138 393 317 32453 28067 242 190 15800 
13478 178 201 17026 15197 146 178 13182 12250 171 162 13182 11830 106 142 
11253 9990 131 122 9001 8026 128 131 7708 6074
$$ @vis= RECO_image_type RECO_wordtype RECO_map_mode RECO_globex RECO_minima
##$RECO_map_min=( 320 )
-18394 -18394 -18394 -18394 -18394 -18394 -18394 -18394 -18394 -18394 -18394 
-18394 -18394 -18394 -18394 -18394 -18394 -18394 -18394 -18394 -18394 -18394 
-18394 -18394 -18394 -18394 -18394 -18394 -18394 -18394 -18394 -18394 -18394 
-18394 -18394 -18394 -18394 -18394 -18394 -18394 -18394 -18394 -18394 -18394 
-18394 -18394 -18394 -18394 -18394 -18394 -18394 -18394 -18394 -18394 -18394 
-18394 -18394 -18394 -18394 -18394 -18394 -18394 -18394 -18394 -18394 -18394 
-18394 -18394 -18394 -18394 -18394 -18394 -18394 -18394 -18394 -18394 -18394 
-18394 -18394 -18394 -18394 -18394 -18394 -18394 -18394 -18394 -18394 -18394 
-18394 -18394 -18394 -18394 -18394 -18394 -18394 -18394 -18394 -18394 -18394 
-18394 -18394 -18394 -18394 -18394 -18394 -18394 -18394 -18394 -18394 -18394 
-18394 -18394 -18394 -18394 -18394 -18394 -18394 -18394 -18394 -18394 -18394 
-18394 -18394 -18394 -18394 -18394 -18394 -18394 -18394 -18394 -18394 -18394 
-18394 -18394 -18394 -18394 -18394 -18394 -18394 -18394 -18394 -18394 -18394 
-18394 -18394 -18394 -18394 -18394 -18394 -18394 -18394 -18394 -18394 -18394 
-18394 -18394 -18394 -18394 -18394 -18394 -18394 -18394 -18394 -18394 -18394 
-18394 -18394 -18394 -18394 -18394 -18394 -18394 -18394 -18394 -18394 -18394 
-18394 -18394 -18394 -18394 -18394 -18394 -18394 -18394 -18394 -18394 -18394 
-18394 -18394 -18394 -18394 -18394 -18394 -18394 -18394 -18394 -18394 -18394 
-18394 -18394 -18394 -18394 -18394 -18394 -18394 -18394 -18394 -18394 -18394 
-18394 -18394 -18394 -18394 -18394 -18394 -18394 -18394 -18394 -18394 -18394 
-18394 -18394 -18394 -18394 -18394 -18394 -18394 -18394 -18394 -18394 -18394 
-18394 -18394 -18394 -18394 -18394 -18394 -18394 -18394 -18394 -18394 -18394 
-18394 -18394 -18394 -18394 -18394 -18394 -18394 -18394 -18394 -18394 -18394 
-18394 -18394 -18394 -18394 -18394 -18394 -18394 -18394 -18394 -18394 -18394 
-18394 -18394 -18394 -18394 -18394 -18394 -18394 -18394 -18394 -18394 -18394 
-18394 -18394 -18394 -18394 -18394 -18394 -18394 -18394 -18394 -18394 -18394 
-18394 -18394 -18394 -18394 -18394 -18394 -18394 -18394 -18394 -18394 -18394 
-18394 -18394 -18394 -18394 -18394 -18394 -18394 -18394 -18394 -18394 -18394 
-18394 -18394 -18394 -18394 -18394 -18394 -18394 -18394 -18394 -18394 -18394 
-18394
##$RECO_map_max=( 320 )
18394 18394 18394 18394 18394 18394 18394 18394 18394 18394 18394 18394 18394 
18394 18394 18394 18394 18394 18394 18394 18394 18394 18394 18394 18394 18394 
18394 18394 18394 18394 18394 18394 18394 18394 18394 18394 18394 18394 18394 
18394 18394 18394 18394 18394 18394 18394 18394 18394 18394 18394 18394 18394 
18394 18394 18394 18394 18394 18394 18394 18394 18394 18394 18394 18394 18394 
18394 18394 18394 18394 18394 18394 18394 18394 18394 18394 18394 18394 18394 
18394 18394 18394 18394 18394 18394 18394 18394 18394 18394 18394 18394 18394 
18394 18394 18394 18394 18394 18394 18394 18394 18394 18394 18394 18394 18394 
18394 18394 18394 18394 18394 18394 18394 18394 18394 18394 18394 18394 18394 
18394 18394 18394 18394 18394 18394 18394 18394 18394 18394 18394 18394 18394 
18394 18394 18394 18394 18394 18394 18394 18394 18394 18394 18394 18394 18394 
18394 18394 18394 18394 18394 18394 18394 18394 18394 18394 18394 18394 18394 
18394 18394 18394 18394 18394 18394 18394 18394 18394 18394 18394 18394 18394 
18394 18394 18394 18394 18394 18394 18394 18394 18394 18394 18394 18394 18394 
18394 18394 18394 18394 18394 18394 18394 18394 18394 18394 18394 18394 18394 
18394 18394 18394 18394 18394 18394 18394 18394 18394 18394 18394 18394 18394 
18394 18394 18394 18394 18394 18394 18394 18394 18394 18394 18394 18394 18394 
18394 18394 18394 18394 18394 18394 18394 18394 18394 18394 18394 18394 18394 
18394 18394 18394 18394 18394 18394 18394 18394 18394 18394 18394 18394 18394 
18394 18394 18394 18394 18394 18394 18394 18394 18394 18394 18394 18394 18394 
18394 18394 18394 18394 18394 18394 18394 18394 18394 18394 18394 18394 18394 
18394 18394 18394 18394 18394 18394 18394 18394 18394 18394 18394 18394 18394 
18394 18394 18394 18394 18394 18394 18394 18394 18394 18394 18394 18394 18394 
18394 18394 18394 18394 18394 18394 18394 18394 18394 18394 18394 18394 18394 
18394 18394 18394 18394 18394 18394 18394 18394
##$RECO_map_offset=( 320 )
0 0 0 0 0 0 0 0 0 0 0 0 0 0 0 0 0 0 0 0 0 0 0 0 0 0 0 0 0 0 0 0 0 0 0 0 0 0 0 
0 0 0 0 0 0 0 0 0 0 0 0 0 0 0 0 0 0 0 0 0 0 0 0 0 0 0 0 0 0 0 0 0 0 0 0 0 0 0 
0 0 0 0 0 0 0 0 0 0 0 0 0 0 0 0 0 0 0 0 0 0 0 0 0 0 0 0 0 0 0 0 0 0 0 0 0 0 0 
0 0 0 0 0 0 0 0 0 0 0 0 0 0 0 0 0 0 0 0 0 0 0 0 0 0 0 0 0 0 0 0 0 0 0 0 0 0 0 
0 0 0 0 0 0 0 0 0 0 0 0 0 0 0 0 0 0 0 0 0 0 0 0 0 0 0 0 0 0 0 0 0 0 0 0 0 0 0 
0 0 0 0 0 0 0 0 0 0 0 0 0 0 0 0 0 0 0 0 0 0 0 0 0 0 0 0 0 0 0 0 0 0 0 0 0 0 0 
0 0 0 0 0 0 0 0 0 0 0 0 0 0 0 0 0 0 0 0 0 0 0 0 0 0 0 0 0 0 0 0 0 0 0 0 0 0 0 
0 0 0 0 0 0 0 0 0 0 0 0 0 0 0 0 0 0 0 0 0 0 0 0 0 0 0 0 0 0 0 0 0 0 0 0 0 0 0 
0 0 0 0 0 0 0 0
##$RECO_map_slope=( 320 )
1.78139615058899 1.78139615058899 1.78139615058899 1.78139615058899 
1.78139615058899 1.78139615058899 1.78139615058899 1.78139615058899 
1.78139615058899 1.78139615058899 1.78139615058899 1.78139615058899 
1.78139615058899 1.78139615058899 1.78139615058899 1.78139615058899 
1.78139615058899 1.78139615058899 1.78139615058899 1.78139615058899 
1.78139615058899 1.78139615058899 1.78139615058899 1.78139615058899 
1.78139615058899 1.78139615058899 1.78139615058899 1.78139615058899 
1.78139615058899 1.78139615058899 1.78139615058899 1.78139615058899 
1.78139615058899 1.78139615058899 1.78139615058899 1.78139615058899 
1.78139615058899 1.78139615058899 1.78139615058899 1.78139615058899 
1.78139615058899 1.78139615058899 1.78139615058899 1.78139615058899 
1.78139615058899 1.78139615058899 1.78139615058899 1.78139615058899 
1.78139615058899 1.78139615058899 1.78139615058899 1.78139615058899 
1.78139615058899 1.78139615058899 1.78139615058899 1.78139615058899 
1.78139615058899 1.78139615058899 1.78139615058899 1.78139615058899 
1.78139615058899 1.78139615058899 1.78139615058899 1.78139615058899 
1.78139615058899 1.78139615058899 1.78139615058899 1.78139615058899 
1.78139615058899 1.78139615058899 1.78139615058899 1.78139615058899 
1.78139615058899 1.78139615058899 1.78139615058899 1.78139615058899 
1.78139615058899 1.78139615058899 1.78139615058899 1.78139615058899 
1.78139615058899 1.78139615058899 1.78139615058899 1.78139615058899 
1.78139615058899 1.78139615058899 1.78139615058899 1.78139615058899 
1.78139615058899 1.78139615058899 1.78139615058899 1.78139615058899 
1.78139615058899 1.78139615058899 1.78139615058899 1.78139615058899 
1.78139615058899 1.78139615058899 1.78139615058899 1.78139615058899 
1.78139615058899 1.78139615058899 1.78139615058899 1.78139615058899 
1.78139615058899 1.78139615058899 1.78139615058899 1.78139615058899 
1.78139615058899 1.78139615058899 1.78139615058899 1.78139615058899 
1.78139615058899 1.78139615058899 1.78139615058899 1.78139615058899 
1.78139615058899 1.78139615058899 1.78139615058899 1.78139615058899 
1.78139615058899 1.78139615058899 1.78139615058899 1.78139615058899 
1.78139615058899 1.78139615058899 1.78139615058899 1.78139615058899 
1.78139615058899 1.78139615058899 1.78139615058899 1.78139615058899 
1.78139615058899 1.78139615058899 1.78139615058899 1.78139615058899 
1.78139615058899 1.78139615058899 1.78139615058899 1.78139615058899 
1.78139615058899 1.78139615058899 1.78139615058899 1.78139615058899 
1.78139615058899 1.78139615058899 1.78139615058899 1.78139615058899 
1.78139615058899 1.78139615058899 1.78139615058899 1.78139615058899 
1.78139615058899 1.78139615058899 1.78139615058899 1.78139615058899 
1.78139615058899 1.78139615058899 1.78139615058899 1.78139615058899 
1.78139615058899 1.78139615058899 1.78139615058899 1.78139615058899 
1.78139615058899 1.78139615058899 1.78139615058899 1.78139615058899 
1.78139615058899 1.78139615058899 1.78139615058899 1.78139615058899 
1.78139615058899 1.78139615058899 1.78139615058899 1.78139615058899 
1.78139615058899 1.78139615058899 1.78139615058899 1.78139615058899 
1.78139615058899 1.78139615058899 1.78139615058899 1.78139615058899 
1.78139615058899 1.78139615058899 1.78139615058899 1.78139615058899 
1.78139615058899 1.78139615058899 1.78139615058899 1.78139615058899 
1.78139615058899 1.78139615058899 1.78139615058899 1.78139615058899 
1.78139615058899 1.78139615058899 1.78139615058899 1.78139615058899 
1.78139615058899 1.78139615058899 1.78139615058899 1.78139615058899 
1.78139615058899 1.78139615058899 1.78139615058899 1.78139615058899 
1.78139615058899 1.78139615058899 1.78139615058899 1.78139615058899 
1.78139615058899 1.78139615058899 1.78139615058899 1.78139615058899 
1.78139615058899 1.78139615058899 1.78139615058899 1.78139615058899 
1.78139615058899 1.78139615058899 1.78139615058899 1.78139615058899 
1.78139615058899 1.78139615058899 1.78139615058899 1.78139615058899 
1.78139615058899 1.78139615058899 1.78139615058899 1.78139615058899 
1.78139615058899 1.78139615058899 1.78139615058899 1.78139615058899 
1.78139615058899 1.78139615058899 1.78139615058899 1.78139615058899 
1.78139615058899 1.78139615058899 1.78139615058899 1.78139615058899 
1.78139615058899 1.78139615058899 1.78139615058899 1.78139615058899 
1.78139615058899 1.78139615058899 1.78139615058899 1.78139615058899 
1.78139615058899 1.78139615058899 1.78139615058899 1.78139615058899 
1.78139615058899 1.78139615058899 1.78139615058899 1.78139615058899 
1.78139615058899 1.78139615058899 1.78139615058899 1.78139615058899 
1.78139615058899 1.78139615058899 1.78139615058899 1.78139615058899 
1.78139615058899 1.78139615058899 1.78139615058899 1.78139615058899 
1.78139615058899 1.78139615058899 1.78139615058899 1.78139615058899 
1.78139615058899 1.78139615058899 1.78139615058899 1.78139615058899 
1.78139615058899 1.78139615058899 1.78139615058899 1.78139615058899 
1.78139615058899 1.78139615058899 1.78139615058899 1.78139615058899 
1.78139615058899 1.78139615058899 1.78139615058899 1.78139615058899 
1.78139615058899 1.78139615058899 1.78139615058899 1.78139615058899 
1.78139615058899 1.78139615058899 1.78139615058899 1.78139615058899 
1.78139615058899 1.78139615058899 1.78139615058899 1.78139615058899 
1.78139615058899 1.78139615058899 1.78139615058899 1.78139615058899 
1.78139615058899 1.78139615058899 1.78139615058899 1.78139615058899 
1.78139615058899 1.78139615058899 1.78139615058899 1.78139615058899 
1.78139615058899 1.78139615058899 1.78139615058899 1.78139615058899
##$RECO_byte_order=littleEndian
$$ @vis= RECO_maxima RECO_map_min RECO_map_max RECO_map_offset RECO_map_slope
##$RECO_time=( 24 )
<23:47:49 24 Jul 2014>
##$RECO_abs_time=1406260069
##$RECO_base_image_uid=( 65 )
<2.16.756.5.5.100.278412266.14994.1406260683.1891>
$$ @vis= RECO_byte_order RECO_time RECO_abs_time RECO_base_image_uid
##$GS_reco_display=Yes
##$GO_reco_display=Yes
##$GO_reco_each_nr=No
$$ @vis= RecoRegridNGroup GS_reco_display RECO_GS GO_reco_display
##$GO_max_reco_mem=0
$$ @vis= GO_reco_each_nr GO_max_reco_mem RECO_GO RECO
##END=
