##TITLE=Parameter List
##JCAMPDX=4.24
##DATATYPE=Parameter Values
##ORIGIN=Bruker BioSpin MRI GmbH
##OWNER=ryan
$$ Thu Aug  7 22:13:12 2014 EDT (UT-4h)  ryan
$$ /opt/PV5.1/data/ryan/nmr/RMD272.r81/42/pdata/1/reco
##$RECO_mode=FT_MODE
##$RecoAutoDerive=Yes
##$RECO_inp_order=NO_REORDERING
##$RECO_inp_size=( 1 )
32
##$RECO_ft_size=( 1 )
32
##$RECO_fov=( 1 )
0
##$RECO_size=( 1 )
32
$$ @vis= RECO_mode RecoAutoDerive RECO_inp_order RECO_ft_size RECO_fov
##$RECO_offset=( 1, 4 )
0 0 0 0
##$RECO_regrid_mode=NO_REGRID
##$RECO_regrid_offset=0
##$RECO_ramp_gap=0
##$RECO_ramp_time=0
##$RECO_ne_mode=NO_NAV_DATA
##$RECO_ne_dist=NeNoInterleave
##$RECO_ne_dens=NeCorrPerScan
##$RECO_ne_type=NAV_PHASE
##$RECO_ne_vals=( 1, 2 )
0 0
##$RECO_bc_mode=( 1 )
AUTO_OFFSET_BC
##$RECO_bc_start=( 1 )
24
##$RECO_bc_len=( 1 )
8
$$ @vis= RECO_size RECO_regrid_mode RECO_ne_mode RECO_bc_mode RECO_bc_start
##$RECO_dc_offset=( 2 )
-8 1
##$RECO_dc_divisor=8
##$RECO_bc_coroff=( 1 )
0
##$RECO_qopts=( 1 )
CONJ_AND_QNEG
##$RECO_wdw_mode=( 1 )
NO_WDW
##$RECO_lb=( 1 )
-0.5
##$RECO_sw=( 1 )
22001
##$RECO_gb=( 1 )
0.5
##$RECO_sbs=( 1 )
1
##$RECO_tm1=( 1 )
0.25
##$RECO_tm2=( 1 )
0.75
##$RECO_ft_mode=( 1 )
COMPLEX_FFT
##$RECO_pc_mode=( 1 )
NO_PC
##$RECO_pc_lin=( 1 )
(0, 0)
##$RECO_rotate=( 1, 4 )
0 0 0 0
$$ @vis= RECO_bc_len RECO_qopts RECO_wdw_mode RECO_ft_mode RECO_pc_mode
##$RECO_ppc_mode=NO_PPC
##$RECO_ref_image=0
##$RECO_nr_supports=0.4
##$RECO_sig_threshold=0.15
##$RECO_ppc_degree=1
##$RECO_ppc_coeffs=( 4, 1, 2 )
0 0 0 0 0 0 0 0
##$RECO_dc_elim=Yes
##$RECO_transposition=( 4 )
0 0 0 0
##$RECO_image_type=MAGNITUDE_IMAGE
$$ @vis= RECO_rotate RECO_ppc_mode RECO_dc_elim RECO_transposition
##$RECO_image_threshold=0.15
##$RECO_ir_scale=10
##$RECO_wordtype=_16BIT_SGN_INT
##$RECO_map_mode=ABSOLUTE_MAPPING
##$RECO_map_range=( 2 )
-2147483647 2147483647
##$RECO_map_percentile=( 2 )
1 99
##$RECO_map_error=0.25
##$RECO_globex=( 320 )
0 0 0 0 0 0 0 0 0 0 0 0 0 0 0 0 0 0 0 0 0 0 0 0 0 0 0 0 0 0 0 0 0 0 0 0 0 0 0 
0 0 0 0 0 0 0 0 0 0 0 0 0 0 0 0 0 0 0 0 0 0 0 0 0 0 0 0 0 0 0 0 0 0 0 0 0 0 0 
0 0 0 0 0 0 0 0 0 0 0 0 0 0 0 0 0 0 0 0 0 0 0 0 0 0 0 0 0 0 0 0 0 0 0 0 0 0 0 
0 0 0 0 0 0 0 0 0 0 0 0 0 0 0 0 0 0 0 0 0 0 0 0 0 0 0 0 0 0 0 0 0 0 0 0 0 0 0 
0 0 0 0 0 0 0 0 0 0 0 0 0 0 0 0 0 0 0 0 0 0 0 0 0 0 0 0 0 0 0 0 0 0 0 0 0 0 0 
0 0 0 0 0 0 0 0 0 0 0 0 0 0 0 0 0 0 0 0 0 0 0 0 0 0 0 0 0 0 0 0 0 0 0 0 0 0 0 
0 0 0 0 0 0 0 0 0 0 0 0 0 0 0 0 0 0 0 0 0 0 0 0 0 0 0 0 0 0 0 0 0 0 0 0 0 0 0 
0 0 0 0 0 0 0 0 0 0 0 0 0 0 0 0 0 0 0 0 0 0 0 0 0 0 0 0 0 0 0 0 0 0 0 0 0 0 0 
0 0 0 0 0 0 0 0
##$RECO_minima=( 320 )
0 0 0 0 0 0 0 0 0 0 0 0 0 0 0 0 0 0 0 0 0 0 0 0 0 0 0 0 0 0 0 0 0 0 0 0 0 0 0 
0 0 0 0 0 0 0 0 0 0 0 0 0 0 0 0 0 0 0 0 0 0 0 0 0 0 0 0 0 0 0 0 0 0 0 0 0 0 0 
0 0 0 0 0 0 0 0 0 0 0 0 0 0 0 0 0 0 0 0 0 0 0 0 0 0 0 0 0 0 0 0 0 0 0 0 0 0 0 
0 0 0 0 0 0 0 0 0 0 0 0 0 0 0 0 0 0 0 0 0 0 0 0 0 0 0 0 0 0 0 0 0 0 0 0 0 0 0 
0 0 0 0 0 0 0 0 0 0 0 0 0 0 0 0 0 0 0 0 0 0 0 0 0 0 0 0 0 0 0 0 0 0 0 0 0 0 0 
0 0 0 0 0 0 0 0 0 0 0 0 0 0 0 0 0 0 0 0 0 0 0 0 0 0 0 0 0 0 0 0 0 0 0 0 0 0 0 
0 0 0 0 0 0 0 0 0 0 0 0 0 0 0 0 0 0 0 0 0 0 0 0 0 0 0 0 0 0 0 0 0 0 0 0 0 0 0 
0 0 0 0 0 0 0 0 0 0 0 0 0 0 0 0 0 0 0 0 0 0 0 0 0 0 0 0 0 0 0 0 0 0 0 0 0 0 0 
0 0 0 0 0 0 0 0
##$RECO_maxima=( 320 )
255 10036 17199 326 298 11766 18469 259 353 13173 19585 275 338 14663 22144 
318 267 12929 21240 432 338 21441 22805 220 314 14313 17973 306 259 24149 
26276 314 286 32704 21272 294 373 19412 15044 283 349 25600 19793 267 314 
23493 12466 259 283 22313 14360 275 294 20753 13523 267 286 19432 10979 306 
314 18103 10052 338 349 10567 18182 247 298 11479 18476 251 298 12819 19408 
322 353 14419 22207 318 255 12898 21134 286 251 21460 22691 322 416 14443 
17926 330 322 24550 26386 275 231 32597 21213 302 275 19538 14997 255 271 
25737 19577 267 353 23300 12528 338 326 22455 14113 334 267 20717 13271 404 
247 19341 10909 267 314 17875 10347 294 444 10406 18217 271 314 11494 18111 
314 286 13220 19267 361 263 14577 22211 302 228 13095 21417 330 424 21114 
22773 404 365 14643 18107 342 326 24389 26630 302 279 32641 21000 255 404 
19373 15068 294 436 25651 19589 322 255 23331 12340 259 298 22463 14301 322 
385 21067 13275 247 318 19337 10862 286 259 17938 10288 271 283 10429 18201 
334 298 11546 18355 290 247 13079 19361 235 330 14415 21983 290 235 12914 
21330 302 408 21327 23060 385 263 14443 17851 275 330 24464 26351 349 286 
32495 21228 361 279 19447 15056 361 353 25431 19778 330 326 23477 12752 231 
247 22168 14297 263 298 20871 13114 377 412 19483 10787 369 286 17840 10252 
342 286 10417 18201 342 239 11341 18048 255 322 13032 19050 286 220 14510 
21767 228 345 12690 20977 294 338 21323 22632 338 255 14203 17895 283 259 
24625 26264 283 294 32767 21334 231 283 19302 14934 231 286 25447 19565 263 
267 23253 12348 290 267 22105 14518 330 231 20867 13189 235 247 19479 10869 
302 286 17843 10260 251
$$ @vis= RECO_image_type RECO_wordtype RECO_map_mode RECO_globex RECO_minima
##$RECO_map_min=( 320 )
-8335 -8335 -8335 -8335 -8335 -8335 -8335 -8335 -8335 -8335 -8335 -8335 -8335 
-8335 -8335 -8335 -8335 -8335 -8335 -8335 -8335 -8335 -8335 -8335 -8335 -8335 
-8335 -8335 -8335 -8335 -8335 -8335 -8335 -8335 -8335 -8335 -8335 -8335 -8335 
-8335 -8335 -8335 -8335 -8335 -8335 -8335 -8335 -8335 -8335 -8335 -8335 -8335 
-8335 -8335 -8335 -8335 -8335 -8335 -8335 -8335 -8335 -8335 -8335 -8335 -8335 
-8335 -8335 -8335 -8335 -8335 -8335 -8335 -8335 -8335 -8335 -8335 -8335 -8335 
-8335 -8335 -8335 -8335 -8335 -8335 -8335 -8335 -8335 -8335 -8335 -8335 -8335 
-8335 -8335 -8335 -8335 -8335 -8335 -8335 -8335 -8335 -8335 -8335 -8335 -8335 
-8335 -8335 -8335 -8335 -8335 -8335 -8335 -8335 -8335 -8335 -8335 -8335 -8335 
-8335 -8335 -8335 -8335 -8335 -8335 -8335 -8335 -8335 -8335 -8335 -8335 -8335 
-8335 -8335 -8335 -8335 -8335 -8335 -8335 -8335 -8335 -8335 -8335 -8335 -8335 
-8335 -8335 -8335 -8335 -8335 -8335 -8335 -8335 -8335 -8335 -8335 -8335 -8335 
-8335 -8335 -8335 -8335 -8335 -8335 -8335 -8335 -8335 -8335 -8335 -8335 -8335 
-8335 -8335 -8335 -8335 -8335 -8335 -8335 -8335 -8335 -8335 -8335 -8335 -8335 
-8335 -8335 -8335 -8335 -8335 -8335 -8335 -8335 -8335 -8335 -8335 -8335 -8335 
-8335 -8335 -8335 -8335 -8335 -8335 -8335 -8335 -8335 -8335 -8335 -8335 -8335 
-8335 -8335 -8335 -8335 -8335 -8335 -8335 -8335 -8335 -8335 -8335 -8335 -8335 
-8335 -8335 -8335 -8335 -8335 -8335 -8335 -8335 -8335 -8335 -8335 -8335 -8335 
-8335 -8335 -8335 -8335 -8335 -8335 -8335 -8335 -8335 -8335 -8335 -8335 -8335 
-8335 -8335 -8335 -8335 -8335 -8335 -8335 -8335 -8335 -8335 -8335 -8335 -8335 
-8335 -8335 -8335 -8335 -8335 -8335 -8335 -8335 -8335 -8335 -8335 -8335 -8335 
-8335 -8335 -8335 -8335 -8335 -8335 -8335 -8335 -8335 -8335 -8335 -8335 -8335 
-8335 -8335 -8335 -8335 -8335 -8335 -8335 -8335 -8335 -8335 -8335 -8335 -8335 
-8335 -8335 -8335 -8335 -8335 -8335 -8335 -8335 -8335 -8335 -8335 -8335 -8335 
-8335 -8335 -8335 -8335 -8335 -8335 -8335 -8335
##$RECO_map_max=( 320 )
8335 8335 8335 8335 8335 8335 8335 8335 8335 8335 8335 8335 8335 8335 8335 
8335 8335 8335 8335 8335 8335 8335 8335 8335 8335 8335 8335 8335 8335 8335 
8335 8335 8335 8335 8335 8335 8335 8335 8335 8335 8335 8335 8335 8335 8335 
8335 8335 8335 8335 8335 8335 8335 8335 8335 8335 8335 8335 8335 8335 8335 
8335 8335 8335 8335 8335 8335 8335 8335 8335 8335 8335 8335 8335 8335 8335 
8335 8335 8335 8335 8335 8335 8335 8335 8335 8335 8335 8335 8335 8335 8335 
8335 8335 8335 8335 8335 8335 8335 8335 8335 8335 8335 8335 8335 8335 8335 
8335 8335 8335 8335 8335 8335 8335 8335 8335 8335 8335 8335 8335 8335 8335 
8335 8335 8335 8335 8335 8335 8335 8335 8335 8335 8335 8335 8335 8335 8335 
8335 8335 8335 8335 8335 8335 8335 8335 8335 8335 8335 8335 8335 8335 8335 
8335 8335 8335 8335 8335 8335 8335 8335 8335 8335 8335 8335 8335 8335 8335 
8335 8335 8335 8335 8335 8335 8335 8335 8335 8335 8335 8335 8335 8335 8335 
8335 8335 8335 8335 8335 8335 8335 8335 8335 8335 8335 8335 8335 8335 8335 
8335 8335 8335 8335 8335 8335 8335 8335 8335 8335 8335 8335 8335 8335 8335 
8335 8335 8335 8335 8335 8335 8335 8335 8335 8335 8335 8335 8335 8335 8335 
8335 8335 8335 8335 8335 8335 8335 8335 8335 8335 8335 8335 8335 8335 8335 
8335 8335 8335 8335 8335 8335 8335 8335 8335 8335 8335 8335 8335 8335 8335 
8335 8335 8335 8335 8335 8335 8335 8335 8335 8335 8335 8335 8335 8335 8335 
8335 8335 8335 8335 8335 8335 8335 8335 8335 8335 8335 8335 8335 8335 8335 
8335 8335 8335 8335 8335 8335 8335 8335 8335 8335 8335 8335 8335 8335 8335 
8335 8335 8335 8335 8335 8335 8335 8335 8335 8335 8335 8335 8335 8335 8335 
8335 8335 8335 8335 8335
##$RECO_map_offset=( 320 )
0 0 0 0 0 0 0 0 0 0 0 0 0 0 0 0 0 0 0 0 0 0 0 0 0 0 0 0 0 0 0 0 0 0 0 0 0 0 0 
0 0 0 0 0 0 0 0 0 0 0 0 0 0 0 0 0 0 0 0 0 0 0 0 0 0 0 0 0 0 0 0 0 0 0 0 0 0 0 
0 0 0 0 0 0 0 0 0 0 0 0 0 0 0 0 0 0 0 0 0 0 0 0 0 0 0 0 0 0 0 0 0 0 0 0 0 0 0 
0 0 0 0 0 0 0 0 0 0 0 0 0 0 0 0 0 0 0 0 0 0 0 0 0 0 0 0 0 0 0 0 0 0 0 0 0 0 0 
0 0 0 0 0 0 0 0 0 0 0 0 0 0 0 0 0 0 0 0 0 0 0 0 0 0 0 0 0 0 0 0 0 0 0 0 0 0 0 
0 0 0 0 0 0 0 0 0 0 0 0 0 0 0 0 0 0 0 0 0 0 0 0 0 0 0 0 0 0 0 0 0 0 0 0 0 0 0 
0 0 0 0 0 0 0 0 0 0 0 0 0 0 0 0 0 0 0 0 0 0 0 0 0 0 0 0 0 0 0 0 0 0 0 0 0 0 0 
0 0 0 0 0 0 0 0 0 0 0 0 0 0 0 0 0 0 0 0 0 0 0 0 0 0 0 0 0 0 0 0 0 0 0 0 0 0 0 
0 0 0 0 0 0 0 0
##$RECO_map_slope=( 320 )
3.93125367164612 3.93125367164612 3.93125367164612 3.93125367164612 
3.93125367164612 3.93125367164612 3.93125367164612 3.93125367164612 
3.93125367164612 3.93125367164612 3.93125367164612 3.93125367164612 
3.93125367164612 3.93125367164612 3.93125367164612 3.93125367164612 
3.93125367164612 3.93125367164612 3.93125367164612 3.93125367164612 
3.93125367164612 3.93125367164612 3.93125367164612 3.93125367164612 
3.93125367164612 3.93125367164612 3.93125367164612 3.93125367164612 
3.93125367164612 3.93125367164612 3.93125367164612 3.93125367164612 
3.93125367164612 3.93125367164612 3.93125367164612 3.93125367164612 
3.93125367164612 3.93125367164612 3.93125367164612 3.93125367164612 
3.93125367164612 3.93125367164612 3.93125367164612 3.93125367164612 
3.93125367164612 3.93125367164612 3.93125367164612 3.93125367164612 
3.93125367164612 3.93125367164612 3.93125367164612 3.93125367164612 
3.93125367164612 3.93125367164612 3.93125367164612 3.93125367164612 
3.93125367164612 3.93125367164612 3.93125367164612 3.93125367164612 
3.93125367164612 3.93125367164612 3.93125367164612 3.93125367164612 
3.93125367164612 3.93125367164612 3.93125367164612 3.93125367164612 
3.93125367164612 3.93125367164612 3.93125367164612 3.93125367164612 
3.93125367164612 3.93125367164612 3.93125367164612 3.93125367164612 
3.93125367164612 3.93125367164612 3.93125367164612 3.93125367164612 
3.93125367164612 3.93125367164612 3.93125367164612 3.93125367164612 
3.93125367164612 3.93125367164612 3.93125367164612 3.93125367164612 
3.93125367164612 3.93125367164612 3.93125367164612 3.93125367164612 
3.93125367164612 3.93125367164612 3.93125367164612 3.93125367164612 
3.93125367164612 3.93125367164612 3.93125367164612 3.93125367164612 
3.93125367164612 3.93125367164612 3.93125367164612 3.93125367164612 
3.93125367164612 3.93125367164612 3.93125367164612 3.93125367164612 
3.93125367164612 3.93125367164612 3.93125367164612 3.93125367164612 
3.93125367164612 3.93125367164612 3.93125367164612 3.93125367164612 
3.93125367164612 3.93125367164612 3.93125367164612 3.93125367164612 
3.93125367164612 3.93125367164612 3.93125367164612 3.93125367164612 
3.93125367164612 3.93125367164612 3.93125367164612 3.93125367164612 
3.93125367164612 3.93125367164612 3.93125367164612 3.93125367164612 
3.93125367164612 3.93125367164612 3.93125367164612 3.93125367164612 
3.93125367164612 3.93125367164612 3.93125367164612 3.93125367164612 
3.93125367164612 3.93125367164612 3.93125367164612 3.93125367164612 
3.93125367164612 3.93125367164612 3.93125367164612 3.93125367164612 
3.93125367164612 3.93125367164612 3.93125367164612 3.93125367164612 
3.93125367164612 3.93125367164612 3.93125367164612 3.93125367164612 
3.93125367164612 3.93125367164612 3.93125367164612 3.93125367164612 
3.93125367164612 3.93125367164612 3.93125367164612 3.93125367164612 
3.93125367164612 3.93125367164612 3.93125367164612 3.93125367164612 
3.93125367164612 3.93125367164612 3.93125367164612 3.93125367164612 
3.93125367164612 3.93125367164612 3.93125367164612 3.93125367164612 
3.93125367164612 3.93125367164612 3.93125367164612 3.93125367164612 
3.93125367164612 3.93125367164612 3.93125367164612 3.93125367164612 
3.93125367164612 3.93125367164612 3.93125367164612 3.93125367164612 
3.93125367164612 3.93125367164612 3.93125367164612 3.93125367164612 
3.93125367164612 3.93125367164612 3.93125367164612 3.93125367164612 
3.93125367164612 3.93125367164612 3.93125367164612 3.93125367164612 
3.93125367164612 3.93125367164612 3.93125367164612 3.93125367164612 
3.93125367164612 3.93125367164612 3.93125367164612 3.93125367164612 
3.93125367164612 3.93125367164612 3.93125367164612 3.93125367164612 
3.93125367164612 3.93125367164612 3.93125367164612 3.93125367164612 
3.93125367164612 3.93125367164612 3.93125367164612 3.93125367164612 
3.93125367164612 3.93125367164612 3.93125367164612 3.93125367164612 
3.93125367164612 3.93125367164612 3.93125367164612 3.93125367164612 
3.93125367164612 3.93125367164612 3.93125367164612 3.93125367164612 
3.93125367164612 3.93125367164612 3.93125367164612 3.93125367164612 
3.93125367164612 3.93125367164612 3.93125367164612 3.93125367164612 
3.93125367164612 3.93125367164612 3.93125367164612 3.93125367164612 
3.93125367164612 3.93125367164612 3.93125367164612 3.93125367164612 
3.93125367164612 3.93125367164612 3.93125367164612 3.93125367164612 
3.93125367164612 3.93125367164612 3.93125367164612 3.93125367164612 
3.93125367164612 3.93125367164612 3.93125367164612 3.93125367164612 
3.93125367164612 3.93125367164612 3.93125367164612 3.93125367164612 
3.93125367164612 3.93125367164612 3.93125367164612 3.93125367164612 
3.93125367164612 3.93125367164612 3.93125367164612 3.93125367164612 
3.93125367164612 3.93125367164612 3.93125367164612 3.93125367164612 
3.93125367164612 3.93125367164612 3.93125367164612 3.93125367164612 
3.93125367164612 3.93125367164612 3.93125367164612 3.93125367164612 
3.93125367164612 3.93125367164612 3.93125367164612 3.93125367164612 
3.93125367164612 3.93125367164612 3.93125367164612 3.93125367164612 
3.93125367164612 3.93125367164612 3.93125367164612 3.93125367164612 
3.93125367164612 3.93125367164612 3.93125367164612 3.93125367164612 
3.93125367164612 3.93125367164612 3.93125367164612 3.93125367164612 
3.93125367164612 3.93125367164612 3.93125367164612 3.93125367164612 
3.93125367164612 3.93125367164612 3.93125367164612 3.93125367164612 
3.93125367164612 3.93125367164612 3.93125367164612 3.93125367164612 
3.93125367164612 3.93125367164612 3.93125367164612 3.93125367164612
##$RECO_byte_order=littleEndian
$$ @vis= RECO_maxima RECO_map_min RECO_map_max RECO_map_offset RECO_map_slope
##$RECO_time=( 24 )
<22:03:02  7 Aug 2014>
##$RECO_abs_time=1407463382
##$RECO_base_image_uid=( 65 )
<2.16.756.5.5.100.278412266.32363.1407463992.400>
$$ @vis= RECO_byte_order RECO_time RECO_abs_time RECO_base_image_uid
##$GS_reco_display=Yes
##$GO_reco_display=Yes
##$GO_reco_each_nr=No
$$ @vis= RecoRegridNGroup GS_reco_display RECO_GS GO_reco_display
##$GO_max_reco_mem=0
$$ @vis= GO_reco_each_nr GO_max_reco_mem RECO_GO RECO
##END=
