##TITLE=Parameter List
##JCAMPDX=4.24
##DATATYPE=Parameter Values
##ORIGIN=Bruker BioSpin MRI GmbH
##OWNER=ryan
$$ Thu Aug  7 16:24:49 2014 EDT (UT-4h)  ryan
$$ /opt/PV5.1/data/ryan/nmr/RMD272.r81/27/pdata/1/reco
##$RECO_mode=FT_MODE
##$RecoAutoDerive=Yes
##$RECO_inp_order=NO_REORDERING
##$RECO_inp_size=( 1 )
32
##$RECO_ft_size=( 1 )
32
##$RECO_fov=( 1 )
0
##$RECO_size=( 1 )
32
$$ @vis= RECO_mode RecoAutoDerive RECO_inp_order RECO_ft_size RECO_fov
##$RECO_offset=( 1, 2 )
0 0
##$RECO_regrid_mode=NO_REGRID
##$RECO_regrid_offset=0
##$RECO_ramp_gap=0
##$RECO_ramp_time=0
##$RECO_ne_mode=NO_NAV_DATA
##$RECO_ne_dist=NeNoInterleave
##$RECO_ne_dens=NeCorrPerScan
##$RECO_ne_type=NAV_PHASE
##$RECO_ne_vals=( 1, 2 )
0 0
##$RECO_bc_mode=( 1 )
AUTO_OFFSET_BC
##$RECO_bc_start=( 1 )
24
##$RECO_bc_len=( 1 )
8
$$ @vis= RECO_size RECO_regrid_mode RECO_ne_mode RECO_bc_mode RECO_bc_start
##$RECO_dc_offset=( 2 )
75 579
##$RECO_dc_divisor=8
##$RECO_bc_coroff=( 1 )
0
##$RECO_qopts=( 1 )
CONJ_AND_QNEG
##$RECO_wdw_mode=( 1 )
NO_WDW
##$RECO_lb=( 1 )
-0.5
##$RECO_sw=( 1 )
22001
##$RECO_gb=( 1 )
0.5
##$RECO_sbs=( 1 )
1
##$RECO_tm1=( 1 )
0.25
##$RECO_tm2=( 1 )
0.75
##$RECO_ft_mode=( 1 )
COMPLEX_FFT
##$RECO_pc_mode=( 1 )
NO_PC
##$RECO_pc_lin=( 1 )
(0, 0)
##$RECO_rotate=( 1, 2 )
0 0
$$ @vis= RECO_bc_len RECO_qopts RECO_wdw_mode RECO_ft_mode RECO_pc_mode
##$RECO_ppc_mode=NO_PPC
##$RECO_ref_image=0
##$RECO_nr_supports=0.4
##$RECO_sig_threshold=0.15
##$RECO_ppc_degree=1
##$RECO_ppc_coeffs=( 2, 1, 2 )
0 0 0 0
##$RECO_dc_elim=Yes
##$RECO_transposition=( 2 )
0 0
##$RECO_image_type=MAGNITUDE_IMAGE
$$ @vis= RECO_rotate RECO_ppc_mode RECO_dc_elim RECO_transposition
##$RECO_image_threshold=0.15
##$RECO_ir_scale=10
##$RECO_wordtype=_16BIT_SGN_INT
##$RECO_map_mode=ABSOLUTE_MAPPING
##$RECO_map_range=( 2 )
-2147483647 2147483647
##$RECO_map_percentile=( 2 )
1 99
##$RECO_map_error=0.25
##$RECO_globex=( 160 )
0 0 0 0 0 0 0 0 0 0 0 0 0 0 0 0 0 0 0 0 0 0 0 0 0 0 0 0 0 0 0 0 0 0 0 0 0 0 0 
0 0 0 0 0 0 0 0 0 0 0 0 0 0 0 0 0 0 0 0 0 0 0 0 0 0 0 0 0 0 0 0 0 0 0 0 0 0 0 
0 0 0 0 0 0 0 0 0 0 0 0 0 0 0 0 0 0 0 0 0 0 0 0 0 0 0 0 0 0 0 0 0 0 0 0 0 0 0 
0 0 0 0 0 0 0 0 0 0 0 0 0 0 0 0 0 0 0 0 0 0 0 0 0 0 0 0 0 0 0 0 0 0 0 0 0 0 0 
0 0 0 0
##$RECO_minima=( 160 )
0 0 0 0 0 0 0 0 0 0 0 0 0 0 0 0 0 0 0 0 0 0 0 0 0 0 0 0 0 0 0 0 0 0 0 0 0 0 0 
0 0 0 0 0 0 0 0 0 0 0 0 0 0 0 0 0 0 0 0 0 0 0 0 0 0 0 0 0 0 0 0 0 0 0 0 0 0 0 
0 0 0 0 0 0 0 0 0 0 0 0 0 0 0 0 0 0 0 0 0 0 0 0 0 0 0 0 0 0 0 0 0 0 0 0 0 0 0 
0 0 0 0 0 0 0 0 0 0 0 0 0 0 0 0 0 0 0 0 0 0 0 0 0 0 0 0 0 0 0 0 0 0 0 0 0 0 0 
0 0 0 0
##$RECO_maxima=( 160 )
3000 165 4083 152 4895 222 5968 193 5219 213 8072 214 20484 222 31761 300 
32619 386 19909 232 10656 218 8676 178 6188 173 5982 168 4780 160 4142 206 
2981 174 4158 225 4843 202 5973 206 5159 176 8174 191 20284 175 31706 348 
32697 333 20087 206 10636 214 8566 207 6275 188 5845 165 4833 208 4131 282 
3167 180 4069 201 4992 197 5970 236 5218 177 8036 153 20467 224 31663 303 
32602 315 20220 238 10564 253 8805 223 6125 168 6147 166 4869 226 4214 177 
2994 169 4092 262 4951 144 5868 258 5109 162 8096 202 20374 204 31678 305 
32767 410 20219 228 10703 245 8726 178 6217 154 6009 172 4792 250 4093 201 
3106 214 4011 208 5076 158 5952 257 5206 154 8109 244 20431 244 31745 371 
32696 321 20159 256 10702 184 8579 186 6255 184 6063 192 4901 221 4232 226
$$ @vis= RECO_image_type RECO_wordtype RECO_map_mode RECO_globex RECO_minima
##$RECO_map_min=( 160 )
-49138 -49138 -49138 -49138 -49138 -49138 -49138 -49138 -49138 -49138 -49138 
-49138 -49138 -49138 -49138 -49138 -49138 -49138 -49138 -49138 -49138 -49138 
-49138 -49138 -49138 -49138 -49138 -49138 -49138 -49138 -49138 -49138 -49138 
-49138 -49138 -49138 -49138 -49138 -49138 -49138 -49138 -49138 -49138 -49138 
-49138 -49138 -49138 -49138 -49138 -49138 -49138 -49138 -49138 -49138 -49138 
-49138 -49138 -49138 -49138 -49138 -49138 -49138 -49138 -49138 -49138 -49138 
-49138 -49138 -49138 -49138 -49138 -49138 -49138 -49138 -49138 -49138 -49138 
-49138 -49138 -49138 -49138 -49138 -49138 -49138 -49138 -49138 -49138 -49138 
-49138 -49138 -49138 -49138 -49138 -49138 -49138 -49138 -49138 -49138 -49138 
-49138 -49138 -49138 -49138 -49138 -49138 -49138 -49138 -49138 -49138 -49138 
-49138 -49138 -49138 -49138 -49138 -49138 -49138 -49138 -49138 -49138 -49138 
-49138 -49138 -49138 -49138 -49138 -49138 -49138 -49138 -49138 -49138 -49138 
-49138 -49138 -49138 -49138 -49138 -49138 -49138 -49138 -49138 -49138 -49138 
-49138 -49138 -49138 -49138 -49138 -49138 -49138 -49138 -49138 -49138 -49138 
-49138 -49138 -49138 -49138 -49138 -49138
##$RECO_map_max=( 160 )
49138 49138 49138 49138 49138 49138 49138 49138 49138 49138 49138 49138 49138 
49138 49138 49138 49138 49138 49138 49138 49138 49138 49138 49138 49138 49138 
49138 49138 49138 49138 49138 49138 49138 49138 49138 49138 49138 49138 49138 
49138 49138 49138 49138 49138 49138 49138 49138 49138 49138 49138 49138 49138 
49138 49138 49138 49138 49138 49138 49138 49138 49138 49138 49138 49138 49138 
49138 49138 49138 49138 49138 49138 49138 49138 49138 49138 49138 49138 49138 
49138 49138 49138 49138 49138 49138 49138 49138 49138 49138 49138 49138 49138 
49138 49138 49138 49138 49138 49138 49138 49138 49138 49138 49138 49138 49138 
49138 49138 49138 49138 49138 49138 49138 49138 49138 49138 49138 49138 49138 
49138 49138 49138 49138 49138 49138 49138 49138 49138 49138 49138 49138 49138 
49138 49138 49138 49138 49138 49138 49138 49138 49138 49138 49138 49138 49138 
49138 49138 49138 49138 49138 49138 49138 49138 49138 49138 49138 49138 49138 
49138 49138 49138 49138
##$RECO_map_offset=( 160 )
0 0 0 0 0 0 0 0 0 0 0 0 0 0 0 0 0 0 0 0 0 0 0 0 0 0 0 0 0 0 0 0 0 0 0 0 0 0 0 
0 0 0 0 0 0 0 0 0 0 0 0 0 0 0 0 0 0 0 0 0 0 0 0 0 0 0 0 0 0 0 0 0 0 0 0 0 0 0 
0 0 0 0 0 0 0 0 0 0 0 0 0 0 0 0 0 0 0 0 0 0 0 0 0 0 0 0 0 0 0 0 0 0 0 0 0 0 0 
0 0 0 0 0 0 0 0 0 0 0 0 0 0 0 0 0 0 0 0 0 0 0 0 0 0 0 0 0 0 0 0 0 0 0 0 0 0 0 
0 0 0 0
##$RECO_map_slope=( 160 )
0.666836261749268 0.666836261749268 0.666836261749268 0.666836261749268 
0.666836261749268 0.666836261749268 0.666836261749268 0.666836261749268 
0.666836261749268 0.666836261749268 0.666836261749268 0.666836261749268 
0.666836261749268 0.666836261749268 0.666836261749268 0.666836261749268 
0.666836261749268 0.666836261749268 0.666836261749268 0.666836261749268 
0.666836261749268 0.666836261749268 0.666836261749268 0.666836261749268 
0.666836261749268 0.666836261749268 0.666836261749268 0.666836261749268 
0.666836261749268 0.666836261749268 0.666836261749268 0.666836261749268 
0.666836261749268 0.666836261749268 0.666836261749268 0.666836261749268 
0.666836261749268 0.666836261749268 0.666836261749268 0.666836261749268 
0.666836261749268 0.666836261749268 0.666836261749268 0.666836261749268 
0.666836261749268 0.666836261749268 0.666836261749268 0.666836261749268 
0.666836261749268 0.666836261749268 0.666836261749268 0.666836261749268 
0.666836261749268 0.666836261749268 0.666836261749268 0.666836261749268 
0.666836261749268 0.666836261749268 0.666836261749268 0.666836261749268 
0.666836261749268 0.666836261749268 0.666836261749268 0.666836261749268 
0.666836261749268 0.666836261749268 0.666836261749268 0.666836261749268 
0.666836261749268 0.666836261749268 0.666836261749268 0.666836261749268 
0.666836261749268 0.666836261749268 0.666836261749268 0.666836261749268 
0.666836261749268 0.666836261749268 0.666836261749268 0.666836261749268 
0.666836261749268 0.666836261749268 0.666836261749268 0.666836261749268 
0.666836261749268 0.666836261749268 0.666836261749268 0.666836261749268 
0.666836261749268 0.666836261749268 0.666836261749268 0.666836261749268 
0.666836261749268 0.666836261749268 0.666836261749268 0.666836261749268 
0.666836261749268 0.666836261749268 0.666836261749268 0.666836261749268 
0.666836261749268 0.666836261749268 0.666836261749268 0.666836261749268 
0.666836261749268 0.666836261749268 0.666836261749268 0.666836261749268 
0.666836261749268 0.666836261749268 0.666836261749268 0.666836261749268 
0.666836261749268 0.666836261749268 0.666836261749268 0.666836261749268 
0.666836261749268 0.666836261749268 0.666836261749268 0.666836261749268 
0.666836261749268 0.666836261749268 0.666836261749268 0.666836261749268 
0.666836261749268 0.666836261749268 0.666836261749268 0.666836261749268 
0.666836261749268 0.666836261749268 0.666836261749268 0.666836261749268 
0.666836261749268 0.666836261749268 0.666836261749268 0.666836261749268 
0.666836261749268 0.666836261749268 0.666836261749268 0.666836261749268 
0.666836261749268 0.666836261749268 0.666836261749268 0.666836261749268 
0.666836261749268 0.666836261749268 0.666836261749268 0.666836261749268 
0.666836261749268 0.666836261749268 0.666836261749268 0.666836261749268 
0.666836261749268 0.666836261749268 0.666836261749268 0.666836261749268 
0.666836261749268 0.666836261749268 0.666836261749268 0.666836261749268
##$RECO_byte_order=littleEndian
$$ @vis= RECO_maxima RECO_map_min RECO_map_max RECO_map_offset RECO_map_slope
##$RECO_time=( 24 )
<16:14:40  7 Aug 2014>
##$RECO_abs_time=1407442480
##$RECO_base_image_uid=( 65 )
<2.16.756.5.5.100.278412266.22167.1407443088.560>
$$ @vis= RECO_byte_order RECO_time RECO_abs_time RECO_base_image_uid
##$GS_reco_display=Yes
##$GO_reco_display=Yes
##$GO_reco_each_nr=No
$$ @vis= RecoRegridNGroup GS_reco_display RECO_GS GO_reco_display
##$GO_max_reco_mem=0
$$ @vis= GO_reco_each_nr GO_max_reco_mem RECO_GO RECO
##END=
