##TITLE=Parameter List
##JCAMPDX=4.24
##DATATYPE=Parameter Values
##ORIGIN=Bruker BioSpin MRI GmbH
##OWNER=ryan
$$ Thu Aug  7 16:24:49 2014 EDT (UT-4h)  ryan
$$ /opt/PV5.1/data/ryan/nmr/RMD272.r81/27/pdata/1/visu_pars
##$VisuVersion=1
##$VisuUid=( 65 )
<2.16.756.5.5.100.278412266.22167.1407443088.560>
##$VisuCreator=( 65 )
<ParaVision>
##$VisuCreatorVersion=( 65 )
<5.1>
##$VisuCreationDate=( 21 )
<16:14:40  7 Aug 2014>
$$ @vis= VisuVersion VisuUid VisuCreator VisuCreatorVersion VisuCreationDate
##$VisuCoreFrameCount=160
##$VisuCoreDim=1
##$VisuCoreSize=( 1 )
32
##$VisuCoreDimDesc=( 1 )
spectroscopic
$$ @vis= VisuInstance VisuCoreFrameCount VisuCoreDim VisuCoreSize
##$VisuCoreExtent=( 1 )
73.2537534535215
##$VisuCoreUnits=( 1, 65 )
<ppm>
##$VisuCoreDataMin=( 160 )
0 0 0 0 0 0 0 0 0 0 0 0 0 0 0 0 0 0 0 0 0 0 0 0 0 0 0 0 0 0 0 0 0 0 0 0 0 0 0 
0 0 0 0 0 0 0 0 0 0 0 0 0 0 0 0 0 0 0 0 0 0 0 0 0 0 0 0 0 0 0 0 0 0 0 0 0 0 0 
0 0 0 0 0 0 0 0 0 0 0 0 0 0 0 0 0 0 0 0 0 0 0 0 0 0 0 0 0 0 0 0 0 0 0 0 0 0 0 
0 0 0 0 0 0 0 0 0 0 0 0 0 0 0 0 0 0 0 0 0 0 0 0 0 0 0 0 0 0 0 0 0 0 0 0 0 0 0 
0 0 0 0
##$VisuCoreDataMax=( 160 )
3000 165 4083 152 4895 222 5968 193 5219 213 8072 214 20484 222 31761 300 
32619 386 19909 232 10656 218 8676 178 6188 173 5982 168 4780 160 4142 206 
2981 174 4158 225 4843 202 5973 206 5159 176 8174 191 20284 175 31706 348 
32697 333 20087 206 10636 214 8566 207 6275 188 5845 165 4833 208 4131 282 
3167 180 4069 201 4992 197 5970 236 5218 177 8036 153 20467 224 31663 303 
32602 315 20220 238 10564 253 8805 223 6125 168 6147 166 4869 226 4214 177 
2994 169 4092 262 4951 144 5868 258 5109 162 8096 202 20374 204 31678 305 
32767 410 20219 228 10703 245 8726 178 6217 154 6009 172 4792 250 4093 201 
3106 214 4011 208 5076 158 5952 257 5206 154 8109 244 20431 244 31745 371 
32696 321 20159 256 10702 184 8579 186 6255 184 6063 192 4901 221 4232 226
$$ @vis= VisuCoreDimDesc VisuCoreExtent VisuCoreUnits VisuCoreDataMin
##$VisuCoreDataOffs=( 160 )
0 0 0 0 0 0 0 0 0 0 0 0 0 0 0 0 0 0 0 0 0 0 0 0 0 0 0 0 0 0 0 0 0 0 0 0 0 0 0 
0 0 0 0 0 0 0 0 0 0 0 0 0 0 0 0 0 0 0 0 0 0 0 0 0 0 0 0 0 0 0 0 0 0 0 0 0 0 0 
0 0 0 0 0 0 0 0 0 0 0 0 0 0 0 0 0 0 0 0 0 0 0 0 0 0 0 0 0 0 0 0 0 0 0 0 0 0 0 
0 0 0 0 0 0 0 0 0 0 0 0 0 0 0 0 0 0 0 0 0 0 0 0 0 0 0 0 0 0 0 0 0 0 0 0 0 0 0 
0 0 0 0
##$VisuCoreDataSlope=( 160 )
1.49961850811287 1.49961850811287 1.49961850811287 1.49961850811287 
1.49961850811287 1.49961850811287 1.49961850811287 1.49961850811287 
1.49961850811287 1.49961850811287 1.49961850811287 1.49961850811287 
1.49961850811287 1.49961850811287 1.49961850811287 1.49961850811287 
1.49961850811287 1.49961850811287 1.49961850811287 1.49961850811287 
1.49961850811287 1.49961850811287 1.49961850811287 1.49961850811287 
1.49961850811287 1.49961850811287 1.49961850811287 1.49961850811287 
1.49961850811287 1.49961850811287 1.49961850811287 1.49961850811287 
1.49961850811287 1.49961850811287 1.49961850811287 1.49961850811287 
1.49961850811287 1.49961850811287 1.49961850811287 1.49961850811287 
1.49961850811287 1.49961850811287 1.49961850811287 1.49961850811287 
1.49961850811287 1.49961850811287 1.49961850811287 1.49961850811287 
1.49961850811287 1.49961850811287 1.49961850811287 1.49961850811287 
1.49961850811287 1.49961850811287 1.49961850811287 1.49961850811287 
1.49961850811287 1.49961850811287 1.49961850811287 1.49961850811287 
1.49961850811287 1.49961850811287 1.49961850811287 1.49961850811287 
1.49961850811287 1.49961850811287 1.49961850811287 1.49961850811287 
1.49961850811287 1.49961850811287 1.49961850811287 1.49961850811287 
1.49961850811287 1.49961850811287 1.49961850811287 1.49961850811287 
1.49961850811287 1.49961850811287 1.49961850811287 1.49961850811287 
1.49961850811287 1.49961850811287 1.49961850811287 1.49961850811287 
1.49961850811287 1.49961850811287 1.49961850811287 1.49961850811287 
1.49961850811287 1.49961850811287 1.49961850811287 1.49961850811287 
1.49961850811287 1.49961850811287 1.49961850811287 1.49961850811287 
1.49961850811287 1.49961850811287 1.49961850811287 1.49961850811287 
1.49961850811287 1.49961850811287 1.49961850811287 1.49961850811287 
1.49961850811287 1.49961850811287 1.49961850811287 1.49961850811287 
1.49961850811287 1.49961850811287 1.49961850811287 1.49961850811287 
1.49961850811287 1.49961850811287 1.49961850811287 1.49961850811287 
1.49961850811287 1.49961850811287 1.49961850811287 1.49961850811287 
1.49961850811287 1.49961850811287 1.49961850811287 1.49961850811287 
1.49961850811287 1.49961850811287 1.49961850811287 1.49961850811287 
1.49961850811287 1.49961850811287 1.49961850811287 1.49961850811287 
1.49961850811287 1.49961850811287 1.49961850811287 1.49961850811287 
1.49961850811287 1.49961850811287 1.49961850811287 1.49961850811287 
1.49961850811287 1.49961850811287 1.49961850811287 1.49961850811287 
1.49961850811287 1.49961850811287 1.49961850811287 1.49961850811287 
1.49961850811287 1.49961850811287 1.49961850811287 1.49961850811287 
1.49961850811287 1.49961850811287 1.49961850811287 1.49961850811287 
1.49961850811287 1.49961850811287 1.49961850811287 1.49961850811287
##$VisuCoreFrameType=MAGNITUDE_IMAGE
$$ @vis= VisuCoreDataMax VisuCoreDataOffs VisuCoreDataSlope VisuCoreFrameType
##$VisuCoreWordType=_16BIT_SGN_INT
##$VisuCoreByteOrder=littleEndian
##$VisuFGOrderDescDim=1
$$ @vis= VisuCore VisuCoreWordType VisuCoreByteOrder VisuPixel
##$VisuFGOrderDesc=( 1 )
(160, <FG_CYCLE>, <>, 0, 0)
##$VisuSubjectName=( 65 )
<RMD272>
##$VisuSubjectId=( 65 )
<RMD272>
$$ @vis= VisuFGOrderDescDim VisuFGOrderDesc VisuFrameOrderDesc VisuSubjectName
##$VisuSubjectBirthDate=( 9 )
<>
##$VisuSubjectSex=FEMALE
##$VisuSubjectComment=( 2048 )
<>
$$ @vis= VisuSubjectId VisuSubjectBirthDate VisuSubjectSex VisuSubjectComment
##$VisuStudyUid=( 65 )
<2.16.756.5.5.100.278412266.15942.1407429006.129>
##$VisuStudyDate=( 21 )
<13:30:06  7 Aug 2014>
##$VisuStudyId=( 65 )
<RMD272>
##$VisuStudyNumber=1
##$VisuSubjectWeight=5
$$ @vis= VisuSubject VisuStudyUid VisuStudyDate VisuStudyId VisuStudyNumber
##$VisuStudyReferringPhysician=( 65 )
<>
##$VisuStudyDescription=( 65 )
<>
$$ @vis= VisuSubjectWeight VisuStudyReferringPhysician VisuStudyDescription
##$VisuSeriesNumber=1769473
##$VisuSubjectPosition=Head_Supine
##$VisuSeriesTypeId=( 65 )
<ACQ_USER_PVM>
$$ @vis= VisuStudy VisuSeriesNumber VisuSubjectPosition VisuSeriesTypeId
##$VisuAcqSoftwareVersion=( 65 )
<5.1>
##$VisuInstitution=( 65 )
<Duke University Biospec 70/20>
##$VisuStation=( 65 )
<spect>
$$ @vis= VisuSeries VisuAcqSoftwareVersion VisuInstitution VisuStation
##$VisuAcqDate=( 21 )
<16:14:40  7 Aug 2014>
##$VisuAcqEchoTrainLength=1
##$VisuAcqSequenceName=( 40 )
<rMD_HOT (pvm)>
##$VisuAcqNumberOfAverages=4
$$ @vis= VisuEquipment VisuAcqDate VisuAcqEchoTrainLength VisuAcqSequenceName
##$VisuAcqImagingFrequency=300.3395589
##$VisuAcqImagedNucleus=( 8 )
<1H>
##$VisuAcqRepetitionTime=( 1 )
1880
$$ @vis= VisuAcqNumberOfAverages VisuAcqImagingFrequency VisuAcqImagedNucleus
##$VisuAcqFlipAngle=90
##$VisuAcqEchoTime=( 1 )
0
##$VisuAcquisitionProtocol=( 65 )
<RMD_HOT_RBM_RARE_ZQSQ2>
$$ @vis= VisuAcqRepetitionTime VisuAcqFlipAngle VisuAcqEchoTime
##$VisuAcqScanTime=601600
$$ @vis= VisuAcquisitionProtocol VisuAcqScanTime VisuAcquisition Visu
##END=
