##TITLE=Parameter List
##JCAMPDX=4.24
##DATATYPE=Parameter Values
##ORIGIN=Bruker BioSpin MRI GmbH
##OWNER=ryan
$$ Thu Aug  7 15:04:41 2014 EDT (UT-4h)  ryan
$$ /opt/PV5.1/data/ryan/nmr/RMD272.r81/20/pdata/1/reco
##$RECO_mode=FT_MODE
##$RecoAutoDerive=Yes
##$RECO_inp_order=NO_REORDERING
##$RECO_inp_size=( 1 )
32
##$RECO_ft_size=( 1 )
32
##$RECO_fov=( 1 )
0
##$RECO_size=( 1 )
32
$$ @vis= RECO_mode RecoAutoDerive RECO_inp_order RECO_ft_size RECO_fov
##$RECO_offset=( 1, 2 )
0 0
##$RECO_regrid_mode=NO_REGRID
##$RECO_regrid_offset=0
##$RECO_ramp_gap=0
##$RECO_ramp_time=0
##$RECO_ne_mode=NO_NAV_DATA
##$RECO_ne_dist=NeNoInterleave
##$RECO_ne_dens=NeCorrPerScan
##$RECO_ne_type=NAV_PHASE
##$RECO_ne_vals=( 1, 2 )
0 0
##$RECO_bc_mode=( 1 )
AUTO_OFFSET_BC
##$RECO_bc_start=( 1 )
24
##$RECO_bc_len=( 1 )
8
$$ @vis= RECO_size RECO_regrid_mode RECO_ne_mode RECO_bc_mode RECO_bc_start
##$RECO_dc_offset=( 2 )
818 3469
##$RECO_dc_divisor=8
##$RECO_bc_coroff=( 1 )
0
##$RECO_qopts=( 1 )
CONJ_AND_QNEG
##$RECO_wdw_mode=( 1 )
NO_WDW
##$RECO_lb=( 1 )
-0.5
##$RECO_sw=( 1 )
22001
##$RECO_gb=( 1 )
0.5
##$RECO_sbs=( 1 )
1
##$RECO_tm1=( 1 )
0.25
##$RECO_tm2=( 1 )
0.75
##$RECO_ft_mode=( 1 )
COMPLEX_FFT
##$RECO_pc_mode=( 1 )
NO_PC
##$RECO_pc_lin=( 1 )
(0, 0)
##$RECO_rotate=( 1, 2 )
0 0
$$ @vis= RECO_bc_len RECO_qopts RECO_wdw_mode RECO_ft_mode RECO_pc_mode
##$RECO_ppc_mode=NO_PPC
##$RECO_ref_image=0
##$RECO_nr_supports=0.4
##$RECO_sig_threshold=0.15
##$RECO_ppc_degree=1
##$RECO_ppc_coeffs=( 2, 1, 2 )
0 0 0 0
##$RECO_dc_elim=Yes
##$RECO_transposition=( 2 )
0 0
##$RECO_image_type=MAGNITUDE_IMAGE
$$ @vis= RECO_rotate RECO_ppc_mode RECO_dc_elim RECO_transposition
##$RECO_image_threshold=0.15
##$RECO_ir_scale=10
##$RECO_wordtype=_16BIT_SGN_INT
##$RECO_map_mode=ABSOLUTE_MAPPING
##$RECO_map_range=( 2 )
-2147483647 2147483647
##$RECO_map_percentile=( 2 )
1 99
##$RECO_map_error=0.25
##$RECO_globex=( 160 )
0 0 0 0 0 0 0 0 0 0 0 0 0 0 0 0 0 0 0 0 0 0 0 0 0 0 0 0 0 0 0 0 0 0 0 0 0 0 0 
0 0 0 0 0 0 0 0 0 0 0 0 0 0 0 0 0 0 0 0 0 0 0 0 0 0 0 0 0 0 0 0 0 0 0 0 0 0 0 
0 0 0 0 0 0 0 0 0 0 0 0 0 0 0 0 0 0 0 0 0 0 0 0 0 0 0 0 0 0 0 0 0 0 0 0 0 0 0 
0 0 0 0 0 0 0 0 0 0 0 0 0 0 0 0 0 0 0 0 0 0 0 0 0 0 0 0 0 0 0 0 0 0 0 0 0 0 0 
0 0 0 0
##$RECO_minima=( 160 )
0 0 0 0 0 0 0 0 0 0 0 0 0 0 0 0 0 0 0 0 0 0 0 0 0 0 0 0 0 0 0 0 0 0 0 0 0 0 0 
0 0 0 0 0 0 0 0 0 0 0 0 0 0 0 0 0 0 0 0 0 0 0 0 0 0 0 0 0 0 0 0 0 0 0 0 0 0 0 
0 0 0 0 0 0 0 0 0 0 0 0 0 0 0 0 0 0 0 0 0 0 0 0 0 0 0 0 0 0 0 0 0 0 0 0 0 0 0 
0 0 0 0 0 0 0 0 0 0 0 0 0 0 0 0 0 0 0 0 0 0 0 0 0 0 0 0 0 0 0 0 0 0 0 0 0 0 0 
0 0 0 0
##$RECO_maxima=( 160 )
3663 47 4632 62 5739 54 6758 59 5702 53 8035 43 19897 60 32592 86 32072 90 
19077 56 9514 59 7414 50 6617 40 6281 61 5324 73 4249 36 3707 52 4647 56 5767 
62 6742 36 5709 46 8040 50 19931 62 32640 97 32117 89 18984 69 9520 56 7359 
57 6659 45 6285 58 5339 61 4274 40 3786 50 4695 55 5844 54 6780 51 5728 51 
8054 47 19823 67 32767 100 32237 77 19026 71 9657 58 7504 58 6651 44 6291 74 
5337 69 4286 46 3729 48 4651 67 5766 51 6769 61 5696 52 8036 54 19889 64 
32615 90 32071 92 19121 52 9515 55 7430 62 6604 67 6288 39 5310 62 4256 54 
3684 48 4647 46 5761 57 6766 49 5758 51 8068 52 19923 68 32651 75 32087 83 
19095 78 9552 58 7451 67 6599 51 6301 52 5332 56 4284 53
$$ @vis= RECO_image_type RECO_wordtype RECO_map_mode RECO_globex RECO_minima
##$RECO_map_min=( 160 )
-334370 -334370 -334370 -334370 -334370 -334370 -334370 -334370 -334370 
-334370 -334370 -334370 -334370 -334370 -334370 -334370 -334370 -334370 
-334370 -334370 -334370 -334370 -334370 -334370 -334370 -334370 -334370 
-334370 -334370 -334370 -334370 -334370 -334370 -334370 -334370 -334370 
-334370 -334370 -334370 -334370 -334370 -334370 -334370 -334370 -334370 
-334370 -334370 -334370 -334370 -334370 -334370 -334370 -334370 -334370 
-334370 -334370 -334370 -334370 -334370 -334370 -334370 -334370 -334370 
-334370 -334370 -334370 -334370 -334370 -334370 -334370 -334370 -334370 
-334370 -334370 -334370 -334370 -334370 -334370 -334370 -334370 -334370 
-334370 -334370 -334370 -334370 -334370 -334370 -334370 -334370 -334370 
-334370 -334370 -334370 -334370 -334370 -334370 -334370 -334370 -334370 
-334370 -334370 -334370 -334370 -334370 -334370 -334370 -334370 -334370 
-334370 -334370 -334370 -334370 -334370 -334370 -334370 -334370 -334370 
-334370 -334370 -334370 -334370 -334370 -334370 -334370 -334370 -334370 
-334370 -334370 -334370 -334370 -334370 -334370 -334370 -334370 -334370 
-334370 -334370 -334370 -334370 -334370 -334370 -334370 -334370 -334370 
-334370 -334370 -334370 -334370 -334370 -334370 -334370 -334370 -334370 
-334370 -334370 -334370 -334370 -334370 -334370 -334370
##$RECO_map_max=( 160 )
334370 334370 334370 334370 334370 334370 334370 334370 334370 334370 334370 
334370 334370 334370 334370 334370 334370 334370 334370 334370 334370 334370 
334370 334370 334370 334370 334370 334370 334370 334370 334370 334370 334370 
334370 334370 334370 334370 334370 334370 334370 334370 334370 334370 334370 
334370 334370 334370 334370 334370 334370 334370 334370 334370 334370 334370 
334370 334370 334370 334370 334370 334370 334370 334370 334370 334370 334370 
334370 334370 334370 334370 334370 334370 334370 334370 334370 334370 334370 
334370 334370 334370 334370 334370 334370 334370 334370 334370 334370 334370 
334370 334370 334370 334370 334370 334370 334370 334370 334370 334370 334370 
334370 334370 334370 334370 334370 334370 334370 334370 334370 334370 334370 
334370 334370 334370 334370 334370 334370 334370 334370 334370 334370 334370 
334370 334370 334370 334370 334370 334370 334370 334370 334370 334370 334370 
334370 334370 334370 334370 334370 334370 334370 334370 334370 334370 334370 
334370 334370 334370 334370 334370 334370 334370 334370 334370 334370 334370 
334370 334370 334370 334370 334370 334370
##$RECO_map_offset=( 160 )
0 0 0 0 0 0 0 0 0 0 0 0 0 0 0 0 0 0 0 0 0 0 0 0 0 0 0 0 0 0 0 0 0 0 0 0 0 0 0 
0 0 0 0 0 0 0 0 0 0 0 0 0 0 0 0 0 0 0 0 0 0 0 0 0 0 0 0 0 0 0 0 0 0 0 0 0 0 0 
0 0 0 0 0 0 0 0 0 0 0 0 0 0 0 0 0 0 0 0 0 0 0 0 0 0 0 0 0 0 0 0 0 0 0 0 0 0 0 
0 0 0 0 0 0 0 0 0 0 0 0 0 0 0 0 0 0 0 0 0 0 0 0 0 0 0 0 0 0 0 0 0 0 0 0 0 0 0 
0 0 0 0
##$RECO_map_slope=( 160 )
0.0979962348937988 0.0979962348937988 0.0979962348937988 0.0979962348937988 
0.0979962348937988 0.0979962348937988 0.0979962348937988 0.0979962348937988 
0.0979962348937988 0.0979962348937988 0.0979962348937988 0.0979962348937988 
0.0979962348937988 0.0979962348937988 0.0979962348937988 0.0979962348937988 
0.0979962348937988 0.0979962348937988 0.0979962348937988 0.0979962348937988 
0.0979962348937988 0.0979962348937988 0.0979962348937988 0.0979962348937988 
0.0979962348937988 0.0979962348937988 0.0979962348937988 0.0979962348937988 
0.0979962348937988 0.0979962348937988 0.0979962348937988 0.0979962348937988 
0.0979962348937988 0.0979962348937988 0.0979962348937988 0.0979962348937988 
0.0979962348937988 0.0979962348937988 0.0979962348937988 0.0979962348937988 
0.0979962348937988 0.0979962348937988 0.0979962348937988 0.0979962348937988 
0.0979962348937988 0.0979962348937988 0.0979962348937988 0.0979962348937988 
0.0979962348937988 0.0979962348937988 0.0979962348937988 0.0979962348937988 
0.0979962348937988 0.0979962348937988 0.0979962348937988 0.0979962348937988 
0.0979962348937988 0.0979962348937988 0.0979962348937988 0.0979962348937988 
0.0979962348937988 0.0979962348937988 0.0979962348937988 0.0979962348937988 
0.0979962348937988 0.0979962348937988 0.0979962348937988 0.0979962348937988 
0.0979962348937988 0.0979962348937988 0.0979962348937988 0.0979962348937988 
0.0979962348937988 0.0979962348937988 0.0979962348937988 0.0979962348937988 
0.0979962348937988 0.0979962348937988 0.0979962348937988 0.0979962348937988 
0.0979962348937988 0.0979962348937988 0.0979962348937988 0.0979962348937988 
0.0979962348937988 0.0979962348937988 0.0979962348937988 0.0979962348937988 
0.0979962348937988 0.0979962348937988 0.0979962348937988 0.0979962348937988 
0.0979962348937988 0.0979962348937988 0.0979962348937988 0.0979962348937988 
0.0979962348937988 0.0979962348937988 0.0979962348937988 0.0979962348937988 
0.0979962348937988 0.0979962348937988 0.0979962348937988 0.0979962348937988 
0.0979962348937988 0.0979962348937988 0.0979962348937988 0.0979962348937988 
0.0979962348937988 0.0979962348937988 0.0979962348937988 0.0979962348937988 
0.0979962348937988 0.0979962348937988 0.0979962348937988 0.0979962348937988 
0.0979962348937988 0.0979962348937988 0.0979962348937988 0.0979962348937988 
0.0979962348937988 0.0979962348937988 0.0979962348937988 0.0979962348937988 
0.0979962348937988 0.0979962348937988 0.0979962348937988 0.0979962348937988 
0.0979962348937988 0.0979962348937988 0.0979962348937988 0.0979962348937988 
0.0979962348937988 0.0979962348937988 0.0979962348937988 0.0979962348937988 
0.0979962348937988 0.0979962348937988 0.0979962348937988 0.0979962348937988 
0.0979962348937988 0.0979962348937988 0.0979962348937988 0.0979962348937988 
0.0979962348937988 0.0979962348937988 0.0979962348937988 0.0979962348937988 
0.0979962348937988 0.0979962348937988 0.0979962348937988 0.0979962348937988 
0.0979962348937988 0.0979962348937988 0.0979962348937988 0.0979962348937988 
0.0979962348937988 0.0979962348937988 0.0979962348937988 0.0979962348937988
##$RECO_byte_order=littleEndian
$$ @vis= RECO_maxima RECO_map_min RECO_map_max RECO_map_offset RECO_map_slope
##$RECO_time=( 24 )
<14:54:32  7 Aug 2014>
##$RECO_abs_time=1407437672
##$RECO_base_image_uid=( 65 )
<2.16.756.5.5.100.278412266.16267.1407438281.302>
$$ @vis= RECO_byte_order RECO_time RECO_abs_time RECO_base_image_uid
##$GS_reco_display=Yes
##$GO_reco_display=Yes
##$GO_reco_each_nr=No
$$ @vis= RecoRegridNGroup GS_reco_display RECO_GS GO_reco_display
##$GO_max_reco_mem=0
$$ @vis= GO_reco_each_nr GO_max_reco_mem RECO_GO RECO
##END=
