##TITLE=Parameter List
##JCAMPDX=4.24
##DATATYPE=Parameter Values
##ORIGIN=Bruker BioSpin MRI GmbH
##OWNER=ryan
$$ Thu Aug  7 15:04:41 2014 EDT (UT-4h)  ryan
$$ /opt/PV5.1/data/ryan/nmr/RMD272.r81/20/pdata/1/visu_pars
##$VisuVersion=1
##$VisuUid=( 65 )
<2.16.756.5.5.100.278412266.16267.1407438281.302>
##$VisuCreator=( 65 )
<ParaVision>
##$VisuCreatorVersion=( 65 )
<5.1>
##$VisuCreationDate=( 21 )
<14:54:32  7 Aug 2014>
$$ @vis= VisuVersion VisuUid VisuCreator VisuCreatorVersion VisuCreationDate
##$VisuCoreFrameCount=160
##$VisuCoreDim=1
##$VisuCoreSize=( 1 )
32
##$VisuCoreDimDesc=( 1 )
spectroscopic
$$ @vis= VisuInstance VisuCoreFrameCount VisuCoreDim VisuCoreSize
##$VisuCoreExtent=( 1 )
73.2537534535215
##$VisuCoreUnits=( 1, 65 )
<ppm>
##$VisuCoreDataMin=( 160 )
0 0 0 0 0 0 0 0 0 0 0 0 0 0 0 0 0 0 0 0 0 0 0 0 0 0 0 0 0 0 0 0 0 0 0 0 0 0 0 
0 0 0 0 0 0 0 0 0 0 0 0 0 0 0 0 0 0 0 0 0 0 0 0 0 0 0 0 0 0 0 0 0 0 0 0 0 0 0 
0 0 0 0 0 0 0 0 0 0 0 0 0 0 0 0 0 0 0 0 0 0 0 0 0 0 0 0 0 0 0 0 0 0 0 0 0 0 0 
0 0 0 0 0 0 0 0 0 0 0 0 0 0 0 0 0 0 0 0 0 0 0 0 0 0 0 0 0 0 0 0 0 0 0 0 0 0 0 
0 0 0 0
##$VisuCoreDataMax=( 160 )
3663 47 4632 62 5739 54 6758 59 5702 53 8035 43 19897 60 32592 86 32072 90 
19077 56 9514 59 7414 50 6617 40 6281 61 5324 73 4249 36 3707 52 4647 56 5767 
62 6742 36 5709 46 8040 50 19931 62 32640 97 32117 89 18984 69 9520 56 7359 
57 6659 45 6285 58 5339 61 4274 40 3786 50 4695 55 5844 54 6780 51 5728 51 
8054 47 19823 67 32767 100 32237 77 19026 71 9657 58 7504 58 6651 44 6291 74 
5337 69 4286 46 3729 48 4651 67 5766 51 6769 61 5696 52 8036 54 19889 64 
32615 90 32071 92 19121 52 9515 55 7430 62 6604 67 6288 39 5310 62 4256 54 
3684 48 4647 46 5761 57 6766 49 5758 51 8068 52 19923 68 32651 75 32087 83 
19095 78 9552 58 7451 67 6599 51 6301 52 5332 56 4284 53
$$ @vis= VisuCoreDimDesc VisuCoreExtent VisuCoreUnits VisuCoreDataMin
##$VisuCoreDataOffs=( 160 )
0 0 0 0 0 0 0 0 0 0 0 0 0 0 0 0 0 0 0 0 0 0 0 0 0 0 0 0 0 0 0 0 0 0 0 0 0 0 0 
0 0 0 0 0 0 0 0 0 0 0 0 0 0 0 0 0 0 0 0 0 0 0 0 0 0 0 0 0 0 0 0 0 0 0 0 0 0 0 
0 0 0 0 0 0 0 0 0 0 0 0 0 0 0 0 0 0 0 0 0 0 0 0 0 0 0 0 0 0 0 0 0 0 0 0 0 0 0 
0 0 0 0 0 0 0 0 0 0 0 0 0 0 0 0 0 0 0 0 0 0 0 0 0 0 0 0 0 0 0 0 0 0 0 0 0 0 0 
0 0 0 0
##$VisuCoreDataSlope=( 160 )
10.20447368293 10.20447368293 10.20447368293 10.20447368293 10.20447368293 
10.20447368293 10.20447368293 10.20447368293 10.20447368293 10.20447368293 
10.20447368293 10.20447368293 10.20447368293 10.20447368293 10.20447368293 
10.20447368293 10.20447368293 10.20447368293 10.20447368293 10.20447368293 
10.20447368293 10.20447368293 10.20447368293 10.20447368293 10.20447368293 
10.20447368293 10.20447368293 10.20447368293 10.20447368293 10.20447368293 
10.20447368293 10.20447368293 10.20447368293 10.20447368293 10.20447368293 
10.20447368293 10.20447368293 10.20447368293 10.20447368293 10.20447368293 
10.20447368293 10.20447368293 10.20447368293 10.20447368293 10.20447368293 
10.20447368293 10.20447368293 10.20447368293 10.20447368293 10.20447368293 
10.20447368293 10.20447368293 10.20447368293 10.20447368293 10.20447368293 
10.20447368293 10.20447368293 10.20447368293 10.20447368293 10.20447368293 
10.20447368293 10.20447368293 10.20447368293 10.20447368293 10.20447368293 
10.20447368293 10.20447368293 10.20447368293 10.20447368293 10.20447368293 
10.20447368293 10.20447368293 10.20447368293 10.20447368293 10.20447368293 
10.20447368293 10.20447368293 10.20447368293 10.20447368293 10.20447368293 
10.20447368293 10.20447368293 10.20447368293 10.20447368293 10.20447368293 
10.20447368293 10.20447368293 10.20447368293 10.20447368293 10.20447368293 
10.20447368293 10.20447368293 10.20447368293 10.20447368293 10.20447368293 
10.20447368293 10.20447368293 10.20447368293 10.20447368293 10.20447368293 
10.20447368293 10.20447368293 10.20447368293 10.20447368293 10.20447368293 
10.20447368293 10.20447368293 10.20447368293 10.20447368293 10.20447368293 
10.20447368293 10.20447368293 10.20447368293 10.20447368293 10.20447368293 
10.20447368293 10.20447368293 10.20447368293 10.20447368293 10.20447368293 
10.20447368293 10.20447368293 10.20447368293 10.20447368293 10.20447368293 
10.20447368293 10.20447368293 10.20447368293 10.20447368293 10.20447368293 
10.20447368293 10.20447368293 10.20447368293 10.20447368293 10.20447368293 
10.20447368293 10.20447368293 10.20447368293 10.20447368293 10.20447368293 
10.20447368293 10.20447368293 10.20447368293 10.20447368293 10.20447368293 
10.20447368293 10.20447368293 10.20447368293 10.20447368293 10.20447368293 
10.20447368293 10.20447368293 10.20447368293 10.20447368293 10.20447368293 
10.20447368293 10.20447368293 10.20447368293 10.20447368293 10.20447368293
##$VisuCoreFrameType=MAGNITUDE_IMAGE
$$ @vis= VisuCoreDataMax VisuCoreDataOffs VisuCoreDataSlope VisuCoreFrameType
##$VisuCoreWordType=_16BIT_SGN_INT
##$VisuCoreByteOrder=littleEndian
##$VisuFGOrderDescDim=1
$$ @vis= VisuCore VisuCoreWordType VisuCoreByteOrder VisuPixel
##$VisuFGOrderDesc=( 1 )
(160, <FG_CYCLE>, <>, 0, 0)
##$VisuSubjectName=( 65 )
<RMD272>
##$VisuSubjectId=( 65 )
<RMD272>
$$ @vis= VisuFGOrderDescDim VisuFGOrderDesc VisuFrameOrderDesc VisuSubjectName
##$VisuSubjectBirthDate=( 9 )
<>
##$VisuSubjectSex=FEMALE
##$VisuSubjectComment=( 2048 )
<>
$$ @vis= VisuSubjectId VisuSubjectBirthDate VisuSubjectSex VisuSubjectComment
##$VisuStudyUid=( 65 )
<2.16.756.5.5.100.278412266.15942.1407429006.129>
##$VisuStudyDate=( 21 )
<13:30:06  7 Aug 2014>
##$VisuStudyId=( 65 )
<RMD272>
##$VisuStudyNumber=1
##$VisuSubjectWeight=5
$$ @vis= VisuSubject VisuStudyUid VisuStudyDate VisuStudyId VisuStudyNumber
##$VisuStudyReferringPhysician=( 65 )
<>
##$VisuStudyDescription=( 65 )
<>
$$ @vis= VisuSubjectWeight VisuStudyReferringPhysician VisuStudyDescription
##$VisuSeriesNumber=1310721
##$VisuSubjectPosition=Head_Supine
##$VisuSeriesTypeId=( 65 )
<ACQ_USER_PVM>
$$ @vis= VisuStudy VisuSeriesNumber VisuSubjectPosition VisuSeriesTypeId
##$VisuAcqSoftwareVersion=( 65 )
<5.1>
##$VisuInstitution=( 65 )
<Duke University Biospec 70/20>
##$VisuStation=( 65 )
<spect>
$$ @vis= VisuSeries VisuAcqSoftwareVersion VisuInstitution VisuStation
##$VisuAcqDate=( 21 )
<14:54:32  7 Aug 2014>
##$VisuAcqEchoTrainLength=1
##$VisuAcqSequenceName=( 40 )
<rMD_HOT (pvm)>
##$VisuAcqNumberOfAverages=4
$$ @vis= VisuEquipment VisuAcqDate VisuAcqEchoTrainLength VisuAcqSequenceName
##$VisuAcqImagingFrequency=300.3395589
##$VisuAcqImagedNucleus=( 8 )
<1H>
##$VisuAcqRepetitionTime=( 1 )
1880
$$ @vis= VisuAcqNumberOfAverages VisuAcqImagingFrequency VisuAcqImagedNucleus
##$VisuAcqFlipAngle=90
##$VisuAcqEchoTime=( 1 )
0
##$VisuAcquisitionProtocol=( 65 )
<RMD_HOT_RBM_RARE_ZQSQ2>
$$ @vis= VisuAcqRepetitionTime VisuAcqFlipAngle VisuAcqEchoTime
##$VisuAcqScanTime=601600
$$ @vis= VisuAcquisitionProtocol VisuAcqScanTime VisuAcquisition Visu
##END=
