##TITLE=Parameter List
##JCAMPDX=4.24
##DATATYPE=Parameter Values
##ORIGIN=Bruker BioSpin MRI GmbH
##OWNER=ryan
$$ Thu Aug  7 15:15:02 2014 EDT (UT-4h)  ryan
$$ /opt/PV5.1/data/ryan/nmr/RMD272.r81/21/pdata/1/reco
##$RECO_mode=FT_MODE
##$RecoAutoDerive=Yes
##$RECO_inp_order=NO_REORDERING
##$RECO_inp_size=( 1 )
32
##$RECO_ft_size=( 1 )
32
##$RECO_fov=( 1 )
0
##$RECO_size=( 1 )
32
$$ @vis= RECO_mode RecoAutoDerive RECO_inp_order RECO_ft_size RECO_fov
##$RECO_offset=( 1, 2 )
0 0
##$RECO_regrid_mode=NO_REGRID
##$RECO_regrid_offset=0
##$RECO_ramp_gap=0
##$RECO_ramp_time=0
##$RECO_ne_mode=NO_NAV_DATA
##$RECO_ne_dist=NeNoInterleave
##$RECO_ne_dens=NeCorrPerScan
##$RECO_ne_type=NAV_PHASE
##$RECO_ne_vals=( 1, 2 )
0 0
##$RECO_bc_mode=( 1 )
AUTO_OFFSET_BC
##$RECO_bc_start=( 1 )
24
##$RECO_bc_len=( 1 )
8
$$ @vis= RECO_size RECO_regrid_mode RECO_ne_mode RECO_bc_mode RECO_bc_start
##$RECO_dc_offset=( 2 )
677 2800
##$RECO_dc_divisor=8
##$RECO_bc_coroff=( 1 )
0
##$RECO_qopts=( 1 )
CONJ_AND_QNEG
##$RECO_wdw_mode=( 1 )
NO_WDW
##$RECO_lb=( 1 )
-0.5
##$RECO_sw=( 1 )
22001
##$RECO_gb=( 1 )
0.5
##$RECO_sbs=( 1 )
1
##$RECO_tm1=( 1 )
0.25
##$RECO_tm2=( 1 )
0.75
##$RECO_ft_mode=( 1 )
COMPLEX_FFT
##$RECO_pc_mode=( 1 )
NO_PC
##$RECO_pc_lin=( 1 )
(0, 0)
##$RECO_rotate=( 1, 2 )
0 0
$$ @vis= RECO_bc_len RECO_qopts RECO_wdw_mode RECO_ft_mode RECO_pc_mode
##$RECO_ppc_mode=NO_PPC
##$RECO_ref_image=0
##$RECO_nr_supports=0.4
##$RECO_sig_threshold=0.15
##$RECO_ppc_degree=1
##$RECO_ppc_coeffs=( 2, 1, 2 )
0 0 0 0
##$RECO_dc_elim=Yes
##$RECO_transposition=( 2 )
0 0
##$RECO_image_type=MAGNITUDE_IMAGE
$$ @vis= RECO_rotate RECO_ppc_mode RECO_dc_elim RECO_transposition
##$RECO_image_threshold=0.15
##$RECO_ir_scale=10
##$RECO_wordtype=_16BIT_SGN_INT
##$RECO_map_mode=ABSOLUTE_MAPPING
##$RECO_map_range=( 2 )
-2147483647 2147483647
##$RECO_map_percentile=( 2 )
1 99
##$RECO_map_error=0.25
##$RECO_globex=( 160 )
0 0 0 0 0 0 0 0 0 0 0 0 0 0 0 0 0 0 0 0 0 0 0 0 0 0 0 0 0 0 0 0 0 0 0 0 0 0 0 
0 0 0 0 0 0 0 0 0 0 0 0 0 0 0 0 0 0 0 0 0 0 0 0 0 0 0 0 0 0 0 0 0 0 0 0 0 0 0 
0 0 0 0 0 0 0 0 0 0 0 0 0 0 0 0 0 0 0 0 0 0 0 0 0 0 0 0 0 0 0 0 0 0 0 0 0 0 0 
0 0 0 0 0 0 0 0 0 0 0 0 0 0 0 0 0 0 0 0 0 0 0 0 0 0 0 0 0 0 0 0 0 0 0 0 0 0 0 
0 0 0 0
##$RECO_minima=( 160 )
0 0 0 0 0 0 0 0 0 0 0 0 0 0 0 0 0 0 0 0 0 0 0 0 0 0 0 0 0 0 0 0 0 0 0 0 0 0 0 
0 0 0 0 0 0 0 0 0 0 0 0 0 0 0 0 0 0 0 0 0 0 0 0 0 0 0 0 0 0 0 0 0 0 0 0 0 0 0 
0 0 0 0 0 0 0 0 0 0 0 0 0 0 0 0 0 0 0 0 0 0 0 0 0 0 0 0 0 0 0 0 0 0 0 0 0 0 0 
0 0 0 0 0 0 0 0 0 0 0 0 0 0 0 0 0 0 0 0 0 0 0 0 0 0 0 0 0 0 0 0 0 0 0 0 0 0 0 
0 0 0 0
##$RECO_maxima=( 160 )
3684 50 4583 53 5753 58 6813 45 5740 69 8134 50 20173 61 32767 98 32309 104 
19344 45 9921 57 7780 67 6654 52 6361 56 5264 44 4366 47 3709 69 4585 54 5772 
72 6775 44 5744 54 8159 58 20126 61 32682 103 32233 104 19363 63 9904 60 7720 
60 6617 42 6293 35 5235 44 4330 47 3670 42 4546 74 5774 68 6799 49 5690 65 
8077 68 20104 61 32652 95 32285 97 19287 76 9772 67 7668 63 6605 55 6321 46 
5227 46 4342 51 3714 51 4582 65 5723 52 6771 74 5699 64 8094 69 20095 53 
32695 101 32281 101 19337 56 9822 62 7733 76 6626 42 6375 40 5250 78 4346 48 
3674 45 4521 50 5727 59 6737 44 5704 66 8088 57 20027 65 32719 94 32298 99 
19322 80 9899 78 7667 74 6589 59 6338 40 5224 45 4349 53
$$ @vis= RECO_image_type RECO_wordtype RECO_map_mode RECO_globex RECO_minima
##$RECO_map_min=( 160 )
-272584 -272584 -272584 -272584 -272584 -272584 -272584 -272584 -272584 
-272584 -272584 -272584 -272584 -272584 -272584 -272584 -272584 -272584 
-272584 -272584 -272584 -272584 -272584 -272584 -272584 -272584 -272584 
-272584 -272584 -272584 -272584 -272584 -272584 -272584 -272584 -272584 
-272584 -272584 -272584 -272584 -272584 -272584 -272584 -272584 -272584 
-272584 -272584 -272584 -272584 -272584 -272584 -272584 -272584 -272584 
-272584 -272584 -272584 -272584 -272584 -272584 -272584 -272584 -272584 
-272584 -272584 -272584 -272584 -272584 -272584 -272584 -272584 -272584 
-272584 -272584 -272584 -272584 -272584 -272584 -272584 -272584 -272584 
-272584 -272584 -272584 -272584 -272584 -272584 -272584 -272584 -272584 
-272584 -272584 -272584 -272584 -272584 -272584 -272584 -272584 -272584 
-272584 -272584 -272584 -272584 -272584 -272584 -272584 -272584 -272584 
-272584 -272584 -272584 -272584 -272584 -272584 -272584 -272584 -272584 
-272584 -272584 -272584 -272584 -272584 -272584 -272584 -272584 -272584 
-272584 -272584 -272584 -272584 -272584 -272584 -272584 -272584 -272584 
-272584 -272584 -272584 -272584 -272584 -272584 -272584 -272584 -272584 
-272584 -272584 -272584 -272584 -272584 -272584 -272584 -272584 -272584 
-272584 -272584 -272584 -272584 -272584 -272584 -272584
##$RECO_map_max=( 160 )
272584 272584 272584 272584 272584 272584 272584 272584 272584 272584 272584 
272584 272584 272584 272584 272584 272584 272584 272584 272584 272584 272584 
272584 272584 272584 272584 272584 272584 272584 272584 272584 272584 272584 
272584 272584 272584 272584 272584 272584 272584 272584 272584 272584 272584 
272584 272584 272584 272584 272584 272584 272584 272584 272584 272584 272584 
272584 272584 272584 272584 272584 272584 272584 272584 272584 272584 272584 
272584 272584 272584 272584 272584 272584 272584 272584 272584 272584 272584 
272584 272584 272584 272584 272584 272584 272584 272584 272584 272584 272584 
272584 272584 272584 272584 272584 272584 272584 272584 272584 272584 272584 
272584 272584 272584 272584 272584 272584 272584 272584 272584 272584 272584 
272584 272584 272584 272584 272584 272584 272584 272584 272584 272584 272584 
272584 272584 272584 272584 272584 272584 272584 272584 272584 272584 272584 
272584 272584 272584 272584 272584 272584 272584 272584 272584 272584 272584 
272584 272584 272584 272584 272584 272584 272584 272584 272584 272584 272584 
272584 272584 272584 272584 272584 272584
##$RECO_map_offset=( 160 )
0 0 0 0 0 0 0 0 0 0 0 0 0 0 0 0 0 0 0 0 0 0 0 0 0 0 0 0 0 0 0 0 0 0 0 0 0 0 0 
0 0 0 0 0 0 0 0 0 0 0 0 0 0 0 0 0 0 0 0 0 0 0 0 0 0 0 0 0 0 0 0 0 0 0 0 0 0 0 
0 0 0 0 0 0 0 0 0 0 0 0 0 0 0 0 0 0 0 0 0 0 0 0 0 0 0 0 0 0 0 0 0 0 0 0 0 0 0 
0 0 0 0 0 0 0 0 0 0 0 0 0 0 0 0 0 0 0 0 0 0 0 0 0 0 0 0 0 0 0 0 0 0 0 0 0 0 0 
0 0 0 0
##$RECO_map_slope=( 160 )
0.120208814740181 0.120208814740181 0.120208814740181 0.120208814740181 
0.120208814740181 0.120208814740181 0.120208814740181 0.120208814740181 
0.120208814740181 0.120208814740181 0.120208814740181 0.120208814740181 
0.120208814740181 0.120208814740181 0.120208814740181 0.120208814740181 
0.120208814740181 0.120208814740181 0.120208814740181 0.120208814740181 
0.120208814740181 0.120208814740181 0.120208814740181 0.120208814740181 
0.120208814740181 0.120208814740181 0.120208814740181 0.120208814740181 
0.120208814740181 0.120208814740181 0.120208814740181 0.120208814740181 
0.120208814740181 0.120208814740181 0.120208814740181 0.120208814740181 
0.120208814740181 0.120208814740181 0.120208814740181 0.120208814740181 
0.120208814740181 0.120208814740181 0.120208814740181 0.120208814740181 
0.120208814740181 0.120208814740181 0.120208814740181 0.120208814740181 
0.120208814740181 0.120208814740181 0.120208814740181 0.120208814740181 
0.120208814740181 0.120208814740181 0.120208814740181 0.120208814740181 
0.120208814740181 0.120208814740181 0.120208814740181 0.120208814740181 
0.120208814740181 0.120208814740181 0.120208814740181 0.120208814740181 
0.120208814740181 0.120208814740181 0.120208814740181 0.120208814740181 
0.120208814740181 0.120208814740181 0.120208814740181 0.120208814740181 
0.120208814740181 0.120208814740181 0.120208814740181 0.120208814740181 
0.120208814740181 0.120208814740181 0.120208814740181 0.120208814740181 
0.120208814740181 0.120208814740181 0.120208814740181 0.120208814740181 
0.120208814740181 0.120208814740181 0.120208814740181 0.120208814740181 
0.120208814740181 0.120208814740181 0.120208814740181 0.120208814740181 
0.120208814740181 0.120208814740181 0.120208814740181 0.120208814740181 
0.120208814740181 0.120208814740181 0.120208814740181 0.120208814740181 
0.120208814740181 0.120208814740181 0.120208814740181 0.120208814740181 
0.120208814740181 0.120208814740181 0.120208814740181 0.120208814740181 
0.120208814740181 0.120208814740181 0.120208814740181 0.120208814740181 
0.120208814740181 0.120208814740181 0.120208814740181 0.120208814740181 
0.120208814740181 0.120208814740181 0.120208814740181 0.120208814740181 
0.120208814740181 0.120208814740181 0.120208814740181 0.120208814740181 
0.120208814740181 0.120208814740181 0.120208814740181 0.120208814740181 
0.120208814740181 0.120208814740181 0.120208814740181 0.120208814740181 
0.120208814740181 0.120208814740181 0.120208814740181 0.120208814740181 
0.120208814740181 0.120208814740181 0.120208814740181 0.120208814740181 
0.120208814740181 0.120208814740181 0.120208814740181 0.120208814740181 
0.120208814740181 0.120208814740181 0.120208814740181 0.120208814740181 
0.120208814740181 0.120208814740181 0.120208814740181 0.120208814740181 
0.120208814740181 0.120208814740181 0.120208814740181 0.120208814740181 
0.120208814740181 0.120208814740181 0.120208814740181 0.120208814740181
##$RECO_byte_order=littleEndian
$$ @vis= RECO_maxima RECO_map_min RECO_map_max RECO_map_offset RECO_map_slope
##$RECO_time=( 24 )
<15:04:54  7 Aug 2014>
##$RECO_abs_time=1407438294
##$RECO_base_image_uid=( 65 )
<2.16.756.5.5.100.278412266.22167.1407438902.80>
$$ @vis= RECO_byte_order RECO_time RECO_abs_time RECO_base_image_uid
##$GS_reco_display=Yes
##$GO_reco_display=Yes
##$GO_reco_each_nr=No
$$ @vis= RecoRegridNGroup GS_reco_display RECO_GS GO_reco_display
##$GO_max_reco_mem=0
$$ @vis= GO_reco_each_nr GO_max_reco_mem RECO_GO RECO
##END=
