##TITLE=Parameter List
##JCAMPDX=4.24
##DATATYPE=Parameter Values
##ORIGIN=Bruker BioSpin MRI GmbH
##OWNER=ryan
$$ Thu Aug  7 15:15:02 2014 EDT (UT-4h)  ryan
$$ /opt/PV5.1/data/ryan/nmr/RMD272.r81/21/pdata/1/visu_pars
##$VisuVersion=1
##$VisuUid=( 65 )
<2.16.756.5.5.100.278412266.22167.1407438902.80>
##$VisuCreator=( 65 )
<ParaVision>
##$VisuCreatorVersion=( 65 )
<5.1>
##$VisuCreationDate=( 21 )
<15:04:54  7 Aug 2014>
$$ @vis= VisuVersion VisuUid VisuCreator VisuCreatorVersion VisuCreationDate
##$VisuCoreFrameCount=160
##$VisuCoreDim=1
##$VisuCoreSize=( 1 )
32
##$VisuCoreDimDesc=( 1 )
spectroscopic
$$ @vis= VisuInstance VisuCoreFrameCount VisuCoreDim VisuCoreSize
##$VisuCoreExtent=( 1 )
73.2537534535215
##$VisuCoreUnits=( 1, 65 )
<ppm>
##$VisuCoreDataMin=( 160 )
0 0 0 0 0 0 0 0 0 0 0 0 0 0 0 0 0 0 0 0 0 0 0 0 0 0 0 0 0 0 0 0 0 0 0 0 0 0 0 
0 0 0 0 0 0 0 0 0 0 0 0 0 0 0 0 0 0 0 0 0 0 0 0 0 0 0 0 0 0 0 0 0 0 0 0 0 0 0 
0 0 0 0 0 0 0 0 0 0 0 0 0 0 0 0 0 0 0 0 0 0 0 0 0 0 0 0 0 0 0 0 0 0 0 0 0 0 0 
0 0 0 0 0 0 0 0 0 0 0 0 0 0 0 0 0 0 0 0 0 0 0 0 0 0 0 0 0 0 0 0 0 0 0 0 0 0 0 
0 0 0 0
##$VisuCoreDataMax=( 160 )
3684 50 4583 53 5753 58 6813 45 5740 69 8134 50 20173 61 32767 98 32309 104 
19344 45 9921 57 7780 67 6654 52 6361 56 5264 44 4366 47 3709 69 4585 54 5772 
72 6775 44 5744 54 8159 58 20126 61 32682 103 32233 104 19363 63 9904 60 7720 
60 6617 42 6293 35 5235 44 4330 47 3670 42 4546 74 5774 68 6799 49 5690 65 
8077 68 20104 61 32652 95 32285 97 19287 76 9772 67 7668 63 6605 55 6321 46 
5227 46 4342 51 3714 51 4582 65 5723 52 6771 74 5699 64 8094 69 20095 53 
32695 101 32281 101 19337 56 9822 62 7733 76 6626 42 6375 40 5250 78 4346 48 
3674 45 4521 50 5727 59 6737 44 5704 66 8088 57 20027 65 32719 94 32298 99 
19322 80 9899 78 7667 74 6589 59 6338 40 5224 45 4349 53
$$ @vis= VisuCoreDimDesc VisuCoreExtent VisuCoreUnits VisuCoreDataMin
##$VisuCoreDataOffs=( 160 )
0 0 0 0 0 0 0 0 0 0 0 0 0 0 0 0 0 0 0 0 0 0 0 0 0 0 0 0 0 0 0 0 0 0 0 0 0 0 0 
0 0 0 0 0 0 0 0 0 0 0 0 0 0 0 0 0 0 0 0 0 0 0 0 0 0 0 0 0 0 0 0 0 0 0 0 0 0 0 
0 0 0 0 0 0 0 0 0 0 0 0 0 0 0 0 0 0 0 0 0 0 0 0 0 0 0 0 0 0 0 0 0 0 0 0 0 0 0 
0 0 0 0 0 0 0 0 0 0 0 0 0 0 0 0 0 0 0 0 0 0 0 0 0 0 0 0 0 0 0 0 0 0 0 0 0 0 0 
0 0 0 0
##$VisuCoreDataSlope=( 160 )
8.31885749943877 8.31885749943877 8.31885749943877 8.31885749943877 
8.31885749943877 8.31885749943877 8.31885749943877 8.31885749943877 
8.31885749943877 8.31885749943877 8.31885749943877 8.31885749943877 
8.31885749943877 8.31885749943877 8.31885749943877 8.31885749943877 
8.31885749943877 8.31885749943877 8.31885749943877 8.31885749943877 
8.31885749943877 8.31885749943877 8.31885749943877 8.31885749943877 
8.31885749943877 8.31885749943877 8.31885749943877 8.31885749943877 
8.31885749943877 8.31885749943877 8.31885749943877 8.31885749943877 
8.31885749943877 8.31885749943877 8.31885749943877 8.31885749943877 
8.31885749943877 8.31885749943877 8.31885749943877 8.31885749943877 
8.31885749943877 8.31885749943877 8.31885749943877 8.31885749943877 
8.31885749943877 8.31885749943877 8.31885749943877 8.31885749943877 
8.31885749943877 8.31885749943877 8.31885749943877 8.31885749943877 
8.31885749943877 8.31885749943877 8.31885749943877 8.31885749943877 
8.31885749943877 8.31885749943877 8.31885749943877 8.31885749943877 
8.31885749943877 8.31885749943877 8.31885749943877 8.31885749943877 
8.31885749943877 8.31885749943877 8.31885749943877 8.31885749943877 
8.31885749943877 8.31885749943877 8.31885749943877 8.31885749943877 
8.31885749943877 8.31885749943877 8.31885749943877 8.31885749943877 
8.31885749943877 8.31885749943877 8.31885749943877 8.31885749943877 
8.31885749943877 8.31885749943877 8.31885749943877 8.31885749943877 
8.31885749943877 8.31885749943877 8.31885749943877 8.31885749943877 
8.31885749943877 8.31885749943877 8.31885749943877 8.31885749943877 
8.31885749943877 8.31885749943877 8.31885749943877 8.31885749943877 
8.31885749943877 8.31885749943877 8.31885749943877 8.31885749943877 
8.31885749943877 8.31885749943877 8.31885749943877 8.31885749943877 
8.31885749943877 8.31885749943877 8.31885749943877 8.31885749943877 
8.31885749943877 8.31885749943877 8.31885749943877 8.31885749943877 
8.31885749943877 8.31885749943877 8.31885749943877 8.31885749943877 
8.31885749943877 8.31885749943877 8.31885749943877 8.31885749943877 
8.31885749943877 8.31885749943877 8.31885749943877 8.31885749943877 
8.31885749943877 8.31885749943877 8.31885749943877 8.31885749943877 
8.31885749943877 8.31885749943877 8.31885749943877 8.31885749943877 
8.31885749943877 8.31885749943877 8.31885749943877 8.31885749943877 
8.31885749943877 8.31885749943877 8.31885749943877 8.31885749943877 
8.31885749943877 8.31885749943877 8.31885749943877 8.31885749943877 
8.31885749943877 8.31885749943877 8.31885749943877 8.31885749943877 
8.31885749943877 8.31885749943877 8.31885749943877 8.31885749943877 
8.31885749943877 8.31885749943877 8.31885749943877 8.31885749943877 
8.31885749943877 8.31885749943877 8.31885749943877 8.31885749943877
##$VisuCoreFrameType=MAGNITUDE_IMAGE
$$ @vis= VisuCoreDataMax VisuCoreDataOffs VisuCoreDataSlope VisuCoreFrameType
##$VisuCoreWordType=_16BIT_SGN_INT
##$VisuCoreByteOrder=littleEndian
##$VisuFGOrderDescDim=1
$$ @vis= VisuCore VisuCoreWordType VisuCoreByteOrder VisuPixel
##$VisuFGOrderDesc=( 1 )
(160, <FG_CYCLE>, <>, 0, 0)
##$VisuSubjectName=( 65 )
<RMD272>
##$VisuSubjectId=( 65 )
<RMD272>
$$ @vis= VisuFGOrderDescDim VisuFGOrderDesc VisuFrameOrderDesc VisuSubjectName
##$VisuSubjectBirthDate=( 9 )
<>
##$VisuSubjectSex=FEMALE
##$VisuSubjectComment=( 2048 )
<>
$$ @vis= VisuSubjectId VisuSubjectBirthDate VisuSubjectSex VisuSubjectComment
##$VisuStudyUid=( 65 )
<2.16.756.5.5.100.278412266.15942.1407429006.129>
##$VisuStudyDate=( 21 )
<13:30:06  7 Aug 2014>
##$VisuStudyId=( 65 )
<RMD272>
##$VisuStudyNumber=1
##$VisuSubjectWeight=5
$$ @vis= VisuSubject VisuStudyUid VisuStudyDate VisuStudyId VisuStudyNumber
##$VisuStudyReferringPhysician=( 65 )
<>
##$VisuStudyDescription=( 65 )
<>
$$ @vis= VisuSubjectWeight VisuStudyReferringPhysician VisuStudyDescription
##$VisuSeriesNumber=1376257
##$VisuSubjectPosition=Head_Supine
##$VisuSeriesTypeId=( 65 )
<ACQ_USER_PVM>
$$ @vis= VisuStudy VisuSeriesNumber VisuSubjectPosition VisuSeriesTypeId
##$VisuAcqSoftwareVersion=( 65 )
<5.1>
##$VisuInstitution=( 65 )
<Duke University Biospec 70/20>
##$VisuStation=( 65 )
<spect>
$$ @vis= VisuSeries VisuAcqSoftwareVersion VisuInstitution VisuStation
##$VisuAcqDate=( 21 )
<15:04:54  7 Aug 2014>
##$VisuAcqEchoTrainLength=1
##$VisuAcqSequenceName=( 40 )
<rMD_HOT (pvm)>
##$VisuAcqNumberOfAverages=4
$$ @vis= VisuEquipment VisuAcqDate VisuAcqEchoTrainLength VisuAcqSequenceName
##$VisuAcqImagingFrequency=300.3395589
##$VisuAcqImagedNucleus=( 8 )
<1H>
##$VisuAcqRepetitionTime=( 1 )
1880
$$ @vis= VisuAcqNumberOfAverages VisuAcqImagingFrequency VisuAcqImagedNucleus
##$VisuAcqFlipAngle=90
##$VisuAcqEchoTime=( 1 )
0
##$VisuAcquisitionProtocol=( 65 )
<RMD_HOT_RBM_RARE_ZQSQ2>
$$ @vis= VisuAcqRepetitionTime VisuAcqFlipAngle VisuAcqEchoTime
##$VisuAcqScanTime=601600
$$ @vis= VisuAcquisitionProtocol VisuAcqScanTime VisuAcquisition Visu
##END=
