##TITLE=Parameter List
##JCAMPDX=4.24
##DATATYPE=Parameter Values
##ORIGIN=Bruker BioSpin MRI GmbH
##OWNER=ryan
$$ Thu Aug  7 21:31:42 2014 EDT (UT-4h)  ryan
$$ /opt/PV5.1/data/ryan/nmr/RMD272.r81/38/pdata/1/reco
##$RECO_mode=FT_MODE
##$RecoAutoDerive=Yes
##$RECO_inp_order=NO_REORDERING
##$RECO_inp_size=( 1 )
32
##$RECO_ft_size=( 1 )
32
##$RECO_fov=( 1 )
0
##$RECO_size=( 1 )
32
$$ @vis= RECO_mode RecoAutoDerive RECO_inp_order RECO_ft_size RECO_fov
##$RECO_offset=( 1, 4 )
0 0 0 0
##$RECO_regrid_mode=NO_REGRID
##$RECO_regrid_offset=0
##$RECO_ramp_gap=0
##$RECO_ramp_time=0
##$RECO_ne_mode=NO_NAV_DATA
##$RECO_ne_dist=NeNoInterleave
##$RECO_ne_dens=NeCorrPerScan
##$RECO_ne_type=NAV_PHASE
##$RECO_ne_vals=( 1, 2 )
0 0
##$RECO_bc_mode=( 1 )
AUTO_OFFSET_BC
##$RECO_bc_start=( 1 )
24
##$RECO_bc_len=( 1 )
8
$$ @vis= RECO_size RECO_regrid_mode RECO_ne_mode RECO_bc_mode RECO_bc_start
##$RECO_dc_offset=( 2 )
12 -3
##$RECO_dc_divisor=8
##$RECO_bc_coroff=( 1 )
0
##$RECO_qopts=( 1 )
CONJ_AND_QNEG
##$RECO_wdw_mode=( 1 )
NO_WDW
##$RECO_lb=( 1 )
-0.5
##$RECO_sw=( 1 )
22001
##$RECO_gb=( 1 )
0.5
##$RECO_sbs=( 1 )
1
##$RECO_tm1=( 1 )
0.25
##$RECO_tm2=( 1 )
0.75
##$RECO_ft_mode=( 1 )
COMPLEX_FFT
##$RECO_pc_mode=( 1 )
NO_PC
##$RECO_pc_lin=( 1 )
(0, 0)
##$RECO_rotate=( 1, 4 )
0 0 0 0
$$ @vis= RECO_bc_len RECO_qopts RECO_wdw_mode RECO_ft_mode RECO_pc_mode
##$RECO_ppc_mode=NO_PPC
##$RECO_ref_image=0
##$RECO_nr_supports=0.4
##$RECO_sig_threshold=0.15
##$RECO_ppc_degree=1
##$RECO_ppc_coeffs=( 4, 1, 2 )
0 0 0 0 0 0 0 0
##$RECO_dc_elim=Yes
##$RECO_transposition=( 4 )
0 0 0 0
##$RECO_image_type=MAGNITUDE_IMAGE
$$ @vis= RECO_rotate RECO_ppc_mode RECO_dc_elim RECO_transposition
##$RECO_image_threshold=0.15
##$RECO_ir_scale=10
##$RECO_wordtype=_16BIT_SGN_INT
##$RECO_map_mode=ABSOLUTE_MAPPING
##$RECO_map_range=( 2 )
-2147483647 2147483647
##$RECO_map_percentile=( 2 )
1 99
##$RECO_map_error=0.25
##$RECO_globex=( 320 )
0 0 0 0 0 0 0 0 0 0 0 0 0 0 0 0 0 0 0 0 0 0 0 0 0 0 0 0 0 0 0 0 0 0 0 0 0 0 0 
0 0 0 0 0 0 0 0 0 0 0 0 0 0 0 0 0 0 0 0 0 0 0 0 0 0 0 0 0 0 0 0 0 0 0 0 0 0 0 
0 0 0 0 0 0 0 0 0 0 0 0 0 0 0 0 0 0 0 0 0 0 0 0 0 0 0 0 0 0 0 0 0 0 0 0 0 0 0 
0 0 0 0 0 0 0 0 0 0 0 0 0 0 0 0 0 0 0 0 0 0 0 0 0 0 0 0 0 0 0 0 0 0 0 0 0 0 0 
0 0 0 0 0 0 0 0 0 0 0 0 0 0 0 0 0 0 0 0 0 0 0 0 0 0 0 0 0 0 0 0 0 0 0 0 0 0 0 
0 0 0 0 0 0 0 0 0 0 0 0 0 0 0 0 0 0 0 0 0 0 0 0 0 0 0 0 0 0 0 0 0 0 0 0 0 0 0 
0 0 0 0 0 0 0 0 0 0 0 0 0 0 0 0 0 0 0 0 0 0 0 0 0 0 0 0 0 0 0 0 0 0 0 0 0 0 0 
0 0 0 0 0 0 0 0 0 0 0 0 0 0 0 0 0 0 0 0 0 0 0 0 0 0 0 0 0 0 0 0 0 0 0 0 0 0 0 
0 0 0 0 0 0 0 0
##$RECO_minima=( 320 )
0 0 0 0 0 0 0 0 0 0 0 0 0 0 0 0 0 0 0 0 0 0 0 0 0 0 0 0 0 0 0 0 0 0 0 0 0 0 0 
0 0 0 0 0 0 0 0 0 0 0 0 0 0 0 0 0 0 0 0 0 0 0 0 0 0 0 0 0 0 0 0 0 0 0 0 0 0 0 
0 0 0 0 0 0 0 0 0 0 0 0 0 0 0 0 0 0 0 0 0 0 0 0 0 0 0 0 0 0 0 0 0 0 0 0 0 0 0 
0 0 0 0 0 0 0 0 0 0 0 0 0 0 0 0 0 0 0 0 0 0 0 0 0 0 0 0 0 0 0 0 0 0 0 0 0 0 0 
0 0 0 0 0 0 0 0 0 0 0 0 0 0 0 0 0 0 0 0 0 0 0 0 0 0 0 0 0 0 0 0 0 0 0 0 0 0 0 
0 0 0 0 0 0 0 0 0 0 0 0 0 0 0 0 0 0 0 0 0 0 0 0 0 0 0 0 0 0 0 0 0 0 0 0 0 0 0 
0 0 0 0 0 0 0 0 0 0 0 0 0 0 0 0 0 0 0 0 0 0 0 0 0 0 0 0 0 0 0 0 0 0 0 0 0 0 0 
0 0 0 0 0 0 0 0 0 0 0 0 0 0 0 0 0 0 0 0 0 0 0 0 0 0 0 0 0 0 0 0 0 0 0 0 0 0 0 
0 0 0 0 0 0 0 0
##$RECO_maxima=( 320 )
35 3713 5179 72 55 3226 4967 47 47 4278 5720 56 38 5295 6550 39 48 5688 5957 
50 48 9178 8696 60 67 9582 8819 55 38 28839 24400 48 54 32595 22292 42 45 
10860 7448 39 40 9552 7748 38 39 7045 4595 47 42 6470 4606 48 38 6346 4007 39 
56 4976 3148 47 69 5637 3565 37 46 3922 5518 50 42 3235 4959 39 32 4290 5674 
45 53 5277 6598 45 58 5696 5947 50 49 9272 8673 51 59 9439 8890 46 56 28874 
24420 43 56 32751 22126 37 47 10804 7455 47 51 9526 7809 47 63 7022 4563 43 
48 6485 4597 47 36 6380 4046 45 58 4976 3159 44 53 5663 3611 46 53 3919 5504 
40 37 3199 4955 41 48 4299 5700 45 40 5275 6544 50 50 5691 5932 36 38 9271 
8706 47 36 9441 8837 56 47 28804 24509 46 59 32713 22107 67 62 10781 7465 46 
46 9537 7849 49 48 6971 4583 42 39 6473 4616 49 53 6342 4025 45 46 4951 3141 
58 51 5669 3640 37 45 3959 5514 41 50 3215 4972 44 39 4284 5739 59 92 5290 
6528 66 49 5701 5966 45 47 9215 8680 53 47 9468 8933 44 38 28773 24414 40 58 
32767 22261 51 44 10820 7449 57 49 9520 7747 48 37 7088 4566 51 43 6477 4591 
51 44 6393 4042 60 48 4985 3162 50 39 5714 3600 54 46 3910 5486 40 40 3226 
4981 47 44 4307 5762 47 45 5232 6563 55 39 5720 5993 43 40 9200 8679 44 42 
9484 8916 54 54 28718 24408 42 59 32713 22288 45 52 10896 7438 55 47 9499 
7764 56 50 7122 4575 44 54 6468 4626 49 47 6395 4077 50 45 4984 3139 49 36 
5702 3639 45
$$ @vis= RECO_image_type RECO_wordtype RECO_map_mode RECO_globex RECO_minima
##$RECO_map_min=( 320 )
-54350 -54350 -54350 -54350 -54350 -54350 -54350 -54350 -54350 -54350 -54350 
-54350 -54350 -54350 -54350 -54350 -54350 -54350 -54350 -54350 -54350 -54350 
-54350 -54350 -54350 -54350 -54350 -54350 -54350 -54350 -54350 -54350 -54350 
-54350 -54350 -54350 -54350 -54350 -54350 -54350 -54350 -54350 -54350 -54350 
-54350 -54350 -54350 -54350 -54350 -54350 -54350 -54350 -54350 -54350 -54350 
-54350 -54350 -54350 -54350 -54350 -54350 -54350 -54350 -54350 -54350 -54350 
-54350 -54350 -54350 -54350 -54350 -54350 -54350 -54350 -54350 -54350 -54350 
-54350 -54350 -54350 -54350 -54350 -54350 -54350 -54350 -54350 -54350 -54350 
-54350 -54350 -54350 -54350 -54350 -54350 -54350 -54350 -54350 -54350 -54350 
-54350 -54350 -54350 -54350 -54350 -54350 -54350 -54350 -54350 -54350 -54350 
-54350 -54350 -54350 -54350 -54350 -54350 -54350 -54350 -54350 -54350 -54350 
-54350 -54350 -54350 -54350 -54350 -54350 -54350 -54350 -54350 -54350 -54350 
-54350 -54350 -54350 -54350 -54350 -54350 -54350 -54350 -54350 -54350 -54350 
-54350 -54350 -54350 -54350 -54350 -54350 -54350 -54350 -54350 -54350 -54350 
-54350 -54350 -54350 -54350 -54350 -54350 -54350 -54350 -54350 -54350 -54350 
-54350 -54350 -54350 -54350 -54350 -54350 -54350 -54350 -54350 -54350 -54350 
-54350 -54350 -54350 -54350 -54350 -54350 -54350 -54350 -54350 -54350 -54350 
-54350 -54350 -54350 -54350 -54350 -54350 -54350 -54350 -54350 -54350 -54350 
-54350 -54350 -54350 -54350 -54350 -54350 -54350 -54350 -54350 -54350 -54350 
-54350 -54350 -54350 -54350 -54350 -54350 -54350 -54350 -54350 -54350 -54350 
-54350 -54350 -54350 -54350 -54350 -54350 -54350 -54350 -54350 -54350 -54350 
-54350 -54350 -54350 -54350 -54350 -54350 -54350 -54350 -54350 -54350 -54350 
-54350 -54350 -54350 -54350 -54350 -54350 -54350 -54350 -54350 -54350 -54350 
-54350 -54350 -54350 -54350 -54350 -54350 -54350 -54350 -54350 -54350 -54350 
-54350 -54350 -54350 -54350 -54350 -54350 -54350 -54350 -54350 -54350 -54350 
-54350 -54350 -54350 -54350 -54350 -54350 -54350 -54350 -54350 -54350 -54350 
-54350 -54350 -54350 -54350 -54350 -54350 -54350 -54350 -54350 -54350 -54350 
-54350 -54350 -54350 -54350 -54350 -54350 -54350 -54350 -54350 -54350 -54350 
-54350 -54350 -54350 -54350 -54350 -54350 -54350 -54350 -54350 -54350 -54350 
-54350
##$RECO_map_max=( 320 )
54350 54350 54350 54350 54350 54350 54350 54350 54350 54350 54350 54350 54350 
54350 54350 54350 54350 54350 54350 54350 54350 54350 54350 54350 54350 54350 
54350 54350 54350 54350 54350 54350 54350 54350 54350 54350 54350 54350 54350 
54350 54350 54350 54350 54350 54350 54350 54350 54350 54350 54350 54350 54350 
54350 54350 54350 54350 54350 54350 54350 54350 54350 54350 54350 54350 54350 
54350 54350 54350 54350 54350 54350 54350 54350 54350 54350 54350 54350 54350 
54350 54350 54350 54350 54350 54350 54350 54350 54350 54350 54350 54350 54350 
54350 54350 54350 54350 54350 54350 54350 54350 54350 54350 54350 54350 54350 
54350 54350 54350 54350 54350 54350 54350 54350 54350 54350 54350 54350 54350 
54350 54350 54350 54350 54350 54350 54350 54350 54350 54350 54350 54350 54350 
54350 54350 54350 54350 54350 54350 54350 54350 54350 54350 54350 54350 54350 
54350 54350 54350 54350 54350 54350 54350 54350 54350 54350 54350 54350 54350 
54350 54350 54350 54350 54350 54350 54350 54350 54350 54350 54350 54350 54350 
54350 54350 54350 54350 54350 54350 54350 54350 54350 54350 54350 54350 54350 
54350 54350 54350 54350 54350 54350 54350 54350 54350 54350 54350 54350 54350 
54350 54350 54350 54350 54350 54350 54350 54350 54350 54350 54350 54350 54350 
54350 54350 54350 54350 54350 54350 54350 54350 54350 54350 54350 54350 54350 
54350 54350 54350 54350 54350 54350 54350 54350 54350 54350 54350 54350 54350 
54350 54350 54350 54350 54350 54350 54350 54350 54350 54350 54350 54350 54350 
54350 54350 54350 54350 54350 54350 54350 54350 54350 54350 54350 54350 54350 
54350 54350 54350 54350 54350 54350 54350 54350 54350 54350 54350 54350 54350 
54350 54350 54350 54350 54350 54350 54350 54350 54350 54350 54350 54350 54350 
54350 54350 54350 54350 54350 54350 54350 54350 54350 54350 54350 54350 54350 
54350 54350 54350 54350 54350 54350 54350 54350 54350 54350 54350 54350 54350 
54350 54350 54350 54350 54350 54350 54350 54350
##$RECO_map_offset=( 320 )
0 0 0 0 0 0 0 0 0 0 0 0 0 0 0 0 0 0 0 0 0 0 0 0 0 0 0 0 0 0 0 0 0 0 0 0 0 0 0 
0 0 0 0 0 0 0 0 0 0 0 0 0 0 0 0 0 0 0 0 0 0 0 0 0 0 0 0 0 0 0 0 0 0 0 0 0 0 0 
0 0 0 0 0 0 0 0 0 0 0 0 0 0 0 0 0 0 0 0 0 0 0 0 0 0 0 0 0 0 0 0 0 0 0 0 0 0 0 
0 0 0 0 0 0 0 0 0 0 0 0 0 0 0 0 0 0 0 0 0 0 0 0 0 0 0 0 0 0 0 0 0 0 0 0 0 0 0 
0 0 0 0 0 0 0 0 0 0 0 0 0 0 0 0 0 0 0 0 0 0 0 0 0 0 0 0 0 0 0 0 0 0 0 0 0 0 0 
0 0 0 0 0 0 0 0 0 0 0 0 0 0 0 0 0 0 0 0 0 0 0 0 0 0 0 0 0 0 0 0 0 0 0 0 0 0 0 
0 0 0 0 0 0 0 0 0 0 0 0 0 0 0 0 0 0 0 0 0 0 0 0 0 0 0 0 0 0 0 0 0 0 0 0 0 0 0 
0 0 0 0 0 0 0 0 0 0 0 0 0 0 0 0 0 0 0 0 0 0 0 0 0 0 0 0 0 0 0 0 0 0 0 0 0 0 0 
0 0 0 0 0 0 0 0
##$RECO_map_slope=( 320 )
0.602888703346252 0.602888703346252 0.602888703346252 0.602888703346252 
0.602888703346252 0.602888703346252 0.602888703346252 0.602888703346252 
0.602888703346252 0.602888703346252 0.602888703346252 0.602888703346252 
0.602888703346252 0.602888703346252 0.602888703346252 0.602888703346252 
0.602888703346252 0.602888703346252 0.602888703346252 0.602888703346252 
0.602888703346252 0.602888703346252 0.602888703346252 0.602888703346252 
0.602888703346252 0.602888703346252 0.602888703346252 0.602888703346252 
0.602888703346252 0.602888703346252 0.602888703346252 0.602888703346252 
0.602888703346252 0.602888703346252 0.602888703346252 0.602888703346252 
0.602888703346252 0.602888703346252 0.602888703346252 0.602888703346252 
0.602888703346252 0.602888703346252 0.602888703346252 0.602888703346252 
0.602888703346252 0.602888703346252 0.602888703346252 0.602888703346252 
0.602888703346252 0.602888703346252 0.602888703346252 0.602888703346252 
0.602888703346252 0.602888703346252 0.602888703346252 0.602888703346252 
0.602888703346252 0.602888703346252 0.602888703346252 0.602888703346252 
0.602888703346252 0.602888703346252 0.602888703346252 0.602888703346252 
0.602888703346252 0.602888703346252 0.602888703346252 0.602888703346252 
0.602888703346252 0.602888703346252 0.602888703346252 0.602888703346252 
0.602888703346252 0.602888703346252 0.602888703346252 0.602888703346252 
0.602888703346252 0.602888703346252 0.602888703346252 0.602888703346252 
0.602888703346252 0.602888703346252 0.602888703346252 0.602888703346252 
0.602888703346252 0.602888703346252 0.602888703346252 0.602888703346252 
0.602888703346252 0.602888703346252 0.602888703346252 0.602888703346252 
0.602888703346252 0.602888703346252 0.602888703346252 0.602888703346252 
0.602888703346252 0.602888703346252 0.602888703346252 0.602888703346252 
0.602888703346252 0.602888703346252 0.602888703346252 0.602888703346252 
0.602888703346252 0.602888703346252 0.602888703346252 0.602888703346252 
0.602888703346252 0.602888703346252 0.602888703346252 0.602888703346252 
0.602888703346252 0.602888703346252 0.602888703346252 0.602888703346252 
0.602888703346252 0.602888703346252 0.602888703346252 0.602888703346252 
0.602888703346252 0.602888703346252 0.602888703346252 0.602888703346252 
0.602888703346252 0.602888703346252 0.602888703346252 0.602888703346252 
0.602888703346252 0.602888703346252 0.602888703346252 0.602888703346252 
0.602888703346252 0.602888703346252 0.602888703346252 0.602888703346252 
0.602888703346252 0.602888703346252 0.602888703346252 0.602888703346252 
0.602888703346252 0.602888703346252 0.602888703346252 0.602888703346252 
0.602888703346252 0.602888703346252 0.602888703346252 0.602888703346252 
0.602888703346252 0.602888703346252 0.602888703346252 0.602888703346252 
0.602888703346252 0.602888703346252 0.602888703346252 0.602888703346252 
0.602888703346252 0.602888703346252 0.602888703346252 0.602888703346252 
0.602888703346252 0.602888703346252 0.602888703346252 0.602888703346252 
0.602888703346252 0.602888703346252 0.602888703346252 0.602888703346252 
0.602888703346252 0.602888703346252 0.602888703346252 0.602888703346252 
0.602888703346252 0.602888703346252 0.602888703346252 0.602888703346252 
0.602888703346252 0.602888703346252 0.602888703346252 0.602888703346252 
0.602888703346252 0.602888703346252 0.602888703346252 0.602888703346252 
0.602888703346252 0.602888703346252 0.602888703346252 0.602888703346252 
0.602888703346252 0.602888703346252 0.602888703346252 0.602888703346252 
0.602888703346252 0.602888703346252 0.602888703346252 0.602888703346252 
0.602888703346252 0.602888703346252 0.602888703346252 0.602888703346252 
0.602888703346252 0.602888703346252 0.602888703346252 0.602888703346252 
0.602888703346252 0.602888703346252 0.602888703346252 0.602888703346252 
0.602888703346252 0.602888703346252 0.602888703346252 0.602888703346252 
0.602888703346252 0.602888703346252 0.602888703346252 0.602888703346252 
0.602888703346252 0.602888703346252 0.602888703346252 0.602888703346252 
0.602888703346252 0.602888703346252 0.602888703346252 0.602888703346252 
0.602888703346252 0.602888703346252 0.602888703346252 0.602888703346252 
0.602888703346252 0.602888703346252 0.602888703346252 0.602888703346252 
0.602888703346252 0.602888703346252 0.602888703346252 0.602888703346252 
0.602888703346252 0.602888703346252 0.602888703346252 0.602888703346252 
0.602888703346252 0.602888703346252 0.602888703346252 0.602888703346252 
0.602888703346252 0.602888703346252 0.602888703346252 0.602888703346252 
0.602888703346252 0.602888703346252 0.602888703346252 0.602888703346252 
0.602888703346252 0.602888703346252 0.602888703346252 0.602888703346252 
0.602888703346252 0.602888703346252 0.602888703346252 0.602888703346252 
0.602888703346252 0.602888703346252 0.602888703346252 0.602888703346252 
0.602888703346252 0.602888703346252 0.602888703346252 0.602888703346252 
0.602888703346252 0.602888703346252 0.602888703346252 0.602888703346252 
0.602888703346252 0.602888703346252 0.602888703346252 0.602888703346252 
0.602888703346252 0.602888703346252 0.602888703346252 0.602888703346252 
0.602888703346252 0.602888703346252 0.602888703346252 0.602888703346252 
0.602888703346252 0.602888703346252 0.602888703346252 0.602888703346252 
0.602888703346252 0.602888703346252 0.602888703346252 0.602888703346252 
0.602888703346252 0.602888703346252 0.602888703346252 0.602888703346252 
0.602888703346252 0.602888703346252 0.602888703346252 0.602888703346252 
0.602888703346252 0.602888703346252 0.602888703346252 0.602888703346252 
0.602888703346252 0.602888703346252 0.602888703346252 0.602888703346252 
0.602888703346252 0.602888703346252 0.602888703346252 0.602888703346252 
0.602888703346252 0.602888703346252 0.602888703346252 0.602888703346252 
0.602888703346252 0.602888703346252 0.602888703346252 0.602888703346252
##$RECO_byte_order=littleEndian
$$ @vis= RECO_maxima RECO_map_min RECO_map_max RECO_map_offset RECO_map_slope
##$RECO_time=( 24 )
<21:21:32  7 Aug 2014>
##$RECO_abs_time=1407460892
##$RECO_base_image_uid=( 65 )
<2.16.756.5.5.100.278412266.32363.1407461502.80>
$$ @vis= RECO_byte_order RECO_time RECO_abs_time RECO_base_image_uid
##$GS_reco_display=Yes
##$GO_reco_display=Yes
##$GO_reco_each_nr=No
$$ @vis= RecoRegridNGroup GS_reco_display RECO_GS GO_reco_display
##$GO_max_reco_mem=0
$$ @vis= GO_reco_each_nr GO_max_reco_mem RECO_GO RECO
##END=
