##TITLE=Parameter List
##JCAMPDX=4.24
##DATATYPE=Parameter Values
##ORIGIN=Bruker BioSpin MRI GmbH
##OWNER=ryan
$$ Thu Aug  7 15:25:24 2014 EDT (UT-4h)  ryan
$$ /opt/PV5.1/data/ryan/nmr/RMD272.r81/22/pdata/1/reco
##$RECO_mode=FT_MODE
##$RecoAutoDerive=Yes
##$RECO_inp_order=NO_REORDERING
##$RECO_inp_size=( 1 )
32
##$RECO_ft_size=( 1 )
32
##$RECO_fov=( 1 )
0
##$RECO_size=( 1 )
32
$$ @vis= RECO_mode RecoAutoDerive RECO_inp_order RECO_ft_size RECO_fov
##$RECO_offset=( 1, 2 )
0 0
##$RECO_regrid_mode=NO_REGRID
##$RECO_regrid_offset=0
##$RECO_ramp_gap=0
##$RECO_ramp_time=0
##$RECO_ne_mode=NO_NAV_DATA
##$RECO_ne_dist=NeNoInterleave
##$RECO_ne_dens=NeCorrPerScan
##$RECO_ne_type=NAV_PHASE
##$RECO_ne_vals=( 1, 2 )
0 0
##$RECO_bc_mode=( 1 )
AUTO_OFFSET_BC
##$RECO_bc_start=( 1 )
24
##$RECO_bc_len=( 1 )
8
$$ @vis= RECO_size RECO_regrid_mode RECO_ne_mode RECO_bc_mode RECO_bc_start
##$RECO_dc_offset=( 2 )
502 2127
##$RECO_dc_divisor=8
##$RECO_bc_coroff=( 1 )
0
##$RECO_qopts=( 1 )
CONJ_AND_QNEG
##$RECO_wdw_mode=( 1 )
NO_WDW
##$RECO_lb=( 1 )
-0.5
##$RECO_sw=( 1 )
22001
##$RECO_gb=( 1 )
0.5
##$RECO_sbs=( 1 )
1
##$RECO_tm1=( 1 )
0.25
##$RECO_tm2=( 1 )
0.75
##$RECO_ft_mode=( 1 )
COMPLEX_FFT
##$RECO_pc_mode=( 1 )
NO_PC
##$RECO_pc_lin=( 1 )
(0, 0)
##$RECO_rotate=( 1, 2 )
0 0
$$ @vis= RECO_bc_len RECO_qopts RECO_wdw_mode RECO_ft_mode RECO_pc_mode
##$RECO_ppc_mode=NO_PPC
##$RECO_ref_image=0
##$RECO_nr_supports=0.4
##$RECO_sig_threshold=0.15
##$RECO_ppc_degree=1
##$RECO_ppc_coeffs=( 2, 1, 2 )
0 0 0 0
##$RECO_dc_elim=Yes
##$RECO_transposition=( 2 )
0 0
##$RECO_image_type=MAGNITUDE_IMAGE
$$ @vis= RECO_rotate RECO_ppc_mode RECO_dc_elim RECO_transposition
##$RECO_image_threshold=0.15
##$RECO_ir_scale=10
##$RECO_wordtype=_16BIT_SGN_INT
##$RECO_map_mode=ABSOLUTE_MAPPING
##$RECO_map_range=( 2 )
-2147483647 2147483647
##$RECO_map_percentile=( 2 )
1 99
##$RECO_map_error=0.25
##$RECO_globex=( 160 )
0 0 0 0 0 0 0 0 0 0 0 0 0 0 0 0 0 0 0 0 0 0 0 0 0 0 0 0 0 0 0 0 0 0 0 0 0 0 0 
0 0 0 0 0 0 0 0 0 0 0 0 0 0 0 0 0 0 0 0 0 0 0 0 0 0 0 0 0 0 0 0 0 0 0 0 0 0 0 
0 0 0 0 0 0 0 0 0 0 0 0 0 0 0 0 0 0 0 0 0 0 0 0 0 0 0 0 0 0 0 0 0 0 0 0 0 0 0 
0 0 0 0 0 0 0 0 0 0 0 0 0 0 0 0 0 0 0 0 0 0 0 0 0 0 0 0 0 0 0 0 0 0 0 0 0 0 0 
0 0 0 0
##$RECO_minima=( 160 )
0 0 0 0 0 0 0 0 0 0 0 0 0 0 0 0 0 0 0 0 0 0 0 0 0 0 0 0 0 0 0 0 0 0 0 0 0 0 0 
0 0 0 0 0 0 0 0 0 0 0 0 0 0 0 0 0 0 0 0 0 0 0 0 0 0 0 0 0 0 0 0 0 0 0 0 0 0 0 
0 0 0 0 0 0 0 0 0 0 0 0 0 0 0 0 0 0 0 0 0 0 0 0 0 0 0 0 0 0 0 0 0 0 0 0 0 0 0 
0 0 0 0 0 0 0 0 0 0 0 0 0 0 0 0 0 0 0 0 0 0 0 0 0 0 0 0 0 0 0 0 0 0 0 0 0 0 0 
0 0 0 0
##$RECO_maxima=( 160 )
3641 69 4487 74 5671 75 6661 53 5643 66 8046 63 20110 98 32600 131 32323 131 
19397 68 9849 68 7793 69 6494 72 6264 57 5192 63 4329 64 3667 74 4506 62 5693 
57 6668 72 5622 62 8080 71 20181 89 32712 143 32420 132 19511 85 9924 76 7837 
70 6543 72 6287 76 5169 58 4311 65 3677 63 4507 95 5690 56 6660 60 5692 71 
8065 60 20071 82 32609 127 32447 146 19471 98 9968 75 7837 97 6546 63 6304 51 
5170 75 4335 61 3641 67 4505 89 5732 59 6683 64 5706 71 8082 63 20213 104 
32767 148 32493 134 19531 101 10019 75 7810 88 6545 71 6320 48 5159 78 4329 
54 3680 83 4497 50 5696 55 6688 62 5702 67 8028 73 20099 88 32610 124 32407 
119 19426 93 9874 69 7821 92 6499 86 6290 62 5156 58 4320 50
$$ @vis= RECO_image_type RECO_wordtype RECO_map_mode RECO_globex RECO_minima
##$RECO_map_min=( 160 )
-196030 -196030 -196030 -196030 -196030 -196030 -196030 -196030 -196030 
-196030 -196030 -196030 -196030 -196030 -196030 -196030 -196030 -196030 
-196030 -196030 -196030 -196030 -196030 -196030 -196030 -196030 -196030 
-196030 -196030 -196030 -196030 -196030 -196030 -196030 -196030 -196030 
-196030 -196030 -196030 -196030 -196030 -196030 -196030 -196030 -196030 
-196030 -196030 -196030 -196030 -196030 -196030 -196030 -196030 -196030 
-196030 -196030 -196030 -196030 -196030 -196030 -196030 -196030 -196030 
-196030 -196030 -196030 -196030 -196030 -196030 -196030 -196030 -196030 
-196030 -196030 -196030 -196030 -196030 -196030 -196030 -196030 -196030 
-196030 -196030 -196030 -196030 -196030 -196030 -196030 -196030 -196030 
-196030 -196030 -196030 -196030 -196030 -196030 -196030 -196030 -196030 
-196030 -196030 -196030 -196030 -196030 -196030 -196030 -196030 -196030 
-196030 -196030 -196030 -196030 -196030 -196030 -196030 -196030 -196030 
-196030 -196030 -196030 -196030 -196030 -196030 -196030 -196030 -196030 
-196030 -196030 -196030 -196030 -196030 -196030 -196030 -196030 -196030 
-196030 -196030 -196030 -196030 -196030 -196030 -196030 -196030 -196030 
-196030 -196030 -196030 -196030 -196030 -196030 -196030 -196030 -196030 
-196030 -196030 -196030 -196030 -196030 -196030 -196030
##$RECO_map_max=( 160 )
196030 196030 196030 196030 196030 196030 196030 196030 196030 196030 196030 
196030 196030 196030 196030 196030 196030 196030 196030 196030 196030 196030 
196030 196030 196030 196030 196030 196030 196030 196030 196030 196030 196030 
196030 196030 196030 196030 196030 196030 196030 196030 196030 196030 196030 
196030 196030 196030 196030 196030 196030 196030 196030 196030 196030 196030 
196030 196030 196030 196030 196030 196030 196030 196030 196030 196030 196030 
196030 196030 196030 196030 196030 196030 196030 196030 196030 196030 196030 
196030 196030 196030 196030 196030 196030 196030 196030 196030 196030 196030 
196030 196030 196030 196030 196030 196030 196030 196030 196030 196030 196030 
196030 196030 196030 196030 196030 196030 196030 196030 196030 196030 196030 
196030 196030 196030 196030 196030 196030 196030 196030 196030 196030 196030 
196030 196030 196030 196030 196030 196030 196030 196030 196030 196030 196030 
196030 196030 196030 196030 196030 196030 196030 196030 196030 196030 196030 
196030 196030 196030 196030 196030 196030 196030 196030 196030 196030 196030 
196030 196030 196030 196030 196030 196030
##$RECO_map_offset=( 160 )
0 0 0 0 0 0 0 0 0 0 0 0 0 0 0 0 0 0 0 0 0 0 0 0 0 0 0 0 0 0 0 0 0 0 0 0 0 0 0 
0 0 0 0 0 0 0 0 0 0 0 0 0 0 0 0 0 0 0 0 0 0 0 0 0 0 0 0 0 0 0 0 0 0 0 0 0 0 0 
0 0 0 0 0 0 0 0 0 0 0 0 0 0 0 0 0 0 0 0 0 0 0 0 0 0 0 0 0 0 0 0 0 0 0 0 0 0 0 
0 0 0 0 0 0 0 0 0 0 0 0 0 0 0 0 0 0 0 0 0 0 0 0 0 0 0 0 0 0 0 0 0 0 0 0 0 0 0 
0 0 0 0
##$RECO_map_slope=( 160 )
0.167152985930443 0.167152985930443 0.167152985930443 0.167152985930443 
0.167152985930443 0.167152985930443 0.167152985930443 0.167152985930443 
0.167152985930443 0.167152985930443 0.167152985930443 0.167152985930443 
0.167152985930443 0.167152985930443 0.167152985930443 0.167152985930443 
0.167152985930443 0.167152985930443 0.167152985930443 0.167152985930443 
0.167152985930443 0.167152985930443 0.167152985930443 0.167152985930443 
0.167152985930443 0.167152985930443 0.167152985930443 0.167152985930443 
0.167152985930443 0.167152985930443 0.167152985930443 0.167152985930443 
0.167152985930443 0.167152985930443 0.167152985930443 0.167152985930443 
0.167152985930443 0.167152985930443 0.167152985930443 0.167152985930443 
0.167152985930443 0.167152985930443 0.167152985930443 0.167152985930443 
0.167152985930443 0.167152985930443 0.167152985930443 0.167152985930443 
0.167152985930443 0.167152985930443 0.167152985930443 0.167152985930443 
0.167152985930443 0.167152985930443 0.167152985930443 0.167152985930443 
0.167152985930443 0.167152985930443 0.167152985930443 0.167152985930443 
0.167152985930443 0.167152985930443 0.167152985930443 0.167152985930443 
0.167152985930443 0.167152985930443 0.167152985930443 0.167152985930443 
0.167152985930443 0.167152985930443 0.167152985930443 0.167152985930443 
0.167152985930443 0.167152985930443 0.167152985930443 0.167152985930443 
0.167152985930443 0.167152985930443 0.167152985930443 0.167152985930443 
0.167152985930443 0.167152985930443 0.167152985930443 0.167152985930443 
0.167152985930443 0.167152985930443 0.167152985930443 0.167152985930443 
0.167152985930443 0.167152985930443 0.167152985930443 0.167152985930443 
0.167152985930443 0.167152985930443 0.167152985930443 0.167152985930443 
0.167152985930443 0.167152985930443 0.167152985930443 0.167152985930443 
0.167152985930443 0.167152985930443 0.167152985930443 0.167152985930443 
0.167152985930443 0.167152985930443 0.167152985930443 0.167152985930443 
0.167152985930443 0.167152985930443 0.167152985930443 0.167152985930443 
0.167152985930443 0.167152985930443 0.167152985930443 0.167152985930443 
0.167152985930443 0.167152985930443 0.167152985930443 0.167152985930443 
0.167152985930443 0.167152985930443 0.167152985930443 0.167152985930443 
0.167152985930443 0.167152985930443 0.167152985930443 0.167152985930443 
0.167152985930443 0.167152985930443 0.167152985930443 0.167152985930443 
0.167152985930443 0.167152985930443 0.167152985930443 0.167152985930443 
0.167152985930443 0.167152985930443 0.167152985930443 0.167152985930443 
0.167152985930443 0.167152985930443 0.167152985930443 0.167152985930443 
0.167152985930443 0.167152985930443 0.167152985930443 0.167152985930443 
0.167152985930443 0.167152985930443 0.167152985930443 0.167152985930443 
0.167152985930443 0.167152985930443 0.167152985930443 0.167152985930443 
0.167152985930443 0.167152985930443 0.167152985930443 0.167152985930443
##$RECO_byte_order=littleEndian
$$ @vis= RECO_maxima RECO_map_min RECO_map_max RECO_map_offset RECO_map_slope
##$RECO_time=( 24 )
<15:15:15  7 Aug 2014>
##$RECO_abs_time=1407438915
##$RECO_base_image_uid=( 65 )
<2.16.756.5.5.100.278412266.22167.1407439524.160>
$$ @vis= RECO_byte_order RECO_time RECO_abs_time RECO_base_image_uid
##$GS_reco_display=Yes
##$GO_reco_display=Yes
##$GO_reco_each_nr=No
$$ @vis= RecoRegridNGroup GS_reco_display RECO_GS GO_reco_display
##$GO_max_reco_mem=0
$$ @vis= GO_reco_each_nr GO_max_reco_mem RECO_GO RECO
##END=
