##TITLE=Parameter List
##JCAMPDX=4.24
##DATATYPE=Parameter Values
##ORIGIN=Bruker BioSpin MRI GmbH
##OWNER=ryan
$$ Thu Aug  7 15:25:24 2014 EDT (UT-4h)  ryan
$$ /opt/PV5.1/data/ryan/nmr/RMD272.r81/22/pdata/1/visu_pars
##$VisuVersion=1
##$VisuUid=( 65 )
<2.16.756.5.5.100.278412266.22167.1407439524.160>
##$VisuCreator=( 65 )
<ParaVision>
##$VisuCreatorVersion=( 65 )
<5.1>
##$VisuCreationDate=( 21 )
<15:15:15  7 Aug 2014>
$$ @vis= VisuVersion VisuUid VisuCreator VisuCreatorVersion VisuCreationDate
##$VisuCoreFrameCount=160
##$VisuCoreDim=1
##$VisuCoreSize=( 1 )
32
##$VisuCoreDimDesc=( 1 )
spectroscopic
$$ @vis= VisuInstance VisuCoreFrameCount VisuCoreDim VisuCoreSize
##$VisuCoreExtent=( 1 )
73.2537534535215
##$VisuCoreUnits=( 1, 65 )
<ppm>
##$VisuCoreDataMin=( 160 )
0 0 0 0 0 0 0 0 0 0 0 0 0 0 0 0 0 0 0 0 0 0 0 0 0 0 0 0 0 0 0 0 0 0 0 0 0 0 0 
0 0 0 0 0 0 0 0 0 0 0 0 0 0 0 0 0 0 0 0 0 0 0 0 0 0 0 0 0 0 0 0 0 0 0 0 0 0 0 
0 0 0 0 0 0 0 0 0 0 0 0 0 0 0 0 0 0 0 0 0 0 0 0 0 0 0 0 0 0 0 0 0 0 0 0 0 0 0 
0 0 0 0 0 0 0 0 0 0 0 0 0 0 0 0 0 0 0 0 0 0 0 0 0 0 0 0 0 0 0 0 0 0 0 0 0 0 0 
0 0 0 0
##$VisuCoreDataMax=( 160 )
3641 69 4487 74 5671 75 6661 53 5643 66 8046 63 20110 98 32600 131 32323 131 
19397 68 9849 68 7793 69 6494 72 6264 57 5192 63 4329 64 3667 74 4506 62 5693 
57 6668 72 5622 62 8080 71 20181 89 32712 143 32420 132 19511 85 9924 76 7837 
70 6543 72 6287 76 5169 58 4311 65 3677 63 4507 95 5690 56 6660 60 5692 71 
8065 60 20071 82 32609 127 32447 146 19471 98 9968 75 7837 97 6546 63 6304 51 
5170 75 4335 61 3641 67 4505 89 5732 59 6683 64 5706 71 8082 63 20213 104 
32767 148 32493 134 19531 101 10019 75 7810 88 6545 71 6320 48 5159 78 4329 
54 3680 83 4497 50 5696 55 6688 62 5702 67 8028 73 20099 88 32610 124 32407 
119 19426 93 9874 69 7821 92 6499 86 6290 62 5156 58 4320 50
$$ @vis= VisuCoreDimDesc VisuCoreExtent VisuCoreUnits VisuCoreDataMin
##$VisuCoreDataOffs=( 160 )
0 0 0 0 0 0 0 0 0 0 0 0 0 0 0 0 0 0 0 0 0 0 0 0 0 0 0 0 0 0 0 0 0 0 0 0 0 0 0 
0 0 0 0 0 0 0 0 0 0 0 0 0 0 0 0 0 0 0 0 0 0 0 0 0 0 0 0 0 0 0 0 0 0 0 0 0 0 0 
0 0 0 0 0 0 0 0 0 0 0 0 0 0 0 0 0 0 0 0 0 0 0 0 0 0 0 0 0 0 0 0 0 0 0 0 0 0 0 
0 0 0 0 0 0 0 0 0 0 0 0 0 0 0 0 0 0 0 0 0 0 0 0 0 0 0 0 0 0 0 0 0 0 0 0 0 0 0 
0 0 0 0
##$VisuCoreDataSlope=( 160 )
5.98254344326298 5.98254344326298 5.98254344326298 5.98254344326298 
5.98254344326298 5.98254344326298 5.98254344326298 5.98254344326298 
5.98254344326298 5.98254344326298 5.98254344326298 5.98254344326298 
5.98254344326298 5.98254344326298 5.98254344326298 5.98254344326298 
5.98254344326298 5.98254344326298 5.98254344326298 5.98254344326298 
5.98254344326298 5.98254344326298 5.98254344326298 5.98254344326298 
5.98254344326298 5.98254344326298 5.98254344326298 5.98254344326298 
5.98254344326298 5.98254344326298 5.98254344326298 5.98254344326298 
5.98254344326298 5.98254344326298 5.98254344326298 5.98254344326298 
5.98254344326298 5.98254344326298 5.98254344326298 5.98254344326298 
5.98254344326298 5.98254344326298 5.98254344326298 5.98254344326298 
5.98254344326298 5.98254344326298 5.98254344326298 5.98254344326298 
5.98254344326298 5.98254344326298 5.98254344326298 5.98254344326298 
5.98254344326298 5.98254344326298 5.98254344326298 5.98254344326298 
5.98254344326298 5.98254344326298 5.98254344326298 5.98254344326298 
5.98254344326298 5.98254344326298 5.98254344326298 5.98254344326298 
5.98254344326298 5.98254344326298 5.98254344326298 5.98254344326298 
5.98254344326298 5.98254344326298 5.98254344326298 5.98254344326298 
5.98254344326298 5.98254344326298 5.98254344326298 5.98254344326298 
5.98254344326298 5.98254344326298 5.98254344326298 5.98254344326298 
5.98254344326298 5.98254344326298 5.98254344326298 5.98254344326298 
5.98254344326298 5.98254344326298 5.98254344326298 5.98254344326298 
5.98254344326298 5.98254344326298 5.98254344326298 5.98254344326298 
5.98254344326298 5.98254344326298 5.98254344326298 5.98254344326298 
5.98254344326298 5.98254344326298 5.98254344326298 5.98254344326298 
5.98254344326298 5.98254344326298 5.98254344326298 5.98254344326298 
5.98254344326298 5.98254344326298 5.98254344326298 5.98254344326298 
5.98254344326298 5.98254344326298 5.98254344326298 5.98254344326298 
5.98254344326298 5.98254344326298 5.98254344326298 5.98254344326298 
5.98254344326298 5.98254344326298 5.98254344326298 5.98254344326298 
5.98254344326298 5.98254344326298 5.98254344326298 5.98254344326298 
5.98254344326298 5.98254344326298 5.98254344326298 5.98254344326298 
5.98254344326298 5.98254344326298 5.98254344326298 5.98254344326298 
5.98254344326298 5.98254344326298 5.98254344326298 5.98254344326298 
5.98254344326298 5.98254344326298 5.98254344326298 5.98254344326298 
5.98254344326298 5.98254344326298 5.98254344326298 5.98254344326298 
5.98254344326298 5.98254344326298 5.98254344326298 5.98254344326298 
5.98254344326298 5.98254344326298 5.98254344326298 5.98254344326298 
5.98254344326298 5.98254344326298 5.98254344326298 5.98254344326298 
5.98254344326298 5.98254344326298 5.98254344326298 5.98254344326298
##$VisuCoreFrameType=MAGNITUDE_IMAGE
$$ @vis= VisuCoreDataMax VisuCoreDataOffs VisuCoreDataSlope VisuCoreFrameType
##$VisuCoreWordType=_16BIT_SGN_INT
##$VisuCoreByteOrder=littleEndian
##$VisuFGOrderDescDim=1
$$ @vis= VisuCore VisuCoreWordType VisuCoreByteOrder VisuPixel
##$VisuFGOrderDesc=( 1 )
(160, <FG_CYCLE>, <>, 0, 0)
##$VisuSubjectName=( 65 )
<RMD272>
##$VisuSubjectId=( 65 )
<RMD272>
$$ @vis= VisuFGOrderDescDim VisuFGOrderDesc VisuFrameOrderDesc VisuSubjectName
##$VisuSubjectBirthDate=( 9 )
<>
##$VisuSubjectSex=FEMALE
##$VisuSubjectComment=( 2048 )
<>
$$ @vis= VisuSubjectId VisuSubjectBirthDate VisuSubjectSex VisuSubjectComment
##$VisuStudyUid=( 65 )
<2.16.756.5.5.100.278412266.15942.1407429006.129>
##$VisuStudyDate=( 21 )
<13:30:06  7 Aug 2014>
##$VisuStudyId=( 65 )
<RMD272>
##$VisuStudyNumber=1
##$VisuSubjectWeight=5
$$ @vis= VisuSubject VisuStudyUid VisuStudyDate VisuStudyId VisuStudyNumber
##$VisuStudyReferringPhysician=( 65 )
<>
##$VisuStudyDescription=( 65 )
<>
$$ @vis= VisuSubjectWeight VisuStudyReferringPhysician VisuStudyDescription
##$VisuSeriesNumber=1441793
##$VisuSubjectPosition=Head_Supine
##$VisuSeriesTypeId=( 65 )
<ACQ_USER_PVM>
$$ @vis= VisuStudy VisuSeriesNumber VisuSubjectPosition VisuSeriesTypeId
##$VisuAcqSoftwareVersion=( 65 )
<5.1>
##$VisuInstitution=( 65 )
<Duke University Biospec 70/20>
##$VisuStation=( 65 )
<spect>
$$ @vis= VisuSeries VisuAcqSoftwareVersion VisuInstitution VisuStation
##$VisuAcqDate=( 21 )
<15:15:15  7 Aug 2014>
##$VisuAcqEchoTrainLength=1
##$VisuAcqSequenceName=( 40 )
<rMD_HOT (pvm)>
##$VisuAcqNumberOfAverages=4
$$ @vis= VisuEquipment VisuAcqDate VisuAcqEchoTrainLength VisuAcqSequenceName
##$VisuAcqImagingFrequency=300.3395589
##$VisuAcqImagedNucleus=( 8 )
<1H>
##$VisuAcqRepetitionTime=( 1 )
1880
$$ @vis= VisuAcqNumberOfAverages VisuAcqImagingFrequency VisuAcqImagedNucleus
##$VisuAcqFlipAngle=90
##$VisuAcqEchoTime=( 1 )
0
##$VisuAcquisitionProtocol=( 65 )
<RMD_HOT_RBM_RARE_ZQSQ2>
$$ @vis= VisuAcqRepetitionTime VisuAcqFlipAngle VisuAcqEchoTime
##$VisuAcqScanTime=601600
$$ @vis= VisuAcquisitionProtocol VisuAcqScanTime VisuAcquisition Visu
##END=
