##TITLE=Parameter List
##JCAMPDX=4.24
##DATATYPE=Parameter Values
##ORIGIN=Bruker BioSpin MRI GmbH
##OWNER=ryan
$$ Thu Aug  7 22:33:57 2014 EDT (UT-4h)  ryan
$$ /opt/PV5.1/data/ryan/nmr/RMD272.r81/44/pdata/1/reco
##$RECO_mode=FT_MODE
##$RecoAutoDerive=Yes
##$RECO_inp_order=NO_REORDERING
##$RECO_inp_size=( 1 )
32
##$RECO_ft_size=( 1 )
32
##$RECO_fov=( 1 )
0
##$RECO_size=( 1 )
32
$$ @vis= RECO_mode RecoAutoDerive RECO_inp_order RECO_ft_size RECO_fov
##$RECO_offset=( 1, 4 )
0 0 0 0
##$RECO_regrid_mode=NO_REGRID
##$RECO_regrid_offset=0
##$RECO_ramp_gap=0
##$RECO_ramp_time=0
##$RECO_ne_mode=NO_NAV_DATA
##$RECO_ne_dist=NeNoInterleave
##$RECO_ne_dens=NeCorrPerScan
##$RECO_ne_type=NAV_PHASE
##$RECO_ne_vals=( 1, 2 )
0 0
##$RECO_bc_mode=( 1 )
AUTO_OFFSET_BC
##$RECO_bc_start=( 1 )
24
##$RECO_bc_len=( 1 )
8
$$ @vis= RECO_size RECO_regrid_mode RECO_ne_mode RECO_bc_mode RECO_bc_start
##$RECO_dc_offset=( 2 )
-2 28
##$RECO_dc_divisor=8
##$RECO_bc_coroff=( 1 )
0
##$RECO_qopts=( 1 )
CONJ_AND_QNEG
##$RECO_wdw_mode=( 1 )
NO_WDW
##$RECO_lb=( 1 )
-0.5
##$RECO_sw=( 1 )
22001
##$RECO_gb=( 1 )
0.5
##$RECO_sbs=( 1 )
1
##$RECO_tm1=( 1 )
0.25
##$RECO_tm2=( 1 )
0.75
##$RECO_ft_mode=( 1 )
COMPLEX_FFT
##$RECO_pc_mode=( 1 )
NO_PC
##$RECO_pc_lin=( 1 )
(0, 0)
##$RECO_rotate=( 1, 4 )
0 0 0 0
$$ @vis= RECO_bc_len RECO_qopts RECO_wdw_mode RECO_ft_mode RECO_pc_mode
##$RECO_ppc_mode=NO_PPC
##$RECO_ref_image=0
##$RECO_nr_supports=0.4
##$RECO_sig_threshold=0.15
##$RECO_ppc_degree=1
##$RECO_ppc_coeffs=( 4, 1, 2 )
0 0 0 0 0 0 0 0
##$RECO_dc_elim=Yes
##$RECO_transposition=( 4 )
0 0 0 0
##$RECO_image_type=MAGNITUDE_IMAGE
$$ @vis= RECO_rotate RECO_ppc_mode RECO_dc_elim RECO_transposition
##$RECO_image_threshold=0.15
##$RECO_ir_scale=10
##$RECO_wordtype=_16BIT_SGN_INT
##$RECO_map_mode=ABSOLUTE_MAPPING
##$RECO_map_range=( 2 )
-2147483647 2147483647
##$RECO_map_percentile=( 2 )
1 99
##$RECO_map_error=0.25
##$RECO_globex=( 320 )
0 0 0 0 0 0 0 0 0 0 0 0 0 0 0 0 0 0 0 0 0 0 0 0 0 0 0 0 0 0 0 0 0 0 0 0 0 0 0 
0 0 0 0 0 0 0 0 0 0 0 0 0 0 0 0 0 0 0 0 0 0 0 0 0 0 0 0 0 0 0 0 0 0 0 0 0 0 0 
0 0 0 0 0 0 0 0 0 0 0 0 0 0 0 0 0 0 0 0 0 0 0 0 0 0 0 0 0 0 0 0 0 0 0 0 0 0 0 
0 0 0 0 0 0 0 0 0 0 0 0 0 0 0 0 0 0 0 0 0 0 0 0 0 0 0 0 0 0 0 0 0 0 0 0 0 0 0 
0 0 0 0 0 0 0 0 0 0 0 0 0 0 0 0 0 0 0 0 0 0 0 0 0 0 0 0 0 0 0 0 0 0 0 0 0 0 0 
0 0 0 0 0 0 0 0 0 0 0 0 0 0 0 0 0 0 0 0 0 0 0 0 0 0 0 0 0 0 0 0 0 0 0 0 0 0 0 
0 0 0 0 0 0 0 0 0 0 0 0 0 0 0 0 0 0 0 0 0 0 0 0 0 0 0 0 0 0 0 0 0 0 0 0 0 0 0 
0 0 0 0 0 0 0 0 0 0 0 0 0 0 0 0 0 0 0 0 0 0 0 0 0 0 0 0 0 0 0 0 0 0 0 0 0 0 0 
0 0 0 0 0 0 0 0
##$RECO_minima=( 320 )
0 0 0 0 0 0 0 0 0 0 0 0 0 0 0 0 0 0 0 0 0 0 0 0 0 0 0 0 0 0 0 0 0 0 0 0 0 0 0 
0 0 0 0 0 0 0 0 0 0 0 0 0 0 0 0 0 0 0 0 0 0 0 0 0 0 0 0 0 0 0 0 0 0 0 0 0 0 0 
0 0 0 0 0 0 0 0 0 0 0 0 0 0 0 0 0 0 0 0 0 0 0 0 0 0 0 0 0 0 0 0 0 0 0 0 0 0 0 
0 0 0 0 0 0 0 0 0 0 0 0 0 0 0 0 0 0 0 0 0 0 0 0 0 0 0 0 0 0 0 0 0 0 0 0 0 0 0 
0 0 0 0 0 0 0 0 0 0 0 0 0 0 0 0 0 0 0 0 0 0 0 0 0 0 0 0 0 0 0 0 0 0 0 0 0 0 0 
0 0 0 0 0 0 0 0 0 0 0 0 0 0 0 0 0 0 0 0 0 0 0 0 0 0 0 0 0 0 0 0 0 0 0 0 0 0 0 
0 0 0 0 0 0 0 0 0 0 0 0 0 0 0 0 0 0 0 0 0 0 0 0 0 0 0 0 0 0 0 0 0 0 0 0 0 0 0 
0 0 0 0 0 0 0 0 0 0 0 0 0 0 0 0 0 0 0 0 0 0 0 0 0 0 0 0 0 0 0 0 0 0 0 0 0 0 0 
0 0 0 0 0 0 0 0
##$RECO_maxima=( 320 )
612 10285 17459 477 555 12323 18028 605 676 12173 19125 669 562 13462 22744 
484 384 12252 21733 548 519 16711 19553 676 463 14210 18342 498 562 20507 
25593 519 591 32767 17843 541 505 22210 16468 534 584 23649 18036 598 605 
24204 12387 591 484 23029 14488 463 470 20458 13633 648 598 19083 11525 555 
576 17736 10877 512 569 10969 18605 427 498 11845 17929 698 427 11917 18855 
477 641 13028 22687 519 498 12529 21476 683 534 16910 20180 562 527 14068 
18356 448 662 20137 24674 427 605 32660 17081 790 512 22231 16647 605 648 
23521 17594 484 527 24261 12138 569 420 23200 14260 512 398 20543 13170 534 
470 19140 11347 505 484 17736 10613 633 491 10741 18727 562 519 11952 17715 
413 463 12066 18548 576 619 12907 22694 470 619 12252 21519 576 555 17095 
19788 555 463 14595 18078 541 448 20215 25137 448 555 32617 17387 512 762 
21412 16775 441 576 23143 17936 804 619 24097 12252 484 448 22580 13990 484 
612 20237 13277 448 519 18449 11639 441 512 17444 10435 534 576 10471 18150 
712 441 11981 17231 655 669 11418 19019 477 541 12928 22096 548 548 12415 
21911 569 641 16875 20059 527 498 14168 17915 633 519 19724 25145 541 569 
32517 16575 548 455 21512 17338 505 698 23114 17829 854 569 23727 12159 612 
569 22808 14011 584 434 20358 13527 591 470 19140 11012 698 555 17423 10649 
448 698 10827 18513 548 605 12016 17373 690 712 11760 18762 605 427 12864 
22253 619 655 12430 21433 527 484 16896 19852 541 505 13990 17950 420 612 
20116 25472 683 498 32695 16511 463 505 21227 17159 406 548 23136 17822 591 
555 23642 12016 612 769 22623 13840 541 541 19994 13555 633 519 19154 11489 
626 441 17758 10663 477
$$ @vis= RECO_image_type RECO_wordtype RECO_map_mode RECO_globex RECO_minima
##$RECO_map_min=( 320 )
-4600 -4600 -4600 -4600 -4600 -4600 -4600 -4600 -4600 -4600 -4600 -4600 -4600 
-4600 -4600 -4600 -4600 -4600 -4600 -4600 -4600 -4600 -4600 -4600 -4600 -4600 
-4600 -4600 -4600 -4600 -4600 -4600 -4600 -4600 -4600 -4600 -4600 -4600 -4600 
-4600 -4600 -4600 -4600 -4600 -4600 -4600 -4600 -4600 -4600 -4600 -4600 -4600 
-4600 -4600 -4600 -4600 -4600 -4600 -4600 -4600 -4600 -4600 -4600 -4600 -4600 
-4600 -4600 -4600 -4600 -4600 -4600 -4600 -4600 -4600 -4600 -4600 -4600 -4600 
-4600 -4600 -4600 -4600 -4600 -4600 -4600 -4600 -4600 -4600 -4600 -4600 -4600 
-4600 -4600 -4600 -4600 -4600 -4600 -4600 -4600 -4600 -4600 -4600 -4600 -4600 
-4600 -4600 -4600 -4600 -4600 -4600 -4600 -4600 -4600 -4600 -4600 -4600 -4600 
-4600 -4600 -4600 -4600 -4600 -4600 -4600 -4600 -4600 -4600 -4600 -4600 -4600 
-4600 -4600 -4600 -4600 -4600 -4600 -4600 -4600 -4600 -4600 -4600 -4600 -4600 
-4600 -4600 -4600 -4600 -4600 -4600 -4600 -4600 -4600 -4600 -4600 -4600 -4600 
-4600 -4600 -4600 -4600 -4600 -4600 -4600 -4600 -4600 -4600 -4600 -4600 -4600 
-4600 -4600 -4600 -4600 -4600 -4600 -4600 -4600 -4600 -4600 -4600 -4600 -4600 
-4600 -4600 -4600 -4600 -4600 -4600 -4600 -4600 -4600 -4600 -4600 -4600 -4600 
-4600 -4600 -4600 -4600 -4600 -4600 -4600 -4600 -4600 -4600 -4600 -4600 -4600 
-4600 -4600 -4600 -4600 -4600 -4600 -4600 -4600 -4600 -4600 -4600 -4600 -4600 
-4600 -4600 -4600 -4600 -4600 -4600 -4600 -4600 -4600 -4600 -4600 -4600 -4600 
-4600 -4600 -4600 -4600 -4600 -4600 -4600 -4600 -4600 -4600 -4600 -4600 -4600 
-4600 -4600 -4600 -4600 -4600 -4600 -4600 -4600 -4600 -4600 -4600 -4600 -4600 
-4600 -4600 -4600 -4600 -4600 -4600 -4600 -4600 -4600 -4600 -4600 -4600 -4600 
-4600 -4600 -4600 -4600 -4600 -4600 -4600 -4600 -4600 -4600 -4600 -4600 -4600 
-4600 -4600 -4600 -4600 -4600 -4600 -4600 -4600 -4600 -4600 -4600 -4600 -4600 
-4600 -4600 -4600 -4600 -4600 -4600 -4600 -4600 -4600 -4600 -4600 -4600 -4600 
-4600 -4600 -4600 -4600 -4600 -4600 -4600 -4600
##$RECO_map_max=( 320 )
4600 4600 4600 4600 4600 4600 4600 4600 4600 4600 4600 4600 4600 4600 4600 
4600 4600 4600 4600 4600 4600 4600 4600 4600 4600 4600 4600 4600 4600 4600 
4600 4600 4600 4600 4600 4600 4600 4600 4600 4600 4600 4600 4600 4600 4600 
4600 4600 4600 4600 4600 4600 4600 4600 4600 4600 4600 4600 4600 4600 4600 
4600 4600 4600 4600 4600 4600 4600 4600 4600 4600 4600 4600 4600 4600 4600 
4600 4600 4600 4600 4600 4600 4600 4600 4600 4600 4600 4600 4600 4600 4600 
4600 4600 4600 4600 4600 4600 4600 4600 4600 4600 4600 4600 4600 4600 4600 
4600 4600 4600 4600 4600 4600 4600 4600 4600 4600 4600 4600 4600 4600 4600 
4600 4600 4600 4600 4600 4600 4600 4600 4600 4600 4600 4600 4600 4600 4600 
4600 4600 4600 4600 4600 4600 4600 4600 4600 4600 4600 4600 4600 4600 4600 
4600 4600 4600 4600 4600 4600 4600 4600 4600 4600 4600 4600 4600 4600 4600 
4600 4600 4600 4600 4600 4600 4600 4600 4600 4600 4600 4600 4600 4600 4600 
4600 4600 4600 4600 4600 4600 4600 4600 4600 4600 4600 4600 4600 4600 4600 
4600 4600 4600 4600 4600 4600 4600 4600 4600 4600 4600 4600 4600 4600 4600 
4600 4600 4600 4600 4600 4600 4600 4600 4600 4600 4600 4600 4600 4600 4600 
4600 4600 4600 4600 4600 4600 4600 4600 4600 4600 4600 4600 4600 4600 4600 
4600 4600 4600 4600 4600 4600 4600 4600 4600 4600 4600 4600 4600 4600 4600 
4600 4600 4600 4600 4600 4600 4600 4600 4600 4600 4600 4600 4600 4600 4600 
4600 4600 4600 4600 4600 4600 4600 4600 4600 4600 4600 4600 4600 4600 4600 
4600 4600 4600 4600 4600 4600 4600 4600 4600 4600 4600 4600 4600 4600 4600 
4600 4600 4600 4600 4600 4600 4600 4600 4600 4600 4600 4600 4600 4600 4600 
4600 4600 4600 4600 4600
##$RECO_map_offset=( 320 )
0 0 0 0 0 0 0 0 0 0 0 0 0 0 0 0 0 0 0 0 0 0 0 0 0 0 0 0 0 0 0 0 0 0 0 0 0 0 0 
0 0 0 0 0 0 0 0 0 0 0 0 0 0 0 0 0 0 0 0 0 0 0 0 0 0 0 0 0 0 0 0 0 0 0 0 0 0 0 
0 0 0 0 0 0 0 0 0 0 0 0 0 0 0 0 0 0 0 0 0 0 0 0 0 0 0 0 0 0 0 0 0 0 0 0 0 0 0 
0 0 0 0 0 0 0 0 0 0 0 0 0 0 0 0 0 0 0 0 0 0 0 0 0 0 0 0 0 0 0 0 0 0 0 0 0 0 0 
0 0 0 0 0 0 0 0 0 0 0 0 0 0 0 0 0 0 0 0 0 0 0 0 0 0 0 0 0 0 0 0 0 0 0 0 0 0 0 
0 0 0 0 0 0 0 0 0 0 0 0 0 0 0 0 0 0 0 0 0 0 0 0 0 0 0 0 0 0 0 0 0 0 0 0 0 0 0 
0 0 0 0 0 0 0 0 0 0 0 0 0 0 0 0 0 0 0 0 0 0 0 0 0 0 0 0 0 0 0 0 0 0 0 0 0 0 0 
0 0 0 0 0 0 0 0 0 0 0 0 0 0 0 0 0 0 0 0 0 0 0 0 0 0 0 0 0 0 0 0 0 0 0 0 0 0 0 
0 0 0 0 0 0 0 0
##$RECO_map_slope=( 320 )
7.12326097488403 7.12326097488403 7.12326097488403 7.12326097488403 
7.12326097488403 7.12326097488403 7.12326097488403 7.12326097488403 
7.12326097488403 7.12326097488403 7.12326097488403 7.12326097488403 
7.12326097488403 7.12326097488403 7.12326097488403 7.12326097488403 
7.12326097488403 7.12326097488403 7.12326097488403 7.12326097488403 
7.12326097488403 7.12326097488403 7.12326097488403 7.12326097488403 
7.12326097488403 7.12326097488403 7.12326097488403 7.12326097488403 
7.12326097488403 7.12326097488403 7.12326097488403 7.12326097488403 
7.12326097488403 7.12326097488403 7.12326097488403 7.12326097488403 
7.12326097488403 7.12326097488403 7.12326097488403 7.12326097488403 
7.12326097488403 7.12326097488403 7.12326097488403 7.12326097488403 
7.12326097488403 7.12326097488403 7.12326097488403 7.12326097488403 
7.12326097488403 7.12326097488403 7.12326097488403 7.12326097488403 
7.12326097488403 7.12326097488403 7.12326097488403 7.12326097488403 
7.12326097488403 7.12326097488403 7.12326097488403 7.12326097488403 
7.12326097488403 7.12326097488403 7.12326097488403 7.12326097488403 
7.12326097488403 7.12326097488403 7.12326097488403 7.12326097488403 
7.12326097488403 7.12326097488403 7.12326097488403 7.12326097488403 
7.12326097488403 7.12326097488403 7.12326097488403 7.12326097488403 
7.12326097488403 7.12326097488403 7.12326097488403 7.12326097488403 
7.12326097488403 7.12326097488403 7.12326097488403 7.12326097488403 
7.12326097488403 7.12326097488403 7.12326097488403 7.12326097488403 
7.12326097488403 7.12326097488403 7.12326097488403 7.12326097488403 
7.12326097488403 7.12326097488403 7.12326097488403 7.12326097488403 
7.12326097488403 7.12326097488403 7.12326097488403 7.12326097488403 
7.12326097488403 7.12326097488403 7.12326097488403 7.12326097488403 
7.12326097488403 7.12326097488403 7.12326097488403 7.12326097488403 
7.12326097488403 7.12326097488403 7.12326097488403 7.12326097488403 
7.12326097488403 7.12326097488403 7.12326097488403 7.12326097488403 
7.12326097488403 7.12326097488403 7.12326097488403 7.12326097488403 
7.12326097488403 7.12326097488403 7.12326097488403 7.12326097488403 
7.12326097488403 7.12326097488403 7.12326097488403 7.12326097488403 
7.12326097488403 7.12326097488403 7.12326097488403 7.12326097488403 
7.12326097488403 7.12326097488403 7.12326097488403 7.12326097488403 
7.12326097488403 7.12326097488403 7.12326097488403 7.12326097488403 
7.12326097488403 7.12326097488403 7.12326097488403 7.12326097488403 
7.12326097488403 7.12326097488403 7.12326097488403 7.12326097488403 
7.12326097488403 7.12326097488403 7.12326097488403 7.12326097488403 
7.12326097488403 7.12326097488403 7.12326097488403 7.12326097488403 
7.12326097488403 7.12326097488403 7.12326097488403 7.12326097488403 
7.12326097488403 7.12326097488403 7.12326097488403 7.12326097488403 
7.12326097488403 7.12326097488403 7.12326097488403 7.12326097488403 
7.12326097488403 7.12326097488403 7.12326097488403 7.12326097488403 
7.12326097488403 7.12326097488403 7.12326097488403 7.12326097488403 
7.12326097488403 7.12326097488403 7.12326097488403 7.12326097488403 
7.12326097488403 7.12326097488403 7.12326097488403 7.12326097488403 
7.12326097488403 7.12326097488403 7.12326097488403 7.12326097488403 
7.12326097488403 7.12326097488403 7.12326097488403 7.12326097488403 
7.12326097488403 7.12326097488403 7.12326097488403 7.12326097488403 
7.12326097488403 7.12326097488403 7.12326097488403 7.12326097488403 
7.12326097488403 7.12326097488403 7.12326097488403 7.12326097488403 
7.12326097488403 7.12326097488403 7.12326097488403 7.12326097488403 
7.12326097488403 7.12326097488403 7.12326097488403 7.12326097488403 
7.12326097488403 7.12326097488403 7.12326097488403 7.12326097488403 
7.12326097488403 7.12326097488403 7.12326097488403 7.12326097488403 
7.12326097488403 7.12326097488403 7.12326097488403 7.12326097488403 
7.12326097488403 7.12326097488403 7.12326097488403 7.12326097488403 
7.12326097488403 7.12326097488403 7.12326097488403 7.12326097488403 
7.12326097488403 7.12326097488403 7.12326097488403 7.12326097488403 
7.12326097488403 7.12326097488403 7.12326097488403 7.12326097488403 
7.12326097488403 7.12326097488403 7.12326097488403 7.12326097488403 
7.12326097488403 7.12326097488403 7.12326097488403 7.12326097488403 
7.12326097488403 7.12326097488403 7.12326097488403 7.12326097488403 
7.12326097488403 7.12326097488403 7.12326097488403 7.12326097488403 
7.12326097488403 7.12326097488403 7.12326097488403 7.12326097488403 
7.12326097488403 7.12326097488403 7.12326097488403 7.12326097488403 
7.12326097488403 7.12326097488403 7.12326097488403 7.12326097488403 
7.12326097488403 7.12326097488403 7.12326097488403 7.12326097488403 
7.12326097488403 7.12326097488403 7.12326097488403 7.12326097488403 
7.12326097488403 7.12326097488403 7.12326097488403 7.12326097488403 
7.12326097488403 7.12326097488403 7.12326097488403 7.12326097488403 
7.12326097488403 7.12326097488403 7.12326097488403 7.12326097488403 
7.12326097488403 7.12326097488403 7.12326097488403 7.12326097488403 
7.12326097488403 7.12326097488403 7.12326097488403 7.12326097488403 
7.12326097488403 7.12326097488403 7.12326097488403 7.12326097488403 
7.12326097488403 7.12326097488403 7.12326097488403 7.12326097488403 
7.12326097488403 7.12326097488403 7.12326097488403 7.12326097488403 
7.12326097488403 7.12326097488403 7.12326097488403 7.12326097488403 
7.12326097488403 7.12326097488403 7.12326097488403 7.12326097488403 
7.12326097488403 7.12326097488403 7.12326097488403 7.12326097488403
##$RECO_byte_order=littleEndian
$$ @vis= RECO_maxima RECO_map_min RECO_map_max RECO_map_offset RECO_map_slope
##$RECO_time=( 24 )
<22:23:46  7 Aug 2014>
##$RECO_abs_time=1407464626
##$RECO_base_image_uid=( 65 )
<2.16.756.5.5.100.278412266.32363.1407465237.560>
$$ @vis= RECO_byte_order RECO_time RECO_abs_time RECO_base_image_uid
##$GS_reco_display=Yes
##$GO_reco_display=Yes
##$GO_reco_each_nr=No
$$ @vis= RecoRegridNGroup GS_reco_display RECO_GS GO_reco_display
##$GO_max_reco_mem=0
$$ @vis= GO_reco_each_nr GO_max_reco_mem RECO_GO RECO
##END=
