##TITLE=Parameter List
##JCAMPDX=4.24
##DATATYPE=Parameter Values
##ORIGIN=Bruker BioSpin MRI GmbH
##OWNER=ryan
$$ Tue Aug 12 16:47:41 2014 EDT (UT-4h)  ryan
$$ /opt/PV5.1/data/ryan/nmr/RMD273.rd1/25/pdata/1/reco
##$RECO_mode=FT_MODE
##$RecoAutoDerive=Yes
##$RECO_inp_order=NO_REORDERING
##$RECO_inp_size=( 1 )
32
##$RECO_ft_size=( 1 )
32
##$RECO_fov=( 1 )
0
##$RECO_size=( 1 )
32
$$ @vis= RECO_mode RecoAutoDerive RECO_inp_order RECO_ft_size RECO_fov
##$RECO_offset=( 1, 4 )
0 0 0 0
##$RECO_regrid_mode=NO_REGRID
##$RECO_regrid_offset=0
##$RECO_ramp_gap=0
##$RECO_ramp_time=0
##$RECO_ne_mode=NO_NAV_DATA
##$RECO_ne_dist=NeNoInterleave
##$RECO_ne_dens=NeCorrPerScan
##$RECO_ne_type=NAV_PHASE
##$RECO_ne_vals=( 1, 2 )
0 0
##$RECO_bc_mode=( 1 )
AUTO_OFFSET_BC
##$RECO_bc_start=( 1 )
24
##$RECO_bc_len=( 1 )
8
$$ @vis= RECO_size RECO_regrid_mode RECO_ne_mode RECO_bc_mode RECO_bc_start
##$RECO_dc_offset=( 2 )
-10 -10
##$RECO_dc_divisor=8
##$RECO_bc_coroff=( 1 )
0
##$RECO_qopts=( 1 )
CONJ_AND_QNEG
##$RECO_wdw_mode=( 1 )
NO_WDW
##$RECO_lb=( 1 )
-0.5
##$RECO_sw=( 1 )
22001
##$RECO_gb=( 1 )
0.5
##$RECO_sbs=( 1 )
1
##$RECO_tm1=( 1 )
0.25
##$RECO_tm2=( 1 )
0.75
##$RECO_ft_mode=( 1 )
COMPLEX_FFT
##$RECO_pc_mode=( 1 )
NO_PC
##$RECO_pc_lin=( 1 )
(0, 0)
##$RECO_rotate=( 1, 4 )
0 0 0 0
$$ @vis= RECO_bc_len RECO_qopts RECO_wdw_mode RECO_ft_mode RECO_pc_mode
##$RECO_ppc_mode=NO_PPC
##$RECO_ref_image=0
##$RECO_nr_supports=0.4
##$RECO_sig_threshold=0.15
##$RECO_ppc_degree=1
##$RECO_ppc_coeffs=( 4, 1, 2 )
0 0 0 0 0 0 0 0
##$RECO_dc_elim=Yes
##$RECO_transposition=( 4 )
0 0 0 0
##$RECO_image_type=MAGNITUDE_IMAGE
$$ @vis= RECO_rotate RECO_ppc_mode RECO_dc_elim RECO_transposition
##$RECO_image_threshold=0.15
##$RECO_ir_scale=10
##$RECO_wordtype=_16BIT_SGN_INT
##$RECO_map_mode=ABSOLUTE_MAPPING
##$RECO_map_range=( 2 )
-2147483647 2147483647
##$RECO_map_percentile=( 2 )
1 99
##$RECO_map_error=0.25
##$RECO_globex=( 320 )
0 0 0 0 0 0 0 0 0 0 0 0 0 0 0 0 0 0 0 0 0 0 0 0 0 0 0 0 0 0 0 0 0 0 0 0 0 0 0 
0 0 0 0 0 0 0 0 0 0 0 0 0 0 0 0 0 0 0 0 0 0 0 0 0 0 0 0 0 0 0 0 0 0 0 0 0 0 0 
0 0 0 0 0 0 0 0 0 0 0 0 0 0 0 0 0 0 0 0 0 0 0 0 0 0 0 0 0 0 0 0 0 0 0 0 0 0 0 
0 0 0 0 0 0 0 0 0 0 0 0 0 0 0 0 0 0 0 0 0 0 0 0 0 0 0 0 0 0 0 0 0 0 0 0 0 0 0 
0 0 0 0 0 0 0 0 0 0 0 0 0 0 0 0 0 0 0 0 0 0 0 0 0 0 0 0 0 0 0 0 0 0 0 0 0 0 0 
0 0 0 0 0 0 0 0 0 0 0 0 0 0 0 0 0 0 0 0 0 0 0 0 0 0 0 0 0 0 0 0 0 0 0 0 0 0 0 
0 0 0 0 0 0 0 0 0 0 0 0 0 0 0 0 0 0 0 0 0 0 0 0 0 0 0 0 0 0 0 0 0 0 0 0 0 0 0 
0 0 0 0 0 0 0 0 0 0 0 0 0 0 0 0 0 0 0 0 0 0 0 0 0 0 0 0 0 0 0 0 0 0 0 0 0 0 0 
0 0 0 0 0 0 0 0
##$RECO_minima=( 320 )
0 0 0 0 0 0 0 0 0 0 0 0 0 0 0 0 0 0 0 0 0 0 0 0 0 0 0 0 0 0 0 0 0 0 0 0 0 0 0 
0 0 0 0 0 0 0 0 0 0 0 0 0 0 0 0 0 0 0 0 0 0 0 0 0 0 0 0 0 0 0 0 0 0 0 0 0 0 0 
0 0 0 0 0 0 0 0 0 0 0 0 0 0 0 0 0 0 0 0 0 0 0 0 0 0 0 0 0 0 0 0 0 0 0 0 0 0 0 
0 0 0 0 0 0 0 0 0 0 0 0 0 0 0 0 0 0 0 0 0 0 0 0 0 0 0 0 0 0 0 0 0 0 0 0 0 0 0 
0 0 0 0 0 0 0 0 0 0 0 0 0 0 0 0 0 0 0 0 0 0 0 0 0 0 0 0 0 0 0 0 0 0 0 0 0 0 0 
0 0 0 0 0 0 0 0 0 0 0 0 0 0 0 0 0 0 0 0 0 0 0 0 0 0 0 0 0 0 0 0 0 0 0 0 0 0 0 
0 0 0 0 0 0 0 0 0 0 0 0 0 0 0 0 0 0 0 0 0 0 0 0 0 0 0 0 0 0 0 0 0 0 0 0 0 0 0 
0 0 0 0 0 0 0 0 0 0 0 0 0 0 0 0 0 0 0 0 0 0 0 0 0 0 0 0 0 0 0 0 0 0 0 0 0 0 0 
0 0 0 0 0 0 0 0
##$RECO_maxima=( 320 )
24 5085 6321 24 30 6188 9153 41 30 6119 8901 44 26 8947 11465 39 30 12400 
12611 52 34 15358 16435 44 43 18010 15578 64 93 32158 27265 99 95 32434 28056 
95 59 17470 16065 53 36 18685 13503 46 42 14774 10785 52 37 12545 7869 32 33 
9563 5394 29 35 9994 5321 39 35 6676 4558 30 29 5012 6283 32 29 6115 9095 48 
28 6162 8845 43 31 8905 11363 32 30 12434 12607 68 33 15079 16170 51 51 18297 
15725 69 81 32453 27325 104 100 32766 28465 122 66 17593 16244 50 38 18589 
13456 30 39 14853 10871 32 30 12698 7943 31 31 9520 5330 36 28 10105 5404 30 
42 6729 4549 25 31 5079 6329 25 32 6156 9076 43 29 6084 8811 40 26 8930 11379 
33 28 12236 12297 53 46 15361 16460 46 50 17945 15511 80 79 32367 27280 124 
93 32623 28178 98 69 17573 16277 50 45 18706 13522 47 45 14748 10778 29 34 
12620 7941 35 48 9462 5375 20 46 9974 5317 21 24 6681 4573 29 25 5042 6254 40 
32 6139 9066 27 23 6123 8855 27 25 8915 11377 43 36 12419 12587 48 33 15398 
16455 54 47 18139 15659 73 82 32384 27442 122 105 32236 27942 102 70 17559 
16305 54 50 18515 13394 48 52 14864 10917 46 30 12605 7927 38 28 9524 5406 26 
31 10059 5339 28 29 6661 4574 27 30 4999 6224 40 26 6115 9096 31 28 6151 8844 
38 28 8926 11368 35 34 12420 12678 58 32 15401 16453 40 47 18134 15657 68 85 
32393 27412 104 102 32621 28243 94 60 17574 16282 57 30 18679 13534 33 40 
14913 10909 31 41 12505 7875 36 35 9447 5335 25 40 10051 5330 21 29 6684 4565 
31
$$ @vis= RECO_image_type RECO_wordtype RECO_map_mode RECO_globex RECO_minima
##$RECO_map_min=( 320 )
-85068 -85068 -85068 -85068 -85068 -85068 -85068 -85068 -85068 -85068 -85068 
-85068 -85068 -85068 -85068 -85068 -85068 -85068 -85068 -85068 -85068 -85068 
-85068 -85068 -85068 -85068 -85068 -85068 -85068 -85068 -85068 -85068 -85068 
-85068 -85068 -85068 -85068 -85068 -85068 -85068 -85068 -85068 -85068 -85068 
-85068 -85068 -85068 -85068 -85068 -85068 -85068 -85068 -85068 -85068 -85068 
-85068 -85068 -85068 -85068 -85068 -85068 -85068 -85068 -85068 -85068 -85068 
-85068 -85068 -85068 -85068 -85068 -85068 -85068 -85068 -85068 -85068 -85068 
-85068 -85068 -85068 -85068 -85068 -85068 -85068 -85068 -85068 -85068 -85068 
-85068 -85068 -85068 -85068 -85068 -85068 -85068 -85068 -85068 -85068 -85068 
-85068 -85068 -85068 -85068 -85068 -85068 -85068 -85068 -85068 -85068 -85068 
-85068 -85068 -85068 -85068 -85068 -85068 -85068 -85068 -85068 -85068 -85068 
-85068 -85068 -85068 -85068 -85068 -85068 -85068 -85068 -85068 -85068 -85068 
-85068 -85068 -85068 -85068 -85068 -85068 -85068 -85068 -85068 -85068 -85068 
-85068 -85068 -85068 -85068 -85068 -85068 -85068 -85068 -85068 -85068 -85068 
-85068 -85068 -85068 -85068 -85068 -85068 -85068 -85068 -85068 -85068 -85068 
-85068 -85068 -85068 -85068 -85068 -85068 -85068 -85068 -85068 -85068 -85068 
-85068 -85068 -85068 -85068 -85068 -85068 -85068 -85068 -85068 -85068 -85068 
-85068 -85068 -85068 -85068 -85068 -85068 -85068 -85068 -85068 -85068 -85068 
-85068 -85068 -85068 -85068 -85068 -85068 -85068 -85068 -85068 -85068 -85068 
-85068 -85068 -85068 -85068 -85068 -85068 -85068 -85068 -85068 -85068 -85068 
-85068 -85068 -85068 -85068 -85068 -85068 -85068 -85068 -85068 -85068 -85068 
-85068 -85068 -85068 -85068 -85068 -85068 -85068 -85068 -85068 -85068 -85068 
-85068 -85068 -85068 -85068 -85068 -85068 -85068 -85068 -85068 -85068 -85068 
-85068 -85068 -85068 -85068 -85068 -85068 -85068 -85068 -85068 -85068 -85068 
-85068 -85068 -85068 -85068 -85068 -85068 -85068 -85068 -85068 -85068 -85068 
-85068 -85068 -85068 -85068 -85068 -85068 -85068 -85068 -85068 -85068 -85068 
-85068 -85068 -85068 -85068 -85068 -85068 -85068 -85068 -85068 -85068 -85068 
-85068 -85068 -85068 -85068 -85068 -85068 -85068 -85068 -85068 -85068 -85068 
-85068 -85068 -85068 -85068 -85068 -85068 -85068 -85068 -85068 -85068 -85068 
-85068
##$RECO_map_max=( 320 )
85068 85068 85068 85068 85068 85068 85068 85068 85068 85068 85068 85068 85068 
85068 85068 85068 85068 85068 85068 85068 85068 85068 85068 85068 85068 85068 
85068 85068 85068 85068 85068 85068 85068 85068 85068 85068 85068 85068 85068 
85068 85068 85068 85068 85068 85068 85068 85068 85068 85068 85068 85068 85068 
85068 85068 85068 85068 85068 85068 85068 85068 85068 85068 85068 85068 85068 
85068 85068 85068 85068 85068 85068 85068 85068 85068 85068 85068 85068 85068 
85068 85068 85068 85068 85068 85068 85068 85068 85068 85068 85068 85068 85068 
85068 85068 85068 85068 85068 85068 85068 85068 85068 85068 85068 85068 85068 
85068 85068 85068 85068 85068 85068 85068 85068 85068 85068 85068 85068 85068 
85068 85068 85068 85068 85068 85068 85068 85068 85068 85068 85068 85068 85068 
85068 85068 85068 85068 85068 85068 85068 85068 85068 85068 85068 85068 85068 
85068 85068 85068 85068 85068 85068 85068 85068 85068 85068 85068 85068 85068 
85068 85068 85068 85068 85068 85068 85068 85068 85068 85068 85068 85068 85068 
85068 85068 85068 85068 85068 85068 85068 85068 85068 85068 85068 85068 85068 
85068 85068 85068 85068 85068 85068 85068 85068 85068 85068 85068 85068 85068 
85068 85068 85068 85068 85068 85068 85068 85068 85068 85068 85068 85068 85068 
85068 85068 85068 85068 85068 85068 85068 85068 85068 85068 85068 85068 85068 
85068 85068 85068 85068 85068 85068 85068 85068 85068 85068 85068 85068 85068 
85068 85068 85068 85068 85068 85068 85068 85068 85068 85068 85068 85068 85068 
85068 85068 85068 85068 85068 85068 85068 85068 85068 85068 85068 85068 85068 
85068 85068 85068 85068 85068 85068 85068 85068 85068 85068 85068 85068 85068 
85068 85068 85068 85068 85068 85068 85068 85068 85068 85068 85068 85068 85068 
85068 85068 85068 85068 85068 85068 85068 85068 85068 85068 85068 85068 85068 
85068 85068 85068 85068 85068 85068 85068 85068 85068 85068 85068 85068 85068 
85068 85068 85068 85068 85068 85068 85068 85068
##$RECO_map_offset=( 320 )
0 0 0 0 0 0 0 0 0 0 0 0 0 0 0 0 0 0 0 0 0 0 0 0 0 0 0 0 0 0 0 0 0 0 0 0 0 0 0 
0 0 0 0 0 0 0 0 0 0 0 0 0 0 0 0 0 0 0 0 0 0 0 0 0 0 0 0 0 0 0 0 0 0 0 0 0 0 0 
0 0 0 0 0 0 0 0 0 0 0 0 0 0 0 0 0 0 0 0 0 0 0 0 0 0 0 0 0 0 0 0 0 0 0 0 0 0 0 
0 0 0 0 0 0 0 0 0 0 0 0 0 0 0 0 0 0 0 0 0 0 0 0 0 0 0 0 0 0 0 0 0 0 0 0 0 0 0 
0 0 0 0 0 0 0 0 0 0 0 0 0 0 0 0 0 0 0 0 0 0 0 0 0 0 0 0 0 0 0 0 0 0 0 0 0 0 0 
0 0 0 0 0 0 0 0 0 0 0 0 0 0 0 0 0 0 0 0 0 0 0 0 0 0 0 0 0 0 0 0 0 0 0 0 0 0 0 
0 0 0 0 0 0 0 0 0 0 0 0 0 0 0 0 0 0 0 0 0 0 0 0 0 0 0 0 0 0 0 0 0 0 0 0 0 0 0 
0 0 0 0 0 0 0 0 0 0 0 0 0 0 0 0 0 0 0 0 0 0 0 0 0 0 0 0 0 0 0 0 0 0 0 0 0 0 0 
0 0 0 0 0 0 0 0
##$RECO_map_slope=( 320 )
0.385185956954956 0.385185956954956 0.385185956954956 0.385185956954956 
0.385185956954956 0.385185956954956 0.385185956954956 0.385185956954956 
0.385185956954956 0.385185956954956 0.385185956954956 0.385185956954956 
0.385185956954956 0.385185956954956 0.385185956954956 0.385185956954956 
0.385185956954956 0.385185956954956 0.385185956954956 0.385185956954956 
0.385185956954956 0.385185956954956 0.385185956954956 0.385185956954956 
0.385185956954956 0.385185956954956 0.385185956954956 0.385185956954956 
0.385185956954956 0.385185956954956 0.385185956954956 0.385185956954956 
0.385185956954956 0.385185956954956 0.385185956954956 0.385185956954956 
0.385185956954956 0.385185956954956 0.385185956954956 0.385185956954956 
0.385185956954956 0.385185956954956 0.385185956954956 0.385185956954956 
0.385185956954956 0.385185956954956 0.385185956954956 0.385185956954956 
0.385185956954956 0.385185956954956 0.385185956954956 0.385185956954956 
0.385185956954956 0.385185956954956 0.385185956954956 0.385185956954956 
0.385185956954956 0.385185956954956 0.385185956954956 0.385185956954956 
0.385185956954956 0.385185956954956 0.385185956954956 0.385185956954956 
0.385185956954956 0.385185956954956 0.385185956954956 0.385185956954956 
0.385185956954956 0.385185956954956 0.385185956954956 0.385185956954956 
0.385185956954956 0.385185956954956 0.385185956954956 0.385185956954956 
0.385185956954956 0.385185956954956 0.385185956954956 0.385185956954956 
0.385185956954956 0.385185956954956 0.385185956954956 0.385185956954956 
0.385185956954956 0.385185956954956 0.385185956954956 0.385185956954956 
0.385185956954956 0.385185956954956 0.385185956954956 0.385185956954956 
0.385185956954956 0.385185956954956 0.385185956954956 0.385185956954956 
0.385185956954956 0.385185956954956 0.385185956954956 0.385185956954956 
0.385185956954956 0.385185956954956 0.385185956954956 0.385185956954956 
0.385185956954956 0.385185956954956 0.385185956954956 0.385185956954956 
0.385185956954956 0.385185956954956 0.385185956954956 0.385185956954956 
0.385185956954956 0.385185956954956 0.385185956954956 0.385185956954956 
0.385185956954956 0.385185956954956 0.385185956954956 0.385185956954956 
0.385185956954956 0.385185956954956 0.385185956954956 0.385185956954956 
0.385185956954956 0.385185956954956 0.385185956954956 0.385185956954956 
0.385185956954956 0.385185956954956 0.385185956954956 0.385185956954956 
0.385185956954956 0.385185956954956 0.385185956954956 0.385185956954956 
0.385185956954956 0.385185956954956 0.385185956954956 0.385185956954956 
0.385185956954956 0.385185956954956 0.385185956954956 0.385185956954956 
0.385185956954956 0.385185956954956 0.385185956954956 0.385185956954956 
0.385185956954956 0.385185956954956 0.385185956954956 0.385185956954956 
0.385185956954956 0.385185956954956 0.385185956954956 0.385185956954956 
0.385185956954956 0.385185956954956 0.385185956954956 0.385185956954956 
0.385185956954956 0.385185956954956 0.385185956954956 0.385185956954956 
0.385185956954956 0.385185956954956 0.385185956954956 0.385185956954956 
0.385185956954956 0.385185956954956 0.385185956954956 0.385185956954956 
0.385185956954956 0.385185956954956 0.385185956954956 0.385185956954956 
0.385185956954956 0.385185956954956 0.385185956954956 0.385185956954956 
0.385185956954956 0.385185956954956 0.385185956954956 0.385185956954956 
0.385185956954956 0.385185956954956 0.385185956954956 0.385185956954956 
0.385185956954956 0.385185956954956 0.385185956954956 0.385185956954956 
0.385185956954956 0.385185956954956 0.385185956954956 0.385185956954956 
0.385185956954956 0.385185956954956 0.385185956954956 0.385185956954956 
0.385185956954956 0.385185956954956 0.385185956954956 0.385185956954956 
0.385185956954956 0.385185956954956 0.385185956954956 0.385185956954956 
0.385185956954956 0.385185956954956 0.385185956954956 0.385185956954956 
0.385185956954956 0.385185956954956 0.385185956954956 0.385185956954956 
0.385185956954956 0.385185956954956 0.385185956954956 0.385185956954956 
0.385185956954956 0.385185956954956 0.385185956954956 0.385185956954956 
0.385185956954956 0.385185956954956 0.385185956954956 0.385185956954956 
0.385185956954956 0.385185956954956 0.385185956954956 0.385185956954956 
0.385185956954956 0.385185956954956 0.385185956954956 0.385185956954956 
0.385185956954956 0.385185956954956 0.385185956954956 0.385185956954956 
0.385185956954956 0.385185956954956 0.385185956954956 0.385185956954956 
0.385185956954956 0.385185956954956 0.385185956954956 0.385185956954956 
0.385185956954956 0.385185956954956 0.385185956954956 0.385185956954956 
0.385185956954956 0.385185956954956 0.385185956954956 0.385185956954956 
0.385185956954956 0.385185956954956 0.385185956954956 0.385185956954956 
0.385185956954956 0.385185956954956 0.385185956954956 0.385185956954956 
0.385185956954956 0.385185956954956 0.385185956954956 0.385185956954956 
0.385185956954956 0.385185956954956 0.385185956954956 0.385185956954956 
0.385185956954956 0.385185956954956 0.385185956954956 0.385185956954956 
0.385185956954956 0.385185956954956 0.385185956954956 0.385185956954956 
0.385185956954956 0.385185956954956 0.385185956954956 0.385185956954956 
0.385185956954956 0.385185956954956 0.385185956954956 0.385185956954956 
0.385185956954956 0.385185956954956 0.385185956954956 0.385185956954956 
0.385185956954956 0.385185956954956 0.385185956954956 0.385185956954956 
0.385185956954956 0.385185956954956 0.385185956954956 0.385185956954956 
0.385185956954956 0.385185956954956 0.385185956954956 0.385185956954956 
0.385185956954956 0.385185956954956 0.385185956954956 0.385185956954956 
0.385185956954956 0.385185956954956 0.385185956954956 0.385185956954956 
0.385185956954956 0.385185956954956 0.385185956954956 0.385185956954956 
0.385185956954956 0.385185956954956 0.385185956954956 0.385185956954956
##$RECO_byte_order=littleEndian
$$ @vis= RECO_maxima RECO_map_min RECO_map_max RECO_map_offset RECO_map_slope
##$RECO_time=( 24 )
<16:37:31 12 Aug 2014>
##$RECO_abs_time=1407875851
##$RECO_base_image_uid=( 65 )
<2.16.756.5.5.100.278412266.29758.1407876461.560>
$$ @vis= RECO_byte_order RECO_time RECO_abs_time RECO_base_image_uid
##$GS_reco_display=Yes
##$GO_reco_display=Yes
##$GO_reco_each_nr=No
$$ @vis= RecoRegridNGroup GS_reco_display RECO_GS GO_reco_display
##$GO_max_reco_mem=0
$$ @vis= GO_reco_each_nr GO_max_reco_mem RECO_GO RECO
##END=
