##TITLE=Parameter List
##JCAMPDX=4.24
##DATATYPE=Parameter Values
##ORIGIN=Bruker BioSpin MRI GmbH
##OWNER=ryan
$$ Thu Jul 24 23:16:17 2014 EDT (UT-4h)  ryan
$$ /opt/PV5.1/data/ryan/nmr/RMD266.qU1/44/pdata/1/reco
##$RECO_mode=FT_MODE
##$RecoAutoDerive=Yes
##$RECO_inp_order=NO_REORDERING
##$RECO_inp_size=( 1 )
32
##$RECO_ft_size=( 1 )
32
##$RECO_fov=( 1 )
0
##$RECO_size=( 1 )
32
$$ @vis= RECO_mode RecoAutoDerive RECO_inp_order RECO_ft_size RECO_fov
##$RECO_offset=( 1, 4 )
0 0 0 0
##$RECO_regrid_mode=NO_REGRID
##$RECO_regrid_offset=0
##$RECO_ramp_gap=0
##$RECO_ramp_time=0
##$RECO_ne_mode=NO_NAV_DATA
##$RECO_ne_dist=NeNoInterleave
##$RECO_ne_dens=NeCorrPerScan
##$RECO_ne_type=NAV_PHASE
##$RECO_ne_vals=( 1, 2 )
0 0
##$RECO_bc_mode=( 1 )
AUTO_OFFSET_BC
##$RECO_bc_start=( 1 )
24
##$RECO_bc_len=( 1 )
8
$$ @vis= RECO_size RECO_regrid_mode RECO_ne_mode RECO_bc_mode RECO_bc_start
##$RECO_dc_offset=( 2 )
-12 -6
##$RECO_dc_divisor=8
##$RECO_bc_coroff=( 1 )
0
##$RECO_qopts=( 1 )
CONJ_AND_QNEG
##$RECO_wdw_mode=( 1 )
NO_WDW
##$RECO_lb=( 1 )
-0.5
##$RECO_sw=( 1 )
22001
##$RECO_gb=( 1 )
0.5
##$RECO_sbs=( 1 )
1
##$RECO_tm1=( 1 )
0.25
##$RECO_tm2=( 1 )
0.75
##$RECO_ft_mode=( 1 )
COMPLEX_FFT
##$RECO_pc_mode=( 1 )
NO_PC
##$RECO_pc_lin=( 1 )
(0, 0)
##$RECO_rotate=( 1, 4 )
0 0 0 0
$$ @vis= RECO_bc_len RECO_qopts RECO_wdw_mode RECO_ft_mode RECO_pc_mode
##$RECO_ppc_mode=NO_PPC
##$RECO_ref_image=0
##$RECO_nr_supports=0.4
##$RECO_sig_threshold=0.15
##$RECO_ppc_degree=1
##$RECO_ppc_coeffs=( 4, 1, 2 )
0 0 0 0 0 0 0 0
##$RECO_dc_elim=Yes
##$RECO_transposition=( 4 )
0 0 0 0
##$RECO_image_type=MAGNITUDE_IMAGE
$$ @vis= RECO_rotate RECO_ppc_mode RECO_dc_elim RECO_transposition
##$RECO_image_threshold=0.15
##$RECO_ir_scale=10
##$RECO_wordtype=_16BIT_SGN_INT
##$RECO_map_mode=ABSOLUTE_MAPPING
##$RECO_map_range=( 2 )
-2147483647 2147483647
##$RECO_map_percentile=( 2 )
1 99
##$RECO_map_error=0.25
##$RECO_globex=( 320 )
0 0 0 0 0 0 0 0 0 0 0 0 0 0 0 0 0 0 0 0 0 0 0 0 0 0 0 0 0 0 0 0 0 0 0 0 0 0 0 
0 0 0 0 0 0 0 0 0 0 0 0 0 0 0 0 0 0 0 0 0 0 0 0 0 0 0 0 0 0 0 0 0 0 0 0 0 0 0 
0 0 0 0 0 0 0 0 0 0 0 0 0 0 0 0 0 0 0 0 0 0 0 0 0 0 0 0 0 0 0 0 0 0 0 0 0 0 0 
0 0 0 0 0 0 0 0 0 0 0 0 0 0 0 0 0 0 0 0 0 0 0 0 0 0 0 0 0 0 0 0 0 0 0 0 0 0 0 
0 0 0 0 0 0 0 0 0 0 0 0 0 0 0 0 0 0 0 0 0 0 0 0 0 0 0 0 0 0 0 0 0 0 0 0 0 0 0 
0 0 0 0 0 0 0 0 0 0 0 0 0 0 0 0 0 0 0 0 0 0 0 0 0 0 0 0 0 0 0 0 0 0 0 0 0 0 0 
0 0 0 0 0 0 0 0 0 0 0 0 0 0 0 0 0 0 0 0 0 0 0 0 0 0 0 0 0 0 0 0 0 0 0 0 0 0 0 
0 0 0 0 0 0 0 0 0 0 0 0 0 0 0 0 0 0 0 0 0 0 0 0 0 0 0 0 0 0 0 0 0 0 0 0 0 0 0 
0 0 0 0 0 0 0 0
##$RECO_minima=( 320 )
0 0 0 0 0 0 0 0 0 0 0 0 0 0 0 0 0 0 0 0 0 0 0 0 0 0 0 0 0 0 0 0 0 0 0 0 0 0 0 
0 0 0 0 0 0 0 0 0 0 0 0 0 0 0 0 0 0 0 0 0 0 0 0 0 0 0 0 0 0 0 0 0 0 0 0 0 0 0 
0 0 0 0 0 0 0 0 0 0 0 0 0 0 0 0 0 0 0 0 0 0 0 0 0 0 0 0 0 0 0 0 0 0 0 0 0 0 0 
0 0 0 0 0 0 0 0 0 0 0 0 0 0 0 0 0 0 0 0 0 0 0 0 0 0 0 0 0 0 0 0 0 0 0 0 0 0 0 
0 0 0 0 0 0 0 0 0 0 0 0 0 0 0 0 0 0 0 0 0 0 0 0 0 0 0 0 0 0 0 0 0 0 0 0 0 0 0 
0 0 0 0 0 0 0 0 0 0 0 0 0 0 0 0 0 0 0 0 0 0 0 0 0 0 0 0 0 0 0 0 0 0 0 0 0 0 0 
0 0 0 0 0 0 0 0 0 0 0 0 0 0 0 0 0 0 0 0 0 0 0 0 0 0 0 0 0 0 0 0 0 0 0 0 0 0 0 
0 0 0 0 0 0 0 0 0 0 0 0 0 0 0 0 0 0 0 0 0 0 0 0 0 0 0 0 0 0 0 0 0 0 0 0 0 0 0 
0 0 0 0 0 0 0 0
##$RECO_maxima=( 320 )
88 88 6868 5862 80 80 8650 7740 93 99 10771 9620 109 98 12667 11466 108 106 
13001 12039 116 152 17211 15086 139 181 16070 14650 314 316 32039 29403 327 
218 32699 28463 179 123 16012 13732 128 116 16757 15096 128 97 12526 11918 
113 81 12658 11304 90 111 10353 9733 75 74 8332 7628 102 116 6765 6140 94 84 
6894 5899 93 79 8724 7678 104 73 10853 9681 92 117 12783 11394 99 116 13066 
12003 107 118 17173 15142 125 139 16010 14629 236 334 32102 29251 345 240 
32546 28452 159 131 15971 13709 116 113 16672 15032 75 112 12538 11926 99 105 
12638 11339 93 79 10362 9711 74 81 8313 7587 78 76 6793 6156 83 77 6887 5854 
85 95 8640 7675 98 88 10775 9602 84 98 12627 11334 83 91 12961 12028 129 118 
17156 15125 141 163 16066 14665 246 312 32112 29163 345 228 32573 28442 211 
140 15848 13793 109 141 16605 14992 108 87 12557 11922 95 127 12744 11422 100 
87 10507 9790 93 88 8311 7648 78 68 6800 6162 79 87 6898 5919 75 80 8726 7766 
96 86 10803 9662 92 109 12742 11494 107 133 13035 11998 109 110 17180 15133 
129 160 16050 14596 283 338 32097 29310 306 254 32767 28502 136 172 15963 
13760 109 159 16613 15120 118 114 12542 11924 93 76 12716 11436 98 99 10507 
9757 80 69 8349 7679 75 90 6829 6138 85 94 6941 5892 72 96 8666 7760 94 79 
10762 9658 95 112 12727 11482 125 100 13056 11997 121 146 17232 15203 118 192 
16154 14591 306 277 32227 29533 292 280 32743 28620 162 154 16033 13715 139 
120 16525 15007 109 103 12489 11911 115 108 12653 11262 117 76 10423 9698 80 
70 8329 7536 118 78 6782 6084
$$ @vis= RECO_image_type RECO_wordtype RECO_map_mode RECO_globex RECO_minima
##$RECO_map_min=( 320 )
-32680 -32680 -32680 -32680 -32680 -32680 -32680 -32680 -32680 -32680 -32680 
-32680 -32680 -32680 -32680 -32680 -32680 -32680 -32680 -32680 -32680 -32680 
-32680 -32680 -32680 -32680 -32680 -32680 -32680 -32680 -32680 -32680 -32680 
-32680 -32680 -32680 -32680 -32680 -32680 -32680 -32680 -32680 -32680 -32680 
-32680 -32680 -32680 -32680 -32680 -32680 -32680 -32680 -32680 -32680 -32680 
-32680 -32680 -32680 -32680 -32680 -32680 -32680 -32680 -32680 -32680 -32680 
-32680 -32680 -32680 -32680 -32680 -32680 -32680 -32680 -32680 -32680 -32680 
-32680 -32680 -32680 -32680 -32680 -32680 -32680 -32680 -32680 -32680 -32680 
-32680 -32680 -32680 -32680 -32680 -32680 -32680 -32680 -32680 -32680 -32680 
-32680 -32680 -32680 -32680 -32680 -32680 -32680 -32680 -32680 -32680 -32680 
-32680 -32680 -32680 -32680 -32680 -32680 -32680 -32680 -32680 -32680 -32680 
-32680 -32680 -32680 -32680 -32680 -32680 -32680 -32680 -32680 -32680 -32680 
-32680 -32680 -32680 -32680 -32680 -32680 -32680 -32680 -32680 -32680 -32680 
-32680 -32680 -32680 -32680 -32680 -32680 -32680 -32680 -32680 -32680 -32680 
-32680 -32680 -32680 -32680 -32680 -32680 -32680 -32680 -32680 -32680 -32680 
-32680 -32680 -32680 -32680 -32680 -32680 -32680 -32680 -32680 -32680 -32680 
-32680 -32680 -32680 -32680 -32680 -32680 -32680 -32680 -32680 -32680 -32680 
-32680 -32680 -32680 -32680 -32680 -32680 -32680 -32680 -32680 -32680 -32680 
-32680 -32680 -32680 -32680 -32680 -32680 -32680 -32680 -32680 -32680 -32680 
-32680 -32680 -32680 -32680 -32680 -32680 -32680 -32680 -32680 -32680 -32680 
-32680 -32680 -32680 -32680 -32680 -32680 -32680 -32680 -32680 -32680 -32680 
-32680 -32680 -32680 -32680 -32680 -32680 -32680 -32680 -32680 -32680 -32680 
-32680 -32680 -32680 -32680 -32680 -32680 -32680 -32680 -32680 -32680 -32680 
-32680 -32680 -32680 -32680 -32680 -32680 -32680 -32680 -32680 -32680 -32680 
-32680 -32680 -32680 -32680 -32680 -32680 -32680 -32680 -32680 -32680 -32680 
-32680 -32680 -32680 -32680 -32680 -32680 -32680 -32680 -32680 -32680 -32680 
-32680 -32680 -32680 -32680 -32680 -32680 -32680 -32680 -32680 -32680 -32680 
-32680 -32680 -32680 -32680 -32680 -32680 -32680 -32680 -32680 -32680 -32680 
-32680 -32680 -32680 -32680 -32680 -32680 -32680 -32680 -32680 -32680 -32680 
-32680
##$RECO_map_max=( 320 )
32680 32680 32680 32680 32680 32680 32680 32680 32680 32680 32680 32680 32680 
32680 32680 32680 32680 32680 32680 32680 32680 32680 32680 32680 32680 32680 
32680 32680 32680 32680 32680 32680 32680 32680 32680 32680 32680 32680 32680 
32680 32680 32680 32680 32680 32680 32680 32680 32680 32680 32680 32680 32680 
32680 32680 32680 32680 32680 32680 32680 32680 32680 32680 32680 32680 32680 
32680 32680 32680 32680 32680 32680 32680 32680 32680 32680 32680 32680 32680 
32680 32680 32680 32680 32680 32680 32680 32680 32680 32680 32680 32680 32680 
32680 32680 32680 32680 32680 32680 32680 32680 32680 32680 32680 32680 32680 
32680 32680 32680 32680 32680 32680 32680 32680 32680 32680 32680 32680 32680 
32680 32680 32680 32680 32680 32680 32680 32680 32680 32680 32680 32680 32680 
32680 32680 32680 32680 32680 32680 32680 32680 32680 32680 32680 32680 32680 
32680 32680 32680 32680 32680 32680 32680 32680 32680 32680 32680 32680 32680 
32680 32680 32680 32680 32680 32680 32680 32680 32680 32680 32680 32680 32680 
32680 32680 32680 32680 32680 32680 32680 32680 32680 32680 32680 32680 32680 
32680 32680 32680 32680 32680 32680 32680 32680 32680 32680 32680 32680 32680 
32680 32680 32680 32680 32680 32680 32680 32680 32680 32680 32680 32680 32680 
32680 32680 32680 32680 32680 32680 32680 32680 32680 32680 32680 32680 32680 
32680 32680 32680 32680 32680 32680 32680 32680 32680 32680 32680 32680 32680 
32680 32680 32680 32680 32680 32680 32680 32680 32680 32680 32680 32680 32680 
32680 32680 32680 32680 32680 32680 32680 32680 32680 32680 32680 32680 32680 
32680 32680 32680 32680 32680 32680 32680 32680 32680 32680 32680 32680 32680 
32680 32680 32680 32680 32680 32680 32680 32680 32680 32680 32680 32680 32680 
32680 32680 32680 32680 32680 32680 32680 32680 32680 32680 32680 32680 32680 
32680 32680 32680 32680 32680 32680 32680 32680 32680 32680 32680 32680 32680 
32680 32680 32680 32680 32680 32680 32680 32680
##$RECO_map_offset=( 320 )
0 0 0 0 0 0 0 0 0 0 0 0 0 0 0 0 0 0 0 0 0 0 0 0 0 0 0 0 0 0 0 0 0 0 0 0 0 0 0 
0 0 0 0 0 0 0 0 0 0 0 0 0 0 0 0 0 0 0 0 0 0 0 0 0 0 0 0 0 0 0 0 0 0 0 0 0 0 0 
0 0 0 0 0 0 0 0 0 0 0 0 0 0 0 0 0 0 0 0 0 0 0 0 0 0 0 0 0 0 0 0 0 0 0 0 0 0 0 
0 0 0 0 0 0 0 0 0 0 0 0 0 0 0 0 0 0 0 0 0 0 0 0 0 0 0 0 0 0 0 0 0 0 0 0 0 0 0 
0 0 0 0 0 0 0 0 0 0 0 0 0 0 0 0 0 0 0 0 0 0 0 0 0 0 0 0 0 0 0 0 0 0 0 0 0 0 0 
0 0 0 0 0 0 0 0 0 0 0 0 0 0 0 0 0 0 0 0 0 0 0 0 0 0 0 0 0 0 0 0 0 0 0 0 0 0 0 
0 0 0 0 0 0 0 0 0 0 0 0 0 0 0 0 0 0 0 0 0 0 0 0 0 0 0 0 0 0 0 0 0 0 0 0 0 0 0 
0 0 0 0 0 0 0 0 0 0 0 0 0 0 0 0 0 0 0 0 0 0 0 0 0 0 0 0 0 0 0 0 0 0 0 0 0 0 0 
0 0 0 0 0 0 0 0
##$RECO_map_slope=( 320 )
1.00266218185425 1.00266218185425 1.00266218185425 1.00266218185425 
1.00266218185425 1.00266218185425 1.00266218185425 1.00266218185425 
1.00266218185425 1.00266218185425 1.00266218185425 1.00266218185425 
1.00266218185425 1.00266218185425 1.00266218185425 1.00266218185425 
1.00266218185425 1.00266218185425 1.00266218185425 1.00266218185425 
1.00266218185425 1.00266218185425 1.00266218185425 1.00266218185425 
1.00266218185425 1.00266218185425 1.00266218185425 1.00266218185425 
1.00266218185425 1.00266218185425 1.00266218185425 1.00266218185425 
1.00266218185425 1.00266218185425 1.00266218185425 1.00266218185425 
1.00266218185425 1.00266218185425 1.00266218185425 1.00266218185425 
1.00266218185425 1.00266218185425 1.00266218185425 1.00266218185425 
1.00266218185425 1.00266218185425 1.00266218185425 1.00266218185425 
1.00266218185425 1.00266218185425 1.00266218185425 1.00266218185425 
1.00266218185425 1.00266218185425 1.00266218185425 1.00266218185425 
1.00266218185425 1.00266218185425 1.00266218185425 1.00266218185425 
1.00266218185425 1.00266218185425 1.00266218185425 1.00266218185425 
1.00266218185425 1.00266218185425 1.00266218185425 1.00266218185425 
1.00266218185425 1.00266218185425 1.00266218185425 1.00266218185425 
1.00266218185425 1.00266218185425 1.00266218185425 1.00266218185425 
1.00266218185425 1.00266218185425 1.00266218185425 1.00266218185425 
1.00266218185425 1.00266218185425 1.00266218185425 1.00266218185425 
1.00266218185425 1.00266218185425 1.00266218185425 1.00266218185425 
1.00266218185425 1.00266218185425 1.00266218185425 1.00266218185425 
1.00266218185425 1.00266218185425 1.00266218185425 1.00266218185425 
1.00266218185425 1.00266218185425 1.00266218185425 1.00266218185425 
1.00266218185425 1.00266218185425 1.00266218185425 1.00266218185425 
1.00266218185425 1.00266218185425 1.00266218185425 1.00266218185425 
1.00266218185425 1.00266218185425 1.00266218185425 1.00266218185425 
1.00266218185425 1.00266218185425 1.00266218185425 1.00266218185425 
1.00266218185425 1.00266218185425 1.00266218185425 1.00266218185425 
1.00266218185425 1.00266218185425 1.00266218185425 1.00266218185425 
1.00266218185425 1.00266218185425 1.00266218185425 1.00266218185425 
1.00266218185425 1.00266218185425 1.00266218185425 1.00266218185425 
1.00266218185425 1.00266218185425 1.00266218185425 1.00266218185425 
1.00266218185425 1.00266218185425 1.00266218185425 1.00266218185425 
1.00266218185425 1.00266218185425 1.00266218185425 1.00266218185425 
1.00266218185425 1.00266218185425 1.00266218185425 1.00266218185425 
1.00266218185425 1.00266218185425 1.00266218185425 1.00266218185425 
1.00266218185425 1.00266218185425 1.00266218185425 1.00266218185425 
1.00266218185425 1.00266218185425 1.00266218185425 1.00266218185425 
1.00266218185425 1.00266218185425 1.00266218185425 1.00266218185425 
1.00266218185425 1.00266218185425 1.00266218185425 1.00266218185425 
1.00266218185425 1.00266218185425 1.00266218185425 1.00266218185425 
1.00266218185425 1.00266218185425 1.00266218185425 1.00266218185425 
1.00266218185425 1.00266218185425 1.00266218185425 1.00266218185425 
1.00266218185425 1.00266218185425 1.00266218185425 1.00266218185425 
1.00266218185425 1.00266218185425 1.00266218185425 1.00266218185425 
1.00266218185425 1.00266218185425 1.00266218185425 1.00266218185425 
1.00266218185425 1.00266218185425 1.00266218185425 1.00266218185425 
1.00266218185425 1.00266218185425 1.00266218185425 1.00266218185425 
1.00266218185425 1.00266218185425 1.00266218185425 1.00266218185425 
1.00266218185425 1.00266218185425 1.00266218185425 1.00266218185425 
1.00266218185425 1.00266218185425 1.00266218185425 1.00266218185425 
1.00266218185425 1.00266218185425 1.00266218185425 1.00266218185425 
1.00266218185425 1.00266218185425 1.00266218185425 1.00266218185425 
1.00266218185425 1.00266218185425 1.00266218185425 1.00266218185425 
1.00266218185425 1.00266218185425 1.00266218185425 1.00266218185425 
1.00266218185425 1.00266218185425 1.00266218185425 1.00266218185425 
1.00266218185425 1.00266218185425 1.00266218185425 1.00266218185425 
1.00266218185425 1.00266218185425 1.00266218185425 1.00266218185425 
1.00266218185425 1.00266218185425 1.00266218185425 1.00266218185425 
1.00266218185425 1.00266218185425 1.00266218185425 1.00266218185425 
1.00266218185425 1.00266218185425 1.00266218185425 1.00266218185425 
1.00266218185425 1.00266218185425 1.00266218185425 1.00266218185425 
1.00266218185425 1.00266218185425 1.00266218185425 1.00266218185425 
1.00266218185425 1.00266218185425 1.00266218185425 1.00266218185425 
1.00266218185425 1.00266218185425 1.00266218185425 1.00266218185425 
1.00266218185425 1.00266218185425 1.00266218185425 1.00266218185425 
1.00266218185425 1.00266218185425 1.00266218185425 1.00266218185425 
1.00266218185425 1.00266218185425 1.00266218185425 1.00266218185425 
1.00266218185425 1.00266218185425 1.00266218185425 1.00266218185425 
1.00266218185425 1.00266218185425 1.00266218185425 1.00266218185425 
1.00266218185425 1.00266218185425 1.00266218185425 1.00266218185425 
1.00266218185425 1.00266218185425 1.00266218185425 1.00266218185425 
1.00266218185425 1.00266218185425 1.00266218185425 1.00266218185425 
1.00266218185425 1.00266218185425 1.00266218185425 1.00266218185425 
1.00266218185425 1.00266218185425 1.00266218185425 1.00266218185425 
1.00266218185425 1.00266218185425 1.00266218185425 1.00266218185425 
1.00266218185425 1.00266218185425 1.00266218185425 1.00266218185425 
1.00266218185425 1.00266218185425 1.00266218185425 1.00266218185425
##$RECO_byte_order=littleEndian
$$ @vis= RECO_maxima RECO_map_min RECO_map_max RECO_map_offset RECO_map_slope
##$RECO_time=( 24 )
<23:06:02 24 Jul 2014>
##$RECO_abs_time=1406257562
##$RECO_base_image_uid=( 65 )
<2.16.756.5.5.100.278412266.14994.1406258176.1571>
$$ @vis= RECO_byte_order RECO_time RECO_abs_time RECO_base_image_uid
##$GS_reco_display=Yes
##$GO_reco_display=Yes
##$GO_reco_each_nr=No
$$ @vis= RecoRegridNGroup GS_reco_display RECO_GS GO_reco_display
##$GO_max_reco_mem=0
$$ @vis= GO_reco_each_nr GO_max_reco_mem RECO_GO RECO
##END=
