##TITLE=Parameter List
##JCAMPDX=4.24
##DATATYPE=Parameter Values
##ORIGIN=Bruker BioSpin MRI GmbH
##OWNER=ryan
$$ Thu Jul 24 23:05:50 2014 EDT (UT-4h)  ryan
$$ /opt/PV5.1/data/ryan/nmr/RMD266.qU1/43/pdata/1/reco
##$RECO_mode=FT_MODE
##$RecoAutoDerive=Yes
##$RECO_inp_order=NO_REORDERING
##$RECO_inp_size=( 1 )
32
##$RECO_ft_size=( 1 )
32
##$RECO_fov=( 1 )
0
##$RECO_size=( 1 )
32
$$ @vis= RECO_mode RecoAutoDerive RECO_inp_order RECO_ft_size RECO_fov
##$RECO_offset=( 1, 4 )
0 0 0 0
##$RECO_regrid_mode=NO_REGRID
##$RECO_regrid_offset=0
##$RECO_ramp_gap=0
##$RECO_ramp_time=0
##$RECO_ne_mode=NO_NAV_DATA
##$RECO_ne_dist=NeNoInterleave
##$RECO_ne_dens=NeCorrPerScan
##$RECO_ne_type=NAV_PHASE
##$RECO_ne_vals=( 1, 2 )
0 0
##$RECO_bc_mode=( 1 )
AUTO_OFFSET_BC
##$RECO_bc_start=( 1 )
24
##$RECO_bc_len=( 1 )
8
$$ @vis= RECO_size RECO_regrid_mode RECO_ne_mode RECO_bc_mode RECO_bc_start
##$RECO_dc_offset=( 2 )
16 -1
##$RECO_dc_divisor=8
##$RECO_bc_coroff=( 1 )
0
##$RECO_qopts=( 1 )
CONJ_AND_QNEG
##$RECO_wdw_mode=( 1 )
NO_WDW
##$RECO_lb=( 1 )
-0.5
##$RECO_sw=( 1 )
22001
##$RECO_gb=( 1 )
0.5
##$RECO_sbs=( 1 )
1
##$RECO_tm1=( 1 )
0.25
##$RECO_tm2=( 1 )
0.75
##$RECO_ft_mode=( 1 )
COMPLEX_FFT
##$RECO_pc_mode=( 1 )
NO_PC
##$RECO_pc_lin=( 1 )
(0, 0)
##$RECO_rotate=( 1, 4 )
0 0 0 0
$$ @vis= RECO_bc_len RECO_qopts RECO_wdw_mode RECO_ft_mode RECO_pc_mode
##$RECO_ppc_mode=NO_PPC
##$RECO_ref_image=0
##$RECO_nr_supports=0.4
##$RECO_sig_threshold=0.15
##$RECO_ppc_degree=1
##$RECO_ppc_coeffs=( 4, 1, 2 )
0 0 0 0 0 0 0 0
##$RECO_dc_elim=Yes
##$RECO_transposition=( 4 )
0 0 0 0
##$RECO_image_type=MAGNITUDE_IMAGE
$$ @vis= RECO_rotate RECO_ppc_mode RECO_dc_elim RECO_transposition
##$RECO_image_threshold=0.15
##$RECO_ir_scale=10
##$RECO_wordtype=_16BIT_SGN_INT
##$RECO_map_mode=ABSOLUTE_MAPPING
##$RECO_map_range=( 2 )
-2147483647 2147483647
##$RECO_map_percentile=( 2 )
1 99
##$RECO_map_error=0.25
##$RECO_globex=( 320 )
0 0 0 0 0 0 0 0 0 0 0 0 0 0 0 0 0 0 0 0 0 0 0 0 0 0 0 0 0 0 0 0 0 0 0 0 0 0 0 
0 0 0 0 0 0 0 0 0 0 0 0 0 0 0 0 0 0 0 0 0 0 0 0 0 0 0 0 0 0 0 0 0 0 0 0 0 0 0 
0 0 0 0 0 0 0 0 0 0 0 0 0 0 0 0 0 0 0 0 0 0 0 0 0 0 0 0 0 0 0 0 0 0 0 0 0 0 0 
0 0 0 0 0 0 0 0 0 0 0 0 0 0 0 0 0 0 0 0 0 0 0 0 0 0 0 0 0 0 0 0 0 0 0 0 0 0 0 
0 0 0 0 0 0 0 0 0 0 0 0 0 0 0 0 0 0 0 0 0 0 0 0 0 0 0 0 0 0 0 0 0 0 0 0 0 0 0 
0 0 0 0 0 0 0 0 0 0 0 0 0 0 0 0 0 0 0 0 0 0 0 0 0 0 0 0 0 0 0 0 0 0 0 0 0 0 0 
0 0 0 0 0 0 0 0 0 0 0 0 0 0 0 0 0 0 0 0 0 0 0 0 0 0 0 0 0 0 0 0 0 0 0 0 0 0 0 
0 0 0 0 0 0 0 0 0 0 0 0 0 0 0 0 0 0 0 0 0 0 0 0 0 0 0 0 0 0 0 0 0 0 0 0 0 0 0 
0 0 0 0 0 0 0 0
##$RECO_minima=( 320 )
0 0 0 0 0 0 0 0 0 0 0 0 0 0 0 0 0 0 0 0 0 0 0 0 0 0 0 0 0 0 0 0 0 0 0 0 0 0 0 
0 0 0 0 0 0 0 0 0 0 0 0 0 0 0 0 0 0 0 0 0 0 0 0 0 0 0 0 0 0 0 0 0 0 0 0 0 0 0 
0 0 0 0 0 0 0 0 0 0 0 0 0 0 0 0 0 0 0 0 0 0 0 0 0 0 0 0 0 0 0 0 0 0 0 0 0 0 0 
0 0 0 0 0 0 0 0 0 0 0 0 0 0 0 0 0 0 0 0 0 0 0 0 0 0 0 0 0 0 0 0 0 0 0 0 0 0 0 
0 0 0 0 0 0 0 0 0 0 0 0 0 0 0 0 0 0 0 0 0 0 0 0 0 0 0 0 0 0 0 0 0 0 0 0 0 0 0 
0 0 0 0 0 0 0 0 0 0 0 0 0 0 0 0 0 0 0 0 0 0 0 0 0 0 0 0 0 0 0 0 0 0 0 0 0 0 0 
0 0 0 0 0 0 0 0 0 0 0 0 0 0 0 0 0 0 0 0 0 0 0 0 0 0 0 0 0 0 0 0 0 0 0 0 0 0 0 
0 0 0 0 0 0 0 0 0 0 0 0 0 0 0 0 0 0 0 0 0 0 0 0 0 0 0 0 0 0 0 0 0 0 0 0 0 0 0 
0 0 0 0 0 0 0 0
##$RECO_maxima=( 320 )
61 99 6848 5527 74 79 8619 7427 76 72 10695 9193 84 98 12650 10965 67 76 
12998 11499 126 109 17201 14705 102 164 15855 14429 230 279 32086 28813 245 
210 32767 27890 144 137 16012 13252 105 118 16484 14693 84 89 12364 11684 88 
88 12449 11018 92 70 10213 9422 80 44 8196 7404 60 61 6597 6020 75 66 6851 
5507 68 70 8620 7335 78 79 10684 9158 74 113 12650 10918 73 77 13026 11485 
106 112 17154 14586 104 168 15868 14291 189 246 31988 28600 277 205 32580 
27880 166 104 15887 13374 100 105 16436 14736 97 78 12310 11636 103 74 12447 
11078 88 81 10250 9448 46 61 8151 7398 63 49 6571 6008 61 62 6875 5535 61 53 
8614 7398 77 92 10741 9129 81 90 12632 11014 74 80 12985 11494 101 107 17236 
14692 91 159 15957 14322 238 242 32207 28739 262 238 32704 28022 151 144 
16040 13290 83 100 16486 14761 98 84 12328 11679 70 73 12470 11040 79 103 
10220 9509 65 87 8183 7403 66 74 6524 5989 62 97 6909 5537 61 105 8565 7292 
79 82 10659 9087 75 103 12497 10892 70 74 12974 11402 134 107 17165 14641 110 
163 15825 14326 219 284 32083 28506 254 215 32544 27813 136 110 15942 13251 
99 89 16436 14667 81 71 12293 11566 130 106 12368 11005 92 72 10192 9423 72 
93 8108 7347 59 74 6490 5989 84 77 6821 5511 67 70 8563 7338 87 55 10683 9109 
93 90 12495 10917 73 93 12945 11424 88 103 17143 14712 121 140 15890 14238 
213 275 31914 28707 255 229 32503 27731 149 132 15951 13178 97 110 16372 
14732 79 85 12273 11579 77 75 12326 10993 83 94 10194 9437 61 48 8156 7338 60 
55 6530 5991
$$ @vis= RECO_image_type RECO_wordtype RECO_map_mode RECO_globex RECO_minima
##$RECO_map_min=( 320 )
-40198 -40198 -40198 -40198 -40198 -40198 -40198 -40198 -40198 -40198 -40198 
-40198 -40198 -40198 -40198 -40198 -40198 -40198 -40198 -40198 -40198 -40198 
-40198 -40198 -40198 -40198 -40198 -40198 -40198 -40198 -40198 -40198 -40198 
-40198 -40198 -40198 -40198 -40198 -40198 -40198 -40198 -40198 -40198 -40198 
-40198 -40198 -40198 -40198 -40198 -40198 -40198 -40198 -40198 -40198 -40198 
-40198 -40198 -40198 -40198 -40198 -40198 -40198 -40198 -40198 -40198 -40198 
-40198 -40198 -40198 -40198 -40198 -40198 -40198 -40198 -40198 -40198 -40198 
-40198 -40198 -40198 -40198 -40198 -40198 -40198 -40198 -40198 -40198 -40198 
-40198 -40198 -40198 -40198 -40198 -40198 -40198 -40198 -40198 -40198 -40198 
-40198 -40198 -40198 -40198 -40198 -40198 -40198 -40198 -40198 -40198 -40198 
-40198 -40198 -40198 -40198 -40198 -40198 -40198 -40198 -40198 -40198 -40198 
-40198 -40198 -40198 -40198 -40198 -40198 -40198 -40198 -40198 -40198 -40198 
-40198 -40198 -40198 -40198 -40198 -40198 -40198 -40198 -40198 -40198 -40198 
-40198 -40198 -40198 -40198 -40198 -40198 -40198 -40198 -40198 -40198 -40198 
-40198 -40198 -40198 -40198 -40198 -40198 -40198 -40198 -40198 -40198 -40198 
-40198 -40198 -40198 -40198 -40198 -40198 -40198 -40198 -40198 -40198 -40198 
-40198 -40198 -40198 -40198 -40198 -40198 -40198 -40198 -40198 -40198 -40198 
-40198 -40198 -40198 -40198 -40198 -40198 -40198 -40198 -40198 -40198 -40198 
-40198 -40198 -40198 -40198 -40198 -40198 -40198 -40198 -40198 -40198 -40198 
-40198 -40198 -40198 -40198 -40198 -40198 -40198 -40198 -40198 -40198 -40198 
-40198 -40198 -40198 -40198 -40198 -40198 -40198 -40198 -40198 -40198 -40198 
-40198 -40198 -40198 -40198 -40198 -40198 -40198 -40198 -40198 -40198 -40198 
-40198 -40198 -40198 -40198 -40198 -40198 -40198 -40198 -40198 -40198 -40198 
-40198 -40198 -40198 -40198 -40198 -40198 -40198 -40198 -40198 -40198 -40198 
-40198 -40198 -40198 -40198 -40198 -40198 -40198 -40198 -40198 -40198 -40198 
-40198 -40198 -40198 -40198 -40198 -40198 -40198 -40198 -40198 -40198 -40198 
-40198 -40198 -40198 -40198 -40198 -40198 -40198 -40198 -40198 -40198 -40198 
-40198 -40198 -40198 -40198 -40198 -40198 -40198 -40198 -40198 -40198 -40198 
-40198 -40198 -40198 -40198 -40198 -40198 -40198 -40198 -40198 -40198 -40198 
-40198
##$RECO_map_max=( 320 )
40198 40198 40198 40198 40198 40198 40198 40198 40198 40198 40198 40198 40198 
40198 40198 40198 40198 40198 40198 40198 40198 40198 40198 40198 40198 40198 
40198 40198 40198 40198 40198 40198 40198 40198 40198 40198 40198 40198 40198 
40198 40198 40198 40198 40198 40198 40198 40198 40198 40198 40198 40198 40198 
40198 40198 40198 40198 40198 40198 40198 40198 40198 40198 40198 40198 40198 
40198 40198 40198 40198 40198 40198 40198 40198 40198 40198 40198 40198 40198 
40198 40198 40198 40198 40198 40198 40198 40198 40198 40198 40198 40198 40198 
40198 40198 40198 40198 40198 40198 40198 40198 40198 40198 40198 40198 40198 
40198 40198 40198 40198 40198 40198 40198 40198 40198 40198 40198 40198 40198 
40198 40198 40198 40198 40198 40198 40198 40198 40198 40198 40198 40198 40198 
40198 40198 40198 40198 40198 40198 40198 40198 40198 40198 40198 40198 40198 
40198 40198 40198 40198 40198 40198 40198 40198 40198 40198 40198 40198 40198 
40198 40198 40198 40198 40198 40198 40198 40198 40198 40198 40198 40198 40198 
40198 40198 40198 40198 40198 40198 40198 40198 40198 40198 40198 40198 40198 
40198 40198 40198 40198 40198 40198 40198 40198 40198 40198 40198 40198 40198 
40198 40198 40198 40198 40198 40198 40198 40198 40198 40198 40198 40198 40198 
40198 40198 40198 40198 40198 40198 40198 40198 40198 40198 40198 40198 40198 
40198 40198 40198 40198 40198 40198 40198 40198 40198 40198 40198 40198 40198 
40198 40198 40198 40198 40198 40198 40198 40198 40198 40198 40198 40198 40198 
40198 40198 40198 40198 40198 40198 40198 40198 40198 40198 40198 40198 40198 
40198 40198 40198 40198 40198 40198 40198 40198 40198 40198 40198 40198 40198 
40198 40198 40198 40198 40198 40198 40198 40198 40198 40198 40198 40198 40198 
40198 40198 40198 40198 40198 40198 40198 40198 40198 40198 40198 40198 40198 
40198 40198 40198 40198 40198 40198 40198 40198 40198 40198 40198 40198 40198 
40198 40198 40198 40198 40198 40198 40198 40198
##$RECO_map_offset=( 320 )
0 0 0 0 0 0 0 0 0 0 0 0 0 0 0 0 0 0 0 0 0 0 0 0 0 0 0 0 0 0 0 0 0 0 0 0 0 0 0 
0 0 0 0 0 0 0 0 0 0 0 0 0 0 0 0 0 0 0 0 0 0 0 0 0 0 0 0 0 0 0 0 0 0 0 0 0 0 0 
0 0 0 0 0 0 0 0 0 0 0 0 0 0 0 0 0 0 0 0 0 0 0 0 0 0 0 0 0 0 0 0 0 0 0 0 0 0 0 
0 0 0 0 0 0 0 0 0 0 0 0 0 0 0 0 0 0 0 0 0 0 0 0 0 0 0 0 0 0 0 0 0 0 0 0 0 0 0 
0 0 0 0 0 0 0 0 0 0 0 0 0 0 0 0 0 0 0 0 0 0 0 0 0 0 0 0 0 0 0 0 0 0 0 0 0 0 0 
0 0 0 0 0 0 0 0 0 0 0 0 0 0 0 0 0 0 0 0 0 0 0 0 0 0 0 0 0 0 0 0 0 0 0 0 0 0 0 
0 0 0 0 0 0 0 0 0 0 0 0 0 0 0 0 0 0 0 0 0 0 0 0 0 0 0 0 0 0 0 0 0 0 0 0 0 0 0 
0 0 0 0 0 0 0 0 0 0 0 0 0 0 0 0 0 0 0 0 0 0 0 0 0 0 0 0 0 0 0 0 0 0 0 0 0 0 0 
0 0 0 0 0 0 0 0
##$RECO_map_slope=( 320 )
0.815140068531036 0.815140068531036 0.815140068531036 0.815140068531036 
0.815140068531036 0.815140068531036 0.815140068531036 0.815140068531036 
0.815140068531036 0.815140068531036 0.815140068531036 0.815140068531036 
0.815140068531036 0.815140068531036 0.815140068531036 0.815140068531036 
0.815140068531036 0.815140068531036 0.815140068531036 0.815140068531036 
0.815140068531036 0.815140068531036 0.815140068531036 0.815140068531036 
0.815140068531036 0.815140068531036 0.815140068531036 0.815140068531036 
0.815140068531036 0.815140068531036 0.815140068531036 0.815140068531036 
0.815140068531036 0.815140068531036 0.815140068531036 0.815140068531036 
0.815140068531036 0.815140068531036 0.815140068531036 0.815140068531036 
0.815140068531036 0.815140068531036 0.815140068531036 0.815140068531036 
0.815140068531036 0.815140068531036 0.815140068531036 0.815140068531036 
0.815140068531036 0.815140068531036 0.815140068531036 0.815140068531036 
0.815140068531036 0.815140068531036 0.815140068531036 0.815140068531036 
0.815140068531036 0.815140068531036 0.815140068531036 0.815140068531036 
0.815140068531036 0.815140068531036 0.815140068531036 0.815140068531036 
0.815140068531036 0.815140068531036 0.815140068531036 0.815140068531036 
0.815140068531036 0.815140068531036 0.815140068531036 0.815140068531036 
0.815140068531036 0.815140068531036 0.815140068531036 0.815140068531036 
0.815140068531036 0.815140068531036 0.815140068531036 0.815140068531036 
0.815140068531036 0.815140068531036 0.815140068531036 0.815140068531036 
0.815140068531036 0.815140068531036 0.815140068531036 0.815140068531036 
0.815140068531036 0.815140068531036 0.815140068531036 0.815140068531036 
0.815140068531036 0.815140068531036 0.815140068531036 0.815140068531036 
0.815140068531036 0.815140068531036 0.815140068531036 0.815140068531036 
0.815140068531036 0.815140068531036 0.815140068531036 0.815140068531036 
0.815140068531036 0.815140068531036 0.815140068531036 0.815140068531036 
0.815140068531036 0.815140068531036 0.815140068531036 0.815140068531036 
0.815140068531036 0.815140068531036 0.815140068531036 0.815140068531036 
0.815140068531036 0.815140068531036 0.815140068531036 0.815140068531036 
0.815140068531036 0.815140068531036 0.815140068531036 0.815140068531036 
0.815140068531036 0.815140068531036 0.815140068531036 0.815140068531036 
0.815140068531036 0.815140068531036 0.815140068531036 0.815140068531036 
0.815140068531036 0.815140068531036 0.815140068531036 0.815140068531036 
0.815140068531036 0.815140068531036 0.815140068531036 0.815140068531036 
0.815140068531036 0.815140068531036 0.815140068531036 0.815140068531036 
0.815140068531036 0.815140068531036 0.815140068531036 0.815140068531036 
0.815140068531036 0.815140068531036 0.815140068531036 0.815140068531036 
0.815140068531036 0.815140068531036 0.815140068531036 0.815140068531036 
0.815140068531036 0.815140068531036 0.815140068531036 0.815140068531036 
0.815140068531036 0.815140068531036 0.815140068531036 0.815140068531036 
0.815140068531036 0.815140068531036 0.815140068531036 0.815140068531036 
0.815140068531036 0.815140068531036 0.815140068531036 0.815140068531036 
0.815140068531036 0.815140068531036 0.815140068531036 0.815140068531036 
0.815140068531036 0.815140068531036 0.815140068531036 0.815140068531036 
0.815140068531036 0.815140068531036 0.815140068531036 0.815140068531036 
0.815140068531036 0.815140068531036 0.815140068531036 0.815140068531036 
0.815140068531036 0.815140068531036 0.815140068531036 0.815140068531036 
0.815140068531036 0.815140068531036 0.815140068531036 0.815140068531036 
0.815140068531036 0.815140068531036 0.815140068531036 0.815140068531036 
0.815140068531036 0.815140068531036 0.815140068531036 0.815140068531036 
0.815140068531036 0.815140068531036 0.815140068531036 0.815140068531036 
0.815140068531036 0.815140068531036 0.815140068531036 0.815140068531036 
0.815140068531036 0.815140068531036 0.815140068531036 0.815140068531036 
0.815140068531036 0.815140068531036 0.815140068531036 0.815140068531036 
0.815140068531036 0.815140068531036 0.815140068531036 0.815140068531036 
0.815140068531036 0.815140068531036 0.815140068531036 0.815140068531036 
0.815140068531036 0.815140068531036 0.815140068531036 0.815140068531036 
0.815140068531036 0.815140068531036 0.815140068531036 0.815140068531036 
0.815140068531036 0.815140068531036 0.815140068531036 0.815140068531036 
0.815140068531036 0.815140068531036 0.815140068531036 0.815140068531036 
0.815140068531036 0.815140068531036 0.815140068531036 0.815140068531036 
0.815140068531036 0.815140068531036 0.815140068531036 0.815140068531036 
0.815140068531036 0.815140068531036 0.815140068531036 0.815140068531036 
0.815140068531036 0.815140068531036 0.815140068531036 0.815140068531036 
0.815140068531036 0.815140068531036 0.815140068531036 0.815140068531036 
0.815140068531036 0.815140068531036 0.815140068531036 0.815140068531036 
0.815140068531036 0.815140068531036 0.815140068531036 0.815140068531036 
0.815140068531036 0.815140068531036 0.815140068531036 0.815140068531036 
0.815140068531036 0.815140068531036 0.815140068531036 0.815140068531036 
0.815140068531036 0.815140068531036 0.815140068531036 0.815140068531036 
0.815140068531036 0.815140068531036 0.815140068531036 0.815140068531036 
0.815140068531036 0.815140068531036 0.815140068531036 0.815140068531036 
0.815140068531036 0.815140068531036 0.815140068531036 0.815140068531036 
0.815140068531036 0.815140068531036 0.815140068531036 0.815140068531036 
0.815140068531036 0.815140068531036 0.815140068531036 0.815140068531036 
0.815140068531036 0.815140068531036 0.815140068531036 0.815140068531036 
0.815140068531036 0.815140068531036 0.815140068531036 0.815140068531036 
0.815140068531036 0.815140068531036 0.815140068531036 0.815140068531036 
0.815140068531036 0.815140068531036 0.815140068531036 0.815140068531036
##$RECO_byte_order=littleEndian
$$ @vis= RECO_maxima RECO_map_min RECO_map_max RECO_map_offset RECO_map_slope
##$RECO_time=( 24 )
<22:55:36 24 Jul 2014>
##$RECO_abs_time=1406256936
##$RECO_base_image_uid=( 65 )
<2.16.756.5.5.100.278412266.14994.1406257550.1491>
$$ @vis= RECO_byte_order RECO_time RECO_abs_time RECO_base_image_uid
##$GS_reco_display=Yes
##$GO_reco_display=Yes
##$GO_reco_each_nr=No
$$ @vis= RecoRegridNGroup GS_reco_display RECO_GS GO_reco_display
##$GO_max_reco_mem=0
$$ @vis= GO_reco_each_nr GO_max_reco_mem RECO_GO RECO
##END=
