##TITLE=Parameter List
##JCAMPDX=4.24
##DATATYPE=Parameter Values
##ORIGIN=Bruker BioSpin MRI GmbH
##OWNER=ryan
$$ Thu Feb  5 20:04:23 2015 EST (UT-5h)  ryan
$$ /opt/PV5.1/data/ryan/nmr/RMD310.u51/4/pdata/1/reco
##$RECO_mode=FT_MODE
##$RecoAutoDerive=Yes
##$RECO_inp_order=NO_REORDERING
##$RECO_inp_size=( 1 )
32
##$RECO_ft_size=( 1 )
32
##$RECO_fov=( 1 )
0
##$RECO_size=( 1 )
32
$$ @vis= RECO_mode RecoAutoDerive RECO_inp_order RECO_ft_size RECO_fov
##$RECO_offset=( 1, 4 )
0 0 0 0
##$RECO_regrid_mode=NO_REGRID
##$RECO_regrid_offset=0
##$RECO_ramp_gap=0
##$RECO_ramp_time=0
##$RECO_ne_mode=NO_NAV_DATA
##$RECO_ne_dist=NeNoInterleave
##$RECO_ne_dens=NeCorrPerScan
##$RECO_ne_type=NAV_PHASE
##$RECO_ne_vals=( 1, 2 )
0 0
##$RECO_bc_mode=( 1 )
AUTO_OFFSET_BC
##$RECO_bc_start=( 1 )
24
##$RECO_bc_len=( 1 )
8
$$ @vis= RECO_size RECO_regrid_mode RECO_ne_mode RECO_bc_mode RECO_bc_start
##$RECO_dc_offset=( 2 )
273 571
##$RECO_dc_divisor=8
##$RECO_bc_coroff=( 1 )
0
##$RECO_qopts=( 1 )
CONJ_AND_QNEG
##$RECO_wdw_mode=( 1 )
NO_WDW
##$RECO_lb=( 1 )
-0.5
##$RECO_sw=( 1 )
22001
##$RECO_gb=( 1 )
0.5
##$RECO_sbs=( 1 )
1
##$RECO_tm1=( 1 )
0.25
##$RECO_tm2=( 1 )
0.75
##$RECO_ft_mode=( 1 )
COMPLEX_FFT
##$RECO_pc_mode=( 1 )
NO_PC
##$RECO_pc_lin=( 1 )
(0, 0)
##$RECO_rotate=( 1, 4 )
0 0 0 0
$$ @vis= RECO_bc_len RECO_qopts RECO_wdw_mode RECO_ft_mode RECO_pc_mode
##$RECO_ppc_mode=NO_PPC
##$RECO_ref_image=0
##$RECO_nr_supports=0.4
##$RECO_sig_threshold=0.15
##$RECO_ppc_degree=1
##$RECO_ppc_coeffs=( 4, 1, 2 )
0 0 0 0 0 0 0 0
##$RECO_dc_elim=Yes
##$RECO_transposition=( 4 )
0 0 0 0
##$RECO_image_type=MAGNITUDE_IMAGE
$$ @vis= RECO_rotate RECO_ppc_mode RECO_dc_elim RECO_transposition
##$RECO_image_threshold=0.15
##$RECO_ir_scale=10
##$RECO_wordtype=_16BIT_SGN_INT
##$RECO_map_mode=ABSOLUTE_MAPPING
##$RECO_map_range=( 2 )
-2147483647 2147483647
##$RECO_map_percentile=( 2 )
1 99
##$RECO_map_error=0.25
##$RECO_globex=( 64 )
0 0 0 0 0 0 0 0 0 0 0 0 0 0 0 0 0 0 0 0 0 0 0 0 0 0 0 0 0 0 0 0 0 0 0 0 0 0 0 
0 0 0 0 0 0 0 0 0 0 0 0 0 0 0 0 0 0 0 0 0 0 0 0 0
##$RECO_minima=( 64 )
0 0 0 0 0 0 0 0 0 0 0 0 0 0 0 0 0 0 0 0 0 0 0 0 0 0 0 0 0 0 0 0 0 0 0 0 0 0 0 
0 0 0 0 0 0 0 0 0 0 0 0 0 0 0 0 0 0 0 0 0 0 0 0 0
##$RECO_maxima=( 64 )
105 4521 1952 51 151 2853 2698 56 121 7459 3432 69 133 6045 2894 99 110 4708 
4683 90 225 17676 13634 167 202 12150 11117 226 363 30090 26285 301 377 32767 
24214 303 277 13063 9597 147 212 17220 14443 183 133 5961 3841 58 166 3630 
5236 96 123 4908 6054 75 131 3345 2263 95 93 2366 3573 67
$$ @vis= RECO_image_type RECO_wordtype RECO_map_mode RECO_globex RECO_minima
##$RECO_map_min=( 64 )
-1053214 -1053214 -1053214 -1053214 -1053214 -1053214 -1053214 -1053214 
-1053214 -1053214 -1053214 -1053214 -1053214 -1053214 -1053214 -1053214 
-1053214 -1053214 -1053214 -1053214 -1053214 -1053214 -1053214 -1053214 
-1053214 -1053214 -1053214 -1053214 -1053214 -1053214 -1053214 -1053214 
-1053214 -1053214 -1053214 -1053214 -1053214 -1053214 -1053214 -1053214 
-1053214 -1053214 -1053214 -1053214 -1053214 -1053214 -1053214 -1053214 
-1053214 -1053214 -1053214 -1053214 -1053214 -1053214 -1053214 -1053214 
-1053214 -1053214 -1053214 -1053214 -1053214 -1053214 -1053214 -1053214
##$RECO_map_max=( 64 )
1053214 1053214 1053214 1053214 1053214 1053214 1053214 1053214 1053214 
1053214 1053214 1053214 1053214 1053214 1053214 1053214 1053214 1053214 
1053214 1053214 1053214 1053214 1053214 1053214 1053214 1053214 1053214 
1053214 1053214 1053214 1053214 1053214 1053214 1053214 1053214 1053214 
1053214 1053214 1053214 1053214 1053214 1053214 1053214 1053214 1053214 
1053214 1053214 1053214 1053214 1053214 1053214 1053214 1053214 1053214 
1053214 1053214 1053214 1053214 1053214 1053214 1053214 1053214 1053214 
1053214
##$RECO_map_offset=( 64 )
0 0 0 0 0 0 0 0 0 0 0 0 0 0 0 0 0 0 0 0 0 0 0 0 0 0 0 0 0 0 0 0 0 0 0 0 0 0 0 
0 0 0 0 0 0 0 0 0 0 0 0 0 0 0 0 0 0 0 0 0 0 0 0 0
##$RECO_map_slope=( 64 )
0.0311114359647036 0.0311114359647036 0.0311114359647036 0.0311114359647036 
0.0311114359647036 0.0311114359647036 0.0311114359647036 0.0311114359647036 
0.0311114359647036 0.0311114359647036 0.0311114359647036 0.0311114359647036 
0.0311114359647036 0.0311114359647036 0.0311114359647036 0.0311114359647036 
0.0311114359647036 0.0311114359647036 0.0311114359647036 0.0311114359647036 
0.0311114359647036 0.0311114359647036 0.0311114359647036 0.0311114359647036 
0.0311114359647036 0.0311114359647036 0.0311114359647036 0.0311114359647036 
0.0311114359647036 0.0311114359647036 0.0311114359647036 0.0311114359647036 
0.0311114359647036 0.0311114359647036 0.0311114359647036 0.0311114359647036 
0.0311114359647036 0.0311114359647036 0.0311114359647036 0.0311114359647036 
0.0311114359647036 0.0311114359647036 0.0311114359647036 0.0311114359647036 
0.0311114359647036 0.0311114359647036 0.0311114359647036 0.0311114359647036 
0.0311114359647036 0.0311114359647036 0.0311114359647036 0.0311114359647036 
0.0311114359647036 0.0311114359647036 0.0311114359647036 0.0311114359647036 
0.0311114359647036 0.0311114359647036 0.0311114359647036 0.0311114359647036 
0.0311114359647036 0.0311114359647036 0.0311114359647036 0.0311114359647036
##$RECO_byte_order=littleEndian
$$ @vis= RECO_maxima RECO_map_min RECO_map_max RECO_map_offset RECO_map_slope
##$RECO_time=( 24 )
<19:48:09  5 Feb 2015>
##$RECO_abs_time=1423183689
##$RECO_base_image_uid=( 65 )
<2.16.756.5.5.100.278412266.28737.1423184663.37>
$$ @vis= RECO_byte_order RECO_time RECO_abs_time RECO_base_image_uid
##$GS_reco_display=Yes
##$GO_reco_display=Yes
##$GO_reco_each_nr=No
$$ @vis= RecoRegridNGroup GS_reco_display RECO_GS GO_reco_display
##$GO_max_reco_mem=0
$$ @vis= GO_reco_each_nr GO_max_reco_mem RECO_GO RECO
##END=
