##TITLE=Parameter List
##JCAMPDX=4.24
##DATATYPE=Parameter Values
##ORIGIN=Bruker BioSpin MRI GmbH
##OWNER=ryan
$$ Tue Aug 12 16:37:18 2014 EDT (UT-4h)  ryan
$$ /opt/PV5.1/data/ryan/nmr/RMD273.rd1/24/pdata/1/reco
##$RECO_mode=FT_MODE
##$RecoAutoDerive=Yes
##$RECO_inp_order=NO_REORDERING
##$RECO_inp_size=( 1 )
32
##$RECO_ft_size=( 1 )
32
##$RECO_fov=( 1 )
0
##$RECO_size=( 1 )
32
$$ @vis= RECO_mode RecoAutoDerive RECO_inp_order RECO_ft_size RECO_fov
##$RECO_offset=( 1, 4 )
0 0 0 0
##$RECO_regrid_mode=NO_REGRID
##$RECO_regrid_offset=0
##$RECO_ramp_gap=0
##$RECO_ramp_time=0
##$RECO_ne_mode=NO_NAV_DATA
##$RECO_ne_dist=NeNoInterleave
##$RECO_ne_dens=NeCorrPerScan
##$RECO_ne_type=NAV_PHASE
##$RECO_ne_vals=( 1, 2 )
0 0
##$RECO_bc_mode=( 1 )
AUTO_OFFSET_BC
##$RECO_bc_start=( 1 )
24
##$RECO_bc_len=( 1 )
8
$$ @vis= RECO_size RECO_regrid_mode RECO_ne_mode RECO_bc_mode RECO_bc_start
##$RECO_dc_offset=( 2 )
-20 5
##$RECO_dc_divisor=8
##$RECO_bc_coroff=( 1 )
0
##$RECO_qopts=( 1 )
CONJ_AND_QNEG
##$RECO_wdw_mode=( 1 )
NO_WDW
##$RECO_lb=( 1 )
-0.5
##$RECO_sw=( 1 )
22001
##$RECO_gb=( 1 )
0.5
##$RECO_sbs=( 1 )
1
##$RECO_tm1=( 1 )
0.25
##$RECO_tm2=( 1 )
0.75
##$RECO_ft_mode=( 1 )
COMPLEX_FFT
##$RECO_pc_mode=( 1 )
NO_PC
##$RECO_pc_lin=( 1 )
(0, 0)
##$RECO_rotate=( 1, 4 )
0 0 0 0
$$ @vis= RECO_bc_len RECO_qopts RECO_wdw_mode RECO_ft_mode RECO_pc_mode
##$RECO_ppc_mode=NO_PPC
##$RECO_ref_image=0
##$RECO_nr_supports=0.4
##$RECO_sig_threshold=0.15
##$RECO_ppc_degree=1
##$RECO_ppc_coeffs=( 4, 1, 2 )
0 0 0 0 0 0 0 0
##$RECO_dc_elim=Yes
##$RECO_transposition=( 4 )
0 0 0 0
##$RECO_image_type=MAGNITUDE_IMAGE
$$ @vis= RECO_rotate RECO_ppc_mode RECO_dc_elim RECO_transposition
##$RECO_image_threshold=0.15
##$RECO_ir_scale=10
##$RECO_wordtype=_16BIT_SGN_INT
##$RECO_map_mode=ABSOLUTE_MAPPING
##$RECO_map_range=( 2 )
-2147483647 2147483647
##$RECO_map_percentile=( 2 )
1 99
##$RECO_map_error=0.25
##$RECO_globex=( 320 )
0 0 0 0 0 0 0 0 0 0 0 0 0 0 0 0 0 0 0 0 0 0 0 0 0 0 0 0 0 0 0 0 0 0 0 0 0 0 0 
0 0 0 0 0 0 0 0 0 0 0 0 0 0 0 0 0 0 0 0 0 0 0 0 0 0 0 0 0 0 0 0 0 0 0 0 0 0 0 
0 0 0 0 0 0 0 0 0 0 0 0 0 0 0 0 0 0 0 0 0 0 0 0 0 0 0 0 0 0 0 0 0 0 0 0 0 0 0 
0 0 0 0 0 0 0 0 0 0 0 0 0 0 0 0 0 0 0 0 0 0 0 0 0 0 0 0 0 0 0 0 0 0 0 0 0 0 0 
0 0 0 0 0 0 0 0 0 0 0 0 0 0 0 0 0 0 0 0 0 0 0 0 0 0 0 0 0 0 0 0 0 0 0 0 0 0 0 
0 0 0 0 0 0 0 0 0 0 0 0 0 0 0 0 0 0 0 0 0 0 0 0 0 0 0 0 0 0 0 0 0 0 0 0 0 0 0 
0 0 0 0 0 0 0 0 0 0 0 0 0 0 0 0 0 0 0 0 0 0 0 0 0 0 0 0 0 0 0 0 0 0 0 0 0 0 0 
0 0 0 0 0 0 0 0 0 0 0 0 0 0 0 0 0 0 0 0 0 0 0 0 0 0 0 0 0 0 0 0 0 0 0 0 0 0 0 
0 0 0 0 0 0 0 0
##$RECO_minima=( 320 )
0 0 0 0 0 0 0 0 0 0 0 0 0 0 0 0 0 0 0 0 0 0 0 0 0 0 0 0 0 0 0 0 0 0 0 0 0 0 0 
0 0 0 0 0 0 0 0 0 0 0 0 0 0 0 0 0 0 0 0 0 0 0 0 0 0 0 0 0 0 0 0 0 0 0 0 0 0 0 
0 0 0 0 0 0 0 0 0 0 0 0 0 0 0 0 0 0 0 0 0 0 0 0 0 0 0 0 0 0 0 0 0 0 0 0 0 0 0 
0 0 0 0 0 0 0 0 0 0 0 0 0 0 0 0 0 0 0 0 0 0 0 0 0 0 0 0 0 0 0 0 0 0 0 0 0 0 0 
0 0 0 0 0 0 0 0 0 0 0 0 0 0 0 0 0 0 0 0 0 0 0 0 0 0 0 0 0 0 0 0 0 0 0 0 0 0 0 
0 0 0 0 0 0 0 0 0 0 0 0 0 0 0 0 0 0 0 0 0 0 0 0 0 0 0 0 0 0 0 0 0 0 0 0 0 0 0 
0 0 0 0 0 0 0 0 0 0 0 0 0 0 0 0 0 0 0 0 0 0 0 0 0 0 0 0 0 0 0 0 0 0 0 0 0 0 0 
0 0 0 0 0 0 0 0 0 0 0 0 0 0 0 0 0 0 0 0 0 0 0 0 0 0 0 0 0 0 0 0 0 0 0 0 0 0 0 
0 0 0 0 0 0 0 0
##$RECO_maxima=( 320 )
26 4809 5786 26 19 6003 8558 25 16 5837 8237 27 20 8624 10765 24 28 11935 
11994 31 20 14887 15684 40 37 17233 14925 56 56 32721 27507 70 56 32496 28382 
67 34 16688 15502 35 28 17733 12953 28 21 13833 10316 28 23 11908 7589 25 26 
8864 5088 24 27 9475 5212 26 28 6217 4314 21 21 4820 5823 29 18 6012 8570 36 
22 5851 8268 27 30 8605 10768 31 29 11942 12006 38 22 14676 15521 38 35 17252 
14949 48 46 32767 27611 63 56 32185 28194 65 40 16571 15441 37 24 17636 12894 
29 31 13910 10339 25 26 11794 7527 29 20 8813 5094 20 32 9489 5189 30 24 6225 
4328 22 17 4826 5806 27 19 5813 8358 22 23 5831 8213 19 30 8617 10729 24 33 
11945 12012 38 20 14708 15542 29 32 17254 14967 51 49 32635 27356 65 51 32225 
28137 70 27 16540 15335 31 32 17617 12817 25 28 14020 10425 29 26 11887 7569 
25 28 8786 5059 34 28 9478 5171 31 23 6239 4329 19 23 4767 5802 27 28 6038 
8533 23 31 5847 8212 36 29 8510 10607 30 30 11839 11920 37 24 14733 15592 31 
35 17020 14835 46 49 32726 27502 69 58 32332 28332 68 30 16512 15257 31 24 
17669 12924 22 26 13973 10377 23 21 11914 7607 20 27 8825 5107 19 25 9367 
5113 25 36 6179 4248 19 20 4750 5749 27 26 5959 8497 35 24 5860 8199 29 18 
8614 10711 26 43 11842 11954 31 25 14862 15702 29 33 17208 14956 56 45 32582 
27346 61 51 32134 28236 65 56 16613 15463 55 22 17760 12980 21 21 14037 10446 
24 24 11975 7594 20 25 8857 5086 24 20 9497 5222 19 34 6223 4329 26
$$ @vis= RECO_image_type RECO_wordtype RECO_map_mode RECO_globex RECO_minima
##$RECO_map_min=( 320 )
-111801 -111801 -111801 -111801 -111801 -111801 -111801 -111801 -111801 
-111801 -111801 -111801 -111801 -111801 -111801 -111801 -111801 -111801 
-111801 -111801 -111801 -111801 -111801 -111801 -111801 -111801 -111801 
-111801 -111801 -111801 -111801 -111801 -111801 -111801 -111801 -111801 
-111801 -111801 -111801 -111801 -111801 -111801 -111801 -111801 -111801 
-111801 -111801 -111801 -111801 -111801 -111801 -111801 -111801 -111801 
-111801 -111801 -111801 -111801 -111801 -111801 -111801 -111801 -111801 
-111801 -111801 -111801 -111801 -111801 -111801 -111801 -111801 -111801 
-111801 -111801 -111801 -111801 -111801 -111801 -111801 -111801 -111801 
-111801 -111801 -111801 -111801 -111801 -111801 -111801 -111801 -111801 
-111801 -111801 -111801 -111801 -111801 -111801 -111801 -111801 -111801 
-111801 -111801 -111801 -111801 -111801 -111801 -111801 -111801 -111801 
-111801 -111801 -111801 -111801 -111801 -111801 -111801 -111801 -111801 
-111801 -111801 -111801 -111801 -111801 -111801 -111801 -111801 -111801 
-111801 -111801 -111801 -111801 -111801 -111801 -111801 -111801 -111801 
-111801 -111801 -111801 -111801 -111801 -111801 -111801 -111801 -111801 
-111801 -111801 -111801 -111801 -111801 -111801 -111801 -111801 -111801 
-111801 -111801 -111801 -111801 -111801 -111801 -111801 -111801 -111801 
-111801 -111801 -111801 -111801 -111801 -111801 -111801 -111801 -111801 
-111801 -111801 -111801 -111801 -111801 -111801 -111801 -111801 -111801 
-111801 -111801 -111801 -111801 -111801 -111801 -111801 -111801 -111801 
-111801 -111801 -111801 -111801 -111801 -111801 -111801 -111801 -111801 
-111801 -111801 -111801 -111801 -111801 -111801 -111801 -111801 -111801 
-111801 -111801 -111801 -111801 -111801 -111801 -111801 -111801 -111801 
-111801 -111801 -111801 -111801 -111801 -111801 -111801 -111801 -111801 
-111801 -111801 -111801 -111801 -111801 -111801 -111801 -111801 -111801 
-111801 -111801 -111801 -111801 -111801 -111801 -111801 -111801 -111801 
-111801 -111801 -111801 -111801 -111801 -111801 -111801 -111801 -111801 
-111801 -111801 -111801 -111801 -111801 -111801 -111801 -111801 -111801 
-111801 -111801 -111801 -111801 -111801 -111801 -111801 -111801 -111801 
-111801 -111801 -111801 -111801 -111801 -111801 -111801 -111801 -111801 
-111801 -111801 -111801 -111801 -111801 -111801 -111801 -111801 -111801 
-111801 -111801 -111801 -111801 -111801 -111801 -111801 -111801 -111801 
-111801 -111801 -111801 -111801 -111801 -111801 -111801 -111801 -111801 
-111801 -111801 -111801 -111801 -111801 -111801 -111801 -111801 -111801 
-111801 -111801 -111801 -111801 -111801
##$RECO_map_max=( 320 )
111801 111801 111801 111801 111801 111801 111801 111801 111801 111801 111801 
111801 111801 111801 111801 111801 111801 111801 111801 111801 111801 111801 
111801 111801 111801 111801 111801 111801 111801 111801 111801 111801 111801 
111801 111801 111801 111801 111801 111801 111801 111801 111801 111801 111801 
111801 111801 111801 111801 111801 111801 111801 111801 111801 111801 111801 
111801 111801 111801 111801 111801 111801 111801 111801 111801 111801 111801 
111801 111801 111801 111801 111801 111801 111801 111801 111801 111801 111801 
111801 111801 111801 111801 111801 111801 111801 111801 111801 111801 111801 
111801 111801 111801 111801 111801 111801 111801 111801 111801 111801 111801 
111801 111801 111801 111801 111801 111801 111801 111801 111801 111801 111801 
111801 111801 111801 111801 111801 111801 111801 111801 111801 111801 111801 
111801 111801 111801 111801 111801 111801 111801 111801 111801 111801 111801 
111801 111801 111801 111801 111801 111801 111801 111801 111801 111801 111801 
111801 111801 111801 111801 111801 111801 111801 111801 111801 111801 111801 
111801 111801 111801 111801 111801 111801 111801 111801 111801 111801 111801 
111801 111801 111801 111801 111801 111801 111801 111801 111801 111801 111801 
111801 111801 111801 111801 111801 111801 111801 111801 111801 111801 111801 
111801 111801 111801 111801 111801 111801 111801 111801 111801 111801 111801 
111801 111801 111801 111801 111801 111801 111801 111801 111801 111801 111801 
111801 111801 111801 111801 111801 111801 111801 111801 111801 111801 111801 
111801 111801 111801 111801 111801 111801 111801 111801 111801 111801 111801 
111801 111801 111801 111801 111801 111801 111801 111801 111801 111801 111801 
111801 111801 111801 111801 111801 111801 111801 111801 111801 111801 111801 
111801 111801 111801 111801 111801 111801 111801 111801 111801 111801 111801 
111801 111801 111801 111801 111801 111801 111801 111801 111801 111801 111801 
111801 111801 111801 111801 111801 111801 111801 111801 111801 111801 111801 
111801 111801 111801 111801 111801 111801 111801 111801 111801 111801 111801 
111801 111801 111801 111801 111801 111801 111801 111801 111801 111801 111801 
111801 111801 111801 111801 111801 111801 111801 111801 111801 111801 111801 
111801
##$RECO_map_offset=( 320 )
0 0 0 0 0 0 0 0 0 0 0 0 0 0 0 0 0 0 0 0 0 0 0 0 0 0 0 0 0 0 0 0 0 0 0 0 0 0 0 
0 0 0 0 0 0 0 0 0 0 0 0 0 0 0 0 0 0 0 0 0 0 0 0 0 0 0 0 0 0 0 0 0 0 0 0 0 0 0 
0 0 0 0 0 0 0 0 0 0 0 0 0 0 0 0 0 0 0 0 0 0 0 0 0 0 0 0 0 0 0 0 0 0 0 0 0 0 0 
0 0 0 0 0 0 0 0 0 0 0 0 0 0 0 0 0 0 0 0 0 0 0 0 0 0 0 0 0 0 0 0 0 0 0 0 0 0 0 
0 0 0 0 0 0 0 0 0 0 0 0 0 0 0 0 0 0 0 0 0 0 0 0 0 0 0 0 0 0 0 0 0 0 0 0 0 0 0 
0 0 0 0 0 0 0 0 0 0 0 0 0 0 0 0 0 0 0 0 0 0 0 0 0 0 0 0 0 0 0 0 0 0 0 0 0 0 0 
0 0 0 0 0 0 0 0 0 0 0 0 0 0 0 0 0 0 0 0 0 0 0 0 0 0 0 0 0 0 0 0 0 0 0 0 0 0 0 
0 0 0 0 0 0 0 0 0 0 0 0 0 0 0 0 0 0 0 0 0 0 0 0 0 0 0 0 0 0 0 0 0 0 0 0 0 0 0 
0 0 0 0 0 0 0 0
##$RECO_map_slope=( 320 )
0.293083250522614 0.293083250522614 0.293083250522614 0.293083250522614 
0.293083250522614 0.293083250522614 0.293083250522614 0.293083250522614 
0.293083250522614 0.293083250522614 0.293083250522614 0.293083250522614 
0.293083250522614 0.293083250522614 0.293083250522614 0.293083250522614 
0.293083250522614 0.293083250522614 0.293083250522614 0.293083250522614 
0.293083250522614 0.293083250522614 0.293083250522614 0.293083250522614 
0.293083250522614 0.293083250522614 0.293083250522614 0.293083250522614 
0.293083250522614 0.293083250522614 0.293083250522614 0.293083250522614 
0.293083250522614 0.293083250522614 0.293083250522614 0.293083250522614 
0.293083250522614 0.293083250522614 0.293083250522614 0.293083250522614 
0.293083250522614 0.293083250522614 0.293083250522614 0.293083250522614 
0.293083250522614 0.293083250522614 0.293083250522614 0.293083250522614 
0.293083250522614 0.293083250522614 0.293083250522614 0.293083250522614 
0.293083250522614 0.293083250522614 0.293083250522614 0.293083250522614 
0.293083250522614 0.293083250522614 0.293083250522614 0.293083250522614 
0.293083250522614 0.293083250522614 0.293083250522614 0.293083250522614 
0.293083250522614 0.293083250522614 0.293083250522614 0.293083250522614 
0.293083250522614 0.293083250522614 0.293083250522614 0.293083250522614 
0.293083250522614 0.293083250522614 0.293083250522614 0.293083250522614 
0.293083250522614 0.293083250522614 0.293083250522614 0.293083250522614 
0.293083250522614 0.293083250522614 0.293083250522614 0.293083250522614 
0.293083250522614 0.293083250522614 0.293083250522614 0.293083250522614 
0.293083250522614 0.293083250522614 0.293083250522614 0.293083250522614 
0.293083250522614 0.293083250522614 0.293083250522614 0.293083250522614 
0.293083250522614 0.293083250522614 0.293083250522614 0.293083250522614 
0.293083250522614 0.293083250522614 0.293083250522614 0.293083250522614 
0.293083250522614 0.293083250522614 0.293083250522614 0.293083250522614 
0.293083250522614 0.293083250522614 0.293083250522614 0.293083250522614 
0.293083250522614 0.293083250522614 0.293083250522614 0.293083250522614 
0.293083250522614 0.293083250522614 0.293083250522614 0.293083250522614 
0.293083250522614 0.293083250522614 0.293083250522614 0.293083250522614 
0.293083250522614 0.293083250522614 0.293083250522614 0.293083250522614 
0.293083250522614 0.293083250522614 0.293083250522614 0.293083250522614 
0.293083250522614 0.293083250522614 0.293083250522614 0.293083250522614 
0.293083250522614 0.293083250522614 0.293083250522614 0.293083250522614 
0.293083250522614 0.293083250522614 0.293083250522614 0.293083250522614 
0.293083250522614 0.293083250522614 0.293083250522614 0.293083250522614 
0.293083250522614 0.293083250522614 0.293083250522614 0.293083250522614 
0.293083250522614 0.293083250522614 0.293083250522614 0.293083250522614 
0.293083250522614 0.293083250522614 0.293083250522614 0.293083250522614 
0.293083250522614 0.293083250522614 0.293083250522614 0.293083250522614 
0.293083250522614 0.293083250522614 0.293083250522614 0.293083250522614 
0.293083250522614 0.293083250522614 0.293083250522614 0.293083250522614 
0.293083250522614 0.293083250522614 0.293083250522614 0.293083250522614 
0.293083250522614 0.293083250522614 0.293083250522614 0.293083250522614 
0.293083250522614 0.293083250522614 0.293083250522614 0.293083250522614 
0.293083250522614 0.293083250522614 0.293083250522614 0.293083250522614 
0.293083250522614 0.293083250522614 0.293083250522614 0.293083250522614 
0.293083250522614 0.293083250522614 0.293083250522614 0.293083250522614 
0.293083250522614 0.293083250522614 0.293083250522614 0.293083250522614 
0.293083250522614 0.293083250522614 0.293083250522614 0.293083250522614 
0.293083250522614 0.293083250522614 0.293083250522614 0.293083250522614 
0.293083250522614 0.293083250522614 0.293083250522614 0.293083250522614 
0.293083250522614 0.293083250522614 0.293083250522614 0.293083250522614 
0.293083250522614 0.293083250522614 0.293083250522614 0.293083250522614 
0.293083250522614 0.293083250522614 0.293083250522614 0.293083250522614 
0.293083250522614 0.293083250522614 0.293083250522614 0.293083250522614 
0.293083250522614 0.293083250522614 0.293083250522614 0.293083250522614 
0.293083250522614 0.293083250522614 0.293083250522614 0.293083250522614 
0.293083250522614 0.293083250522614 0.293083250522614 0.293083250522614 
0.293083250522614 0.293083250522614 0.293083250522614 0.293083250522614 
0.293083250522614 0.293083250522614 0.293083250522614 0.293083250522614 
0.293083250522614 0.293083250522614 0.293083250522614 0.293083250522614 
0.293083250522614 0.293083250522614 0.293083250522614 0.293083250522614 
0.293083250522614 0.293083250522614 0.293083250522614 0.293083250522614 
0.293083250522614 0.293083250522614 0.293083250522614 0.293083250522614 
0.293083250522614 0.293083250522614 0.293083250522614 0.293083250522614 
0.293083250522614 0.293083250522614 0.293083250522614 0.293083250522614 
0.293083250522614 0.293083250522614 0.293083250522614 0.293083250522614 
0.293083250522614 0.293083250522614 0.293083250522614 0.293083250522614 
0.293083250522614 0.293083250522614 0.293083250522614 0.293083250522614 
0.293083250522614 0.293083250522614 0.293083250522614 0.293083250522614 
0.293083250522614 0.293083250522614 0.293083250522614 0.293083250522614 
0.293083250522614 0.293083250522614 0.293083250522614 0.293083250522614 
0.293083250522614 0.293083250522614 0.293083250522614 0.293083250522614 
0.293083250522614 0.293083250522614 0.293083250522614 0.293083250522614 
0.293083250522614 0.293083250522614 0.293083250522614 0.293083250522614 
0.293083250522614 0.293083250522614 0.293083250522614 0.293083250522614 
0.293083250522614 0.293083250522614 0.293083250522614 0.293083250522614 
0.293083250522614 0.293083250522614 0.293083250522614 0.293083250522614
##$RECO_byte_order=littleEndian
$$ @vis= RECO_maxima RECO_map_min RECO_map_max RECO_map_offset RECO_map_slope
##$RECO_time=( 24 )
<16:27:08 12 Aug 2014>
##$RECO_abs_time=1407875228
##$RECO_base_image_uid=( 65 )
<2.16.756.5.5.100.278412266.29758.1407875838.480>
$$ @vis= RECO_byte_order RECO_time RECO_abs_time RECO_base_image_uid
##$GS_reco_display=Yes
##$GO_reco_display=Yes
##$GO_reco_each_nr=No
$$ @vis= RecoRegridNGroup GS_reco_display RECO_GS GO_reco_display
##$GO_max_reco_mem=0
$$ @vis= GO_reco_each_nr GO_max_reco_mem RECO_GO RECO
##END=
