##TITLE=Parameter List
##JCAMPDX=4.24
##DATATYPE=Parameter Values
##ORIGIN=Bruker BioSpin MRI GmbH
##OWNER=ryan
$$ Thu Aug  7 15:35:46 2014 EDT (UT-4h)  ryan
$$ /opt/PV5.1/data/ryan/nmr/RMD272.r81/23/pdata/1/reco
##$RECO_mode=FT_MODE
##$RecoAutoDerive=Yes
##$RECO_inp_order=NO_REORDERING
##$RECO_inp_size=( 1 )
32
##$RECO_ft_size=( 1 )
32
##$RECO_fov=( 1 )
0
##$RECO_size=( 1 )
32
$$ @vis= RECO_mode RecoAutoDerive RECO_inp_order RECO_ft_size RECO_fov
##$RECO_offset=( 1, 2 )
0 0
##$RECO_regrid_mode=NO_REGRID
##$RECO_regrid_offset=0
##$RECO_ramp_gap=0
##$RECO_ramp_time=0
##$RECO_ne_mode=NO_NAV_DATA
##$RECO_ne_dist=NeNoInterleave
##$RECO_ne_dens=NeCorrPerScan
##$RECO_ne_type=NAV_PHASE
##$RECO_ne_vals=( 1, 2 )
0 0
##$RECO_bc_mode=( 1 )
AUTO_OFFSET_BC
##$RECO_bc_start=( 1 )
24
##$RECO_bc_len=( 1 )
8
$$ @vis= RECO_size RECO_regrid_mode RECO_ne_mode RECO_bc_mode RECO_bc_start
##$RECO_dc_offset=( 2 )
249 1788
##$RECO_dc_divisor=8
##$RECO_bc_coroff=( 1 )
0
##$RECO_qopts=( 1 )
CONJ_AND_QNEG
##$RECO_wdw_mode=( 1 )
NO_WDW
##$RECO_lb=( 1 )
-0.5
##$RECO_sw=( 1 )
22001
##$RECO_gb=( 1 )
0.5
##$RECO_sbs=( 1 )
1
##$RECO_tm1=( 1 )
0.25
##$RECO_tm2=( 1 )
0.75
##$RECO_ft_mode=( 1 )
COMPLEX_FFT
##$RECO_pc_mode=( 1 )
NO_PC
##$RECO_pc_lin=( 1 )
(0, 0)
##$RECO_rotate=( 1, 2 )
0 0
$$ @vis= RECO_bc_len RECO_qopts RECO_wdw_mode RECO_ft_mode RECO_pc_mode
##$RECO_ppc_mode=NO_PPC
##$RECO_ref_image=0
##$RECO_nr_supports=0.4
##$RECO_sig_threshold=0.15
##$RECO_ppc_degree=1
##$RECO_ppc_coeffs=( 2, 1, 2 )
0 0 0 0
##$RECO_dc_elim=Yes
##$RECO_transposition=( 2 )
0 0
##$RECO_image_type=MAGNITUDE_IMAGE
$$ @vis= RECO_rotate RECO_ppc_mode RECO_dc_elim RECO_transposition
##$RECO_image_threshold=0.15
##$RECO_ir_scale=10
##$RECO_wordtype=_16BIT_SGN_INT
##$RECO_map_mode=ABSOLUTE_MAPPING
##$RECO_map_range=( 2 )
-2147483647 2147483647
##$RECO_map_percentile=( 2 )
1 99
##$RECO_map_error=0.25
##$RECO_globex=( 160 )
0 0 0 0 0 0 0 0 0 0 0 0 0 0 0 0 0 0 0 0 0 0 0 0 0 0 0 0 0 0 0 0 0 0 0 0 0 0 0 
0 0 0 0 0 0 0 0 0 0 0 0 0 0 0 0 0 0 0 0 0 0 0 0 0 0 0 0 0 0 0 0 0 0 0 0 0 0 0 
0 0 0 0 0 0 0 0 0 0 0 0 0 0 0 0 0 0 0 0 0 0 0 0 0 0 0 0 0 0 0 0 0 0 0 0 0 0 0 
0 0 0 0 0 0 0 0 0 0 0 0 0 0 0 0 0 0 0 0 0 0 0 0 0 0 0 0 0 0 0 0 0 0 0 0 0 0 0 
0 0 0 0
##$RECO_minima=( 160 )
0 0 0 0 0 0 0 0 0 0 0 0 0 0 0 0 0 0 0 0 0 0 0 0 0 0 0 0 0 0 0 0 0 0 0 0 0 0 0 
0 0 0 0 0 0 0 0 0 0 0 0 0 0 0 0 0 0 0 0 0 0 0 0 0 0 0 0 0 0 0 0 0 0 0 0 0 0 0 
0 0 0 0 0 0 0 0 0 0 0 0 0 0 0 0 0 0 0 0 0 0 0 0 0 0 0 0 0 0 0 0 0 0 0 0 0 0 0 
0 0 0 0 0 0 0 0 0 0 0 0 0 0 0 0 0 0 0 0 0 0 0 0 0 0 0 0 0 0 0 0 0 0 0 0 0 0 0 
0 0 0 0
##$RECO_maxima=( 160 )
3636 84 4521 84 5657 55 6616 64 5714 67 8099 62 20310 122 32631 172 32498 156 
19582 89 10004 71 7919 66 6483 111 6310 68 5121 92 4378 87 3668 79 4525 64 
5651 92 6624 104 5739 81 8148 65 20269 93 32711 183 32477 149 19559 131 9981 
85 7966 94 6505 68 6313 71 5129 73 4358 72 3632 82 4488 95 5644 75 6664 82 
5732 80 8125 68 20412 90 32767 188 32596 176 19717 98 10092 89 8001 102 6525 
71 6299 63 5157 66 4350 64 3685 94 4532 79 5662 89 6620 59 5750 96 8134 72 
20299 87 32724 176 32628 156 19557 117 10015 76 7951 80 6499 79 6305 63 5106 
95 4345 64 3633 79 4504 76 5658 76 6624 68 5751 85 8113 69 20326 121 32721 
163 32558 164 19608 89 10002 83 7903 82 6477 86 6295 82 5139 93 4418 66
$$ @vis= RECO_image_type RECO_wordtype RECO_map_mode RECO_globex RECO_minima
##$RECO_map_min=( 160 )
-156607 -156607 -156607 -156607 -156607 -156607 -156607 -156607 -156607 
-156607 -156607 -156607 -156607 -156607 -156607 -156607 -156607 -156607 
-156607 -156607 -156607 -156607 -156607 -156607 -156607 -156607 -156607 
-156607 -156607 -156607 -156607 -156607 -156607 -156607 -156607 -156607 
-156607 -156607 -156607 -156607 -156607 -156607 -156607 -156607 -156607 
-156607 -156607 -156607 -156607 -156607 -156607 -156607 -156607 -156607 
-156607 -156607 -156607 -156607 -156607 -156607 -156607 -156607 -156607 
-156607 -156607 -156607 -156607 -156607 -156607 -156607 -156607 -156607 
-156607 -156607 -156607 -156607 -156607 -156607 -156607 -156607 -156607 
-156607 -156607 -156607 -156607 -156607 -156607 -156607 -156607 -156607 
-156607 -156607 -156607 -156607 -156607 -156607 -156607 -156607 -156607 
-156607 -156607 -156607 -156607 -156607 -156607 -156607 -156607 -156607 
-156607 -156607 -156607 -156607 -156607 -156607 -156607 -156607 -156607 
-156607 -156607 -156607 -156607 -156607 -156607 -156607 -156607 -156607 
-156607 -156607 -156607 -156607 -156607 -156607 -156607 -156607 -156607 
-156607 -156607 -156607 -156607 -156607 -156607 -156607 -156607 -156607 
-156607 -156607 -156607 -156607 -156607 -156607 -156607 -156607 -156607 
-156607 -156607 -156607 -156607 -156607 -156607 -156607
##$RECO_map_max=( 160 )
156607 156607 156607 156607 156607 156607 156607 156607 156607 156607 156607 
156607 156607 156607 156607 156607 156607 156607 156607 156607 156607 156607 
156607 156607 156607 156607 156607 156607 156607 156607 156607 156607 156607 
156607 156607 156607 156607 156607 156607 156607 156607 156607 156607 156607 
156607 156607 156607 156607 156607 156607 156607 156607 156607 156607 156607 
156607 156607 156607 156607 156607 156607 156607 156607 156607 156607 156607 
156607 156607 156607 156607 156607 156607 156607 156607 156607 156607 156607 
156607 156607 156607 156607 156607 156607 156607 156607 156607 156607 156607 
156607 156607 156607 156607 156607 156607 156607 156607 156607 156607 156607 
156607 156607 156607 156607 156607 156607 156607 156607 156607 156607 156607 
156607 156607 156607 156607 156607 156607 156607 156607 156607 156607 156607 
156607 156607 156607 156607 156607 156607 156607 156607 156607 156607 156607 
156607 156607 156607 156607 156607 156607 156607 156607 156607 156607 156607 
156607 156607 156607 156607 156607 156607 156607 156607 156607 156607 156607 
156607 156607 156607 156607 156607 156607
##$RECO_map_offset=( 160 )
0 0 0 0 0 0 0 0 0 0 0 0 0 0 0 0 0 0 0 0 0 0 0 0 0 0 0 0 0 0 0 0 0 0 0 0 0 0 0 
0 0 0 0 0 0 0 0 0 0 0 0 0 0 0 0 0 0 0 0 0 0 0 0 0 0 0 0 0 0 0 0 0 0 0 0 0 0 0 
0 0 0 0 0 0 0 0 0 0 0 0 0 0 0 0 0 0 0 0 0 0 0 0 0 0 0 0 0 0 0 0 0 0 0 0 0 0 0 
0 0 0 0 0 0 0 0 0 0 0 0 0 0 0 0 0 0 0 0 0 0 0 0 0 0 0 0 0 0 0 0 0 0 0 0 0 0 0 
0 0 0 0
##$RECO_map_slope=( 160 )
0.209230750799179 0.209230750799179 0.209230750799179 0.209230750799179 
0.209230750799179 0.209230750799179 0.209230750799179 0.209230750799179 
0.209230750799179 0.209230750799179 0.209230750799179 0.209230750799179 
0.209230750799179 0.209230750799179 0.209230750799179 0.209230750799179 
0.209230750799179 0.209230750799179 0.209230750799179 0.209230750799179 
0.209230750799179 0.209230750799179 0.209230750799179 0.209230750799179 
0.209230750799179 0.209230750799179 0.209230750799179 0.209230750799179 
0.209230750799179 0.209230750799179 0.209230750799179 0.209230750799179 
0.209230750799179 0.209230750799179 0.209230750799179 0.209230750799179 
0.209230750799179 0.209230750799179 0.209230750799179 0.209230750799179 
0.209230750799179 0.209230750799179 0.209230750799179 0.209230750799179 
0.209230750799179 0.209230750799179 0.209230750799179 0.209230750799179 
0.209230750799179 0.209230750799179 0.209230750799179 0.209230750799179 
0.209230750799179 0.209230750799179 0.209230750799179 0.209230750799179 
0.209230750799179 0.209230750799179 0.209230750799179 0.209230750799179 
0.209230750799179 0.209230750799179 0.209230750799179 0.209230750799179 
0.209230750799179 0.209230750799179 0.209230750799179 0.209230750799179 
0.209230750799179 0.209230750799179 0.209230750799179 0.209230750799179 
0.209230750799179 0.209230750799179 0.209230750799179 0.209230750799179 
0.209230750799179 0.209230750799179 0.209230750799179 0.209230750799179 
0.209230750799179 0.209230750799179 0.209230750799179 0.209230750799179 
0.209230750799179 0.209230750799179 0.209230750799179 0.209230750799179 
0.209230750799179 0.209230750799179 0.209230750799179 0.209230750799179 
0.209230750799179 0.209230750799179 0.209230750799179 0.209230750799179 
0.209230750799179 0.209230750799179 0.209230750799179 0.209230750799179 
0.209230750799179 0.209230750799179 0.209230750799179 0.209230750799179 
0.209230750799179 0.209230750799179 0.209230750799179 0.209230750799179 
0.209230750799179 0.209230750799179 0.209230750799179 0.209230750799179 
0.209230750799179 0.209230750799179 0.209230750799179 0.209230750799179 
0.209230750799179 0.209230750799179 0.209230750799179 0.209230750799179 
0.209230750799179 0.209230750799179 0.209230750799179 0.209230750799179 
0.209230750799179 0.209230750799179 0.209230750799179 0.209230750799179 
0.209230750799179 0.209230750799179 0.209230750799179 0.209230750799179 
0.209230750799179 0.209230750799179 0.209230750799179 0.209230750799179 
0.209230750799179 0.209230750799179 0.209230750799179 0.209230750799179 
0.209230750799179 0.209230750799179 0.209230750799179 0.209230750799179 
0.209230750799179 0.209230750799179 0.209230750799179 0.209230750799179 
0.209230750799179 0.209230750799179 0.209230750799179 0.209230750799179 
0.209230750799179 0.209230750799179 0.209230750799179 0.209230750799179 
0.209230750799179 0.209230750799179 0.209230750799179 0.209230750799179
##$RECO_byte_order=littleEndian
$$ @vis= RECO_maxima RECO_map_min RECO_map_max RECO_map_offset RECO_map_slope
##$RECO_time=( 24 )
<15:25:37  7 Aug 2014>
##$RECO_abs_time=1407439537
##$RECO_base_image_uid=( 65 )
<2.16.756.5.5.100.278412266.22167.1407440146.240>
$$ @vis= RECO_byte_order RECO_time RECO_abs_time RECO_base_image_uid
##$GS_reco_display=Yes
##$GO_reco_display=Yes
##$GO_reco_each_nr=No
$$ @vis= RecoRegridNGroup GS_reco_display RECO_GS GO_reco_display
##$GO_max_reco_mem=0
$$ @vis= GO_reco_each_nr GO_max_reco_mem RECO_GO RECO
##END=
