##TITLE=Parameter List
##JCAMPDX=4.24
##DATATYPE=Parameter Values
##ORIGIN=Bruker BioSpin MRI GmbH
##OWNER=ryan
$$ Thu Aug  7 15:35:46 2014 EDT (UT-4h)  ryan
$$ /opt/PV5.1/data/ryan/nmr/RMD272.r81/23/pdata/1/visu_pars
##$VisuVersion=1
##$VisuUid=( 65 )
<2.16.756.5.5.100.278412266.22167.1407440146.240>
##$VisuCreator=( 65 )
<ParaVision>
##$VisuCreatorVersion=( 65 )
<5.1>
##$VisuCreationDate=( 21 )
<15:25:37  7 Aug 2014>
$$ @vis= VisuVersion VisuUid VisuCreator VisuCreatorVersion VisuCreationDate
##$VisuCoreFrameCount=160
##$VisuCoreDim=1
##$VisuCoreSize=( 1 )
32
##$VisuCoreDimDesc=( 1 )
spectroscopic
$$ @vis= VisuInstance VisuCoreFrameCount VisuCoreDim VisuCoreSize
##$VisuCoreExtent=( 1 )
73.2537534535215
##$VisuCoreUnits=( 1, 65 )
<ppm>
##$VisuCoreDataMin=( 160 )
0 0 0 0 0 0 0 0 0 0 0 0 0 0 0 0 0 0 0 0 0 0 0 0 0 0 0 0 0 0 0 0 0 0 0 0 0 0 0 
0 0 0 0 0 0 0 0 0 0 0 0 0 0 0 0 0 0 0 0 0 0 0 0 0 0 0 0 0 0 0 0 0 0 0 0 0 0 0 
0 0 0 0 0 0 0 0 0 0 0 0 0 0 0 0 0 0 0 0 0 0 0 0 0 0 0 0 0 0 0 0 0 0 0 0 0 0 0 
0 0 0 0 0 0 0 0 0 0 0 0 0 0 0 0 0 0 0 0 0 0 0 0 0 0 0 0 0 0 0 0 0 0 0 0 0 0 0 
0 0 0 0
##$VisuCoreDataMax=( 160 )
3636 84 4521 84 5657 55 6616 64 5714 67 8099 62 20310 122 32631 172 32498 156 
19582 89 10004 71 7919 66 6483 111 6310 68 5121 92 4378 87 3668 79 4525 64 
5651 92 6624 104 5739 81 8148 65 20269 93 32711 183 32477 149 19559 131 9981 
85 7966 94 6505 68 6313 71 5129 73 4358 72 3632 82 4488 95 5644 75 6664 82 
5732 80 8125 68 20412 90 32767 188 32596 176 19717 98 10092 89 8001 102 6525 
71 6299 63 5157 66 4350 64 3685 94 4532 79 5662 89 6620 59 5750 96 8134 72 
20299 87 32724 176 32628 156 19557 117 10015 76 7951 80 6499 79 6305 63 5106 
95 4345 64 3633 79 4504 76 5658 76 6624 68 5751 85 8113 69 20326 121 32721 
163 32558 164 19608 89 10002 83 7903 82 6477 86 6295 82 5139 93 4418 66
$$ @vis= VisuCoreDimDesc VisuCoreExtent VisuCoreUnits VisuCoreDataMin
##$VisuCoreDataOffs=( 160 )
0 0 0 0 0 0 0 0 0 0 0 0 0 0 0 0 0 0 0 0 0 0 0 0 0 0 0 0 0 0 0 0 0 0 0 0 0 0 0 
0 0 0 0 0 0 0 0 0 0 0 0 0 0 0 0 0 0 0 0 0 0 0 0 0 0 0 0 0 0 0 0 0 0 0 0 0 0 0 
0 0 0 0 0 0 0 0 0 0 0 0 0 0 0 0 0 0 0 0 0 0 0 0 0 0 0 0 0 0 0 0 0 0 0 0 0 0 0 
0 0 0 0 0 0 0 0 0 0 0 0 0 0 0 0 0 0 0 0 0 0 0 0 0 0 0 0 0 0 0 0 0 0 0 0 0 0 0 
0 0 0 0
##$VisuCoreDataSlope=( 160 )
4.77941218573462 4.77941218573462 4.77941218573462 4.77941218573462 
4.77941218573462 4.77941218573462 4.77941218573462 4.77941218573462 
4.77941218573462 4.77941218573462 4.77941218573462 4.77941218573462 
4.77941218573462 4.77941218573462 4.77941218573462 4.77941218573462 
4.77941218573462 4.77941218573462 4.77941218573462 4.77941218573462 
4.77941218573462 4.77941218573462 4.77941218573462 4.77941218573462 
4.77941218573462 4.77941218573462 4.77941218573462 4.77941218573462 
4.77941218573462 4.77941218573462 4.77941218573462 4.77941218573462 
4.77941218573462 4.77941218573462 4.77941218573462 4.77941218573462 
4.77941218573462 4.77941218573462 4.77941218573462 4.77941218573462 
4.77941218573462 4.77941218573462 4.77941218573462 4.77941218573462 
4.77941218573462 4.77941218573462 4.77941218573462 4.77941218573462 
4.77941218573462 4.77941218573462 4.77941218573462 4.77941218573462 
4.77941218573462 4.77941218573462 4.77941218573462 4.77941218573462 
4.77941218573462 4.77941218573462 4.77941218573462 4.77941218573462 
4.77941218573462 4.77941218573462 4.77941218573462 4.77941218573462 
4.77941218573462 4.77941218573462 4.77941218573462 4.77941218573462 
4.77941218573462 4.77941218573462 4.77941218573462 4.77941218573462 
4.77941218573462 4.77941218573462 4.77941218573462 4.77941218573462 
4.77941218573462 4.77941218573462 4.77941218573462 4.77941218573462 
4.77941218573462 4.77941218573462 4.77941218573462 4.77941218573462 
4.77941218573462 4.77941218573462 4.77941218573462 4.77941218573462 
4.77941218573462 4.77941218573462 4.77941218573462 4.77941218573462 
4.77941218573462 4.77941218573462 4.77941218573462 4.77941218573462 
4.77941218573462 4.77941218573462 4.77941218573462 4.77941218573462 
4.77941218573462 4.77941218573462 4.77941218573462 4.77941218573462 
4.77941218573462 4.77941218573462 4.77941218573462 4.77941218573462 
4.77941218573462 4.77941218573462 4.77941218573462 4.77941218573462 
4.77941218573462 4.77941218573462 4.77941218573462 4.77941218573462 
4.77941218573462 4.77941218573462 4.77941218573462 4.77941218573462 
4.77941218573462 4.77941218573462 4.77941218573462 4.77941218573462 
4.77941218573462 4.77941218573462 4.77941218573462 4.77941218573462 
4.77941218573462 4.77941218573462 4.77941218573462 4.77941218573462 
4.77941218573462 4.77941218573462 4.77941218573462 4.77941218573462 
4.77941218573462 4.77941218573462 4.77941218573462 4.77941218573462 
4.77941218573462 4.77941218573462 4.77941218573462 4.77941218573462 
4.77941218573462 4.77941218573462 4.77941218573462 4.77941218573462 
4.77941218573462 4.77941218573462 4.77941218573462 4.77941218573462 
4.77941218573462 4.77941218573462 4.77941218573462 4.77941218573462 
4.77941218573462 4.77941218573462 4.77941218573462 4.77941218573462
##$VisuCoreFrameType=MAGNITUDE_IMAGE
$$ @vis= VisuCoreDataMax VisuCoreDataOffs VisuCoreDataSlope VisuCoreFrameType
##$VisuCoreWordType=_16BIT_SGN_INT
##$VisuCoreByteOrder=littleEndian
##$VisuFGOrderDescDim=1
$$ @vis= VisuCore VisuCoreWordType VisuCoreByteOrder VisuPixel
##$VisuFGOrderDesc=( 1 )
(160, <FG_CYCLE>, <>, 0, 0)
##$VisuSubjectName=( 65 )
<RMD272>
##$VisuSubjectId=( 65 )
<RMD272>
$$ @vis= VisuFGOrderDescDim VisuFGOrderDesc VisuFrameOrderDesc VisuSubjectName
##$VisuSubjectBirthDate=( 9 )
<>
##$VisuSubjectSex=FEMALE
##$VisuSubjectComment=( 2048 )
<>
$$ @vis= VisuSubjectId VisuSubjectBirthDate VisuSubjectSex VisuSubjectComment
##$VisuStudyUid=( 65 )
<2.16.756.5.5.100.278412266.15942.1407429006.129>
##$VisuStudyDate=( 21 )
<13:30:06  7 Aug 2014>
##$VisuStudyId=( 65 )
<RMD272>
##$VisuStudyNumber=1
##$VisuSubjectWeight=5
$$ @vis= VisuSubject VisuStudyUid VisuStudyDate VisuStudyId VisuStudyNumber
##$VisuStudyReferringPhysician=( 65 )
<>
##$VisuStudyDescription=( 65 )
<>
$$ @vis= VisuSubjectWeight VisuStudyReferringPhysician VisuStudyDescription
##$VisuSeriesNumber=1507329
##$VisuSubjectPosition=Head_Supine
##$VisuSeriesTypeId=( 65 )
<ACQ_USER_PVM>
$$ @vis= VisuStudy VisuSeriesNumber VisuSubjectPosition VisuSeriesTypeId
##$VisuAcqSoftwareVersion=( 65 )
<5.1>
##$VisuInstitution=( 65 )
<Duke University Biospec 70/20>
##$VisuStation=( 65 )
<spect>
$$ @vis= VisuSeries VisuAcqSoftwareVersion VisuInstitution VisuStation
##$VisuAcqDate=( 21 )
<15:25:37  7 Aug 2014>
##$VisuAcqEchoTrainLength=1
##$VisuAcqSequenceName=( 40 )
<rMD_HOT (pvm)>
##$VisuAcqNumberOfAverages=4
$$ @vis= VisuEquipment VisuAcqDate VisuAcqEchoTrainLength VisuAcqSequenceName
##$VisuAcqImagingFrequency=300.3395589
##$VisuAcqImagedNucleus=( 8 )
<1H>
##$VisuAcqRepetitionTime=( 1 )
1880
$$ @vis= VisuAcqNumberOfAverages VisuAcqImagingFrequency VisuAcqImagedNucleus
##$VisuAcqFlipAngle=90
##$VisuAcqEchoTime=( 1 )
0
##$VisuAcquisitionProtocol=( 65 )
<RMD_HOT_RBM_RARE_ZQSQ2>
$$ @vis= VisuAcqRepetitionTime VisuAcqFlipAngle VisuAcqEchoTime
##$VisuAcqScanTime=601600
$$ @vis= VisuAcquisitionProtocol VisuAcqScanTime VisuAcquisition Visu
##END=
