##TITLE=Parameter List
##JCAMPDX=4.24
##DATATYPE=Parameter Values
##ORIGIN=Bruker BioSpin MRI GmbH
##OWNER=ryan
$$ Thu Aug  7 21:21:19 2014 EDT (UT-4h)  ryan
$$ /opt/PV5.1/data/ryan/nmr/RMD272.r81/37/pdata/1/visu_pars
##$VisuVersion=1
##$VisuUid=( 65 )
<2.16.756.5.5.100.278412266.22167.1407460879.1617>
##$VisuCreator=( 65 )
<ParaVision>
##$VisuCreatorVersion=( 65 )
<5.1>
##$VisuCreationDate=( 21 )
<21:11:09  7 Aug 2014>
$$ @vis= VisuVersion VisuUid VisuCreator VisuCreatorVersion VisuCreationDate
##$VisuCoreFrameCount=320
##$VisuCoreDim=1
##$VisuCoreSize=( 1 )
32
##$VisuCoreDimDesc=( 1 )
spectroscopic
$$ @vis= VisuInstance VisuCoreFrameCount VisuCoreDim VisuCoreSize
##$VisuCoreExtent=( 1 )
73.2535112057034
##$VisuCoreUnits=( 1, 65 )
<ppm>
##$VisuCoreDataMin=( 320 )
0 0 0 0 0 0 0 0 0 0 0 0 0 0 0 0 0 0 0 0 0 0 0 0 0 0 0 0 0 0 0 0 0 0 0 0 0 0 0 
0 0 0 0 0 0 0 0 0 0 0 0 0 0 0 0 0 0 0 0 0 0 0 0 0 0 0 0 0 0 0 0 0 0 0 0 0 0 0 
0 0 0 0 0 0 0 0 0 0 0 0 0 0 0 0 0 0 0 0 0 0 0 0 0 0 0 0 0 0 0 0 0 0 0 0 0 0 0 
0 0 0 0 0 0 0 0 0 0 0 0 0 0 0 0 0 0 0 0 0 0 0 0 0 0 0 0 0 0 0 0 0 0 0 0 0 0 0 
0 0 0 0 0 0 0 0 0 0 0 0 0 0 0 0 0 0 0 0 0 0 0 0 0 0 0 0 0 0 0 0 0 0 0 0 0 0 0 
0 0 0 0 0 0 0 0 0 0 0 0 0 0 0 0 0 0 0 0 0 0 0 0 0 0 0 0 0 0 0 0 0 0 0 0 0 0 0 
0 0 0 0 0 0 0 0 0 0 0 0 0 0 0 0 0 0 0 0 0 0 0 0 0 0 0 0 0 0 0 0 0 0 0 0 0 0 0 
0 0 0 0 0 0 0 0 0 0 0 0 0 0 0 0 0 0 0 0 0 0 0 0 0 0 0 0 0 0 0 0 0 0 0 0 0 0 0 
0 0 0 0 0 0 0 0
##$VisuCoreDataMax=( 320 )
32 2952 3838 27 31 2348 3541 37 27 3226 3813 29 27 4047 4506 23 36 4973 4627 
28 31 7043 6254 33 43 8925 8351 33 30 29491 24711 36 38 32744 22823 25 36 
9987 6690 30 28 7704 5841 30 27 5873 3925 38 25 4562 3505 37 36 4301 2994 38 
50 3417 2245 37 28 4154 2867 30 24 3145 4014 29 30 2305 3531 25 43 3261 3793 
30 30 4033 4494 36 26 4937 4646 31 45 7062 6228 38 44 8922 8241 36 34 29656 
24819 29 44 32528 22641 27 40 10005 6709 26 33 7734 5818 28 31 5877 3912 28 
33 4542 3490 22 36 4335 2978 28 31 3434 2218 33 33 4198 2849 26 21 3105 4026 
26 34 2329 3539 34 28 3245 3833 23 41 4029 4473 36 30 4935 4656 31 33 7105 
6201 26 58 8947 8214 50 33 29597 24816 33 33 32561 22678 38 32 9977 6743 28 
28 7702 5841 25 34 5900 3889 36 30 4526 3538 25 39 4302 3005 29 35 3434 2237 
40 28 4217 2861 30 36 3090 4034 34 25 2332 3498 26 26 3243 3836 25 36 4056 
4498 43 27 4969 4612 25 32 7051 6211 31 32 8899 8286 32 33 29444 24780 33 44 
32498 22730 26 39 9971 6748 25 35 7720 5832 30 47 5867 3923 28 33 4527 3515 
35 28 4318 2989 36 28 3403 2251 28 28 4213 2854 29 28 3110 4043 28 39 2327 
3526 30 30 3262 3847 32 33 4040 4476 29 44 4974 4617 30 38 7056 6251 26 28 
8893 8269 28 30 29548 24793 31 41 32767 22686 32 34 9942 6766 31 30 7708 5840 
30 28 5869 3912 31 32 4510 3527 30 30 4375 2994 34 30 3424 2255 31 30 4197 
2850 27
$$ @vis= VisuCoreDimDesc VisuCoreExtent VisuCoreUnits VisuCoreDataMin
##$VisuCoreDataOffs=( 320 )
0 0 0 0 0 0 0 0 0 0 0 0 0 0 0 0 0 0 0 0 0 0 0 0 0 0 0 0 0 0 0 0 0 0 0 0 0 0 0 
0 0 0 0 0 0 0 0 0 0 0 0 0 0 0 0 0 0 0 0 0 0 0 0 0 0 0 0 0 0 0 0 0 0 0 0 0 0 0 
0 0 0 0 0 0 0 0 0 0 0 0 0 0 0 0 0 0 0 0 0 0 0 0 0 0 0 0 0 0 0 0 0 0 0 0 0 0 0 
0 0 0 0 0 0 0 0 0 0 0 0 0 0 0 0 0 0 0 0 0 0 0 0 0 0 0 0 0 0 0 0 0 0 0 0 0 0 0 
0 0 0 0 0 0 0 0 0 0 0 0 0 0 0 0 0 0 0 0 0 0 0 0 0 0 0 0 0 0 0 0 0 0 0 0 0 0 0 
0 0 0 0 0 0 0 0 0 0 0 0 0 0 0 0 0 0 0 0 0 0 0 0 0 0 0 0 0 0 0 0 0 0 0 0 0 0 0 
0 0 0 0 0 0 0 0 0 0 0 0 0 0 0 0 0 0 0 0 0 0 0 0 0 0 0 0 0 0 0 0 0 0 0 0 0 0 0 
0 0 0 0 0 0 0 0 0 0 0 0 0 0 0 0 0 0 0 0 0 0 0 0 0 0 0 0 0 0 0 0 0 0 0 0 0 0 0 
0 0 0 0 0 0 0 0
##$VisuCoreDataSlope=( 320 )
2.62923053331539 2.62923053331539 2.62923053331539 2.62923053331539 
2.62923053331539 2.62923053331539 2.62923053331539 2.62923053331539 
2.62923053331539 2.62923053331539 2.62923053331539 2.62923053331539 
2.62923053331539 2.62923053331539 2.62923053331539 2.62923053331539 
2.62923053331539 2.62923053331539 2.62923053331539 2.62923053331539 
2.62923053331539 2.62923053331539 2.62923053331539 2.62923053331539 
2.62923053331539 2.62923053331539 2.62923053331539 2.62923053331539 
2.62923053331539 2.62923053331539 2.62923053331539 2.62923053331539 
2.62923053331539 2.62923053331539 2.62923053331539 2.62923053331539 
2.62923053331539 2.62923053331539 2.62923053331539 2.62923053331539 
2.62923053331539 2.62923053331539 2.62923053331539 2.62923053331539 
2.62923053331539 2.62923053331539 2.62923053331539 2.62923053331539 
2.62923053331539 2.62923053331539 2.62923053331539 2.62923053331539 
2.62923053331539 2.62923053331539 2.62923053331539 2.62923053331539 
2.62923053331539 2.62923053331539 2.62923053331539 2.62923053331539 
2.62923053331539 2.62923053331539 2.62923053331539 2.62923053331539 
2.62923053331539 2.62923053331539 2.62923053331539 2.62923053331539 
2.62923053331539 2.62923053331539 2.62923053331539 2.62923053331539 
2.62923053331539 2.62923053331539 2.62923053331539 2.62923053331539 
2.62923053331539 2.62923053331539 2.62923053331539 2.62923053331539 
2.62923053331539 2.62923053331539 2.62923053331539 2.62923053331539 
2.62923053331539 2.62923053331539 2.62923053331539 2.62923053331539 
2.62923053331539 2.62923053331539 2.62923053331539 2.62923053331539 
2.62923053331539 2.62923053331539 2.62923053331539 2.62923053331539 
2.62923053331539 2.62923053331539 2.62923053331539 2.62923053331539 
2.62923053331539 2.62923053331539 2.62923053331539 2.62923053331539 
2.62923053331539 2.62923053331539 2.62923053331539 2.62923053331539 
2.62923053331539 2.62923053331539 2.62923053331539 2.62923053331539 
2.62923053331539 2.62923053331539 2.62923053331539 2.62923053331539 
2.62923053331539 2.62923053331539 2.62923053331539 2.62923053331539 
2.62923053331539 2.62923053331539 2.62923053331539 2.62923053331539 
2.62923053331539 2.62923053331539 2.62923053331539 2.62923053331539 
2.62923053331539 2.62923053331539 2.62923053331539 2.62923053331539 
2.62923053331539 2.62923053331539 2.62923053331539 2.62923053331539 
2.62923053331539 2.62923053331539 2.62923053331539 2.62923053331539 
2.62923053331539 2.62923053331539 2.62923053331539 2.62923053331539 
2.62923053331539 2.62923053331539 2.62923053331539 2.62923053331539 
2.62923053331539 2.62923053331539 2.62923053331539 2.62923053331539 
2.62923053331539 2.62923053331539 2.62923053331539 2.62923053331539 
2.62923053331539 2.62923053331539 2.62923053331539 2.62923053331539 
2.62923053331539 2.62923053331539 2.62923053331539 2.62923053331539 
2.62923053331539 2.62923053331539 2.62923053331539 2.62923053331539 
2.62923053331539 2.62923053331539 2.62923053331539 2.62923053331539 
2.62923053331539 2.62923053331539 2.62923053331539 2.62923053331539 
2.62923053331539 2.62923053331539 2.62923053331539 2.62923053331539 
2.62923053331539 2.62923053331539 2.62923053331539 2.62923053331539 
2.62923053331539 2.62923053331539 2.62923053331539 2.62923053331539 
2.62923053331539 2.62923053331539 2.62923053331539 2.62923053331539 
2.62923053331539 2.62923053331539 2.62923053331539 2.62923053331539 
2.62923053331539 2.62923053331539 2.62923053331539 2.62923053331539 
2.62923053331539 2.62923053331539 2.62923053331539 2.62923053331539 
2.62923053331539 2.62923053331539 2.62923053331539 2.62923053331539 
2.62923053331539 2.62923053331539 2.62923053331539 2.62923053331539 
2.62923053331539 2.62923053331539 2.62923053331539 2.62923053331539 
2.62923053331539 2.62923053331539 2.62923053331539 2.62923053331539 
2.62923053331539 2.62923053331539 2.62923053331539 2.62923053331539 
2.62923053331539 2.62923053331539 2.62923053331539 2.62923053331539 
2.62923053331539 2.62923053331539 2.62923053331539 2.62923053331539 
2.62923053331539 2.62923053331539 2.62923053331539 2.62923053331539 
2.62923053331539 2.62923053331539 2.62923053331539 2.62923053331539 
2.62923053331539 2.62923053331539 2.62923053331539 2.62923053331539 
2.62923053331539 2.62923053331539 2.62923053331539 2.62923053331539 
2.62923053331539 2.62923053331539 2.62923053331539 2.62923053331539 
2.62923053331539 2.62923053331539 2.62923053331539 2.62923053331539 
2.62923053331539 2.62923053331539 2.62923053331539 2.62923053331539 
2.62923053331539 2.62923053331539 2.62923053331539 2.62923053331539 
2.62923053331539 2.62923053331539 2.62923053331539 2.62923053331539 
2.62923053331539 2.62923053331539 2.62923053331539 2.62923053331539 
2.62923053331539 2.62923053331539 2.62923053331539 2.62923053331539 
2.62923053331539 2.62923053331539 2.62923053331539 2.62923053331539 
2.62923053331539 2.62923053331539 2.62923053331539 2.62923053331539 
2.62923053331539 2.62923053331539 2.62923053331539 2.62923053331539 
2.62923053331539 2.62923053331539 2.62923053331539 2.62923053331539 
2.62923053331539 2.62923053331539 2.62923053331539 2.62923053331539 
2.62923053331539 2.62923053331539 2.62923053331539 2.62923053331539 
2.62923053331539 2.62923053331539 2.62923053331539 2.62923053331539 
2.62923053331539 2.62923053331539 2.62923053331539 2.62923053331539 
2.62923053331539 2.62923053331539 2.62923053331539 2.62923053331539 
2.62923053331539 2.62923053331539 2.62923053331539 2.62923053331539 
2.62923053331539 2.62923053331539 2.62923053331539 2.62923053331539
##$VisuCoreFrameType=MAGNITUDE_IMAGE
$$ @vis= VisuCoreDataMax VisuCoreDataOffs VisuCoreDataSlope VisuCoreFrameType
##$VisuCoreWordType=_16BIT_SGN_INT
##$VisuCoreByteOrder=littleEndian
##$VisuFGOrderDescDim=1
$$ @vis= VisuCore VisuCoreWordType VisuCoreByteOrder VisuPixel
##$VisuFGOrderDesc=( 1 )
(320, <FG_CYCLE>, <>, 0, 0)
##$VisuSubjectName=( 65 )
<RMD272>
##$VisuSubjectId=( 65 )
<RMD272>
$$ @vis= VisuFGOrderDescDim VisuFGOrderDesc VisuFrameOrderDesc VisuSubjectName
##$VisuSubjectBirthDate=( 9 )
<>
##$VisuSubjectSex=FEMALE
##$VisuSubjectComment=( 2048 )
<>
$$ @vis= VisuSubjectId VisuSubjectBirthDate VisuSubjectSex VisuSubjectComment
##$VisuStudyUid=( 65 )
<2.16.756.5.5.100.278412266.15942.1407429006.129>
##$VisuStudyDate=( 21 )
<13:30:06  7 Aug 2014>
##$VisuStudyId=( 65 )
<RMD272>
##$VisuStudyNumber=1
##$VisuSubjectWeight=5
$$ @vis= VisuSubject VisuStudyUid VisuStudyDate VisuStudyId VisuStudyNumber
##$VisuStudyReferringPhysician=( 65 )
<>
##$VisuStudyDescription=( 65 )
<>
$$ @vis= VisuSubjectWeight VisuStudyReferringPhysician VisuStudyDescription
##$VisuSeriesNumber=2424833
##$VisuSubjectPosition=Head_Supine
##$VisuSeriesTypeId=( 65 )
<ACQ_USER_PVM>
$$ @vis= VisuStudy VisuSeriesNumber VisuSubjectPosition VisuSeriesTypeId
##$VisuAcqSoftwareVersion=( 65 )
<5.1>
##$VisuInstitution=( 65 )
<Duke University Biospec 70/20>
##$VisuStation=( 65 )
<spect>
$$ @vis= VisuSeries VisuAcqSoftwareVersion VisuInstitution VisuStation
##$VisuAcqDate=( 21 )
<21:11:09  7 Aug 2014>
##$VisuAcqEchoTrainLength=1
##$VisuAcqSequenceName=( 40 )
<rMD_HOT (pvm)>
##$VisuAcqNumberOfAverages=4
$$ @vis= VisuEquipment VisuAcqDate VisuAcqEchoTrainLength VisuAcqSequenceName
##$VisuAcqImagingFrequency=300.340552116593
##$VisuAcqImagedNucleus=( 8 )
<1H>
##$VisuAcqRepetitionTime=( 1 )
1880
$$ @vis= VisuAcqNumberOfAverages VisuAcqImagingFrequency VisuAcqImagedNucleus
##$VisuAcqFlipAngle=90
##$VisuAcqEchoTime=( 1 )
0
##$VisuAcquisitionProtocol=( 65 )
<RMD_HOT_RBM_RARE_ZQSQ2>
$$ @vis= VisuAcqRepetitionTime VisuAcqFlipAngle VisuAcqEchoTime
##$VisuAcqScanTime=601600
$$ @vis= VisuAcquisitionProtocol VisuAcqScanTime VisuAcquisition Visu
##END=
