##TITLE=Parameter List
##JCAMPDX=4.24
##DATATYPE=Parameter Values
##ORIGIN=Bruker BioSpin MRI GmbH
##OWNER=ryan
$$ Thu Jul 24 23:37:10 2014 EDT (UT-4h)  ryan
$$ /opt/PV5.1/data/ryan/nmr/RMD266.qU1/46/pdata/1/visu_pars
##$VisuVersion=1
##$VisuUid=( 65 )
<2.16.756.5.5.100.278412266.14994.1406259430.1731>
##$VisuCreator=( 65 )
<ParaVision>
##$VisuCreatorVersion=( 65 )
<5.1>
##$VisuCreationDate=( 21 )
<23:26:56 24 Jul 2014>
$$ @vis= VisuVersion VisuUid VisuCreator VisuCreatorVersion VisuCreationDate
##$VisuCoreFrameCount=320
##$VisuCoreDim=1
##$VisuCoreSize=( 1 )
32
##$VisuCoreDimDesc=( 1 )
spectroscopic
$$ @vis= VisuInstance VisuCoreFrameCount VisuCoreDim VisuCoreSize
##$VisuCoreExtent=( 1 )
73.2537575754844
##$VisuCoreUnits=( 1, 65 )
<ppm>
##$VisuCoreDataMin=( 320 )
0 0 0 0 0 0 0 0 0 0 0 0 0 0 0 0 0 0 0 0 0 0 0 0 0 0 0 0 0 0 0 0 0 0 0 0 0 0 0 
0 0 0 0 0 0 0 0 0 0 0 0 0 0 0 0 0 0 0 0 0 0 0 0 0 0 0 0 0 0 0 0 0 0 0 0 0 0 0 
0 0 0 0 0 0 0 0 0 0 0 0 0 0 0 0 0 0 0 0 0 0 0 0 0 0 0 0 0 0 0 0 0 0 0 0 0 0 0 
0 0 0 0 0 0 0 0 0 0 0 0 0 0 0 0 0 0 0 0 0 0 0 0 0 0 0 0 0 0 0 0 0 0 0 0 0 0 0 
0 0 0 0 0 0 0 0 0 0 0 0 0 0 0 0 0 0 0 0 0 0 0 0 0 0 0 0 0 0 0 0 0 0 0 0 0 0 0 
0 0 0 0 0 0 0 0 0 0 0 0 0 0 0 0 0 0 0 0 0 0 0 0 0 0 0 0 0 0 0 0 0 0 0 0 0 0 0 
0 0 0 0 0 0 0 0 0 0 0 0 0 0 0 0 0 0 0 0 0 0 0 0 0 0 0 0 0 0 0 0 0 0 0 0 0 0 0 
0 0 0 0 0 0 0 0 0 0 0 0 0 0 0 0 0 0 0 0 0 0 0 0 0 0 0 0 0 0 0 0 0 0 0 0 0 0 0 
0 0 0 0 0 0 0 0
##$VisuCoreDataMax=( 320 )
103 94 6963 6347 99 128 8812 8188 111 129 11030 10280 95 132 13041 11897 133 
113 13320 12622 158 148 17381 15598 190 204 16264 14556 339 362 32340 29773 
395 305 32687 28650 218 237 15900 13813 143 170 16926 15306 128 117 12952 
12325 125 134 12982 11782 121 148 10852 10006 81 132 8647 7855 144 100 7212 
6170 107 100 6967 6339 89 88 8826 8211 121 85 11062 10299 130 174 12960 11870 
136 140 13198 12692 162 155 17434 15574 219 204 16080 14792 314 369 32479 
29622 407 276 32766 28669 214 189 15887 13822 149 133 16915 15330 190 124 
12843 12315 134 174 13050 11763 159 169 10904 10066 139 94 8677 7829 109 107 
7247 6163 162 126 7006 6366 114 139 8834 8129 91 122 11020 10322 136 128 
12975 11932 122 128 13293 12614 137 169 17459 15494 199 216 16125 14579 324 
373 32572 29423 321 306 32623 28828 279 151 15782 13784 141 130 16878 15307 
117 129 12887 12204 141 104 13014 11838 125 88 10851 10026 117 104 8701 7959 
118 114 7308 6156 114 122 6991 6392 102 95 8856 8151 151 111 11001 10215 100 
130 13018 11968 129 111 13151 12681 145 162 17419 15523 166 219 16207 14732 
350 351 32529 29610 347 305 32709 28612 230 169 16003 13728 155 182 16867 
15368 119 145 12858 12195 133 115 13056 11760 91 104 10813 10041 109 80 8621 
7892 110 87 7225 6166 103 132 6981 6436 98 103 8930 8191 128 163 11066 10240 
111 149 12985 11870 136 130 13222 12640 154 186 17335 15629 201 314 16184 
14658 374 392 32472 29542 373 286 32651 28753 201 203 15838 13768 178 185 
16877 15337 143 186 12949 12292 148 147 12964 11756 152 110 10848 10008 104 
98 8634 7873 100 156 7269 6171
$$ @vis= VisuCoreDimDesc VisuCoreExtent VisuCoreUnits VisuCoreDataMin
##$VisuCoreDataOffs=( 320 )
0 0 0 0 0 0 0 0 0 0 0 0 0 0 0 0 0 0 0 0 0 0 0 0 0 0 0 0 0 0 0 0 0 0 0 0 0 0 0 
0 0 0 0 0 0 0 0 0 0 0 0 0 0 0 0 0 0 0 0 0 0 0 0 0 0 0 0 0 0 0 0 0 0 0 0 0 0 0 
0 0 0 0 0 0 0 0 0 0 0 0 0 0 0 0 0 0 0 0 0 0 0 0 0 0 0 0 0 0 0 0 0 0 0 0 0 0 0 
0 0 0 0 0 0 0 0 0 0 0 0 0 0 0 0 0 0 0 0 0 0 0 0 0 0 0 0 0 0 0 0 0 0 0 0 0 0 0 
0 0 0 0 0 0 0 0 0 0 0 0 0 0 0 0 0 0 0 0 0 0 0 0 0 0 0 0 0 0 0 0 0 0 0 0 0 0 0 
0 0 0 0 0 0 0 0 0 0 0 0 0 0 0 0 0 0 0 0 0 0 0 0 0 0 0 0 0 0 0 0 0 0 0 0 0 0 0 
0 0 0 0 0 0 0 0 0 0 0 0 0 0 0 0 0 0 0 0 0 0 0 0 0 0 0 0 0 0 0 0 0 0 0 0 0 0 0 
0 0 0 0 0 0 0 0 0 0 0 0 0 0 0 0 0 0 0 0 0 0 0 0 0 0 0 0 0 0 0 0 0 0 0 0 0 0 0 
0 0 0 0 0 0 0 0
##$VisuCoreDataSlope=( 320 )
0.733359805108983 0.733359805108983 0.733359805108983 0.733359805108983 
0.733359805108983 0.733359805108983 0.733359805108983 0.733359805108983 
0.733359805108983 0.733359805108983 0.733359805108983 0.733359805108983 
0.733359805108983 0.733359805108983 0.733359805108983 0.733359805108983 
0.733359805108983 0.733359805108983 0.733359805108983 0.733359805108983 
0.733359805108983 0.733359805108983 0.733359805108983 0.733359805108983 
0.733359805108983 0.733359805108983 0.733359805108983 0.733359805108983 
0.733359805108983 0.733359805108983 0.733359805108983 0.733359805108983 
0.733359805108983 0.733359805108983 0.733359805108983 0.733359805108983 
0.733359805108983 0.733359805108983 0.733359805108983 0.733359805108983 
0.733359805108983 0.733359805108983 0.733359805108983 0.733359805108983 
0.733359805108983 0.733359805108983 0.733359805108983 0.733359805108983 
0.733359805108983 0.733359805108983 0.733359805108983 0.733359805108983 
0.733359805108983 0.733359805108983 0.733359805108983 0.733359805108983 
0.733359805108983 0.733359805108983 0.733359805108983 0.733359805108983 
0.733359805108983 0.733359805108983 0.733359805108983 0.733359805108983 
0.733359805108983 0.733359805108983 0.733359805108983 0.733359805108983 
0.733359805108983 0.733359805108983 0.733359805108983 0.733359805108983 
0.733359805108983 0.733359805108983 0.733359805108983 0.733359805108983 
0.733359805108983 0.733359805108983 0.733359805108983 0.733359805108983 
0.733359805108983 0.733359805108983 0.733359805108983 0.733359805108983 
0.733359805108983 0.733359805108983 0.733359805108983 0.733359805108983 
0.733359805108983 0.733359805108983 0.733359805108983 0.733359805108983 
0.733359805108983 0.733359805108983 0.733359805108983 0.733359805108983 
0.733359805108983 0.733359805108983 0.733359805108983 0.733359805108983 
0.733359805108983 0.733359805108983 0.733359805108983 0.733359805108983 
0.733359805108983 0.733359805108983 0.733359805108983 0.733359805108983 
0.733359805108983 0.733359805108983 0.733359805108983 0.733359805108983 
0.733359805108983 0.733359805108983 0.733359805108983 0.733359805108983 
0.733359805108983 0.733359805108983 0.733359805108983 0.733359805108983 
0.733359805108983 0.733359805108983 0.733359805108983 0.733359805108983 
0.733359805108983 0.733359805108983 0.733359805108983 0.733359805108983 
0.733359805108983 0.733359805108983 0.733359805108983 0.733359805108983 
0.733359805108983 0.733359805108983 0.733359805108983 0.733359805108983 
0.733359805108983 0.733359805108983 0.733359805108983 0.733359805108983 
0.733359805108983 0.733359805108983 0.733359805108983 0.733359805108983 
0.733359805108983 0.733359805108983 0.733359805108983 0.733359805108983 
0.733359805108983 0.733359805108983 0.733359805108983 0.733359805108983 
0.733359805108983 0.733359805108983 0.733359805108983 0.733359805108983 
0.733359805108983 0.733359805108983 0.733359805108983 0.733359805108983 
0.733359805108983 0.733359805108983 0.733359805108983 0.733359805108983 
0.733359805108983 0.733359805108983 0.733359805108983 0.733359805108983 
0.733359805108983 0.733359805108983 0.733359805108983 0.733359805108983 
0.733359805108983 0.733359805108983 0.733359805108983 0.733359805108983 
0.733359805108983 0.733359805108983 0.733359805108983 0.733359805108983 
0.733359805108983 0.733359805108983 0.733359805108983 0.733359805108983 
0.733359805108983 0.733359805108983 0.733359805108983 0.733359805108983 
0.733359805108983 0.733359805108983 0.733359805108983 0.733359805108983 
0.733359805108983 0.733359805108983 0.733359805108983 0.733359805108983 
0.733359805108983 0.733359805108983 0.733359805108983 0.733359805108983 
0.733359805108983 0.733359805108983 0.733359805108983 0.733359805108983 
0.733359805108983 0.733359805108983 0.733359805108983 0.733359805108983 
0.733359805108983 0.733359805108983 0.733359805108983 0.733359805108983 
0.733359805108983 0.733359805108983 0.733359805108983 0.733359805108983 
0.733359805108983 0.733359805108983 0.733359805108983 0.733359805108983 
0.733359805108983 0.733359805108983 0.733359805108983 0.733359805108983 
0.733359805108983 0.733359805108983 0.733359805108983 0.733359805108983 
0.733359805108983 0.733359805108983 0.733359805108983 0.733359805108983 
0.733359805108983 0.733359805108983 0.733359805108983 0.733359805108983 
0.733359805108983 0.733359805108983 0.733359805108983 0.733359805108983 
0.733359805108983 0.733359805108983 0.733359805108983 0.733359805108983 
0.733359805108983 0.733359805108983 0.733359805108983 0.733359805108983 
0.733359805108983 0.733359805108983 0.733359805108983 0.733359805108983 
0.733359805108983 0.733359805108983 0.733359805108983 0.733359805108983 
0.733359805108983 0.733359805108983 0.733359805108983 0.733359805108983 
0.733359805108983 0.733359805108983 0.733359805108983 0.733359805108983 
0.733359805108983 0.733359805108983 0.733359805108983 0.733359805108983 
0.733359805108983 0.733359805108983 0.733359805108983 0.733359805108983 
0.733359805108983 0.733359805108983 0.733359805108983 0.733359805108983 
0.733359805108983 0.733359805108983 0.733359805108983 0.733359805108983 
0.733359805108983 0.733359805108983 0.733359805108983 0.733359805108983 
0.733359805108983 0.733359805108983 0.733359805108983 0.733359805108983 
0.733359805108983 0.733359805108983 0.733359805108983 0.733359805108983 
0.733359805108983 0.733359805108983 0.733359805108983 0.733359805108983 
0.733359805108983 0.733359805108983 0.733359805108983 0.733359805108983 
0.733359805108983 0.733359805108983 0.733359805108983 0.733359805108983 
0.733359805108983 0.733359805108983 0.733359805108983 0.733359805108983 
0.733359805108983 0.733359805108983 0.733359805108983 0.733359805108983 
0.733359805108983 0.733359805108983 0.733359805108983 0.733359805108983 
0.733359805108983 0.733359805108983 0.733359805108983 0.733359805108983
##$VisuCoreFrameType=MAGNITUDE_IMAGE
$$ @vis= VisuCoreDataMax VisuCoreDataOffs VisuCoreDataSlope VisuCoreFrameType
##$VisuCoreWordType=_16BIT_SGN_INT
##$VisuCoreByteOrder=littleEndian
##$VisuFGOrderDescDim=1
$$ @vis= VisuCore VisuCoreWordType VisuCoreByteOrder VisuPixel
##$VisuFGOrderDesc=( 1 )
(320, <FG_CYCLE>, <>, 0, 0)
##$VisuSubjectName=( 65 )
<RMD266>
##$VisuSubjectId=( 65 )
<RMD266>
$$ @vis= VisuFGOrderDescDim VisuFGOrderDesc VisuFrameOrderDesc VisuSubjectName
##$VisuSubjectBirthDate=( 9 )
<>
##$VisuSubjectSex=FEMALE
##$VisuSubjectComment=( 2048 )
<>
$$ @vis= VisuSubjectId VisuSubjectBirthDate VisuSubjectSex VisuSubjectComment
##$VisuStudyUid=( 65 )
<2.16.756.5.5.100.278412266.26954.1406218880.603>
##$VisuStudyDate=( 21 )
<13:21:20 24 Jul 2014>
##$VisuStudyId=( 65 )
<RMD266>
##$VisuStudyNumber=1
##$VisuSubjectWeight=5
$$ @vis= VisuSubject VisuStudyUid VisuStudyDate VisuStudyId VisuStudyNumber
##$VisuStudyReferringPhysician=( 65 )
<>
##$VisuStudyDescription=( 65 )
<>
$$ @vis= VisuSubjectWeight VisuStudyReferringPhysician VisuStudyDescription
##$VisuSeriesNumber=3014657
##$VisuSubjectPosition=Head_Supine
##$VisuSeriesTypeId=( 65 )
<ACQ_USER_PVM>
$$ @vis= VisuStudy VisuSeriesNumber VisuSubjectPosition VisuSeriesTypeId
##$VisuAcqSoftwareVersion=( 65 )
<5.1>
##$VisuInstitution=( 65 )
<Duke University Biospec 70/20>
##$VisuStation=( 65 )
<spect>
$$ @vis= VisuSeries VisuAcqSoftwareVersion VisuInstitution VisuStation
##$VisuAcqDate=( 21 )
<23:26:56 24 Jul 2014>
##$VisuAcqEchoTrainLength=1
##$VisuAcqSequenceName=( 40 )
<rMD_HOT (pvm)>
##$VisuAcqNumberOfAverages=4
$$ @vis= VisuEquipment VisuAcqDate VisuAcqEchoTrainLength VisuAcqSequenceName
##$VisuAcqImagingFrequency=300.339542
##$VisuAcqImagedNucleus=( 8 )
<1H>
##$VisuAcqRepetitionTime=( 1 )
1880
$$ @vis= VisuAcqNumberOfAverages VisuAcqImagingFrequency VisuAcqImagedNucleus
##$VisuAcqFlipAngle=90
##$VisuAcqEchoTime=( 1 )
0
##$VisuAcquisitionProtocol=( 65 )
<RMD_HOT_RBM_RARE_ZQSQ2>
$$ @vis= VisuAcqRepetitionTime VisuAcqFlipAngle VisuAcqEchoTime
##$VisuAcqScanTime=601600
$$ @vis= VisuAcquisitionProtocol VisuAcqScanTime VisuAcquisition Visu
##END=
