##TITLE=Parameter List
##JCAMPDX=4.24
##DATATYPE=Parameter Values
##ORIGIN=Bruker BioSpin MRI GmbH
##OWNER=ryan
$$ Mon Feb  9 18:42:34 2015 EST (UT-5h)  ryan
$$ /opt/PV5.1/data/ryan/nmr/RMD310.u51/56/pdata/1/reco
##$RECO_mode=FT_MODE
##$RecoAutoDerive=Yes
##$RECO_inp_order=NO_REORDERING
##$RECO_inp_size=( 1 )
32
##$RECO_ft_size=( 1 )
32
##$RECO_fov=( 1 )
0
##$RECO_size=( 1 )
32
$$ @vis= RECO_mode RecoAutoDerive RECO_inp_order RECO_ft_size RECO_fov
##$RECO_offset=( 1, 4 )
0 0 0 0
##$RECO_regrid_mode=NO_REGRID
##$RECO_regrid_offset=0
##$RECO_ramp_gap=0
##$RECO_ramp_time=0
##$RECO_ne_mode=NO_NAV_DATA
##$RECO_ne_dist=NeNoInterleave
##$RECO_ne_dens=NeCorrPerScan
##$RECO_ne_type=NAV_PHASE
##$RECO_ne_vals=( 1, 2 )
0 0
##$RECO_bc_mode=( 1 )
AUTO_OFFSET_BC
##$RECO_bc_start=( 1 )
24
##$RECO_bc_len=( 1 )
8
$$ @vis= RECO_size RECO_regrid_mode RECO_ne_mode RECO_bc_mode RECO_bc_start
##$RECO_dc_offset=( 2 )
-33 -156
##$RECO_dc_divisor=8
##$RECO_bc_coroff=( 1 )
0
##$RECO_qopts=( 1 )
CONJ_AND_QNEG
##$RECO_wdw_mode=( 1 )
NO_WDW
##$RECO_lb=( 1 )
-0.5
##$RECO_sw=( 1 )
22001
##$RECO_gb=( 1 )
0.5
##$RECO_sbs=( 1 )
1
##$RECO_tm1=( 1 )
0.25
##$RECO_tm2=( 1 )
0.75
##$RECO_ft_mode=( 1 )
COMPLEX_FFT
##$RECO_pc_mode=( 1 )
NO_PC
##$RECO_pc_lin=( 1 )
(0, 0)
##$RECO_rotate=( 1, 4 )
0 0 0 0
$$ @vis= RECO_bc_len RECO_qopts RECO_wdw_mode RECO_ft_mode RECO_pc_mode
##$RECO_ppc_mode=NO_PPC
##$RECO_ref_image=0
##$RECO_nr_supports=0.4
##$RECO_sig_threshold=0.15
##$RECO_ppc_degree=1
##$RECO_ppc_coeffs=( 4, 1, 2 )
0 0 0 0 0 0 0 0
##$RECO_dc_elim=Yes
##$RECO_transposition=( 4 )
0 0 0 0
##$RECO_image_type=MAGNITUDE_IMAGE
$$ @vis= RECO_rotate RECO_ppc_mode RECO_dc_elim RECO_transposition
##$RECO_image_threshold=0.15
##$RECO_ir_scale=10
##$RECO_wordtype=_16BIT_SGN_INT
##$RECO_map_mode=ABSOLUTE_MAPPING
##$RECO_map_range=( 2 )
-2147483647 2147483647
##$RECO_map_percentile=( 2 )
1 99
##$RECO_map_error=0.25
##$RECO_globex=( 64 )
0 0 0 0 0 0 0 0 0 0 0 0 0 0 0 0 0 0 0 0 0 0 0 0 0 0 0 0 0 0 0 0 0 0 0 0 0 0 0 
0 0 0 0 0 0 0 0 0 0 0 0 0 0 0 0 0 0 0 0 0 0 0 0 0
##$RECO_minima=( 64 )
0 0 0 0 0 0 0 0 0 0 0 0 0 0 0 0 0 0 0 0 0 0 0 0 0 0 0 0 0 0 0 0 0 0 0 0 0 0 0 
0 0 0 0 0 0 0 0 0 0 0 0 0 0 0 0 0 0 0 0 0 0 0 0 0
##$RECO_maxima=( 64 )
64 4812 3945 58 48 3897 3301 57 61 6480 5391 68 101 6891 5852 83 82 6857 6147 
60 179 17905 15716 151 234 20794 17898 199 360 31339 26192 298 345 32766 
26534 280 244 22506 17282 199 190 19616 14131 129 71 7538 5951 60 86 7114 
5797 69 74 6540 5286 59 44 4073 3161 54 62 4720 4081 43
$$ @vis= RECO_image_type RECO_wordtype RECO_map_mode RECO_globex RECO_minima
##$RECO_map_min=( 64 )
-504163 -504163 -504163 -504163 -504163 -504163 -504163 -504163 -504163 
-504163 -504163 -504163 -504163 -504163 -504163 -504163 -504163 -504163 
-504163 -504163 -504163 -504163 -504163 -504163 -504163 -504163 -504163 
-504163 -504163 -504163 -504163 -504163 -504163 -504163 -504163 -504163 
-504163 -504163 -504163 -504163 -504163 -504163 -504163 -504163 -504163 
-504163 -504163 -504163 -504163 -504163 -504163 -504163 -504163 -504163 
-504163 -504163 -504163 -504163 -504163 -504163 -504163 -504163 -504163 
-504163
##$RECO_map_max=( 64 )
504163 504163 504163 504163 504163 504163 504163 504163 504163 504163 504163 
504163 504163 504163 504163 504163 504163 504163 504163 504163 504163 504163 
504163 504163 504163 504163 504163 504163 504163 504163 504163 504163 504163 
504163 504163 504163 504163 504163 504163 504163 504163 504163 504163 504163 
504163 504163 504163 504163 504163 504163 504163 504163 504163 504163 504163 
504163 504163 504163 504163 504163 504163 504163 504163 504163
##$RECO_map_offset=( 64 )
0 0 0 0 0 0 0 0 0 0 0 0 0 0 0 0 0 0 0 0 0 0 0 0 0 0 0 0 0 0 0 0 0 0 0 0 0 0 0 
0 0 0 0 0 0 0 0 0 0 0 0 0 0 0 0 0 0 0 0 0 0 0 0 0
##$RECO_map_slope=( 64 )
0.064992867410183 0.064992867410183 0.064992867410183 0.064992867410183 
0.064992867410183 0.064992867410183 0.064992867410183 0.064992867410183 
0.064992867410183 0.064992867410183 0.064992867410183 0.064992867410183 
0.064992867410183 0.064992867410183 0.064992867410183 0.064992867410183 
0.064992867410183 0.064992867410183 0.064992867410183 0.064992867410183 
0.064992867410183 0.064992867410183 0.064992867410183 0.064992867410183 
0.064992867410183 0.064992867410183 0.064992867410183 0.064992867410183 
0.064992867410183 0.064992867410183 0.064992867410183 0.064992867410183 
0.064992867410183 0.064992867410183 0.064992867410183 0.064992867410183 
0.064992867410183 0.064992867410183 0.064992867410183 0.064992867410183 
0.064992867410183 0.064992867410183 0.064992867410183 0.064992867410183 
0.064992867410183 0.064992867410183 0.064992867410183 0.064992867410183 
0.064992867410183 0.064992867410183 0.064992867410183 0.064992867410183 
0.064992867410183 0.064992867410183 0.064992867410183 0.064992867410183 
0.064992867410183 0.064992867410183 0.064992867410183 0.064992867410183 
0.064992867410183 0.064992867410183 0.064992867410183 0.064992867410183
##$RECO_byte_order=littleEndian
$$ @vis= RECO_maxima RECO_map_min RECO_map_max RECO_map_offset RECO_map_slope
##$RECO_time=( 24 )
<18:26:20  9 Feb 2015>
##$RECO_abs_time=1423524380
##$RECO_base_image_uid=( 65 )
<2.16.756.5.5.100.278412266.8243.1423525354.33>
$$ @vis= RECO_byte_order RECO_time RECO_abs_time RECO_base_image_uid
##$GS_reco_display=Yes
##$GO_reco_display=Yes
##$GO_reco_each_nr=No
$$ @vis= RecoRegridNGroup GS_reco_display RECO_GS GO_reco_display
##$GO_max_reco_mem=0
$$ @vis= GO_reco_each_nr GO_max_reco_mem RECO_GO RECO
##END=
