##TITLE=Parameter List
##JCAMPDX=4.24
##DATATYPE=Parameter Values
##ORIGIN=Bruker BioSpin MRI GmbH
##OWNER=ryan
$$ Tue Aug 12 17:49:58 2014 EDT (UT-4h)  ryan
$$ /opt/PV5.1/data/ryan/nmr/RMD273.rd1/31/pdata/1/reco
##$RECO_mode=FT_MODE
##$RecoAutoDerive=Yes
##$RECO_inp_order=NO_REORDERING
##$RECO_inp_size=( 1 )
32
##$RECO_ft_size=( 1 )
32
##$RECO_fov=( 1 )
0
##$RECO_size=( 1 )
32
$$ @vis= RECO_mode RecoAutoDerive RECO_inp_order RECO_ft_size RECO_fov
##$RECO_offset=( 1, 4 )
0 0 0 0
##$RECO_regrid_mode=NO_REGRID
##$RECO_regrid_offset=0
##$RECO_ramp_gap=0
##$RECO_ramp_time=0
##$RECO_ne_mode=NO_NAV_DATA
##$RECO_ne_dist=NeNoInterleave
##$RECO_ne_dens=NeCorrPerScan
##$RECO_ne_type=NAV_PHASE
##$RECO_ne_vals=( 1, 2 )
0 0
##$RECO_bc_mode=( 1 )
AUTO_OFFSET_BC
##$RECO_bc_start=( 1 )
24
##$RECO_bc_len=( 1 )
8
$$ @vis= RECO_size RECO_regrid_mode RECO_ne_mode RECO_bc_mode RECO_bc_start
##$RECO_dc_offset=( 2 )
-1 -21
##$RECO_dc_divisor=8
##$RECO_bc_coroff=( 1 )
0
##$RECO_qopts=( 1 )
CONJ_AND_QNEG
##$RECO_wdw_mode=( 1 )
NO_WDW
##$RECO_lb=( 1 )
-0.5
##$RECO_sw=( 1 )
22001
##$RECO_gb=( 1 )
0.5
##$RECO_sbs=( 1 )
1
##$RECO_tm1=( 1 )
0.25
##$RECO_tm2=( 1 )
0.75
##$RECO_ft_mode=( 1 )
COMPLEX_FFT
##$RECO_pc_mode=( 1 )
NO_PC
##$RECO_pc_lin=( 1 )
(0, 0)
##$RECO_rotate=( 1, 4 )
0 0 0 0
$$ @vis= RECO_bc_len RECO_qopts RECO_wdw_mode RECO_ft_mode RECO_pc_mode
##$RECO_ppc_mode=NO_PPC
##$RECO_ref_image=0
##$RECO_nr_supports=0.4
##$RECO_sig_threshold=0.15
##$RECO_ppc_degree=1
##$RECO_ppc_coeffs=( 4, 1, 2 )
0 0 0 0 0 0 0 0
##$RECO_dc_elim=Yes
##$RECO_transposition=( 4 )
0 0 0 0
##$RECO_image_type=MAGNITUDE_IMAGE
$$ @vis= RECO_rotate RECO_ppc_mode RECO_dc_elim RECO_transposition
##$RECO_image_threshold=0.15
##$RECO_ir_scale=10
##$RECO_wordtype=_16BIT_SGN_INT
##$RECO_map_mode=ABSOLUTE_MAPPING
##$RECO_map_range=( 2 )
-2147483647 2147483647
##$RECO_map_percentile=( 2 )
1 99
##$RECO_map_error=0.25
##$RECO_globex=( 320 )
0 0 0 0 0 0 0 0 0 0 0 0 0 0 0 0 0 0 0 0 0 0 0 0 0 0 0 0 0 0 0 0 0 0 0 0 0 0 0 
0 0 0 0 0 0 0 0 0 0 0 0 0 0 0 0 0 0 0 0 0 0 0 0 0 0 0 0 0 0 0 0 0 0 0 0 0 0 0 
0 0 0 0 0 0 0 0 0 0 0 0 0 0 0 0 0 0 0 0 0 0 0 0 0 0 0 0 0 0 0 0 0 0 0 0 0 0 0 
0 0 0 0 0 0 0 0 0 0 0 0 0 0 0 0 0 0 0 0 0 0 0 0 0 0 0 0 0 0 0 0 0 0 0 0 0 0 0 
0 0 0 0 0 0 0 0 0 0 0 0 0 0 0 0 0 0 0 0 0 0 0 0 0 0 0 0 0 0 0 0 0 0 0 0 0 0 0 
0 0 0 0 0 0 0 0 0 0 0 0 0 0 0 0 0 0 0 0 0 0 0 0 0 0 0 0 0 0 0 0 0 0 0 0 0 0 0 
0 0 0 0 0 0 0 0 0 0 0 0 0 0 0 0 0 0 0 0 0 0 0 0 0 0 0 0 0 0 0 0 0 0 0 0 0 0 0 
0 0 0 0 0 0 0 0 0 0 0 0 0 0 0 0 0 0 0 0 0 0 0 0 0 0 0 0 0 0 0 0 0 0 0 0 0 0 0 
0 0 0 0 0 0 0 0
##$RECO_minima=( 320 )
0 0 0 0 0 0 0 0 0 0 0 0 0 0 0 0 0 0 0 0 0 0 0 0 0 0 0 0 0 0 0 0 0 0 0 0 0 0 0 
0 0 0 0 0 0 0 0 0 0 0 0 0 0 0 0 0 0 0 0 0 0 0 0 0 0 0 0 0 0 0 0 0 0 0 0 0 0 0 
0 0 0 0 0 0 0 0 0 0 0 0 0 0 0 0 0 0 0 0 0 0 0 0 0 0 0 0 0 0 0 0 0 0 0 0 0 0 0 
0 0 0 0 0 0 0 0 0 0 0 0 0 0 0 0 0 0 0 0 0 0 0 0 0 0 0 0 0 0 0 0 0 0 0 0 0 0 0 
0 0 0 0 0 0 0 0 0 0 0 0 0 0 0 0 0 0 0 0 0 0 0 0 0 0 0 0 0 0 0 0 0 0 0 0 0 0 0 
0 0 0 0 0 0 0 0 0 0 0 0 0 0 0 0 0 0 0 0 0 0 0 0 0 0 0 0 0 0 0 0 0 0 0 0 0 0 0 
0 0 0 0 0 0 0 0 0 0 0 0 0 0 0 0 0 0 0 0 0 0 0 0 0 0 0 0 0 0 0 0 0 0 0 0 0 0 0 
0 0 0 0 0 0 0 0 0 0 0 0 0 0 0 0 0 0 0 0 0 0 0 0 0 0 0 0 0 0 0 0 0 0 0 0 0 0 0 
0 0 0 0 0 0 0 0
##$RECO_maxima=( 320 )
173 5509 9118 113 147 6761 12377 190 128 7662 12998 214 224 10369 15302 137 
159 13978 15916 193 166 16698 19959 214 188 19807 19822 243 292 30264 27155 
316 306 30873 28735 330 164 21399 19268 202 202 21805 17614 263 188 18677 
14413 214 181 15819 11043 140 195 13072 7944 154 132 12447 7022 222 157 9152 
5768 188 157 5422 9140 132 181 6785 12225 164 173 7746 12976 147 222 10362 
15217 154 169 14130 16167 169 147 17326 20607 217 258 19925 19778 173 301 
29757 26759 285 343 32767 30419 330 195 21737 19623 200 176 21962 17759 164 
132 18831 14319 152 164 16230 11196 159 144 13208 7910 159 193 12357 6845 222 
123 9060 5647 164 159 5497 9123 224 123 6645 12167 217 193 7761 13210 159 132 
10423 15442 212 161 14017 15961 195 195 17529 20633 236 260 19988 19809 272 
340 30030 26969 268 429 32733 30358 400 231 21189 18843 202 176 21363 17102 
222 176 18565 14239 169 176 16123 11208 144 190 12995 7744 169 149 12401 6942 
142 132 9014 5732 152 142 5398 8927 166 142 6705 12328 140 169 7746 13234 132 
118 10442 15430 161 132 14073 15947 171 181 16701 19674 195 200 20162 20186 
181 304 29725 26752 316 352 31805 29486 282 260 21418 19165 195 173 21906 
17474 161 185 18693 14302 154 181 15633 10807 173 176 13191 7894 164 190 
12353 6988 147 152 9024 5579 142 130 5430 8956 169 190 6466 11918 149 132 
7608 12804 123 149 10469 15184 157 149 14176 16102 178 183 17447 20483 169 
142 19529 19556 282 289 29832 26783 270 333 31981 29592 338 217 21549 19493 
171 181 22073 17998 154 149 18148 13621 227 132 16273 11179 123 123 13041 
7968 154 161 12442 7034 147 166 8947 5463 248
$$ @vis= RECO_image_type RECO_wordtype RECO_map_mode RECO_globex RECO_minima
##$RECO_map_min=( 320 )
-13565 -13565 -13565 -13565 -13565 -13565 -13565 -13565 -13565 -13565 -13565 
-13565 -13565 -13565 -13565 -13565 -13565 -13565 -13565 -13565 -13565 -13565 
-13565 -13565 -13565 -13565 -13565 -13565 -13565 -13565 -13565 -13565 -13565 
-13565 -13565 -13565 -13565 -13565 -13565 -13565 -13565 -13565 -13565 -13565 
-13565 -13565 -13565 -13565 -13565 -13565 -13565 -13565 -13565 -13565 -13565 
-13565 -13565 -13565 -13565 -13565 -13565 -13565 -13565 -13565 -13565 -13565 
-13565 -13565 -13565 -13565 -13565 -13565 -13565 -13565 -13565 -13565 -13565 
-13565 -13565 -13565 -13565 -13565 -13565 -13565 -13565 -13565 -13565 -13565 
-13565 -13565 -13565 -13565 -13565 -13565 -13565 -13565 -13565 -13565 -13565 
-13565 -13565 -13565 -13565 -13565 -13565 -13565 -13565 -13565 -13565 -13565 
-13565 -13565 -13565 -13565 -13565 -13565 -13565 -13565 -13565 -13565 -13565 
-13565 -13565 -13565 -13565 -13565 -13565 -13565 -13565 -13565 -13565 -13565 
-13565 -13565 -13565 -13565 -13565 -13565 -13565 -13565 -13565 -13565 -13565 
-13565 -13565 -13565 -13565 -13565 -13565 -13565 -13565 -13565 -13565 -13565 
-13565 -13565 -13565 -13565 -13565 -13565 -13565 -13565 -13565 -13565 -13565 
-13565 -13565 -13565 -13565 -13565 -13565 -13565 -13565 -13565 -13565 -13565 
-13565 -13565 -13565 -13565 -13565 -13565 -13565 -13565 -13565 -13565 -13565 
-13565 -13565 -13565 -13565 -13565 -13565 -13565 -13565 -13565 -13565 -13565 
-13565 -13565 -13565 -13565 -13565 -13565 -13565 -13565 -13565 -13565 -13565 
-13565 -13565 -13565 -13565 -13565 -13565 -13565 -13565 -13565 -13565 -13565 
-13565 -13565 -13565 -13565 -13565 -13565 -13565 -13565 -13565 -13565 -13565 
-13565 -13565 -13565 -13565 -13565 -13565 -13565 -13565 -13565 -13565 -13565 
-13565 -13565 -13565 -13565 -13565 -13565 -13565 -13565 -13565 -13565 -13565 
-13565 -13565 -13565 -13565 -13565 -13565 -13565 -13565 -13565 -13565 -13565 
-13565 -13565 -13565 -13565 -13565 -13565 -13565 -13565 -13565 -13565 -13565 
-13565 -13565 -13565 -13565 -13565 -13565 -13565 -13565 -13565 -13565 -13565 
-13565 -13565 -13565 -13565 -13565 -13565 -13565 -13565 -13565 -13565 -13565 
-13565 -13565 -13565 -13565 -13565 -13565 -13565 -13565 -13565 -13565 -13565 
-13565 -13565 -13565 -13565 -13565 -13565 -13565 -13565 -13565 -13565 -13565 
-13565
##$RECO_map_max=( 320 )
13565 13565 13565 13565 13565 13565 13565 13565 13565 13565 13565 13565 13565 
13565 13565 13565 13565 13565 13565 13565 13565 13565 13565 13565 13565 13565 
13565 13565 13565 13565 13565 13565 13565 13565 13565 13565 13565 13565 13565 
13565 13565 13565 13565 13565 13565 13565 13565 13565 13565 13565 13565 13565 
13565 13565 13565 13565 13565 13565 13565 13565 13565 13565 13565 13565 13565 
13565 13565 13565 13565 13565 13565 13565 13565 13565 13565 13565 13565 13565 
13565 13565 13565 13565 13565 13565 13565 13565 13565 13565 13565 13565 13565 
13565 13565 13565 13565 13565 13565 13565 13565 13565 13565 13565 13565 13565 
13565 13565 13565 13565 13565 13565 13565 13565 13565 13565 13565 13565 13565 
13565 13565 13565 13565 13565 13565 13565 13565 13565 13565 13565 13565 13565 
13565 13565 13565 13565 13565 13565 13565 13565 13565 13565 13565 13565 13565 
13565 13565 13565 13565 13565 13565 13565 13565 13565 13565 13565 13565 13565 
13565 13565 13565 13565 13565 13565 13565 13565 13565 13565 13565 13565 13565 
13565 13565 13565 13565 13565 13565 13565 13565 13565 13565 13565 13565 13565 
13565 13565 13565 13565 13565 13565 13565 13565 13565 13565 13565 13565 13565 
13565 13565 13565 13565 13565 13565 13565 13565 13565 13565 13565 13565 13565 
13565 13565 13565 13565 13565 13565 13565 13565 13565 13565 13565 13565 13565 
13565 13565 13565 13565 13565 13565 13565 13565 13565 13565 13565 13565 13565 
13565 13565 13565 13565 13565 13565 13565 13565 13565 13565 13565 13565 13565 
13565 13565 13565 13565 13565 13565 13565 13565 13565 13565 13565 13565 13565 
13565 13565 13565 13565 13565 13565 13565 13565 13565 13565 13565 13565 13565 
13565 13565 13565 13565 13565 13565 13565 13565 13565 13565 13565 13565 13565 
13565 13565 13565 13565 13565 13565 13565 13565 13565 13565 13565 13565 13565 
13565 13565 13565 13565 13565 13565 13565 13565 13565 13565 13565 13565 13565 
13565 13565 13565 13565 13565 13565 13565 13565
##$RECO_map_offset=( 320 )
0 0 0 0 0 0 0 0 0 0 0 0 0 0 0 0 0 0 0 0 0 0 0 0 0 0 0 0 0 0 0 0 0 0 0 0 0 0 0 
0 0 0 0 0 0 0 0 0 0 0 0 0 0 0 0 0 0 0 0 0 0 0 0 0 0 0 0 0 0 0 0 0 0 0 0 0 0 0 
0 0 0 0 0 0 0 0 0 0 0 0 0 0 0 0 0 0 0 0 0 0 0 0 0 0 0 0 0 0 0 0 0 0 0 0 0 0 0 
0 0 0 0 0 0 0 0 0 0 0 0 0 0 0 0 0 0 0 0 0 0 0 0 0 0 0 0 0 0 0 0 0 0 0 0 0 0 0 
0 0 0 0 0 0 0 0 0 0 0 0 0 0 0 0 0 0 0 0 0 0 0 0 0 0 0 0 0 0 0 0 0 0 0 0 0 0 0 
0 0 0 0 0 0 0 0 0 0 0 0 0 0 0 0 0 0 0 0 0 0 0 0 0 0 0 0 0 0 0 0 0 0 0 0 0 0 0 
0 0 0 0 0 0 0 0 0 0 0 0 0 0 0 0 0 0 0 0 0 0 0 0 0 0 0 0 0 0 0 0 0 0 0 0 0 0 0 
0 0 0 0 0 0 0 0 0 0 0 0 0 0 0 0 0 0 0 0 0 0 0 0 0 0 0 0 0 0 0 0 0 0 0 0 0 0 0 
0 0 0 0 0 0 0 0
##$RECO_map_slope=( 320 )
2.4155547618866 2.4155547618866 2.4155547618866 2.4155547618866 
2.4155547618866 2.4155547618866 2.4155547618866 2.4155547618866 
2.4155547618866 2.4155547618866 2.4155547618866 2.4155547618866 
2.4155547618866 2.4155547618866 2.4155547618866 2.4155547618866 
2.4155547618866 2.4155547618866 2.4155547618866 2.4155547618866 
2.4155547618866 2.4155547618866 2.4155547618866 2.4155547618866 
2.4155547618866 2.4155547618866 2.4155547618866 2.4155547618866 
2.4155547618866 2.4155547618866 2.4155547618866 2.4155547618866 
2.4155547618866 2.4155547618866 2.4155547618866 2.4155547618866 
2.4155547618866 2.4155547618866 2.4155547618866 2.4155547618866 
2.4155547618866 2.4155547618866 2.4155547618866 2.4155547618866 
2.4155547618866 2.4155547618866 2.4155547618866 2.4155547618866 
2.4155547618866 2.4155547618866 2.4155547618866 2.4155547618866 
2.4155547618866 2.4155547618866 2.4155547618866 2.4155547618866 
2.4155547618866 2.4155547618866 2.4155547618866 2.4155547618866 
2.4155547618866 2.4155547618866 2.4155547618866 2.4155547618866 
2.4155547618866 2.4155547618866 2.4155547618866 2.4155547618866 
2.4155547618866 2.4155547618866 2.4155547618866 2.4155547618866 
2.4155547618866 2.4155547618866 2.4155547618866 2.4155547618866 
2.4155547618866 2.4155547618866 2.4155547618866 2.4155547618866 
2.4155547618866 2.4155547618866 2.4155547618866 2.4155547618866 
2.4155547618866 2.4155547618866 2.4155547618866 2.4155547618866 
2.4155547618866 2.4155547618866 2.4155547618866 2.4155547618866 
2.4155547618866 2.4155547618866 2.4155547618866 2.4155547618866 
2.4155547618866 2.4155547618866 2.4155547618866 2.4155547618866 
2.4155547618866 2.4155547618866 2.4155547618866 2.4155547618866 
2.4155547618866 2.4155547618866 2.4155547618866 2.4155547618866 
2.4155547618866 2.4155547618866 2.4155547618866 2.4155547618866 
2.4155547618866 2.4155547618866 2.4155547618866 2.4155547618866 
2.4155547618866 2.4155547618866 2.4155547618866 2.4155547618866 
2.4155547618866 2.4155547618866 2.4155547618866 2.4155547618866 
2.4155547618866 2.4155547618866 2.4155547618866 2.4155547618866 
2.4155547618866 2.4155547618866 2.4155547618866 2.4155547618866 
2.4155547618866 2.4155547618866 2.4155547618866 2.4155547618866 
2.4155547618866 2.4155547618866 2.4155547618866 2.4155547618866 
2.4155547618866 2.4155547618866 2.4155547618866 2.4155547618866 
2.4155547618866 2.4155547618866 2.4155547618866 2.4155547618866 
2.4155547618866 2.4155547618866 2.4155547618866 2.4155547618866 
2.4155547618866 2.4155547618866 2.4155547618866 2.4155547618866 
2.4155547618866 2.4155547618866 2.4155547618866 2.4155547618866 
2.4155547618866 2.4155547618866 2.4155547618866 2.4155547618866 
2.4155547618866 2.4155547618866 2.4155547618866 2.4155547618866 
2.4155547618866 2.4155547618866 2.4155547618866 2.4155547618866 
2.4155547618866 2.4155547618866 2.4155547618866 2.4155547618866 
2.4155547618866 2.4155547618866 2.4155547618866 2.4155547618866 
2.4155547618866 2.4155547618866 2.4155547618866 2.4155547618866 
2.4155547618866 2.4155547618866 2.4155547618866 2.4155547618866 
2.4155547618866 2.4155547618866 2.4155547618866 2.4155547618866 
2.4155547618866 2.4155547618866 2.4155547618866 2.4155547618866 
2.4155547618866 2.4155547618866 2.4155547618866 2.4155547618866 
2.4155547618866 2.4155547618866 2.4155547618866 2.4155547618866 
2.4155547618866 2.4155547618866 2.4155547618866 2.4155547618866 
2.4155547618866 2.4155547618866 2.4155547618866 2.4155547618866 
2.4155547618866 2.4155547618866 2.4155547618866 2.4155547618866 
2.4155547618866 2.4155547618866 2.4155547618866 2.4155547618866 
2.4155547618866 2.4155547618866 2.4155547618866 2.4155547618866 
2.4155547618866 2.4155547618866 2.4155547618866 2.4155547618866 
2.4155547618866 2.4155547618866 2.4155547618866 2.4155547618866 
2.4155547618866 2.4155547618866 2.4155547618866 2.4155547618866 
2.4155547618866 2.4155547618866 2.4155547618866 2.4155547618866 
2.4155547618866 2.4155547618866 2.4155547618866 2.4155547618866 
2.4155547618866 2.4155547618866 2.4155547618866 2.4155547618866 
2.4155547618866 2.4155547618866 2.4155547618866 2.4155547618866 
2.4155547618866 2.4155547618866 2.4155547618866 2.4155547618866 
2.4155547618866 2.4155547618866 2.4155547618866 2.4155547618866 
2.4155547618866 2.4155547618866 2.4155547618866 2.4155547618866 
2.4155547618866 2.4155547618866 2.4155547618866 2.4155547618866 
2.4155547618866 2.4155547618866 2.4155547618866 2.4155547618866 
2.4155547618866 2.4155547618866 2.4155547618866 2.4155547618866 
2.4155547618866 2.4155547618866 2.4155547618866 2.4155547618866 
2.4155547618866 2.4155547618866 2.4155547618866 2.4155547618866 
2.4155547618866 2.4155547618866 2.4155547618866 2.4155547618866 
2.4155547618866 2.4155547618866 2.4155547618866 2.4155547618866 
2.4155547618866 2.4155547618866 2.4155547618866 2.4155547618866 
2.4155547618866 2.4155547618866 2.4155547618866 2.4155547618866 
2.4155547618866 2.4155547618866 2.4155547618866 2.4155547618866 
2.4155547618866 2.4155547618866 2.4155547618866 2.4155547618866 
2.4155547618866 2.4155547618866 2.4155547618866 2.4155547618866 
2.4155547618866 2.4155547618866 2.4155547618866 2.4155547618866 
2.4155547618866 2.4155547618866 2.4155547618866 2.4155547618866
##$RECO_byte_order=littleEndian
$$ @vis= RECO_maxima RECO_map_min RECO_map_max RECO_map_offset RECO_map_slope
##$RECO_time=( 24 )
<17:39:48 12 Aug 2014>
##$RECO_abs_time=1407879588
##$RECO_base_image_uid=( 65 )
<2.16.756.5.5.100.278412266.29758.1407880198.1040>
$$ @vis= RECO_byte_order RECO_time RECO_abs_time RECO_base_image_uid
##$GS_reco_display=Yes
##$GO_reco_display=Yes
##$GO_reco_each_nr=No
$$ @vis= RecoRegridNGroup GS_reco_display RECO_GS GO_reco_display
##$GO_max_reco_mem=0
$$ @vis= GO_reco_each_nr GO_max_reco_mem RECO_GO RECO
##END=
