##TITLE=Parameter List
##JCAMPDX=4.24
##DATATYPE=Parameter Values
##ORIGIN=Bruker BioSpin MRI GmbH
##OWNER=ryan
$$ Thu Aug  7 15:46:08 2014 EDT (UT-4h)  ryan
$$ /opt/PV5.1/data/ryan/nmr/RMD272.r81/24/pdata/1/reco
##$RECO_mode=FT_MODE
##$RecoAutoDerive=Yes
##$RECO_inp_order=NO_REORDERING
##$RECO_inp_size=( 1 )
32
##$RECO_ft_size=( 1 )
32
##$RECO_fov=( 1 )
0
##$RECO_size=( 1 )
32
$$ @vis= RECO_mode RecoAutoDerive RECO_inp_order RECO_ft_size RECO_fov
##$RECO_offset=( 1, 2 )
0 0
##$RECO_regrid_mode=NO_REGRID
##$RECO_regrid_offset=0
##$RECO_ramp_gap=0
##$RECO_ramp_time=0
##$RECO_ne_mode=NO_NAV_DATA
##$RECO_ne_dist=NeNoInterleave
##$RECO_ne_dens=NeCorrPerScan
##$RECO_ne_type=NAV_PHASE
##$RECO_ne_vals=( 1, 2 )
0 0
##$RECO_bc_mode=( 1 )
AUTO_OFFSET_BC
##$RECO_bc_start=( 1 )
24
##$RECO_bc_len=( 1 )
8
$$ @vis= RECO_size RECO_regrid_mode RECO_ne_mode RECO_bc_mode RECO_bc_start
##$RECO_dc_offset=( 2 )
242 1392
##$RECO_dc_divisor=8
##$RECO_bc_coroff=( 1 )
0
##$RECO_qopts=( 1 )
CONJ_AND_QNEG
##$RECO_wdw_mode=( 1 )
NO_WDW
##$RECO_lb=( 1 )
-0.5
##$RECO_sw=( 1 )
22001
##$RECO_gb=( 1 )
0.5
##$RECO_sbs=( 1 )
1
##$RECO_tm1=( 1 )
0.25
##$RECO_tm2=( 1 )
0.75
##$RECO_ft_mode=( 1 )
COMPLEX_FFT
##$RECO_pc_mode=( 1 )
NO_PC
##$RECO_pc_lin=( 1 )
(0, 0)
##$RECO_rotate=( 1, 2 )
0 0
$$ @vis= RECO_bc_len RECO_qopts RECO_wdw_mode RECO_ft_mode RECO_pc_mode
##$RECO_ppc_mode=NO_PPC
##$RECO_ref_image=0
##$RECO_nr_supports=0.4
##$RECO_sig_threshold=0.15
##$RECO_ppc_degree=1
##$RECO_ppc_coeffs=( 2, 1, 2 )
0 0 0 0
##$RECO_dc_elim=Yes
##$RECO_transposition=( 2 )
0 0
##$RECO_image_type=MAGNITUDE_IMAGE
$$ @vis= RECO_rotate RECO_ppc_mode RECO_dc_elim RECO_transposition
##$RECO_image_threshold=0.15
##$RECO_ir_scale=10
##$RECO_wordtype=_16BIT_SGN_INT
##$RECO_map_mode=ABSOLUTE_MAPPING
##$RECO_map_range=( 2 )
-2147483647 2147483647
##$RECO_map_percentile=( 2 )
1 99
##$RECO_map_error=0.25
##$RECO_globex=( 160 )
0 0 0 0 0 0 0 0 0 0 0 0 0 0 0 0 0 0 0 0 0 0 0 0 0 0 0 0 0 0 0 0 0 0 0 0 0 0 0 
0 0 0 0 0 0 0 0 0 0 0 0 0 0 0 0 0 0 0 0 0 0 0 0 0 0 0 0 0 0 0 0 0 0 0 0 0 0 0 
0 0 0 0 0 0 0 0 0 0 0 0 0 0 0 0 0 0 0 0 0 0 0 0 0 0 0 0 0 0 0 0 0 0 0 0 0 0 0 
0 0 0 0 0 0 0 0 0 0 0 0 0 0 0 0 0 0 0 0 0 0 0 0 0 0 0 0 0 0 0 0 0 0 0 0 0 0 0 
0 0 0 0
##$RECO_minima=( 160 )
0 0 0 0 0 0 0 0 0 0 0 0 0 0 0 0 0 0 0 0 0 0 0 0 0 0 0 0 0 0 0 0 0 0 0 0 0 0 0 
0 0 0 0 0 0 0 0 0 0 0 0 0 0 0 0 0 0 0 0 0 0 0 0 0 0 0 0 0 0 0 0 0 0 0 0 0 0 0 
0 0 0 0 0 0 0 0 0 0 0 0 0 0 0 0 0 0 0 0 0 0 0 0 0 0 0 0 0 0 0 0 0 0 0 0 0 0 0 
0 0 0 0 0 0 0 0 0 0 0 0 0 0 0 0 0 0 0 0 0 0 0 0 0 0 0 0 0 0 0 0 0 0 0 0 0 0 0 
0 0 0 0
##$RECO_maxima=( 160 )
3517 108 4379 106 5585 106 6605 82 5635 106 8160 94 20423 127 32559 198 32688 
199 19922 114 10290 87 8163 102 6598 84 6334 64 5035 94 4427 103 3560 83 4363 
132 5585 77 6572 115 5649 93 8188 86 20517 154 32616 210 32767 189 19956 93 
10255 110 8088 115 6557 78 6378 91 5009 105 4443 100 3570 105 4373 96 5610 73 
6542 98 5593 102 8188 114 20335 153 32625 217 32692 197 19854 103 10286 90 
8203 68 6522 98 6383 106 5036 126 4352 88 3613 93 4338 107 5563 93 6583 110 
5635 134 8122 100 20382 140 32671 175 32702 249 19897 128 10312 97 8151 91 
6538 109 6341 81 5021 96 4413 98 3520 102 4379 97 5534 113 6599 127 5655 108 
8097 99 20183 132 32576 203 32622 199 19990 105 10284 122 8127 94 6543 106 
6374 99 5069 86 4357 83
$$ @vis= RECO_image_type RECO_wordtype RECO_map_mode RECO_globex RECO_minima
##$RECO_map_min=( 160 )
-118153 -118153 -118153 -118153 -118153 -118153 -118153 -118153 -118153 
-118153 -118153 -118153 -118153 -118153 -118153 -118153 -118153 -118153 
-118153 -118153 -118153 -118153 -118153 -118153 -118153 -118153 -118153 
-118153 -118153 -118153 -118153 -118153 -118153 -118153 -118153 -118153 
-118153 -118153 -118153 -118153 -118153 -118153 -118153 -118153 -118153 
-118153 -118153 -118153 -118153 -118153 -118153 -118153 -118153 -118153 
-118153 -118153 -118153 -118153 -118153 -118153 -118153 -118153 -118153 
-118153 -118153 -118153 -118153 -118153 -118153 -118153 -118153 -118153 
-118153 -118153 -118153 -118153 -118153 -118153 -118153 -118153 -118153 
-118153 -118153 -118153 -118153 -118153 -118153 -118153 -118153 -118153 
-118153 -118153 -118153 -118153 -118153 -118153 -118153 -118153 -118153 
-118153 -118153 -118153 -118153 -118153 -118153 -118153 -118153 -118153 
-118153 -118153 -118153 -118153 -118153 -118153 -118153 -118153 -118153 
-118153 -118153 -118153 -118153 -118153 -118153 -118153 -118153 -118153 
-118153 -118153 -118153 -118153 -118153 -118153 -118153 -118153 -118153 
-118153 -118153 -118153 -118153 -118153 -118153 -118153 -118153 -118153 
-118153 -118153 -118153 -118153 -118153 -118153 -118153 -118153 -118153 
-118153 -118153 -118153 -118153 -118153 -118153 -118153
##$RECO_map_max=( 160 )
118153 118153 118153 118153 118153 118153 118153 118153 118153 118153 118153 
118153 118153 118153 118153 118153 118153 118153 118153 118153 118153 118153 
118153 118153 118153 118153 118153 118153 118153 118153 118153 118153 118153 
118153 118153 118153 118153 118153 118153 118153 118153 118153 118153 118153 
118153 118153 118153 118153 118153 118153 118153 118153 118153 118153 118153 
118153 118153 118153 118153 118153 118153 118153 118153 118153 118153 118153 
118153 118153 118153 118153 118153 118153 118153 118153 118153 118153 118153 
118153 118153 118153 118153 118153 118153 118153 118153 118153 118153 118153 
118153 118153 118153 118153 118153 118153 118153 118153 118153 118153 118153 
118153 118153 118153 118153 118153 118153 118153 118153 118153 118153 118153 
118153 118153 118153 118153 118153 118153 118153 118153 118153 118153 118153 
118153 118153 118153 118153 118153 118153 118153 118153 118153 118153 118153 
118153 118153 118153 118153 118153 118153 118153 118153 118153 118153 118153 
118153 118153 118153 118153 118153 118153 118153 118153 118153 118153 118153 
118153 118153 118153 118153 118153 118153
##$RECO_map_offset=( 160 )
0 0 0 0 0 0 0 0 0 0 0 0 0 0 0 0 0 0 0 0 0 0 0 0 0 0 0 0 0 0 0 0 0 0 0 0 0 0 0 
0 0 0 0 0 0 0 0 0 0 0 0 0 0 0 0 0 0 0 0 0 0 0 0 0 0 0 0 0 0 0 0 0 0 0 0 0 0 0 
0 0 0 0 0 0 0 0 0 0 0 0 0 0 0 0 0 0 0 0 0 0 0 0 0 0 0 0 0 0 0 0 0 0 0 0 0 0 0 
0 0 0 0 0 0 0 0 0 0 0 0 0 0 0 0 0 0 0 0 0 0 0 0 0 0 0 0 0 0 0 0 0 0 0 0 0 0 0 
0 0 0 0
##$RECO_map_slope=( 160 )
0.277326852083206 0.277326852083206 0.277326852083206 0.277326852083206 
0.277326852083206 0.277326852083206 0.277326852083206 0.277326852083206 
0.277326852083206 0.277326852083206 0.277326852083206 0.277326852083206 
0.277326852083206 0.277326852083206 0.277326852083206 0.277326852083206 
0.277326852083206 0.277326852083206 0.277326852083206 0.277326852083206 
0.277326852083206 0.277326852083206 0.277326852083206 0.277326852083206 
0.277326852083206 0.277326852083206 0.277326852083206 0.277326852083206 
0.277326852083206 0.277326852083206 0.277326852083206 0.277326852083206 
0.277326852083206 0.277326852083206 0.277326852083206 0.277326852083206 
0.277326852083206 0.277326852083206 0.277326852083206 0.277326852083206 
0.277326852083206 0.277326852083206 0.277326852083206 0.277326852083206 
0.277326852083206 0.277326852083206 0.277326852083206 0.277326852083206 
0.277326852083206 0.277326852083206 0.277326852083206 0.277326852083206 
0.277326852083206 0.277326852083206 0.277326852083206 0.277326852083206 
0.277326852083206 0.277326852083206 0.277326852083206 0.277326852083206 
0.277326852083206 0.277326852083206 0.277326852083206 0.277326852083206 
0.277326852083206 0.277326852083206 0.277326852083206 0.277326852083206 
0.277326852083206 0.277326852083206 0.277326852083206 0.277326852083206 
0.277326852083206 0.277326852083206 0.277326852083206 0.277326852083206 
0.277326852083206 0.277326852083206 0.277326852083206 0.277326852083206 
0.277326852083206 0.277326852083206 0.277326852083206 0.277326852083206 
0.277326852083206 0.277326852083206 0.277326852083206 0.277326852083206 
0.277326852083206 0.277326852083206 0.277326852083206 0.277326852083206 
0.277326852083206 0.277326852083206 0.277326852083206 0.277326852083206 
0.277326852083206 0.277326852083206 0.277326852083206 0.277326852083206 
0.277326852083206 0.277326852083206 0.277326852083206 0.277326852083206 
0.277326852083206 0.277326852083206 0.277326852083206 0.277326852083206 
0.277326852083206 0.277326852083206 0.277326852083206 0.277326852083206 
0.277326852083206 0.277326852083206 0.277326852083206 0.277326852083206 
0.277326852083206 0.277326852083206 0.277326852083206 0.277326852083206 
0.277326852083206 0.277326852083206 0.277326852083206 0.277326852083206 
0.277326852083206 0.277326852083206 0.277326852083206 0.277326852083206 
0.277326852083206 0.277326852083206 0.277326852083206 0.277326852083206 
0.277326852083206 0.277326852083206 0.277326852083206 0.277326852083206 
0.277326852083206 0.277326852083206 0.277326852083206 0.277326852083206 
0.277326852083206 0.277326852083206 0.277326852083206 0.277326852083206 
0.277326852083206 0.277326852083206 0.277326852083206 0.277326852083206 
0.277326852083206 0.277326852083206 0.277326852083206 0.277326852083206 
0.277326852083206 0.277326852083206 0.277326852083206 0.277326852083206 
0.277326852083206 0.277326852083206 0.277326852083206 0.277326852083206
##$RECO_byte_order=littleEndian
$$ @vis= RECO_maxima RECO_map_min RECO_map_max RECO_map_offset RECO_map_slope
##$RECO_time=( 24 )
<15:35:59  7 Aug 2014>
##$RECO_abs_time=1407440159
##$RECO_base_image_uid=( 65 )
<2.16.756.5.5.100.278412266.22167.1407440768.320>
$$ @vis= RECO_byte_order RECO_time RECO_abs_time RECO_base_image_uid
##$GS_reco_display=Yes
##$GO_reco_display=Yes
##$GO_reco_each_nr=No
$$ @vis= RecoRegridNGroup GS_reco_display RECO_GS GO_reco_display
##$GO_max_reco_mem=0
$$ @vis= GO_reco_each_nr GO_max_reco_mem RECO_GO RECO
##END=
