##TITLE=Parameter List
##JCAMPDX=4.24
##DATATYPE=Parameter Values
##ORIGIN=Bruker BioSpin MRI GmbH
##OWNER=ryan
$$ Thu Aug  7 15:46:08 2014 EDT (UT-4h)  ryan
$$ /opt/PV5.1/data/ryan/nmr/RMD272.r81/24/pdata/1/visu_pars
##$VisuVersion=1
##$VisuUid=( 65 )
<2.16.756.5.5.100.278412266.22167.1407440768.320>
##$VisuCreator=( 65 )
<ParaVision>
##$VisuCreatorVersion=( 65 )
<5.1>
##$VisuCreationDate=( 21 )
<15:35:59  7 Aug 2014>
$$ @vis= VisuVersion VisuUid VisuCreator VisuCreatorVersion VisuCreationDate
##$VisuCoreFrameCount=160
##$VisuCoreDim=1
##$VisuCoreSize=( 1 )
32
##$VisuCoreDimDesc=( 1 )
spectroscopic
$$ @vis= VisuInstance VisuCoreFrameCount VisuCoreDim VisuCoreSize
##$VisuCoreExtent=( 1 )
73.2537534535215
##$VisuCoreUnits=( 1, 65 )
<ppm>
##$VisuCoreDataMin=( 160 )
0 0 0 0 0 0 0 0 0 0 0 0 0 0 0 0 0 0 0 0 0 0 0 0 0 0 0 0 0 0 0 0 0 0 0 0 0 0 0 
0 0 0 0 0 0 0 0 0 0 0 0 0 0 0 0 0 0 0 0 0 0 0 0 0 0 0 0 0 0 0 0 0 0 0 0 0 0 0 
0 0 0 0 0 0 0 0 0 0 0 0 0 0 0 0 0 0 0 0 0 0 0 0 0 0 0 0 0 0 0 0 0 0 0 0 0 0 0 
0 0 0 0 0 0 0 0 0 0 0 0 0 0 0 0 0 0 0 0 0 0 0 0 0 0 0 0 0 0 0 0 0 0 0 0 0 0 0 
0 0 0 0
##$VisuCoreDataMax=( 160 )
3517 108 4379 106 5585 106 6605 82 5635 106 8160 94 20423 127 32559 198 32688 
199 19922 114 10290 87 8163 102 6598 84 6334 64 5035 94 4427 103 3560 83 4363 
132 5585 77 6572 115 5649 93 8188 86 20517 154 32616 210 32767 189 19956 93 
10255 110 8088 115 6557 78 6378 91 5009 105 4443 100 3570 105 4373 96 5610 73 
6542 98 5593 102 8188 114 20335 153 32625 217 32692 197 19854 103 10286 90 
8203 68 6522 98 6383 106 5036 126 4352 88 3613 93 4338 107 5563 93 6583 110 
5635 134 8122 100 20382 140 32671 175 32702 249 19897 128 10312 97 8151 91 
6538 109 6341 81 5021 96 4413 98 3520 102 4379 97 5534 113 6599 127 5655 108 
8097 99 20183 132 32576 203 32622 199 19990 105 10284 122 8127 94 6543 106 
6374 99 5069 86 4357 83
$$ @vis= VisuCoreDimDesc VisuCoreExtent VisuCoreUnits VisuCoreDataMin
##$VisuCoreDataOffs=( 160 )
0 0 0 0 0 0 0 0 0 0 0 0 0 0 0 0 0 0 0 0 0 0 0 0 0 0 0 0 0 0 0 0 0 0 0 0 0 0 0 
0 0 0 0 0 0 0 0 0 0 0 0 0 0 0 0 0 0 0 0 0 0 0 0 0 0 0 0 0 0 0 0 0 0 0 0 0 0 0 
0 0 0 0 0 0 0 0 0 0 0 0 0 0 0 0 0 0 0 0 0 0 0 0 0 0 0 0 0 0 0 0 0 0 0 0 0 0 0 
0 0 0 0 0 0 0 0 0 0 0 0 0 0 0 0 0 0 0 0 0 0 0 0 0 0 0 0 0 0 0 0 0 0 0 0 0 0 0 
0 0 0 0
##$VisuCoreDataSlope=( 160 )
3.6058534991771 3.6058534991771 3.6058534991771 3.6058534991771 
3.6058534991771 3.6058534991771 3.6058534991771 3.6058534991771 
3.6058534991771 3.6058534991771 3.6058534991771 3.6058534991771 
3.6058534991771 3.6058534991771 3.6058534991771 3.6058534991771 
3.6058534991771 3.6058534991771 3.6058534991771 3.6058534991771 
3.6058534991771 3.6058534991771 3.6058534991771 3.6058534991771 
3.6058534991771 3.6058534991771 3.6058534991771 3.6058534991771 
3.6058534991771 3.6058534991771 3.6058534991771 3.6058534991771 
3.6058534991771 3.6058534991771 3.6058534991771 3.6058534991771 
3.6058534991771 3.6058534991771 3.6058534991771 3.6058534991771 
3.6058534991771 3.6058534991771 3.6058534991771 3.6058534991771 
3.6058534991771 3.6058534991771 3.6058534991771 3.6058534991771 
3.6058534991771 3.6058534991771 3.6058534991771 3.6058534991771 
3.6058534991771 3.6058534991771 3.6058534991771 3.6058534991771 
3.6058534991771 3.6058534991771 3.6058534991771 3.6058534991771 
3.6058534991771 3.6058534991771 3.6058534991771 3.6058534991771 
3.6058534991771 3.6058534991771 3.6058534991771 3.6058534991771 
3.6058534991771 3.6058534991771 3.6058534991771 3.6058534991771 
3.6058534991771 3.6058534991771 3.6058534991771 3.6058534991771 
3.6058534991771 3.6058534991771 3.6058534991771 3.6058534991771 
3.6058534991771 3.6058534991771 3.6058534991771 3.6058534991771 
3.6058534991771 3.6058534991771 3.6058534991771 3.6058534991771 
3.6058534991771 3.6058534991771 3.6058534991771 3.6058534991771 
3.6058534991771 3.6058534991771 3.6058534991771 3.6058534991771 
3.6058534991771 3.6058534991771 3.6058534991771 3.6058534991771 
3.6058534991771 3.6058534991771 3.6058534991771 3.6058534991771 
3.6058534991771 3.6058534991771 3.6058534991771 3.6058534991771 
3.6058534991771 3.6058534991771 3.6058534991771 3.6058534991771 
3.6058534991771 3.6058534991771 3.6058534991771 3.6058534991771 
3.6058534991771 3.6058534991771 3.6058534991771 3.6058534991771 
3.6058534991771 3.6058534991771 3.6058534991771 3.6058534991771 
3.6058534991771 3.6058534991771 3.6058534991771 3.6058534991771 
3.6058534991771 3.6058534991771 3.6058534991771 3.6058534991771 
3.6058534991771 3.6058534991771 3.6058534991771 3.6058534991771 
3.6058534991771 3.6058534991771 3.6058534991771 3.6058534991771 
3.6058534991771 3.6058534991771 3.6058534991771 3.6058534991771 
3.6058534991771 3.6058534991771 3.6058534991771 3.6058534991771 
3.6058534991771 3.6058534991771 3.6058534991771 3.6058534991771 
3.6058534991771 3.6058534991771 3.6058534991771 3.6058534991771 
3.6058534991771 3.6058534991771 3.6058534991771 3.6058534991771
##$VisuCoreFrameType=MAGNITUDE_IMAGE
$$ @vis= VisuCoreDataMax VisuCoreDataOffs VisuCoreDataSlope VisuCoreFrameType
##$VisuCoreWordType=_16BIT_SGN_INT
##$VisuCoreByteOrder=littleEndian
##$VisuFGOrderDescDim=1
$$ @vis= VisuCore VisuCoreWordType VisuCoreByteOrder VisuPixel
##$VisuFGOrderDesc=( 1 )
(160, <FG_CYCLE>, <>, 0, 0)
##$VisuSubjectName=( 65 )
<RMD272>
##$VisuSubjectId=( 65 )
<RMD272>
$$ @vis= VisuFGOrderDescDim VisuFGOrderDesc VisuFrameOrderDesc VisuSubjectName
##$VisuSubjectBirthDate=( 9 )
<>
##$VisuSubjectSex=FEMALE
##$VisuSubjectComment=( 2048 )
<>
$$ @vis= VisuSubjectId VisuSubjectBirthDate VisuSubjectSex VisuSubjectComment
##$VisuStudyUid=( 65 )
<2.16.756.5.5.100.278412266.15942.1407429006.129>
##$VisuStudyDate=( 21 )
<13:30:06  7 Aug 2014>
##$VisuStudyId=( 65 )
<RMD272>
##$VisuStudyNumber=1
##$VisuSubjectWeight=5
$$ @vis= VisuSubject VisuStudyUid VisuStudyDate VisuStudyId VisuStudyNumber
##$VisuStudyReferringPhysician=( 65 )
<>
##$VisuStudyDescription=( 65 )
<>
$$ @vis= VisuSubjectWeight VisuStudyReferringPhysician VisuStudyDescription
##$VisuSeriesNumber=1572865
##$VisuSubjectPosition=Head_Supine
##$VisuSeriesTypeId=( 65 )
<ACQ_USER_PVM>
$$ @vis= VisuStudy VisuSeriesNumber VisuSubjectPosition VisuSeriesTypeId
##$VisuAcqSoftwareVersion=( 65 )
<5.1>
##$VisuInstitution=( 65 )
<Duke University Biospec 70/20>
##$VisuStation=( 65 )
<spect>
$$ @vis= VisuSeries VisuAcqSoftwareVersion VisuInstitution VisuStation
##$VisuAcqDate=( 21 )
<15:35:59  7 Aug 2014>
##$VisuAcqEchoTrainLength=1
##$VisuAcqSequenceName=( 40 )
<rMD_HOT (pvm)>
##$VisuAcqNumberOfAverages=4
$$ @vis= VisuEquipment VisuAcqDate VisuAcqEchoTrainLength VisuAcqSequenceName
##$VisuAcqImagingFrequency=300.3395589
##$VisuAcqImagedNucleus=( 8 )
<1H>
##$VisuAcqRepetitionTime=( 1 )
1880
$$ @vis= VisuAcqNumberOfAverages VisuAcqImagingFrequency VisuAcqImagedNucleus
##$VisuAcqFlipAngle=90
##$VisuAcqEchoTime=( 1 )
0
##$VisuAcquisitionProtocol=( 65 )
<RMD_HOT_RBM_RARE_ZQSQ2>
$$ @vis= VisuAcqRepetitionTime VisuAcqFlipAngle VisuAcqEchoTime
##$VisuAcqScanTime=601600
$$ @vis= VisuAcquisitionProtocol VisuAcqScanTime VisuAcquisition Visu
##END=
