##TITLE=Parameter List
##JCAMPDX=4.24
##DATATYPE=Parameter Values
##ORIGIN=Bruker BioSpin MRI GmbH
##OWNER=ryan
$$ Thu Aug  7 22:02:49 2014 EDT (UT-4h)  ryan
$$ /opt/PV5.1/data/ryan/nmr/RMD272.r81/41/pdata/1/reco
##$RECO_mode=FT_MODE
##$RecoAutoDerive=Yes
##$RECO_inp_order=NO_REORDERING
##$RECO_inp_size=( 1 )
32
##$RECO_ft_size=( 1 )
32
##$RECO_fov=( 1 )
0
##$RECO_size=( 1 )
32
$$ @vis= RECO_mode RecoAutoDerive RECO_inp_order RECO_ft_size RECO_fov
##$RECO_offset=( 1, 4 )
0 0 0 0
##$RECO_regrid_mode=NO_REGRID
##$RECO_regrid_offset=0
##$RECO_ramp_gap=0
##$RECO_ramp_time=0
##$RECO_ne_mode=NO_NAV_DATA
##$RECO_ne_dist=NeNoInterleave
##$RECO_ne_dens=NeCorrPerScan
##$RECO_ne_type=NAV_PHASE
##$RECO_ne_vals=( 1, 2 )
0 0
##$RECO_bc_mode=( 1 )
AUTO_OFFSET_BC
##$RECO_bc_start=( 1 )
24
##$RECO_bc_len=( 1 )
8
$$ @vis= RECO_size RECO_regrid_mode RECO_ne_mode RECO_bc_mode RECO_bc_start
##$RECO_dc_offset=( 2 )
14 -12
##$RECO_dc_divisor=8
##$RECO_bc_coroff=( 1 )
0
##$RECO_qopts=( 1 )
CONJ_AND_QNEG
##$RECO_wdw_mode=( 1 )
NO_WDW
##$RECO_lb=( 1 )
-0.5
##$RECO_sw=( 1 )
22001
##$RECO_gb=( 1 )
0.5
##$RECO_sbs=( 1 )
1
##$RECO_tm1=( 1 )
0.25
##$RECO_tm2=( 1 )
0.75
##$RECO_ft_mode=( 1 )
COMPLEX_FFT
##$RECO_pc_mode=( 1 )
NO_PC
##$RECO_pc_lin=( 1 )
(0, 0)
##$RECO_rotate=( 1, 4 )
0 0 0 0
$$ @vis= RECO_bc_len RECO_qopts RECO_wdw_mode RECO_ft_mode RECO_pc_mode
##$RECO_ppc_mode=NO_PPC
##$RECO_ref_image=0
##$RECO_nr_supports=0.4
##$RECO_sig_threshold=0.15
##$RECO_ppc_degree=1
##$RECO_ppc_coeffs=( 4, 1, 2 )
0 0 0 0 0 0 0 0
##$RECO_dc_elim=Yes
##$RECO_transposition=( 4 )
0 0 0 0
##$RECO_image_type=MAGNITUDE_IMAGE
$$ @vis= RECO_rotate RECO_ppc_mode RECO_dc_elim RECO_transposition
##$RECO_image_threshold=0.15
##$RECO_ir_scale=10
##$RECO_wordtype=_16BIT_SGN_INT
##$RECO_map_mode=ABSOLUTE_MAPPING
##$RECO_map_range=( 2 )
-2147483647 2147483647
##$RECO_map_percentile=( 2 )
1 99
##$RECO_map_error=0.25
##$RECO_globex=( 320 )
0 0 0 0 0 0 0 0 0 0 0 0 0 0 0 0 0 0 0 0 0 0 0 0 0 0 0 0 0 0 0 0 0 0 0 0 0 0 0 
0 0 0 0 0 0 0 0 0 0 0 0 0 0 0 0 0 0 0 0 0 0 0 0 0 0 0 0 0 0 0 0 0 0 0 0 0 0 0 
0 0 0 0 0 0 0 0 0 0 0 0 0 0 0 0 0 0 0 0 0 0 0 0 0 0 0 0 0 0 0 0 0 0 0 0 0 0 0 
0 0 0 0 0 0 0 0 0 0 0 0 0 0 0 0 0 0 0 0 0 0 0 0 0 0 0 0 0 0 0 0 0 0 0 0 0 0 0 
0 0 0 0 0 0 0 0 0 0 0 0 0 0 0 0 0 0 0 0 0 0 0 0 0 0 0 0 0 0 0 0 0 0 0 0 0 0 0 
0 0 0 0 0 0 0 0 0 0 0 0 0 0 0 0 0 0 0 0 0 0 0 0 0 0 0 0 0 0 0 0 0 0 0 0 0 0 0 
0 0 0 0 0 0 0 0 0 0 0 0 0 0 0 0 0 0 0 0 0 0 0 0 0 0 0 0 0 0 0 0 0 0 0 0 0 0 0 
0 0 0 0 0 0 0 0 0 0 0 0 0 0 0 0 0 0 0 0 0 0 0 0 0 0 0 0 0 0 0 0 0 0 0 0 0 0 0 
0 0 0 0 0 0 0 0
##$RECO_minima=( 320 )
0 0 0 0 0 0 0 0 0 0 0 0 0 0 0 0 0 0 0 0 0 0 0 0 0 0 0 0 0 0 0 0 0 0 0 0 0 0 0 
0 0 0 0 0 0 0 0 0 0 0 0 0 0 0 0 0 0 0 0 0 0 0 0 0 0 0 0 0 0 0 0 0 0 0 0 0 0 0 
0 0 0 0 0 0 0 0 0 0 0 0 0 0 0 0 0 0 0 0 0 0 0 0 0 0 0 0 0 0 0 0 0 0 0 0 0 0 0 
0 0 0 0 0 0 0 0 0 0 0 0 0 0 0 0 0 0 0 0 0 0 0 0 0 0 0 0 0 0 0 0 0 0 0 0 0 0 0 
0 0 0 0 0 0 0 0 0 0 0 0 0 0 0 0 0 0 0 0 0 0 0 0 0 0 0 0 0 0 0 0 0 0 0 0 0 0 0 
0 0 0 0 0 0 0 0 0 0 0 0 0 0 0 0 0 0 0 0 0 0 0 0 0 0 0 0 0 0 0 0 0 0 0 0 0 0 0 
0 0 0 0 0 0 0 0 0 0 0 0 0 0 0 0 0 0 0 0 0 0 0 0 0 0 0 0 0 0 0 0 0 0 0 0 0 0 0 
0 0 0 0 0 0 0 0 0 0 0 0 0 0 0 0 0 0 0 0 0 0 0 0 0 0 0 0 0 0 0 0 0 0 0 0 0 0 0 
0 0 0 0 0 0 0 0
##$RECO_maxima=( 320 )
188 8162 13457 174 169 9085 14446 202 216 11299 15704 188 190 12455 17685 188 
181 10176 16818 151 179 19806 20462 225 167 11425 13402 174 218 29222 24788 
144 213 32576 24220 276 155 14281 10746 148 148 22839 17911 176 162 18874 
10137 167 239 17811 11809 127 186 16927 11123 213 232 15067 8651 183 155 
14299 8316 204 216 8571 14257 248 127 9090 14288 218 237 11288 15746 199 141 
12539 17567 195 190 10264 16906 186 172 19932 20469 237 155 11227 13283 248 
174 29118 24725 186 190 32585 24090 230 176 14225 10667 186 190 22783 17776 
144 183 18695 10092 176 206 17795 11995 193 172 17013 11048 220 193 14843 
8734 193 148 14285 8234 151 132 8681 14006 225 183 9076 14106 190 202 11169 
15327 160 253 12332 17216 204 211 9920 16202 216 213 19506 19706 172 193 
11490 13039 183 193 29087 24753 193 165 32718 24127 148 186 14095 10778 202 
265 22220 17409 211 179 17909 9423 148 158 17125 11751 227 183 16555 10939 
174 169 14523 8667 197 209 13946 8095 137 209 8769 13911 202 225 9234 13734 
179 183 11006 15009 197 186 12304 17034 169 186 9713 16174 162 155 19222 
19592 193 199 11571 12913 195 134 29290 24976 167 186 32767 24271 169 227 
14157 10732 195 158 21906 17109 158 172 17888 9374 276 181 17113 11778 172 
176 16469 10683 169 160 14453 8683 172 237 14016 8099 183 179 8546 13769 197 
211 9125 13732 211 169 10969 15011 165 227 12132 16906 165 188 9753 15941 190 
197 19239 19557 158 160 11483 12646 232 195 29394 24953 190 165 32667 24304 
218 174 14285 10532 195 172 21790 16876 141 193 17871 9232 272 193 17036 
11446 211 167 16209 10674 213 153 14385 8606 167 132 13967 8165 169
$$ @vis= RECO_image_type RECO_wordtype RECO_map_mode RECO_globex RECO_minima
##$RECO_map_min=( 320 )
-14090 -14090 -14090 -14090 -14090 -14090 -14090 -14090 -14090 -14090 -14090 
-14090 -14090 -14090 -14090 -14090 -14090 -14090 -14090 -14090 -14090 -14090 
-14090 -14090 -14090 -14090 -14090 -14090 -14090 -14090 -14090 -14090 -14090 
-14090 -14090 -14090 -14090 -14090 -14090 -14090 -14090 -14090 -14090 -14090 
-14090 -14090 -14090 -14090 -14090 -14090 -14090 -14090 -14090 -14090 -14090 
-14090 -14090 -14090 -14090 -14090 -14090 -14090 -14090 -14090 -14090 -14090 
-14090 -14090 -14090 -14090 -14090 -14090 -14090 -14090 -14090 -14090 -14090 
-14090 -14090 -14090 -14090 -14090 -14090 -14090 -14090 -14090 -14090 -14090 
-14090 -14090 -14090 -14090 -14090 -14090 -14090 -14090 -14090 -14090 -14090 
-14090 -14090 -14090 -14090 -14090 -14090 -14090 -14090 -14090 -14090 -14090 
-14090 -14090 -14090 -14090 -14090 -14090 -14090 -14090 -14090 -14090 -14090 
-14090 -14090 -14090 -14090 -14090 -14090 -14090 -14090 -14090 -14090 -14090 
-14090 -14090 -14090 -14090 -14090 -14090 -14090 -14090 -14090 -14090 -14090 
-14090 -14090 -14090 -14090 -14090 -14090 -14090 -14090 -14090 -14090 -14090 
-14090 -14090 -14090 -14090 -14090 -14090 -14090 -14090 -14090 -14090 -14090 
-14090 -14090 -14090 -14090 -14090 -14090 -14090 -14090 -14090 -14090 -14090 
-14090 -14090 -14090 -14090 -14090 -14090 -14090 -14090 -14090 -14090 -14090 
-14090 -14090 -14090 -14090 -14090 -14090 -14090 -14090 -14090 -14090 -14090 
-14090 -14090 -14090 -14090 -14090 -14090 -14090 -14090 -14090 -14090 -14090 
-14090 -14090 -14090 -14090 -14090 -14090 -14090 -14090 -14090 -14090 -14090 
-14090 -14090 -14090 -14090 -14090 -14090 -14090 -14090 -14090 -14090 -14090 
-14090 -14090 -14090 -14090 -14090 -14090 -14090 -14090 -14090 -14090 -14090 
-14090 -14090 -14090 -14090 -14090 -14090 -14090 -14090 -14090 -14090 -14090 
-14090 -14090 -14090 -14090 -14090 -14090 -14090 -14090 -14090 -14090 -14090 
-14090 -14090 -14090 -14090 -14090 -14090 -14090 -14090 -14090 -14090 -14090 
-14090 -14090 -14090 -14090 -14090 -14090 -14090 -14090 -14090 -14090 -14090 
-14090 -14090 -14090 -14090 -14090 -14090 -14090 -14090 -14090 -14090 -14090 
-14090 -14090 -14090 -14090 -14090 -14090 -14090 -14090 -14090 -14090 -14090 
-14090 -14090 -14090 -14090 -14090 -14090 -14090 -14090 -14090 -14090 -14090 
-14090
##$RECO_map_max=( 320 )
14090 14090 14090 14090 14090 14090 14090 14090 14090 14090 14090 14090 14090 
14090 14090 14090 14090 14090 14090 14090 14090 14090 14090 14090 14090 14090 
14090 14090 14090 14090 14090 14090 14090 14090 14090 14090 14090 14090 14090 
14090 14090 14090 14090 14090 14090 14090 14090 14090 14090 14090 14090 14090 
14090 14090 14090 14090 14090 14090 14090 14090 14090 14090 14090 14090 14090 
14090 14090 14090 14090 14090 14090 14090 14090 14090 14090 14090 14090 14090 
14090 14090 14090 14090 14090 14090 14090 14090 14090 14090 14090 14090 14090 
14090 14090 14090 14090 14090 14090 14090 14090 14090 14090 14090 14090 14090 
14090 14090 14090 14090 14090 14090 14090 14090 14090 14090 14090 14090 14090 
14090 14090 14090 14090 14090 14090 14090 14090 14090 14090 14090 14090 14090 
14090 14090 14090 14090 14090 14090 14090 14090 14090 14090 14090 14090 14090 
14090 14090 14090 14090 14090 14090 14090 14090 14090 14090 14090 14090 14090 
14090 14090 14090 14090 14090 14090 14090 14090 14090 14090 14090 14090 14090 
14090 14090 14090 14090 14090 14090 14090 14090 14090 14090 14090 14090 14090 
14090 14090 14090 14090 14090 14090 14090 14090 14090 14090 14090 14090 14090 
14090 14090 14090 14090 14090 14090 14090 14090 14090 14090 14090 14090 14090 
14090 14090 14090 14090 14090 14090 14090 14090 14090 14090 14090 14090 14090 
14090 14090 14090 14090 14090 14090 14090 14090 14090 14090 14090 14090 14090 
14090 14090 14090 14090 14090 14090 14090 14090 14090 14090 14090 14090 14090 
14090 14090 14090 14090 14090 14090 14090 14090 14090 14090 14090 14090 14090 
14090 14090 14090 14090 14090 14090 14090 14090 14090 14090 14090 14090 14090 
14090 14090 14090 14090 14090 14090 14090 14090 14090 14090 14090 14090 14090 
14090 14090 14090 14090 14090 14090 14090 14090 14090 14090 14090 14090 14090 
14090 14090 14090 14090 14090 14090 14090 14090 14090 14090 14090 14090 14090 
14090 14090 14090 14090 14090 14090 14090 14090
##$RECO_map_offset=( 320 )
0 0 0 0 0 0 0 0 0 0 0 0 0 0 0 0 0 0 0 0 0 0 0 0 0 0 0 0 0 0 0 0 0 0 0 0 0 0 0 
0 0 0 0 0 0 0 0 0 0 0 0 0 0 0 0 0 0 0 0 0 0 0 0 0 0 0 0 0 0 0 0 0 0 0 0 0 0 0 
0 0 0 0 0 0 0 0 0 0 0 0 0 0 0 0 0 0 0 0 0 0 0 0 0 0 0 0 0 0 0 0 0 0 0 0 0 0 0 
0 0 0 0 0 0 0 0 0 0 0 0 0 0 0 0 0 0 0 0 0 0 0 0 0 0 0 0 0 0 0 0 0 0 0 0 0 0 0 
0 0 0 0 0 0 0 0 0 0 0 0 0 0 0 0 0 0 0 0 0 0 0 0 0 0 0 0 0 0 0 0 0 0 0 0 0 0 0 
0 0 0 0 0 0 0 0 0 0 0 0 0 0 0 0 0 0 0 0 0 0 0 0 0 0 0 0 0 0 0 0 0 0 0 0 0 0 0 
0 0 0 0 0 0 0 0 0 0 0 0 0 0 0 0 0 0 0 0 0 0 0 0 0 0 0 0 0 0 0 0 0 0 0 0 0 0 0 
0 0 0 0 0 0 0 0 0 0 0 0 0 0 0 0 0 0 0 0 0 0 0 0 0 0 0 0 0 0 0 0 0 0 0 0 0 0 0 
0 0 0 0 0 0 0 0
##$RECO_map_slope=( 320 )
2.3255500793457 2.3255500793457 2.3255500793457 2.3255500793457 
2.3255500793457 2.3255500793457 2.3255500793457 2.3255500793457 
2.3255500793457 2.3255500793457 2.3255500793457 2.3255500793457 
2.3255500793457 2.3255500793457 2.3255500793457 2.3255500793457 
2.3255500793457 2.3255500793457 2.3255500793457 2.3255500793457 
2.3255500793457 2.3255500793457 2.3255500793457 2.3255500793457 
2.3255500793457 2.3255500793457 2.3255500793457 2.3255500793457 
2.3255500793457 2.3255500793457 2.3255500793457 2.3255500793457 
2.3255500793457 2.3255500793457 2.3255500793457 2.3255500793457 
2.3255500793457 2.3255500793457 2.3255500793457 2.3255500793457 
2.3255500793457 2.3255500793457 2.3255500793457 2.3255500793457 
2.3255500793457 2.3255500793457 2.3255500793457 2.3255500793457 
2.3255500793457 2.3255500793457 2.3255500793457 2.3255500793457 
2.3255500793457 2.3255500793457 2.3255500793457 2.3255500793457 
2.3255500793457 2.3255500793457 2.3255500793457 2.3255500793457 
2.3255500793457 2.3255500793457 2.3255500793457 2.3255500793457 
2.3255500793457 2.3255500793457 2.3255500793457 2.3255500793457 
2.3255500793457 2.3255500793457 2.3255500793457 2.3255500793457 
2.3255500793457 2.3255500793457 2.3255500793457 2.3255500793457 
2.3255500793457 2.3255500793457 2.3255500793457 2.3255500793457 
2.3255500793457 2.3255500793457 2.3255500793457 2.3255500793457 
2.3255500793457 2.3255500793457 2.3255500793457 2.3255500793457 
2.3255500793457 2.3255500793457 2.3255500793457 2.3255500793457 
2.3255500793457 2.3255500793457 2.3255500793457 2.3255500793457 
2.3255500793457 2.3255500793457 2.3255500793457 2.3255500793457 
2.3255500793457 2.3255500793457 2.3255500793457 2.3255500793457 
2.3255500793457 2.3255500793457 2.3255500793457 2.3255500793457 
2.3255500793457 2.3255500793457 2.3255500793457 2.3255500793457 
2.3255500793457 2.3255500793457 2.3255500793457 2.3255500793457 
2.3255500793457 2.3255500793457 2.3255500793457 2.3255500793457 
2.3255500793457 2.3255500793457 2.3255500793457 2.3255500793457 
2.3255500793457 2.3255500793457 2.3255500793457 2.3255500793457 
2.3255500793457 2.3255500793457 2.3255500793457 2.3255500793457 
2.3255500793457 2.3255500793457 2.3255500793457 2.3255500793457 
2.3255500793457 2.3255500793457 2.3255500793457 2.3255500793457 
2.3255500793457 2.3255500793457 2.3255500793457 2.3255500793457 
2.3255500793457 2.3255500793457 2.3255500793457 2.3255500793457 
2.3255500793457 2.3255500793457 2.3255500793457 2.3255500793457 
2.3255500793457 2.3255500793457 2.3255500793457 2.3255500793457 
2.3255500793457 2.3255500793457 2.3255500793457 2.3255500793457 
2.3255500793457 2.3255500793457 2.3255500793457 2.3255500793457 
2.3255500793457 2.3255500793457 2.3255500793457 2.3255500793457 
2.3255500793457 2.3255500793457 2.3255500793457 2.3255500793457 
2.3255500793457 2.3255500793457 2.3255500793457 2.3255500793457 
2.3255500793457 2.3255500793457 2.3255500793457 2.3255500793457 
2.3255500793457 2.3255500793457 2.3255500793457 2.3255500793457 
2.3255500793457 2.3255500793457 2.3255500793457 2.3255500793457 
2.3255500793457 2.3255500793457 2.3255500793457 2.3255500793457 
2.3255500793457 2.3255500793457 2.3255500793457 2.3255500793457 
2.3255500793457 2.3255500793457 2.3255500793457 2.3255500793457 
2.3255500793457 2.3255500793457 2.3255500793457 2.3255500793457 
2.3255500793457 2.3255500793457 2.3255500793457 2.3255500793457 
2.3255500793457 2.3255500793457 2.3255500793457 2.3255500793457 
2.3255500793457 2.3255500793457 2.3255500793457 2.3255500793457 
2.3255500793457 2.3255500793457 2.3255500793457 2.3255500793457 
2.3255500793457 2.3255500793457 2.3255500793457 2.3255500793457 
2.3255500793457 2.3255500793457 2.3255500793457 2.3255500793457 
2.3255500793457 2.3255500793457 2.3255500793457 2.3255500793457 
2.3255500793457 2.3255500793457 2.3255500793457 2.3255500793457 
2.3255500793457 2.3255500793457 2.3255500793457 2.3255500793457 
2.3255500793457 2.3255500793457 2.3255500793457 2.3255500793457 
2.3255500793457 2.3255500793457 2.3255500793457 2.3255500793457 
2.3255500793457 2.3255500793457 2.3255500793457 2.3255500793457 
2.3255500793457 2.3255500793457 2.3255500793457 2.3255500793457 
2.3255500793457 2.3255500793457 2.3255500793457 2.3255500793457 
2.3255500793457 2.3255500793457 2.3255500793457 2.3255500793457 
2.3255500793457 2.3255500793457 2.3255500793457 2.3255500793457 
2.3255500793457 2.3255500793457 2.3255500793457 2.3255500793457 
2.3255500793457 2.3255500793457 2.3255500793457 2.3255500793457 
2.3255500793457 2.3255500793457 2.3255500793457 2.3255500793457 
2.3255500793457 2.3255500793457 2.3255500793457 2.3255500793457 
2.3255500793457 2.3255500793457 2.3255500793457 2.3255500793457 
2.3255500793457 2.3255500793457 2.3255500793457 2.3255500793457 
2.3255500793457 2.3255500793457 2.3255500793457 2.3255500793457 
2.3255500793457 2.3255500793457 2.3255500793457 2.3255500793457 
2.3255500793457 2.3255500793457 2.3255500793457 2.3255500793457 
2.3255500793457 2.3255500793457 2.3255500793457 2.3255500793457 
2.3255500793457 2.3255500793457 2.3255500793457 2.3255500793457 
2.3255500793457 2.3255500793457 2.3255500793457 2.3255500793457 
2.3255500793457 2.3255500793457 2.3255500793457 2.3255500793457
##$RECO_byte_order=littleEndian
$$ @vis= RECO_maxima RECO_map_min RECO_map_max RECO_map_offset RECO_map_slope
##$RECO_time=( 24 )
<21:52:39  7 Aug 2014>
##$RECO_abs_time=1407462759
##$RECO_base_image_uid=( 65 )
<2.16.756.5.5.100.278412266.32363.1407463369.320>
$$ @vis= RECO_byte_order RECO_time RECO_abs_time RECO_base_image_uid
##$GS_reco_display=Yes
##$GO_reco_display=Yes
##$GO_reco_each_nr=No
$$ @vis= RecoRegridNGroup GS_reco_display RECO_GS GO_reco_display
##$GO_max_reco_mem=0
$$ @vis= GO_reco_each_nr GO_max_reco_mem RECO_GO RECO
##END=
