##TITLE=Parameter List
##JCAMPDX=4.24
##DATATYPE=Parameter Values
##ORIGIN=Bruker BioSpin MRI GmbH
##OWNER=ryan
$$ Tue Aug 12 17:39:35 2014 EDT (UT-4h)  ryan
$$ /opt/PV5.1/data/ryan/nmr/RMD273.rd1/30/pdata/1/reco
##$RECO_mode=FT_MODE
##$RecoAutoDerive=Yes
##$RECO_inp_order=NO_REORDERING
##$RECO_inp_size=( 1 )
32
##$RECO_ft_size=( 1 )
32
##$RECO_fov=( 1 )
0
##$RECO_size=( 1 )
32
$$ @vis= RECO_mode RecoAutoDerive RECO_inp_order RECO_ft_size RECO_fov
##$RECO_offset=( 1, 4 )
0 0 0 0
##$RECO_regrid_mode=NO_REGRID
##$RECO_regrid_offset=0
##$RECO_ramp_gap=0
##$RECO_ramp_time=0
##$RECO_ne_mode=NO_NAV_DATA
##$RECO_ne_dist=NeNoInterleave
##$RECO_ne_dens=NeCorrPerScan
##$RECO_ne_type=NAV_PHASE
##$RECO_ne_vals=( 1, 2 )
0 0
##$RECO_bc_mode=( 1 )
AUTO_OFFSET_BC
##$RECO_bc_start=( 1 )
24
##$RECO_bc_len=( 1 )
8
$$ @vis= RECO_size RECO_regrid_mode RECO_ne_mode RECO_bc_mode RECO_bc_start
##$RECO_dc_offset=( 2 )
13 4
##$RECO_dc_divisor=8
##$RECO_bc_coroff=( 1 )
0
##$RECO_qopts=( 1 )
CONJ_AND_QNEG
##$RECO_wdw_mode=( 1 )
NO_WDW
##$RECO_lb=( 1 )
-0.5
##$RECO_sw=( 1 )
22001
##$RECO_gb=( 1 )
0.5
##$RECO_sbs=( 1 )
1
##$RECO_tm1=( 1 )
0.25
##$RECO_tm2=( 1 )
0.75
##$RECO_ft_mode=( 1 )
COMPLEX_FFT
##$RECO_pc_mode=( 1 )
NO_PC
##$RECO_pc_lin=( 1 )
(0, 0)
##$RECO_rotate=( 1, 4 )
0 0 0 0
$$ @vis= RECO_bc_len RECO_qopts RECO_wdw_mode RECO_ft_mode RECO_pc_mode
##$RECO_ppc_mode=NO_PPC
##$RECO_ref_image=0
##$RECO_nr_supports=0.4
##$RECO_sig_threshold=0.15
##$RECO_ppc_degree=1
##$RECO_ppc_coeffs=( 4, 1, 2 )
0 0 0 0 0 0 0 0
##$RECO_dc_elim=Yes
##$RECO_transposition=( 4 )
0 0 0 0
##$RECO_image_type=MAGNITUDE_IMAGE
$$ @vis= RECO_rotate RECO_ppc_mode RECO_dc_elim RECO_transposition
##$RECO_image_threshold=0.15
##$RECO_ir_scale=10
##$RECO_wordtype=_16BIT_SGN_INT
##$RECO_map_mode=ABSOLUTE_MAPPING
##$RECO_map_range=( 2 )
-2147483647 2147483647
##$RECO_map_percentile=( 2 )
1 99
##$RECO_map_error=0.25
##$RECO_globex=( 320 )
0 0 0 0 0 0 0 0 0 0 0 0 0 0 0 0 0 0 0 0 0 0 0 0 0 0 0 0 0 0 0 0 0 0 0 0 0 0 0 
0 0 0 0 0 0 0 0 0 0 0 0 0 0 0 0 0 0 0 0 0 0 0 0 0 0 0 0 0 0 0 0 0 0 0 0 0 0 0 
0 0 0 0 0 0 0 0 0 0 0 0 0 0 0 0 0 0 0 0 0 0 0 0 0 0 0 0 0 0 0 0 0 0 0 0 0 0 0 
0 0 0 0 0 0 0 0 0 0 0 0 0 0 0 0 0 0 0 0 0 0 0 0 0 0 0 0 0 0 0 0 0 0 0 0 0 0 0 
0 0 0 0 0 0 0 0 0 0 0 0 0 0 0 0 0 0 0 0 0 0 0 0 0 0 0 0 0 0 0 0 0 0 0 0 0 0 0 
0 0 0 0 0 0 0 0 0 0 0 0 0 0 0 0 0 0 0 0 0 0 0 0 0 0 0 0 0 0 0 0 0 0 0 0 0 0 0 
0 0 0 0 0 0 0 0 0 0 0 0 0 0 0 0 0 0 0 0 0 0 0 0 0 0 0 0 0 0 0 0 0 0 0 0 0 0 0 
0 0 0 0 0 0 0 0 0 0 0 0 0 0 0 0 0 0 0 0 0 0 0 0 0 0 0 0 0 0 0 0 0 0 0 0 0 0 0 
0 0 0 0 0 0 0 0
##$RECO_minima=( 320 )
0 0 0 0 0 0 0 0 0 0 0 0 0 0 0 0 0 0 0 0 0 0 0 0 0 0 0 0 0 0 0 0 0 0 0 0 0 0 0 
0 0 0 0 0 0 0 0 0 0 0 0 0 0 0 0 0 0 0 0 0 0 0 0 0 0 0 0 0 0 0 0 0 0 0 0 0 0 0 
0 0 0 0 0 0 0 0 0 0 0 0 0 0 0 0 0 0 0 0 0 0 0 0 0 0 0 0 0 0 0 0 0 0 0 0 0 0 0 
0 0 0 0 0 0 0 0 0 0 0 0 0 0 0 0 0 0 0 0 0 0 0 0 0 0 0 0 0 0 0 0 0 0 0 0 0 0 0 
0 0 0 0 0 0 0 0 0 0 0 0 0 0 0 0 0 0 0 0 0 0 0 0 0 0 0 0 0 0 0 0 0 0 0 0 0 0 0 
0 0 0 0 0 0 0 0 0 0 0 0 0 0 0 0 0 0 0 0 0 0 0 0 0 0 0 0 0 0 0 0 0 0 0 0 0 0 0 
0 0 0 0 0 0 0 0 0 0 0 0 0 0 0 0 0 0 0 0 0 0 0 0 0 0 0 0 0 0 0 0 0 0 0 0 0 0 0 
0 0 0 0 0 0 0 0 0 0 0 0 0 0 0 0 0 0 0 0 0 0 0 0 0 0 0 0 0 0 0 0 0 0 0 0 0 0 0 
0 0 0 0 0 0 0 0
##$RECO_maxima=( 320 )
120 5492 8594 110 127 6482 11826 148 141 7103 12082 114 114 9962 14798 133 
122 13794 15507 137 146 16993 20415 126 186 19228 18940 195 263 30026 27464 
265 372 32661 30951 272 225 20522 19362 158 171 20592 16559 135 174 17704 
13895 148 169 15268 10867 127 122 12283 7667 137 120 11948 6730 144 135 8574 
5618 112 110 5511 8575 131 99 6484 11721 156 133 7180 12377 150 122 9840 
14593 159 141 13747 15475 126 148 16892 20297 154 182 19516 19309 193 270 
29924 27313 299 332 32039 30304 334 191 20383 19125 205 182 21320 17498 167 
186 17757 14021 167 139 15148 10665 135 142 12402 7577 107 124 11903 6655 105 
124 8606 5645 180 110 5506 8677 86 141 6401 11945 122 174 7246 12413 137 114 
9683 14446 161 150 13574 15233 161 110 16881 20265 142 169 19612 19349 216 
374 30477 27770 223 297 32605 31021 306 203 20370 19206 199 174 21079 17197 
163 142 17674 13780 124 142 15315 10759 129 118 12364 7475 173 142 11993 6736 
99 122 8549 5690 101 110 5417 8519 129 142 6533 11875 109 107 7071 12394 127 
142 9806 14616 84 146 13654 15378 156 137 16218 19593 218 205 19928 19542 186 
351 29922 27415 304 293 32050 30238 280 233 20592 19443 171 214 21198 17206 
135 180 17866 14093 109 148 15054 10379 126 133 12353 7471 126 133 11879 6753 
99 131 8602 5705 126 99 5316 8564 116 171 6493 11888 158 141 7219 12466 127 
110 10024 14736 142 88 13692 15383 112 180 16549 19793 197 208 19495 19285 
174 329 30135 27245 325 383 32767 31015 363 201 20218 18946 156 165 21262 
17185 110 146 17757 13873 152 120 15244 10573 110 167 12268 7483 101 156 
11835 6670 97 120 8451 5605 144
$$ @vis= RECO_image_type RECO_wordtype RECO_map_mode RECO_globex RECO_minima
##$RECO_map_min=( 320 )
-17419 -17419 -17419 -17419 -17419 -17419 -17419 -17419 -17419 -17419 -17419 
-17419 -17419 -17419 -17419 -17419 -17419 -17419 -17419 -17419 -17419 -17419 
-17419 -17419 -17419 -17419 -17419 -17419 -17419 -17419 -17419 -17419 -17419 
-17419 -17419 -17419 -17419 -17419 -17419 -17419 -17419 -17419 -17419 -17419 
-17419 -17419 -17419 -17419 -17419 -17419 -17419 -17419 -17419 -17419 -17419 
-17419 -17419 -17419 -17419 -17419 -17419 -17419 -17419 -17419 -17419 -17419 
-17419 -17419 -17419 -17419 -17419 -17419 -17419 -17419 -17419 -17419 -17419 
-17419 -17419 -17419 -17419 -17419 -17419 -17419 -17419 -17419 -17419 -17419 
-17419 -17419 -17419 -17419 -17419 -17419 -17419 -17419 -17419 -17419 -17419 
-17419 -17419 -17419 -17419 -17419 -17419 -17419 -17419 -17419 -17419 -17419 
-17419 -17419 -17419 -17419 -17419 -17419 -17419 -17419 -17419 -17419 -17419 
-17419 -17419 -17419 -17419 -17419 -17419 -17419 -17419 -17419 -17419 -17419 
-17419 -17419 -17419 -17419 -17419 -17419 -17419 -17419 -17419 -17419 -17419 
-17419 -17419 -17419 -17419 -17419 -17419 -17419 -17419 -17419 -17419 -17419 
-17419 -17419 -17419 -17419 -17419 -17419 -17419 -17419 -17419 -17419 -17419 
-17419 -17419 -17419 -17419 -17419 -17419 -17419 -17419 -17419 -17419 -17419 
-17419 -17419 -17419 -17419 -17419 -17419 -17419 -17419 -17419 -17419 -17419 
-17419 -17419 -17419 -17419 -17419 -17419 -17419 -17419 -17419 -17419 -17419 
-17419 -17419 -17419 -17419 -17419 -17419 -17419 -17419 -17419 -17419 -17419 
-17419 -17419 -17419 -17419 -17419 -17419 -17419 -17419 -17419 -17419 -17419 
-17419 -17419 -17419 -17419 -17419 -17419 -17419 -17419 -17419 -17419 -17419 
-17419 -17419 -17419 -17419 -17419 -17419 -17419 -17419 -17419 -17419 -17419 
-17419 -17419 -17419 -17419 -17419 -17419 -17419 -17419 -17419 -17419 -17419 
-17419 -17419 -17419 -17419 -17419 -17419 -17419 -17419 -17419 -17419 -17419 
-17419 -17419 -17419 -17419 -17419 -17419 -17419 -17419 -17419 -17419 -17419 
-17419 -17419 -17419 -17419 -17419 -17419 -17419 -17419 -17419 -17419 -17419 
-17419 -17419 -17419 -17419 -17419 -17419 -17419 -17419 -17419 -17419 -17419 
-17419 -17419 -17419 -17419 -17419 -17419 -17419 -17419 -17419 -17419 -17419 
-17419 -17419 -17419 -17419 -17419 -17419 -17419 -17419 -17419 -17419 -17419 
-17419
##$RECO_map_max=( 320 )
17419 17419 17419 17419 17419 17419 17419 17419 17419 17419 17419 17419 17419 
17419 17419 17419 17419 17419 17419 17419 17419 17419 17419 17419 17419 17419 
17419 17419 17419 17419 17419 17419 17419 17419 17419 17419 17419 17419 17419 
17419 17419 17419 17419 17419 17419 17419 17419 17419 17419 17419 17419 17419 
17419 17419 17419 17419 17419 17419 17419 17419 17419 17419 17419 17419 17419 
17419 17419 17419 17419 17419 17419 17419 17419 17419 17419 17419 17419 17419 
17419 17419 17419 17419 17419 17419 17419 17419 17419 17419 17419 17419 17419 
17419 17419 17419 17419 17419 17419 17419 17419 17419 17419 17419 17419 17419 
17419 17419 17419 17419 17419 17419 17419 17419 17419 17419 17419 17419 17419 
17419 17419 17419 17419 17419 17419 17419 17419 17419 17419 17419 17419 17419 
17419 17419 17419 17419 17419 17419 17419 17419 17419 17419 17419 17419 17419 
17419 17419 17419 17419 17419 17419 17419 17419 17419 17419 17419 17419 17419 
17419 17419 17419 17419 17419 17419 17419 17419 17419 17419 17419 17419 17419 
17419 17419 17419 17419 17419 17419 17419 17419 17419 17419 17419 17419 17419 
17419 17419 17419 17419 17419 17419 17419 17419 17419 17419 17419 17419 17419 
17419 17419 17419 17419 17419 17419 17419 17419 17419 17419 17419 17419 17419 
17419 17419 17419 17419 17419 17419 17419 17419 17419 17419 17419 17419 17419 
17419 17419 17419 17419 17419 17419 17419 17419 17419 17419 17419 17419 17419 
17419 17419 17419 17419 17419 17419 17419 17419 17419 17419 17419 17419 17419 
17419 17419 17419 17419 17419 17419 17419 17419 17419 17419 17419 17419 17419 
17419 17419 17419 17419 17419 17419 17419 17419 17419 17419 17419 17419 17419 
17419 17419 17419 17419 17419 17419 17419 17419 17419 17419 17419 17419 17419 
17419 17419 17419 17419 17419 17419 17419 17419 17419 17419 17419 17419 17419 
17419 17419 17419 17419 17419 17419 17419 17419 17419 17419 17419 17419 17419 
17419 17419 17419 17419 17419 17419 17419 17419
##$RECO_map_offset=( 320 )
0 0 0 0 0 0 0 0 0 0 0 0 0 0 0 0 0 0 0 0 0 0 0 0 0 0 0 0 0 0 0 0 0 0 0 0 0 0 0 
0 0 0 0 0 0 0 0 0 0 0 0 0 0 0 0 0 0 0 0 0 0 0 0 0 0 0 0 0 0 0 0 0 0 0 0 0 0 0 
0 0 0 0 0 0 0 0 0 0 0 0 0 0 0 0 0 0 0 0 0 0 0 0 0 0 0 0 0 0 0 0 0 0 0 0 0 0 0 
0 0 0 0 0 0 0 0 0 0 0 0 0 0 0 0 0 0 0 0 0 0 0 0 0 0 0 0 0 0 0 0 0 0 0 0 0 0 0 
0 0 0 0 0 0 0 0 0 0 0 0 0 0 0 0 0 0 0 0 0 0 0 0 0 0 0 0 0 0 0 0 0 0 0 0 0 0 0 
0 0 0 0 0 0 0 0 0 0 0 0 0 0 0 0 0 0 0 0 0 0 0 0 0 0 0 0 0 0 0 0 0 0 0 0 0 0 0 
0 0 0 0 0 0 0 0 0 0 0 0 0 0 0 0 0 0 0 0 0 0 0 0 0 0 0 0 0 0 0 0 0 0 0 0 0 0 0 
0 0 0 0 0 0 0 0 0 0 0 0 0 0 0 0 0 0 0 0 0 0 0 0 0 0 0 0 0 0 0 0 0 0 0 0 0 0 0 
0 0 0 0 0 0 0 0
##$RECO_map_slope=( 320 )
1.88110685348511 1.88110685348511 1.88110685348511 1.88110685348511 
1.88110685348511 1.88110685348511 1.88110685348511 1.88110685348511 
1.88110685348511 1.88110685348511 1.88110685348511 1.88110685348511 
1.88110685348511 1.88110685348511 1.88110685348511 1.88110685348511 
1.88110685348511 1.88110685348511 1.88110685348511 1.88110685348511 
1.88110685348511 1.88110685348511 1.88110685348511 1.88110685348511 
1.88110685348511 1.88110685348511 1.88110685348511 1.88110685348511 
1.88110685348511 1.88110685348511 1.88110685348511 1.88110685348511 
1.88110685348511 1.88110685348511 1.88110685348511 1.88110685348511 
1.88110685348511 1.88110685348511 1.88110685348511 1.88110685348511 
1.88110685348511 1.88110685348511 1.88110685348511 1.88110685348511 
1.88110685348511 1.88110685348511 1.88110685348511 1.88110685348511 
1.88110685348511 1.88110685348511 1.88110685348511 1.88110685348511 
1.88110685348511 1.88110685348511 1.88110685348511 1.88110685348511 
1.88110685348511 1.88110685348511 1.88110685348511 1.88110685348511 
1.88110685348511 1.88110685348511 1.88110685348511 1.88110685348511 
1.88110685348511 1.88110685348511 1.88110685348511 1.88110685348511 
1.88110685348511 1.88110685348511 1.88110685348511 1.88110685348511 
1.88110685348511 1.88110685348511 1.88110685348511 1.88110685348511 
1.88110685348511 1.88110685348511 1.88110685348511 1.88110685348511 
1.88110685348511 1.88110685348511 1.88110685348511 1.88110685348511 
1.88110685348511 1.88110685348511 1.88110685348511 1.88110685348511 
1.88110685348511 1.88110685348511 1.88110685348511 1.88110685348511 
1.88110685348511 1.88110685348511 1.88110685348511 1.88110685348511 
1.88110685348511 1.88110685348511 1.88110685348511 1.88110685348511 
1.88110685348511 1.88110685348511 1.88110685348511 1.88110685348511 
1.88110685348511 1.88110685348511 1.88110685348511 1.88110685348511 
1.88110685348511 1.88110685348511 1.88110685348511 1.88110685348511 
1.88110685348511 1.88110685348511 1.88110685348511 1.88110685348511 
1.88110685348511 1.88110685348511 1.88110685348511 1.88110685348511 
1.88110685348511 1.88110685348511 1.88110685348511 1.88110685348511 
1.88110685348511 1.88110685348511 1.88110685348511 1.88110685348511 
1.88110685348511 1.88110685348511 1.88110685348511 1.88110685348511 
1.88110685348511 1.88110685348511 1.88110685348511 1.88110685348511 
1.88110685348511 1.88110685348511 1.88110685348511 1.88110685348511 
1.88110685348511 1.88110685348511 1.88110685348511 1.88110685348511 
1.88110685348511 1.88110685348511 1.88110685348511 1.88110685348511 
1.88110685348511 1.88110685348511 1.88110685348511 1.88110685348511 
1.88110685348511 1.88110685348511 1.88110685348511 1.88110685348511 
1.88110685348511 1.88110685348511 1.88110685348511 1.88110685348511 
1.88110685348511 1.88110685348511 1.88110685348511 1.88110685348511 
1.88110685348511 1.88110685348511 1.88110685348511 1.88110685348511 
1.88110685348511 1.88110685348511 1.88110685348511 1.88110685348511 
1.88110685348511 1.88110685348511 1.88110685348511 1.88110685348511 
1.88110685348511 1.88110685348511 1.88110685348511 1.88110685348511 
1.88110685348511 1.88110685348511 1.88110685348511 1.88110685348511 
1.88110685348511 1.88110685348511 1.88110685348511 1.88110685348511 
1.88110685348511 1.88110685348511 1.88110685348511 1.88110685348511 
1.88110685348511 1.88110685348511 1.88110685348511 1.88110685348511 
1.88110685348511 1.88110685348511 1.88110685348511 1.88110685348511 
1.88110685348511 1.88110685348511 1.88110685348511 1.88110685348511 
1.88110685348511 1.88110685348511 1.88110685348511 1.88110685348511 
1.88110685348511 1.88110685348511 1.88110685348511 1.88110685348511 
1.88110685348511 1.88110685348511 1.88110685348511 1.88110685348511 
1.88110685348511 1.88110685348511 1.88110685348511 1.88110685348511 
1.88110685348511 1.88110685348511 1.88110685348511 1.88110685348511 
1.88110685348511 1.88110685348511 1.88110685348511 1.88110685348511 
1.88110685348511 1.88110685348511 1.88110685348511 1.88110685348511 
1.88110685348511 1.88110685348511 1.88110685348511 1.88110685348511 
1.88110685348511 1.88110685348511 1.88110685348511 1.88110685348511 
1.88110685348511 1.88110685348511 1.88110685348511 1.88110685348511 
1.88110685348511 1.88110685348511 1.88110685348511 1.88110685348511 
1.88110685348511 1.88110685348511 1.88110685348511 1.88110685348511 
1.88110685348511 1.88110685348511 1.88110685348511 1.88110685348511 
1.88110685348511 1.88110685348511 1.88110685348511 1.88110685348511 
1.88110685348511 1.88110685348511 1.88110685348511 1.88110685348511 
1.88110685348511 1.88110685348511 1.88110685348511 1.88110685348511 
1.88110685348511 1.88110685348511 1.88110685348511 1.88110685348511 
1.88110685348511 1.88110685348511 1.88110685348511 1.88110685348511 
1.88110685348511 1.88110685348511 1.88110685348511 1.88110685348511 
1.88110685348511 1.88110685348511 1.88110685348511 1.88110685348511 
1.88110685348511 1.88110685348511 1.88110685348511 1.88110685348511 
1.88110685348511 1.88110685348511 1.88110685348511 1.88110685348511 
1.88110685348511 1.88110685348511 1.88110685348511 1.88110685348511 
1.88110685348511 1.88110685348511 1.88110685348511 1.88110685348511 
1.88110685348511 1.88110685348511 1.88110685348511 1.88110685348511 
1.88110685348511 1.88110685348511 1.88110685348511 1.88110685348511 
1.88110685348511 1.88110685348511 1.88110685348511 1.88110685348511 
1.88110685348511 1.88110685348511 1.88110685348511 1.88110685348511 
1.88110685348511 1.88110685348511 1.88110685348511 1.88110685348511
##$RECO_byte_order=littleEndian
$$ @vis= RECO_maxima RECO_map_min RECO_map_max RECO_map_offset RECO_map_slope
##$RECO_time=( 24 )
<17:29:24 12 Aug 2014>
##$RECO_abs_time=1407878964
##$RECO_base_image_uid=( 65 )
<2.16.756.5.5.100.278412266.29758.1407879575.960>
$$ @vis= RECO_byte_order RECO_time RECO_abs_time RECO_base_image_uid
##$GS_reco_display=Yes
##$GO_reco_display=Yes
##$GO_reco_each_nr=No
$$ @vis= RecoRegridNGroup GS_reco_display RECO_GS GO_reco_display
##$GO_max_reco_mem=0
$$ @vis= GO_reco_each_nr GO_max_reco_mem RECO_GO RECO
##END=
