##TITLE=Parameter List
##JCAMPDX=4.24
##DATATYPE=Parameter Values
##ORIGIN=Bruker BioSpin MRI GmbH
##OWNER=ryan
$$ Thu Jul 24 23:26:44 2014 EDT (UT-4h)  ryan
$$ /opt/PV5.1/data/ryan/nmr/RMD266.qU1/45/pdata/1/reco
##$RECO_mode=FT_MODE
##$RecoAutoDerive=Yes
##$RECO_inp_order=NO_REORDERING
##$RECO_inp_size=( 1 )
32
##$RECO_ft_size=( 1 )
32
##$RECO_fov=( 1 )
0
##$RECO_size=( 1 )
32
$$ @vis= RECO_mode RecoAutoDerive RECO_inp_order RECO_ft_size RECO_fov
##$RECO_offset=( 1, 4 )
0 0 0 0
##$RECO_regrid_mode=NO_REGRID
##$RECO_regrid_offset=0
##$RECO_ramp_gap=0
##$RECO_ramp_time=0
##$RECO_ne_mode=NO_NAV_DATA
##$RECO_ne_dist=NeNoInterleave
##$RECO_ne_dens=NeCorrPerScan
##$RECO_ne_type=NAV_PHASE
##$RECO_ne_vals=( 1, 2 )
0 0
##$RECO_bc_mode=( 1 )
AUTO_OFFSET_BC
##$RECO_bc_start=( 1 )
24
##$RECO_bc_len=( 1 )
8
$$ @vis= RECO_size RECO_regrid_mode RECO_ne_mode RECO_bc_mode RECO_bc_start
##$RECO_dc_offset=( 2 )
-9 -7
##$RECO_dc_divisor=8
##$RECO_bc_coroff=( 1 )
0
##$RECO_qopts=( 1 )
CONJ_AND_QNEG
##$RECO_wdw_mode=( 1 )
NO_WDW
##$RECO_lb=( 1 )
-0.5
##$RECO_sw=( 1 )
22001
##$RECO_gb=( 1 )
0.5
##$RECO_sbs=( 1 )
1
##$RECO_tm1=( 1 )
0.25
##$RECO_tm2=( 1 )
0.75
##$RECO_ft_mode=( 1 )
COMPLEX_FFT
##$RECO_pc_mode=( 1 )
NO_PC
##$RECO_pc_lin=( 1 )
(0, 0)
##$RECO_rotate=( 1, 4 )
0 0 0 0
$$ @vis= RECO_bc_len RECO_qopts RECO_wdw_mode RECO_ft_mode RECO_pc_mode
##$RECO_ppc_mode=NO_PPC
##$RECO_ref_image=0
##$RECO_nr_supports=0.4
##$RECO_sig_threshold=0.15
##$RECO_ppc_degree=1
##$RECO_ppc_coeffs=( 4, 1, 2 )
0 0 0 0 0 0 0 0
##$RECO_dc_elim=Yes
##$RECO_transposition=( 4 )
0 0 0 0
##$RECO_image_type=MAGNITUDE_IMAGE
$$ @vis= RECO_rotate RECO_ppc_mode RECO_dc_elim RECO_transposition
##$RECO_image_threshold=0.15
##$RECO_ir_scale=10
##$RECO_wordtype=_16BIT_SGN_INT
##$RECO_map_mode=ABSOLUTE_MAPPING
##$RECO_map_range=( 2 )
-2147483647 2147483647
##$RECO_map_percentile=( 2 )
1 99
##$RECO_map_error=0.25
##$RECO_globex=( 320 )
0 0 0 0 0 0 0 0 0 0 0 0 0 0 0 0 0 0 0 0 0 0 0 0 0 0 0 0 0 0 0 0 0 0 0 0 0 0 0 
0 0 0 0 0 0 0 0 0 0 0 0 0 0 0 0 0 0 0 0 0 0 0 0 0 0 0 0 0 0 0 0 0 0 0 0 0 0 0 
0 0 0 0 0 0 0 0 0 0 0 0 0 0 0 0 0 0 0 0 0 0 0 0 0 0 0 0 0 0 0 0 0 0 0 0 0 0 0 
0 0 0 0 0 0 0 0 0 0 0 0 0 0 0 0 0 0 0 0 0 0 0 0 0 0 0 0 0 0 0 0 0 0 0 0 0 0 0 
0 0 0 0 0 0 0 0 0 0 0 0 0 0 0 0 0 0 0 0 0 0 0 0 0 0 0 0 0 0 0 0 0 0 0 0 0 0 0 
0 0 0 0 0 0 0 0 0 0 0 0 0 0 0 0 0 0 0 0 0 0 0 0 0 0 0 0 0 0 0 0 0 0 0 0 0 0 0 
0 0 0 0 0 0 0 0 0 0 0 0 0 0 0 0 0 0 0 0 0 0 0 0 0 0 0 0 0 0 0 0 0 0 0 0 0 0 0 
0 0 0 0 0 0 0 0 0 0 0 0 0 0 0 0 0 0 0 0 0 0 0 0 0 0 0 0 0 0 0 0 0 0 0 0 0 0 0 
0 0 0 0 0 0 0 0
##$RECO_minima=( 320 )
0 0 0 0 0 0 0 0 0 0 0 0 0 0 0 0 0 0 0 0 0 0 0 0 0 0 0 0 0 0 0 0 0 0 0 0 0 0 0 
0 0 0 0 0 0 0 0 0 0 0 0 0 0 0 0 0 0 0 0 0 0 0 0 0 0 0 0 0 0 0 0 0 0 0 0 0 0 0 
0 0 0 0 0 0 0 0 0 0 0 0 0 0 0 0 0 0 0 0 0 0 0 0 0 0 0 0 0 0 0 0 0 0 0 0 0 0 0 
0 0 0 0 0 0 0 0 0 0 0 0 0 0 0 0 0 0 0 0 0 0 0 0 0 0 0 0 0 0 0 0 0 0 0 0 0 0 0 
0 0 0 0 0 0 0 0 0 0 0 0 0 0 0 0 0 0 0 0 0 0 0 0 0 0 0 0 0 0 0 0 0 0 0 0 0 0 0 
0 0 0 0 0 0 0 0 0 0 0 0 0 0 0 0 0 0 0 0 0 0 0 0 0 0 0 0 0 0 0 0 0 0 0 0 0 0 0 
0 0 0 0 0 0 0 0 0 0 0 0 0 0 0 0 0 0 0 0 0 0 0 0 0 0 0 0 0 0 0 0 0 0 0 0 0 0 0 
0 0 0 0 0 0 0 0 0 0 0 0 0 0 0 0 0 0 0 0 0 0 0 0 0 0 0 0 0 0 0 0 0 0 0 0 0 0 0 
0 0 0 0 0 0 0 0
##$RECO_maxima=( 320 )
85 99 6843 6199 88 83 8645 7842 97 108 10754 9910 102 163 12668 11429 111 132 
13142 12261 132 142 16962 15417 156 204 16077 14477 313 395 32215 29288 368 
285 32263 28825 249 149 15635 13737 131 137 16707 15043 94 121 12473 12238 
120 105 12587 11521 94 118 10545 9857 93 96 8320 7724 99 85 6980 6192 109 94 
6957 6125 96 111 8646 7872 118 91 10779 9938 124 125 12678 11540 142 115 
13076 12316 141 132 17255 15475 193 180 16027 14672 277 372 32142 29828 285 
305 32574 28775 189 160 15814 13688 166 127 16668 15202 131 127 12507 12175 
156 110 12714 11544 109 94 10635 9994 88 98 8418 7769 135 80 6998 6233 120 
125 6950 6160 99 111 8695 7895 144 103 10859 9993 96 111 12723 11617 126 115 
13076 12388 128 136 17168 15466 165 234 15986 14631 322 374 32213 29705 340 
259 32767 28600 210 156 15747 13800 136 141 16644 15151 136 111 12670 12158 
131 137 12681 11538 104 97 10556 9926 88 94 8422 7759 92 105 7025 6231 86 98 
6939 6222 81 88 8640 7918 96 92 10861 9966 135 135 12705 11643 116 143 13115 
12316 114 152 17130 15403 188 209 15774 14854 278 333 32221 29570 333 279 
32302 29106 232 152 15778 13747 128 194 16583 15271 104 99 12591 12194 141 
102 12498 11510 119 85 10524 9904 82 99 8383 7670 110 121 6935 6225 79 71 
6927 6149 126 114 8653 7909 126 149 10831 9935 94 130 12714 11655 135 131 
13123 12304 149 188 17222 15417 208 186 15873 14719 289 352 32223 29677 352 
307 32586 28704 277 171 15747 13687 105 153 16752 15231 138 100 12616 12141 
131 135 12648 11560 131 87 10590 9886 116 75 8414 7754 86 94 6935 6255
$$ @vis= RECO_image_type RECO_wordtype RECO_map_mode RECO_globex RECO_minima
##$RECO_map_min=( 320 )
-26929 -26929 -26929 -26929 -26929 -26929 -26929 -26929 -26929 -26929 -26929 
-26929 -26929 -26929 -26929 -26929 -26929 -26929 -26929 -26929 -26929 -26929 
-26929 -26929 -26929 -26929 -26929 -26929 -26929 -26929 -26929 -26929 -26929 
-26929 -26929 -26929 -26929 -26929 -26929 -26929 -26929 -26929 -26929 -26929 
-26929 -26929 -26929 -26929 -26929 -26929 -26929 -26929 -26929 -26929 -26929 
-26929 -26929 -26929 -26929 -26929 -26929 -26929 -26929 -26929 -26929 -26929 
-26929 -26929 -26929 -26929 -26929 -26929 -26929 -26929 -26929 -26929 -26929 
-26929 -26929 -26929 -26929 -26929 -26929 -26929 -26929 -26929 -26929 -26929 
-26929 -26929 -26929 -26929 -26929 -26929 -26929 -26929 -26929 -26929 -26929 
-26929 -26929 -26929 -26929 -26929 -26929 -26929 -26929 -26929 -26929 -26929 
-26929 -26929 -26929 -26929 -26929 -26929 -26929 -26929 -26929 -26929 -26929 
-26929 -26929 -26929 -26929 -26929 -26929 -26929 -26929 -26929 -26929 -26929 
-26929 -26929 -26929 -26929 -26929 -26929 -26929 -26929 -26929 -26929 -26929 
-26929 -26929 -26929 -26929 -26929 -26929 -26929 -26929 -26929 -26929 -26929 
-26929 -26929 -26929 -26929 -26929 -26929 -26929 -26929 -26929 -26929 -26929 
-26929 -26929 -26929 -26929 -26929 -26929 -26929 -26929 -26929 -26929 -26929 
-26929 -26929 -26929 -26929 -26929 -26929 -26929 -26929 -26929 -26929 -26929 
-26929 -26929 -26929 -26929 -26929 -26929 -26929 -26929 -26929 -26929 -26929 
-26929 -26929 -26929 -26929 -26929 -26929 -26929 -26929 -26929 -26929 -26929 
-26929 -26929 -26929 -26929 -26929 -26929 -26929 -26929 -26929 -26929 -26929 
-26929 -26929 -26929 -26929 -26929 -26929 -26929 -26929 -26929 -26929 -26929 
-26929 -26929 -26929 -26929 -26929 -26929 -26929 -26929 -26929 -26929 -26929 
-26929 -26929 -26929 -26929 -26929 -26929 -26929 -26929 -26929 -26929 -26929 
-26929 -26929 -26929 -26929 -26929 -26929 -26929 -26929 -26929 -26929 -26929 
-26929 -26929 -26929 -26929 -26929 -26929 -26929 -26929 -26929 -26929 -26929 
-26929 -26929 -26929 -26929 -26929 -26929 -26929 -26929 -26929 -26929 -26929 
-26929 -26929 -26929 -26929 -26929 -26929 -26929 -26929 -26929 -26929 -26929 
-26929 -26929 -26929 -26929 -26929 -26929 -26929 -26929 -26929 -26929 -26929 
-26929 -26929 -26929 -26929 -26929 -26929 -26929 -26929 -26929 -26929 -26929 
-26929
##$RECO_map_max=( 320 )
26929 26929 26929 26929 26929 26929 26929 26929 26929 26929 26929 26929 26929 
26929 26929 26929 26929 26929 26929 26929 26929 26929 26929 26929 26929 26929 
26929 26929 26929 26929 26929 26929 26929 26929 26929 26929 26929 26929 26929 
26929 26929 26929 26929 26929 26929 26929 26929 26929 26929 26929 26929 26929 
26929 26929 26929 26929 26929 26929 26929 26929 26929 26929 26929 26929 26929 
26929 26929 26929 26929 26929 26929 26929 26929 26929 26929 26929 26929 26929 
26929 26929 26929 26929 26929 26929 26929 26929 26929 26929 26929 26929 26929 
26929 26929 26929 26929 26929 26929 26929 26929 26929 26929 26929 26929 26929 
26929 26929 26929 26929 26929 26929 26929 26929 26929 26929 26929 26929 26929 
26929 26929 26929 26929 26929 26929 26929 26929 26929 26929 26929 26929 26929 
26929 26929 26929 26929 26929 26929 26929 26929 26929 26929 26929 26929 26929 
26929 26929 26929 26929 26929 26929 26929 26929 26929 26929 26929 26929 26929 
26929 26929 26929 26929 26929 26929 26929 26929 26929 26929 26929 26929 26929 
26929 26929 26929 26929 26929 26929 26929 26929 26929 26929 26929 26929 26929 
26929 26929 26929 26929 26929 26929 26929 26929 26929 26929 26929 26929 26929 
26929 26929 26929 26929 26929 26929 26929 26929 26929 26929 26929 26929 26929 
26929 26929 26929 26929 26929 26929 26929 26929 26929 26929 26929 26929 26929 
26929 26929 26929 26929 26929 26929 26929 26929 26929 26929 26929 26929 26929 
26929 26929 26929 26929 26929 26929 26929 26929 26929 26929 26929 26929 26929 
26929 26929 26929 26929 26929 26929 26929 26929 26929 26929 26929 26929 26929 
26929 26929 26929 26929 26929 26929 26929 26929 26929 26929 26929 26929 26929 
26929 26929 26929 26929 26929 26929 26929 26929 26929 26929 26929 26929 26929 
26929 26929 26929 26929 26929 26929 26929 26929 26929 26929 26929 26929 26929 
26929 26929 26929 26929 26929 26929 26929 26929 26929 26929 26929 26929 26929 
26929 26929 26929 26929 26929 26929 26929 26929
##$RECO_map_offset=( 320 )
0 0 0 0 0 0 0 0 0 0 0 0 0 0 0 0 0 0 0 0 0 0 0 0 0 0 0 0 0 0 0 0 0 0 0 0 0 0 0 
0 0 0 0 0 0 0 0 0 0 0 0 0 0 0 0 0 0 0 0 0 0 0 0 0 0 0 0 0 0 0 0 0 0 0 0 0 0 0 
0 0 0 0 0 0 0 0 0 0 0 0 0 0 0 0 0 0 0 0 0 0 0 0 0 0 0 0 0 0 0 0 0 0 0 0 0 0 0 
0 0 0 0 0 0 0 0 0 0 0 0 0 0 0 0 0 0 0 0 0 0 0 0 0 0 0 0 0 0 0 0 0 0 0 0 0 0 0 
0 0 0 0 0 0 0 0 0 0 0 0 0 0 0 0 0 0 0 0 0 0 0 0 0 0 0 0 0 0 0 0 0 0 0 0 0 0 0 
0 0 0 0 0 0 0 0 0 0 0 0 0 0 0 0 0 0 0 0 0 0 0 0 0 0 0 0 0 0 0 0 0 0 0 0 0 0 0 
0 0 0 0 0 0 0 0 0 0 0 0 0 0 0 0 0 0 0 0 0 0 0 0 0 0 0 0 0 0 0 0 0 0 0 0 0 0 0 
0 0 0 0 0 0 0 0 0 0 0 0 0 0 0 0 0 0 0 0 0 0 0 0 0 0 0 0 0 0 0 0 0 0 0 0 0 0 0 
0 0 0 0 0 0 0 0
##$RECO_map_slope=( 320 )
1.216792345047 1.216792345047 1.216792345047 1.216792345047 1.216792345047 
1.216792345047 1.216792345047 1.216792345047 1.216792345047 1.216792345047 
1.216792345047 1.216792345047 1.216792345047 1.216792345047 1.216792345047 
1.216792345047 1.216792345047 1.216792345047 1.216792345047 1.216792345047 
1.216792345047 1.216792345047 1.216792345047 1.216792345047 1.216792345047 
1.216792345047 1.216792345047 1.216792345047 1.216792345047 1.216792345047 
1.216792345047 1.216792345047 1.216792345047 1.216792345047 1.216792345047 
1.216792345047 1.216792345047 1.216792345047 1.216792345047 1.216792345047 
1.216792345047 1.216792345047 1.216792345047 1.216792345047 1.216792345047 
1.216792345047 1.216792345047 1.216792345047 1.216792345047 1.216792345047 
1.216792345047 1.216792345047 1.216792345047 1.216792345047 1.216792345047 
1.216792345047 1.216792345047 1.216792345047 1.216792345047 1.216792345047 
1.216792345047 1.216792345047 1.216792345047 1.216792345047 1.216792345047 
1.216792345047 1.216792345047 1.216792345047 1.216792345047 1.216792345047 
1.216792345047 1.216792345047 1.216792345047 1.216792345047 1.216792345047 
1.216792345047 1.216792345047 1.216792345047 1.216792345047 1.216792345047 
1.216792345047 1.216792345047 1.216792345047 1.216792345047 1.216792345047 
1.216792345047 1.216792345047 1.216792345047 1.216792345047 1.216792345047 
1.216792345047 1.216792345047 1.216792345047 1.216792345047 1.216792345047 
1.216792345047 1.216792345047 1.216792345047 1.216792345047 1.216792345047 
1.216792345047 1.216792345047 1.216792345047 1.216792345047 1.216792345047 
1.216792345047 1.216792345047 1.216792345047 1.216792345047 1.216792345047 
1.216792345047 1.216792345047 1.216792345047 1.216792345047 1.216792345047 
1.216792345047 1.216792345047 1.216792345047 1.216792345047 1.216792345047 
1.216792345047 1.216792345047 1.216792345047 1.216792345047 1.216792345047 
1.216792345047 1.216792345047 1.216792345047 1.216792345047 1.216792345047 
1.216792345047 1.216792345047 1.216792345047 1.216792345047 1.216792345047 
1.216792345047 1.216792345047 1.216792345047 1.216792345047 1.216792345047 
1.216792345047 1.216792345047 1.216792345047 1.216792345047 1.216792345047 
1.216792345047 1.216792345047 1.216792345047 1.216792345047 1.216792345047 
1.216792345047 1.216792345047 1.216792345047 1.216792345047 1.216792345047 
1.216792345047 1.216792345047 1.216792345047 1.216792345047 1.216792345047 
1.216792345047 1.216792345047 1.216792345047 1.216792345047 1.216792345047 
1.216792345047 1.216792345047 1.216792345047 1.216792345047 1.216792345047 
1.216792345047 1.216792345047 1.216792345047 1.216792345047 1.216792345047 
1.216792345047 1.216792345047 1.216792345047 1.216792345047 1.216792345047 
1.216792345047 1.216792345047 1.216792345047 1.216792345047 1.216792345047 
1.216792345047 1.216792345047 1.216792345047 1.216792345047 1.216792345047 
1.216792345047 1.216792345047 1.216792345047 1.216792345047 1.216792345047 
1.216792345047 1.216792345047 1.216792345047 1.216792345047 1.216792345047 
1.216792345047 1.216792345047 1.216792345047 1.216792345047 1.216792345047 
1.216792345047 1.216792345047 1.216792345047 1.216792345047 1.216792345047 
1.216792345047 1.216792345047 1.216792345047 1.216792345047 1.216792345047 
1.216792345047 1.216792345047 1.216792345047 1.216792345047 1.216792345047 
1.216792345047 1.216792345047 1.216792345047 1.216792345047 1.216792345047 
1.216792345047 1.216792345047 1.216792345047 1.216792345047 1.216792345047 
1.216792345047 1.216792345047 1.216792345047 1.216792345047 1.216792345047 
1.216792345047 1.216792345047 1.216792345047 1.216792345047 1.216792345047 
1.216792345047 1.216792345047 1.216792345047 1.216792345047 1.216792345047 
1.216792345047 1.216792345047 1.216792345047 1.216792345047 1.216792345047 
1.216792345047 1.216792345047 1.216792345047 1.216792345047 1.216792345047 
1.216792345047 1.216792345047 1.216792345047 1.216792345047 1.216792345047 
1.216792345047 1.216792345047 1.216792345047 1.216792345047 1.216792345047 
1.216792345047 1.216792345047 1.216792345047 1.216792345047 1.216792345047 
1.216792345047 1.216792345047 1.216792345047 1.216792345047 1.216792345047 
1.216792345047 1.216792345047 1.216792345047 1.216792345047 1.216792345047 
1.216792345047 1.216792345047 1.216792345047 1.216792345047 1.216792345047 
1.216792345047 1.216792345047 1.216792345047 1.216792345047 1.216792345047 
1.216792345047 1.216792345047 1.216792345047 1.216792345047 1.216792345047 
1.216792345047 1.216792345047 1.216792345047 1.216792345047 1.216792345047 
1.216792345047 1.216792345047 1.216792345047 1.216792345047 1.216792345047 
1.216792345047 1.216792345047 1.216792345047 1.216792345047 1.216792345047 
1.216792345047 1.216792345047 1.216792345047 1.216792345047 1.216792345047 
1.216792345047 1.216792345047 1.216792345047 1.216792345047 1.216792345047
##$RECO_byte_order=littleEndian
$$ @vis= RECO_maxima RECO_map_min RECO_map_max RECO_map_offset RECO_map_slope
##$RECO_time=( 24 )
<23:16:29 24 Jul 2014>
##$RECO_abs_time=1406258189
##$RECO_base_image_uid=( 65 )
<2.16.756.5.5.100.278412266.14994.1406258803.1651>
$$ @vis= RECO_byte_order RECO_time RECO_abs_time RECO_base_image_uid
##$GS_reco_display=Yes
##$GO_reco_display=Yes
##$GO_reco_each_nr=No
$$ @vis= RecoRegridNGroup GS_reco_display RECO_GS GO_reco_display
##$GO_max_reco_mem=0
$$ @vis= GO_reco_each_nr GO_max_reco_mem RECO_GO RECO
##END=
