##TITLE=Parameter List
##JCAMPDX=4.24
##DATATYPE=Parameter Values
##ORIGIN=Bruker BioSpin MRI GmbH
##OWNER=ryan
$$ Wed Aug 13 20:23:54 2014 EDT (UT-4h)  ryan
$$ /opt/PV5.1/data/ryan/nmr/RMD274.re1/7/pdata/1/visu_pars
##$VisuVersion=1
##$VisuUid=( 65 )
<2.16.756.5.5.100.278412266.29758.1407975834.1748>
##$VisuCreator=( 65 )
<ParaVision>
##$VisuCreatorVersion=( 65 )
<5.1>
##$VisuCreationDate=( 21 )
<20:13:44 13 Aug 2014>
$$ @vis= VisuVersion VisuUid VisuCreator VisuCreatorVersion VisuCreationDate
##$VisuCoreFrameCount=320
##$VisuCoreDim=1
##$VisuCoreSize=( 1 )
32
##$VisuCoreDimDesc=( 1 )
spectroscopic
$$ @vis= VisuInstance VisuCoreFrameCount VisuCoreDim VisuCoreSize
##$VisuCoreExtent=( 1 )
73.253783843862
##$VisuCoreUnits=( 1, 65 )
<ppm>
##$VisuCoreDataMin=( 320 )
0 0 0 0 0 0 0 0 0 0 0 0 0 0 0 0 0 0 0 0 0 0 0 0 0 0 0 0 0 0 0 0 0 0 0 0 0 0 0 
0 0 0 0 0 0 0 0 0 0 0 0 0 0 0 0 0 0 0 0 0 0 0 0 0 0 0 0 0 0 0 0 0 0 0 0 0 0 0 
0 0 0 0 0 0 0 0 0 0 0 0 0 0 0 0 0 0 0 0 0 0 0 0 0 0 0 0 0 0 0 0 0 0 0 0 0 0 0 
0 0 0 0 0 0 0 0 0 0 0 0 0 0 0 0 0 0 0 0 0 0 0 0 0 0 0 0 0 0 0 0 0 0 0 0 0 0 0 
0 0 0 0 0 0 0 0 0 0 0 0 0 0 0 0 0 0 0 0 0 0 0 0 0 0 0 0 0 0 0 0 0 0 0 0 0 0 0 
0 0 0 0 0 0 0 0 0 0 0 0 0 0 0 0 0 0 0 0 0 0 0 0 0 0 0 0 0 0 0 0 0 0 0 0 0 0 0 
0 0 0 0 0 0 0 0 0 0 0 0 0 0 0 0 0 0 0 0 0 0 0 0 0 0 0 0 0 0 0 0 0 0 0 0 0 0 0 
0 0 0 0 0 0 0 0 0 0 0 0 0 0 0 0 0 0 0 0 0 0 0 0 0 0 0 0 0 0 0 0 0 0 0 0 0 0 0 
0 0 0 0 0 0 0 0
##$VisuCoreDataMax=( 320 )
87 3636 6521 85 100 4355 8065 50 110 5886 9558 73 114 6053 11451 68 94 6232 
11367 59 94 16628 21084 97 93 12361 9056 64 146 25901 26928 163 143 32611 
21905 146 88 11253 10774 88 94 24907 14302 93 80 13273 5351 97 73 13285 5345 
111 85 10613 5038 104 80 9412 3867 91 52 7643 3150 71 69 3625 6506 72 96 4354 
8065 53 107 5926 9509 63 99 6124 11447 55 103 6212 11361 96 108 16616 21149 
103 81 12461 9171 66 150 26079 27049 161 152 32608 21873 147 83 11201 10720 
87 68 24938 14411 68 76 13253 5343 101 78 13288 5239 110 63 10576 5048 103 76 
9371 3866 94 57 7650 3124 81 75 3652 6462 45 106 4376 8044 54 111 5891 9587 
49 100 6195 11453 66 92 6223 11370 70 107 16584 21015 94 108 12371 9127 73 
143 25986 26968 154 146 32767 21731 149 58 11205 10783 104 95 24890 14236 115 
76 13231 5419 81 83 13299 5277 83 83 10617 5029 106 62 9378 3874 73 56 7635 
3162 90 59 3652 6497 78 87 4358 8033 75 84 5880 9540 77 85 6072 11423 81 89 
6246 11327 83 96 16622 21067 83 92 12342 9092 57 146 26009 27077 156 157 
32744 21820 148 58 11186 10636 79 90 24932 14426 79 77 13260 5333 74 67 13296 
5302 93 41 10592 5048 123 72 9411 3868 77 57 7656 3167 97 57 3622 6489 89 104 
4383 8062 68 116 5894 9530 75 96 6110 11417 81 88 6214 11349 77 91 16630 
21062 84 89 12330 9055 78 138 25916 26948 152 159 32667 21831 159 71 11108 
10694 96 72 23657 14799 114 78 13034 5998 114 70 12898 5736 98 76 10514 4800 
111 57 9341 3680 110 62 7636 3294 106
$$ @vis= VisuCoreDimDesc VisuCoreExtent VisuCoreUnits VisuCoreDataMin
##$VisuCoreDataOffs=( 320 )
0 0 0 0 0 0 0 0 0 0 0 0 0 0 0 0 0 0 0 0 0 0 0 0 0 0 0 0 0 0 0 0 0 0 0 0 0 0 0 
0 0 0 0 0 0 0 0 0 0 0 0 0 0 0 0 0 0 0 0 0 0 0 0 0 0 0 0 0 0 0 0 0 0 0 0 0 0 0 
0 0 0 0 0 0 0 0 0 0 0 0 0 0 0 0 0 0 0 0 0 0 0 0 0 0 0 0 0 0 0 0 0 0 0 0 0 0 0 
0 0 0 0 0 0 0 0 0 0 0 0 0 0 0 0 0 0 0 0 0 0 0 0 0 0 0 0 0 0 0 0 0 0 0 0 0 0 0 
0 0 0 0 0 0 0 0 0 0 0 0 0 0 0 0 0 0 0 0 0 0 0 0 0 0 0 0 0 0 0 0 0 0 0 0 0 0 0 
0 0 0 0 0 0 0 0 0 0 0 0 0 0 0 0 0 0 0 0 0 0 0 0 0 0 0 0 0 0 0 0 0 0 0 0 0 0 0 
0 0 0 0 0 0 0 0 0 0 0 0 0 0 0 0 0 0 0 0 0 0 0 0 0 0 0 0 0 0 0 0 0 0 0 0 0 0 0 
0 0 0 0 0 0 0 0 0 0 0 0 0 0 0 0 0 0 0 0 0 0 0 0 0 0 0 0 0 0 0 0 0 0 0 0 0 0 0 
0 0 0 0 0 0 0 0
##$VisuCoreDataSlope=( 320 )
6.42649595959905 6.42649595959905 6.42649595959905 6.42649595959905 
6.42649595959905 6.42649595959905 6.42649595959905 6.42649595959905 
6.42649595959905 6.42649595959905 6.42649595959905 6.42649595959905 
6.42649595959905 6.42649595959905 6.42649595959905 6.42649595959905 
6.42649595959905 6.42649595959905 6.42649595959905 6.42649595959905 
6.42649595959905 6.42649595959905 6.42649595959905 6.42649595959905 
6.42649595959905 6.42649595959905 6.42649595959905 6.42649595959905 
6.42649595959905 6.42649595959905 6.42649595959905 6.42649595959905 
6.42649595959905 6.42649595959905 6.42649595959905 6.42649595959905 
6.42649595959905 6.42649595959905 6.42649595959905 6.42649595959905 
6.42649595959905 6.42649595959905 6.42649595959905 6.42649595959905 
6.42649595959905 6.42649595959905 6.42649595959905 6.42649595959905 
6.42649595959905 6.42649595959905 6.42649595959905 6.42649595959905 
6.42649595959905 6.42649595959905 6.42649595959905 6.42649595959905 
6.42649595959905 6.42649595959905 6.42649595959905 6.42649595959905 
6.42649595959905 6.42649595959905 6.42649595959905 6.42649595959905 
6.42649595959905 6.42649595959905 6.42649595959905 6.42649595959905 
6.42649595959905 6.42649595959905 6.42649595959905 6.42649595959905 
6.42649595959905 6.42649595959905 6.42649595959905 6.42649595959905 
6.42649595959905 6.42649595959905 6.42649595959905 6.42649595959905 
6.42649595959905 6.42649595959905 6.42649595959905 6.42649595959905 
6.42649595959905 6.42649595959905 6.42649595959905 6.42649595959905 
6.42649595959905 6.42649595959905 6.42649595959905 6.42649595959905 
6.42649595959905 6.42649595959905 6.42649595959905 6.42649595959905 
6.42649595959905 6.42649595959905 6.42649595959905 6.42649595959905 
6.42649595959905 6.42649595959905 6.42649595959905 6.42649595959905 
6.42649595959905 6.42649595959905 6.42649595959905 6.42649595959905 
6.42649595959905 6.42649595959905 6.42649595959905 6.42649595959905 
6.42649595959905 6.42649595959905 6.42649595959905 6.42649595959905 
6.42649595959905 6.42649595959905 6.42649595959905 6.42649595959905 
6.42649595959905 6.42649595959905 6.42649595959905 6.42649595959905 
6.42649595959905 6.42649595959905 6.42649595959905 6.42649595959905 
6.42649595959905 6.42649595959905 6.42649595959905 6.42649595959905 
6.42649595959905 6.42649595959905 6.42649595959905 6.42649595959905 
6.42649595959905 6.42649595959905 6.42649595959905 6.42649595959905 
6.42649595959905 6.42649595959905 6.42649595959905 6.42649595959905 
6.42649595959905 6.42649595959905 6.42649595959905 6.42649595959905 
6.42649595959905 6.42649595959905 6.42649595959905 6.42649595959905 
6.42649595959905 6.42649595959905 6.42649595959905 6.42649595959905 
6.42649595959905 6.42649595959905 6.42649595959905 6.42649595959905 
6.42649595959905 6.42649595959905 6.42649595959905 6.42649595959905 
6.42649595959905 6.42649595959905 6.42649595959905 6.42649595959905 
6.42649595959905 6.42649595959905 6.42649595959905 6.42649595959905 
6.42649595959905 6.42649595959905 6.42649595959905 6.42649595959905 
6.42649595959905 6.42649595959905 6.42649595959905 6.42649595959905 
6.42649595959905 6.42649595959905 6.42649595959905 6.42649595959905 
6.42649595959905 6.42649595959905 6.42649595959905 6.42649595959905 
6.42649595959905 6.42649595959905 6.42649595959905 6.42649595959905 
6.42649595959905 6.42649595959905 6.42649595959905 6.42649595959905 
6.42649595959905 6.42649595959905 6.42649595959905 6.42649595959905 
6.42649595959905 6.42649595959905 6.42649595959905 6.42649595959905 
6.42649595959905 6.42649595959905 6.42649595959905 6.42649595959905 
6.42649595959905 6.42649595959905 6.42649595959905 6.42649595959905 
6.42649595959905 6.42649595959905 6.42649595959905 6.42649595959905 
6.42649595959905 6.42649595959905 6.42649595959905 6.42649595959905 
6.42649595959905 6.42649595959905 6.42649595959905 6.42649595959905 
6.42649595959905 6.42649595959905 6.42649595959905 6.42649595959905 
6.42649595959905 6.42649595959905 6.42649595959905 6.42649595959905 
6.42649595959905 6.42649595959905 6.42649595959905 6.42649595959905 
6.42649595959905 6.42649595959905 6.42649595959905 6.42649595959905 
6.42649595959905 6.42649595959905 6.42649595959905 6.42649595959905 
6.42649595959905 6.42649595959905 6.42649595959905 6.42649595959905 
6.42649595959905 6.42649595959905 6.42649595959905 6.42649595959905 
6.42649595959905 6.42649595959905 6.42649595959905 6.42649595959905 
6.42649595959905 6.42649595959905 6.42649595959905 6.42649595959905 
6.42649595959905 6.42649595959905 6.42649595959905 6.42649595959905 
6.42649595959905 6.42649595959905 6.42649595959905 6.42649595959905 
6.42649595959905 6.42649595959905 6.42649595959905 6.42649595959905 
6.42649595959905 6.42649595959905 6.42649595959905 6.42649595959905 
6.42649595959905 6.42649595959905 6.42649595959905 6.42649595959905 
6.42649595959905 6.42649595959905 6.42649595959905 6.42649595959905 
6.42649595959905 6.42649595959905 6.42649595959905 6.42649595959905 
6.42649595959905 6.42649595959905 6.42649595959905 6.42649595959905 
6.42649595959905 6.42649595959905 6.42649595959905 6.42649595959905 
6.42649595959905 6.42649595959905 6.42649595959905 6.42649595959905 
6.42649595959905 6.42649595959905 6.42649595959905 6.42649595959905 
6.42649595959905 6.42649595959905 6.42649595959905 6.42649595959905 
6.42649595959905 6.42649595959905 6.42649595959905 6.42649595959905 
6.42649595959905 6.42649595959905 6.42649595959905 6.42649595959905 
6.42649595959905 6.42649595959905 6.42649595959905 6.42649595959905
##$VisuCoreFrameType=MAGNITUDE_IMAGE
$$ @vis= VisuCoreDataMax VisuCoreDataOffs VisuCoreDataSlope VisuCoreFrameType
##$VisuCoreWordType=_16BIT_SGN_INT
##$VisuCoreByteOrder=littleEndian
##$VisuFGOrderDescDim=1
$$ @vis= VisuCore VisuCoreWordType VisuCoreByteOrder VisuPixel
##$VisuFGOrderDesc=( 1 )
(320, <FG_CYCLE>, <>, 0, 0)
##$VisuSubjectName=( 65 )
<RMD274>
##$VisuSubjectId=( 65 )
<RMD274>
$$ @vis= VisuFGOrderDescDim VisuFGOrderDesc VisuFrameOrderDesc VisuSubjectName
##$VisuSubjectBirthDate=( 9 )
<>
##$VisuSubjectSex=FEMALE
##$VisuSubjectComment=( 2048 )
<>
$$ @vis= VisuSubjectId VisuSubjectBirthDate VisuSubjectSex VisuSubjectComment
##$VisuStudyUid=( 65 )
<2.16.756.5.5.100.278412266.27564.1407968158.779>
##$VisuStudyDate=( 21 )
<19:15:58 13 Aug 2014>
##$VisuStudyId=( 65 )
<RMD274>
##$VisuStudyNumber=1
##$VisuSubjectWeight=5
$$ @vis= VisuSubject VisuStudyUid VisuStudyDate VisuStudyId VisuStudyNumber
##$VisuStudyReferringPhysician=( 65 )
<>
##$VisuStudyDescription=( 65 )
<>
$$ @vis= VisuSubjectWeight VisuStudyReferringPhysician VisuStudyDescription
##$VisuSeriesNumber=458753
##$VisuSubjectPosition=Head_Supine
##$VisuSeriesTypeId=( 65 )
<ACQ_USER_PVM>
$$ @vis= VisuStudy VisuSeriesNumber VisuSubjectPosition VisuSeriesTypeId
##$VisuAcqSoftwareVersion=( 65 )
<5.1>
##$VisuInstitution=( 65 )
<Duke University Biospec 70/20>
##$VisuStation=( 65 )
<spect>
$$ @vis= VisuSeries VisuAcqSoftwareVersion VisuInstitution VisuStation
##$VisuAcqDate=( 21 )
<20:13:44 13 Aug 2014>
##$VisuAcqEchoTrainLength=1
##$VisuAcqSequenceName=( 40 )
<rMD_HOT (pvm)>
##$VisuAcqNumberOfAverages=4
$$ @vis= VisuEquipment VisuAcqDate VisuAcqEchoTrainLength VisuAcqSequenceName
##$VisuAcqImagingFrequency=300.3394343
##$VisuAcqImagedNucleus=( 8 )
<1H>
##$VisuAcqRepetitionTime=( 1 )
1880
$$ @vis= VisuAcqNumberOfAverages VisuAcqImagingFrequency VisuAcqImagedNucleus
##$VisuAcqFlipAngle=90
##$VisuAcqEchoTime=( 1 )
0
##$VisuAcquisitionProtocol=( 65 )
<RMD_HOT_RBM_RARE_ZQSQ2>
$$ @vis= VisuAcqRepetitionTime VisuAcqFlipAngle VisuAcqEchoTime
##$VisuAcqScanTime=601600
$$ @vis= VisuAcquisitionProtocol VisuAcqScanTime VisuAcquisition Visu
##END=
