##TITLE=Parameter List
##JCAMPDX=4.24
##DATATYPE=Parameter Values
##ORIGIN=Bruker BioSpin MRI GmbH
##OWNER=ryan
$$ Thu Aug  7 21:52:27 2014 EDT (UT-4h)  ryan
$$ /opt/PV5.1/data/ryan/nmr/RMD272.r81/40/pdata/1/reco
##$RECO_mode=FT_MODE
##$RecoAutoDerive=Yes
##$RECO_inp_order=NO_REORDERING
##$RECO_inp_size=( 1 )
32
##$RECO_ft_size=( 1 )
32
##$RECO_fov=( 1 )
0
##$RECO_size=( 1 )
32
$$ @vis= RECO_mode RecoAutoDerive RECO_inp_order RECO_ft_size RECO_fov
##$RECO_offset=( 1, 4 )
0 0 0 0
##$RECO_regrid_mode=NO_REGRID
##$RECO_regrid_offset=0
##$RECO_ramp_gap=0
##$RECO_ramp_time=0
##$RECO_ne_mode=NO_NAV_DATA
##$RECO_ne_dist=NeNoInterleave
##$RECO_ne_dens=NeCorrPerScan
##$RECO_ne_type=NAV_PHASE
##$RECO_ne_vals=( 1, 2 )
0 0
##$RECO_bc_mode=( 1 )
AUTO_OFFSET_BC
##$RECO_bc_start=( 1 )
24
##$RECO_bc_len=( 1 )
8
$$ @vis= RECO_size RECO_regrid_mode RECO_ne_mode RECO_bc_mode RECO_bc_start
##$RECO_dc_offset=( 2 )
-21 -1
##$RECO_dc_divisor=8
##$RECO_bc_coroff=( 1 )
0
##$RECO_qopts=( 1 )
CONJ_AND_QNEG
##$RECO_wdw_mode=( 1 )
NO_WDW
##$RECO_lb=( 1 )
-0.5
##$RECO_sw=( 1 )
22001
##$RECO_gb=( 1 )
0.5
##$RECO_sbs=( 1 )
1
##$RECO_tm1=( 1 )
0.25
##$RECO_tm2=( 1 )
0.75
##$RECO_ft_mode=( 1 )
COMPLEX_FFT
##$RECO_pc_mode=( 1 )
NO_PC
##$RECO_pc_lin=( 1 )
(0, 0)
##$RECO_rotate=( 1, 4 )
0 0 0 0
$$ @vis= RECO_bc_len RECO_qopts RECO_wdw_mode RECO_ft_mode RECO_pc_mode
##$RECO_ppc_mode=NO_PPC
##$RECO_ref_image=0
##$RECO_nr_supports=0.4
##$RECO_sig_threshold=0.15
##$RECO_ppc_degree=1
##$RECO_ppc_coeffs=( 4, 1, 2 )
0 0 0 0 0 0 0 0
##$RECO_dc_elim=Yes
##$RECO_transposition=( 4 )
0 0 0 0
##$RECO_image_type=MAGNITUDE_IMAGE
$$ @vis= RECO_rotate RECO_ppc_mode RECO_dc_elim RECO_transposition
##$RECO_image_threshold=0.15
##$RECO_ir_scale=10
##$RECO_wordtype=_16BIT_SGN_INT
##$RECO_map_mode=ABSOLUTE_MAPPING
##$RECO_map_range=( 2 )
-2147483647 2147483647
##$RECO_map_percentile=( 2 )
1 99
##$RECO_map_error=0.25
##$RECO_globex=( 320 )
0 0 0 0 0 0 0 0 0 0 0 0 0 0 0 0 0 0 0 0 0 0 0 0 0 0 0 0 0 0 0 0 0 0 0 0 0 0 0 
0 0 0 0 0 0 0 0 0 0 0 0 0 0 0 0 0 0 0 0 0 0 0 0 0 0 0 0 0 0 0 0 0 0 0 0 0 0 0 
0 0 0 0 0 0 0 0 0 0 0 0 0 0 0 0 0 0 0 0 0 0 0 0 0 0 0 0 0 0 0 0 0 0 0 0 0 0 0 
0 0 0 0 0 0 0 0 0 0 0 0 0 0 0 0 0 0 0 0 0 0 0 0 0 0 0 0 0 0 0 0 0 0 0 0 0 0 0 
0 0 0 0 0 0 0 0 0 0 0 0 0 0 0 0 0 0 0 0 0 0 0 0 0 0 0 0 0 0 0 0 0 0 0 0 0 0 0 
0 0 0 0 0 0 0 0 0 0 0 0 0 0 0 0 0 0 0 0 0 0 0 0 0 0 0 0 0 0 0 0 0 0 0 0 0 0 0 
0 0 0 0 0 0 0 0 0 0 0 0 0 0 0 0 0 0 0 0 0 0 0 0 0 0 0 0 0 0 0 0 0 0 0 0 0 0 0 
0 0 0 0 0 0 0 0 0 0 0 0 0 0 0 0 0 0 0 0 0 0 0 0 0 0 0 0 0 0 0 0 0 0 0 0 0 0 0 
0 0 0 0 0 0 0 0
##$RECO_minima=( 320 )
0 0 0 0 0 0 0 0 0 0 0 0 0 0 0 0 0 0 0 0 0 0 0 0 0 0 0 0 0 0 0 0 0 0 0 0 0 0 0 
0 0 0 0 0 0 0 0 0 0 0 0 0 0 0 0 0 0 0 0 0 0 0 0 0 0 0 0 0 0 0 0 0 0 0 0 0 0 0 
0 0 0 0 0 0 0 0 0 0 0 0 0 0 0 0 0 0 0 0 0 0 0 0 0 0 0 0 0 0 0 0 0 0 0 0 0 0 0 
0 0 0 0 0 0 0 0 0 0 0 0 0 0 0 0 0 0 0 0 0 0 0 0 0 0 0 0 0 0 0 0 0 0 0 0 0 0 0 
0 0 0 0 0 0 0 0 0 0 0 0 0 0 0 0 0 0 0 0 0 0 0 0 0 0 0 0 0 0 0 0 0 0 0 0 0 0 0 
0 0 0 0 0 0 0 0 0 0 0 0 0 0 0 0 0 0 0 0 0 0 0 0 0 0 0 0 0 0 0 0 0 0 0 0 0 0 0 
0 0 0 0 0 0 0 0 0 0 0 0 0 0 0 0 0 0 0 0 0 0 0 0 0 0 0 0 0 0 0 0 0 0 0 0 0 0 0 
0 0 0 0 0 0 0 0 0 0 0 0 0 0 0 0 0 0 0 0 0 0 0 0 0 0 0 0 0 0 0 0 0 0 0 0 0 0 0 
0 0 0 0 0 0 0 0
##$RECO_maxima=( 320 )
133 6358 9952 163 113 6638 10468 122 111 8627 11594 143 124 9699 13153 102 
110 7528 12126 120 119 16251 16160 140 84 11019 10948 97 128 29911 24861 113 
104 32586 24197 124 127 13518 8713 124 125 17950 14116 117 125 13695 7321 134 
125 13170 8967 96 120 12587 8388 130 116 10834 6366 108 85 10553 6321 75 133 
6697 10547 130 107 6600 10434 94 99 8763 11607 128 120 9497 13138 101 96 7690 
12103 108 119 16264 16143 124 102 11114 10899 105 159 29770 24681 104 114 
32767 24133 117 105 13715 8829 107 117 17895 14213 125 137 13792 7206 122 108 
13213 8871 108 105 12587 8310 189 131 10821 6321 128 116 10602 6225 97 113 
6733 10517 108 179 6718 10579 117 93 8681 11599 107 113 9537 13190 114 119 
7640 12190 97 107 16237 16062 97 102 11083 10883 90 102 29839 24745 102 134 
32727 24220 125 108 13534 8753 120 87 17932 14105 101 114 13741 7341 113 113 
13175 8855 137 97 12581 8341 120 122 10861 6384 108 133 10599 6259 108 130 
6646 10598 133 81 6643 10489 131 154 8693 11636 159 110 9486 13133 104 102 
7629 12199 136 120 16251 16088 168 99 11105 10889 130 117 29810 24748 145 148 
32653 24221 113 124 13562 8829 142 102 17847 14191 130 96 13831 7312 107 104 
13119 8888 101 105 12695 8244 114 137 10820 6389 110 108 10589 6254 116 122 
6621 10515 111 82 6605 10515 108 102 8754 11610 107 133 9621 13106 120 101 
7706 12196 117 105 16168 16117 105 162 11091 10984 143 139 29916 24880 120 
122 32525 24090 91 140 13452 8790 94 131 18028 14199 140 113 13779 7297 153 
114 13208 8843 113 96 12637 8335 110 142 10762 6447 119 110 10567 6187 102
$$ @vis= RECO_image_type RECO_wordtype RECO_map_mode RECO_globex RECO_minima
##$RECO_map_min=( 320 )
-21401 -21401 -21401 -21401 -21401 -21401 -21401 -21401 -21401 -21401 -21401 
-21401 -21401 -21401 -21401 -21401 -21401 -21401 -21401 -21401 -21401 -21401 
-21401 -21401 -21401 -21401 -21401 -21401 -21401 -21401 -21401 -21401 -21401 
-21401 -21401 -21401 -21401 -21401 -21401 -21401 -21401 -21401 -21401 -21401 
-21401 -21401 -21401 -21401 -21401 -21401 -21401 -21401 -21401 -21401 -21401 
-21401 -21401 -21401 -21401 -21401 -21401 -21401 -21401 -21401 -21401 -21401 
-21401 -21401 -21401 -21401 -21401 -21401 -21401 -21401 -21401 -21401 -21401 
-21401 -21401 -21401 -21401 -21401 -21401 -21401 -21401 -21401 -21401 -21401 
-21401 -21401 -21401 -21401 -21401 -21401 -21401 -21401 -21401 -21401 -21401 
-21401 -21401 -21401 -21401 -21401 -21401 -21401 -21401 -21401 -21401 -21401 
-21401 -21401 -21401 -21401 -21401 -21401 -21401 -21401 -21401 -21401 -21401 
-21401 -21401 -21401 -21401 -21401 -21401 -21401 -21401 -21401 -21401 -21401 
-21401 -21401 -21401 -21401 -21401 -21401 -21401 -21401 -21401 -21401 -21401 
-21401 -21401 -21401 -21401 -21401 -21401 -21401 -21401 -21401 -21401 -21401 
-21401 -21401 -21401 -21401 -21401 -21401 -21401 -21401 -21401 -21401 -21401 
-21401 -21401 -21401 -21401 -21401 -21401 -21401 -21401 -21401 -21401 -21401 
-21401 -21401 -21401 -21401 -21401 -21401 -21401 -21401 -21401 -21401 -21401 
-21401 -21401 -21401 -21401 -21401 -21401 -21401 -21401 -21401 -21401 -21401 
-21401 -21401 -21401 -21401 -21401 -21401 -21401 -21401 -21401 -21401 -21401 
-21401 -21401 -21401 -21401 -21401 -21401 -21401 -21401 -21401 -21401 -21401 
-21401 -21401 -21401 -21401 -21401 -21401 -21401 -21401 -21401 -21401 -21401 
-21401 -21401 -21401 -21401 -21401 -21401 -21401 -21401 -21401 -21401 -21401 
-21401 -21401 -21401 -21401 -21401 -21401 -21401 -21401 -21401 -21401 -21401 
-21401 -21401 -21401 -21401 -21401 -21401 -21401 -21401 -21401 -21401 -21401 
-21401 -21401 -21401 -21401 -21401 -21401 -21401 -21401 -21401 -21401 -21401 
-21401 -21401 -21401 -21401 -21401 -21401 -21401 -21401 -21401 -21401 -21401 
-21401 -21401 -21401 -21401 -21401 -21401 -21401 -21401 -21401 -21401 -21401 
-21401 -21401 -21401 -21401 -21401 -21401 -21401 -21401 -21401 -21401 -21401 
-21401 -21401 -21401 -21401 -21401 -21401 -21401 -21401 -21401 -21401 -21401 
-21401
##$RECO_map_max=( 320 )
21401 21401 21401 21401 21401 21401 21401 21401 21401 21401 21401 21401 21401 
21401 21401 21401 21401 21401 21401 21401 21401 21401 21401 21401 21401 21401 
21401 21401 21401 21401 21401 21401 21401 21401 21401 21401 21401 21401 21401 
21401 21401 21401 21401 21401 21401 21401 21401 21401 21401 21401 21401 21401 
21401 21401 21401 21401 21401 21401 21401 21401 21401 21401 21401 21401 21401 
21401 21401 21401 21401 21401 21401 21401 21401 21401 21401 21401 21401 21401 
21401 21401 21401 21401 21401 21401 21401 21401 21401 21401 21401 21401 21401 
21401 21401 21401 21401 21401 21401 21401 21401 21401 21401 21401 21401 21401 
21401 21401 21401 21401 21401 21401 21401 21401 21401 21401 21401 21401 21401 
21401 21401 21401 21401 21401 21401 21401 21401 21401 21401 21401 21401 21401 
21401 21401 21401 21401 21401 21401 21401 21401 21401 21401 21401 21401 21401 
21401 21401 21401 21401 21401 21401 21401 21401 21401 21401 21401 21401 21401 
21401 21401 21401 21401 21401 21401 21401 21401 21401 21401 21401 21401 21401 
21401 21401 21401 21401 21401 21401 21401 21401 21401 21401 21401 21401 21401 
21401 21401 21401 21401 21401 21401 21401 21401 21401 21401 21401 21401 21401 
21401 21401 21401 21401 21401 21401 21401 21401 21401 21401 21401 21401 21401 
21401 21401 21401 21401 21401 21401 21401 21401 21401 21401 21401 21401 21401 
21401 21401 21401 21401 21401 21401 21401 21401 21401 21401 21401 21401 21401 
21401 21401 21401 21401 21401 21401 21401 21401 21401 21401 21401 21401 21401 
21401 21401 21401 21401 21401 21401 21401 21401 21401 21401 21401 21401 21401 
21401 21401 21401 21401 21401 21401 21401 21401 21401 21401 21401 21401 21401 
21401 21401 21401 21401 21401 21401 21401 21401 21401 21401 21401 21401 21401 
21401 21401 21401 21401 21401 21401 21401 21401 21401 21401 21401 21401 21401 
21401 21401 21401 21401 21401 21401 21401 21401 21401 21401 21401 21401 21401 
21401 21401 21401 21401 21401 21401 21401 21401
##$RECO_map_offset=( 320 )
0 0 0 0 0 0 0 0 0 0 0 0 0 0 0 0 0 0 0 0 0 0 0 0 0 0 0 0 0 0 0 0 0 0 0 0 0 0 0 
0 0 0 0 0 0 0 0 0 0 0 0 0 0 0 0 0 0 0 0 0 0 0 0 0 0 0 0 0 0 0 0 0 0 0 0 0 0 0 
0 0 0 0 0 0 0 0 0 0 0 0 0 0 0 0 0 0 0 0 0 0 0 0 0 0 0 0 0 0 0 0 0 0 0 0 0 0 0 
0 0 0 0 0 0 0 0 0 0 0 0 0 0 0 0 0 0 0 0 0 0 0 0 0 0 0 0 0 0 0 0 0 0 0 0 0 0 0 
0 0 0 0 0 0 0 0 0 0 0 0 0 0 0 0 0 0 0 0 0 0 0 0 0 0 0 0 0 0 0 0 0 0 0 0 0 0 0 
0 0 0 0 0 0 0 0 0 0 0 0 0 0 0 0 0 0 0 0 0 0 0 0 0 0 0 0 0 0 0 0 0 0 0 0 0 0 0 
0 0 0 0 0 0 0 0 0 0 0 0 0 0 0 0 0 0 0 0 0 0 0 0 0 0 0 0 0 0 0 0 0 0 0 0 0 0 0 
0 0 0 0 0 0 0 0 0 0 0 0 0 0 0 0 0 0 0 0 0 0 0 0 0 0 0 0 0 0 0 0 0 0 0 0 0 0 0 
0 0 0 0 0 0 0 0
##$RECO_map_slope=( 320 )
1.53109669685364 1.53109669685364 1.53109669685364 1.53109669685364 
1.53109669685364 1.53109669685364 1.53109669685364 1.53109669685364 
1.53109669685364 1.53109669685364 1.53109669685364 1.53109669685364 
1.53109669685364 1.53109669685364 1.53109669685364 1.53109669685364 
1.53109669685364 1.53109669685364 1.53109669685364 1.53109669685364 
1.53109669685364 1.53109669685364 1.53109669685364 1.53109669685364 
1.53109669685364 1.53109669685364 1.53109669685364 1.53109669685364 
1.53109669685364 1.53109669685364 1.53109669685364 1.53109669685364 
1.53109669685364 1.53109669685364 1.53109669685364 1.53109669685364 
1.53109669685364 1.53109669685364 1.53109669685364 1.53109669685364 
1.53109669685364 1.53109669685364 1.53109669685364 1.53109669685364 
1.53109669685364 1.53109669685364 1.53109669685364 1.53109669685364 
1.53109669685364 1.53109669685364 1.53109669685364 1.53109669685364 
1.53109669685364 1.53109669685364 1.53109669685364 1.53109669685364 
1.53109669685364 1.53109669685364 1.53109669685364 1.53109669685364 
1.53109669685364 1.53109669685364 1.53109669685364 1.53109669685364 
1.53109669685364 1.53109669685364 1.53109669685364 1.53109669685364 
1.53109669685364 1.53109669685364 1.53109669685364 1.53109669685364 
1.53109669685364 1.53109669685364 1.53109669685364 1.53109669685364 
1.53109669685364 1.53109669685364 1.53109669685364 1.53109669685364 
1.53109669685364 1.53109669685364 1.53109669685364 1.53109669685364 
1.53109669685364 1.53109669685364 1.53109669685364 1.53109669685364 
1.53109669685364 1.53109669685364 1.53109669685364 1.53109669685364 
1.53109669685364 1.53109669685364 1.53109669685364 1.53109669685364 
1.53109669685364 1.53109669685364 1.53109669685364 1.53109669685364 
1.53109669685364 1.53109669685364 1.53109669685364 1.53109669685364 
1.53109669685364 1.53109669685364 1.53109669685364 1.53109669685364 
1.53109669685364 1.53109669685364 1.53109669685364 1.53109669685364 
1.53109669685364 1.53109669685364 1.53109669685364 1.53109669685364 
1.53109669685364 1.53109669685364 1.53109669685364 1.53109669685364 
1.53109669685364 1.53109669685364 1.53109669685364 1.53109669685364 
1.53109669685364 1.53109669685364 1.53109669685364 1.53109669685364 
1.53109669685364 1.53109669685364 1.53109669685364 1.53109669685364 
1.53109669685364 1.53109669685364 1.53109669685364 1.53109669685364 
1.53109669685364 1.53109669685364 1.53109669685364 1.53109669685364 
1.53109669685364 1.53109669685364 1.53109669685364 1.53109669685364 
1.53109669685364 1.53109669685364 1.53109669685364 1.53109669685364 
1.53109669685364 1.53109669685364 1.53109669685364 1.53109669685364 
1.53109669685364 1.53109669685364 1.53109669685364 1.53109669685364 
1.53109669685364 1.53109669685364 1.53109669685364 1.53109669685364 
1.53109669685364 1.53109669685364 1.53109669685364 1.53109669685364 
1.53109669685364 1.53109669685364 1.53109669685364 1.53109669685364 
1.53109669685364 1.53109669685364 1.53109669685364 1.53109669685364 
1.53109669685364 1.53109669685364 1.53109669685364 1.53109669685364 
1.53109669685364 1.53109669685364 1.53109669685364 1.53109669685364 
1.53109669685364 1.53109669685364 1.53109669685364 1.53109669685364 
1.53109669685364 1.53109669685364 1.53109669685364 1.53109669685364 
1.53109669685364 1.53109669685364 1.53109669685364 1.53109669685364 
1.53109669685364 1.53109669685364 1.53109669685364 1.53109669685364 
1.53109669685364 1.53109669685364 1.53109669685364 1.53109669685364 
1.53109669685364 1.53109669685364 1.53109669685364 1.53109669685364 
1.53109669685364 1.53109669685364 1.53109669685364 1.53109669685364 
1.53109669685364 1.53109669685364 1.53109669685364 1.53109669685364 
1.53109669685364 1.53109669685364 1.53109669685364 1.53109669685364 
1.53109669685364 1.53109669685364 1.53109669685364 1.53109669685364 
1.53109669685364 1.53109669685364 1.53109669685364 1.53109669685364 
1.53109669685364 1.53109669685364 1.53109669685364 1.53109669685364 
1.53109669685364 1.53109669685364 1.53109669685364 1.53109669685364 
1.53109669685364 1.53109669685364 1.53109669685364 1.53109669685364 
1.53109669685364 1.53109669685364 1.53109669685364 1.53109669685364 
1.53109669685364 1.53109669685364 1.53109669685364 1.53109669685364 
1.53109669685364 1.53109669685364 1.53109669685364 1.53109669685364 
1.53109669685364 1.53109669685364 1.53109669685364 1.53109669685364 
1.53109669685364 1.53109669685364 1.53109669685364 1.53109669685364 
1.53109669685364 1.53109669685364 1.53109669685364 1.53109669685364 
1.53109669685364 1.53109669685364 1.53109669685364 1.53109669685364 
1.53109669685364 1.53109669685364 1.53109669685364 1.53109669685364 
1.53109669685364 1.53109669685364 1.53109669685364 1.53109669685364 
1.53109669685364 1.53109669685364 1.53109669685364 1.53109669685364 
1.53109669685364 1.53109669685364 1.53109669685364 1.53109669685364 
1.53109669685364 1.53109669685364 1.53109669685364 1.53109669685364 
1.53109669685364 1.53109669685364 1.53109669685364 1.53109669685364 
1.53109669685364 1.53109669685364 1.53109669685364 1.53109669685364 
1.53109669685364 1.53109669685364 1.53109669685364 1.53109669685364 
1.53109669685364 1.53109669685364 1.53109669685364 1.53109669685364 
1.53109669685364 1.53109669685364 1.53109669685364 1.53109669685364 
1.53109669685364 1.53109669685364 1.53109669685364 1.53109669685364 
1.53109669685364 1.53109669685364 1.53109669685364 1.53109669685364 
1.53109669685364 1.53109669685364 1.53109669685364 1.53109669685364 
1.53109669685364 1.53109669685364 1.53109669685364 1.53109669685364
##$RECO_byte_order=littleEndian
$$ @vis= RECO_maxima RECO_map_min RECO_map_max RECO_map_offset RECO_map_slope
##$RECO_time=( 24 )
<21:42:17  7 Aug 2014>
##$RECO_abs_time=1407462137
##$RECO_base_image_uid=( 65 )
<2.16.756.5.5.100.278412266.32363.1407462747.240>
$$ @vis= RECO_byte_order RECO_time RECO_abs_time RECO_base_image_uid
##$GS_reco_display=Yes
##$GO_reco_display=Yes
##$GO_reco_each_nr=No
$$ @vis= RecoRegridNGroup GS_reco_display RECO_GS GO_reco_display
##$GO_max_reco_mem=0
$$ @vis= GO_reco_each_nr GO_max_reco_mem RECO_GO RECO
##END=
