##TITLE=Parameter List
##JCAMPDX=4.24
##DATATYPE=Parameter Values
##ORIGIN=Bruker BioSpin MRI GmbH
##OWNER=ryan
$$ Fri Jul 25 00:18:57 2014 EDT (UT-4h)  ryan
$$ /opt/PV5.1/data/ryan/nmr/RMD266.qU1/50/pdata/1/reco
##$RECO_mode=FT_MODE
##$RecoAutoDerive=Yes
##$RECO_inp_order=NO_REORDERING
##$RECO_inp_size=( 1 )
32
##$RECO_ft_size=( 1 )
32
##$RECO_fov=( 1 )
0
##$RECO_size=( 1 )
32
$$ @vis= RECO_mode RecoAutoDerive RECO_inp_order RECO_ft_size RECO_fov
##$RECO_offset=( 1, 4 )
0 0 0 0
##$RECO_regrid_mode=NO_REGRID
##$RECO_regrid_offset=0
##$RECO_ramp_gap=0
##$RECO_ramp_time=0
##$RECO_ne_mode=NO_NAV_DATA
##$RECO_ne_dist=NeNoInterleave
##$RECO_ne_dens=NeCorrPerScan
##$RECO_ne_type=NAV_PHASE
##$RECO_ne_vals=( 1, 2 )
0 0
##$RECO_bc_mode=( 1 )
AUTO_OFFSET_BC
##$RECO_bc_start=( 1 )
24
##$RECO_bc_len=( 1 )
8
$$ @vis= RECO_size RECO_regrid_mode RECO_ne_mode RECO_bc_mode RECO_bc_start
##$RECO_dc_offset=( 2 )
-4 -12
##$RECO_dc_divisor=8
##$RECO_bc_coroff=( 1 )
0
##$RECO_qopts=( 1 )
CONJ_AND_QNEG
##$RECO_wdw_mode=( 1 )
NO_WDW
##$RECO_lb=( 1 )
-0.5
##$RECO_sw=( 1 )
22001
##$RECO_gb=( 1 )
0.5
##$RECO_sbs=( 1 )
1
##$RECO_tm1=( 1 )
0.25
##$RECO_tm2=( 1 )
0.75
##$RECO_ft_mode=( 1 )
COMPLEX_FFT
##$RECO_pc_mode=( 1 )
NO_PC
##$RECO_pc_lin=( 1 )
(0, 0)
##$RECO_rotate=( 1, 4 )
0 0 0 0
$$ @vis= RECO_bc_len RECO_qopts RECO_wdw_mode RECO_ft_mode RECO_pc_mode
##$RECO_ppc_mode=NO_PPC
##$RECO_ref_image=0
##$RECO_nr_supports=0.4
##$RECO_sig_threshold=0.15
##$RECO_ppc_degree=1
##$RECO_ppc_coeffs=( 4, 1, 2 )
0 0 0 0 0 0 0 0
##$RECO_dc_elim=Yes
##$RECO_transposition=( 4 )
0 0 0 0
##$RECO_image_type=MAGNITUDE_IMAGE
$$ @vis= RECO_rotate RECO_ppc_mode RECO_dc_elim RECO_transposition
##$RECO_image_threshold=0.15
##$RECO_ir_scale=10
##$RECO_wordtype=_16BIT_SGN_INT
##$RECO_map_mode=ABSOLUTE_MAPPING
##$RECO_map_range=( 2 )
-2147483647 2147483647
##$RECO_map_percentile=( 2 )
1 99
##$RECO_map_error=0.25
##$RECO_globex=( 320 )
0 0 0 0 0 0 0 0 0 0 0 0 0 0 0 0 0 0 0 0 0 0 0 0 0 0 0 0 0 0 0 0 0 0 0 0 0 0 0 
0 0 0 0 0 0 0 0 0 0 0 0 0 0 0 0 0 0 0 0 0 0 0 0 0 0 0 0 0 0 0 0 0 0 0 0 0 0 0 
0 0 0 0 0 0 0 0 0 0 0 0 0 0 0 0 0 0 0 0 0 0 0 0 0 0 0 0 0 0 0 0 0 0 0 0 0 0 0 
0 0 0 0 0 0 0 0 0 0 0 0 0 0 0 0 0 0 0 0 0 0 0 0 0 0 0 0 0 0 0 0 0 0 0 0 0 0 0 
0 0 0 0 0 0 0 0 0 0 0 0 0 0 0 0 0 0 0 0 0 0 0 0 0 0 0 0 0 0 0 0 0 0 0 0 0 0 0 
0 0 0 0 0 0 0 0 0 0 0 0 0 0 0 0 0 0 0 0 0 0 0 0 0 0 0 0 0 0 0 0 0 0 0 0 0 0 0 
0 0 0 0 0 0 0 0 0 0 0 0 0 0 0 0 0 0 0 0 0 0 0 0 0 0 0 0 0 0 0 0 0 0 0 0 0 0 0 
0 0 0 0 0 0 0 0 0 0 0 0 0 0 0 0 0 0 0 0 0 0 0 0 0 0 0 0 0 0 0 0 0 0 0 0 0 0 0 
0 0 0 0 0 0 0 0
##$RECO_minima=( 320 )
0 0 0 0 0 0 0 0 0 0 0 0 0 0 0 0 0 0 0 0 0 0 0 0 0 0 0 0 0 0 0 0 0 0 0 0 0 0 0 
0 0 0 0 0 0 0 0 0 0 0 0 0 0 0 0 0 0 0 0 0 0 0 0 0 0 0 0 0 0 0 0 0 0 0 0 0 0 0 
0 0 0 0 0 0 0 0 0 0 0 0 0 0 0 0 0 0 0 0 0 0 0 0 0 0 0 0 0 0 0 0 0 0 0 0 0 0 0 
0 0 0 0 0 0 0 0 0 0 0 0 0 0 0 0 0 0 0 0 0 0 0 0 0 0 0 0 0 0 0 0 0 0 0 0 0 0 0 
0 0 0 0 0 0 0 0 0 0 0 0 0 0 0 0 0 0 0 0 0 0 0 0 0 0 0 0 0 0 0 0 0 0 0 0 0 0 0 
0 0 0 0 0 0 0 0 0 0 0 0 0 0 0 0 0 0 0 0 0 0 0 0 0 0 0 0 0 0 0 0 0 0 0 0 0 0 0 
0 0 0 0 0 0 0 0 0 0 0 0 0 0 0 0 0 0 0 0 0 0 0 0 0 0 0 0 0 0 0 0 0 0 0 0 0 0 0 
0 0 0 0 0 0 0 0 0 0 0 0 0 0 0 0 0 0 0 0 0 0 0 0 0 0 0 0 0 0 0 0 0 0 0 0 0 0 0 
0 0 0 0 0 0 0 0
##$RECO_maxima=( 320 )
297 243 7539 6737 221 243 9538 8723 275 250 11451 10925 269 275 13747 12366 
259 196 13725 13212 313 316 18084 15385 392 288 16206 13738 399 418 32643 
27793 421 332 32377 26504 269 316 15575 12645 202 247 17470 14698 256 269 
13595 12075 304 288 14197 12037 307 224 11584 10016 275 269 9563 8226 278 218 
8248 5910 237 155 7631 6848 285 209 9686 8774 262 278 11606 10925 266 253 
13985 12566 316 291 13795 13076 323 231 18128 15414 304 323 16174 13561 364 
506 32595 27651 452 335 32028 26520 313 376 15547 12601 231 959 17793 14945 
259 538 13744 11948 281 193 14204 11964 247 269 11752 10076 218 304 9721 8334 
237 253 8179 5774 240 174 7517 6861 212 253 9769 8780 291 231 11650 10852 247 
259 14162 12436 294 332 13931 12933 193 209 18271 15392 297 297 16294 13716 
367 440 32767 27901 497 484 32459 26722 326 262 15683 12765 221 256 17688 
14786 190 243 13595 12138 272 234 14080 12018 380 262 11711 10063 231 256 
9724 8343 243 237 8318 5860 218 243 7577 6807 240 259 9661 8733 332 218 11600 
10836 269 288 14067 12461 237 221 13817 13101 250 411 18138 15585 304 218 
16180 13744 624 421 32659 27467 554 319 32469 27125 373 608 16025 12829 281 
231 17704 14653 310 297 13754 12160 338 266 14128 12167 209 224 11730 10133 
243 288 9721 8426 262 342 8093 5942 304 212 7561 6927 205 494 9918 8926 247 
285 11460 10773 304 275 13887 12620 196 836 13976 13098 300 266 18385 15439 
313 399 16545 13684 595 421 32481 28240 544 598 32339 26716 259 259 15639 
12902 193 351 17786 14720 234 259 13662 12046 259 281 13985 11818 221 209 
11707 9914 171 668 9756 8720 278 212 8261 5939
$$ @vis= RECO_image_type RECO_wordtype RECO_map_mode RECO_globex RECO_minima
##$RECO_map_min=( 320 )
-10344 -10344 -10344 -10344 -10344 -10344 -10344 -10344 -10344 -10344 -10344 
-10344 -10344 -10344 -10344 -10344 -10344 -10344 -10344 -10344 -10344 -10344 
-10344 -10344 -10344 -10344 -10344 -10344 -10344 -10344 -10344 -10344 -10344 
-10344 -10344 -10344 -10344 -10344 -10344 -10344 -10344 -10344 -10344 -10344 
-10344 -10344 -10344 -10344 -10344 -10344 -10344 -10344 -10344 -10344 -10344 
-10344 -10344 -10344 -10344 -10344 -10344 -10344 -10344 -10344 -10344 -10344 
-10344 -10344 -10344 -10344 -10344 -10344 -10344 -10344 -10344 -10344 -10344 
-10344 -10344 -10344 -10344 -10344 -10344 -10344 -10344 -10344 -10344 -10344 
-10344 -10344 -10344 -10344 -10344 -10344 -10344 -10344 -10344 -10344 -10344 
-10344 -10344 -10344 -10344 -10344 -10344 -10344 -10344 -10344 -10344 -10344 
-10344 -10344 -10344 -10344 -10344 -10344 -10344 -10344 -10344 -10344 -10344 
-10344 -10344 -10344 -10344 -10344 -10344 -10344 -10344 -10344 -10344 -10344 
-10344 -10344 -10344 -10344 -10344 -10344 -10344 -10344 -10344 -10344 -10344 
-10344 -10344 -10344 -10344 -10344 -10344 -10344 -10344 -10344 -10344 -10344 
-10344 -10344 -10344 -10344 -10344 -10344 -10344 -10344 -10344 -10344 -10344 
-10344 -10344 -10344 -10344 -10344 -10344 -10344 -10344 -10344 -10344 -10344 
-10344 -10344 -10344 -10344 -10344 -10344 -10344 -10344 -10344 -10344 -10344 
-10344 -10344 -10344 -10344 -10344 -10344 -10344 -10344 -10344 -10344 -10344 
-10344 -10344 -10344 -10344 -10344 -10344 -10344 -10344 -10344 -10344 -10344 
-10344 -10344 -10344 -10344 -10344 -10344 -10344 -10344 -10344 -10344 -10344 
-10344 -10344 -10344 -10344 -10344 -10344 -10344 -10344 -10344 -10344 -10344 
-10344 -10344 -10344 -10344 -10344 -10344 -10344 -10344 -10344 -10344 -10344 
-10344 -10344 -10344 -10344 -10344 -10344 -10344 -10344 -10344 -10344 -10344 
-10344 -10344 -10344 -10344 -10344 -10344 -10344 -10344 -10344 -10344 -10344 
-10344 -10344 -10344 -10344 -10344 -10344 -10344 -10344 -10344 -10344 -10344 
-10344 -10344 -10344 -10344 -10344 -10344 -10344 -10344 -10344 -10344 -10344 
-10344 -10344 -10344 -10344 -10344 -10344 -10344 -10344 -10344 -10344 -10344 
-10344 -10344 -10344 -10344 -10344 -10344 -10344 -10344 -10344 -10344 -10344 
-10344 -10344 -10344 -10344 -10344 -10344 -10344 -10344 -10344 -10344 -10344 
-10344
##$RECO_map_max=( 320 )
10344 10344 10344 10344 10344 10344 10344 10344 10344 10344 10344 10344 10344 
10344 10344 10344 10344 10344 10344 10344 10344 10344 10344 10344 10344 10344 
10344 10344 10344 10344 10344 10344 10344 10344 10344 10344 10344 10344 10344 
10344 10344 10344 10344 10344 10344 10344 10344 10344 10344 10344 10344 10344 
10344 10344 10344 10344 10344 10344 10344 10344 10344 10344 10344 10344 10344 
10344 10344 10344 10344 10344 10344 10344 10344 10344 10344 10344 10344 10344 
10344 10344 10344 10344 10344 10344 10344 10344 10344 10344 10344 10344 10344 
10344 10344 10344 10344 10344 10344 10344 10344 10344 10344 10344 10344 10344 
10344 10344 10344 10344 10344 10344 10344 10344 10344 10344 10344 10344 10344 
10344 10344 10344 10344 10344 10344 10344 10344 10344 10344 10344 10344 10344 
10344 10344 10344 10344 10344 10344 10344 10344 10344 10344 10344 10344 10344 
10344 10344 10344 10344 10344 10344 10344 10344 10344 10344 10344 10344 10344 
10344 10344 10344 10344 10344 10344 10344 10344 10344 10344 10344 10344 10344 
10344 10344 10344 10344 10344 10344 10344 10344 10344 10344 10344 10344 10344 
10344 10344 10344 10344 10344 10344 10344 10344 10344 10344 10344 10344 10344 
10344 10344 10344 10344 10344 10344 10344 10344 10344 10344 10344 10344 10344 
10344 10344 10344 10344 10344 10344 10344 10344 10344 10344 10344 10344 10344 
10344 10344 10344 10344 10344 10344 10344 10344 10344 10344 10344 10344 10344 
10344 10344 10344 10344 10344 10344 10344 10344 10344 10344 10344 10344 10344 
10344 10344 10344 10344 10344 10344 10344 10344 10344 10344 10344 10344 10344 
10344 10344 10344 10344 10344 10344 10344 10344 10344 10344 10344 10344 10344 
10344 10344 10344 10344 10344 10344 10344 10344 10344 10344 10344 10344 10344 
10344 10344 10344 10344 10344 10344 10344 10344 10344 10344 10344 10344 10344 
10344 10344 10344 10344 10344 10344 10344 10344 10344 10344 10344 10344 10344 
10344 10344 10344 10344 10344 10344 10344 10344
##$RECO_map_offset=( 320 )
0 0 0 0 0 0 0 0 0 0 0 0 0 0 0 0 0 0 0 0 0 0 0 0 0 0 0 0 0 0 0 0 0 0 0 0 0 0 0 
0 0 0 0 0 0 0 0 0 0 0 0 0 0 0 0 0 0 0 0 0 0 0 0 0 0 0 0 0 0 0 0 0 0 0 0 0 0 0 
0 0 0 0 0 0 0 0 0 0 0 0 0 0 0 0 0 0 0 0 0 0 0 0 0 0 0 0 0 0 0 0 0 0 0 0 0 0 0 
0 0 0 0 0 0 0 0 0 0 0 0 0 0 0 0 0 0 0 0 0 0 0 0 0 0 0 0 0 0 0 0 0 0 0 0 0 0 0 
0 0 0 0 0 0 0 0 0 0 0 0 0 0 0 0 0 0 0 0 0 0 0 0 0 0 0 0 0 0 0 0 0 0 0 0 0 0 0 
0 0 0 0 0 0 0 0 0 0 0 0 0 0 0 0 0 0 0 0 0 0 0 0 0 0 0 0 0 0 0 0 0 0 0 0 0 0 0 
0 0 0 0 0 0 0 0 0 0 0 0 0 0 0 0 0 0 0 0 0 0 0 0 0 0 0 0 0 0 0 0 0 0 0 0 0 0 0 
0 0 0 0 0 0 0 0 0 0 0 0 0 0 0 0 0 0 0 0 0 0 0 0 0 0 0 0 0 0 0 0 0 0 0 0 0 0 0 
0 0 0 0 0 0 0 0
##$RECO_map_slope=( 320 )
3.16773009300232 3.16773009300232 3.16773009300232 3.16773009300232 
3.16773009300232 3.16773009300232 3.16773009300232 3.16773009300232 
3.16773009300232 3.16773009300232 3.16773009300232 3.16773009300232 
3.16773009300232 3.16773009300232 3.16773009300232 3.16773009300232 
3.16773009300232 3.16773009300232 3.16773009300232 3.16773009300232 
3.16773009300232 3.16773009300232 3.16773009300232 3.16773009300232 
3.16773009300232 3.16773009300232 3.16773009300232 3.16773009300232 
3.16773009300232 3.16773009300232 3.16773009300232 3.16773009300232 
3.16773009300232 3.16773009300232 3.16773009300232 3.16773009300232 
3.16773009300232 3.16773009300232 3.16773009300232 3.16773009300232 
3.16773009300232 3.16773009300232 3.16773009300232 3.16773009300232 
3.16773009300232 3.16773009300232 3.16773009300232 3.16773009300232 
3.16773009300232 3.16773009300232 3.16773009300232 3.16773009300232 
3.16773009300232 3.16773009300232 3.16773009300232 3.16773009300232 
3.16773009300232 3.16773009300232 3.16773009300232 3.16773009300232 
3.16773009300232 3.16773009300232 3.16773009300232 3.16773009300232 
3.16773009300232 3.16773009300232 3.16773009300232 3.16773009300232 
3.16773009300232 3.16773009300232 3.16773009300232 3.16773009300232 
3.16773009300232 3.16773009300232 3.16773009300232 3.16773009300232 
3.16773009300232 3.16773009300232 3.16773009300232 3.16773009300232 
3.16773009300232 3.16773009300232 3.16773009300232 3.16773009300232 
3.16773009300232 3.16773009300232 3.16773009300232 3.16773009300232 
3.16773009300232 3.16773009300232 3.16773009300232 3.16773009300232 
3.16773009300232 3.16773009300232 3.16773009300232 3.16773009300232 
3.16773009300232 3.16773009300232 3.16773009300232 3.16773009300232 
3.16773009300232 3.16773009300232 3.16773009300232 3.16773009300232 
3.16773009300232 3.16773009300232 3.16773009300232 3.16773009300232 
3.16773009300232 3.16773009300232 3.16773009300232 3.16773009300232 
3.16773009300232 3.16773009300232 3.16773009300232 3.16773009300232 
3.16773009300232 3.16773009300232 3.16773009300232 3.16773009300232 
3.16773009300232 3.16773009300232 3.16773009300232 3.16773009300232 
3.16773009300232 3.16773009300232 3.16773009300232 3.16773009300232 
3.16773009300232 3.16773009300232 3.16773009300232 3.16773009300232 
3.16773009300232 3.16773009300232 3.16773009300232 3.16773009300232 
3.16773009300232 3.16773009300232 3.16773009300232 3.16773009300232 
3.16773009300232 3.16773009300232 3.16773009300232 3.16773009300232 
3.16773009300232 3.16773009300232 3.16773009300232 3.16773009300232 
3.16773009300232 3.16773009300232 3.16773009300232 3.16773009300232 
3.16773009300232 3.16773009300232 3.16773009300232 3.16773009300232 
3.16773009300232 3.16773009300232 3.16773009300232 3.16773009300232 
3.16773009300232 3.16773009300232 3.16773009300232 3.16773009300232 
3.16773009300232 3.16773009300232 3.16773009300232 3.16773009300232 
3.16773009300232 3.16773009300232 3.16773009300232 3.16773009300232 
3.16773009300232 3.16773009300232 3.16773009300232 3.16773009300232 
3.16773009300232 3.16773009300232 3.16773009300232 3.16773009300232 
3.16773009300232 3.16773009300232 3.16773009300232 3.16773009300232 
3.16773009300232 3.16773009300232 3.16773009300232 3.16773009300232 
3.16773009300232 3.16773009300232 3.16773009300232 3.16773009300232 
3.16773009300232 3.16773009300232 3.16773009300232 3.16773009300232 
3.16773009300232 3.16773009300232 3.16773009300232 3.16773009300232 
3.16773009300232 3.16773009300232 3.16773009300232 3.16773009300232 
3.16773009300232 3.16773009300232 3.16773009300232 3.16773009300232 
3.16773009300232 3.16773009300232 3.16773009300232 3.16773009300232 
3.16773009300232 3.16773009300232 3.16773009300232 3.16773009300232 
3.16773009300232 3.16773009300232 3.16773009300232 3.16773009300232 
3.16773009300232 3.16773009300232 3.16773009300232 3.16773009300232 
3.16773009300232 3.16773009300232 3.16773009300232 3.16773009300232 
3.16773009300232 3.16773009300232 3.16773009300232 3.16773009300232 
3.16773009300232 3.16773009300232 3.16773009300232 3.16773009300232 
3.16773009300232 3.16773009300232 3.16773009300232 3.16773009300232 
3.16773009300232 3.16773009300232 3.16773009300232 3.16773009300232 
3.16773009300232 3.16773009300232 3.16773009300232 3.16773009300232 
3.16773009300232 3.16773009300232 3.16773009300232 3.16773009300232 
3.16773009300232 3.16773009300232 3.16773009300232 3.16773009300232 
3.16773009300232 3.16773009300232 3.16773009300232 3.16773009300232 
3.16773009300232 3.16773009300232 3.16773009300232 3.16773009300232 
3.16773009300232 3.16773009300232 3.16773009300232 3.16773009300232 
3.16773009300232 3.16773009300232 3.16773009300232 3.16773009300232 
3.16773009300232 3.16773009300232 3.16773009300232 3.16773009300232 
3.16773009300232 3.16773009300232 3.16773009300232 3.16773009300232 
3.16773009300232 3.16773009300232 3.16773009300232 3.16773009300232 
3.16773009300232 3.16773009300232 3.16773009300232 3.16773009300232 
3.16773009300232 3.16773009300232 3.16773009300232 3.16773009300232 
3.16773009300232 3.16773009300232 3.16773009300232 3.16773009300232 
3.16773009300232 3.16773009300232 3.16773009300232 3.16773009300232 
3.16773009300232 3.16773009300232 3.16773009300232 3.16773009300232 
3.16773009300232 3.16773009300232 3.16773009300232 3.16773009300232 
3.16773009300232 3.16773009300232 3.16773009300232 3.16773009300232 
3.16773009300232 3.16773009300232 3.16773009300232 3.16773009300232 
3.16773009300232 3.16773009300232 3.16773009300232 3.16773009300232
##$RECO_byte_order=littleEndian
$$ @vis= RECO_maxima RECO_map_min RECO_map_max RECO_map_offset RECO_map_slope
##$RECO_time=( 24 )
<00:08:43 25 Jul 2014>
##$RECO_abs_time=1406261323
##$RECO_base_image_uid=( 65 )
<2.16.756.5.5.100.278412266.14994.1406261937.2051>
$$ @vis= RECO_byte_order RECO_time RECO_abs_time RECO_base_image_uid
##$GS_reco_display=Yes
##$GO_reco_display=Yes
##$GO_reco_each_nr=No
$$ @vis= RecoRegridNGroup GS_reco_display RECO_GS GO_reco_display
##$GO_max_reco_mem=0
$$ @vis= GO_reco_each_nr GO_max_reco_mem RECO_GO RECO
##END=
