##TITLE=Parameter List
##JCAMPDX=4.24
##DATATYPE=Parameter Values
##ORIGIN=Bruker BioSpin MRI GmbH
##OWNER=ryan
$$ Thu Aug  7 17:40:27 2014 EDT (UT-4h)  ryan
$$ /opt/PV5.1/data/ryan/nmr/RMD272.r81/32/pdata/1/visu_pars
##$VisuVersion=1
##$VisuUid=( 65 )
<2.16.756.5.5.100.278412266.22167.1407447627.960>
##$VisuCreator=( 65 )
<ParaVision>
##$VisuCreatorVersion=( 65 )
<5.1>
##$VisuCreationDate=( 21 )
<17:29:36  7 Aug 2014>
$$ @vis= VisuVersion VisuUid VisuCreator VisuCreatorVersion VisuCreationDate
##$VisuCoreFrameCount=1680
##$VisuCoreDim=1
##$VisuCoreSize=( 1 )
32
##$VisuCoreDimDesc=( 1 )
spectroscopic
$$ @vis= VisuInstance VisuCoreFrameCount VisuCoreDim VisuCoreSize
##$VisuCoreExtent=( 1 )
73.2537534535215
##$VisuCoreUnits=( 1, 65 )
<ppm>
##$VisuCoreDataMin=( 1680 )
0 0 0 0 0 0 0 0 0 0 0 0 0 0 0 0 0 0 0 0 0 0 0 0 0 0 0 0 0 0 0 0 0 0 0 0 0 0 0 
0 0 0 0 0 0 0 0 0 0 0 0 0 0 0 0 0 0 0 0 0 0 0 0 0 0 0 0 0 0 0 0 0 0 0 0 0 0 0 
0 0 0 0 0 0 0 0 0 0 0 0 0 0 0 0 0 0 0 0 0 0 0 0 0 0 0 0 0 0 0 0 0 0 0 0 0 0 0 
0 0 0 0 0 0 0 0 0 0 0 0 0 0 0 0 0 0 0 0 0 0 0 0 0 0 0 0 0 0 0 0 0 0 0 0 0 0 0 
0 0 0 0 0 0 0 0 0 0 0 0 0 0 0 0 0 0 0 0 0 0 0 0 0 0 0 0 0 0 0 0 0 0 0 0 0 0 0 
0 0 0 0 0 0 0 0 0 0 0 0 0 0 0 0 0 0 0 0 0 0 0 0 0 0 0 0 0 0 0 0 0 0 0 0 0 0 0 
0 0 0 0 0 0 0 0 0 0 0 0 0 0 0 0 0 0 0 0 0 0 0 0 0 0 0 0 0 0 0 0 0 0 0 0 0 0 0 
0 0 0 0 0 0 0 0 0 0 0 0 0 0 0 0 0 0 0 0 0 0 0 0 0 0 0 0 0 0 0 0 0 0 0 0 0 0 0 
0 0 0 0 0 0 0 0 0 0 0 0 0 0 0 0 0 0 0 0 0 0 0 0 0 0 0 0 0 0 0 0 0 0 0 0 0 0 0 
0 0 0 0 0 0 0 0 0 0 0 0 0 0 0 0 0 0 0 0 0 0 0 0 0 0 0 0 0 0 0 0 0 0 0 0 0 0 0 
0 0 0 0 0 0 0 0 0 0 0 0 0 0 0 0 0 0 0 0 0 0 0 0 0 0 0 0 0 0 0 0 0 0 0 0 0 0 0 
0 0 0 0 0 0 0 0 0 0 0 0 0 0 0 0 0 0 0 0 0 0 0 0 0 0 0 0 0 0 0 0 0 0 0 0 0 0 0 
0 0 0 0 0 0 0 0 0 0 0 0 0 0 0 0 0 0 0 0 0 0 0 0 0 0 0 0 0 0 0 0 0 0 0 0 0 0 0 
0 0 0 0 0 0 0 0 0 0 0 0 0 0 0 0 0 0 0 0 0 0 0 0 0 0 0 0 0 0 0 0 0 0 0 0 0 0 0 
0 0 0 0 0 0 0 0 0 0 0 0 0 0 0 0 0 0 0 0 0 0 0 0 0 0 0 0 0 0 0 0 0 0 0 0 0 0 0 
0 0 0 0 0 0 0 0 0 0 0 0 0 0 0 0 0 0 0 0 0 0 0 0 0 0 0 0 0 0 0 0 0 0 0 0 0 0 0 
0 0 0 0 0 0 0 0 0 0 0 0 0 0 0 0 0 0 0 0 0 0 0 0 0 0 0 0 0 0 0 0 0 0 0 0 0 0 0 
0 0 0 0 0 0 0 0 0 0 0 0 0 0 0 0 0 0 0 0 0 0 0 0 0 0 0 0 0 0 0 0 0 0 0 0 0 0 0 
0 0 0 0 0 0 0 0 0 0 0 0 0 0 0 0 0 0 0 0 0 0 0 0 0 0 0 0 0 0 0 0 0 0 0 0 0 0 0 
0 0 0 0 0 0 0 0 0 0 0 0 0 0 0 0 0 0 0 0 0 0 0 0 0 0 0 0 0 0 0 0 0 0 0 0 0 0 0 
0 0 0 0 0 0 0 0 0 0 0 0 0 0 0 0 0 0 0 0 0 0 0 0 0 0 0 0 0 0 0 0 0 0 0 0 0 0 0 
0 0 0 0 0 0 0 0 0 0 0 0 0 0 0 0 0 0 0 0 0 0 0 0 0 0 0 0 0 0 0 0 0 0 0 0 0 0 0 
0 0 0 0 0 0 0 0 0 0 0 0 0 0 0 0 0 0 0 0 0 0 0 0 0 0 0 0 0 0 0 0 0 0 0 0 0 0 0 
0 0 0 0 0 0 0 0 0 0 0 0 0 0 0 0 0 0 0 0 0 0 0 0 0 0 0 0 0 0 0 0 0 0 0 0 0 0 0 
0 0 0 0 0 0 0 0 0 0 0 0 0 0 0 0 0 0 0 0 0 0 0 0 0 0 0 0 0 0 0 0 0 0 0 0 0 0 0 
0 0 0 0 0 0 0 0 0 0 0 0 0 0 0 0 0 0 0 0 0 0 0 0 0 0 0 0 0 0 0 0 0 0 0 0 0 0 0 
0 0 0 0 0 0 0 0 0 0 0 0 0 0 0 0 0 0 0 0 0 0 0 0 0 0 0 0 0 0 0 0 0 0 0 0 0 0 0 
0 0 0 0 0 0 0 0 0 0 0 0 0 0 0 0 0 0 0 0 0 0 0 0 0 0 0 0 0 0 0 0 0 0 0 0 0 0 0 
0 0 0 0 0 0 0 0 0 0 0 0 0 0 0 0 0 0 0 0 0 0 0 0 0 0 0 0 0 0 0 0 0 0 0 0 0 0 0 
0 0 0 0 0 0 0 0 0 0 0 0 0 0 0 0 0 0 0 0 0 0 0 0 0 0 0 0 0 0 0 0 0 0 0 0 0 0 0 
0 0 0 0 0 0 0 0 0 0 0 0 0 0 0 0 0 0 0 0 0 0 0 0 0 0 0 0 0 0 0 0 0 0 0 0 0 0 0 
0 0 0 0 0 0 0 0 0 0 0 0 0 0 0 0 0 0 0 0 0 0 0 0 0 0 0 0 0 0 0 0 0 0 0 0 0 0 0 
0 0 0 0 0 0 0 0 0 0 0 0 0 0 0 0 0 0 0 0 0 0 0 0 0 0 0 0 0 0 0 0 0 0 0 0 0 0 0 
0 0 0 0 0 0 0 0 0 0 0 0 0 0 0 0 0 0 0 0 0 0 0 0 0 0 0 0 0 0 0 0 0 0 0 0 0 0 0 
0 0 0 0 0 0 0 0 0 0 0 0 0 0 0 0 0 0 0 0 0 0 0 0 0 0 0 0 0 0 0 0 0 0 0 0 0 0 0 
0 0 0 0 0 0 0 0 0 0 0 0 0 0 0 0 0 0 0 0 0 0 0 0 0 0 0 0 0 0 0 0 0 0 0 0 0 0 0 
0 0 0 0 0 0 0 0 0 0 0 0 0 0 0 0 0 0 0 0 0 0 0 0 0 0 0 0 0 0 0 0 0 0 0 0 0 0 0 
0 0 0 0 0 0 0 0 0 0 0 0 0 0 0 0 0 0 0 0 0 0 0 0 0 0 0 0 0 0 0 0 0 0 0 0 0 0 0 
0 0 0 0 0 0 0 0 0 0 0 0 0 0 0 0 0 0 0 0 0 0 0 0 0 0 0 0 0 0 0 0 0 0 0 0 0 0 0 
0 0 0 0 0 0 0 0 0 0 0 0 0 0 0 0 0 0 0 0 0 0 0 0 0 0 0 0 0 0 0 0 0 0 0 0 0 0 0 
0 0 0 0 0 0 0 0 0 0 0 0 0 0 0 0 0 0 0 0 0 0 0 0 0 0 0 0 0 0 0 0 0 0 0 0 0 0 0 
0 0 0 0 0 0 0 0 0 0 0 0 0 0 0 0 0 0 0 0 0 0 0 0 0 0 0 0 0 0 0 0 0 0 0 0 0 0 0 
0 0 0 0 0 0 0 0 0 0 0 0 0 0 0 0 0 0 0 0 0 0 0 0 0 0 0 0 0 0 0 0 0 0 0 0 0 0 0 
0 0 0
##$VisuCoreDataMax=( 1680 )
3785 63 54 44 34 34 36 45 32 42 45 51 39 36 29 28 40 43 28 34 28 4571 49 43 
41 63 39 47 35 30 35 41 30 35 37 26 41 43 32 40 26 29 5836 56 51 55 52 43 55 
45 49 34 49 46 41 38 37 25 29 34 36 31 23 6530 58 61 47 52 38 44 44 38 32 34 
34 48 29 34 34 40 33 43 24 37 5960 63 51 42 49 39 54 41 39 34 48 35 54 43 47 
35 31 27 28 32 33 8125 59 71 42 74 39 57 37 50 35 39 45 51 40 42 32 37 34 31 
34 38 19887 81 67 82 89 81 72 69 47 71 65 69 50 50 57 37 42 31 38 34 32 32744 
108 100 99 82 92 83 98 82 90 78 80 75 77 76 65 74 67 58 45 55 32114 103 94 95 
95 94 112 93 79 79 84 78 72 67 64 70 67 60 50 67 54 19064 85 63 63 61 90 67 
79 77 62 49 57 43 48 40 43 44 43 34 37 33 9633 62 55 72 36 68 47 54 44 53 48 
40 47 49 36 42 42 28 34 28 30 7671 52 59 60 34 49 33 41 39 31 35 36 33 39 27 
38 41 37 35 30 30 6367 70 54 49 56 56 46 51 42 41 31 41 28 38 33 42 27 33 29 
33 22 6329 47 55 65 47 54 34 50 46 60 40 40 38 36 50 50 37 28 33 42 32 5235 
58 60 42 44 50 45 39 34 45 46 41 36 32 38 38 33 39 34 37 29 4299 47 56 32 52 
33 44 31 41 45 50 31 47 47 59 30 45 33 46 40 33 3762 57 46 50 41 40 32 47 28 
45 33 55 33 32 37 31 40 37 35 32 42 4551 54 45 56 39 32 38 36 56 36 44 42 34 
44 37 26 36 35 41 28 29 5826 53 66 51 46 46 57 40 60 48 46 49 50 30 33 37 36 
40 42 29 31 6560 70 68 43 63 45 41 42 54 33 34 29 42 30 41 30 33 43 32 28 42 
5926 56 67 43 46 37 52 45 43 32 36 31 42 35 50 29 36 33 37 26 33 8114 57 57 
41 69 43 59 39 48 31 43 47 50 52 37 49 32 36 28 38 28 19935 90 61 82 97 76 75 
77 66 51 51 50 46 50 42 44 38 33 34 33 31 32743 114 98 104 99 95 87 88 82 108 
77 86 75 79 68 67 72 72 52 48 64 32124 103 94 103 98 90 102 93 76 74 90 79 84 
74 65 68 52 74 58 59 54 19110 84 66 73 69 84 68 72 55 55 50 50 48 43 43 36 57 
42 34 35 38 9650 73 55 87 32 55 39 42 30 40 52 47 54 38 52 34 35 42 34 33 33 
7686 61 39 49 50 51 41 41 30 40 35 42 44 37 42 31 45 29 32 40 28 6372 61 53 
55 37 64 44 57 37 42 26 37 34 31 40 43 31 29 40 34 30 6316 59 45 73 54 61 40 
50 38 64 38 42 45 34 42 39 42 33 28 41 31 5227 59 50 55 40 44 37 34 38 33 35 
31 42 36 37 33 28 34 20 36 26 4318 59 52 47 37 33 49 29 47 36 51 37 39 25 47 
39 33 35 36 30 35 3758 66 52 41 48 52 36 37 31 59 28 38 27 47 52 41 31 42 46 
34 26 4567 51 40 38 56 37 37 52 55 36 33 45 36 36 40 40 37 34 26 36 28 5827 
52 69 61 48 40 70 52 52 46 60 41 38 36 29 38 31 29 29 42 29 6517 69 61 49 45 
35 54 40 47 40 41 32 47 32 39 22 37 29 41 26 34 5961 65 54 34 58 36 36 47 51 
41 39 38 41 38 37 36 33 38 27 34 35 8116 65 66 49 61 40 51 34 59 32 42 39 45 
30 44 32 34 41 37 30 34 19835 76 82 80 86 71 78 66 75 55 61 60 59 46 34 37 39 
37 40 34 28 32767 107 104 95 99 92 72 89 100 91 80 89 67 85 74 72 64 79 55 59 
48 32105 95 95 92 88 83 87 91 86 80 92 85 74 77 70 72 62 61 46 58 56 19053 72 
80 75 79 90 64 62 61 66 50 49 39 43 45 55 36 35 36 37 46 9619 83 46 79 46 74 
34 49 44 60 41 53 45 34 33 39 32 34 50 29 32 7683 67 45 64 34 43 44 40 45 43 
30 55 37 35 46 36 32 41 43 34 29 6374 61 46 56 49 47 41 63 41 37 40 42 33 46 
30 41 27 42 39 25 25 6291 64 65 52 43 64 38 47 36 46 48 49 31 35 27 48 35 48 
26 33 29 5226 44 47 46 49 44 40 37 32 31 36 30 40 44 48 28 46 35 29 43 33 
4299 37 55 43 42 47 40 31 53 30 32 41 46 39 54 27 48 32 23 30 27 3800 54 48 
47 46 51 50 52 36 42 30 65 34 61 38 29 43 41 29 45 30 4590 43 53 36 38 33 44 
51 41 33 42 33 30 37 35 36 37 30 44 23 29 5866 46 64 53 62 53 89 49 50 36 54 
55 47 33 40 43 29 30 42 27 29 6540 55 64 56 44 37 43 40 51 39 35 36 47 36 43 
32 30 30 36 31 37 5935 48 59 40 59 37 46 35 39 43 42 25 40 30 34 38 39 28 33 
36 25 8103 65 82 50 62 35 44 44 39 39 50 32 43 47 35 34 33 37 32 39 34 19852 
89 64 75 79 71 79 74 64 62 60 48 56 56 38 51 37 37 33 31 23 32724 120 104 123 
99 95 93 101 88 80 81 87 73 81 59 79 55 55 49 54 56 32121 101 80 95 104 91 95 
91 79 80 85 86 75 83 85 83 66 62 58 60 45 19047 84 66 65 97 99 57 72 83 68 43 
51 43 49 39 39 37 33 36 30 36 9617 60 56 48 41 77 37 44 33 49 44 55 36 53 33 
42 37 53 32 31 30 7669 59 52 49 48 51 35 53 36 39 46 34 38 32 35 45 41 39 38 
29 35 6374 71 54 60 45 62 36 49 41 49 47 36 35 40 35 47 27 34 28 40 32 6298 
59 69 60 46 54 39 53 46 41 40 38 36 42 41 33 30 38 33 30 30 5214 47 48 42 42 
50 34 32 33 41 33 39 36 28 36 26 26 36 48 32 26 4307 45 64 34 51 37 71 28 46 
29 34 32 39 45 37 31 45 41 35 34 29 3769 49 40 61 43 49 35 60 44 57 43 46 34 
31 36 35 28 34 32 41 33 4541 49 61 44 54 37 38 55 34 35 37 40 32 32 34 29 29 
36 45 34 32 5816 56 61 49 70 36 59 53 56 40 54 41 46 38 41 27 32 38 25 34 37 
6539 65 64 45 42 45 53 32 45 32 33 34 44 35 39 29 29 30 42 28 28 5966 47 64 
38 51 52 38 35 43 38 37 37 31 26 33 41 24 36 38 33 28 8119 56 63 47 74 39 64 
41 59 43 36 36 39 35 36 42 43 27 32 33 41 19859 93 73 88 82 68 77 54 56 72 50 
49 44 36 43 48 37 50 27 37 25 32746 113 100 102 106 104 93 97 69 84 84 87 62 
78 66 78 66 69 61 66 59 32139 105 108 95 103 88 96 101 105 78 73 94 87 79 75 
83 67 70 53 56 52 19019 74 75 75 63 83 71 69 66 63 65 59 48 45 62 56 36 36 39 
40 30 9607 70 52 67 55 70 46 50 42 56 48 46 35 39 36 58 33 31 43 40 38 7684 
48 59 46 51 46 43 45 28 39 30 37 31 55 41 51 34 39 30 33 32 6359 64 49 56 41 
60 52 50 49 45 27 46 37 39 38 35 40 27 30 29 28 6298 67 58 53 65 56 39 68 47 
54 38 51 46 42 30 46 42 34 30 31 26 5209 52 51 39 37 50 45 35 35 38 39 32 33 
37 42 30 29 24 32 31 32 4334 49 55 37 52 42 64 31 45 31 67 33 41 29 35 37 39 
45 31 33 27
$$ @vis= VisuCoreDimDesc VisuCoreExtent VisuCoreUnits VisuCoreDataMin
##$VisuCoreDataOffs=( 1680 )
0 0 0 0 0 0 0 0 0 0 0 0 0 0 0 0 0 0 0 0 0 0 0 0 0 0 0 0 0 0 0 0 0 0 0 0 0 0 0 
0 0 0 0 0 0 0 0 0 0 0 0 0 0 0 0 0 0 0 0 0 0 0 0 0 0 0 0 0 0 0 0 0 0 0 0 0 0 0 
0 0 0 0 0 0 0 0 0 0 0 0 0 0 0 0 0 0 0 0 0 0 0 0 0 0 0 0 0 0 0 0 0 0 0 0 0 0 0 
0 0 0 0 0 0 0 0 0 0 0 0 0 0 0 0 0 0 0 0 0 0 0 0 0 0 0 0 0 0 0 0 0 0 0 0 0 0 0 
0 0 0 0 0 0 0 0 0 0 0 0 0 0 0 0 0 0 0 0 0 0 0 0 0 0 0 0 0 0 0 0 0 0 0 0 0 0 0 
0 0 0 0 0 0 0 0 0 0 0 0 0 0 0 0 0 0 0 0 0 0 0 0 0 0 0 0 0 0 0 0 0 0 0 0 0 0 0 
0 0 0 0 0 0 0 0 0 0 0 0 0 0 0 0 0 0 0 0 0 0 0 0 0 0 0 0 0 0 0 0 0 0 0 0 0 0 0 
0 0 0 0 0 0 0 0 0 0 0 0 0 0 0 0 0 0 0 0 0 0 0 0 0 0 0 0 0 0 0 0 0 0 0 0 0 0 0 
0 0 0 0 0 0 0 0 0 0 0 0 0 0 0 0 0 0 0 0 0 0 0 0 0 0 0 0 0 0 0 0 0 0 0 0 0 0 0 
0 0 0 0 0 0 0 0 0 0 0 0 0 0 0 0 0 0 0 0 0 0 0 0 0 0 0 0 0 0 0 0 0 0 0 0 0 0 0 
0 0 0 0 0 0 0 0 0 0 0 0 0 0 0 0 0 0 0 0 0 0 0 0 0 0 0 0 0 0 0 0 0 0 0 0 0 0 0 
0 0 0 0 0 0 0 0 0 0 0 0 0 0 0 0 0 0 0 0 0 0 0 0 0 0 0 0 0 0 0 0 0 0 0 0 0 0 0 
0 0 0 0 0 0 0 0 0 0 0 0 0 0 0 0 0 0 0 0 0 0 0 0 0 0 0 0 0 0 0 0 0 0 0 0 0 0 0 
0 0 0 0 0 0 0 0 0 0 0 0 0 0 0 0 0 0 0 0 0 0 0 0 0 0 0 0 0 0 0 0 0 0 0 0 0 0 0 
0 0 0 0 0 0 0 0 0 0 0 0 0 0 0 0 0 0 0 0 0 0 0 0 0 0 0 0 0 0 0 0 0 0 0 0 0 0 0 
0 0 0 0 0 0 0 0 0 0 0 0 0 0 0 0 0 0 0 0 0 0 0 0 0 0 0 0 0 0 0 0 0 0 0 0 0 0 0 
0 0 0 0 0 0 0 0 0 0 0 0 0 0 0 0 0 0 0 0 0 0 0 0 0 0 0 0 0 0 0 0 0 0 0 0 0 0 0 
0 0 0 0 0 0 0 0 0 0 0 0 0 0 0 0 0 0 0 0 0 0 0 0 0 0 0 0 0 0 0 0 0 0 0 0 0 0 0 
0 0 0 0 0 0 0 0 0 0 0 0 0 0 0 0 0 0 0 0 0 0 0 0 0 0 0 0 0 0 0 0 0 0 0 0 0 0 0 
0 0 0 0 0 0 0 0 0 0 0 0 0 0 0 0 0 0 0 0 0 0 0 0 0 0 0 0 0 0 0 0 0 0 0 0 0 0 0 
0 0 0 0 0 0 0 0 0 0 0 0 0 0 0 0 0 0 0 0 0 0 0 0 0 0 0 0 0 0 0 0 0 0 0 0 0 0 0 
0 0 0 0 0 0 0 0 0 0 0 0 0 0 0 0 0 0 0 0 0 0 0 0 0 0 0 0 0 0 0 0 0 0 0 0 0 0 0 
0 0 0 0 0 0 0 0 0 0 0 0 0 0 0 0 0 0 0 0 0 0 0 0 0 0 0 0 0 0 0 0 0 0 0 0 0 0 0 
0 0 0 0 0 0 0 0 0 0 0 0 0 0 0 0 0 0 0 0 0 0 0 0 0 0 0 0 0 0 0 0 0 0 0 0 0 0 0 
0 0 0 0 0 0 0 0 0 0 0 0 0 0 0 0 0 0 0 0 0 0 0 0 0 0 0 0 0 0 0 0 0 0 0 0 0 0 0 
0 0 0 0 0 0 0 0 0 0 0 0 0 0 0 0 0 0 0 0 0 0 0 0 0 0 0 0 0 0 0 0 0 0 0 0 0 0 0 
0 0 0 0 0 0 0 0 0 0 0 0 0 0 0 0 0 0 0 0 0 0 0 0 0 0 0 0 0 0 0 0 0 0 0 0 0 0 0 
0 0 0 0 0 0 0 0 0 0 0 0 0 0 0 0 0 0 0 0 0 0 0 0 0 0 0 0 0 0 0 0 0 0 0 0 0 0 0 
0 0 0 0 0 0 0 0 0 0 0 0 0 0 0 0 0 0 0 0 0 0 0 0 0 0 0 0 0 0 0 0 0 0 0 0 0 0 0 
0 0 0 0 0 0 0 0 0 0 0 0 0 0 0 0 0 0 0 0 0 0 0 0 0 0 0 0 0 0 0 0 0 0 0 0 0 0 0 
0 0 0 0 0 0 0 0 0 0 0 0 0 0 0 0 0 0 0 0 0 0 0 0 0 0 0 0 0 0 0 0 0 0 0 0 0 0 0 
0 0 0 0 0 0 0 0 0 0 0 0 0 0 0 0 0 0 0 0 0 0 0 0 0 0 0 0 0 0 0 0 0 0 0 0 0 0 0 
0 0 0 0 0 0 0 0 0 0 0 0 0 0 0 0 0 0 0 0 0 0 0 0 0 0 0 0 0 0 0 0 0 0 0 0 0 0 0 
0 0 0 0 0 0 0 0 0 0 0 0 0 0 0 0 0 0 0 0 0 0 0 0 0 0 0 0 0 0 0 0 0 0 0 0 0 0 0 
0 0 0 0 0 0 0 0 0 0 0 0 0 0 0 0 0 0 0 0 0 0 0 0 0 0 0 0 0 0 0 0 0 0 0 0 0 0 0 
0 0 0 0 0 0 0 0 0 0 0 0 0 0 0 0 0 0 0 0 0 0 0 0 0 0 0 0 0 0 0 0 0 0 0 0 0 0 0 
0 0 0 0 0 0 0 0 0 0 0 0 0 0 0 0 0 0 0 0 0 0 0 0 0 0 0 0 0 0 0 0 0 0 0 0 0 0 0 
0 0 0 0 0 0 0 0 0 0 0 0 0 0 0 0 0 0 0 0 0 0 0 0 0 0 0 0 0 0 0 0 0 0 0 0 0 0 0 
0 0 0 0 0 0 0 0 0 0 0 0 0 0 0 0 0 0 0 0 0 0 0 0 0 0 0 0 0 0 0 0 0 0 0 0 0 0 0 
0 0 0 0 0 0 0 0 0 0 0 0 0 0 0 0 0 0 0 0 0 0 0 0 0 0 0 0 0 0 0 0 0 0 0 0 0 0 0 
0 0 0 0 0 0 0 0 0 0 0 0 0 0 0 0 0 0 0 0 0 0 0 0 0 0 0 0 0 0 0 0 0 0 0 0 0 0 0 
0 0 0 0 0 0 0 0 0 0 0 0 0 0 0 0 0 0 0 0 0 0 0 0 0 0 0 0 0 0 0 0 0 0 0 0 0 0 0 
0 0 0 0 0 0 0 0 0 0 0 0 0 0 0 0 0 0 0 0 0 0 0 0 0 0 0 0 0 0 0 0 0 0 0 0 0 0 0 
0 0 0
##$VisuCoreDataSlope=( 1680 )
11.115451177606 11.115451177606 11.115451177606 11.115451177606 
11.115451177606 11.115451177606 11.115451177606 11.115451177606 
11.115451177606 11.115451177606 11.115451177606 11.115451177606 
11.115451177606 11.115451177606 11.115451177606 11.115451177606 
11.115451177606 11.115451177606 11.115451177606 11.115451177606 
11.115451177606 11.115451177606 11.115451177606 11.115451177606 
11.115451177606 11.115451177606 11.115451177606 11.115451177606 
11.115451177606 11.115451177606 11.115451177606 11.115451177606 
11.115451177606 11.115451177606 11.115451177606 11.115451177606 
11.115451177606 11.115451177606 11.115451177606 11.115451177606 
11.115451177606 11.115451177606 11.115451177606 11.115451177606 
11.115451177606 11.115451177606 11.115451177606 11.115451177606 
11.115451177606 11.115451177606 11.115451177606 11.115451177606 
11.115451177606 11.115451177606 11.115451177606 11.115451177606 
11.115451177606 11.115451177606 11.115451177606 11.115451177606 
11.115451177606 11.115451177606 11.115451177606 11.115451177606 
11.115451177606 11.115451177606 11.115451177606 11.115451177606 
11.115451177606 11.115451177606 11.115451177606 11.115451177606 
11.115451177606 11.115451177606 11.115451177606 11.115451177606 
11.115451177606 11.115451177606 11.115451177606 11.115451177606 
11.115451177606 11.115451177606 11.115451177606 11.115451177606 
11.115451177606 11.115451177606 11.115451177606 11.115451177606 
11.115451177606 11.115451177606 11.115451177606 11.115451177606 
11.115451177606 11.115451177606 11.115451177606 11.115451177606 
11.115451177606 11.115451177606 11.115451177606 11.115451177606 
11.115451177606 11.115451177606 11.115451177606 11.115451177606 
11.115451177606 11.115451177606 11.115451177606 11.115451177606 
11.115451177606 11.115451177606 11.115451177606 11.115451177606 
11.115451177606 11.115451177606 11.115451177606 11.115451177606 
11.115451177606 11.115451177606 11.115451177606 11.115451177606 
11.115451177606 11.115451177606 11.115451177606 11.115451177606 
11.115451177606 11.115451177606 11.115451177606 11.115451177606 
11.115451177606 11.115451177606 11.115451177606 11.115451177606 
11.115451177606 11.115451177606 11.115451177606 11.115451177606 
11.115451177606 11.115451177606 11.115451177606 11.115451177606 
11.115451177606 11.115451177606 11.115451177606 11.115451177606 
11.115451177606 11.115451177606 11.115451177606 11.115451177606 
11.115451177606 11.115451177606 11.115451177606 11.115451177606 
11.115451177606 11.115451177606 11.115451177606 11.115451177606 
11.115451177606 11.115451177606 11.115451177606 11.115451177606 
11.115451177606 11.115451177606 11.115451177606 11.115451177606 
11.115451177606 11.115451177606 11.115451177606 11.115451177606 
11.115451177606 11.115451177606 11.115451177606 11.115451177606 
11.115451177606 11.115451177606 11.115451177606 11.115451177606 
11.115451177606 11.115451177606 11.115451177606 11.115451177606 
11.115451177606 11.115451177606 11.115451177606 11.115451177606 
11.115451177606 11.115451177606 11.115451177606 11.115451177606 
11.115451177606 11.115451177606 11.115451177606 11.115451177606 
11.115451177606 11.115451177606 11.115451177606 11.115451177606 
11.115451177606 11.115451177606 11.115451177606 11.115451177606 
11.115451177606 11.115451177606 11.115451177606 11.115451177606 
11.115451177606 11.115451177606 11.115451177606 11.115451177606 
11.115451177606 11.115451177606 11.115451177606 11.115451177606 
11.115451177606 11.115451177606 11.115451177606 11.115451177606 
11.115451177606 11.115451177606 11.115451177606 11.115451177606 
11.115451177606 11.115451177606 11.115451177606 11.115451177606 
11.115451177606 11.115451177606 11.115451177606 11.115451177606 
11.115451177606 11.115451177606 11.115451177606 11.115451177606 
11.115451177606 11.115451177606 11.115451177606 11.115451177606 
11.115451177606 11.115451177606 11.115451177606 11.115451177606 
11.115451177606 11.115451177606 11.115451177606 11.115451177606 
11.115451177606 11.115451177606 11.115451177606 11.115451177606 
11.115451177606 11.115451177606 11.115451177606 11.115451177606 
11.115451177606 11.115451177606 11.115451177606 11.115451177606 
11.115451177606 11.115451177606 11.115451177606 11.115451177606 
11.115451177606 11.115451177606 11.115451177606 11.115451177606 
11.115451177606 11.115451177606 11.115451177606 11.115451177606 
11.115451177606 11.115451177606 11.115451177606 11.115451177606 
11.115451177606 11.115451177606 11.115451177606 11.115451177606 
11.115451177606 11.115451177606 11.115451177606 11.115451177606 
11.115451177606 11.115451177606 11.115451177606 11.115451177606 
11.115451177606 11.115451177606 11.115451177606 11.115451177606 
11.115451177606 11.115451177606 11.115451177606 11.115451177606 
11.115451177606 11.115451177606 11.115451177606 11.115451177606 
11.115451177606 11.115451177606 11.115451177606 11.115451177606 
11.115451177606 11.115451177606 11.115451177606 11.115451177606 
11.115451177606 11.115451177606 11.115451177606 11.115451177606 
11.115451177606 11.115451177606 11.115451177606 11.115451177606 
11.115451177606 11.115451177606 11.115451177606 11.115451177606 
11.115451177606 11.115451177606 11.115451177606 11.115451177606 
11.115451177606 11.115451177606 11.115451177606 11.115451177606 
11.115451177606 11.115451177606 11.115451177606 11.115451177606 
11.115451177606 11.115451177606 11.115451177606 11.115451177606 
11.115451177606 11.115451177606 11.115451177606 11.115451177606 
11.115451177606 11.115451177606 11.115451177606 11.115451177606 
11.115451177606 11.115451177606 11.115451177606 11.115451177606 
11.115451177606 11.115451177606 11.115451177606 11.115451177606 
11.115451177606 11.115451177606 11.115451177606 11.115451177606 
11.115451177606 11.115451177606 11.115451177606 11.115451177606 
11.115451177606 11.115451177606 11.115451177606 11.115451177606 
11.115451177606 11.115451177606 11.115451177606 11.115451177606 
11.115451177606 11.115451177606 11.115451177606 11.115451177606 
11.115451177606 11.115451177606 11.115451177606 11.115451177606 
11.115451177606 11.115451177606 11.115451177606 11.115451177606 
11.115451177606 11.115451177606 11.115451177606 11.115451177606 
11.115451177606 11.115451177606 11.115451177606 11.115451177606 
11.115451177606 11.115451177606 11.115451177606 11.115451177606 
11.115451177606 11.115451177606 11.115451177606 11.115451177606 
11.115451177606 11.115451177606 11.115451177606 11.115451177606 
11.115451177606 11.115451177606 11.115451177606 11.115451177606 
11.115451177606 11.115451177606 11.115451177606 11.115451177606 
11.115451177606 11.115451177606 11.115451177606 11.115451177606 
11.115451177606 11.115451177606 11.115451177606 11.115451177606 
11.115451177606 11.115451177606 11.115451177606 11.115451177606 
11.115451177606 11.115451177606 11.115451177606 11.115451177606 
11.115451177606 11.115451177606 11.115451177606 11.115451177606 
11.115451177606 11.115451177606 11.115451177606 11.115451177606 
11.115451177606 11.115451177606 11.115451177606 11.115451177606 
11.115451177606 11.115451177606 11.115451177606 11.115451177606 
11.115451177606 11.115451177606 11.115451177606 11.115451177606 
11.115451177606 11.115451177606 11.115451177606 11.115451177606 
11.115451177606 11.115451177606 11.115451177606 11.115451177606 
11.115451177606 11.115451177606 11.115451177606 11.115451177606 
11.115451177606 11.115451177606 11.115451177606 11.115451177606 
11.115451177606 11.115451177606 11.115451177606 11.115451177606 
11.115451177606 11.115451177606 11.115451177606 11.115451177606 
11.115451177606 11.115451177606 11.115451177606 11.115451177606 
11.115451177606 11.115451177606 11.115451177606 11.115451177606 
11.115451177606 11.115451177606 11.115451177606 11.115451177606 
11.115451177606 11.115451177606 11.115451177606 11.115451177606 
11.115451177606 11.115451177606 11.115451177606 11.115451177606 
11.115451177606 11.115451177606 11.115451177606 11.115451177606 
11.115451177606 11.115451177606 11.115451177606 11.115451177606 
11.115451177606 11.115451177606 11.115451177606 11.115451177606 
11.115451177606 11.115451177606 11.115451177606 11.115451177606 
11.115451177606 11.115451177606 11.115451177606 11.115451177606 
11.115451177606 11.115451177606 11.115451177606 11.115451177606 
11.115451177606 11.115451177606 11.115451177606 11.115451177606 
11.115451177606 11.115451177606 11.115451177606 11.115451177606 
11.115451177606 11.115451177606 11.115451177606 11.115451177606 
11.115451177606 11.115451177606 11.115451177606 11.115451177606 
11.115451177606 11.115451177606 11.115451177606 11.115451177606 
11.115451177606 11.115451177606 11.115451177606 11.115451177606 
11.115451177606 11.115451177606 11.115451177606 11.115451177606 
11.115451177606 11.115451177606 11.115451177606 11.115451177606 
11.115451177606 11.115451177606 11.115451177606 11.115451177606 
11.115451177606 11.115451177606 11.115451177606 11.115451177606 
11.115451177606 11.115451177606 11.115451177606 11.115451177606 
11.115451177606 11.115451177606 11.115451177606 11.115451177606 
11.115451177606 11.115451177606 11.115451177606 11.115451177606 
11.115451177606 11.115451177606 11.115451177606 11.115451177606 
11.115451177606 11.115451177606 11.115451177606 11.115451177606 
11.115451177606 11.115451177606 11.115451177606 11.115451177606 
11.115451177606 11.115451177606 11.115451177606 11.115451177606 
11.115451177606 11.115451177606 11.115451177606 11.115451177606 
11.115451177606 11.115451177606 11.115451177606 11.115451177606 
11.115451177606 11.115451177606 11.115451177606 11.115451177606 
11.115451177606 11.115451177606 11.115451177606 11.115451177606 
11.115451177606 11.115451177606 11.115451177606 11.115451177606 
11.115451177606 11.115451177606 11.115451177606 11.115451177606 
11.115451177606 11.115451177606 11.115451177606 11.115451177606 
11.115451177606 11.115451177606 11.115451177606 11.115451177606 
11.115451177606 11.115451177606 11.115451177606 11.115451177606 
11.115451177606 11.115451177606 11.115451177606 11.115451177606 
11.115451177606 11.115451177606 11.115451177606 11.115451177606 
11.115451177606 11.115451177606 11.115451177606 11.115451177606 
11.115451177606 11.115451177606 11.115451177606 11.115451177606 
11.115451177606 11.115451177606 11.115451177606 11.115451177606 
11.115451177606 11.115451177606 11.115451177606 11.115451177606 
11.115451177606 11.115451177606 11.115451177606 11.115451177606 
11.115451177606 11.115451177606 11.115451177606 11.115451177606 
11.115451177606 11.115451177606 11.115451177606 11.115451177606 
11.115451177606 11.115451177606 11.115451177606 11.115451177606 
11.115451177606 11.115451177606 11.115451177606 11.115451177606 
11.115451177606 11.115451177606 11.115451177606 11.115451177606 
11.115451177606 11.115451177606 11.115451177606 11.115451177606 
11.115451177606 11.115451177606 11.115451177606 11.115451177606 
11.115451177606 11.115451177606 11.115451177606 11.115451177606 
11.115451177606 11.115451177606 11.115451177606 11.115451177606 
11.115451177606 11.115451177606 11.115451177606 11.115451177606 
11.115451177606 11.115451177606 11.115451177606 11.115451177606 
11.115451177606 11.115451177606 11.115451177606 11.115451177606 
11.115451177606 11.115451177606 11.115451177606 11.115451177606 
11.115451177606 11.115451177606 11.115451177606 11.115451177606 
11.115451177606 11.115451177606 11.115451177606 11.115451177606 
11.115451177606 11.115451177606 11.115451177606 11.115451177606 
11.115451177606 11.115451177606 11.115451177606 11.115451177606 
11.115451177606 11.115451177606 11.115451177606 11.115451177606 
11.115451177606 11.115451177606 11.115451177606 11.115451177606 
11.115451177606 11.115451177606 11.115451177606 11.115451177606 
11.115451177606 11.115451177606 11.115451177606 11.115451177606 
11.115451177606 11.115451177606 11.115451177606 11.115451177606 
11.115451177606 11.115451177606 11.115451177606 11.115451177606 
11.115451177606 11.115451177606 11.115451177606 11.115451177606 
11.115451177606 11.115451177606 11.115451177606 11.115451177606 
11.115451177606 11.115451177606 11.115451177606 11.115451177606 
11.115451177606 11.115451177606 11.115451177606 11.115451177606 
11.115451177606 11.115451177606 11.115451177606 11.115451177606 
11.115451177606 11.115451177606 11.115451177606 11.115451177606 
11.115451177606 11.115451177606 11.115451177606 11.115451177606 
11.115451177606 11.115451177606 11.115451177606 11.115451177606 
11.115451177606 11.115451177606 11.115451177606 11.115451177606 
11.115451177606 11.115451177606 11.115451177606 11.115451177606 
11.115451177606 11.115451177606 11.115451177606 11.115451177606 
11.115451177606 11.115451177606 11.115451177606 11.115451177606 
11.115451177606 11.115451177606 11.115451177606 11.115451177606 
11.115451177606 11.115451177606 11.115451177606 11.115451177606 
11.115451177606 11.115451177606 11.115451177606 11.115451177606 
11.115451177606 11.115451177606 11.115451177606 11.115451177606 
11.115451177606 11.115451177606 11.115451177606 11.115451177606 
11.115451177606 11.115451177606 11.115451177606 11.115451177606 
11.115451177606 11.115451177606 11.115451177606 11.115451177606 
11.115451177606 11.115451177606 11.115451177606 11.115451177606 
11.115451177606 11.115451177606 11.115451177606 11.115451177606 
11.115451177606 11.115451177606 11.115451177606 11.115451177606 
11.115451177606 11.115451177606 11.115451177606 11.115451177606 
11.115451177606 11.115451177606 11.115451177606 11.115451177606 
11.115451177606 11.115451177606 11.115451177606 11.115451177606 
11.115451177606 11.115451177606 11.115451177606 11.115451177606 
11.115451177606 11.115451177606 11.115451177606 11.115451177606 
11.115451177606 11.115451177606 11.115451177606 11.115451177606 
11.115451177606 11.115451177606 11.115451177606 11.115451177606 
11.115451177606 11.115451177606 11.115451177606 11.115451177606 
11.115451177606 11.115451177606 11.115451177606 11.115451177606 
11.115451177606 11.115451177606 11.115451177606 11.115451177606 
11.115451177606 11.115451177606 11.115451177606 11.115451177606 
11.115451177606 11.115451177606 11.115451177606 11.115451177606 
11.115451177606 11.115451177606 11.115451177606 11.115451177606 
11.115451177606 11.115451177606 11.115451177606 11.115451177606 
11.115451177606 11.115451177606 11.115451177606 11.115451177606 
11.115451177606 11.115451177606 11.115451177606 11.115451177606 
11.115451177606 11.115451177606 11.115451177606 11.115451177606 
11.115451177606 11.115451177606 11.115451177606 11.115451177606 
11.115451177606 11.115451177606 11.115451177606 11.115451177606 
11.115451177606 11.115451177606 11.115451177606 11.115451177606 
11.115451177606 11.115451177606 11.115451177606 11.115451177606 
11.115451177606 11.115451177606 11.115451177606 11.115451177606 
11.115451177606 11.115451177606 11.115451177606 11.115451177606 
11.115451177606 11.115451177606 11.115451177606 11.115451177606 
11.115451177606 11.115451177606 11.115451177606 11.115451177606 
11.115451177606 11.115451177606 11.115451177606 11.115451177606 
11.115451177606 11.115451177606 11.115451177606 11.115451177606 
11.115451177606 11.115451177606 11.115451177606 11.115451177606 
11.115451177606 11.115451177606 11.115451177606 11.115451177606 
11.115451177606 11.115451177606 11.115451177606 11.115451177606 
11.115451177606 11.115451177606 11.115451177606 11.115451177606 
11.115451177606 11.115451177606 11.115451177606 11.115451177606 
11.115451177606 11.115451177606 11.115451177606 11.115451177606 
11.115451177606 11.115451177606 11.115451177606 11.115451177606 
11.115451177606 11.115451177606 11.115451177606 11.115451177606 
11.115451177606 11.115451177606 11.115451177606 11.115451177606 
11.115451177606 11.115451177606 11.115451177606 11.115451177606 
11.115451177606 11.115451177606 11.115451177606 11.115451177606 
11.115451177606 11.115451177606 11.115451177606 11.115451177606 
11.115451177606 11.115451177606 11.115451177606 11.115451177606 
11.115451177606 11.115451177606 11.115451177606 11.115451177606 
11.115451177606 11.115451177606 11.115451177606 11.115451177606 
11.115451177606 11.115451177606 11.115451177606 11.115451177606 
11.115451177606 11.115451177606 11.115451177606 11.115451177606 
11.115451177606 11.115451177606 11.115451177606 11.115451177606 
11.115451177606 11.115451177606 11.115451177606 11.115451177606 
11.115451177606 11.115451177606 11.115451177606 11.115451177606 
11.115451177606 11.115451177606 11.115451177606 11.115451177606 
11.115451177606 11.115451177606 11.115451177606 11.115451177606 
11.115451177606 11.115451177606 11.115451177606 11.115451177606 
11.115451177606 11.115451177606 11.115451177606 11.115451177606 
11.115451177606 11.115451177606 11.115451177606 11.115451177606 
11.115451177606 11.115451177606 11.115451177606 11.115451177606 
11.115451177606 11.115451177606 11.115451177606 11.115451177606 
11.115451177606 11.115451177606 11.115451177606 11.115451177606 
11.115451177606 11.115451177606 11.115451177606 11.115451177606 
11.115451177606 11.115451177606 11.115451177606 11.115451177606 
11.115451177606 11.115451177606 11.115451177606 11.115451177606 
11.115451177606 11.115451177606 11.115451177606 11.115451177606 
11.115451177606 11.115451177606 11.115451177606 11.115451177606 
11.115451177606 11.115451177606 11.115451177606 11.115451177606 
11.115451177606 11.115451177606 11.115451177606 11.115451177606 
11.115451177606 11.115451177606 11.115451177606 11.115451177606 
11.115451177606 11.115451177606 11.115451177606 11.115451177606 
11.115451177606 11.115451177606 11.115451177606 11.115451177606 
11.115451177606 11.115451177606 11.115451177606 11.115451177606 
11.115451177606 11.115451177606 11.115451177606 11.115451177606 
11.115451177606 11.115451177606 11.115451177606 11.115451177606 
11.115451177606 11.115451177606 11.115451177606 11.115451177606 
11.115451177606 11.115451177606 11.115451177606 11.115451177606 
11.115451177606 11.115451177606 11.115451177606 11.115451177606 
11.115451177606 11.115451177606 11.115451177606 11.115451177606 
11.115451177606 11.115451177606 11.115451177606 11.115451177606 
11.115451177606 11.115451177606 11.115451177606 11.115451177606 
11.115451177606 11.115451177606 11.115451177606 11.115451177606 
11.115451177606 11.115451177606 11.115451177606 11.115451177606 
11.115451177606 11.115451177606 11.115451177606 11.115451177606 
11.115451177606 11.115451177606 11.115451177606 11.115451177606 
11.115451177606 11.115451177606 11.115451177606 11.115451177606 
11.115451177606 11.115451177606 11.115451177606 11.115451177606 
11.115451177606 11.115451177606 11.115451177606 11.115451177606 
11.115451177606 11.115451177606 11.115451177606 11.115451177606 
11.115451177606 11.115451177606 11.115451177606 11.115451177606 
11.115451177606 11.115451177606 11.115451177606 11.115451177606 
11.115451177606 11.115451177606 11.115451177606 11.115451177606 
11.115451177606 11.115451177606 11.115451177606 11.115451177606 
11.115451177606 11.115451177606 11.115451177606 11.115451177606 
11.115451177606 11.115451177606 11.115451177606 11.115451177606 
11.115451177606 11.115451177606 11.115451177606 11.115451177606 
11.115451177606 11.115451177606 11.115451177606 11.115451177606 
11.115451177606 11.115451177606 11.115451177606 11.115451177606 
11.115451177606 11.115451177606 11.115451177606 11.115451177606 
11.115451177606 11.115451177606 11.115451177606 11.115451177606 
11.115451177606 11.115451177606 11.115451177606 11.115451177606 
11.115451177606 11.115451177606 11.115451177606 11.115451177606 
11.115451177606 11.115451177606 11.115451177606 11.115451177606 
11.115451177606 11.115451177606 11.115451177606 11.115451177606 
11.115451177606 11.115451177606 11.115451177606 11.115451177606 
11.115451177606 11.115451177606 11.115451177606 11.115451177606 
11.115451177606 11.115451177606 11.115451177606 11.115451177606 
11.115451177606 11.115451177606 11.115451177606 11.115451177606 
11.115451177606 11.115451177606 11.115451177606 11.115451177606 
11.115451177606 11.115451177606 11.115451177606 11.115451177606 
11.115451177606 11.115451177606 11.115451177606 11.115451177606 
11.115451177606 11.115451177606 11.115451177606 11.115451177606 
11.115451177606 11.115451177606 11.115451177606 11.115451177606 
11.115451177606 11.115451177606 11.115451177606 11.115451177606 
11.115451177606 11.115451177606 11.115451177606 11.115451177606 
11.115451177606 11.115451177606 11.115451177606 11.115451177606 
11.115451177606 11.115451177606 11.115451177606 11.115451177606 
11.115451177606 11.115451177606 11.115451177606 11.115451177606 
11.115451177606 11.115451177606 11.115451177606 11.115451177606 
11.115451177606 11.115451177606 11.115451177606 11.115451177606 
11.115451177606 11.115451177606 11.115451177606 11.115451177606 
11.115451177606 11.115451177606 11.115451177606 11.115451177606 
11.115451177606 11.115451177606 11.115451177606 11.115451177606 
11.115451177606 11.115451177606 11.115451177606 11.115451177606 
11.115451177606 11.115451177606 11.115451177606 11.115451177606 
11.115451177606 11.115451177606 11.115451177606 11.115451177606 
11.115451177606 11.115451177606 11.115451177606 11.115451177606 
11.115451177606 11.115451177606 11.115451177606 11.115451177606 
11.115451177606 11.115451177606 11.115451177606 11.115451177606 
11.115451177606 11.115451177606 11.115451177606 11.115451177606 
11.115451177606 11.115451177606 11.115451177606 11.115451177606 
11.115451177606 11.115451177606 11.115451177606 11.115451177606 
11.115451177606 11.115451177606 11.115451177606 11.115451177606 
11.115451177606 11.115451177606 11.115451177606 11.115451177606 
11.115451177606 11.115451177606 11.115451177606 11.115451177606 
11.115451177606 11.115451177606 11.115451177606 11.115451177606 
11.115451177606 11.115451177606 11.115451177606 11.115451177606 
11.115451177606 11.115451177606 11.115451177606 11.115451177606 
11.115451177606 11.115451177606 11.115451177606 11.115451177606 
11.115451177606 11.115451177606 11.115451177606 11.115451177606 
11.115451177606 11.115451177606 11.115451177606 11.115451177606 
11.115451177606 11.115451177606 11.115451177606 11.115451177606 
11.115451177606 11.115451177606 11.115451177606 11.115451177606 
11.115451177606 11.115451177606 11.115451177606 11.115451177606 
11.115451177606 11.115451177606 11.115451177606 11.115451177606 
11.115451177606 11.115451177606 11.115451177606 11.115451177606 
11.115451177606 11.115451177606 11.115451177606 11.115451177606 
11.115451177606 11.115451177606 11.115451177606 11.115451177606 
11.115451177606 11.115451177606 11.115451177606 11.115451177606 
11.115451177606 11.115451177606 11.115451177606 11.115451177606 
11.115451177606 11.115451177606 11.115451177606 11.115451177606 
11.115451177606 11.115451177606 11.115451177606 11.115451177606 
11.115451177606 11.115451177606 11.115451177606 11.115451177606 
11.115451177606 11.115451177606 11.115451177606 11.115451177606 
11.115451177606 11.115451177606 11.115451177606 11.115451177606 
11.115451177606 11.115451177606 11.115451177606 11.115451177606 
11.115451177606 11.115451177606 11.115451177606 11.115451177606 
11.115451177606 11.115451177606 11.115451177606 11.115451177606 
11.115451177606 11.115451177606 11.115451177606 11.115451177606 
11.115451177606 11.115451177606 11.115451177606 11.115451177606 
11.115451177606 11.115451177606 11.115451177606 11.115451177606 
11.115451177606 11.115451177606 11.115451177606 11.115451177606 
11.115451177606 11.115451177606 11.115451177606 11.115451177606 
11.115451177606 11.115451177606 11.115451177606 11.115451177606 
11.115451177606 11.115451177606 11.115451177606 11.115451177606 
11.115451177606 11.115451177606 11.115451177606 11.115451177606 
11.115451177606 11.115451177606 11.115451177606 11.115451177606 
11.115451177606 11.115451177606 11.115451177606 11.115451177606 
11.115451177606 11.115451177606 11.115451177606 11.115451177606 
11.115451177606 11.115451177606 11.115451177606 11.115451177606 
11.115451177606 11.115451177606 11.115451177606 11.115451177606 
11.115451177606 11.115451177606 11.115451177606 11.115451177606 
11.115451177606 11.115451177606 11.115451177606 11.115451177606 
11.115451177606 11.115451177606 11.115451177606 11.115451177606 
11.115451177606 11.115451177606 11.115451177606 11.115451177606 
11.115451177606 11.115451177606 11.115451177606 11.115451177606 
11.115451177606 11.115451177606 11.115451177606 11.115451177606 
11.115451177606 11.115451177606 11.115451177606 11.115451177606 
11.115451177606 11.115451177606 11.115451177606 11.115451177606 
11.115451177606 11.115451177606 11.115451177606 11.115451177606 
11.115451177606 11.115451177606 11.115451177606 11.115451177606 
11.115451177606 11.115451177606 11.115451177606 11.115451177606 
11.115451177606 11.115451177606 11.115451177606 11.115451177606 
11.115451177606 11.115451177606 11.115451177606 11.115451177606 
11.115451177606 11.115451177606 11.115451177606 11.115451177606 
11.115451177606 11.115451177606 11.115451177606 11.115451177606 
11.115451177606 11.115451177606 11.115451177606 11.115451177606 
11.115451177606 11.115451177606 11.115451177606 11.115451177606 
11.115451177606 11.115451177606 11.115451177606 11.115451177606 
11.115451177606 11.115451177606 11.115451177606 11.115451177606 
11.115451177606 11.115451177606 11.115451177606 11.115451177606 
11.115451177606 11.115451177606 11.115451177606 11.115451177606 
11.115451177606 11.115451177606 11.115451177606 11.115451177606 
11.115451177606 11.115451177606 11.115451177606 11.115451177606 
11.115451177606 11.115451177606 11.115451177606 11.115451177606 
11.115451177606 11.115451177606 11.115451177606 11.115451177606 
11.115451177606 11.115451177606 11.115451177606 11.115451177606 
11.115451177606 11.115451177606 11.115451177606 11.115451177606 
11.115451177606 11.115451177606 11.115451177606 11.115451177606 
11.115451177606 11.115451177606 11.115451177606 11.115451177606 
11.115451177606 11.115451177606 11.115451177606 11.115451177606 
11.115451177606 11.115451177606 11.115451177606 11.115451177606 
11.115451177606 11.115451177606 11.115451177606 11.115451177606 
11.115451177606 11.115451177606 11.115451177606 11.115451177606 
11.115451177606 11.115451177606 11.115451177606 11.115451177606 
11.115451177606 11.115451177606 11.115451177606 11.115451177606 
11.115451177606 11.115451177606 11.115451177606 11.115451177606 
11.115451177606 11.115451177606 11.115451177606 11.115451177606 
11.115451177606 11.115451177606 11.115451177606 11.115451177606 
11.115451177606 11.115451177606 11.115451177606 11.115451177606 
11.115451177606 11.115451177606 11.115451177606 11.115451177606 
11.115451177606 11.115451177606 11.115451177606 11.115451177606 
11.115451177606 11.115451177606 11.115451177606 11.115451177606 
11.115451177606 11.115451177606 11.115451177606 11.115451177606 
11.115451177606 11.115451177606 11.115451177606 11.115451177606 
11.115451177606 11.115451177606 11.115451177606 11.115451177606 
11.115451177606 11.115451177606 11.115451177606 11.115451177606 
11.115451177606 11.115451177606 11.115451177606 11.115451177606 
11.115451177606 11.115451177606 11.115451177606 11.115451177606 
11.115451177606 11.115451177606 11.115451177606 11.115451177606 
11.115451177606 11.115451177606 11.115451177606 11.115451177606 
11.115451177606 11.115451177606 11.115451177606 11.115451177606
##$VisuCoreFrameType=MAGNITUDE_IMAGE
$$ @vis= VisuCoreDataMax VisuCoreDataOffs VisuCoreDataSlope VisuCoreFrameType
##$VisuCoreWordType=_16BIT_SGN_INT
##$VisuCoreByteOrder=littleEndian
##$VisuFGOrderDescDim=1
$$ @vis= VisuCore VisuCoreWordType VisuCoreByteOrder VisuPixel
##$VisuFGOrderDesc=( 1 )
(1680, <FG_CYCLE>, <>, 0, 0)
##$VisuSubjectName=( 65 )
<RMD272>
##$VisuSubjectId=( 65 )
<RMD272>
$$ @vis= VisuFGOrderDescDim VisuFGOrderDesc VisuFrameOrderDesc VisuSubjectName
##$VisuSubjectBirthDate=( 9 )
<>
##$VisuSubjectSex=FEMALE
##$VisuSubjectComment=( 2048 )
<>
$$ @vis= VisuSubjectId VisuSubjectBirthDate VisuSubjectSex VisuSubjectComment
##$VisuStudyUid=( 65 )
<2.16.756.5.5.100.278412266.15942.1407429006.129>
##$VisuStudyDate=( 21 )
<13:30:06  7 Aug 2014>
##$VisuStudyId=( 65 )
<RMD272>
##$VisuStudyNumber=1
##$VisuSubjectWeight=5
$$ @vis= VisuSubject VisuStudyUid VisuStudyDate VisuStudyId VisuStudyNumber
##$VisuStudyReferringPhysician=( 65 )
<>
##$VisuStudyDescription=( 65 )
<>
$$ @vis= VisuSubjectWeight VisuStudyReferringPhysician VisuStudyDescription
##$VisuSeriesNumber=2097153
##$VisuSubjectPosition=Head_Supine
##$VisuSeriesTypeId=( 65 )
<ACQ_USER_PVM>
$$ @vis= VisuStudy VisuSeriesNumber VisuSubjectPosition VisuSeriesTypeId
##$VisuAcqSoftwareVersion=( 65 )
<5.1>
##$VisuInstitution=( 65 )
<Duke University Biospec 70/20>
##$VisuStation=( 65 )
<spect>
$$ @vis= VisuSeries VisuAcqSoftwareVersion VisuInstitution VisuStation
##$VisuAcqDate=( 21 )
<17:29:36  7 Aug 2014>
##$VisuAcqEchoTrainLength=1
##$VisuAcqSequenceName=( 40 )
<rMD_HOT (pvm)>
##$VisuAcqNumberOfAverages=4
$$ @vis= VisuEquipment VisuAcqDate VisuAcqEchoTrainLength VisuAcqSequenceName
##$VisuAcqImagingFrequency=300.3395589
##$VisuAcqImagedNucleus=( 8 )
<1H>
##$VisuAcqRepetitionTime=( 1 )
1880
$$ @vis= VisuAcqNumberOfAverages VisuAcqImagingFrequency VisuAcqImagedNucleus
##$VisuAcqFlipAngle=90
##$VisuAcqEchoTime=( 1 )
0
##$VisuAcquisitionProtocol=( 65 )
<RMD_HOT_RBM_RARE_ZQSQ2>
$$ @vis= VisuAcqRepetitionTime VisuAcqFlipAngle VisuAcqEchoTime
##$VisuAcqScanTime=601600
$$ @vis= VisuAcquisitionProtocol VisuAcqScanTime VisuAcquisition Visu
##END=
