##TITLE=Parameter List
##JCAMPDX=4.24
##DATATYPE=Parameter Values
##ORIGIN=Bruker BioSpin MRI GmbH
##OWNER=ryan
$$ Thu Aug  7 16:35:11 2014 EDT (UT-4h)  ryan
$$ /opt/PV5.1/data/ryan/nmr/RMD272.r81/28/pdata/1/reco
##$RECO_mode=FT_MODE
##$RecoAutoDerive=Yes
##$RECO_inp_order=NO_REORDERING
##$RECO_inp_size=( 1 )
32
##$RECO_ft_size=( 1 )
32
##$RECO_fov=( 1 )
0
##$RECO_size=( 1 )
32
$$ @vis= RECO_mode RecoAutoDerive RECO_inp_order RECO_ft_size RECO_fov
##$RECO_offset=( 1, 2 )
0 0
##$RECO_regrid_mode=NO_REGRID
##$RECO_regrid_offset=0
##$RECO_ramp_gap=0
##$RECO_ramp_time=0
##$RECO_ne_mode=NO_NAV_DATA
##$RECO_ne_dist=NeNoInterleave
##$RECO_ne_dens=NeCorrPerScan
##$RECO_ne_type=NAV_PHASE
##$RECO_ne_vals=( 1, 2 )
0 0
##$RECO_bc_mode=( 1 )
AUTO_OFFSET_BC
##$RECO_bc_start=( 1 )
24
##$RECO_bc_len=( 1 )
8
$$ @vis= RECO_size RECO_regrid_mode RECO_ne_mode RECO_bc_mode RECO_bc_start
##$RECO_dc_offset=( 2 )
-10 473
##$RECO_dc_divisor=8
##$RECO_bc_coroff=( 1 )
0
##$RECO_qopts=( 1 )
CONJ_AND_QNEG
##$RECO_wdw_mode=( 1 )
NO_WDW
##$RECO_lb=( 1 )
-0.5
##$RECO_sw=( 1 )
22001
##$RECO_gb=( 1 )
0.5
##$RECO_sbs=( 1 )
1
##$RECO_tm1=( 1 )
0.25
##$RECO_tm2=( 1 )
0.75
##$RECO_ft_mode=( 1 )
COMPLEX_FFT
##$RECO_pc_mode=( 1 )
NO_PC
##$RECO_pc_lin=( 1 )
(0, 0)
##$RECO_rotate=( 1, 2 )
0 0
$$ @vis= RECO_bc_len RECO_qopts RECO_wdw_mode RECO_ft_mode RECO_pc_mode
##$RECO_ppc_mode=NO_PPC
##$RECO_ref_image=0
##$RECO_nr_supports=0.4
##$RECO_sig_threshold=0.15
##$RECO_ppc_degree=1
##$RECO_ppc_coeffs=( 2, 1, 2 )
0 0 0 0
##$RECO_dc_elim=Yes
##$RECO_transposition=( 2 )
0 0
##$RECO_image_type=MAGNITUDE_IMAGE
$$ @vis= RECO_rotate RECO_ppc_mode RECO_dc_elim RECO_transposition
##$RECO_image_threshold=0.15
##$RECO_ir_scale=10
##$RECO_wordtype=_16BIT_SGN_INT
##$RECO_map_mode=ABSOLUTE_MAPPING
##$RECO_map_range=( 2 )
-2147483647 2147483647
##$RECO_map_percentile=( 2 )
1 99
##$RECO_map_error=0.25
##$RECO_globex=( 160 )
0 0 0 0 0 0 0 0 0 0 0 0 0 0 0 0 0 0 0 0 0 0 0 0 0 0 0 0 0 0 0 0 0 0 0 0 0 0 0 
0 0 0 0 0 0 0 0 0 0 0 0 0 0 0 0 0 0 0 0 0 0 0 0 0 0 0 0 0 0 0 0 0 0 0 0 0 0 0 
0 0 0 0 0 0 0 0 0 0 0 0 0 0 0 0 0 0 0 0 0 0 0 0 0 0 0 0 0 0 0 0 0 0 0 0 0 0 0 
0 0 0 0 0 0 0 0 0 0 0 0 0 0 0 0 0 0 0 0 0 0 0 0 0 0 0 0 0 0 0 0 0 0 0 0 0 0 0 
0 0 0 0
##$RECO_minima=( 160 )
0 0 0 0 0 0 0 0 0 0 0 0 0 0 0 0 0 0 0 0 0 0 0 0 0 0 0 0 0 0 0 0 0 0 0 0 0 0 0 
0 0 0 0 0 0 0 0 0 0 0 0 0 0 0 0 0 0 0 0 0 0 0 0 0 0 0 0 0 0 0 0 0 0 0 0 0 0 0 
0 0 0 0 0 0 0 0 0 0 0 0 0 0 0 0 0 0 0 0 0 0 0 0 0 0 0 0 0 0 0 0 0 0 0 0 0 0 0 
0 0 0 0 0 0 0 0 0 0 0 0 0 0 0 0 0 0 0 0 0 0 0 0 0 0 0 0 0 0 0 0 0 0 0 0 0 0 0 
0 0 0 0
##$RECO_maxima=( 160 )
3005 248 3771 260 4729 271 5985 270 5334 307 8228 283 20270 221 31244 319 
32767 484 20196 322 10797 259 9023 296 6250 250 5911 176 4813 231 4198 285 
2883 329 3944 255 4721 257 5809 239 5251 274 8226 259 20410 189 31303 312 
32759 349 20326 311 10944 255 8985 256 6251 233 5964 235 4662 210 4160 331 
2985 246 3908 247 4730 216 5870 237 5493 214 8074 299 20537 210 31449 359 
32635 365 20365 315 11043 333 9051 368 6329 161 5972 241 4718 421 4081 277 
2958 214 3968 236 4671 241 5767 230 5177 266 8209 281 20348 278 31285 383 
32743 403 20294 269 10867 222 8935 355 6317 246 6062 178 4794 239 4317 175 
2844 221 3942 331 4749 239 5670 310 5353 194 8243 243 20351 261 31118 315 
32587 302 20024 308 10925 264 8967 276 6208 231 5864 214 4687 219 4170 207
$$ @vis= RECO_image_type RECO_wordtype RECO_map_mode RECO_globex RECO_minima
##$RECO_map_min=( 160 )
-37961 -37961 -37961 -37961 -37961 -37961 -37961 -37961 -37961 -37961 -37961 
-37961 -37961 -37961 -37961 -37961 -37961 -37961 -37961 -37961 -37961 -37961 
-37961 -37961 -37961 -37961 -37961 -37961 -37961 -37961 -37961 -37961 -37961 
-37961 -37961 -37961 -37961 -37961 -37961 -37961 -37961 -37961 -37961 -37961 
-37961 -37961 -37961 -37961 -37961 -37961 -37961 -37961 -37961 -37961 -37961 
-37961 -37961 -37961 -37961 -37961 -37961 -37961 -37961 -37961 -37961 -37961 
-37961 -37961 -37961 -37961 -37961 -37961 -37961 -37961 -37961 -37961 -37961 
-37961 -37961 -37961 -37961 -37961 -37961 -37961 -37961 -37961 -37961 -37961 
-37961 -37961 -37961 -37961 -37961 -37961 -37961 -37961 -37961 -37961 -37961 
-37961 -37961 -37961 -37961 -37961 -37961 -37961 -37961 -37961 -37961 -37961 
-37961 -37961 -37961 -37961 -37961 -37961 -37961 -37961 -37961 -37961 -37961 
-37961 -37961 -37961 -37961 -37961 -37961 -37961 -37961 -37961 -37961 -37961 
-37961 -37961 -37961 -37961 -37961 -37961 -37961 -37961 -37961 -37961 -37961 
-37961 -37961 -37961 -37961 -37961 -37961 -37961 -37961 -37961 -37961 -37961 
-37961 -37961 -37961 -37961 -37961 -37961
##$RECO_map_max=( 160 )
37961 37961 37961 37961 37961 37961 37961 37961 37961 37961 37961 37961 37961 
37961 37961 37961 37961 37961 37961 37961 37961 37961 37961 37961 37961 37961 
37961 37961 37961 37961 37961 37961 37961 37961 37961 37961 37961 37961 37961 
37961 37961 37961 37961 37961 37961 37961 37961 37961 37961 37961 37961 37961 
37961 37961 37961 37961 37961 37961 37961 37961 37961 37961 37961 37961 37961 
37961 37961 37961 37961 37961 37961 37961 37961 37961 37961 37961 37961 37961 
37961 37961 37961 37961 37961 37961 37961 37961 37961 37961 37961 37961 37961 
37961 37961 37961 37961 37961 37961 37961 37961 37961 37961 37961 37961 37961 
37961 37961 37961 37961 37961 37961 37961 37961 37961 37961 37961 37961 37961 
37961 37961 37961 37961 37961 37961 37961 37961 37961 37961 37961 37961 37961 
37961 37961 37961 37961 37961 37961 37961 37961 37961 37961 37961 37961 37961 
37961 37961 37961 37961 37961 37961 37961 37961 37961 37961 37961 37961 37961 
37961 37961 37961 37961
##$RECO_map_offset=( 160 )
0 0 0 0 0 0 0 0 0 0 0 0 0 0 0 0 0 0 0 0 0 0 0 0 0 0 0 0 0 0 0 0 0 0 0 0 0 0 0 
0 0 0 0 0 0 0 0 0 0 0 0 0 0 0 0 0 0 0 0 0 0 0 0 0 0 0 0 0 0 0 0 0 0 0 0 0 0 0 
0 0 0 0 0 0 0 0 0 0 0 0 0 0 0 0 0 0 0 0 0 0 0 0 0 0 0 0 0 0 0 0 0 0 0 0 0 0 0 
0 0 0 0 0 0 0 0 0 0 0 0 0 0 0 0 0 0 0 0 0 0 0 0 0 0 0 0 0 0 0 0 0 0 0 0 0 0 0 
0 0 0 0
##$RECO_map_slope=( 160 )
0.863175392150879 0.863175392150879 0.863175392150879 0.863175392150879 
0.863175392150879 0.863175392150879 0.863175392150879 0.863175392150879 
0.863175392150879 0.863175392150879 0.863175392150879 0.863175392150879 
0.863175392150879 0.863175392150879 0.863175392150879 0.863175392150879 
0.863175392150879 0.863175392150879 0.863175392150879 0.863175392150879 
0.863175392150879 0.863175392150879 0.863175392150879 0.863175392150879 
0.863175392150879 0.863175392150879 0.863175392150879 0.863175392150879 
0.863175392150879 0.863175392150879 0.863175392150879 0.863175392150879 
0.863175392150879 0.863175392150879 0.863175392150879 0.863175392150879 
0.863175392150879 0.863175392150879 0.863175392150879 0.863175392150879 
0.863175392150879 0.863175392150879 0.863175392150879 0.863175392150879 
0.863175392150879 0.863175392150879 0.863175392150879 0.863175392150879 
0.863175392150879 0.863175392150879 0.863175392150879 0.863175392150879 
0.863175392150879 0.863175392150879 0.863175392150879 0.863175392150879 
0.863175392150879 0.863175392150879 0.863175392150879 0.863175392150879 
0.863175392150879 0.863175392150879 0.863175392150879 0.863175392150879 
0.863175392150879 0.863175392150879 0.863175392150879 0.863175392150879 
0.863175392150879 0.863175392150879 0.863175392150879 0.863175392150879 
0.863175392150879 0.863175392150879 0.863175392150879 0.863175392150879 
0.863175392150879 0.863175392150879 0.863175392150879 0.863175392150879 
0.863175392150879 0.863175392150879 0.863175392150879 0.863175392150879 
0.863175392150879 0.863175392150879 0.863175392150879 0.863175392150879 
0.863175392150879 0.863175392150879 0.863175392150879 0.863175392150879 
0.863175392150879 0.863175392150879 0.863175392150879 0.863175392150879 
0.863175392150879 0.863175392150879 0.863175392150879 0.863175392150879 
0.863175392150879 0.863175392150879 0.863175392150879 0.863175392150879 
0.863175392150879 0.863175392150879 0.863175392150879 0.863175392150879 
0.863175392150879 0.863175392150879 0.863175392150879 0.863175392150879 
0.863175392150879 0.863175392150879 0.863175392150879 0.863175392150879 
0.863175392150879 0.863175392150879 0.863175392150879 0.863175392150879 
0.863175392150879 0.863175392150879 0.863175392150879 0.863175392150879 
0.863175392150879 0.863175392150879 0.863175392150879 0.863175392150879 
0.863175392150879 0.863175392150879 0.863175392150879 0.863175392150879 
0.863175392150879 0.863175392150879 0.863175392150879 0.863175392150879 
0.863175392150879 0.863175392150879 0.863175392150879 0.863175392150879 
0.863175392150879 0.863175392150879 0.863175392150879 0.863175392150879 
0.863175392150879 0.863175392150879 0.863175392150879 0.863175392150879 
0.863175392150879 0.863175392150879 0.863175392150879 0.863175392150879 
0.863175392150879 0.863175392150879 0.863175392150879 0.863175392150879 
0.863175392150879 0.863175392150879 0.863175392150879 0.863175392150879
##$RECO_byte_order=littleEndian
$$ @vis= RECO_maxima RECO_map_min RECO_map_max RECO_map_offset RECO_map_slope
##$RECO_time=( 24 )
<16:25:01  7 Aug 2014>
##$RECO_abs_time=1407443101
##$RECO_base_image_uid=( 65 )
<2.16.756.5.5.100.278412266.22167.1407443711.640>
$$ @vis= RECO_byte_order RECO_time RECO_abs_time RECO_base_image_uid
##$GS_reco_display=Yes
##$GO_reco_display=Yes
##$GO_reco_each_nr=No
$$ @vis= RecoRegridNGroup GS_reco_display RECO_GS GO_reco_display
##$GO_max_reco_mem=0
$$ @vis= GO_reco_each_nr GO_max_reco_mem RECO_GO RECO
##END=
