##TITLE=Parameter List
##JCAMPDX=4.24
##DATATYPE=Parameter Values
##ORIGIN=Bruker BioSpin MRI GmbH
##OWNER=ryan
$$ Thu Aug  7 16:35:11 2014 EDT (UT-4h)  ryan
$$ /opt/PV5.1/data/ryan/nmr/RMD272.r81/28/pdata/1/visu_pars
##$VisuVersion=1
##$VisuUid=( 65 )
<2.16.756.5.5.100.278412266.22167.1407443711.640>
##$VisuCreator=( 65 )
<ParaVision>
##$VisuCreatorVersion=( 65 )
<5.1>
##$VisuCreationDate=( 21 )
<16:25:01  7 Aug 2014>
$$ @vis= VisuVersion VisuUid VisuCreator VisuCreatorVersion VisuCreationDate
##$VisuCoreFrameCount=160
##$VisuCoreDim=1
##$VisuCoreSize=( 1 )
32
##$VisuCoreDimDesc=( 1 )
spectroscopic
$$ @vis= VisuInstance VisuCoreFrameCount VisuCoreDim VisuCoreSize
##$VisuCoreExtent=( 1 )
73.2537534535215
##$VisuCoreUnits=( 1, 65 )
<ppm>
##$VisuCoreDataMin=( 160 )
0 0 0 0 0 0 0 0 0 0 0 0 0 0 0 0 0 0 0 0 0 0 0 0 0 0 0 0 0 0 0 0 0 0 0 0 0 0 0 
0 0 0 0 0 0 0 0 0 0 0 0 0 0 0 0 0 0 0 0 0 0 0 0 0 0 0 0 0 0 0 0 0 0 0 0 0 0 0 
0 0 0 0 0 0 0 0 0 0 0 0 0 0 0 0 0 0 0 0 0 0 0 0 0 0 0 0 0 0 0 0 0 0 0 0 0 0 0 
0 0 0 0 0 0 0 0 0 0 0 0 0 0 0 0 0 0 0 0 0 0 0 0 0 0 0 0 0 0 0 0 0 0 0 0 0 0 0 
0 0 0 0
##$VisuCoreDataMax=( 160 )
3005 248 3771 260 4729 271 5985 270 5334 307 8228 283 20270 221 31244 319 
32767 484 20196 322 10797 259 9023 296 6250 250 5911 176 4813 231 4198 285 
2883 329 3944 255 4721 257 5809 239 5251 274 8226 259 20410 189 31303 312 
32759 349 20326 311 10944 255 8985 256 6251 233 5964 235 4662 210 4160 331 
2985 246 3908 247 4730 216 5870 237 5493 214 8074 299 20537 210 31449 359 
32635 365 20365 315 11043 333 9051 368 6329 161 5972 241 4718 421 4081 277 
2958 214 3968 236 4671 241 5767 230 5177 266 8209 281 20348 278 31285 383 
32743 403 20294 269 10867 222 8935 355 6317 246 6062 178 4794 239 4317 175 
2844 221 3942 331 4749 239 5670 310 5353 194 8243 243 20351 261 31118 315 
32587 302 20024 308 10925 264 8967 276 6208 231 5864 214 4687 219 4170 207
$$ @vis= VisuCoreDimDesc VisuCoreExtent VisuCoreUnits VisuCoreDataMin
##$VisuCoreDataOffs=( 160 )
0 0 0 0 0 0 0 0 0 0 0 0 0 0 0 0 0 0 0 0 0 0 0 0 0 0 0 0 0 0 0 0 0 0 0 0 0 0 0 
0 0 0 0 0 0 0 0 0 0 0 0 0 0 0 0 0 0 0 0 0 0 0 0 0 0 0 0 0 0 0 0 0 0 0 0 0 0 0 
0 0 0 0 0 0 0 0 0 0 0 0 0 0 0 0 0 0 0 0 0 0 0 0 0 0 0 0 0 0 0 0 0 0 0 0 0 0 0 
0 0 0 0 0 0 0 0 0 0 0 0 0 0 0 0 0 0 0 0 0 0 0 0 0 0 0 0 0 0 0 0 0 0 0 0 0 0 0 
0 0 0 0
##$VisuCoreDataSlope=( 160 )
1.15851310068998 1.15851310068998 1.15851310068998 1.15851310068998 
1.15851310068998 1.15851310068998 1.15851310068998 1.15851310068998 
1.15851310068998 1.15851310068998 1.15851310068998 1.15851310068998 
1.15851310068998 1.15851310068998 1.15851310068998 1.15851310068998 
1.15851310068998 1.15851310068998 1.15851310068998 1.15851310068998 
1.15851310068998 1.15851310068998 1.15851310068998 1.15851310068998 
1.15851310068998 1.15851310068998 1.15851310068998 1.15851310068998 
1.15851310068998 1.15851310068998 1.15851310068998 1.15851310068998 
1.15851310068998 1.15851310068998 1.15851310068998 1.15851310068998 
1.15851310068998 1.15851310068998 1.15851310068998 1.15851310068998 
1.15851310068998 1.15851310068998 1.15851310068998 1.15851310068998 
1.15851310068998 1.15851310068998 1.15851310068998 1.15851310068998 
1.15851310068998 1.15851310068998 1.15851310068998 1.15851310068998 
1.15851310068998 1.15851310068998 1.15851310068998 1.15851310068998 
1.15851310068998 1.15851310068998 1.15851310068998 1.15851310068998 
1.15851310068998 1.15851310068998 1.15851310068998 1.15851310068998 
1.15851310068998 1.15851310068998 1.15851310068998 1.15851310068998 
1.15851310068998 1.15851310068998 1.15851310068998 1.15851310068998 
1.15851310068998 1.15851310068998 1.15851310068998 1.15851310068998 
1.15851310068998 1.15851310068998 1.15851310068998 1.15851310068998 
1.15851310068998 1.15851310068998 1.15851310068998 1.15851310068998 
1.15851310068998 1.15851310068998 1.15851310068998 1.15851310068998 
1.15851310068998 1.15851310068998 1.15851310068998 1.15851310068998 
1.15851310068998 1.15851310068998 1.15851310068998 1.15851310068998 
1.15851310068998 1.15851310068998 1.15851310068998 1.15851310068998 
1.15851310068998 1.15851310068998 1.15851310068998 1.15851310068998 
1.15851310068998 1.15851310068998 1.15851310068998 1.15851310068998 
1.15851310068998 1.15851310068998 1.15851310068998 1.15851310068998 
1.15851310068998 1.15851310068998 1.15851310068998 1.15851310068998 
1.15851310068998 1.15851310068998 1.15851310068998 1.15851310068998 
1.15851310068998 1.15851310068998 1.15851310068998 1.15851310068998 
1.15851310068998 1.15851310068998 1.15851310068998 1.15851310068998 
1.15851310068998 1.15851310068998 1.15851310068998 1.15851310068998 
1.15851310068998 1.15851310068998 1.15851310068998 1.15851310068998 
1.15851310068998 1.15851310068998 1.15851310068998 1.15851310068998 
1.15851310068998 1.15851310068998 1.15851310068998 1.15851310068998 
1.15851310068998 1.15851310068998 1.15851310068998 1.15851310068998 
1.15851310068998 1.15851310068998 1.15851310068998 1.15851310068998 
1.15851310068998 1.15851310068998 1.15851310068998 1.15851310068998 
1.15851310068998 1.15851310068998 1.15851310068998 1.15851310068998
##$VisuCoreFrameType=MAGNITUDE_IMAGE
$$ @vis= VisuCoreDataMax VisuCoreDataOffs VisuCoreDataSlope VisuCoreFrameType
##$VisuCoreWordType=_16BIT_SGN_INT
##$VisuCoreByteOrder=littleEndian
##$VisuFGOrderDescDim=1
$$ @vis= VisuCore VisuCoreWordType VisuCoreByteOrder VisuPixel
##$VisuFGOrderDesc=( 1 )
(160, <FG_CYCLE>, <>, 0, 0)
##$VisuSubjectName=( 65 )
<RMD272>
##$VisuSubjectId=( 65 )
<RMD272>
$$ @vis= VisuFGOrderDescDim VisuFGOrderDesc VisuFrameOrderDesc VisuSubjectName
##$VisuSubjectBirthDate=( 9 )
<>
##$VisuSubjectSex=FEMALE
##$VisuSubjectComment=( 2048 )
<>
$$ @vis= VisuSubjectId VisuSubjectBirthDate VisuSubjectSex VisuSubjectComment
##$VisuStudyUid=( 65 )
<2.16.756.5.5.100.278412266.15942.1407429006.129>
##$VisuStudyDate=( 21 )
<13:30:06  7 Aug 2014>
##$VisuStudyId=( 65 )
<RMD272>
##$VisuStudyNumber=1
##$VisuSubjectWeight=5
$$ @vis= VisuSubject VisuStudyUid VisuStudyDate VisuStudyId VisuStudyNumber
##$VisuStudyReferringPhysician=( 65 )
<>
##$VisuStudyDescription=( 65 )
<>
$$ @vis= VisuSubjectWeight VisuStudyReferringPhysician VisuStudyDescription
##$VisuSeriesNumber=1835009
##$VisuSubjectPosition=Head_Supine
##$VisuSeriesTypeId=( 65 )
<ACQ_USER_PVM>
$$ @vis= VisuStudy VisuSeriesNumber VisuSubjectPosition VisuSeriesTypeId
##$VisuAcqSoftwareVersion=( 65 )
<5.1>
##$VisuInstitution=( 65 )
<Duke University Biospec 70/20>
##$VisuStation=( 65 )
<spect>
$$ @vis= VisuSeries VisuAcqSoftwareVersion VisuInstitution VisuStation
##$VisuAcqDate=( 21 )
<16:25:01  7 Aug 2014>
##$VisuAcqEchoTrainLength=1
##$VisuAcqSequenceName=( 40 )
<rMD_HOT (pvm)>
##$VisuAcqNumberOfAverages=4
$$ @vis= VisuEquipment VisuAcqDate VisuAcqEchoTrainLength VisuAcqSequenceName
##$VisuAcqImagingFrequency=300.3395589
##$VisuAcqImagedNucleus=( 8 )
<1H>
##$VisuAcqRepetitionTime=( 1 )
1880
$$ @vis= VisuAcqNumberOfAverages VisuAcqImagingFrequency VisuAcqImagedNucleus
##$VisuAcqFlipAngle=90
##$VisuAcqEchoTime=( 1 )
0
##$VisuAcquisitionProtocol=( 65 )
<RMD_HOT_RBM_RARE_ZQSQ2>
$$ @vis= VisuAcqRepetitionTime VisuAcqFlipAngle VisuAcqEchoTime
##$VisuAcqScanTime=601600
$$ @vis= VisuAcquisitionProtocol VisuAcqScanTime VisuAcquisition Visu
##END=
