##TITLE=Parameter List
##JCAMPDX=4.24
##DATATYPE=Parameter Values
##ORIGIN=Bruker BioSpin MRI GmbH
##OWNER=ryan
$$ Tue Aug 12 16:58:04 2014 EDT (UT-4h)  ryan
$$ /opt/PV5.1/data/ryan/nmr/RMD273.rd1/26/pdata/1/visu_pars
##$VisuVersion=1
##$VisuUid=( 65 )
<2.16.756.5.5.100.278412266.29758.1407877084.640>
##$VisuCreator=( 65 )
<ParaVision>
##$VisuCreatorVersion=( 65 )
<5.1>
##$VisuCreationDate=( 21 )
<16:47:54 12 Aug 2014>
$$ @vis= VisuVersion VisuUid VisuCreator VisuCreatorVersion VisuCreationDate
##$VisuCoreFrameCount=320
##$VisuCoreDim=1
##$VisuCoreSize=( 1 )
32
##$VisuCoreDimDesc=( 1 )
spectroscopic
$$ @vis= VisuInstance VisuCoreFrameCount VisuCoreDim VisuCoreSize
##$VisuCoreExtent=( 1 )
73.2537710877208
##$VisuCoreUnits=( 1, 65 )
<ppm>
##$VisuCoreDataMin=( 320 )
0 0 0 0 0 0 0 0 0 0 0 0 0 0 0 0 0 0 0 0 0 0 0 0 0 0 0 0 0 0 0 0 0 0 0 0 0 0 0 
0 0 0 0 0 0 0 0 0 0 0 0 0 0 0 0 0 0 0 0 0 0 0 0 0 0 0 0 0 0 0 0 0 0 0 0 0 0 0 
0 0 0 0 0 0 0 0 0 0 0 0 0 0 0 0 0 0 0 0 0 0 0 0 0 0 0 0 0 0 0 0 0 0 0 0 0 0 0 
0 0 0 0 0 0 0 0 0 0 0 0 0 0 0 0 0 0 0 0 0 0 0 0 0 0 0 0 0 0 0 0 0 0 0 0 0 0 0 
0 0 0 0 0 0 0 0 0 0 0 0 0 0 0 0 0 0 0 0 0 0 0 0 0 0 0 0 0 0 0 0 0 0 0 0 0 0 0 
0 0 0 0 0 0 0 0 0 0 0 0 0 0 0 0 0 0 0 0 0 0 0 0 0 0 0 0 0 0 0 0 0 0 0 0 0 0 0 
0 0 0 0 0 0 0 0 0 0 0 0 0 0 0 0 0 0 0 0 0 0 0 0 0 0 0 0 0 0 0 0 0 0 0 0 0 0 0 
0 0 0 0 0 0 0 0 0 0 0 0 0 0 0 0 0 0 0 0 0 0 0 0 0 0 0 0 0 0 0 0 0 0 0 0 0 0 0 
0 0 0 0 0 0 0 0
##$VisuCoreDataMax=( 320 )
39 5263 6588 38 54 6319 9512 39 40 6427 9441 43 32 9228 11878 35 41 13035 
13145 71 51 15884 17129 76 86 19160 16298 108 124 31990 27031 148 120 32564 
28223 122 91 18458 17162 81 66 19578 14260 44 67 15716 11468 58 48 13268 8345 
53 41 10180 5723 35 57 10563 5695 44 28 7020 4814 48 41 5264 6617 41 41 6405 
9602 36 43 6454 9480 37 34 9317 12040 41 50 13040 13104 78 51 16032 17181 59 
84 19171 16373 100 137 32337 27479 153 135 32754 28280 118 79 18355 16989 83 
57 19609 14325 49 65 15502 11388 52 40 13315 8360 46 46 10065 5645 41 46 
10584 5717 55 72 7007 4817 39 36 5280 6623 46 28 6352 9527 37 48 6435 9420 41 
47 9272 11962 54 48 12933 13020 61 50 16121 17299 73 91 19208 16325 89 135 
32262 27254 129 136 32767 28316 131 83 18409 17157 75 61 19600 14283 63 65 
15581 11415 52 53 13181 8285 56 44 10135 5777 44 48 10559 5729 50 43 7027 
4849 42 41 5296 6627 50 46 6423 9584 53 43 6416 9437 61 55 9295 11940 57 60 
12893 13010 64 50 16011 17187 79 76 18686 16055 88 125 32341 27239 131 132 
32697 28426 150 86 18053 16571 70 66 19437 14056 68 79 15794 11565 53 48 
13108 8317 39 38 10180 5764 49 64 10518 5663 39 52 7039 4813 43 41 5310 6665 
61 40 6483 9641 39 40 6450 9442 56 40 9289 11983 40 62 13065 13097 67 50 
16032 17222 79 75 19120 16383 86 133 32292 27264 156 153 32756 28280 134 104 
18401 17105 88 58 19615 14263 58 61 15800 11501 58 58 13247 8296 43 58 10120 
5631 44 46 10554 5575 51 48 7042 4798 32
$$ @vis= VisuCoreDimDesc VisuCoreExtent VisuCoreUnits VisuCoreDataMin
##$VisuCoreDataOffs=( 320 )
0 0 0 0 0 0 0 0 0 0 0 0 0 0 0 0 0 0 0 0 0 0 0 0 0 0 0 0 0 0 0 0 0 0 0 0 0 0 0 
0 0 0 0 0 0 0 0 0 0 0 0 0 0 0 0 0 0 0 0 0 0 0 0 0 0 0 0 0 0 0 0 0 0 0 0 0 0 0 
0 0 0 0 0 0 0 0 0 0 0 0 0 0 0 0 0 0 0 0 0 0 0 0 0 0 0 0 0 0 0 0 0 0 0 0 0 0 0 
0 0 0 0 0 0 0 0 0 0 0 0 0 0 0 0 0 0 0 0 0 0 0 0 0 0 0 0 0 0 0 0 0 0 0 0 0 0 0 
0 0 0 0 0 0 0 0 0 0 0 0 0 0 0 0 0 0 0 0 0 0 0 0 0 0 0 0 0 0 0 0 0 0 0 0 0 0 0 
0 0 0 0 0 0 0 0 0 0 0 0 0 0 0 0 0 0 0 0 0 0 0 0 0 0 0 0 0 0 0 0 0 0 0 0 0 0 0 
0 0 0 0 0 0 0 0 0 0 0 0 0 0 0 0 0 0 0 0 0 0 0 0 0 0 0 0 0 0 0 0 0 0 0 0 0 0 0 
0 0 0 0 0 0 0 0 0 0 0 0 0 0 0 0 0 0 0 0 0 0 0 0 0 0 0 0 0 0 0 0 0 0 0 0 0 0 0 
0 0 0 0 0 0 0 0
##$VisuCoreDataSlope=( 320 )
1.76696071398744 1.76696071398744 1.76696071398744 1.76696071398744 
1.76696071398744 1.76696071398744 1.76696071398744 1.76696071398744 
1.76696071398744 1.76696071398744 1.76696071398744 1.76696071398744 
1.76696071398744 1.76696071398744 1.76696071398744 1.76696071398744 
1.76696071398744 1.76696071398744 1.76696071398744 1.76696071398744 
1.76696071398744 1.76696071398744 1.76696071398744 1.76696071398744 
1.76696071398744 1.76696071398744 1.76696071398744 1.76696071398744 
1.76696071398744 1.76696071398744 1.76696071398744 1.76696071398744 
1.76696071398744 1.76696071398744 1.76696071398744 1.76696071398744 
1.76696071398744 1.76696071398744 1.76696071398744 1.76696071398744 
1.76696071398744 1.76696071398744 1.76696071398744 1.76696071398744 
1.76696071398744 1.76696071398744 1.76696071398744 1.76696071398744 
1.76696071398744 1.76696071398744 1.76696071398744 1.76696071398744 
1.76696071398744 1.76696071398744 1.76696071398744 1.76696071398744 
1.76696071398744 1.76696071398744 1.76696071398744 1.76696071398744 
1.76696071398744 1.76696071398744 1.76696071398744 1.76696071398744 
1.76696071398744 1.76696071398744 1.76696071398744 1.76696071398744 
1.76696071398744 1.76696071398744 1.76696071398744 1.76696071398744 
1.76696071398744 1.76696071398744 1.76696071398744 1.76696071398744 
1.76696071398744 1.76696071398744 1.76696071398744 1.76696071398744 
1.76696071398744 1.76696071398744 1.76696071398744 1.76696071398744 
1.76696071398744 1.76696071398744 1.76696071398744 1.76696071398744 
1.76696071398744 1.76696071398744 1.76696071398744 1.76696071398744 
1.76696071398744 1.76696071398744 1.76696071398744 1.76696071398744 
1.76696071398744 1.76696071398744 1.76696071398744 1.76696071398744 
1.76696071398744 1.76696071398744 1.76696071398744 1.76696071398744 
1.76696071398744 1.76696071398744 1.76696071398744 1.76696071398744 
1.76696071398744 1.76696071398744 1.76696071398744 1.76696071398744 
1.76696071398744 1.76696071398744 1.76696071398744 1.76696071398744 
1.76696071398744 1.76696071398744 1.76696071398744 1.76696071398744 
1.76696071398744 1.76696071398744 1.76696071398744 1.76696071398744 
1.76696071398744 1.76696071398744 1.76696071398744 1.76696071398744 
1.76696071398744 1.76696071398744 1.76696071398744 1.76696071398744 
1.76696071398744 1.76696071398744 1.76696071398744 1.76696071398744 
1.76696071398744 1.76696071398744 1.76696071398744 1.76696071398744 
1.76696071398744 1.76696071398744 1.76696071398744 1.76696071398744 
1.76696071398744 1.76696071398744 1.76696071398744 1.76696071398744 
1.76696071398744 1.76696071398744 1.76696071398744 1.76696071398744 
1.76696071398744 1.76696071398744 1.76696071398744 1.76696071398744 
1.76696071398744 1.76696071398744 1.76696071398744 1.76696071398744 
1.76696071398744 1.76696071398744 1.76696071398744 1.76696071398744 
1.76696071398744 1.76696071398744 1.76696071398744 1.76696071398744 
1.76696071398744 1.76696071398744 1.76696071398744 1.76696071398744 
1.76696071398744 1.76696071398744 1.76696071398744 1.76696071398744 
1.76696071398744 1.76696071398744 1.76696071398744 1.76696071398744 
1.76696071398744 1.76696071398744 1.76696071398744 1.76696071398744 
1.76696071398744 1.76696071398744 1.76696071398744 1.76696071398744 
1.76696071398744 1.76696071398744 1.76696071398744 1.76696071398744 
1.76696071398744 1.76696071398744 1.76696071398744 1.76696071398744 
1.76696071398744 1.76696071398744 1.76696071398744 1.76696071398744 
1.76696071398744 1.76696071398744 1.76696071398744 1.76696071398744 
1.76696071398744 1.76696071398744 1.76696071398744 1.76696071398744 
1.76696071398744 1.76696071398744 1.76696071398744 1.76696071398744 
1.76696071398744 1.76696071398744 1.76696071398744 1.76696071398744 
1.76696071398744 1.76696071398744 1.76696071398744 1.76696071398744 
1.76696071398744 1.76696071398744 1.76696071398744 1.76696071398744 
1.76696071398744 1.76696071398744 1.76696071398744 1.76696071398744 
1.76696071398744 1.76696071398744 1.76696071398744 1.76696071398744 
1.76696071398744 1.76696071398744 1.76696071398744 1.76696071398744 
1.76696071398744 1.76696071398744 1.76696071398744 1.76696071398744 
1.76696071398744 1.76696071398744 1.76696071398744 1.76696071398744 
1.76696071398744 1.76696071398744 1.76696071398744 1.76696071398744 
1.76696071398744 1.76696071398744 1.76696071398744 1.76696071398744 
1.76696071398744 1.76696071398744 1.76696071398744 1.76696071398744 
1.76696071398744 1.76696071398744 1.76696071398744 1.76696071398744 
1.76696071398744 1.76696071398744 1.76696071398744 1.76696071398744 
1.76696071398744 1.76696071398744 1.76696071398744 1.76696071398744 
1.76696071398744 1.76696071398744 1.76696071398744 1.76696071398744 
1.76696071398744 1.76696071398744 1.76696071398744 1.76696071398744 
1.76696071398744 1.76696071398744 1.76696071398744 1.76696071398744 
1.76696071398744 1.76696071398744 1.76696071398744 1.76696071398744 
1.76696071398744 1.76696071398744 1.76696071398744 1.76696071398744 
1.76696071398744 1.76696071398744 1.76696071398744 1.76696071398744 
1.76696071398744 1.76696071398744 1.76696071398744 1.76696071398744 
1.76696071398744 1.76696071398744 1.76696071398744 1.76696071398744 
1.76696071398744 1.76696071398744 1.76696071398744 1.76696071398744 
1.76696071398744 1.76696071398744 1.76696071398744 1.76696071398744 
1.76696071398744 1.76696071398744 1.76696071398744 1.76696071398744 
1.76696071398744 1.76696071398744 1.76696071398744 1.76696071398744 
1.76696071398744 1.76696071398744 1.76696071398744 1.76696071398744
##$VisuCoreFrameType=MAGNITUDE_IMAGE
$$ @vis= VisuCoreDataMax VisuCoreDataOffs VisuCoreDataSlope VisuCoreFrameType
##$VisuCoreWordType=_16BIT_SGN_INT
##$VisuCoreByteOrder=littleEndian
##$VisuFGOrderDescDim=1
$$ @vis= VisuCore VisuCoreWordType VisuCoreByteOrder VisuPixel
##$VisuFGOrderDesc=( 1 )
(320, <FG_CYCLE>, <>, 0, 0)
##$VisuSubjectName=( 65 )
<RMD273>
##$VisuSubjectId=( 65 )
<RMD273>
$$ @vis= VisuFGOrderDescDim VisuFGOrderDesc VisuFrameOrderDesc VisuSubjectName
##$VisuSubjectBirthDate=( 9 )
<>
##$VisuSubjectSex=FEMALE
##$VisuSubjectComment=( 2048 )
<>
$$ @vis= VisuSubjectId VisuSubjectBirthDate VisuSubjectSex VisuSubjectComment
##$VisuStudyUid=( 65 )
<2.16.756.5.5.100.278412266.15942.1407864221.1296>
##$VisuStudyDate=( 21 )
<14:23:41 12 Aug 2014>
##$VisuStudyId=( 65 )
<RMD273>
##$VisuStudyNumber=1
##$VisuSubjectWeight=5
$$ @vis= VisuSubject VisuStudyUid VisuStudyDate VisuStudyId VisuStudyNumber
##$VisuStudyReferringPhysician=( 65 )
<>
##$VisuStudyDescription=( 65 )
<>
$$ @vis= VisuSubjectWeight VisuStudyReferringPhysician VisuStudyDescription
##$VisuSeriesNumber=1703937
##$VisuSubjectPosition=Head_Supine
##$VisuSeriesTypeId=( 65 )
<ACQ_USER_PVM>
$$ @vis= VisuStudy VisuSeriesNumber VisuSubjectPosition VisuSeriesTypeId
##$VisuAcqSoftwareVersion=( 65 )
<5.1>
##$VisuInstitution=( 65 )
<Duke University Biospec 70/20>
##$VisuStation=( 65 )
<spect>
$$ @vis= VisuSeries VisuAcqSoftwareVersion VisuInstitution VisuStation
##$VisuAcqDate=( 21 )
<16:47:54 12 Aug 2014>
##$VisuAcqEchoTrainLength=1
##$VisuAcqSequenceName=( 40 )
<rMD_HOT (pvm)>
##$VisuAcqNumberOfAverages=4
$$ @vis= VisuEquipment VisuAcqDate VisuAcqEchoTrainLength VisuAcqSequenceName
##$VisuAcqImagingFrequency=300.3394866
##$VisuAcqImagedNucleus=( 8 )
<1H>
##$VisuAcqRepetitionTime=( 1 )
1880
$$ @vis= VisuAcqNumberOfAverages VisuAcqImagingFrequency VisuAcqImagedNucleus
##$VisuAcqFlipAngle=90
##$VisuAcqEchoTime=( 1 )
0
##$VisuAcquisitionProtocol=( 65 )
<RMD_HOT_RBM_RARE_ZQSQ2>
$$ @vis= VisuAcqRepetitionTime VisuAcqFlipAngle VisuAcqEchoTime
##$VisuAcqScanTime=601600
$$ @vis= VisuAcquisitionProtocol VisuAcqScanTime VisuAcquisition Visu
##END=
